{
  "bids_meta": {
    "AcquisitionMatrixPE": 240,
    "AcquisitionNumber": 4,
    "AcquisitionTime": "08:11:5.910000",
    "CoilString": "MULTI_COIL",
    "ConversionSoftware": "dcm2niix",
    "ConversionSoftwareVersion": "v1.0.20190410  (JP2:OpenJPEG) GCC6.3.0",
    "Dcm2bidsVersion": "2.1.4",
    "DeviceSerialNumber": "42451",
    "EchoTime": 0.003501,
    "EchoTrainLength": 240,
    "FlipAngle": 8,
    "ImageOrientationPatientDICOM": [
      -0.00428202,
      0.999988,
      -0.00231425,
      -0.033239,
      -0.00245533,
      -0.999444
    ],
    "ImageType": [
      "ORIGINAL",
      "PRIMARY",
      "M",
      "FFE",
      "M",
      "FFE"
    ],
    "ImagingFrequency": 127.766,
    "InPlanePhaseEncodingDirectionDICOM": "ROW",
    "InstitutionAddress": "Calzada_Mexico_Xochimilco_No.101_Tlalpan",
    "InstitutionName": "I.N._Psiquiatria",
    "InstitutionalDepartmentName": "Imagenes_Cerebrales",
    "MRAcquisitionType": "3D",
    "MagneticFieldStrength": 3,
    "Manufacturer": "Philips",
    "ManufacturersModelName": "Ingenia",
    "Modality": "MR",
    "PatientPosition": "HFS",
    "PercentPhaseFOV": 100,
    "PhaseEncodingSteps": 240,
    "PhilipsRescaleIntercept": 0,
    "PhilipsRescaleSlope": 11.0637,
    "PhilipsScaleSlope": 0.0055102,
    "PixelBandwidth": 310,
    "ProcedureStepDescription": "EDUARDO_TDM",
    "ProtocolName": "WIP_sT1W_3D_TFE_32_channel_SENSE",
    "ReconMatrixPE": 240,
    "RepetitionTime": 0.007,
    "SAR": 0.0382114,
    "ScanOptions": "OTHER",
    "ScanningSequence": "GR",
    "SequenceVariant": "MP",
    "SeriesDescription": "sT1W_3D_TFE_32_channel",
    "SeriesNumber": 401,
    "SliceThickness": 1,
    "SoftwareVersions": "5.1.7_5.1.7.2",
    "SpacingBetweenSlices": 1,
    "StationName": "INGENIA",
    "UsePhilipsFloatNotDisplayScaling": 1,
    "dataset": "ds003037",
    "modality": "T1w",
    "session_id": "t0",
    "subject_id": "015"
  },
  "cjv": 0.35599059219280466,
  "cnr": 3.798351169332089,
  "efc": 0.7517524782599917,
  "fber": -1.0,
  "fwhm_avg": 4.510496666666667,
  "fwhm_x": 4.37727,
  "fwhm_y": 4.8976,
  "fwhm_z": 4.25662,
  "icvs_csf": 0.1939803388577064,
  "icvs_gm": 0.4150244993475859,
  "icvs_wm": 0.39099516179470767,
  "inu_med": 0.34188833832740784,
  "inu_range": 0.09729383140802383,
  "provenance": {
    "md5sum": "4a4f81ffa98fe03a1869fac2cf762343",
    "settings": {
      "testing": false
    },
    "software": "mriqc",
    "version": "22.0.6",
    "warnings": {
      "large_rot_frame": true,
      "small_air_mask": true
    },
    "webapi_port": null,
    "webapi_url": "https://mriqc.nimh.nih.gov/api/v1"
  },
  "qi_1": 0.0,
  "qi_2": 0.00012035352255203595,
  "rpve_csf": 28.630291177990255,
  "rpve_gm": 14.024125617517225,
  "rpve_wm": 17.56854661333388,
  "size_x": 180,
  "size_y": 240,
  "size_z": 240,
  "snr_csf": 2.544676075804745,
  "snr_gm": 12.800018913239422,
  "snr_total": 15.891398379832552,
  "snr_wm": 32.32950015045349,
  "snrd_csf": 65.78171501399025,
  "snrd_gm": 156.79527809727495,
  "snrd_total": 144.02257722886384,
  "snrd_wm": 209.4907385753263,
  "spacing_x": 1.0,
  "spacing_y": 1.0,
  "spacing_z": 1.0,
  "summary_bg_k": 30.631199174341397,
  "summary_bg_mad": 0.0,
  "summary_bg_mean": 0.8081205221600918,
  "summary_bg_median": 0.0,
  "summary_bg_n": 114086.0,
  "summary_bg_p05": 0.0,
  "summary_bg_p95": 8.254275424405932,
  "summary_bg_stdv": 3.127349695149079,
  "summary_csf_k": 0.5655980384060562,
  "summary_csf_mad": 102.34070114349136,
  "summary_csf_mean": 306.0700881297055,
  "summary_csf_median": 314.0146485455334,
  "summary_csf_n": 22487.0,
  "summary_csf_p05": 69.73872220572085,
  "summary_csf_p95": 501.8907617654652,
  "summary_csf_stdv": 123.39789308200214,
  "summary_gm_k": 0.004613766573746236,
  "summary_gm_mad": 59.58996182653547,
  "summary_gm_mean": 747.7374149916714,
  "summary_gm_median": 748.4756840839982,
  "summary_gm_n": 40616.0,
  "summary_gm_p05": 651.9006616184488,
  "summary_gm_p95": 841.4738538656384,
  "summary_gm_stdv": 58.473856566214685,
  "summary_wm_k": 0.3045120785638473,
  "summary_wm_mad": 29.958151674019476,
  "summary_wm_mean": 1000.2501689107949,
  "summary_wm_median": 1000.0219762176275,
  "summary_wm_n": 211739.0,
  "summary_wm_p05": 950.0340842474252,
  "summary_wm_p95": 1051.748768877238,
  "summary_wm_stdv": 30.932108758605683,
  "tpm_overlap_csf": 0.1415834596843335,
  "tpm_overlap_gm": 0.45994476624475356,
  "tpm_overlap_wm": 0.5298355587989529,
  "wm2max": 0.8907711311099347
}