{
  "bids_meta": {
    "AcquisitionMatrixPE": 240,
    "AcquisitionNumber": 5,
    "AcquisitionTime": "09:58:51.150000",
    "BodyPartExamined": "BRAIN",
    "CoilString": "MULTI_COIL",
    "ConversionSoftware": "dcm2niix",
    "ConversionSoftwareVersion": "v1.0.20190410  (JP2:OpenJPEG) GCC6.3.0",
    "Dcm2bidsVersion": "2.1.4",
    "DeviceSerialNumber": "42451",
    "EchoTime": 0.0035,
    "EchoTrainLength": 240,
    "FlipAngle": 8,
    "ImageOrientationPatientDICOM": [
      3.30037e-05,
      0.999999,
      0.00168373,
      0.000551667,
      0.00168371,
      -0.999998
    ],
    "ImageType": [
      "ORIGINAL",
      "PRIMARY",
      "M",
      "FFE",
      "M",
      "FFE"
    ],
    "ImagingFrequency": 127.759,
    "InPlanePhaseEncodingDirectionDICOM": "ROW",
    "InstitutionAddress": "Calzada_Mexico_Xochimilco_No.101_Tlalpan",
    "InstitutionName": "I.N._Psiquiatria",
    "InstitutionalDepartmentName": "Imagenes_Cerebrales",
    "MRAcquisitionType": "3D",
    "MagneticFieldStrength": 3,
    "Manufacturer": "Philips",
    "ManufacturersModelName": "Ingenia",
    "Modality": "MR",
    "PatientPosition": "HFS",
    "PercentPhaseFOV": 100,
    "PhaseEncodingSteps": 240,
    "PhilipsRescaleIntercept": 0,
    "PhilipsRescaleSlope": 5.86447,
    "PhilipsScaleSlope": 0.00603104,
    "PixelBandwidth": 310,
    "ProcedureStepDescription": "PROTOCOLO_EDUARDO_TMS",
    "ProtocolName": "WIP_sT1W_3D_TFE_32_channel",
    "ReconMatrixPE": 240,
    "RepetitionTime": 0.007,
    "SAR": 0.0382114,
    "ScanOptions": "OTHER",
    "ScanningSequence": "GR",
    "SequenceVariant": "MP",
    "SeriesDescription": "sT1W_3D_TFE_32_channel",
    "SeriesNumber": 501,
    "SliceThickness": 1,
    "SoftwareVersions": "5.3.1_5.3.1.0",
    "SpacingBetweenSlices": 1,
    "StationName": "PHILIPS-CTMFQSD",
    "UsePhilipsFloatNotDisplayScaling": 1,
    "dataset": "ds003037",
    "modality": "T1w",
    "session_id": "t1",
    "subject_id": "041"
  },
  "cjv": 0.35798799914737706,
  "cnr": 3.712938272356139,
  "efc": 0.7138963178294191,
  "fber": -1.0,
  "fwhm_avg": 4.486999999999999,
  "fwhm_x": 4.28154,
  "fwhm_y": 4.92263,
  "fwhm_z": 4.25683,
  "icvs_csf": 0.2048861489429215,
  "icvs_gm": 0.4022735993002926,
  "icvs_wm": 0.39284025175678594,
  "inu_med": 0.4218275099992752,
  "inu_range": 0.16472143828868868,
  "provenance": {
    "md5sum": "c7591dc9d900ecf98419a1c6b53b02fc",
    "settings": {
      "testing": false
    },
    "software": "mriqc",
    "version": "22.0.6",
    "warnings": {
      "large_rot_frame": true,
      "small_air_mask": false
    },
    "webapi_port": null,
    "webapi_url": "https://mriqc.nimh.nih.gov/api/v1"
  },
  "qi_1": 0.0,
  "qi_2": 5.734410131732871e-05,
  "rpve_csf": 22.051869686382787,
  "rpve_gm": 11.454541375631939,
  "rpve_wm": 13.732438845587362,
  "size_x": 180,
  "size_y": 240,
  "size_z": 240,
  "snr_csf": 2.8720034650517205,
  "snr_gm": 13.661453579721055,
  "snr_total": 14.330460924888527,
  "snr_wm": 26.457925729892807,
  "snrd_csf": 20.045302962129135,
  "snrd_gm": 47.55118411437849,
  "snrd_total": 43.67580154958345,
  "snrd_wm": 63.430917572242734,
  "spacing_x": 1.0,
  "spacing_y": 1.0,
  "spacing_z": 1.0,
  "summary_bg_k": 272.20174344384196,
  "summary_bg_mad": 0.0,
  "summary_bg_mean": 3.428703240802062,
  "summary_bg_median": 0.0,
  "summary_bg_n": 636184.0,
  "summary_bg_p05": 0.0,
  "summary_bg_p95": 17.20614593848586,
  "summary_bg_stdv": 10.328345093842811,
  "summary_csf_k": 1.1788439162147188,
  "summary_csf_mad": 84.68379178549527,
  "summary_csf_mean": 322.29130307827165,
  "summary_csf_median": 316.01786513999104,
  "summary_csf_n": 42385.0,
  "summary_csf_p05": 120.01412936858833,
  "summary_csf_p95": 518.3591139022257,
  "summary_csf_stdv": 110.0326448135726,
  "summary_gm_k": 0.20376234620509903,
  "summary_gm_mad": 54.08690941776774,
  "summary_gm_mean": 751.5948913408108,
  "summary_gm_median": 749.6531091146171,
  "summary_gm_n": 29215.0,
  "summary_gm_p05": 665.1033189626411,
  "summary_gm_p95": 844.4635144472122,
  "summary_gm_stdv": 54.87265865928535,
  "summary_wm_k": 0.5734967911768689,
  "summary_wm_mad": 35.53427658843662,
  "summary_wm_mean": 1001.6337476956135,
  "summary_wm_median": 1000.0000096242875,
  "summary_wm_n": 252652.0,
  "summary_wm_p05": 942.578912621364,
  "summary_wm_p95": 1066.4783007502556,
  "summary_wm_stdv": 37.79578341947613,
  "tpm_overlap_csf": 0.1602767370946736,
  "tpm_overlap_gm": 0.45172674534101664,
  "tpm_overlap_wm": 0.5153273826844044,
  "wm2max": 0.8008283503216491
}