{
  "aor": 0.005318466666666666,
  "aqi": 0.030542018333333337,
  "bids_meta": {
    "AcquisitionMatrixPE": 70,
    "AcquisitionNumber": 3,
    "AcquisitionTime": "13:48:30.960000",
    "BodyPartExamined": "BRAIN",
    "CoilString": "MULTI_COIL",
    "ConversionSoftware": "dcm2niix",
    "ConversionSoftwareVersion": "v1.0.20190410  (JP2:OpenJPEG) GCC6.3.0",
    "Dcm2bidsVersion": "2.1.4",
    "DeviceSerialNumber": "42451",
    "EchoTime": 0.03,
    "EchoTrainLength": 35,
    "EffectiveEchoSpacing": 0.000698,
    "FlipAngle": 75,
    "ImageOrientationPatientDICOM": [
      0.999985,
      0.00420412,
      -0.00363049,
      -0.0042116,
      0.999989,
      -0.00205474
    ],
    "ImageType": [
      "ORIGINAL",
      "PRIMARY",
      "M",
      "FFE",
      "M",
      "FFE"
    ],
    "ImagingFrequency": 127.759,
    "InPlanePhaseEncodingDirectionDICOM": "COL",
    "InstitutionAddress": "Calzada_Mexico_Xochimilco_No.101_Tlalpan",
    "InstitutionName": "I.N._Psiquiatria",
    "InstitutionalDepartmentName": "Imagenes_Cerebrales",
    "MRAcquisitionType": "2D",
    "MagneticFieldStrength": 3,
    "Manufacturer": "Philips",
    "ManufacturersModelName": "Ingenia",
    "Modality": "MR",
    "PartialFourier": 0.5,
    "PatientPosition": "HFS",
    "PercentPhaseFOV": 100,
    "PhaseEncodingAxis": "j",
    "PhaseEncodingDirection": "j-",
    "PhaseEncodingSteps": 70,
    "PhilipsRescaleIntercept": 0,
    "PhilipsRescaleSlope": 0.913797,
    "PhilipsScaleSlope": 0.0211652,
    "PixelBandwidth": 1819,
    "ProcedureStepDescription": "EDUARDO_TMS",
    "ProtocolName": "WIP_FE_EPI_32chSHC_AP",
    "ReconMatrixPE": 80,
    "RepetitionTime": 2,
    "SAR": 0.119138,
    "ScanOptions": "FS",
    "ScanningSequence": "GR",
    "SequenceVariant": "SK",
    "SeriesDescription": "FE_EPI_32chSHC_AP",
    "SeriesNumber": 301,
    "SliceThickness": 3.33,
    "SliceTiming": [
      0.0,
      1.027027,
      0.054054,
      1.081081,
      0.108108,
      1.135135,
      0.162162,
      1.189189,
      0.216216,
      1.243244,
      0.27027,
      1.297298,
      0.324324,
      1.351352,
      0.378378,
      1.405406,
      0.432432,
      1.45946,
      0.486486,
      1.513514,
      0.540541,
      1.567568,
      0.594595,
      1.621622,
      0.648649,
      1.675676,
      0.702703,
      1.72973,
      0.756757,
      1.783784,
      0.810811,
      1.837838,
      0.864865,
      1.891892,
      0.918919,
      1.945947,
      0.972973
    ],
    "SoftwareVersions": "5.3.1_5.3.1.0",
    "SpacingBetweenSlices": 3.33,
    "StationName": "PHILIPS-CTMFQSD",
    "TaskName": "rest",
    "TotalReadoutTime": 0.04884,
    "UsePhilipsFloatNotDisplayScaling": 1,
    "dataset": "ds003037",
    "modality": "bold",
    "session_id": "t1",
    "subject_id": "031",
    "task_id": "rest"
  },
  "dummy_trs": 0,
  "dvars_nstd": 31.114084709531767,
  "dvars_std": 1.1540658261872905,
  "dvars_vstd": 0.9590575375585281,
  "efc": 0.4164317405472594,
  "fber": 100390.453125,
  "fd_mean": 0.17245470493610696,
  "fd_num": 89,
  "fd_perc": 29.666666666666668,
  "fwhm_avg": 1.934359953580848,
  "fwhm_x": 1.88136,
  "fwhm_y": 2.1355666666666666,
  "fwhm_z": 1.7861531940758781,
  "gcor": 0.042178,
  "gsr_x": -0.01423165574669838,
  "gsr_y": 0.024944044649600983,
  "provenance": {
    "md5sum": "d8ed18fb2972d2c68ece2ede41de2a50",
    "settings": {
      "fd_thres": 0.2,
      "testing": false
    },
    "software": "mriqc",
    "version": "22.0.6",
    "webapi_port": null,
    "webapi_url": "https://mriqc.nimh.nih.gov/api/v1"
  },
  "size_t": 300,
  "size_x": 80,
  "size_y": 80,
  "size_z": 37,
  "snr": 5.247533168130695,
  "spacing_tr": 2.0000016689300537,
  "spacing_x": 3.0,
  "spacing_y": 3.0,
  "spacing_z": 3.3299999237060547,
  "summary_bg_k": 141.35653627211926,
  "summary_bg_mad": 212.07211409911656,
  "summary_bg_mean": 1318.0517578125,
  "summary_bg_median": 173.6336669921875,
  "summary_bg_n": 162974.0,
  "summary_bg_p05": 10.805582714080812,
  "summary_bg_p95": 6314.879638671875,
  "summary_bg_stdv": 3718.935546875,
  "summary_fg_k": 4.683766905147288,
  "summary_fg_mad": 8485.349478381515,
  "summary_fg_mean": 56886.19921875,
  "summary_fg_median": 56162.12109375,
  "summary_fg_n": 32707.0,
  "summary_fg_p05": 41132.90859375,
  "summary_fg_p95": 74209.90859374999,
  "summary_fg_stdv": 10702.412109375,
  "tsnr": 33.366722106933594
}