{
  "bids_meta": {
    "AcquisitionMatrixPE": 240,
    "AcquisitionNumber": 4,
    "AcquisitionTime": "09:34:43.510000",
    "BodyPartExamined": "BRAIN",
    "CoilString": "MULTI_COIL",
    "ConversionSoftware": "dcm2niix",
    "ConversionSoftwareVersion": "v1.0.20190410  (JP2:OpenJPEG) GCC6.3.0",
    "Dcm2bidsVersion": "2.1.4",
    "DeviceSerialNumber": "42451",
    "EchoTime": 0.0035,
    "EchoTrainLength": 240,
    "FlipAngle": 8,
    "ImageOrientationPatientDICOM": [
      0.000191887,
      0.999988,
      0.00496562,
      0.0701017,
      0.00493995,
      -0.997528
    ],
    "ImageType": [
      "ORIGINAL",
      "PRIMARY",
      "M",
      "FFE",
      "M",
      "FFE"
    ],
    "ImagingFrequency": 127.759,
    "InPlanePhaseEncodingDirectionDICOM": "ROW",
    "InstitutionAddress": "Calzada_Mexico_Xochimilco_No.101_Tlalpan",
    "InstitutionName": "I.N._Psiquiatria",
    "InstitutionalDepartmentName": "Imagenes_Cerebrales",
    "MRAcquisitionType": "3D",
    "MagneticFieldStrength": 3,
    "Manufacturer": "Philips",
    "ManufacturersModelName": "Ingenia",
    "Modality": "MR",
    "PatientPosition": "HFS",
    "PercentPhaseFOV": 100,
    "PhaseEncodingSteps": 240,
    "PhilipsRescaleIntercept": 0,
    "PhilipsRescaleSlope": 4.25153,
    "PhilipsScaleSlope": 0.00576445,
    "PixelBandwidth": 310,
    "ProcedureStepDescription": "PROTOCOLO_EDUARDO_TMS",
    "ProtocolName": "WIP_sT1W_3D_TFE_32_channel",
    "ReconMatrixPE": 240,
    "RepetitionTime": 0.007,
    "SAR": 0.0382114,
    "ScanOptions": "OTHER",
    "ScanningSequence": "GR",
    "SequenceVariant": "MP",
    "SeriesDescription": "sT1W_3D_TFE_32_channel",
    "SeriesNumber": 401,
    "SliceThickness": 1,
    "SoftwareVersions": "5.3.1_5.3.1.0",
    "SpacingBetweenSlices": 1,
    "StationName": "PHILIPS-CTMFQSD",
    "UsePhilipsFloatNotDisplayScaling": 1,
    "dataset": "ds003037",
    "modality": "T1w",
    "session_id": "t0",
    "subject_id": "046"
  },
  "cjv": 0.3875787951300714,
  "cnr": 3.388893657674402,
  "efc": 0.7103545277673005,
  "fber": -1.0,
  "fwhm_avg": 4.4448566666666665,
  "fwhm_x": 4.36368,
  "fwhm_y": 4.70855,
  "fwhm_z": 4.26234,
  "icvs_csf": 0.23744890063037458,
  "icvs_gm": 0.3843087990301885,
  "icvs_wm": 0.3782423003394369,
  "inu_med": 0.3775928020477295,
  "inu_range": 0.13029488623142244,
  "provenance": {
    "md5sum": "0d9a908364f1aa6f1edce01725e10eea",
    "settings": {
      "testing": false
    },
    "software": "mriqc",
    "version": "22.0.6",
    "warnings": {
      "large_rot_frame": true,
      "small_air_mask": false
    },
    "webapi_port": null,
    "webapi_url": "https://mriqc.nimh.nih.gov/api/v1"
  },
  "qi_1": 0.0,
  "qi_2": 0.00011237458701504704,
  "rpve_csf": 21.054167638072567,
  "rpve_gm": 12.618302681580932,
  "rpve_wm": 15.40100194015584,
  "size_x": 180,
  "size_y": 240,
  "size_z": 240,
  "snr_csf": 2.93468444921467,
  "snr_gm": 12.413532751983443,
  "snr_total": 15.169642492543298,
  "snr_wm": 30.16071027643179,
  "snrd_csf": 31.308556407542863,
  "snrd_gm": 79.03352266994986,
  "snrd_total": 71.33144529476094,
  "snrd_wm": 103.6522568067901,
  "spacing_x": 1.0,
  "spacing_y": 1.0,
  "spacing_z": 1.0,
  "summary_bg_k": 933.0027900247834,
  "summary_bg_mad": 0.0,
  "summary_bg_mean": 2.367272973507167,
  "summary_bg_median": 0.0,
  "summary_bg_n": 361009.0,
  "summary_bg_p05": 0.0,
  "summary_bg_p95": 13.979666382074356,
  "summary_bg_stdv": 6.320665933549685,
  "summary_csf_k": 1.1727505618843548,
  "summary_csf_mad": 76.31041071611642,
  "summary_csf_mean": 306.7865608493171,
  "summary_csf_median": 302.06064861267805,
  "summary_csf_n": 60798.0,
  "summary_csf_p05": 109.81413745600732,
  "summary_csf_p95": 485.36561990808684,
  "summary_csf_stdv": 102.92696529952083,
  "summary_gm_k": 0.06471465070953153,
  "summary_gm_mad": 60.732050856521234,
  "summary_gm_mean": 760.8904922728453,
  "summary_gm_median": 762.5045629404485,
  "summary_gm_n": 26665.0,
  "summary_gm_p05": 657.6570650748909,
  "summary_gm_p95": 859.309213783592,
  "summary_gm_stdv": 61.42411513196298,
  "summary_wm_k": 0.68530337091503,
  "summary_wm_mad": 31.324952547047793,
  "summary_wm_mean": 1000.5263057971151,
  "summary_wm_median": 1000.022725854069,
  "summary_wm_n": 229918.0,
  "summary_wm_p05": 947.6443654485047,
  "summary_wm_p95": 1055.986779909581,
  "summary_wm_stdv": 33.15639923424988,
  "tpm_overlap_csf": 0.15744467404474505,
  "tpm_overlap_gm": 0.43938624420019434,
  "tpm_overlap_wm": 0.5143840022278783,
  "wm2max": 0.9097196416036996
}