{
  "aor": 0.010507066666666667,
  "aqi": 0.017256565766666666,
  "bids_meta": {
    "AcquisitionMatrixPE": 70,
    "AcquisitionNumber": 3,
    "AcquisitionTime": "08:49:58.190000",
    "BodyPartExamined": "BRAIN",
    "CoilString": "MULTI_COIL",
    "ConversionSoftware": "dcm2niix",
    "ConversionSoftwareVersion": "v1.0.20190410  (JP2:OpenJPEG) GCC6.3.0",
    "Dcm2bidsVersion": "2.1.4",
    "DeviceSerialNumber": "42451",
    "EchoTime": 0.03,
    "EchoTrainLength": 35,
    "EffectiveEchoSpacing": 0.000698,
    "FlipAngle": 75,
    "ImageOrientationPatientDICOM": [
      0.999986,
      0.0039322,
      -0.00363305,
      -0.00394189,
      0.999989,
      -0.00266421
    ],
    "ImageType": [
      "ORIGINAL",
      "PRIMARY",
      "M",
      "FFE",
      "M",
      "FFE"
    ],
    "ImagingFrequency": 127.759,
    "InPlanePhaseEncodingDirectionDICOM": "COL",
    "InstitutionAddress": "Calzada_Mexico_Xochimilco_No.101_Tlalpan",
    "InstitutionName": "I.N._Psiquiatria",
    "InstitutionalDepartmentName": "Imagenes_Cerebrales",
    "MRAcquisitionType": "2D",
    "MagneticFieldStrength": 3,
    "Manufacturer": "Philips",
    "ManufacturersModelName": "Ingenia",
    "Modality": "MR",
    "PartialFourier": 0.5,
    "PatientPosition": "HFS",
    "PercentPhaseFOV": 100,
    "PhaseEncodingAxis": "j",
    "PhaseEncodingDirection": "j-",
    "PhaseEncodingSteps": 70,
    "PhilipsRescaleIntercept": 0,
    "PhilipsRescaleSlope": 0.774847,
    "PhilipsScaleSlope": 0.0236789,
    "PixelBandwidth": 1819,
    "ProcedureStepDescription": "PROTOCOLO_EDUARDO_TMS",
    "ProtocolName": "WIP_FE_EPI_32chSHC_AP",
    "ReconMatrixPE": 80,
    "RepetitionTime": 2,
    "SAR": 0.119138,
    "ScanOptions": "FS",
    "ScanningSequence": "GR",
    "SequenceVariant": "SK",
    "SeriesDescription": "FE_EPI_32chSHC_AP",
    "SeriesNumber": 301,
    "SliceThickness": 3.33,
    "SliceTiming": [
      0.0,
      1.027027,
      0.054054,
      1.081081,
      0.108108,
      1.135135,
      0.162162,
      1.189189,
      0.216216,
      1.243244,
      0.27027,
      1.297298,
      0.324324,
      1.351352,
      0.378378,
      1.405406,
      0.432432,
      1.45946,
      0.486486,
      1.513514,
      0.540541,
      1.567568,
      0.594595,
      1.621622,
      0.648649,
      1.675676,
      0.702703,
      1.72973,
      0.756757,
      1.783784,
      0.810811,
      1.837838,
      0.864865,
      1.891892,
      0.918919,
      1.945947,
      0.972973
    ],
    "SoftwareVersions": "5.3.1_5.3.1.0",
    "SpacingBetweenSlices": 3.33,
    "StationName": "PHILIPS-CTMFQSD",
    "TaskName": "rest",
    "TotalReadoutTime": 0.04884,
    "UsePhilipsFloatNotDisplayScaling": 1,
    "dataset": "ds003037",
    "modality": "bold",
    "session_id": "t14",
    "subject_id": "046",
    "task_id": "rest"
  },
  "dummy_trs": 0,
  "dvars_nstd": 36.5623732090301,
  "dvars_std": 1.1872210829431447,
  "dvars_vstd": 1.0375134282608691,
  "efc": 0.4167688876930682,
  "fber": 89847.2421875,
  "fd_mean": 0.2963947068569611,
  "fd_num": 140,
  "fd_perc": 46.666666666666664,
  "fwhm_avg": 2.0163875617777,
  "fwhm_x": 2.0306566666666668,
  "fwhm_y": 2.1551966666666664,
  "fwhm_z": 1.8633093519997663,
  "gcor": 0.0511068,
  "gsr_x": -0.007915334776043892,
  "gsr_y": 0.017198489978909492,
  "provenance": {
    "md5sum": "fc4bae2cab9fc6d2875d92339cd2cf17",
    "settings": {
      "fd_thres": 0.2,
      "testing": false
    },
    "software": "mriqc",
    "version": "22.0.6",
    "webapi_port": null,
    "webapi_url": "https://mriqc.nimh.nih.gov/api/v1"
  },
  "size_t": 300,
  "size_x": 80,
  "size_y": 80,
  "size_z": 37,
  "snr": 4.819054048549574,
  "spacing_tr": 2.0000016689300537,
  "spacing_x": 3.0,
  "spacing_y": 3.0,
  "spacing_z": 3.3299999237060547,
  "summary_bg_k": 117.08264886590206,
  "summary_bg_mad": 213.99447219549597,
  "summary_bg_mean": 1333.2177734375,
  "summary_bg_median": 190.70155334472656,
  "summary_bg_n": 161765.0,
  "summary_bg_p05": 17.881867599487308,
  "summary_bg_p95": 6284.447167968741,
  "summary_bg_stdv": 4011.9765625,
  "summary_fg_k": 2.729546207493515,
  "summary_fg_mad": 9606.057761613765,
  "summary_fg_mean": 59862.171875,
  "summary_fg_median": 58622.625,
  "summary_fg_n": 34618.0,
  "summary_fg_p05": 42817.824609375,
  "summary_fg_p95": 82208.671875,
  "summary_fg_stdv": 12164.58203125,
  "tsnr": 37.65403747558594
}