{
  "bids_meta": {
    "AcquisitionMatrixPE": 240,
    "AcquisitionNumber": 6,
    "AcquisitionTime": "11:36:2.270000",
    "BodyPartExamined": "BRAIN",
    "CoilString": "MULTI_COIL",
    "ConversionSoftware": "dcm2niix",
    "ConversionSoftwareVersion": "v1.0.20190410  (JP2:OpenJPEG) GCC6.3.0",
    "Dcm2bidsVersion": "2.1.4",
    "DeviceSerialNumber": "42451",
    "EchoTime": 0.0035,
    "EchoTrainLength": 240,
    "FlipAngle": 8,
    "ImageOrientationPatientDICOM": [
      -6.44707e-05,
      0.999998,
      -0.00208554,
      -0.00375322,
      -0.00208577,
      -0.999991
    ],
    "ImageType": [
      "ORIGINAL",
      "PRIMARY",
      "M",
      "FFE",
      "M",
      "FFE"
    ],
    "ImagingFrequency": 127.76,
    "InPlanePhaseEncodingDirectionDICOM": "ROW",
    "InstitutionAddress": "Calzada_Mexico_Xochimilco_No.101_Tlalpan",
    "InstitutionName": "I.N._Psiquiatria",
    "InstitutionalDepartmentName": "Imagenes_Cerebrales",
    "MRAcquisitionType": "3D",
    "MagneticFieldStrength": 3,
    "Manufacturer": "Philips",
    "ManufacturersModelName": "Ingenia",
    "Modality": "MR",
    "PatientPosition": "HFS",
    "PercentPhaseFOV": 100,
    "PhaseEncodingSteps": 240,
    "PhilipsRescaleIntercept": 0,
    "PhilipsRescaleSlope": 4.21783,
    "PhilipsScaleSlope": 0.00567397,
    "PixelBandwidth": 310,
    "ProcedureStepDescription": "EDUARDO_TMS",
    "ProtocolName": "WIP_sT1W_3D_TFE_32_channel",
    "ReconMatrixPE": 240,
    "RepetitionTime": 0.007,
    "SAR": 0.0382114,
    "ScanOptions": "OTHER",
    "ScanningSequence": "GR",
    "SequenceVariant": "MP",
    "SeriesDescription": "sT1W_3D_TFE_32_channel",
    "SeriesNumber": 601,
    "SliceThickness": 1,
    "SoftwareVersions": "5.3.1_5.3.1.0",
    "SpacingBetweenSlices": 1,
    "StationName": "PHILIPS-CTMFQSD",
    "UsePhilipsFloatNotDisplayScaling": 1,
    "dataset": "ds003037",
    "modality": "T1w",
    "session_id": "t1",
    "subject_id": "022"
  },
  "cjv": 0.3442710750791814,
  "cnr": 3.885608246345967,
  "efc": 0.7590142641914432,
  "fber": -1.0,
  "fwhm_avg": 4.675293333333333,
  "fwhm_x": 4.59516,
  "fwhm_y": 4.99485,
  "fwhm_z": 4.43587,
  "icvs_csf": 0.224369162813892,
  "icvs_gm": 0.4088820137998893,
  "icvs_wm": 0.36674882338621867,
  "inu_med": 0.4908566474914551,
  "inu_range": 0.22096471786499022,
  "provenance": {
    "md5sum": "9195f9da22ed7239ce39bdf4181a52ad",
    "settings": {
      "testing": false
    },
    "software": "mriqc",
    "version": "22.0.6",
    "warnings": {
      "large_rot_frame": true,
      "small_air_mask": true
    },
    "webapi_port": null,
    "webapi_url": "https://mriqc.nimh.nih.gov/api/v1"
  },
  "qi_1": 0.0,
  "qi_2": 2.642729716494298e-05,
  "rpve_csf": 19.571339095339628,
  "rpve_gm": 10.721705839837647,
  "rpve_wm": 14.03982979653446,
  "size_x": 180,
  "size_y": 240,
  "size_z": 240,
  "snr_csf": 3.4950392469278424,
  "snr_gm": 12.921854384089682,
  "snr_total": 13.878834938858118,
  "snr_wm": 25.219611185556825,
  "snrd_csf": 18.316918272971403,
  "snrd_gm": 42.61999758230165,
  "snrd_total": 39.80980713750301,
  "snrd_wm": 58.49250555723597,
  "spacing_x": 1.0,
  "spacing_y": 1.0,
  "spacing_z": 1.0,
  "summary_bg_k": 41.66133055979604,
  "summary_bg_mad": 0.0,
  "summary_bg_mean": 3.277378388696572,
  "summary_bg_median": 0.0,
  "summary_bg_n": 222760.0,
  "summary_bg_p05": 0.0,
  "summary_bg_p95": 22.804330438375473,
  "summary_bg_stdv": 11.200629303349553,
  "summary_csf_k": 1.3009424111146215,
  "summary_csf_mad": 77.18900177819597,
  "summary_csf_mean": 318.38783598357776,
  "summary_csf_median": 313.15770510584116,
  "summary_csf_n": 59960.0,
  "summary_csf_p05": 182.55770652368665,
  "summary_csf_p95": 476.63185382820654,
  "summary_csf_stdv": 89.5998790233185,
  "summary_gm_k": 0.21460181651149357,
  "summary_gm_mad": 55.33181700067497,
  "summary_gm_mean": 728.689413006467,
  "summary_gm_median": 728.6586332693696,
  "summary_gm_n": 30489.0,
  "summary_gm_p05": 637.2554612457752,
  "summary_gm_p95": 821.1568149924278,
  "summary_gm_stdv": 56.388708770421054,
  "summary_wm_k": 0.6860288452799828,
  "summary_wm_mad": 38.09182287462348,
  "summary_wm_mean": 1000.2106840780125,
  "summary_wm_median": 1000.025142505765,
  "summary_wm_n": 223717.0,
  "summary_wm_p05": 936.2835228443146,
  "summary_wm_p95": 1064.8969327285886,
  "summary_wm_stdv": 39.65259020540674,
  "tpm_overlap_csf": 0.1686812970848418,
  "tpm_overlap_gm": 0.4570730558637548,
  "tpm_overlap_wm": 0.5128163588913073,
  "wm2max": 0.8696164934043854
}