{
  "aor": 0.0013437,
  "aqi": 0.028239180666666665,
  "bids_meta": {
    "AcquisitionMatrixPE": 70,
    "AcquisitionNumber": 3,
    "AcquisitionTime": "09:08:54.610000",
    "CoilString": "MULTI_COIL",
    "ConversionSoftware": "dcm2niix",
    "ConversionSoftwareVersion": "v1.0.20190410  (JP2:OpenJPEG) GCC6.3.0",
    "Dcm2bidsVersion": "2.1.4",
    "DeviceSerialNumber": "42451",
    "EchoTime": 0.03,
    "EchoTrainLength": 35,
    "EffectiveEchoSpacing": 0.000698,
    "FlipAngle": 75,
    "ImageOrientationPatientDICOM": [
      0.999997,
      0.000108684,
      -0.00224002,
      -9.33442e-05,
      0.999977,
      0.00684701
    ],
    "ImageType": [
      "ORIGINAL",
      "PRIMARY",
      "M",
      "FFE",
      "M",
      "FFE"
    ],
    "ImagingFrequency": 127.766,
    "InPlanePhaseEncodingDirectionDICOM": "COL",
    "InstitutionAddress": "Calzada_Mexico_Xochimilco_No.101_Tlalpan",
    "InstitutionName": "I.N._Psiquiatria",
    "InstitutionalDepartmentName": "Imagenes_Cerebrales",
    "MRAcquisitionType": "2D",
    "MagneticFieldStrength": 3,
    "Manufacturer": "Philips",
    "ManufacturersModelName": "Ingenia",
    "Modality": "MR",
    "PartialFourier": 0.5,
    "PatientPosition": "HFS",
    "PercentPhaseFOV": 100,
    "PhaseEncodingAxis": "j",
    "PhaseEncodingDirection": "j-",
    "PhaseEncodingSteps": 70,
    "PhilipsRescaleIntercept": 0,
    "PhilipsRescaleSlope": 0.881563,
    "PhilipsScaleSlope": 0.0695717,
    "PixelBandwidth": 1819,
    "ProcedureStepDescription": "EDUARDO_TMS",
    "ProtocolName": "WIP_FE_EPI_32chSHC_AP_SENSE",
    "ReconMatrixPE": 80,
    "RepetitionTime": 2,
    "SAR": 0.119813,
    "ScanOptions": "FS",
    "ScanningSequence": "GR",
    "SequenceVariant": "SK",
    "SeriesDescription": "FE_EPI_32chSHC_AP",
    "SeriesNumber": 301,
    "SliceThickness": 3.33,
    "SliceTiming": [
      0.0,
      1.027027,
      0.054054,
      1.081081,
      0.108108,
      1.135135,
      0.162162,
      1.189189,
      0.216216,
      1.243244,
      0.27027,
      1.297298,
      0.324324,
      1.351352,
      0.378378,
      1.405406,
      0.432432,
      1.45946,
      0.486486,
      1.513514,
      0.540541,
      1.567568,
      0.594595,
      1.621622,
      0.648649,
      1.675676,
      0.702703,
      1.72973,
      0.756757,
      1.783784,
      0.810811,
      1.837838,
      0.864865,
      1.891892,
      0.918919,
      1.945947,
      0.972973
    ],
    "SoftwareVersions": "5.1.7_5.1.7.2",
    "SpacingBetweenSlices": 3.33,
    "StationName": "INGENIA",
    "TaskName": "rest",
    "TotalReadoutTime": 0.04884,
    "UsePhilipsFloatNotDisplayScaling": 1,
    "dataset": "ds003037",
    "modality": "bold",
    "session_id": "t2",
    "subject_id": "002",
    "task_id": "rest"
  },
  "dummy_trs": 0,
  "dvars_nstd": 31.34587790571906,
  "dvars_std": 1.1667367481270894,
  "dvars_vstd": 0.9050614693311042,
  "efc": 0.3815925129332761,
  "fber": 238262.484375,
  "fd_mean": 0.3626921516220158,
  "fd_num": 236,
  "fd_perc": 78.66666666666667,
  "fwhm_avg": 1.870072065158391,
  "fwhm_x": 1.8664933333333333,
  "fwhm_y": 2.0275666666666665,
  "fwhm_z": 1.7161561954751734,
  "gcor": 0.0102796,
  "gsr_x": -0.01180950365960598,
  "gsr_y": 0.002076046774163842,
  "provenance": {
    "md5sum": "9751f7f3373fafa8bd34fa1e0af45ba5",
    "settings": {
      "fd_thres": 0.2,
      "testing": false
    },
    "software": "mriqc",
    "version": "22.0.6",
    "webapi_port": null,
    "webapi_url": "https://mriqc.nimh.nih.gov/api/v1"
  },
  "size_t": 300,
  "size_x": 80,
  "size_y": 80,
  "size_z": 37,
  "snr": 5.729854014319982,
  "spacing_tr": 1.9999995231628418,
  "spacing_x": 3.0,
  "spacing_y": 3.0,
  "spacing_z": 3.3299999237060547,
  "summary_bg_k": 201.38452288358005,
  "summary_bg_mad": 50.73225737501882,
  "summary_bg_mean": 358.8377380371094,
  "summary_bg_median": 45.3875846862793,
  "summary_bg_n": 168441.0,
  "summary_bg_p05": 3.9877967834472656,
  "summary_bg_p95": 1676.7513427734375,
  "summary_bg_stdv": 1142.6397705078125,
  "summary_fg_k": 3.0766821240185003,
  "summary_fg_mad": 3132.718217750131,
  "summary_fg_mean": 22573.3984375,
  "summary_fg_median": 22335.521484375,
  "summary_fg_n": 29399.0,
  "summary_fg_p05": 16736.4916015625,
  "summary_fg_p95": 29059.672851562496,
  "summary_fg_stdv": 3898.02978515625,
  "tsnr": 38.824951171875
}