{
  "bids_meta": {
    "AcquisitionMatrixPE": 240,
    "AcquisitionNumber": 5,
    "AcquisitionTime": "10:04:40.550000",
    "BodyPartExamined": "BRAIN",
    "CoilString": "MULTI_COIL",
    "ConversionSoftware": "dcm2niix",
    "ConversionSoftwareVersion": "v1.0.20190410  (JP2:OpenJPEG) GCC6.3.0",
    "Dcm2bidsVersion": "2.1.4",
    "DeviceSerialNumber": "42451",
    "EchoTime": 0.0035,
    "EchoTrainLength": 240,
    "FlipAngle": 8,
    "ImageOrientationPatientDICOM": [
      -0.0042116,
      0.999991,
      0.000990204,
      -0.00362181,
      0.000974953,
      -0.999993
    ],
    "ImageType": [
      "ORIGINAL",
      "PRIMARY",
      "M",
      "FFE",
      "M",
      "FFE"
    ],
    "ImagingFrequency": 127.759,
    "InPlanePhaseEncodingDirectionDICOM": "ROW",
    "InstitutionAddress": "Calzada_Mexico_Xochimilco_No.101_Tlalpan",
    "InstitutionName": "I.N._Psiquiatria",
    "InstitutionalDepartmentName": "Imagenes_Cerebrales",
    "MRAcquisitionType": "3D",
    "MagneticFieldStrength": 3,
    "Manufacturer": "Philips",
    "ManufacturersModelName": "Ingenia",
    "Modality": "MR",
    "PatientPosition": "HFS",
    "PercentPhaseFOV": 100,
    "PhaseEncodingSteps": 240,
    "PhilipsRescaleIntercept": 0,
    "PhilipsRescaleSlope": 106.188,
    "PhilipsScaleSlope": 0.00607587,
    "PixelBandwidth": 310,
    "ProcedureStepDescription": "EDUARDO_TMS",
    "ProtocolName": "WIP_sT1W_3D_TFE_32_channel",
    "ReconMatrixPE": 240,
    "RepetitionTime": 0.007,
    "SAR": 0.0382114,
    "ScanOptions": "OTHER",
    "ScanningSequence": "GR",
    "SequenceVariant": "MP",
    "SeriesDescription": "sT1W_3D_TFE_32_channel",
    "SeriesNumber": 501,
    "SliceThickness": 1,
    "SoftwareVersions": "5.3.1_5.3.1.0",
    "SpacingBetweenSlices": 1,
    "StationName": "PHILIPS-CTMFQSD",
    "UsePhilipsFloatNotDisplayScaling": 1,
    "dataset": "ds003037",
    "modality": "T1w",
    "session_id": "t0",
    "subject_id": "026"
  },
  "cjv": 0.34969226756930394,
  "cnr": 3.7749988960492287,
  "efc": 0.7212711641403311,
  "fber": -1.0,
  "fwhm_avg": 4.401886666666667,
  "fwhm_x": 4.3276,
  "fwhm_y": 4.66558,
  "fwhm_z": 4.21248,
  "icvs_csf": 0.2072085155619466,
  "icvs_gm": 0.41356877293142147,
  "icvs_wm": 0.3792227115066319,
  "inu_med": 0.36180493235588074,
  "inu_range": 0.13006439208984377,
  "provenance": {
    "md5sum": "54a51e0a0392fc304117e790831917e5",
    "settings": {
      "testing": false
    },
    "software": "mriqc",
    "version": "22.0.6",
    "warnings": {
      "large_rot_frame": true,
      "small_air_mask": false
    },
    "webapi_port": null,
    "webapi_url": "https://mriqc.nimh.nih.gov/api/v1"
  },
  "qi_1": 0.0,
  "qi_2": 8.070974802214072e-05,
  "rpve_csf": 28.0581301355136,
  "rpve_gm": 14.478416961250561,
  "rpve_wm": 18.51137394365565,
  "size_x": 180,
  "size_y": 240,
  "size_z": 240,
  "snr_csf": 2.8074402476100255,
  "snr_gm": 13.244529854576314,
  "snr_total": 16.04233605153424,
  "snr_wm": 32.07503805241638,
  "snrd_csf": 32.63532666607828,
  "snrd_gm": 77.83388266938185,
  "snrd_total": 71.23930082097455,
  "snrd_wm": 103.2486931274635,
  "spacing_x": 1.0,
  "spacing_y": 1.0,
  "spacing_z": 1.0,
  "summary_bg_k": 415.1976548110669,
  "summary_bg_mad": 0.0,
  "summary_bg_mean": 3.295416786288876,
  "summary_bg_median": 0.0,
  "summary_bg_n": 332141.0,
  "summary_bg_p05": 0.0,
  "summary_bg_p95": 14.826756581664085,
  "summary_bg_stdv": 6.345227174978436,
  "summary_csf_k": 0.5296616335571693,
  "summary_csf_mad": 99.0713050814452,
  "summary_csf_mean": 321.106478822226,
  "summary_csf_median": 316.0846529453993,
  "summary_csf_n": 28759.0,
  "summary_csf_p05": 130.71386671513318,
  "summary_csf_p95": 520.7143288120626,
  "summary_csf_stdv": 112.586245695739,
  "summary_gm_k": 0.09143677611708556,
  "summary_gm_mad": 56.689119183538466,
  "summary_gm_mean": 753.8080875359253,
  "summary_gm_median": 753.8486144989729,
  "summary_gm_n": 31830.0,
  "summary_gm_p05": 660.6523453913629,
  "summary_gm_p95": 847.9304019935429,
  "summary_gm_stdv": 56.916838943238226,
  "summary_wm_k": 0.5491658380188849,
  "summary_wm_mad": 29.388124137309433,
  "summary_wm_mean": 1000.2002003000483,
  "summary_wm_median": 1000.0000204741955,
  "summary_wm_n": 188496.0,
  "summary_wm_p05": 949.7241464145482,
  "summary_wm_p95": 1051.746082112193,
  "summary_wm_stdv": 31.17681002467606,
  "tpm_overlap_csf": 0.13267165969420355,
  "tpm_overlap_gm": 0.4539445051161043,
  "tpm_overlap_wm": 0.5092487251308901,
  "wm2max": 0.9146073015741164
}