{
  "bids_meta": {
    "AcquisitionMatrixPE": 240,
    "AcquisitionNumber": 4,
    "AcquisitionTime": "08:28:36.620000",
    "BodyPartExamined": "BRAIN",
    "CoilString": "MULTI_COIL",
    "ConversionSoftware": "dcm2niix",
    "ConversionSoftwareVersion": "v1.0.20190410  (JP2:OpenJPEG) GCC6.3.0",
    "Dcm2bidsVersion": "2.1.4",
    "DeviceSerialNumber": "42451",
    "EchoTime": 0.0035,
    "EchoTrainLength": 240,
    "FlipAngle": 8,
    "ImageOrientationPatientDICOM": [
      -0.00202278,
      0.999996,
      -0.00194985,
      0.000568925,
      -0.0019487,
      -0.999998
    ],
    "ImageType": [
      "ORIGINAL",
      "PRIMARY",
      "M",
      "FFE",
      "M",
      "FFE"
    ],
    "ImagingFrequency": 127.759,
    "InPlanePhaseEncodingDirectionDICOM": "ROW",
    "InstitutionAddress": "Calzada_Mexico_Xochimilco_No.101_Tlalpan",
    "InstitutionName": "I.N._Psiquiatria",
    "InstitutionalDepartmentName": "Imagenes_Cerebrales",
    "MRAcquisitionType": "3D",
    "MagneticFieldStrength": 3,
    "Manufacturer": "Philips",
    "ManufacturersModelName": "Ingenia",
    "Modality": "MR",
    "PatientPosition": "HFS",
    "PercentPhaseFOV": 100,
    "PhaseEncodingSteps": 240,
    "PhilipsRescaleIntercept": 0,
    "PhilipsRescaleSlope": 16.5788,
    "PhilipsScaleSlope": 0.00566271,
    "PixelBandwidth": 310,
    "ProcedureStepDescription": "PROTOCOLO_EDUARDO_TMS",
    "ProtocolName": "WIP_sT1W_3D_TFE_32_channel",
    "ReconMatrixPE": 240,
    "RepetitionTime": 0.007,
    "SAR": 0.0382114,
    "ScanOptions": "OTHER",
    "ScanningSequence": "GR",
    "SequenceVariant": "MP",
    "SeriesDescription": "sT1W_3D_TFE_32_channel",
    "SeriesNumber": 401,
    "SliceThickness": 1,
    "SoftwareVersions": "5.3.1_5.3.1.0",
    "SpacingBetweenSlices": 1,
    "StationName": "PHILIPS-CTMFQSD",
    "UsePhilipsFloatNotDisplayScaling": 1,
    "dataset": "ds003037",
    "modality": "T1w",
    "session_id": "t14",
    "subject_id": "042"
  },
  "cjv": 0.3490760662548217,
  "cnr": 3.803913660884701,
  "efc": 0.729025300737648,
  "fber": -1.0,
  "fwhm_avg": 4.430856666666666,
  "fwhm_x": 4.26836,
  "fwhm_y": 4.82239,
  "fwhm_z": 4.20182,
  "icvs_csf": 0.24363693544289788,
  "icvs_gm": 0.40176824559025226,
  "icvs_wm": 0.35459481896684986,
  "inu_med": 0.46071892976760864,
  "inu_range": 0.19773310720920556,
  "provenance": {
    "md5sum": "d06c8078b55218629d6b49ea3a38bf5b",
    "settings": {
      "testing": false
    },
    "software": "mriqc",
    "version": "22.0.6",
    "warnings": {
      "large_rot_frame": true,
      "small_air_mask": false
    },
    "webapi_port": null,
    "webapi_url": "https://mriqc.nimh.nih.gov/api/v1"
  },
  "qi_1": 2.3119807895414396e-05,
  "qi_2": 9.549537608183898e-05,
  "rpve_csf": 19.041160982090485,
  "rpve_gm": 11.27279342266821,
  "rpve_wm": 14.82241398690889,
  "size_x": 180,
  "size_y": 240,
  "size_z": 240,
  "snr_csf": 3.447392371989766,
  "snr_gm": 15.45755528337002,
  "snr_total": 15.725768025243914,
  "snr_wm": 28.272356420371956,
  "snrd_csf": 34.91964842927278,
  "snrd_gm": 83.50099554096576,
  "snrd_total": 75.75936628759432,
  "snrd_wm": 108.8574548925444,
  "spacing_x": 1.0,
  "spacing_y": 1.0,
  "spacing_z": 1.0,
  "summary_bg_k": 11.199809605540672,
  "summary_bg_mad": 0.0,
  "summary_bg_mean": 2.8715806161255064,
  "summary_bg_median": 0.0,
  "summary_bg_n": 587664.0,
  "summary_bg_p05": 0.0,
  "summary_bg_p95": 15.86669845879078,
  "summary_bg_stdv": 6.018296116599086,
  "summary_csf_k": 1.9961182933987942,
  "summary_csf_mad": 72.18485666453246,
  "summary_csf_mean": 331.8746821269282,
  "summary_csf_median": 320.78325144946575,
  "summary_csf_n": 65859.0,
  "summary_csf_p05": 198.59375355243682,
  "summary_csf_p95": 500.679241784662,
  "summary_csf_stdv": 93.05027726683466,
  "summary_gm_k": 0.32021919378271724,
  "summary_gm_mad": 48.22813856714812,
  "summary_gm_mean": 766.8948783081222,
  "summary_gm_median": 767.0673117786646,
  "summary_gm_n": 26409.0,
  "summary_gm_p05": 684.8947948440909,
  "summary_gm_p95": 846.5971478328107,
  "summary_gm_stdv": 49.6231632195672,
  "summary_wm_k": 0.68953406702893,
  "summary_wm_mad": 33.083086896387904,
  "summary_wm_mean": 1000.4742123959481,
  "summary_wm_median": 999.9999970123172,
  "summary_wm_n": 217791.0,
  "summary_wm_p05": 943.5644324272871,
  "summary_wm_p95": 1058.929658010602,
  "summary_wm_stdv": 35.37015756175699,
  "tpm_overlap_csf": 0.1555837839857761,
  "tpm_overlap_gm": 0.46117986667109184,
  "tpm_overlap_wm": 0.5180061365588493,
  "wm2max": 0.7452100840336134
}