{
  "bids_meta": {
    "AcquisitionMatrixPE": 240,
    "AcquisitionNumber": 4,
    "AcquisitionTime": "08:21:16.490000",
    "CoilString": "MULTI_COIL",
    "ConversionSoftware": "dcm2niix",
    "ConversionSoftwareVersion": "v1.0.20190410  (JP2:OpenJPEG) GCC6.3.0",
    "Dcm2bidsVersion": "2.1.4",
    "DeviceSerialNumber": "42451",
    "EchoTime": 0.003501,
    "EchoTrainLength": 240,
    "FlipAngle": 8,
    "ImageOrientationPatientDICOM": [
      0.000375475,
      1,
      -0.00015133,
      0.00883913,
      -0.000154643,
      -0.999961
    ],
    "ImageType": [
      "ORIGINAL",
      "PRIMARY",
      "M",
      "FFE",
      "M",
      "FFE"
    ],
    "ImagingFrequency": 127.766,
    "InPlanePhaseEncodingDirectionDICOM": "ROW",
    "InstitutionAddress": "Calzada_Mexico_Xochimilco_No.101_Tlalpan",
    "InstitutionName": "I.N._Psiquiatria",
    "InstitutionalDepartmentName": "Imagenes_Cerebrales",
    "MRAcquisitionType": "3D",
    "MagneticFieldStrength": 3,
    "Manufacturer": "Philips",
    "ManufacturersModelName": "Ingenia",
    "Modality": "MR",
    "PatientPosition": "HFS",
    "PercentPhaseFOV": 100,
    "PhaseEncodingSteps": 240,
    "PhilipsRescaleIntercept": 0,
    "PhilipsRescaleSlope": 10.4462,
    "PhilipsScaleSlope": 0.00567164,
    "PixelBandwidth": 310,
    "ProcedureStepDescription": "EDUARDOTMS",
    "ProtocolName": "WIP_sT1W_3D_TFE_32_channel_SENSE",
    "ReconMatrixPE": 240,
    "RepetitionTime": 0.007,
    "SAR": 0.0382114,
    "ScanOptions": "OTHER",
    "ScanningSequence": "GR",
    "SequenceVariant": "MP",
    "SeriesDescription": "sT1W_3D_TFE_32_channel",
    "SeriesNumber": 401,
    "SliceThickness": 1,
    "SoftwareVersions": "5.1.7_5.1.7.2",
    "SpacingBetweenSlices": 1,
    "StationName": "INGENIA",
    "UsePhilipsFloatNotDisplayScaling": 1,
    "dataset": "ds003037",
    "modality": "T1w",
    "session_id": "t0",
    "subject_id": "008"
  },
  "cjv": 0.31723544475808485,
  "cnr": 4.279943436637672,
  "efc": 0.7856111454915127,
  "fber": -1.0,
  "fwhm_avg": 4.544383333333333,
  "fwhm_x": 4.43712,
  "fwhm_y": 4.95532,
  "fwhm_z": 4.24071,
  "icvs_csf": 0.15866991443807113,
  "icvs_gm": 0.45785804237534694,
  "icvs_wm": 0.3834720431865819,
  "inu_med": 0.4201096147298813,
  "inu_range": 0.176309297978878,
  "provenance": {
    "md5sum": "12125c19235ba2ad063f96600deca0e8",
    "settings": {
      "testing": false
    },
    "software": "mriqc",
    "version": "22.0.6",
    "warnings": {
      "large_rot_frame": true,
      "small_air_mask": true
    },
    "webapi_port": null,
    "webapi_url": "https://mriqc.nimh.nih.gov/api/v1"
  },
  "qi_1": 0.0,
  "qi_2": 0.00019760237520878,
  "rpve_csf": 28.928512074202587,
  "rpve_gm": 11.505146115947898,
  "rpve_wm": 15.379764521638815,
  "size_x": 180,
  "size_y": 240,
  "size_z": 240,
  "snr_csf": 2.356642861134806,
  "snr_gm": 14.323705002749737,
  "snr_total": 14.707874329159097,
  "snr_wm": 27.443275123592752,
  "snrd_csf": 85.00351387642965,
  "snrd_gm": 196.26435630065342,
  "snrd_total": 183.21124750764204,
  "snrd_wm": 268.36587234584306,
  "spacing_x": 1.0,
  "spacing_y": 1.0,
  "spacing_z": 1.0,
  "summary_bg_k": 148.79351517568176,
  "summary_bg_mad": 0.0,
  "summary_bg_mean": 0.32516200758234387,
  "summary_bg_median": 0.0,
  "summary_bg_n": 101310.0,
  "summary_bg_p05": 0.0,
  "summary_bg_p95": 0.0,
  "summary_bg_stdv": 2.4412715938841525,
  "summary_csf_k": 0.3158365482382237,
  "summary_csf_mad": 116.00346883813133,
  "summary_csf_mean": 304.22267551302184,
  "summary_csf_median": 316.75337198004127,
  "summary_csf_n": 17590.0,
  "summary_csf_p05": 73.56277307700365,
  "summary_csf_p95": 525.0737497206777,
  "summary_csf_stdv": 134.40490847578658,
  "summary_gm_k": 0.14639195283929451,
  "summary_gm_mad": 50.32912664464505,
  "summary_gm_mean": 732.3443253523936,
  "summary_gm_median": 731.3509033061564,
  "summary_gm_n": 70356.0,
  "summary_gm_p05": 650.5067979544401,
  "summary_gm_p95": 817.5376912420616,
  "summary_gm_stdv": 51.058417193406115,
  "summary_wm_k": 0.4192149895024926,
  "summary_wm_mad": 34.904402206949726,
  "summary_wm_mean": 1001.2696929058847,
  "summary_wm_median": 1000.0268355198205,
  "summary_wm_n": 233571.0,
  "summary_wm_p05": 943.6638804785907,
  "summary_wm_p95": 1063.388235501945,
  "summary_wm_stdv": 36.43969935365547,
  "tpm_overlap_csf": 0.13082366049264887,
  "tpm_overlap_gm": 0.46388578883580006,
  "tpm_overlap_wm": 0.5128426840949007,
  "wm2max": 0.7173218887778567
}