{
  "bids_meta": {
    "AcquisitionMatrixPE": 240,
    "AcquisitionNumber": 4,
    "AcquisitionTime": "08:40:28.320000",
    "BodyPartExamined": "BRAIN",
    "CoilString": "MULTI_COIL",
    "ConversionSoftware": "dcm2niix",
    "ConversionSoftwareVersion": "v1.0.20190410  (JP2:OpenJPEG) GCC6.3.0",
    "Dcm2bidsVersion": "2.1.4",
    "DeviceSerialNumber": "42451",
    "EchoTime": 0.0035,
    "EchoTrainLength": 240,
    "FlipAngle": 8,
    "ImageOrientationPatientDICOM": [
      -0.0042116,
      0.99949,
      -0.0316631,
      -0.00362181,
      -0.0316784,
      -0.999492
    ],
    "ImageType": [
      "ORIGINAL",
      "PRIMARY",
      "M",
      "FFE",
      "M",
      "FFE"
    ],
    "ImagingFrequency": 127.759,
    "InPlanePhaseEncodingDirectionDICOM": "ROW",
    "InstitutionAddress": "Calzada_Mexico_Xochimilco_No.101_Tlalpan",
    "InstitutionName": "I.N._Psiquiatria",
    "InstitutionalDepartmentName": "Imagenes_Cerebrales",
    "MRAcquisitionType": "3D",
    "MagneticFieldStrength": 3,
    "Manufacturer": "Philips",
    "ManufacturersModelName": "Ingenia",
    "Modality": "MR",
    "PatientPosition": "HFS",
    "PercentPhaseFOV": 100,
    "PhaseEncodingSteps": 240,
    "PhilipsRescaleIntercept": 0,
    "PhilipsRescaleSlope": 129.596,
    "PhilipsScaleSlope": 0.00620785,
    "PixelBandwidth": 310,
    "ProcedureStepDescription": "EDUARDO_TMS",
    "ProtocolName": "WIP_sT1W_3D_TFE_32_channel",
    "ReconMatrixPE": 240,
    "RepetitionTime": 0.007,
    "SAR": 0.0382114,
    "ScanOptions": "OTHER",
    "ScanningSequence": "GR",
    "SequenceVariant": "MP",
    "SeriesDescription": "sT1W_3D_TFE_32_channel",
    "SeriesNumber": 401,
    "SliceThickness": 1,
    "SoftwareVersions": "5.3.1_5.3.1.1",
    "SpacingBetweenSlices": 1,
    "StationName": "PHILIPS-CTMFQSD",
    "UsePhilipsFloatNotDisplayScaling": 1,
    "dataset": "ds003037",
    "modality": "T1w",
    "session_id": "t0",
    "subject_id": "020"
  },
  "cjv": 0.34084007694834917,
  "cnr": 3.917056808588914,
  "efc": 0.7113671047669646,
  "fber": -1.0,
  "fwhm_avg": 3.9108266666666665,
  "fwhm_x": 3.76958,
  "fwhm_y": 4.2912,
  "fwhm_z": 3.6717,
  "icvs_csf": 0.206504654410678,
  "icvs_gm": 0.4453087402044437,
  "icvs_wm": 0.3481866053848783,
  "inu_med": 0.38781704008579254,
  "inu_range": 0.12869179993867874,
  "provenance": {
    "md5sum": "4ab4445937e8dcf886137824d8bff935",
    "settings": {
      "testing": false
    },
    "software": "mriqc",
    "version": "22.0.6",
    "warnings": {
      "large_rot_frame": true,
      "small_air_mask": false
    },
    "webapi_port": null,
    "webapi_url": "https://mriqc.nimh.nih.gov/api/v1"
  },
  "qi_1": 0.03525260349427661,
  "qi_2": 3.735209416262395e-05,
  "rpve_csf": 26.638441593357307,
  "rpve_gm": 13.11034845735492,
  "rpve_wm": 18.774826867723114,
  "size_x": 180,
  "size_y": 240,
  "size_z": 240,
  "snr_csf": 2.709019102780881,
  "snr_gm": 14.989501267868537,
  "snr_total": 15.56623876638391,
  "snr_wm": 29.000195928502308,
  "snrd_csf": 40.365512480954536,
  "snrd_gm": 96.03696010557533,
  "snrd_total": 87.63616569693495,
  "snrd_wm": 126.50602450427505,
  "spacing_x": 1.0,
  "spacing_y": 1.0,
  "spacing_z": 1.0,
  "summary_bg_k": 19.088987423158954,
  "summary_bg_mad": 0.0,
  "summary_bg_mean": 1.9648339354897795,
  "summary_bg_median": 0.0,
  "summary_bg_n": 356321.0,
  "summary_bg_p05": 0.0,
  "summary_bg_p95": 12.91400396078825,
  "summary_bg_stdv": 5.178697036151113,
  "summary_csf_k": 2.581634157362897,
  "summary_csf_mad": 73.74015213511662,
  "summary_csf_mean": 320.32827200045574,
  "summary_csf_median": 319.0797517094761,
  "summary_csf_n": 34016.0,
  "summary_csf_p05": 95.62458702083677,
  "summary_csf_p95": 523.3332374319434,
  "summary_csf_stdv": 117.78250703559166,
  "summary_gm_k": 0.2545398784401587,
  "summary_gm_mad": 49.489248720730785,
  "summary_gm_mean": 758.4761436385796,
  "summary_gm_median": 759.1492712963372,
  "summary_gm_n": 32416.0,
  "summary_gm_p05": 674.5309376511723,
  "summary_gm_p95": 838.9869400137104,
  "summary_gm_stdv": 50.64461773316261,
  "summary_wm_k": 0.49217945900900295,
  "summary_wm_mad": 32.60231873790448,
  "summary_wm_mean": 999.2804228912619,
  "summary_wm_median": 999.9999605510384,
  "summary_wm_n": 161716.0,
  "summary_wm_p05": 941.6385964974761,
  "summary_wm_p95": 1054.7264388743788,
  "summary_wm_stdv": 34.48241767647977,
  "tpm_overlap_csf": 0.1540015472898678,
  "tpm_overlap_gm": 0.460243444027804,
  "tpm_overlap_wm": 0.49095923594629426,
  "wm2max": 0.8248384513678094
}