{
  "bids_meta": {
    "AcquisitionMatrixPE": 240,
    "AcquisitionNumber": 6,
    "AcquisitionTime": "12:32:16.870000",
    "BodyPartExamined": "BRAIN",
    "CoilString": "MULTI_COIL",
    "ConversionSoftware": "dcm2niix",
    "ConversionSoftwareVersion": "v1.0.20190410  (JP2:OpenJPEG) GCC6.3.0",
    "Dcm2bidsVersion": "2.1.4",
    "DeviceSerialNumber": "42451",
    "EchoTime": 0.0035,
    "EchoTrainLength": 240,
    "FlipAngle": 8,
    "ImageOrientationPatientDICOM": [
      -0.0042116,
      0.999973,
      0.00599402,
      -0.00362181,
      0.00597878,
      -0.999976
    ],
    "ImageType": [
      "ORIGINAL",
      "PRIMARY",
      "M",
      "FFE",
      "M",
      "FFE"
    ],
    "ImagingFrequency": 127.759,
    "InPlanePhaseEncodingDirectionDICOM": "ROW",
    "InstitutionAddress": "Calzada_Mexico_Xochimilco_No.101_Tlalpan",
    "InstitutionName": "I.N._Psiquiatria",
    "InstitutionalDepartmentName": "Imagenes_Cerebrales",
    "MRAcquisitionType": "3D",
    "MagneticFieldStrength": 3,
    "Manufacturer": "Philips",
    "ManufacturersModelName": "Ingenia",
    "Modality": "MR",
    "PatientPosition": "HFS",
    "PercentPhaseFOV": 100,
    "PhaseEncodingSteps": 240,
    "PhilipsRescaleIntercept": 0,
    "PhilipsRescaleSlope": 85.6501,
    "PhilipsScaleSlope": 0.0054659,
    "PixelBandwidth": 310,
    "ProcedureStepDescription": "EDUARDO_TMS",
    "ProtocolName": "WIP_sT1W_3D_TFE_32_channel",
    "ReconMatrixPE": 240,
    "RepetitionTime": 0.007,
    "SAR": 0.0382114,
    "ScanOptions": "OTHER",
    "ScanningSequence": "GR",
    "SequenceVariant": "MP",
    "SeriesDescription": "sT1W_3D_TFE_32_channel",
    "SeriesNumber": 601,
    "SliceThickness": 1,
    "SoftwareVersions": "5.3.1_5.3.1.0",
    "SpacingBetweenSlices": 1,
    "StationName": "PHILIPS-CTMFQSD",
    "UsePhilipsFloatNotDisplayScaling": 1,
    "dataset": "ds003037",
    "modality": "T1w",
    "session_id": "t0",
    "subject_id": "034"
  },
  "cjv": 0.3252357391053033,
  "cnr": 4.142880632698185,
  "efc": 0.7109509503617715,
  "fber": -1.0,
  "fwhm_avg": 4.480020000000001,
  "fwhm_x": 4.36392,
  "fwhm_y": 4.70387,
  "fwhm_z": 4.37227,
  "icvs_csf": 0.24852638729537244,
  "icvs_gm": 0.40744680886628104,
  "icvs_wm": 0.34402680383834655,
  "inu_med": 0.4273257404565811,
  "inu_range": 0.17960461825132368,
  "provenance": {
    "md5sum": "2f3b2cf4f16d649fb33cca447ff349d1",
    "settings": {
      "testing": false
    },
    "software": "mriqc",
    "version": "22.0.6",
    "warnings": {
      "large_rot_frame": true,
      "small_air_mask": false
    },
    "webapi_port": null,
    "webapi_url": "https://mriqc.nimh.nih.gov/api/v1"
  },
  "qi_1": 8.117693390332705e-05,
  "qi_2": 0.00010095294301321669,
  "rpve_csf": 20.319206090116193,
  "rpve_gm": 12.182747154519992,
  "rpve_wm": 16.711693721863163,
  "size_x": 180,
  "size_y": 240,
  "size_z": 240,
  "snr_csf": 3.7456343838355655,
  "snr_gm": 14.733259458634576,
  "snr_total": 16.17391078939025,
  "snr_wm": 30.042838525700603,
  "snrd_csf": 40.56276985667558,
  "snrd_gm": 94.43108175882115,
  "snrd_total": 87.09870973580676,
  "snrd_wm": 126.30227759192357,
  "spacing_x": 1.0,
  "spacing_y": 1.0,
  "spacing_z": 1.0,
  "summary_bg_k": 319.5467740845371,
  "summary_bg_mad": 0.0,
  "summary_bg_mean": 1.8611177815142537,
  "summary_bg_median": 0.0,
  "summary_bg_n": 542117.0,
  "summary_bg_p05": 0.0,
  "summary_bg_p95": 12.044602716341615,
  "summary_bg_stdv": 5.187051542033716,
  "summary_csf_k": 1.637159526353706,
  "summary_csf_mad": 71.79761171364953,
  "summary_csf_mean": 326.8944755254471,
  "summary_csf_median": 321.1562934592366,
  "summary_csf_n": 64394.0,
  "summary_csf_p05": 206.37247128412127,
  "summary_csf_p95": 477.58712337724864,
  "summary_csf_stdv": 85.74082968527128,
  "summary_gm_k": 0.08186636403598291,
  "summary_gm_mad": 51.03153324877859,
  "summary_gm_mean": 747.5375223889006,
  "summary_gm_median": 747.6594007797539,
  "summary_gm_n": 34141.0,
  "summary_gm_p05": 664.1418772023171,
  "summary_gm_p95": 829.83587580733,
  "summary_gm_stdv": 50.745624429954766,
  "summary_wm_k": 0.5047769701687042,
  "summary_wm_mad": 31.038659833131565,
  "summary_wm_mean": 1000.3401183803187,
  "summary_wm_median": 1000.000036245212,
  "summary_wm_n": 186347.0,
  "summary_wm_p05": 946.1345861591399,
  "summary_wm_p95": 1055.90189338848,
  "summary_wm_stdv": 33.28571473763044,
  "tpm_overlap_csf": 0.16334062897974663,
  "tpm_overlap_gm": 0.45156907627514703,
  "tpm_overlap_wm": 0.504528809056694,
  "wm2max": 0.8886019885555821
}