{
  "aor": 0.0034960333333333335,
  "aqi": 0.027609070999999995,
  "bids_meta": {
    "AcquisitionMatrixPE": 70,
    "AcquisitionNumber": 3,
    "AcquisitionTime": "08:29:21.910000",
    "BodyPartExamined": "BRAIN",
    "CoilString": "MULTI_COIL",
    "ConversionSoftware": "dcm2niix",
    "ConversionSoftwareVersion": "v1.0.20190410  (JP2:OpenJPEG) GCC6.3.0",
    "Dcm2bidsVersion": "2.1.4",
    "DeviceSerialNumber": "42451",
    "EchoTime": 0.03,
    "EchoTrainLength": 35,
    "EffectiveEchoSpacing": 0.000698,
    "FlipAngle": 75,
    "ImageOrientationPatientDICOM": [
      0.999985,
      0.00393038,
      -0.0039252,
      -0.0042116,
      0.997219,
      -0.074412
    ],
    "ImageType": [
      "ORIGINAL",
      "PRIMARY",
      "M",
      "FFE",
      "M",
      "FFE"
    ],
    "ImagingFrequency": 127.759,
    "InPlanePhaseEncodingDirectionDICOM": "COL",
    "InstitutionAddress": "Calzada_Mexico_Xochimilco_No.101_Tlalpan",
    "InstitutionName": "I.N._Psiquiatria",
    "InstitutionalDepartmentName": "Imagenes_Cerebrales",
    "MRAcquisitionType": "2D",
    "MagneticFieldStrength": 3,
    "Manufacturer": "Philips",
    "ManufacturersModelName": "Ingenia",
    "Modality": "MR",
    "PartialFourier": 0.5,
    "PatientPosition": "HFS",
    "PercentPhaseFOV": 100,
    "PhaseEncodingAxis": "j",
    "PhaseEncodingDirection": "j-",
    "PhaseEncodingSteps": 70,
    "PhilipsRescaleIntercept": 0,
    "PhilipsRescaleSlope": 0.739927,
    "PhilipsScaleSlope": 0.0252914,
    "PixelBandwidth": 1819,
    "ProcedureStepDescription": "EDUARDO_TMS",
    "ProtocolName": "WIP_FE_EPI_32chSHC_AP",
    "ReconMatrixPE": 80,
    "RepetitionTime": 2,
    "SAR": 0.119205,
    "ScanOptions": "FS",
    "ScanningSequence": "GR",
    "SequenceVariant": "SK",
    "SeriesDescription": "FE_EPI_32chSHC_AP",
    "SeriesNumber": 301,
    "SliceThickness": 3.33,
    "SliceTiming": [
      0.0,
      1.027027,
      0.054054,
      1.081081,
      0.108108,
      1.135135,
      0.162162,
      1.189189,
      0.216216,
      1.243244,
      0.27027,
      1.297298,
      0.324324,
      1.351352,
      0.378378,
      1.405406,
      0.432432,
      1.45946,
      0.486486,
      1.513514,
      0.540541,
      1.567568,
      0.594595,
      1.621622,
      0.648649,
      1.675676,
      0.702703,
      1.72973,
      0.756757,
      1.783784,
      0.810811,
      1.837838,
      0.864865,
      1.891892,
      0.918919,
      1.945947,
      0.972973
    ],
    "SoftwareVersions": "5.3.1_5.3.1.0",
    "SpacingBetweenSlices": 3.33,
    "StationName": "PHILIPS-CTMFQSD",
    "TaskName": "rest",
    "TotalReadoutTime": 0.04884,
    "UsePhilipsFloatNotDisplayScaling": 1,
    "dataset": "ds003037",
    "modality": "bold",
    "session_id": "t3",
    "subject_id": "022",
    "task_id": "rest"
  },
  "dummy_trs": 0,
  "dvars_nstd": 33.22293042324414,
  "dvars_std": 1.2222330212374592,
  "dvars_vstd": 0.9005502908026757,
  "efc": 0.4440226288622324,
  "fber": 83994.546875,
  "fd_mean": 0.20789416903478644,
  "fd_num": 88,
  "fd_perc": 29.333333333333332,
  "fwhm_avg": 1.8908098232211714,
  "fwhm_x": 1.8454866666666667,
  "fwhm_y": 2.0708466666666667,
  "fwhm_z": 1.756096136330181,
  "gcor": 0.0300002,
  "gsr_x": -0.010539328679442406,
  "gsr_y": 0.021064264699816704,
  "provenance": {
    "md5sum": "a2e7eac911ccb2462ba3ee3694942f5c",
    "settings": {
      "fd_thres": 0.2,
      "testing": false
    },
    "software": "mriqc",
    "version": "22.0.6",
    "webapi_port": null,
    "webapi_url": "https://mriqc.nimh.nih.gov/api/v1"
  },
  "size_t": 300,
  "size_x": 80,
  "size_y": 80,
  "size_z": 37,
  "snr": 5.3472069523255055,
  "spacing_tr": 2.0000016689300537,
  "spacing_x": 3.0,
  "spacing_y": 3.0,
  "spacing_z": 3.3299999237060547,
  "summary_bg_k": 112.3241835514461,
  "summary_bg_mad": 210.4915739077132,
  "summary_bg_mean": 1363.022216796875,
  "summary_bg_median": 194.343017578125,
  "summary_bg_n": 156084.0,
  "summary_bg_p05": 22.359264183044434,
  "summary_bg_p95": 6878.780004882816,
  "summary_bg_stdv": 3975.759765625,
  "summary_fg_k": 2.8973762794960614,
  "summary_fg_mad": 8402.90868705172,
  "summary_fg_mean": 58611.0078125,
  "summary_fg_median": 57285.5,
  "summary_fg_n": 39469.0,
  "summary_fg_p05": 44059.90625,
  "summary_fg_p95": 77805.071875,
  "summary_fg_stdv": 10713.02734375,
  "tsnr": 35.6134147644043
}