{
  "bids_meta": {
    "AcquisitionMatrixPE": 240,
    "AcquisitionNumber": 4,
    "AcquisitionTime": "14:08:53.230000",
    "BodyPartExamined": "BRAIN",
    "CoilString": "MULTI_COIL",
    "ConversionSoftware": "dcm2niix",
    "ConversionSoftwareVersion": "v1.0.20190410  (JP2:OpenJPEG) GCC6.3.0",
    "Dcm2bidsVersion": "2.1.4",
    "DeviceSerialNumber": "42451",
    "EchoTime": 0.0035,
    "EchoTrainLength": 240,
    "FlipAngle": 8,
    "ImageOrientationPatientDICOM": [
      -0.00921869,
      0.999957,
      -0.00129461,
      0.001392,
      -0.00128183,
      -0.999998
    ],
    "ImageType": [
      "ORIGINAL",
      "PRIMARY",
      "M",
      "FFE",
      "M",
      "FFE"
    ],
    "ImagingFrequency": 127.76,
    "InPlanePhaseEncodingDirectionDICOM": "ROW",
    "InstitutionAddress": "Calzada_Mexico_Xochimilco_No.101_Tlalpan",
    "InstitutionName": "I.N._Psiquiatria",
    "InstitutionalDepartmentName": "Imagenes_Cerebrales",
    "MRAcquisitionType": "3D",
    "MagneticFieldStrength": 3,
    "Manufacturer": "Philips",
    "ManufacturersModelName": "Ingenia",
    "Modality": "MR",
    "PatientPosition": "HFS",
    "PercentPhaseFOV": 100,
    "PhaseEncodingSteps": 240,
    "PhilipsRescaleIntercept": 0,
    "PhilipsRescaleSlope": 4.26032,
    "PhilipsScaleSlope": 0.00599757,
    "PixelBandwidth": 310,
    "ProcedureStepDescription": "EDUARDO_TMS",
    "ProtocolName": "sT1W_3D_TFE_32_channel",
    "ReconMatrixPE": 240,
    "RepetitionTime": 0.007,
    "SAR": 0.0382114,
    "ScanOptions": "OTHER",
    "ScanningSequence": "GR",
    "SequenceVariant": "MP",
    "SeriesDescription": "sT1W_3D_TFE_32_channel",
    "SeriesNumber": 401,
    "SliceThickness": 1,
    "SoftwareVersions": "5.3.1_5.3.1.1",
    "SpacingBetweenSlices": 1,
    "StationName": "PHILIPS-CTMFQSD",
    "UsePhilipsFloatNotDisplayScaling": 1,
    "dataset": "ds003037",
    "modality": "T1w",
    "session_id": "t0",
    "subject_id": "022"
  },
  "cjv": 0.36858244861794565,
  "cnr": 3.7067094920612442,
  "efc": 0.7707488991768261,
  "fber": -1.0,
  "fwhm_avg": 4.697516666666666,
  "fwhm_x": 4.57837,
  "fwhm_y": 4.99385,
  "fwhm_z": 4.52033,
  "icvs_csf": 0.2131241035861573,
  "icvs_gm": 0.4091596578252277,
  "icvs_wm": 0.377716238588615,
  "inu_med": 0.45289844274520874,
  "inu_range": 0.19501242637634275,
  "provenance": {
    "md5sum": "8b60a13a6fb29892c0a3294ada67d82c",
    "settings": {
      "testing": false
    },
    "software": "mriqc",
    "version": "22.0.6",
    "warnings": {
      "large_rot_frame": true,
      "small_air_mask": true
    },
    "webapi_port": null,
    "webapi_url": "https://mriqc.nimh.nih.gov/api/v1"
  },
  "qi_1": 0.0,
  "qi_2": 0.00011778840623794021,
  "rpve_csf": 20.653498363749524,
  "rpve_gm": 10.787973263571404,
  "rpve_wm": 13.531589851523945,
  "size_x": 180,
  "size_y": 240,
  "size_z": 240,
  "snr_csf": 3.665375177435405,
  "snr_gm": 14.827489904060664,
  "snr_total": 13.772875035095844,
  "snr_wm": 22.825760023791464,
  "snrd_csf": 45.28252979449585,
  "snrd_gm": 98.30854052039248,
  "snrd_total": 91.49427730075979,
  "snrd_wm": 130.89176158739104,
  "spacing_x": 1.0,
  "spacing_y": 1.0,
  "spacing_z": 1.0,
  "summary_bg_k": 79.72787862302792,
  "summary_bg_mad": 0.0,
  "summary_bg_mean": 1.2145922978432704,
  "summary_bg_median": 0.0,
  "summary_bg_n": 181080.0,
  "summary_bg_p05": 0.0,
  "summary_bg_p95": 10.288859903812408,
  "summary_bg_stdv": 5.005305560756992,
  "summary_csf_k": 1.5025338066774534,
  "summary_csf_mad": 79.9324613610566,
  "summary_csf_mean": 354.812643277387,
  "summary_csf_median": 345.96291426569223,
  "summary_csf_n": 59282.0,
  "summary_csf_p05": 216.22296309359373,
  "summary_csf_p95": 522.7731133902444,
  "summary_csf_stdv": 94.38597130270298,
  "summary_gm_k": 0.23571300120942107,
  "summary_gm_mad": 50.14846693215144,
  "summary_gm_mean": 752.5027711837985,
  "summary_gm_median": 751.0867729783058,
  "summary_gm_n": 36454.0,
  "summary_gm_p05": 671.8278268167749,
  "summary_gm_p95": 837.2559746727347,
  "summary_gm_stdv": 50.65432355202053,
  "summary_wm_k": 0.7900825405033816,
  "summary_wm_mad": 41.606066481351505,
  "summary_wm_mean": 1001.8051164460408,
  "summary_wm_median": 1000.025738351047,
  "summary_wm_n": 234440.0,
  "summary_wm_p05": 934.04842421785,
  "summary_wm_p95": 1076.1633016392589,
  "summary_wm_stdv": 43.81118545492874,
  "tpm_overlap_csf": 0.17187757051674735,
  "tpm_overlap_gm": 0.4614068498715576,
  "tpm_overlap_wm": 0.5163793161515825,
  "wm2max": 0.8571932532245617
}