{
  "aor": 0.002401466666666667,
  "aqi": 0.02316505166666667,
  "bids_meta": {
    "AcquisitionMatrixPE": 70,
    "AcquisitionNumber": 3,
    "AcquisitionTime": "07:45:24.220000",
    "BodyPartExamined": "BRAIN",
    "CoilString": "MULTI_COIL",
    "ConversionSoftware": "dcm2niix",
    "ConversionSoftwareVersion": "v1.0.20190410  (JP2:OpenJPEG) GCC6.3.0",
    "Dcm2bidsVersion": "2.1.4",
    "DeviceSerialNumber": "42451",
    "EchoTime": 0.03,
    "EchoTrainLength": 35,
    "EffectiveEchoSpacing": 0.000698,
    "FlipAngle": 75,
    "ImageOrientationPatientDICOM": [
      1,
      8.11254e-05,
      0.000588037,
      -8.24926e-05,
      0.999997,
      0.00232532
    ],
    "ImageType": [
      "ORIGINAL",
      "PRIMARY",
      "M",
      "FFE",
      "M",
      "FFE"
    ],
    "ImagingFrequency": 127.759,
    "InPlanePhaseEncodingDirectionDICOM": "COL",
    "InstitutionAddress": "Calzada_Mexico_Xochimilco_No.101_Tlalpan",
    "InstitutionName": "I.N._Psiquiatria",
    "InstitutionalDepartmentName": "Imagenes_Cerebrales",
    "MRAcquisitionType": "2D",
    "MagneticFieldStrength": 3,
    "Manufacturer": "Philips",
    "ManufacturersModelName": "Ingenia",
    "Modality": "MR",
    "PartialFourier": 0.5,
    "PatientPosition": "HFS",
    "PercentPhaseFOV": 100,
    "PhaseEncodingAxis": "j",
    "PhaseEncodingDirection": "j-",
    "PhaseEncodingSteps": 70,
    "PhilipsRescaleIntercept": 0,
    "PhilipsRescaleSlope": 0.808303,
    "PhilipsScaleSlope": 0.0231874,
    "PixelBandwidth": 1819,
    "ProcedureStepDescription": "PROTOCOLO_EDUARDO_TMS",
    "ProtocolName": "WIP_FE_EPI_32chSHC_AP",
    "ReconMatrixPE": 80,
    "RepetitionTime": 2,
    "SAR": 0.119138,
    "ScanOptions": "FS",
    "ScanningSequence": "GR",
    "SequenceVariant": "SK",
    "SeriesDescription": "FE_EPI_32chSHC_AP",
    "SeriesNumber": 301,
    "SliceThickness": 3.33,
    "SliceTiming": [
      0.0,
      1.027027,
      0.054054,
      1.081081,
      0.108108,
      1.135135,
      0.162162,
      1.189189,
      0.216216,
      1.243244,
      0.27027,
      1.297298,
      0.324324,
      1.351352,
      0.378378,
      1.405406,
      0.432432,
      1.45946,
      0.486486,
      1.513514,
      0.540541,
      1.567568,
      0.594595,
      1.621622,
      0.648649,
      1.675676,
      0.702703,
      1.72973,
      0.756757,
      1.783784,
      0.810811,
      1.837838,
      0.864865,
      1.891892,
      0.918919,
      1.945947,
      0.972973
    ],
    "SoftwareVersions": "5.3.1_5.3.1.0",
    "SpacingBetweenSlices": 3.33,
    "StationName": "PHILIPS-CTMFQSD",
    "TaskName": "rest",
    "TotalReadoutTime": 0.04884,
    "UsePhilipsFloatNotDisplayScaling": 1,
    "dataset": "ds003037",
    "modality": "bold",
    "session_id": "t1",
    "subject_id": "049",
    "task_id": "rest"
  },
  "dummy_trs": 0,
  "dvars_nstd": 25.194928523411384,
  "dvars_std": 1.0893240787625416,
  "dvars_vstd": 0.9318620715050177,
  "efc": 0.4127804077679212,
  "fber": 123926.2578125,
  "fd_mean": 0.14431309761126268,
  "fd_num": 61,
  "fd_perc": 20.333333333333332,
  "fwhm_avg": 1.9691630669485747,
  "fwhm_x": 1.95049,
  "fwhm_y": 2.1375066666666664,
  "fwhm_z": 1.8194925341790582,
  "gcor": 0.0654248,
  "gsr_x": -0.00781579315662384,
  "gsr_y": 0.012102874927222729,
  "provenance": {
    "md5sum": "727dc48f8a93900cb624cf89f20d05db",
    "settings": {
      "fd_thres": 0.2,
      "testing": false
    },
    "software": "mriqc",
    "version": "22.0.6",
    "webapi_port": null,
    "webapi_url": "https://mriqc.nimh.nih.gov/api/v1"
  },
  "size_t": 300,
  "size_x": 80,
  "size_y": 80,
  "size_z": 37,
  "snr": 5.949548020313391,
  "spacing_tr": 2.0000016689300537,
  "spacing_x": 3.0,
  "spacing_y": 3.0,
  "spacing_z": 3.3299999237060547,
  "summary_bg_k": 130.27933771362376,
  "summary_bg_mad": 224.57551167202632,
  "summary_bg_mean": 1529.40380859375,
  "summary_bg_median": 184.62416076660156,
  "summary_bg_n": 164324.0,
  "summary_bg_p05": 14.719081449508668,
  "summary_bg_p95": 7801.424804687501,
  "summary_bg_stdv": 4405.5517578125,
  "summary_fg_k": 1.597959777963637,
  "summary_fg_mad": 9562.410763099047,
  "summary_fg_mean": 65001.79296875,
  "summary_fg_median": 65024.17578125,
  "summary_fg_n": 32264.0,
  "summary_fg_p05": 47065.2259765625,
  "summary_fg_p95": 82365.65703125,
  "summary_fg_stdv": 10929.09375,
  "tsnr": 37.237674713134766
}