{
  "bids_meta": {
    "AcquisitionMatrixPE": 240,
    "AcquisitionNumber": 4,
    "AcquisitionTime": "10:59:3.940000",
    "CoilString": "MULTI_COIL",
    "ConversionSoftware": "dcm2niix",
    "ConversionSoftwareVersion": "v1.0.20190410  (JP2:OpenJPEG) GCC6.3.0",
    "Dcm2bidsVersion": "2.1.4",
    "DeviceSerialNumber": "42451",
    "EchoTime": 0.003501,
    "EchoTrainLength": 240,
    "FlipAngle": 8,
    "ImageOrientationPatientDICOM": [
      0.025172,
      0.999682,
      -0.00161507,
      0.000556196,
      -0.00162958,
      -0.999999
    ],
    "ImageType": [
      "ORIGINAL",
      "PRIMARY",
      "M",
      "FFE",
      "M",
      "FFE"
    ],
    "ImagingFrequency": 127.766,
    "InPlanePhaseEncodingDirectionDICOM": "ROW",
    "InstitutionAddress": "Calzada_Mexico_Xochimilco_No.101_Tlalpan",
    "InstitutionName": "I.N._Psiquiatria",
    "InstitutionalDepartmentName": "Imagenes_Cerebrales",
    "MRAcquisitionType": "3D",
    "MagneticFieldStrength": 3,
    "Manufacturer": "Philips",
    "ManufacturersModelName": "Ingenia",
    "Modality": "MR",
    "PatientPosition": "HFS",
    "PercentPhaseFOV": 100,
    "PhaseEncodingSteps": 240,
    "PhilipsRescaleIntercept": 0,
    "PhilipsRescaleSlope": 11.3504,
    "PhilipsScaleSlope": 0.00487198,
    "PixelBandwidth": 310,
    "ProcedureStepDescription": "EDUARDO_TMS",
    "ProtocolName": "WIP_sT1W_3D_TFE_32_channel_SENSE",
    "ReconMatrixPE": 240,
    "RepetitionTime": 0.007,
    "SAR": 0.0382114,
    "ScanOptions": "OTHER",
    "ScanningSequence": "GR",
    "SequenceVariant": "MP",
    "SeriesDescription": "sT1W_3D_TFE_32_channel",
    "SeriesNumber": 401,
    "SliceThickness": 1,
    "SoftwareVersions": "5.1.7_5.1.7.2",
    "SpacingBetweenSlices": 1,
    "StationName": "INGENIA",
    "UsePhilipsFloatNotDisplayScaling": 1,
    "dataset": "ds003037",
    "modality": "T1w",
    "session_id": "t1",
    "subject_id": "010"
  },
  "cjv": 0.3590870651376605,
  "cnr": 3.854243826840734,
  "efc": 0.772128129474915,
  "fber": -1.0,
  "fwhm_avg": 4.605763333333333,
  "fwhm_x": 4.47917,
  "fwhm_y": 5.01348,
  "fwhm_z": 4.32464,
  "icvs_csf": 0.24013444172227089,
  "icvs_gm": 0.39377898059919125,
  "icvs_wm": 0.36608657767853786,
  "inu_med": 0.4079614579677582,
  "inu_range": 0.14125778675079342,
  "provenance": {
    "md5sum": "8804cbd2686b4ff046735184d4d1603a",
    "settings": {
      "testing": false
    },
    "software": "mriqc",
    "version": "22.0.6",
    "warnings": {
      "large_rot_frame": true,
      "small_air_mask": true
    },
    "webapi_port": null,
    "webapi_url": "https://mriqc.nimh.nih.gov/api/v1"
  },
  "qi_1": 0.0,
  "qi_2": 0.00017290805062523804,
  "rpve_csf": 21.119645658392542,
  "rpve_gm": 12.46475349575535,
  "rpve_wm": 15.698019877489262,
  "size_x": 180,
  "size_y": 240,
  "size_z": 240,
  "snr_csf": 2.8145418408588316,
  "snr_gm": 13.440181291587598,
  "snr_total": 15.039449725577834,
  "snr_wm": 28.86362604428707,
  "snrd_csf": 63.28776627402172,
  "snrd_gm": 166.23909437514934,
  "snrd_total": 150.66421622901282,
  "snrd_wm": 222.4657880378674,
  "spacing_x": 1.0,
  "spacing_y": 1.0,
  "spacing_z": 1.0,
  "summary_bg_k": 35.65461928307476,
  "summary_bg_mad": 0.0,
  "summary_bg_mean": 0.6811908995526228,
  "summary_bg_median": 0.0,
  "summary_bg_n": 101236.0,
  "summary_bg_p05": 0.0,
  "summary_bg_p95": 8.840122688561678,
  "summary_bg_stdv": 2.944886096163736,
  "summary_csf_k": 1.348776436443159,
  "summary_csf_mad": 84.9939221133465,
  "summary_csf_mean": 291.1426078744575,
  "summary_csf_median": 284.4831442087889,
  "summary_csf_n": 60446.0,
  "summary_csf_p05": 123.92830286640674,
  "summary_csf_p95": 469.60930646630004,
  "summary_csf_stdv": 101.07534621389979,
  "summary_gm_k": -0.02338537006289254,
  "summary_gm_mad": 56.969967166249305,
  "summary_gm_mean": 748.0418710121149,
  "summary_gm_median": 747.256903545931,
  "summary_gm_n": 34040.0,
  "summary_gm_p05": 658.6768751838244,
  "summary_gm_p95": 839.8349773450755,
  "summary_gm_stdv": 55.597905347753525,
  "summary_wm_k": 0.25688317070623956,
  "summary_wm_mad": 33.786812897440335,
  "summary_wm_mean": 1000.1179881624056,
  "summary_wm_median": 1000.0000092573464,
  "summary_wm_n": 207312.0,
  "summary_wm_p05": 943.4720890503377,
  "summary_wm_p95": 1057.0387908257544,
  "summary_wm_stdv": 34.64559843923764,
  "tpm_overlap_csf": 0.15859485571134643,
  "tpm_overlap_gm": 0.4555369186704039,
  "tpm_overlap_wm": 0.519291119315717,
  "wm2max": 0.9056565819118121
}