{
  "bids_meta": {
    "AcquisitionMatrixPE": 240,
    "AcquisitionNumber": 4,
    "AcquisitionTime": "12:16:22.260000",
    "BodyPartExamined": "BRAIN",
    "CoilString": "MULTI_COIL",
    "ConversionSoftware": "dcm2niix",
    "ConversionSoftwareVersion": "v1.0.20190410  (JP2:OpenJPEG) GCC6.3.0",
    "Dcm2bidsVersion": "2.1.4",
    "DeviceSerialNumber": "42451",
    "EchoTime": 0.0035,
    "EchoTrainLength": 240,
    "FlipAngle": 8,
    "ImageOrientationPatientDICOM": [
      -0.0042116,
      0.999989,
      0.00201478,
      -0.00362181,
      0.00199953,
      -0.999991
    ],
    "ImageType": [
      "ORIGINAL",
      "PRIMARY",
      "M",
      "FFE",
      "M",
      "FFE"
    ],
    "ImagingFrequency": 127.76,
    "InPlanePhaseEncodingDirectionDICOM": "ROW",
    "InstitutionAddress": "Calzada_Mexico_Xochimilco_No.101_Tlalpan",
    "InstitutionName": "I.N._Psiquiatria",
    "InstitutionalDepartmentName": "Imagenes_Cerebrales",
    "MRAcquisitionType": "3D",
    "MagneticFieldStrength": 3,
    "Manufacturer": "Philips",
    "ManufacturersModelName": "Ingenia",
    "Modality": "MR",
    "PatientPosition": "HFS",
    "PercentPhaseFOV": 100,
    "PhaseEncodingSteps": 240,
    "PhilipsRescaleIntercept": 0,
    "PhilipsRescaleSlope": 48.4842,
    "PhilipsScaleSlope": 0.00585233,
    "PixelBandwidth": 310,
    "ProcedureStepDescription": "PROTOCOLO_TMS",
    "ProtocolName": "WIP_sT1W_3D_TFE_32_channel",
    "ReconMatrixPE": 240,
    "RepetitionTime": 0.007,
    "SAR": 0.0382114,
    "ScanOptions": "OTHER",
    "ScanningSequence": "GR",
    "SequenceVariant": "MP",
    "SeriesDescription": "sT1W_3D_TFE_32_channel",
    "SeriesNumber": 401,
    "SliceThickness": 1,
    "SoftwareVersions": "5.3.1_5.3.1.0",
    "SpacingBetweenSlices": 1,
    "StationName": "PHILIPS-CTMFQSD",
    "UsePhilipsFloatNotDisplayScaling": 1,
    "dataset": "ds003037",
    "modality": "T1w",
    "session_id": "t14",
    "subject_id": "036"
  },
  "cjv": 0.3623118734180872,
  "cnr": 3.7021605729684164,
  "efc": 0.7488640034080131,
  "fber": -1.0,
  "fwhm_avg": 4.444936666666667,
  "fwhm_x": 4.30165,
  "fwhm_y": 4.82434,
  "fwhm_z": 4.20882,
  "icvs_csf": 0.2809201266337663,
  "icvs_gm": 0.38941747923592396,
  "icvs_wm": 0.3296623941303097,
  "inu_med": 0.4669947028160095,
  "inu_range": 0.18962895870208746,
  "provenance": {
    "md5sum": "4407c1ca7b6e3bab071edb90ec93024e",
    "settings": {
      "testing": false
    },
    "software": "mriqc",
    "version": "22.0.6",
    "warnings": {
      "large_rot_frame": true,
      "small_air_mask": false
    },
    "webapi_port": null,
    "webapi_url": "https://mriqc.nimh.nih.gov/api/v1"
  },
  "qi_1": 6.936749296987139e-05,
  "qi_2": 0.00011351807214950313,
  "rpve_csf": 17.537236399078505,
  "rpve_gm": 11.866976424423095,
  "rpve_wm": 16.188664585282993,
  "size_x": 180,
  "size_y": 240,
  "size_z": 240,
  "snr_csf": 4.0911297313630115,
  "snr_gm": 14.27224462821855,
  "snr_total": 15.180569312934947,
  "snr_wm": 27.17833357922328,
  "snrd_csf": 39.894815006619,
  "snrd_gm": 95.4297683446107,
  "snrd_total": 86.9813934889854,
  "snrd_wm": 125.6195971157265,
  "spacing_x": 1.0,
  "spacing_y": 1.0,
  "spacing_z": 1.0,
  "summary_bg_k": 20.338554142781753,
  "summary_bg_mad": 0.0,
  "summary_bg_mean": 2.1310871248078764,
  "summary_bg_median": 0.0,
  "summary_bg_n": 294642.0,
  "summary_bg_p05": 0.0,
  "summary_bg_p95": 12.599206544458866,
  "summary_bg_stdv": 5.215240497461898,
  "summary_csf_k": 2.5998972717330497,
  "summary_csf_mad": 59.532069170610825,
  "summary_csf_mean": 326.01425022449354,
  "summary_csf_median": 317.58433031849563,
  "summary_csf_n": 107105.0,
  "summary_csf_p05": 226.86508288085463,
  "summary_csf_p95": 467.68353899382055,
  "summary_csf_stdv": 77.6271760087094,
  "summary_gm_k": 0.2149681124110172,
  "summary_gm_mad": 52.25143316333414,
  "summary_gm_mean": 759.3248368402329,
  "summary_gm_median": 759.6726308204234,
  "summary_gm_n": 23858.0,
  "summary_gm_p05": 671.602192947641,
  "summary_gm_p95": 846.3082968455739,
  "summary_gm_stdv": 53.22615536178149,
  "summary_wm_k": 0.5659905138025811,
  "summary_wm_mad": 34.82203181258088,
  "summary_wm_mean": 1000.620843006104,
  "summary_wm_median": 1000.0000154972076,
  "summary_wm_n": 181270.0,
  "summary_wm_p05": 941.6170780844986,
  "summary_wm_p95": 1061.9184192345474,
  "summary_wm_stdv": 36.79391358789907,
  "tpm_overlap_csf": 0.15982804319583474,
  "tpm_overlap_gm": 0.42807178958496317,
  "tpm_overlap_wm": 0.47137688697960933,
  "wm2max": 0.8161117295820262
}