{
  "bids_meta": {
    "AcquisitionMatrixPE": 240,
    "AcquisitionNumber": 4,
    "AcquisitionTime": "08:57:51.720000",
    "BodyPartExamined": "BRAIN",
    "CoilString": "MULTI_COIL",
    "ConversionSoftware": "dcm2niix",
    "ConversionSoftwareVersion": "v1.0.20190410  (JP2:OpenJPEG) GCC6.3.0",
    "Dcm2bidsVersion": "2.1.4",
    "DeviceSerialNumber": "42451",
    "EchoTime": 0.0035,
    "EchoTrainLength": 240,
    "FlipAngle": 8,
    "ImageOrientationPatientDICOM": [
      -0.0042116,
      0.999988,
      -0.00258158,
      -0.00362181,
      -0.00259684,
      -0.99999
    ],
    "ImageType": [
      "ORIGINAL",
      "PRIMARY",
      "M",
      "FFE",
      "M",
      "FFE"
    ],
    "ImagingFrequency": 127.76,
    "InPlanePhaseEncodingDirectionDICOM": "ROW",
    "InstitutionAddress": "Calzada_Mexico_Xochimilco_No.101_Tlalpan",
    "InstitutionName": "I.N._Psiquiatria",
    "InstitutionalDepartmentName": "Imagenes_Cerebrales",
    "MRAcquisitionType": "3D",
    "MagneticFieldStrength": 3,
    "Manufacturer": "Philips",
    "ManufacturersModelName": "Ingenia",
    "Modality": "MR",
    "PatientPosition": "HFS",
    "PercentPhaseFOV": 100,
    "PhaseEncodingSteps": 240,
    "PhilipsRescaleIntercept": 0,
    "PhilipsRescaleSlope": 17.6645,
    "PhilipsScaleSlope": 0.00607133,
    "PixelBandwidth": 310,
    "ProcedureStepDescription": "EDUARDO_TMS",
    "ProtocolName": "WIP_sT1W_3D_TFE_32_channel",
    "ReconMatrixPE": 240,
    "RepetitionTime": 0.007,
    "SAR": 0.0382114,
    "ScanOptions": "OTHER",
    "ScanningSequence": "GR",
    "SequenceVariant": "MP",
    "SeriesDescription": "sT1W_3D_TFE_32_channel",
    "SeriesNumber": 401,
    "SliceThickness": 1,
    "SoftwareVersions": "5.3.1_5.3.1.1",
    "SpacingBetweenSlices": 1,
    "StationName": "PHILIPS-CTMFQSD",
    "UsePhilipsFloatNotDisplayScaling": 1,
    "dataset": "ds003037",
    "modality": "T1w",
    "session_id": "t1",
    "subject_id": "020"
  },
  "cjv": 0.34677373788260835,
  "cnr": 3.8187433454011424,
  "efc": 0.7166670885215995,
  "fber": -1.0,
  "fwhm_avg": 3.995813333333333,
  "fwhm_x": 3.85848,
  "fwhm_y": 4.37821,
  "fwhm_z": 3.75075,
  "icvs_csf": 0.201029157817539,
  "icvs_gm": 0.44679840888281164,
  "icvs_wm": 0.3521724332996493,
  "inu_med": 0.4015026241540909,
  "inu_range": 0.14677491933107378,
  "provenance": {
    "md5sum": "fa4a4a82216401498cebfcc6350b86b5",
    "settings": {
      "testing": false
    },
    "software": "mriqc",
    "version": "22.0.6",
    "warnings": {
      "large_rot_frame": true,
      "small_air_mask": false
    },
    "webapi_port": null,
    "webapi_url": "https://mriqc.nimh.nih.gov/api/v1"
  },
  "qi_1": 0.03137751651838877,
  "qi_2": 3.06622094520877e-05,
  "rpve_csf": 27.313889448408197,
  "rpve_gm": 13.124898730412667,
  "rpve_wm": 18.646528343562725,
  "size_x": 180,
  "size_y": 240,
  "size_z": 240,
  "snr_csf": 2.781902277373103,
  "snr_gm": 14.894010925717298,
  "snr_total": 15.421428147255524,
  "snr_wm": 28.588371238676167,
  "snrd_csf": 33.03476586827488,
  "snrd_gm": 78.99502979690497,
  "snrd_total": 71.89537913303565,
  "snrd_wm": 103.65634173392706,
  "spacing_x": 1.0,
  "spacing_y": 1.0,
  "spacing_z": 1.0,
  "summary_bg_k": 30.244086254369577,
  "summary_bg_mad": 0.0,
  "summary_bg_mean": 2.046242511983562,
  "summary_bg_median": 0.0,
  "summary_bg_n": 286889.0,
  "summary_bg_p05": 0.0,
  "summary_bg_p95": 14.097570478916168,
  "summary_bg_stdv": 6.320419963589991,
  "summary_csf_k": 1.2700792530756901,
  "summary_csf_mad": 69.7848868637957,
  "summary_csf_mean": 318.05494322331015,
  "summary_csf_median": 318.70247735641897,
  "summary_csf_n": 32263.0,
  "summary_csf_p05": 89.01641912106425,
  "summary_csf_p95": 514.6471136165782,
  "summary_csf_stdv": 114.56101128267319,
  "summary_gm_k": 0.3058575286533318,
  "summary_gm_mad": 49.949478134529635,
  "summary_gm_mean": 762.3751596569772,
  "summary_gm_median": 762.1035304293036,
  "summary_gm_n": 34705.0,
  "summary_gm_p05": 678.9371393211186,
  "summary_gm_p95": 845.8078551478684,
  "summary_gm_stdv": 51.16771797834027,
  "summary_wm_k": 0.6647574556735623,
  "summary_wm_mad": 32.55482160591849,
  "summary_wm_mean": 1000.9378995399782,
  "summary_wm_median": 1000.0232190545648,
  "summary_wm_n": 162975.0,
  "summary_wm_p05": 944.9777711648494,
  "summary_wm_p95": 1059.6596520673484,
  "summary_wm_stdv": 34.9799624006045,
  "tpm_overlap_csf": 0.1517289555138652,
  "tpm_overlap_gm": 0.4576612939848395,
  "tpm_overlap_wm": 0.48979316292314656,
  "wm2max": 0.8103756036151143
}