{
  "aor": 0.0031955999999999994,
  "aqi": 0.022073802566666665,
  "bids_meta": {
    "AcquisitionMatrixPE": 70,
    "AcquisitionNumber": 3,
    "AcquisitionTime": "09:38:35.950000",
    "BodyPartExamined": "BRAIN",
    "CoilString": "MULTI_COIL",
    "ConversionSoftware": "dcm2niix",
    "ConversionSoftwareVersion": "v1.0.20190410  (JP2:OpenJPEG) GCC6.3.0",
    "Dcm2bidsVersion": "2.1.4",
    "DeviceSerialNumber": "42451",
    "EchoTime": 0.03,
    "EchoTrainLength": 35,
    "EffectiveEchoSpacing": 0.000698,
    "FlipAngle": 75,
    "ImageOrientationPatientDICOM": [
      0.999985,
      0.00415768,
      -0.00368359,
      -0.0042116,
      0.999882,
      -0.0147539
    ],
    "ImageType": [
      "ORIGINAL",
      "PRIMARY",
      "M",
      "FFE",
      "M",
      "FFE"
    ],
    "ImagingFrequency": 127.759,
    "InPlanePhaseEncodingDirectionDICOM": "COL",
    "InstitutionAddress": "Calzada_Mexico_Xochimilco_No.101_Tlalpan",
    "InstitutionName": "I.N._Psiquiatria",
    "InstitutionalDepartmentName": "Imagenes_Cerebrales",
    "MRAcquisitionType": "2D",
    "MagneticFieldStrength": 3,
    "Manufacturer": "Philips",
    "ManufacturersModelName": "Ingenia",
    "Modality": "MR",
    "PartialFourier": 0.5,
    "PatientPosition": "HFS",
    "PercentPhaseFOV": 100,
    "PhaseEncodingAxis": "j",
    "PhaseEncodingDirection": "j-",
    "PhaseEncodingSteps": 70,
    "PhilipsRescaleIntercept": 0,
    "PhilipsRescaleSlope": 0.796337,
    "PhilipsScaleSlope": 0.0239896,
    "PixelBandwidth": 1819,
    "ProcedureStepDescription": "EDUARDO_TMS",
    "ProtocolName": "WIP_FE_EPI_32chSHC_AP",
    "ReconMatrixPE": 80,
    "RepetitionTime": 2,
    "SAR": 0.119138,
    "ScanOptions": "FS",
    "ScanningSequence": "GR",
    "SequenceVariant": "SK",
    "SeriesDescription": "FE_EPI_32chSHC_AP",
    "SeriesNumber": 301,
    "SliceThickness": 3.33,
    "SliceTiming": [
      0.0,
      1.027027,
      0.054054,
      1.081081,
      0.108108,
      1.135135,
      0.162162,
      1.189189,
      0.216216,
      1.243244,
      0.27027,
      1.297298,
      0.324324,
      1.351352,
      0.378378,
      1.405406,
      0.432432,
      1.45946,
      0.486486,
      1.513514,
      0.540541,
      1.567568,
      0.594595,
      1.621622,
      0.648649,
      1.675676,
      0.702703,
      1.72973,
      0.756757,
      1.783784,
      0.810811,
      1.837838,
      0.864865,
      1.891892,
      0.918919,
      1.945947,
      0.972973
    ],
    "SoftwareVersions": "5.3.1_5.3.1.0",
    "SpacingBetweenSlices": 3.33,
    "StationName": "PHILIPS-CTMFQSD",
    "TaskName": "rest",
    "TotalReadoutTime": 0.04884,
    "UsePhilipsFloatNotDisplayScaling": 1,
    "dataset": "ds003037",
    "modality": "bold",
    "session_id": "t2",
    "subject_id": "032",
    "task_id": "rest"
  },
  "dummy_trs": 0,
  "dvars_nstd": 37.08932140428093,
  "dvars_std": 1.1024891965217385,
  "dvars_vstd": 0.9184541596321069,
  "efc": 0.4322809808430281,
  "fber": 102682.3203125,
  "fd_mean": 0.36510418966124164,
  "fd_num": 182,
  "fd_perc": 60.666666666666664,
  "fwhm_avg": 2.006314138553321,
  "fwhm_x": 1.9215099999999998,
  "fwhm_y": 2.20806,
  "fwhm_z": 1.8893724156599627,
  "gcor": 0.0426701,
  "gsr_x": -0.015509032644331455,
  "gsr_y": 0.026065170764923096,
  "provenance": {
    "md5sum": "8d9c5f30b7190f442b2c95d284fb11b7",
    "settings": {
      "fd_thres": 0.2,
      "testing": false
    },
    "software": "mriqc",
    "version": "22.0.6",
    "webapi_port": null,
    "webapi_url": "https://mriqc.nimh.nih.gov/api/v1"
  },
  "size_t": 300,
  "size_x": 80,
  "size_y": 80,
  "size_z": 37,
  "snr": 4.3854881882966685,
  "spacing_tr": 2.0000016689300537,
  "spacing_x": 3.0,
  "spacing_y": 3.0,
  "spacing_z": 3.3299999237060547,
  "summary_bg_k": 77.70157490257144,
  "summary_bg_mad": 202.3370043725548,
  "summary_bg_mean": 1604.954833984375,
  "summary_bg_median": 175.126708984375,
  "summary_bg_n": 159371.0,
  "summary_bg_p05": 17.72137451171875,
  "summary_bg_p95": 8694.89013671875,
  "summary_bg_stdv": 4422.4921875,
  "summary_fg_k": 2.0728033138044637,
  "summary_fg_mad": 10435.651886969015,
  "summary_fg_mean": 59147.00390625,
  "summary_fg_median": 57356.3984375,
  "summary_fg_n": 35860.0,
  "summary_fg_p05": 41119.00625,
  "summary_fg_p95": 83703.30976562499,
  "summary_fg_stdv": 13078.498046875,
  "tsnr": 30.06215476989746
}