{
  "aor": 0.0018570000000000001,
  "aqi": 0.0124324217,
  "bids_meta": {
    "AcquisitionMatrixPE": 70,
    "AcquisitionNumber": 3,
    "AcquisitionTime": "08:18:8.000000",
    "BodyPartExamined": "BRAIN",
    "CoilString": "MULTI_COIL",
    "ConversionSoftware": "dcm2niix",
    "ConversionSoftwareVersion": "v1.0.20190410  (JP2:OpenJPEG) GCC6.3.0",
    "Dcm2bidsVersion": "2.1.4",
    "DeviceSerialNumber": "42451",
    "EchoTime": 0.03,
    "EchoTrainLength": 35,
    "EffectiveEchoSpacing": 0.000698,
    "FlipAngle": 75,
    "ImageOrientationPatientDICOM": [
      0.999998,
      0.00202389,
      0.000564981,
      -0.00202278,
      0.999996,
      -0.00194985
    ],
    "ImageType": [
      "ORIGINAL",
      "PRIMARY",
      "M",
      "FFE",
      "M",
      "FFE"
    ],
    "ImagingFrequency": 127.759,
    "InPlanePhaseEncodingDirectionDICOM": "COL",
    "InstitutionAddress": "Calzada_Mexico_Xochimilco_No.101_Tlalpan",
    "InstitutionName": "I.N._Psiquiatria",
    "InstitutionalDepartmentName": "Imagenes_Cerebrales",
    "MRAcquisitionType": "2D",
    "MagneticFieldStrength": 3,
    "Manufacturer": "Philips",
    "ManufacturersModelName": "Ingenia",
    "Modality": "MR",
    "PartialFourier": 0.5,
    "PatientPosition": "HFS",
    "PercentPhaseFOV": 100,
    "PhaseEncodingAxis": "j",
    "PhaseEncodingDirection": "j-",
    "PhaseEncodingSteps": 70,
    "PhilipsRescaleIntercept": 0,
    "PhilipsRescaleSlope": 0.768498,
    "PhilipsScaleSlope": 0.022686,
    "PixelBandwidth": 1819,
    "ProcedureStepDescription": "PROTOCOLO_EDUARDO_TMS",
    "ProtocolName": "WIP_FE_EPI_32chSHC_AP",
    "ReconMatrixPE": 80,
    "RepetitionTime": 2,
    "SAR": 0.119138,
    "ScanOptions": "FS",
    "ScanningSequence": "GR",
    "SequenceVariant": "SK",
    "SeriesDescription": "FE_EPI_32chSHC_AP",
    "SeriesNumber": 301,
    "SliceThickness": 3.33,
    "SliceTiming": [
      0.0,
      1.027027,
      0.054054,
      1.081081,
      0.108108,
      1.135135,
      0.162162,
      1.189189,
      0.216216,
      1.243244,
      0.27027,
      1.297298,
      0.324324,
      1.351352,
      0.378378,
      1.405406,
      0.432432,
      1.45946,
      0.486486,
      1.513514,
      0.540541,
      1.567568,
      0.594595,
      1.621622,
      0.648649,
      1.675676,
      0.702703,
      1.72973,
      0.756757,
      1.783784,
      0.810811,
      1.837838,
      0.864865,
      1.891892,
      0.918919,
      1.945947,
      0.972973
    ],
    "SoftwareVersions": "5.3.1_5.3.1.0",
    "SpacingBetweenSlices": 3.33,
    "StationName": "PHILIPS-CTMFQSD",
    "TaskName": "rest",
    "TotalReadoutTime": 0.04884,
    "UsePhilipsFloatNotDisplayScaling": 1,
    "dataset": "ds003037",
    "modality": "bold",
    "session_id": "t14",
    "subject_id": "042",
    "task_id": "rest"
  },
  "dummy_trs": 0,
  "dvars_nstd": 27.175439388327778,
  "dvars_std": 1.242313382943143,
  "dvars_vstd": 0.9148363415719075,
  "efc": 0.45077659919828067,
  "fber": 73937.5625,
  "fd_mean": 0.09895460374556576,
  "fd_num": 14,
  "fd_perc": 4.666666666666667,
  "fwhm_avg": 2.0632797943207337,
  "fwhm_x": 2.01917,
  "fwhm_y": 2.2666633333333333,
  "fwhm_z": 1.9040060496288689,
  "gcor": 0.0892204,
  "gsr_x": -0.014308839105069637,
  "gsr_y": 0.029379811137914658,
  "provenance": {
    "md5sum": "d8d5f405181456c3b40d474e91061f22",
    "settings": {
      "fd_thres": 0.2,
      "testing": false
    },
    "software": "mriqc",
    "version": "22.0.6",
    "webapi_port": null,
    "webapi_url": "https://mriqc.nimh.nih.gov/api/v1"
  },
  "size_t": 300,
  "size_x": 80,
  "size_y": 80,
  "size_z": 37,
  "snr": 4.6018186044939595,
  "spacing_tr": 2.0000016689300537,
  "spacing_x": 3.0,
  "spacing_y": 3.0,
  "spacing_z": 3.3299999237060547,
  "summary_bg_k": 83.64289689701145,
  "summary_bg_mad": 292.88249629119645,
  "summary_bg_mean": 1955.5086669921875,
  "summary_bg_median": 227.4659881591797,
  "summary_bg_n": 155635.0,
  "summary_bg_p05": 12.431894302368166,
  "summary_bg_p95": 9234.911914062488,
  "summary_bg_stdv": 5347.7490234375,
  "summary_fg_k": 3.49331912056593,
  "summary_fg_mad": 10562.955873945895,
  "summary_fg_mean": 65732.265625,
  "summary_fg_median": 64114.03125,
  "summary_fg_n": 39510.0,
  "summary_fg_p05": 46223.498046875,
  "summary_fg_p95": 90916.81406249994,
  "summary_fg_stdv": 13932.1484375,
  "tsnr": 46.88106155395508
}