{
  "bids_meta": {
    "AcquisitionMatrixPE": 240,
    "AcquisitionNumber": 4,
    "AcquisitionTime": "09:17:24.100000",
    "CoilString": "MULTI_COIL",
    "ConversionSoftware": "dcm2niix",
    "ConversionSoftwareVersion": "v1.0.20190410  (JP2:OpenJPEG) GCC6.3.0",
    "Dcm2bidsVersion": "2.1.4",
    "DeviceSerialNumber": "42451",
    "EchoTime": 0.003501,
    "EchoTrainLength": 240,
    "FlipAngle": 8,
    "ImageOrientationPatientDICOM": [
      -0.00414552,
      0.999989,
      0.00204144,
      -0.0371289,
      0.00188613,
      -0.999309
    ],
    "ImageType": [
      "ORIGINAL",
      "PRIMARY",
      "M",
      "FFE",
      "M",
      "FFE"
    ],
    "ImagingFrequency": 127.766,
    "InPlanePhaseEncodingDirectionDICOM": "ROW",
    "InstitutionAddress": "Calzada_Mexico_Xochimilco_No.101_Tlalpan",
    "InstitutionName": "I.N._Psiquiatria",
    "InstitutionalDepartmentName": "Imagenes_Cerebrales",
    "MRAcquisitionType": "3D",
    "MagneticFieldStrength": 3,
    "Manufacturer": "Philips",
    "ManufacturersModelName": "Ingenia",
    "Modality": "MR",
    "PatientPosition": "HFS",
    "PercentPhaseFOV": 100,
    "PhaseEncodingSteps": 240,
    "PhilipsRescaleIntercept": 0,
    "PhilipsRescaleSlope": 12.2454,
    "PhilipsScaleSlope": 0.00476438,
    "PixelBandwidth": 310,
    "ProcedureStepDescription": "EDUARDO_TDM",
    "ProtocolName": "WIP_sT1W_3D_TFE_32_channel_SENSE",
    "ReconMatrixPE": 240,
    "RepetitionTime": 0.007,
    "SAR": 0.0382114,
    "ScanOptions": "OTHER",
    "ScanningSequence": "GR",
    "SequenceVariant": "MP",
    "SeriesDescription": "sT1W_3D_TFE_32_channel",
    "SeriesNumber": 401,
    "SliceThickness": 1,
    "SoftwareVersions": "5.1.7_5.1.7.2",
    "SpacingBetweenSlices": 1,
    "StationName": "INGENIA",
    "UsePhilipsFloatNotDisplayScaling": 1,
    "dataset": "ds003037",
    "modality": "T1w",
    "session_id": "t1",
    "subject_id": "013"
  },
  "cjv": 0.3589765214098209,
  "cnr": 3.693934450227166,
  "efc": 0.7859776521879162,
  "fber": 9835.315698731283,
  "fwhm_avg": 4.418273333333334,
  "fwhm_x": 4.30633,
  "fwhm_y": 4.74479,
  "fwhm_z": 4.2037,
  "icvs_csf": 0.2268918022776478,
  "icvs_gm": 0.4081505384601231,
  "icvs_wm": 0.3649576592622291,
  "inu_med": 0.4016062319278717,
  "inu_range": 0.13959870487451553,
  "provenance": {
    "md5sum": "574f35349f510e13606e79aac04e0a98",
    "settings": {
      "testing": false
    },
    "software": "mriqc",
    "version": "22.0.6",
    "warnings": {
      "large_rot_frame": true,
      "small_air_mask": true
    },
    "webapi_port": null,
    "webapi_url": "https://mriqc.nimh.nih.gov/api/v1"
  },
  "qi_1": 0.0,
  "qi_2": 0.0002162077317988706,
  "rpve_csf": 21.65911032732446,
  "rpve_gm": 12.089758427351883,
  "rpve_wm": 15.911220985873467,
  "size_x": 180,
  "size_y": 240,
  "size_z": 240,
  "snr_csf": 3.0102758799971148,
  "snr_gm": 14.059790502105818,
  "snr_total": 15.478352138816184,
  "snr_wm": 29.36499003434562,
  "snrd_csf": 52.75651320352622,
  "snrd_gm": 126.53280655585668,
  "snrd_total": 115.04823754556666,
  "snrd_wm": 165.85539287731706,
  "spacing_x": 1.0,
  "spacing_y": 1.0,
  "spacing_z": 1.0,
  "summary_bg_k": 34.601126866774784,
  "summary_bg_mad": 0.0,
  "summary_bg_mean": 1.0554953329678878,
  "summary_bg_median": 0.0,
  "summary_bg_n": 56407.0,
  "summary_bg_p05": 0.0,
  "summary_bg_p95": 9.474249172955751,
  "summary_bg_stdv": 3.95004580994162,
  "summary_csf_k": 1.1124364292774231,
  "summary_csf_mad": 91.09494409926116,
  "summary_csf_mean": 327.64750736116673,
  "summary_csf_median": 318.0874149668962,
  "summary_csf_n": 42457.0,
  "summary_csf_p05": 171.51657985523343,
  "summary_csf_p95": 517.4293512601404,
  "summary_csf_stdv": 105.66595276649386,
  "summary_gm_k": 0.2320466741109346,
  "summary_gm_mad": 52.51884737663442,
  "summary_gm_mean": 762.6296036435807,
  "summary_gm_median": 762.9104143138975,
  "summary_gm_n": 26117.0,
  "summary_gm_p05": 672.9750539381057,
  "summary_gm_p95": 851.7303335309028,
  "summary_gm_stdv": 54.26082333382065,
  "summary_wm_k": 0.3975732945958126,
  "summary_wm_mad": 32.590747186290926,
  "summary_wm_mean": 999.8636211177607,
  "summary_wm_median": 999.9999995287508,
  "summary_wm_n": 201456.0,
  "summary_wm_p05": 944.3912907131016,
  "summary_wm_p95": 1056.1687624827027,
  "summary_wm_stdv": 34.0540731130685,
  "tpm_overlap_csf": 0.16358912394851452,
  "tpm_overlap_gm": 0.45548821135576606,
  "tpm_overlap_wm": 0.5177901010147069,
  "wm2max": 0.8972383325307259
}