{
  "aor": 0.0010895,
  "aqi": 0.0132700955,
  "bids_meta": {
    "AcquisitionMatrixPE": 70,
    "AcquisitionNumber": 3,
    "AcquisitionTime": "08:03:36.560000",
    "BodyPartExamined": "BRAIN",
    "CoilString": "MULTI_COIL",
    "ConversionSoftware": "dcm2niix",
    "ConversionSoftwareVersion": "v1.0.20190410  (JP2:OpenJPEG) GCC6.3.0",
    "Dcm2bidsVersion": "2.1.4",
    "DeviceSerialNumber": "42451",
    "EchoTime": 0.03,
    "EchoTrainLength": 35,
    "EffectiveEchoSpacing": 0.000698,
    "FlipAngle": 75,
    "ImageOrientationPatientDICOM": [
      0.999991,
      -0.00418182,
      -9.18544e-05,
      0.00418158,
      0.999988,
      -0.00249335
    ],
    "ImageType": [
      "ORIGINAL",
      "PRIMARY",
      "M",
      "FFE",
      "M",
      "FFE"
    ],
    "ImagingFrequency": 127.759,
    "InPlanePhaseEncodingDirectionDICOM": "COL",
    "InstitutionAddress": "Calzada_Mexico_Xochimilco_No.101_Tlalpan",
    "InstitutionName": "I.N._Psiquiatria",
    "InstitutionalDepartmentName": "Imagenes_Cerebrales",
    "MRAcquisitionType": "2D",
    "MagneticFieldStrength": 3,
    "Manufacturer": "Philips",
    "ManufacturersModelName": "Ingenia",
    "Modality": "MR",
    "PartialFourier": 0.5,
    "PatientPosition": "HFS",
    "PercentPhaseFOV": 100,
    "PhaseEncodingAxis": "j",
    "PhaseEncodingDirection": "j-",
    "PhaseEncodingSteps": 70,
    "PhilipsRescaleIntercept": 0,
    "PhilipsRescaleSlope": 0.852503,
    "PhilipsScaleSlope": 0.0247894,
    "PixelBandwidth": 1819,
    "ProcedureStepDescription": "PROTOCOLO_EDUARDO_TMS",
    "ProtocolName": "WIP_FE_EPI_32chSHC_AP",
    "ReconMatrixPE": 80,
    "RepetitionTime": 2,
    "SAR": 0.119138,
    "ScanOptions": "FS",
    "ScanningSequence": "GR",
    "SequenceVariant": "SK",
    "SeriesDescription": "FE_EPI_32chSHC_AP",
    "SeriesNumber": 301,
    "SliceThickness": 3.33,
    "SliceTiming": [
      0.0,
      1.027027,
      0.054054,
      1.081081,
      0.108108,
      1.135135,
      0.162162,
      1.189189,
      0.216216,
      1.243244,
      0.27027,
      1.297298,
      0.324324,
      1.351352,
      0.378378,
      1.405406,
      0.432432,
      1.45946,
      0.486486,
      1.513514,
      0.540541,
      1.567568,
      0.594595,
      1.621622,
      0.648649,
      1.675676,
      0.702703,
      1.72973,
      0.756757,
      1.783784,
      0.810811,
      1.837838,
      0.864865,
      1.891892,
      0.918919,
      1.945947,
      0.972973
    ],
    "SoftwareVersions": "5.3.1_5.3.1.0",
    "SpacingBetweenSlices": 3.33,
    "StationName": "PHILIPS-CTMFQSD",
    "TaskName": "rest",
    "TotalReadoutTime": 0.04884,
    "UsePhilipsFloatNotDisplayScaling": 1,
    "dataset": "ds003037",
    "modality": "bold",
    "session_id": "t0",
    "subject_id": "038",
    "task_id": "rest"
  },
  "dummy_trs": 0,
  "dvars_nstd": 21.226228949966554,
  "dvars_std": 1.0486889879933108,
  "dvars_vstd": 0.911314108896321,
  "efc": 0.4078646110238607,
  "fber": 119189.203125,
  "fd_mean": 0.1491880979131703,
  "fd_num": 81,
  "fd_perc": 27.0,
  "fwhm_avg": 2.2915194556501977,
  "fwhm_x": 2.2217533333333335,
  "fwhm_y": 2.5301533333333333,
  "fwhm_z": 2.122651700283926,
  "gcor": 0.0583417,
  "gsr_x": -0.016575992107391357,
  "gsr_y": 0.02477136254310608,
  "provenance": {
    "md5sum": "cad183483e5078e71b5d7f46ed81a83e",
    "settings": {
      "fd_thres": 0.2,
      "testing": false
    },
    "software": "mriqc",
    "version": "22.0.6",
    "webapi_port": null,
    "webapi_url": "https://mriqc.nimh.nih.gov/api/v1"
  },
  "size_t": 300,
  "size_x": 80,
  "size_y": 80,
  "size_z": 37,
  "snr": 5.204085334147058,
  "spacing_tr": 2.0000016689300537,
  "spacing_x": 3.0,
  "spacing_y": 3.0,
  "spacing_z": 3.3299999237060547,
  "summary_bg_k": 124.59201434175095,
  "summary_bg_mad": 210.42690405043055,
  "summary_bg_mean": 1472.96435546875,
  "summary_bg_median": 174.1331024169922,
  "summary_bg_n": 164664.0,
  "summary_bg_p05": 13.63745608329773,
  "summary_bg_p95": 6586.740185546877,
  "summary_bg_stdv": 4525.560546875,
  "summary_fg_k": 1.0543942083468112,
  "summary_fg_mad": 10840.416771158336,
  "summary_fg_mean": 63675.6484375,
  "summary_fg_median": 63431.1796875,
  "summary_fg_n": 31315.0,
  "summary_fg_p05": 44418.08046875,
  "summary_fg_p95": 84428.97734375,
  "summary_fg_stdv": 12188.533203125,
  "tsnr": 44.76150131225586
}