{
  "bids_meta": {
    "AcquisitionMatrixPE": 240,
    "AcquisitionNumber": 4,
    "AcquisitionTime": "08:57:3.140000",
    "BodyPartExamined": "BRAIN",
    "CoilString": "MULTI_COIL",
    "ConversionSoftware": "dcm2niix",
    "ConversionSoftwareVersion": "v1.0.20190410  (JP2:OpenJPEG) GCC6.3.0",
    "Dcm2bidsVersion": "2.1.4",
    "DeviceSerialNumber": "42451",
    "EchoTime": 0.0035,
    "EchoTrainLength": 240,
    "FlipAngle": 8,
    "ImageOrientationPatientDICOM": [
      4.02848e-05,
      0.999998,
      0.0021975,
      0.000535658,
      0.00219747,
      -0.999997
    ],
    "ImageType": [
      "ORIGINAL",
      "PRIMARY",
      "M",
      "FFE",
      "M",
      "FFE"
    ],
    "ImagingFrequency": 127.759,
    "InPlanePhaseEncodingDirectionDICOM": "ROW",
    "InstitutionAddress": "Calzada_Mexico_Xochimilco_No.101_Tlalpan",
    "InstitutionName": "I.N._Psiquiatria",
    "InstitutionalDepartmentName": "Imagenes_Cerebrales",
    "MRAcquisitionType": "3D",
    "MagneticFieldStrength": 3,
    "Manufacturer": "Philips",
    "ManufacturersModelName": "Ingenia",
    "Modality": "MR",
    "PatientPosition": "HFS",
    "PercentPhaseFOV": 100,
    "PhaseEncodingSteps": 240,
    "PhilipsRescaleIntercept": 0,
    "PhilipsRescaleSlope": 170.112,
    "PhilipsScaleSlope": 0.00585873,
    "PixelBandwidth": 310,
    "ProcedureStepDescription": "PROTOCOLO_EDUARDO_TMS",
    "ProtocolName": "WIP_sT1W_3D_TFE_32_channel",
    "ReconMatrixPE": 240,
    "RepetitionTime": 0.007,
    "SAR": 0.0382114,
    "ScanOptions": "OTHER",
    "ScanningSequence": "GR",
    "SequenceVariant": "MP",
    "SeriesDescription": "sT1W_3D_TFE_32_channel",
    "SeriesNumber": 401,
    "SliceThickness": 1,
    "SoftwareVersions": "5.3.1_5.3.1.0",
    "SpacingBetweenSlices": 1,
    "StationName": "PHILIPS-CTMFQSD",
    "UsePhilipsFloatNotDisplayScaling": 1,
    "dataset": "ds003037",
    "modality": "T1w",
    "session_id": "t0",
    "subject_id": "043"
  },
  "cjv": 0.38862037245647085,
  "cnr": 3.498388014730912,
  "efc": 0.7229403815653884,
  "fber": -1.0,
  "fwhm_avg": 4.371906666666667,
  "fwhm_x": 4.1568,
  "fwhm_y": 4.75646,
  "fwhm_z": 4.20246,
  "icvs_csf": 0.22881958617750078,
  "icvs_gm": 0.40340127643572304,
  "icvs_wm": 0.36777913738677614,
  "inu_med": 0.41246408224105835,
  "inu_range": 0.1402467221021652,
  "provenance": {
    "md5sum": "6ccc1dcc67466021487cf3f6bf74ace3",
    "settings": {
      "testing": false
    },
    "software": "mriqc",
    "version": "22.0.6",
    "warnings": {
      "large_rot_frame": true,
      "small_air_mask": false
    },
    "webapi_port": null,
    "webapi_url": "https://mriqc.nimh.nih.gov/api/v1"
  },
  "qi_1": 5.7622891105083574e-05,
  "qi_2": 2.8575999453402093e-05,
  "rpve_csf": 21.987307693949965,
  "rpve_gm": 12.5052495797035,
  "rpve_wm": 15.95481065601334,
  "size_x": 180,
  "size_y": 240,
  "size_z": 240,
  "snr_csf": 3.033290450481717,
  "snr_gm": 13.664344269936805,
  "snr_total": 14.926795978244352,
  "snr_wm": 28.082753214314536,
  "snrd_csf": 33.06873984197677,
  "snrd_gm": 78.48990318321694,
  "snrd_total": 71.32022870980559,
  "snrd_wm": 102.40204310422307,
  "spacing_x": 1.0,
  "spacing_y": 1.0,
  "spacing_z": 1.0,
  "summary_bg_k": 1368.716049474754,
  "summary_bg_mad": 0.0,
  "summary_bg_mean": 2.1905441018727836,
  "summary_bg_median": 0.0,
  "summary_bg_n": 418393.0,
  "summary_bg_p05": 0.0,
  "summary_bg_p95": 13.529849298298359,
  "summary_bg_stdv": 6.397837458059299,
  "summary_csf_k": 1.5646700179487603,
  "summary_csf_mad": 76.25668109255882,
  "summary_csf_mean": 323.62754348673394,
  "summary_csf_median": 322.9379751328379,
  "summary_csf_n": 48082.0,
  "summary_csf_p05": 110.51701643317938,
  "summary_csf_p95": 497.97516981773066,
  "summary_csf_stdv": 106.46346671607931,
  "summary_gm_k": 0.016340139798776132,
  "summary_gm_mad": 57.00725447552194,
  "summary_gm_mean": 765.5738633927244,
  "summary_gm_median": 766.5054829269648,
  "summary_gm_n": 32879.0,
  "summary_gm_p05": 672.3521450523288,
  "summary_gm_p95": 855.8931522343307,
  "summary_gm_stdv": 56.09444633687395,
  "summary_wm_k": 0.5714815478693693,
  "summary_wm_mad": 33.74250431169043,
  "summary_wm_mean": 1001.7216522673813,
  "summary_wm_median": 1000.0232427231967,
  "summary_wm_n": 212213.0,
  "summary_wm_p05": 946.6942490972579,
  "summary_wm_p95": 1062.8138319924474,
  "summary_wm_stdv": 35.60978793320706,
  "tpm_overlap_csf": 0.16883118229763472,
  "tpm_overlap_gm": 0.46075867753948424,
  "tpm_overlap_wm": 0.5215550184886264,
  "wm2max": 0.7788983848772362
}