{
  "bids_meta": {
    "AcquisitionMatrixPE": 240,
    "AcquisitionNumber": 4,
    "AcquisitionTime": "08:39:46.970000",
    "BodyPartExamined": "BRAIN",
    "CoilString": "MULTI_COIL",
    "ConversionSoftware": "dcm2niix",
    "ConversionSoftwareVersion": "v1.0.20190410  (JP2:OpenJPEG) GCC6.3.0",
    "Dcm2bidsVersion": "2.1.4",
    "DeviceSerialNumber": "42451",
    "EchoTime": 0.0035,
    "EchoTrainLength": 240,
    "FlipAngle": 8,
    "ImageOrientationPatientDICOM": [
      -9.01016e-05,
      0.999996,
      0.00264933,
      0.000626669,
      0.00264938,
      -0.999996
    ],
    "ImageType": [
      "ORIGINAL",
      "PRIMARY",
      "M",
      "FFE",
      "M",
      "FFE"
    ],
    "ImagingFrequency": 127.759,
    "InPlanePhaseEncodingDirectionDICOM": "ROW",
    "InstitutionAddress": "Calzada_Mexico_Xochimilco_No.101_Tlalpan",
    "InstitutionName": "I.N._Psiquiatria",
    "InstitutionalDepartmentName": "Imagenes_Cerebrales",
    "MRAcquisitionType": "3D",
    "MagneticFieldStrength": 3,
    "Manufacturer": "Philips",
    "ManufacturersModelName": "Ingenia",
    "Modality": "MR",
    "PatientPosition": "HFS",
    "PercentPhaseFOV": 100,
    "PhaseEncodingSteps": 240,
    "PhilipsRescaleIntercept": 0,
    "PhilipsRescaleSlope": 17.0327,
    "PhilipsScaleSlope": 0.00604645,
    "PixelBandwidth": 310,
    "ProcedureStepDescription": "EDUARDO_TMS",
    "ProtocolName": "WIP_sT1W_3D_TFE_32_channel",
    "ReconMatrixPE": 240,
    "RepetitionTime": 0.007,
    "SAR": 0.0382114,
    "ScanOptions": "OTHER",
    "ScanningSequence": "GR",
    "SequenceVariant": "MP",
    "SeriesDescription": "sT1W_3D_TFE_32_channel",
    "SeriesNumber": 401,
    "SliceThickness": 1,
    "SoftwareVersions": "5.3.1_5.3.1.0",
    "SpacingBetweenSlices": 1,
    "StationName": "PHILIPS-CTMFQSD",
    "UsePhilipsFloatNotDisplayScaling": 1,
    "dataset": "ds003037",
    "modality": "T1w",
    "session_id": "t3",
    "subject_id": "022"
  },
  "cjv": 0.35250532689811304,
  "cnr": 3.865443029375053,
  "efc": 0.7547701806839425,
  "fber": -1.0,
  "fwhm_avg": 4.384316666666667,
  "fwhm_x": 4.24669,
  "fwhm_y": 4.75373,
  "fwhm_z": 4.15253,
  "icvs_csf": 0.21930592292894216,
  "icvs_gm": 0.4165264790551474,
  "icvs_wm": 0.3641675980159105,
  "inu_med": 0.38917918503284454,
  "inu_range": 0.1464175924658775,
  "provenance": {
    "md5sum": "108be671ea1e25de4344e3ddac22a2d1",
    "settings": {
      "testing": false
    },
    "software": "mriqc",
    "version": "22.0.6",
    "warnings": {
      "large_rot_frame": true,
      "small_air_mask": true
    },
    "webapi_port": null,
    "webapi_url": "https://mriqc.nimh.nih.gov/api/v1"
  },
  "qi_1": 0.043359796584294424,
  "qi_2": 6.605339814902693e-05,
  "rpve_csf": 20.154419716323172,
  "rpve_gm": 10.808405959781009,
  "rpve_wm": 14.326026492925518,
  "size_x": 180,
  "size_y": 240,
  "size_z": 240,
  "snr_csf": 3.9631344635030348,
  "snr_gm": 14.510708141770179,
  "snr_total": 15.997641747442403,
  "snr_wm": 29.519082637053998,
  "snrd_csf": 64.83237983760768,
  "snrd_gm": 144.67315513039765,
  "snrd_total": 133.389057031163,
  "snrd_wm": 190.66163612548362,
  "spacing_x": 1.0,
  "spacing_y": 1.0,
  "spacing_z": 1.0,
  "summary_bg_k": 56.16676440681219,
  "summary_bg_mad": 0.0,
  "summary_bg_mean": 0.771798203241231,
  "summary_bg_median": 0.0,
  "summary_bg_n": 166439.0,
  "summary_bg_p05": 0.0,
  "summary_bg_p95": 5.052494991570711,
  "summary_bg_stdv": 3.4362003880154752,
  "summary_csf_k": 2.6943536391765317,
  "summary_csf_mad": 63.87831232573441,
  "summary_csf_mean": 349.8025953450897,
  "summary_csf_median": 340.04681888222694,
  "summary_csf_n": 58579.0,
  "summary_csf_p05": 234.8483107779175,
  "summary_csf_p95": 511.0227858653292,
  "summary_csf_stdv": 85.80176109032949,
  "summary_gm_k": 0.11992567317959368,
  "summary_gm_mad": 52.24689289471714,
  "summary_gm_mean": 759.561883599343,
  "summary_gm_median": 758.8129003280774,
  "summary_gm_n": 33722.0,
  "summary_gm_p05": 675.2277142622509,
  "summary_gm_p95": 846.3160876706243,
  "summary_gm_stdv": 52.2925305797883,
  "summary_wm_k": 0.4586915812561312,
  "summary_wm_mad": 32.78101665344305,
  "summary_wm_mean": 1000.6863988237837,
  "summary_wm_median": 1000.0231830105186,
  "summary_wm_n": 228055.0,
  "summary_wm_p05": 946.5316305309534,
  "summary_wm_p95": 1056.9216931220144,
  "summary_wm_stdv": 33.877102577992396,
  "tpm_overlap_csf": 0.16625044007328582,
  "tpm_overlap_gm": 0.4571032480832176,
  "tpm_overlap_wm": 0.5145628475874352,
  "wm2max": 0.8734412867060419
}