{
  "bids_meta": {
    "AcquisitionMatrixPE": 240,
    "AcquisitionNumber": 4,
    "AcquisitionTime": "09:48:11.920000",
    "CoilString": "MULTI_COIL",
    "ConversionSoftware": "dcm2niix",
    "ConversionSoftwareVersion": "v1.0.20190410  (JP2:OpenJPEG) GCC6.3.0",
    "Dcm2bidsVersion": "2.1.4",
    "DeviceSerialNumber": "42451",
    "EchoTime": 0.003501,
    "EchoTrainLength": 240,
    "FlipAngle": 8,
    "ImageOrientationPatientDICOM": [
      -0.0042116,
      0.999989,
      -0.00208416,
      -0.00362181,
      -0.00209941,
      -0.999991
    ],
    "ImageType": [
      "ORIGINAL",
      "PRIMARY",
      "M",
      "FFE",
      "M",
      "FFE"
    ],
    "ImagingFrequency": 127.766,
    "InPlanePhaseEncodingDirectionDICOM": "ROW",
    "InstitutionAddress": "Calzada_Mexico_Xochimilco_No.101_Tlalpan",
    "InstitutionName": "I.N._Psiquiatria",
    "InstitutionalDepartmentName": "Imagenes_Cerebrales",
    "MRAcquisitionType": "3D",
    "MagneticFieldStrength": 3,
    "Manufacturer": "Philips",
    "ManufacturersModelName": "Ingenia",
    "Modality": "MR",
    "PatientPosition": "HFS",
    "PercentPhaseFOV": 100,
    "PhaseEncodingSteps": 240,
    "PhilipsRescaleIntercept": 0,
    "PhilipsRescaleSlope": 10.841,
    "PhilipsScaleSlope": 0.00522839,
    "PixelBandwidth": 310,
    "ProcedureStepDescription": "EDUARDOTMS",
    "ProtocolName": "WIP_sT1W_3D_TFE_32_channel_SENSE",
    "ReconMatrixPE": 240,
    "RepetitionTime": 0.007,
    "SAR": 0.0382114,
    "ScanOptions": "OTHER",
    "ScanningSequence": "GR",
    "SequenceVariant": "MP",
    "SeriesDescription": "sT1W_3D_TFE_32_channel",
    "SeriesNumber": 401,
    "SliceThickness": 1,
    "SoftwareVersions": "5.1.7_5.1.7.2",
    "SpacingBetweenSlices": 1,
    "StationName": "INGENIA",
    "UsePhilipsFloatNotDisplayScaling": 1,
    "dataset": "ds003037",
    "modality": "T1w",
    "session_id": "t0",
    "subject_id": "007"
  },
  "cjv": 0.3536531182614996,
  "cnr": 3.8797230030897745,
  "efc": 0.786952647228612,
  "fber": -1.0,
  "fwhm_avg": 4.372973333333333,
  "fwhm_x": 4.10795,
  "fwhm_y": 4.82869,
  "fwhm_z": 4.18228,
  "icvs_csf": 0.21155998117934074,
  "icvs_gm": 0.41960179626920824,
  "icvs_wm": 0.368838222551451,
  "inu_med": 0.4338527321815491,
  "inu_range": 0.15891333222389215,
  "provenance": {
    "md5sum": "d5d6999d142771c3cc64fe5af1a528ac",
    "settings": {
      "testing": false
    },
    "software": "mriqc",
    "version": "22.0.6",
    "warnings": {
      "large_rot_frame": true,
      "small_air_mask": true
    },
    "webapi_port": null,
    "webapi_url": "https://mriqc.nimh.nih.gov/api/v1"
  },
  "qi_1": 0.0,
  "qi_2": 0.00014738169880838245,
  "rpve_csf": 24.735362002089513,
  "rpve_gm": 12.977452877808243,
  "rpve_wm": 17.209445471997913,
  "size_x": 180,
  "size_y": 240,
  "size_z": 240,
  "snr_csf": 2.8197995542380228,
  "snr_gm": 12.897191127580918,
  "snr_total": 14.688822830239536,
  "snr_wm": 28.34947780889966,
  "snrd_csf": 64.39889447126652,
  "snrd_gm": 171.43662446084585,
  "snrd_total": 155.96340920704966,
  "snrd_wm": 232.05470868903666,
  "spacing_x": 1.0,
  "spacing_y": 1.0,
  "spacing_z": 1.0,
  "summary_bg_k": 64.32442284389752,
  "summary_bg_mad": 0.0,
  "summary_bg_mean": 0.5114723988048765,
  "summary_bg_median": 0.0,
  "summary_bg_n": 56424.0,
  "summary_bg_p05": 0.0,
  "summary_bg_p95": 0.0,
  "summary_bg_stdv": 2.8231979417719195,
  "summary_csf_k": 1.2448162629566335,
  "summary_csf_mad": 82.16404144408524,
  "summary_csf_mean": 285.72324905089744,
  "summary_csf_median": 277.5159895308316,
  "summary_csf_n": 37494.0,
  "summary_csf_p05": 133.85024240789934,
  "summary_csf_p95": 464.0516040346584,
  "summary_csf_stdv": 98.41560840157773,
  "summary_gm_k": 0.017809358433309885,
  "summary_gm_mad": 58.286420262999556,
  "summary_gm_mean": 738.6945020285693,
  "summary_gm_median": 738.7767269872129,
  "summary_gm_n": 49731.0,
  "summary_gm_p05": 644.9585997611284,
  "summary_gm_p95": 831.5750919608399,
  "summary_gm_stdv": 57.28141049577455,
  "summary_wm_k": 0.3590080337475854,
  "summary_wm_mad": 34.095991817532834,
  "summary_wm_mean": 1000.7253838480118,
  "summary_wm_median": 999.9999632891268,
  "summary_wm_n": 200093.0,
  "summary_wm_p05": 944.2060745339841,
  "summary_wm_p95": 1060.3417572621256,
  "summary_wm_stdv": 35.273928895231016,
  "tpm_overlap_csf": 0.16103116580665555,
  "tpm_overlap_gm": 0.4650087526212468,
  "tpm_overlap_wm": 0.5087714132262291,
  "wm2max": 0.8020946861523042
}