{
  "aor": 0.009876566666666664,
  "aqi": 0.02375506793333333,
  "bids_meta": {
    "AcquisitionMatrixPE": 70,
    "AcquisitionNumber": 3,
    "AcquisitionTime": "11:23:25.510000",
    "BodyPartExamined": "BRAIN",
    "CoilString": "MULTI_COIL",
    "ConversionSoftware": "dcm2niix",
    "ConversionSoftwareVersion": "v1.0.20190410  (JP2:OpenJPEG) GCC6.3.0",
    "Dcm2bidsVersion": "2.1.4",
    "DeviceSerialNumber": "42451",
    "EchoTime": 0.03,
    "EchoTrainLength": 35,
    "EffectiveEchoSpacing": 0.000698,
    "FlipAngle": 75,
    "ImageOrientationPatientDICOM": [
      0.999998,
      -0.00199333,
      0.000605024,
      0.00199471,
      0.999995,
      -0.00228106
    ],
    "ImageType": [
      "ORIGINAL",
      "PRIMARY",
      "M",
      "FFE",
      "M",
      "FFE"
    ],
    "ImagingFrequency": 127.759,
    "InPlanePhaseEncodingDirectionDICOM": "COL",
    "InstitutionAddress": "Calzada_Mexico_Xochimilco_No.101_Tlalpan",
    "InstitutionName": "I.N._Psiquiatria",
    "InstitutionalDepartmentName": "Imagenes_Cerebrales",
    "MRAcquisitionType": "2D",
    "MagneticFieldStrength": 3,
    "Manufacturer": "Philips",
    "ManufacturersModelName": "Ingenia",
    "Modality": "MR",
    "PartialFourier": 0.5,
    "PatientPosition": "HFS",
    "PercentPhaseFOV": 100,
    "PhaseEncodingAxis": "j",
    "PhaseEncodingDirection": "j-",
    "PhaseEncodingSteps": 70,
    "PhilipsRescaleIntercept": 0,
    "PhilipsRescaleSlope": 0.759219,
    "PhilipsScaleSlope": 0.0255354,
    "PixelBandwidth": 1819,
    "ProcedureStepDescription": "PROTOCOLO_EDUARDO_TMS",
    "ProtocolName": "WIP_FE_EPI_32chSHC_AP",
    "ReconMatrixPE": 80,
    "RepetitionTime": 2,
    "SAR": 0.119138,
    "ScanOptions": "FS",
    "ScanningSequence": "GR",
    "SequenceVariant": "SK",
    "SeriesDescription": "FE_EPI_32chSHC_AP",
    "SeriesNumber": 301,
    "SliceThickness": 3.33,
    "SliceTiming": [
      0.0,
      1.027027,
      0.054054,
      1.081081,
      0.108108,
      1.135135,
      0.162162,
      1.189189,
      0.216216,
      1.243244,
      0.27027,
      1.297298,
      0.324324,
      1.351352,
      0.378378,
      1.405406,
      0.432432,
      1.45946,
      0.486486,
      1.513514,
      0.540541,
      1.567568,
      0.594595,
      1.621622,
      0.648649,
      1.675676,
      0.702703,
      1.72973,
      0.756757,
      1.783784,
      0.810811,
      1.837838,
      0.864865,
      1.891892,
      0.918919,
      1.945947,
      0.972973
    ],
    "SoftwareVersions": "5.3.1_5.3.1.0",
    "SpacingBetweenSlices": 3.33,
    "StationName": "PHILIPS-CTMFQSD",
    "TaskName": "rest",
    "TotalReadoutTime": 0.04884,
    "UsePhilipsFloatNotDisplayScaling": 1,
    "dataset": "ds003037",
    "modality": "bold",
    "session_id": "t0",
    "subject_id": "048",
    "task_id": "rest"
  },
  "dummy_trs": 0,
  "dvars_nstd": 35.04512200003347,
  "dvars_std": 1.397496132809365,
  "dvars_vstd": 0.971014753311037,
  "efc": 0.4306177864575471,
  "fber": 88735.5859375,
  "fd_mean": 0.11693687959206596,
  "fd_num": 38,
  "fd_perc": 12.666666666666666,
  "fwhm_avg": 1.8914617751949336,
  "fwhm_x": 1.8753166666666665,
  "fwhm_y": 2.0401166666666666,
  "fwhm_z": 1.7589519922514676,
  "gcor": 0.0106145,
  "gsr_x": 0.0012403775472193956,
  "gsr_y": 0.007463633082807064,
  "provenance": {
    "md5sum": "ac7ea83801e810f9fda8b067f57df944",
    "settings": {
      "fd_thres": 0.2,
      "testing": false
    },
    "software": "mriqc",
    "version": "22.0.6",
    "webapi_port": null,
    "webapi_url": "https://mriqc.nimh.nih.gov/api/v1"
  },
  "size_t": 300,
  "size_x": 80,
  "size_y": 80,
  "size_z": 37,
  "snr": 5.0002396933228885,
  "spacing_tr": 2.0000016689300537,
  "spacing_x": 3.0,
  "spacing_y": 3.0,
  "spacing_z": 3.3299999237060547,
  "summary_bg_k": 96.43245366584782,
  "summary_bg_mad": 213.48906378617772,
  "summary_bg_mean": 1377.3756103515625,
  "summary_bg_median": 187.01910400390625,
  "summary_bg_n": 159523.0,
  "summary_bg_p05": 20.165716361999515,
  "summary_bg_p95": 5933.691406249998,
  "summary_bg_stdv": 3964.0732421875,
  "summary_fg_k": 2.441461010465834,
  "summary_fg_mad": 8814.770950220643,
  "summary_fg_mean": 57787.87109375,
  "summary_fg_median": 56419.43359375,
  "summary_fg_n": 36309.0,
  "summary_fg_p05": 41698.40703125,
  "summary_fg_p95": 78535.64687499999,
  "summary_fg_stdv": 11283.1904296875,
  "tsnr": 40.378231048583984
}