{
  "bids_meta": {
    "AcquisitionMatrixPE": 240,
    "AcquisitionNumber": 4,
    "AcquisitionTime": "13:58:52.670000",
    "BodyPartExamined": "BRAIN",
    "CoilString": "MULTI_COIL",
    "ConversionSoftware": "dcm2niix",
    "ConversionSoftwareVersion": "v1.0.20190410  (JP2:OpenJPEG) GCC6.3.0",
    "Dcm2bidsVersion": "2.1.4",
    "DeviceSerialNumber": "42451",
    "EchoTime": 0.0035,
    "EchoTrainLength": 240,
    "FlipAngle": 8,
    "ImageOrientationPatientDICOM": [
      -0.0042116,
      0.999989,
      -0.00205474,
      -0.00362181,
      -0.00207,
      -0.999991
    ],
    "ImageType": [
      "ORIGINAL",
      "PRIMARY",
      "M",
      "FFE",
      "M",
      "FFE"
    ],
    "ImagingFrequency": 127.759,
    "InPlanePhaseEncodingDirectionDICOM": "ROW",
    "InstitutionAddress": "Calzada_Mexico_Xochimilco_No.101_Tlalpan",
    "InstitutionName": "I.N._Psiquiatria",
    "InstitutionalDepartmentName": "Imagenes_Cerebrales",
    "MRAcquisitionType": "3D",
    "MagneticFieldStrength": 3,
    "Manufacturer": "Philips",
    "ManufacturersModelName": "Ingenia",
    "Modality": "MR",
    "PatientPosition": "HFS",
    "PercentPhaseFOV": 100,
    "PhaseEncodingSteps": 240,
    "PhilipsRescaleIntercept": 0,
    "PhilipsRescaleSlope": 13.9883,
    "PhilipsScaleSlope": 0.00598438,
    "PixelBandwidth": 310,
    "ProcedureStepDescription": "EDUARDO_TMS",
    "ProtocolName": "WIP_sT1W_3D_TFE_32_channel",
    "ReconMatrixPE": 240,
    "RepetitionTime": 0.007,
    "SAR": 0.0382114,
    "ScanOptions": "OTHER",
    "ScanningSequence": "GR",
    "SequenceVariant": "MP",
    "SeriesDescription": "sT1W_3D_TFE_32_channel",
    "SeriesNumber": 401,
    "SliceThickness": 1,
    "SoftwareVersions": "5.3.1_5.3.1.0",
    "SpacingBetweenSlices": 1,
    "StationName": "PHILIPS-CTMFQSD",
    "UsePhilipsFloatNotDisplayScaling": 1,
    "dataset": "ds003037",
    "modality": "T1w",
    "session_id": "t1",
    "subject_id": "031"
  },
  "cjv": 0.34141811465775235,
  "cnr": 3.934254812849555,
  "efc": 0.728540050369869,
  "fber": -1.0,
  "fwhm_avg": 4.30036,
  "fwhm_x": 4.20203,
  "fwhm_y": 4.69387,
  "fwhm_z": 4.00518,
  "icvs_csf": 0.2145490976543747,
  "icvs_gm": 0.42699051420373463,
  "icvs_wm": 0.3584603881418907,
  "inu_med": 0.4046580642461777,
  "inu_range": 0.15154502093791966,
  "provenance": {
    "md5sum": "5bfee67a24c7aa1158c7a0bd471b6d33",
    "settings": {
      "testing": false
    },
    "software": "mriqc",
    "version": "22.0.6",
    "warnings": {
      "large_rot_frame": true,
      "small_air_mask": false
    },
    "webapi_port": null,
    "webapi_url": "https://mriqc.nimh.nih.gov/api/v1"
  },
  "qi_1": 0.0,
  "qi_2": 1.972345414933201e-05,
  "rpve_csf": 22.695899910287807,
  "rpve_gm": 11.8165337494221,
  "rpve_wm": 16.104589059097393,
  "size_x": 180,
  "size_y": 240,
  "size_z": 240,
  "snr_csf": 3.2409174202401965,
  "snr_gm": 14.368419452511153,
  "snr_total": 15.666746968039476,
  "snr_wm": 29.390904031367075,
  "snrd_csf": 49.994282345601675,
  "snrd_gm": 115.01915415731692,
  "snrd_total": 105.8874379779752,
  "snrd_wm": 152.648877431007,
  "spacing_x": 1.0,
  "spacing_y": 1.0,
  "spacing_z": 1.0,
  "summary_bg_k": 24.530535292505178,
  "summary_bg_mad": 0.0,
  "summary_bg_mean": 1.4977177397379904,
  "summary_bg_median": 0.0,
  "summary_bg_n": 376265.0,
  "summary_bg_p05": 0.0,
  "summary_bg_p95": 9.906976707279682,
  "summary_bg_stdv": 4.291786540359786,
  "summary_csf_k": 1.7895685347382084,
  "summary_csf_mad": 84.68072174616202,
  "summary_csf_mean": 335.7850051141098,
  "summary_csf_median": 327.51162668690085,
  "summary_csf_n": 44703.0,
  "summary_csf_p05": 190.0720923151821,
  "summary_csf_p95": 514.4162771534175,
  "summary_csf_stdv": 101.05409086510421,
  "summary_gm_k": 0.13297410213962335,
  "summary_gm_mad": 51.753160969458136,
  "summary_gm_mean": 753.9710137704226,
  "summary_gm_median": 753.4883692860603,
  "summary_gm_n": 36831.0,
  "summary_gm_p05": 669.0232533216476,
  "summary_gm_p95": 841.1860433779657,
  "summary_gm_stdv": 52.43987640464155,
  "summary_wm_k": 0.4724217075595769,
  "summary_wm_mad": 32.41037395822162,
  "summary_wm_mean": 1000.8342222516484,
  "summary_wm_median": 999.9999962747097,
  "summary_wm_n": 203862.0,
  "summary_wm_p05": 946.7209267057478,
  "summary_wm_p95": 1058.2558100111783,
  "summary_wm_stdv": 34.02404847992922,
  "tpm_overlap_csf": 0.13772954863225792,
  "tpm_overlap_gm": 0.434343866427625,
  "tpm_overlap_wm": 0.48443328575846406,
  "wm2max": 0.8686166686669923
}