{
  "bids_meta": {
    "AcquisitionMatrixPE": 240,
    "AcquisitionNumber": 4,
    "AcquisitionTime": "09:55:36.420000",
    "BodyPartExamined": "BRAIN",
    "CoilString": "MULTI_COIL",
    "ConversionSoftware": "dcm2niix",
    "ConversionSoftwareVersion": "v1.0.20190410  (JP2:OpenJPEG) GCC6.3.0",
    "Dcm2bidsVersion": "2.1.4",
    "DeviceSerialNumber": "42451",
    "EchoTime": 0.0035,
    "EchoTrainLength": 240,
    "FlipAngle": 8,
    "ImageOrientationPatientDICOM": [
      -0.00421165,
      0.999989,
      -0.00204888,
      -0.00364501,
      -0.00206424,
      -0.999991
    ],
    "ImageType": [
      "ORIGINAL",
      "PRIMARY",
      "M",
      "FFE",
      "M",
      "FFE"
    ],
    "ImagingFrequency": 127.759,
    "InPlanePhaseEncodingDirectionDICOM": "ROW",
    "InstitutionAddress": "Calzada_Mexico_Xochimilco_No.101_Tlalpan",
    "InstitutionName": "I.N._Psiquiatria",
    "InstitutionalDepartmentName": "Imagenes_Cerebrales",
    "MRAcquisitionType": "3D",
    "MagneticFieldStrength": 3,
    "Manufacturer": "Philips",
    "ManufacturersModelName": "Ingenia",
    "Modality": "MR",
    "PatientPosition": "HFS",
    "PercentPhaseFOV": 100,
    "PhaseEncodingSteps": 240,
    "PhilipsRescaleIntercept": 0,
    "PhilipsRescaleSlope": 161.778,
    "PhilipsScaleSlope": 0.00599758,
    "PixelBandwidth": 310,
    "ProcedureStepDescription": "EDUARDO_TMS",
    "ProtocolName": "WIP_sT1W_3D_TFE_32_channel",
    "ReconMatrixPE": 240,
    "RepetitionTime": 0.007,
    "SAR": 0.0382114,
    "ScanOptions": "OTHER",
    "ScanningSequence": "GR",
    "SequenceVariant": "MP",
    "SeriesDescription": "sT1W_3D_TFE_32_channel",
    "SeriesNumber": 401,
    "SliceThickness": 1,
    "SoftwareVersions": "5.3.1_5.3.1.0",
    "SpacingBetweenSlices": 1,
    "StationName": "PHILIPS-CTMFQSD",
    "UsePhilipsFloatNotDisplayScaling": 1,
    "dataset": "ds003037",
    "modality": "T1w",
    "session_id": "t3",
    "subject_id": "023"
  },
  "cjv": 0.3807421017989698,
  "cnr": 3.5440442346722425,
  "efc": 0.7230307045597604,
  "fber": -1.0,
  "fwhm_avg": 4.206216666666666,
  "fwhm_x": 3.94347,
  "fwhm_y": 4.65104,
  "fwhm_z": 4.02414,
  "icvs_csf": 0.25420374223616055,
  "icvs_gm": 0.3923719107045471,
  "icvs_wm": 0.3534243470592924,
  "inu_med": 0.4364076852798462,
  "inu_range": 0.16584936976432796,
  "provenance": {
    "md5sum": "74e67f76ce5ab9403da42a54e6fa64e8",
    "settings": {
      "testing": false
    },
    "software": "mriqc",
    "version": "22.0.6",
    "warnings": {
      "large_rot_frame": true,
      "small_air_mask": false
    },
    "webapi_port": null,
    "webapi_url": "https://mriqc.nimh.nih.gov/api/v1"
  },
  "qi_1": 6.793487491151482e-05,
  "qi_2": 2.6109847651565967e-05,
  "rpve_csf": 20.15283812028839,
  "rpve_gm": 12.576390093618237,
  "rpve_wm": 16.20058345022804,
  "size_x": 180,
  "size_y": 240,
  "size_z": 240,
  "snr_csf": 3.1159078934713134,
  "snr_gm": 16.226825146585735,
  "snr_total": 15.048859227646986,
  "snr_wm": 25.803844642883906,
  "snrd_csf": 40.363012045040236,
  "snrd_gm": 94.56126048664524,
  "snrd_total": 85.3705350651262,
  "snrd_wm": 121.1873326636931,
  "spacing_x": 1.0,
  "spacing_y": 1.0,
  "spacing_z": 1.0,
  "summary_bg_k": 14.275006001168002,
  "summary_bg_mad": 0.0,
  "summary_bg_mean": 2.3468443945717192,
  "summary_bg_median": 0.0,
  "summary_bg_n": 421953.0,
  "summary_bg_p05": 0.0,
  "summary_bg_p95": 14.650343134999275,
  "summary_bg_stdv": 5.405843714644876,
  "summary_csf_k": 1.6759751785046397,
  "summary_csf_mad": 79.55463031486715,
  "summary_csf_mean": 343.4243874916744,
  "summary_csf_median": 333.0545134842396,
  "summary_csf_n": 58884.0,
  "summary_csf_p05": 160.92945694737136,
  "summary_csf_p95": 533.6222733929753,
  "summary_csf_stdv": 106.88752581998489,
  "summary_gm_k": 0.3335513366293674,
  "summary_gm_mad": 46.973683464139796,
  "summary_gm_mean": 779.718766391809,
  "summary_gm_median": 780.2701783180237,
  "summary_gm_n": 20751.0,
  "summary_gm_p05": 699.6172512322664,
  "summary_gm_p95": 855.5622964538634,
  "summary_gm_stdv": 48.08404418351075,
  "summary_wm_k": 0.5667084962036233,
  "summary_wm_mad": 36.67705204880035,
  "summary_wm_mean": 1001.192468485991,
  "summary_wm_median": 999.974632114172,
  "summary_wm_n": 189643.0,
  "summary_wm_p05": 940.0045423954725,
  "summary_wm_p95": 1066.9910806417465,
  "summary_wm_stdv": 38.7528296455038,
  "tpm_overlap_csf": 0.17021058508649795,
  "tpm_overlap_gm": 0.4600534481066461,
  "tpm_overlap_wm": 0.5238040528643847,
  "wm2max": 0.7947782993210983
}