{
  "bids_meta": {
    "AcquisitionMatrixPE": 240,
    "AcquisitionNumber": 4,
    "AcquisitionTime": "10:13:2.530000",
    "BodyPartExamined": "BRAIN",
    "CoilString": "MULTI_COIL",
    "ConversionSoftware": "dcm2niix",
    "ConversionSoftwareVersion": "v1.0.20190410  (JP2:OpenJPEG) GCC6.3.0",
    "Dcm2bidsVersion": "2.1.4",
    "DeviceSerialNumber": "42451",
    "EchoTime": 0.0035,
    "EchoTrainLength": 240,
    "FlipAngle": 8,
    "ImageOrientationPatientDICOM": [
      -0.000110909,
      0.999999,
      0.00168844,
      0.000603906,
      0.00168851,
      -0.999998
    ],
    "ImageType": [
      "ORIGINAL",
      "PRIMARY",
      "M",
      "FFE",
      "M",
      "FFE"
    ],
    "ImagingFrequency": 127.759,
    "InPlanePhaseEncodingDirectionDICOM": "ROW",
    "InstitutionAddress": "Calzada_Mexico_Xochimilco_No.101_Tlalpan",
    "InstitutionName": "I.N._Psiquiatria",
    "InstitutionalDepartmentName": "Imagenes_Cerebrales",
    "MRAcquisitionType": "3D",
    "MagneticFieldStrength": 3,
    "Manufacturer": "Philips",
    "ManufacturersModelName": "Ingenia",
    "Modality": "MR",
    "PatientPosition": "HFS",
    "PercentPhaseFOV": 100,
    "PhaseEncodingSteps": 240,
    "PhilipsRescaleIntercept": 0,
    "PhilipsRescaleSlope": 146.432,
    "PhilipsScaleSlope": 0.0057568,
    "PixelBandwidth": 310,
    "ProcedureStepDescription": "PROTOCOLO_EDUARDO_TMS",
    "ProtocolName": "WIP_sT1W_3D_TFE_32_channel",
    "ReconMatrixPE": 240,
    "RepetitionTime": 0.007,
    "SAR": 0.0382114,
    "ScanOptions": "OTHER",
    "ScanningSequence": "GR",
    "SequenceVariant": "MP",
    "SeriesDescription": "sT1W_3D_TFE_32_channel",
    "SeriesNumber": 401,
    "SliceThickness": 1,
    "SoftwareVersions": "5.3.1_5.3.1.0",
    "SpacingBetweenSlices": 1,
    "StationName": "PHILIPS-CTMFQSD",
    "UsePhilipsFloatNotDisplayScaling": 1,
    "dataset": "ds003037",
    "modality": "T1w",
    "session_id": "t1",
    "subject_id": "052"
  },
  "cjv": 0.36988171508257806,
  "cnr": 3.6770807921963886,
  "efc": 0.7098047838534984,
  "fber": -1.0,
  "fwhm_avg": 4.682946666666667,
  "fwhm_x": 4.5163,
  "fwhm_y": 5.05956,
  "fwhm_z": 4.47298,
  "icvs_csf": 0.21374230827400872,
  "icvs_gm": 0.4074903448213613,
  "icvs_wm": 0.37876734690463,
  "inu_med": 0.4016513377428055,
  "inu_range": 0.1608157470822334,
  "provenance": {
    "md5sum": "d1788076668613ade2e420ef4c36e81d",
    "settings": {
      "testing": false
    },
    "software": "mriqc",
    "version": "22.0.6",
    "warnings": {
      "large_rot_frame": true,
      "small_air_mask": false
    },
    "webapi_port": null,
    "webapi_url": "https://mriqc.nimh.nih.gov/api/v1"
  },
  "qi_1": 0.010255642033825271,
  "qi_2": 6.318989802824708e-05,
  "rpve_csf": 24.304619935739865,
  "rpve_gm": 12.913414614139125,
  "rpve_wm": 16.257928689161282,
  "size_x": 180,
  "size_y": 240,
  "size_z": 240,
  "snr_csf": 2.6842570412045914,
  "snr_gm": 12.900254599183818,
  "snr_total": 14.969613519356813,
  "snr_wm": 29.32432891768203,
  "snrd_csf": 42.86066091696187,
  "snrd_gm": 112.04546765940215,
  "snrd_total": 101.3463295734977,
  "snrd_wm": 149.13286014412904,
  "spacing_x": 1.0,
  "spacing_y": 1.0,
  "spacing_z": 1.0,
  "summary_bg_k": 33.32954268298189,
  "summary_bg_mad": 0.0,
  "summary_bg_mean": 1.3025565431884278,
  "summary_bg_median": 0.0,
  "summary_bg_n": 297900.0,
  "summary_bg_p05": 0.0,
  "summary_bg_p95": 9.801162671297789,
  "summary_bg_stdv": 4.392971319709056,
  "summary_csf_k": 0.9994500282399374,
  "summary_csf_mad": 91.91521597114507,
  "summary_csf_mean": 298.79680933135273,
  "summary_csf_median": 287.39916474185884,
  "summary_csf_n": 45653.0,
  "summary_csf_p05": 132.32976471707224,
  "summary_csf_p95": 492.22470636591316,
  "summary_csf_stdv": 107.06724902450823,
  "summary_gm_k": -0.06635579164981742,
  "summary_gm_mad": 59.96737804471454,
  "summary_gm_mean": 751.9756239456451,
  "summary_gm_median": 751.3130485974252,
  "summary_gm_n": 42984.0,
  "summary_gm_p05": 657.5454660076648,
  "summary_gm_p95": 848.0116008855402,
  "summary_gm_stdv": 58.23949467974075,
  "summary_wm_k": 0.5106726008489755,
  "summary_wm_mad": 32.01736532126498,
  "summary_wm_mean": 1000.6412040502715,
  "summary_wm_median": 999.9999655634165,
  "summary_wm_n": 220766.0,
  "summary_wm_p05": 945.6949589923024,
  "summary_wm_p95": 1058.0097178332508,
  "summary_wm_stdv": 34.101298738210616,
  "tpm_overlap_csf": 0.1437068824664808,
  "tpm_overlap_gm": 0.4535018264181673,
  "tpm_overlap_wm": 0.5111827306506082,
  "wm2max": 0.9113599355568661
}