{
  "bids_meta": {
    "AcquisitionMatrixPE": 240,
    "AcquisitionNumber": 11,
    "AcquisitionTime": "08:57:14.430000",
    "CoilString": "MULTI_COIL",
    "ConversionSoftware": "dcm2niix",
    "ConversionSoftwareVersion": "v1.0.20190410  (JP2:OpenJPEG) GCC6.3.0",
    "Dcm2bidsVersion": "2.1.4",
    "DeviceSerialNumber": "42451",
    "EchoTime": 0.003501,
    "EchoTrainLength": 240,
    "FlipAngle": 8,
    "ImageOrientationPatientDICOM": [
      5.96717e-05,
      0.999997,
      -0.00258798,
      0.000517665,
      -0.00258801,
      -0.999997
    ],
    "ImageType": [
      "ORIGINAL",
      "PRIMARY",
      "M",
      "FFE",
      "M",
      "FFE"
    ],
    "ImagingFrequency": 127.766,
    "InPlanePhaseEncodingDirectionDICOM": "ROW",
    "InstitutionAddress": "Calzada_Mexico_Xochimilco_No.101_Tlalpan",
    "InstitutionName": "I.N._Psiquiatria",
    "InstitutionalDepartmentName": "Imagenes_Cerebrales",
    "MRAcquisitionType": "3D",
    "MagneticFieldStrength": 3,
    "Manufacturer": "Philips",
    "ManufacturersModelName": "Ingenia",
    "Modality": "MR",
    "PatientPosition": "HFS",
    "PercentPhaseFOV": 100,
    "PhaseEncodingSteps": 240,
    "PhilipsRescaleIntercept": 0,
    "PhilipsRescaleSlope": 11.7668,
    "PhilipsScaleSlope": 0.00560938,
    "PixelBandwidth": 310,
    "ProcedureStepDescription": "EDUARDO_TMS",
    "ProtocolName": "WIP_sT1W_3D_TFE_32_channel_SENSE",
    "ReconMatrixPE": 240,
    "RepetitionTime": 0.007,
    "SAR": 0.0382114,
    "ScanOptions": "OTHER",
    "ScanningSequence": "GR",
    "SequenceVariant": "MP",
    "SeriesDescription": "sT1W_3D_TFE_32_channel",
    "SeriesNumber": 1101,
    "SliceThickness": 1,
    "SoftwareVersions": "5.1.7_5.1.7.2",
    "SpacingBetweenSlices": 1,
    "StationName": "INGENIA",
    "UsePhilipsFloatNotDisplayScaling": 1,
    "dataset": "ds003037",
    "modality": "T1w",
    "session_id": "t1",
    "subject_id": "014"
  },
  "cjv": 0.3707769702316619,
  "cnr": 3.676959878753568,
  "efc": 0.772328589840489,
  "fber": 1459.191645970197,
  "fwhm_avg": 4.358483333333333,
  "fwhm_x": 4.1934,
  "fwhm_y": 4.73622,
  "fwhm_z": 4.14583,
  "icvs_csf": 0.19352425348027485,
  "icvs_gm": 0.4150281930897044,
  "icvs_wm": 0.39144755343002074,
  "inu_med": 0.3825550824403763,
  "inu_range": 0.11220369040966038,
  "provenance": {
    "md5sum": "5b166136f42f40ba4ba781190704b353",
    "settings": {
      "testing": false
    },
    "software": "mriqc",
    "version": "22.0.6",
    "warnings": {
      "large_rot_frame": true,
      "small_air_mask": true
    },
    "webapi_port": null,
    "webapi_url": "https://mriqc.nimh.nih.gov/api/v1"
  },
  "qi_1": 0.0,
  "qi_2": 0.00016410912098316854,
  "rpve_csf": 26.977057086304942,
  "rpve_gm": 13.128792534703289,
  "rpve_wm": 16.21256946161247,
  "size_x": 180,
  "size_y": 240,
  "size_z": 240,
  "snr_csf": 2.6253777079143608,
  "snr_gm": 11.990635925623291,
  "snr_total": 13.720879409591538,
  "snr_wm": 26.546624595236963,
  "snrd_csf": 51.52768721637672,
  "snrd_gm": 122.96878091236977,
  "snrd_total": 113.92983035304496,
  "snrd_wm": 167.2930229303884,
  "spacing_x": 1.0,
  "spacing_y": 1.0,
  "spacing_z": 1.0,
  "summary_bg_k": 94.15634579461036,
  "summary_bg_mad": 0.0,
  "summary_bg_mean": 1.0836660015097124,
  "summary_bg_median": 0.0,
  "summary_bg_n": 111286.0,
  "summary_bg_p05": 0.0,
  "summary_bg_p95": 9.262606482952833,
  "summary_bg_stdv": 3.916189752174589,
  "summary_csf_k": 0.8497324269130222,
  "summary_csf_mad": 88.22461528124101,
  "summary_csf_mean": 301.09697623897256,
  "summary_csf_median": 308.01555314287543,
  "summary_csf_n": 30056.0,
  "summary_csf_p05": 68.26089143473655,
  "summary_csf_p95": 486.2642486318946,
  "summary_csf_stdv": 117.3204252264492,
  "summary_gm_k": 0.08110710216318084,
  "summary_gm_mad": 61.36199513866118,
  "summary_gm_mean": 736.237145511953,
  "summary_gm_median": 735.0668954532593,
  "summary_gm_n": 41439.0,
  "summary_gm_p05": 638.0806280598044,
  "summary_gm_p95": 838.8103472346439,
  "summary_gm_stdv": 61.302672409940186,
  "summary_wm_k": 0.23801663172998477,
  "summary_wm_mad": 36.877487253092774,
  "summary_wm_mean": 1000.9756023082209,
  "summary_wm_median": 1000.0226243119687,
  "summary_wm_n": 213135.0,
  "summary_wm_p05": 940.8323097135872,
  "summary_wm_p95": 1064.5445855688304,
  "summary_wm_stdv": 37.67033638259925,
  "tpm_overlap_csf": 0.14940212297984873,
  "tpm_overlap_gm": 0.4591320751934783,
  "tpm_overlap_wm": 0.509606053928382,
  "wm2max": 0.7998012394994773
}