{
  "bids_meta": {
    "AcquisitionMatrixPE": 240,
    "AcquisitionNumber": 4,
    "AcquisitionTime": "08:20:45.710000",
    "CoilString": "MULTI_COIL",
    "ConversionSoftware": "dcm2niix",
    "ConversionSoftwareVersion": "v1.0.20190410  (JP2:OpenJPEG) GCC6.3.0",
    "Dcm2bidsVersion": "2.1.4",
    "DeviceSerialNumber": "42451",
    "EchoTime": 0.003501,
    "EchoTrainLength": 240,
    "FlipAngle": 8,
    "ImageOrientationPatientDICOM": [
      0.0606857,
      0.998044,
      -0.0149939,
      -0.000401419,
      -0.0149972,
      -0.999887
    ],
    "ImageType": [
      "ORIGINAL",
      "PRIMARY",
      "M",
      "FFE",
      "M",
      "FFE"
    ],
    "ImagingFrequency": 127.766,
    "InPlanePhaseEncodingDirectionDICOM": "ROW",
    "InstitutionAddress": "Calzada_Mexico_Xochimilco_No.101_Tlalpan",
    "InstitutionName": "I.N._Psiquiatria",
    "InstitutionalDepartmentName": "Imagenes_Cerebrales",
    "MRAcquisitionType": "3D",
    "MagneticFieldStrength": 3,
    "Manufacturer": "Philips",
    "ManufacturersModelName": "Ingenia",
    "Modality": "MR",
    "PatientPosition": "HFS",
    "PercentPhaseFOV": 100,
    "PhaseEncodingSteps": 240,
    "PhilipsRescaleIntercept": 0,
    "PhilipsRescaleSlope": 11.5985,
    "PhilipsScaleSlope": 0.00460232,
    "PixelBandwidth": 310,
    "ProcedureStepDescription": "EDUARDO_TMS",
    "ProtocolName": "WIP_sT1W_3D_TFE_32_channel_SENSE",
    "ReconMatrixPE": 240,
    "RepetitionTime": 0.007,
    "SAR": 0.0382114,
    "ScanOptions": "OTHER",
    "ScanningSequence": "GR",
    "SequenceVariant": "MP",
    "SeriesDescription": "sT1W_3D_TFE_32_channel",
    "SeriesNumber": 401,
    "SliceThickness": 1,
    "SoftwareVersions": "5.1.7_5.1.7.2",
    "SpacingBetweenSlices": 1,
    "StationName": "INGENIA",
    "UsePhilipsFloatNotDisplayScaling": 1,
    "dataset": "ds003037",
    "modality": "T1w",
    "session_id": "t14",
    "subject_id": "010"
  },
  "cjv": 0.36067150123261277,
  "cnr": 3.820647383345342,
  "efc": 0.7691357424130456,
  "fber": -1.0,
  "fwhm_avg": 4.578553333333333,
  "fwhm_x": 4.43601,
  "fwhm_y": 5.00955,
  "fwhm_z": 4.2901,
  "icvs_csf": 0.24915612120418273,
  "icvs_gm": 0.3880370123660565,
  "icvs_wm": 0.3628068664297608,
  "inu_med": 0.4029427766799927,
  "inu_range": 0.13467882573604578,
  "provenance": {
    "md5sum": "83fdfca5e367e176a9bc3e2ac20f58ec",
    "settings": {
      "testing": false
    },
    "software": "mriqc",
    "version": "22.0.6",
    "warnings": {
      "large_rot_frame": true,
      "small_air_mask": true
    },
    "webapi_port": null,
    "webapi_url": "https://mriqc.nimh.nih.gov/api/v1"
  },
  "qi_1": 0.0,
  "qi_2": 0.00017666894009307042,
  "rpve_csf": 20.663000914766254,
  "rpve_gm": 12.627735378383719,
  "rpve_wm": 15.864621208501404,
  "size_x": 180,
  "size_y": 240,
  "size_z": 240,
  "snr_csf": 2.846389619640782,
  "snr_gm": 13.630370522875355,
  "snr_total": 15.203640746392885,
  "snr_wm": 29.134162096662518,
  "snrd_csf": 69.61272855384378,
  "snrd_gm": 181.23810256490322,
  "snrd_total": 163.99328585012833,
  "snrd_wm": 241.12902643163804,
  "spacing_x": 1.0,
  "spacing_y": 1.0,
  "spacing_z": 1.0,
  "summary_bg_k": 39.92772277925551,
  "summary_bg_mad": 0.0,
  "summary_bg_mean": 0.5984071836919248,
  "summary_bg_median": 0.0,
  "summary_bg_n": 106790.0,
  "summary_bg_p05": 0.0,
  "summary_bg_p95": 8.110249552502976,
  "summary_bg_stdv": 2.716953582392877,
  "summary_csf_k": 1.0842157781285762,
  "summary_csf_mad": 85.91296279057426,
  "summary_csf_mean": 296.5922595059631,
  "summary_csf_median": 288.69492249935865,
  "summary_csf_n": 68317.0,
  "summary_csf_p05": 129.37753201276064,
  "summary_csf_p95": 477.669924788177,
  "summary_csf_stdv": 101.42420685933774,
  "summary_gm_k": 0.010721655482410775,
  "summary_gm_mad": 55.94482177969953,
  "summary_gm_mean": 752.0779487791659,
  "summary_gm_median": 751.6228865161538,
  "summary_gm_n": 31152.0,
  "summary_gm_p05": 662.835682574287,
  "summary_gm_p95": 841.8191526878624,
  "summary_gm_stdv": 55.14236178390614,
  "summary_wm_k": 0.2646144634235039,
  "summary_wm_mad": 33.63770929792061,
  "summary_wm_mean": 999.9248970834645,
  "summary_wm_median": 999.9999575391412,
  "summary_wm_n": 203539.0,
  "summary_wm_p05": 943.8111586049199,
  "summary_wm_p95": 1055.8413759544492,
  "summary_wm_stdv": 34.323880593741585,
  "tpm_overlap_csf": 0.1586560064844772,
  "tpm_overlap_gm": 0.4562970396666153,
  "tpm_overlap_wm": 0.5196042845783306,
  "wm2max": 0.9068338878935245
}