{
  "bids_meta": {
    "AcquisitionMatrixPE": 240,
    "AcquisitionNumber": 7,
    "AcquisitionTime": "09:22:59.040000",
    "BodyPartExamined": "BRAIN",
    "CoilString": "MULTI_COIL",
    "ConversionSoftware": "dcm2niix",
    "ConversionSoftwareVersion": "v1.0.20190410  (JP2:OpenJPEG) GCC6.3.0",
    "Dcm2bidsVersion": "2.1.4",
    "DeviceSerialNumber": "42451",
    "EchoTime": 0.0035,
    "EchoTrainLength": 240,
    "FlipAngle": 8,
    "ImageOrientationPatientDICOM": [
      -0.00420782,
      0.999988,
      -0.00231125,
      -0.00350241,
      -0.00232599,
      -0.999991
    ],
    "ImageType": [
      "ORIGINAL",
      "PRIMARY",
      "M",
      "FFE",
      "M",
      "FFE"
    ],
    "ImagingFrequency": 127.759,
    "InPlanePhaseEncodingDirectionDICOM": "ROW",
    "InstitutionAddress": "Calzada_Mexico_Xochimilco_No.101_Tlalpan",
    "InstitutionName": "I.N._Psiquiatria",
    "InstitutionalDepartmentName": "Imagenes_Cerebrales",
    "MRAcquisitionType": "3D",
    "MagneticFieldStrength": 3,
    "Manufacturer": "Philips",
    "ManufacturersModelName": "Ingenia",
    "Modality": "MR",
    "PatientPosition": "HFS",
    "PercentPhaseFOV": 100,
    "PhaseEncodingSteps": 240,
    "PhilipsRescaleIntercept": 0,
    "PhilipsRescaleSlope": 4.05543,
    "PhilipsScaleSlope": 0.00573043,
    "PixelBandwidth": 310,
    "ProcedureStepDescription": "PROTOCOLO_TMS",
    "ProtocolName": "WIP_sT1W_3D_TFE_32_channel",
    "ReconMatrixPE": 240,
    "RepetitionTime": 0.007,
    "SAR": 0.0382114,
    "ScanOptions": "OTHER",
    "ScanningSequence": "GR",
    "SequenceVariant": "MP",
    "SeriesDescription": "sT1W_3D_TFE_32_channel",
    "SeriesNumber": 701,
    "SliceThickness": 1,
    "SoftwareVersions": "5.3.1_5.3.1.0",
    "SpacingBetweenSlices": 1,
    "StationName": "PHILIPS-CTMFQSD",
    "UsePhilipsFloatNotDisplayScaling": 1,
    "dataset": "ds003037",
    "modality": "T1w",
    "session_id": "t0",
    "subject_id": "037"
  },
  "cjv": 0.3650267958621723,
  "cnr": 3.5886433974573535,
  "efc": 0.7173626008304236,
  "fber": -1.0,
  "fwhm_avg": 4.484839999999999,
  "fwhm_x": 4.30011,
  "fwhm_y": 4.97319,
  "fwhm_z": 4.18122,
  "icvs_csf": 0.18953137394401842,
  "icvs_gm": 0.4150362318406475,
  "icvs_wm": 0.3954323942153341,
  "inu_med": 0.3330429792404175,
  "inu_range": 0.11407004296779627,
  "provenance": {
    "md5sum": "758af2148557a9be607fddbcb368ee0a",
    "settings": {
      "testing": false
    },
    "software": "mriqc",
    "version": "22.0.6",
    "warnings": {
      "large_rot_frame": true,
      "small_air_mask": false
    },
    "webapi_port": null,
    "webapi_url": "https://mriqc.nimh.nih.gov/api/v1"
  },
  "qi_1": 0.0,
  "qi_2": 7.958936523498338e-05,
  "rpve_csf": 24.17412041959782,
  "rpve_gm": 11.63009509246428,
  "rpve_wm": 14.231696186567246,
  "size_x": 180,
  "size_y": 240,
  "size_z": 240,
  "snr_csf": 2.716656809380872,
  "snr_gm": 13.29795147870198,
  "snr_total": 15.325431062625581,
  "snr_wm": 29.961684899793887,
  "snrd_csf": 13.787024090539335,
  "snrd_gm": 32.63751490514178,
  "snrd_total": 29.84636664545984,
  "snrd_wm": 43.11456094069841,
  "spacing_x": 1.0,
  "spacing_y": 1.0,
  "spacing_z": 1.0,
  "summary_bg_k": 2748.6005144742794,
  "summary_bg_mad": 0.0,
  "summary_bg_mean": 2.55979659443887,
  "summary_bg_median": 0.0,
  "summary_bg_n": 530881.0,
  "summary_bg_p05": 0.0,
  "summary_bg_p95": 13.187658691778779,
  "summary_bg_stdv": 15.195591059529153,
  "summary_csf_k": 0.72732675122184,
  "summary_csf_mad": 98.16270377623485,
  "summary_csf_mean": 322.5717000161584,
  "summary_csf_median": 319.7837580200285,
  "summary_csf_n": 35795.0,
  "summary_csf_p05": 102.67372693307698,
  "summary_csf_p95": 523.1406218949705,
  "summary_csf_stdv": 117.71059561411408,
  "summary_gm_k": 0.13157550017244057,
  "summary_gm_mad": 56.643938051951025,
  "summary_gm_mean": 758.3110449131672,
  "summary_gm_median": 757.0123255215585,
  "summary_gm_n": 48878.0,
  "summary_gm_p05": 667.5228642291389,
  "summary_gm_p95": 853.3975977096707,
  "summary_gm_stdv": 56.926405754907556,
  "summary_wm_k": 0.6420718758911024,
  "summary_wm_mad": 32.06134089855843,
  "summary_wm_mean": 1000.3382819868222,
  "summary_wm_median": 1000.0226468350738,
  "summary_wm_n": 258030.0,
  "summary_wm_p05": 946.502920480445,
  "summary_wm_p95": 1054.2662240955979,
  "summary_wm_stdv": 33.37665129229819,
  "tpm_overlap_csf": 0.1301672312870719,
  "tpm_overlap_gm": 0.4400503251510827,
  "tpm_overlap_wm": 0.5017635403485683,
  "wm2max": 0.8686656318157704
}