{
  "bids_meta": {
    "AcquisitionMatrixPE": 240,
    "AcquisitionNumber": 4,
    "AcquisitionTime": "11:29:38.390000",
    "BodyPartExamined": "BRAIN",
    "CoilString": "MULTI_COIL",
    "ConversionSoftware": "dcm2niix",
    "ConversionSoftwareVersion": "v1.0.20190410  (JP2:OpenJPEG) GCC6.3.0",
    "Dcm2bidsVersion": "2.1.4",
    "DeviceSerialNumber": "42451",
    "EchoTime": 0.0035,
    "EchoTrainLength": 240,
    "FlipAngle": 8,
    "ImageOrientationPatientDICOM": [
      0.078993,
      0.996874,
      -0.00133029,
      0.0374985,
      -0.00430491,
      -0.999287
    ],
    "ImageType": [
      "ORIGINAL",
      "PRIMARY",
      "M",
      "FFE",
      "M",
      "FFE"
    ],
    "ImagingFrequency": 127.76,
    "InPlanePhaseEncodingDirectionDICOM": "ROW",
    "InstitutionAddress": "Calzada_Mexico_Xochimilco_No.101_Tlalpan",
    "InstitutionName": "I.N._Psiquiatria",
    "InstitutionalDepartmentName": "Imagenes_Cerebrales",
    "MRAcquisitionType": "3D",
    "MagneticFieldStrength": 3,
    "Manufacturer": "Philips",
    "ManufacturersModelName": "Ingenia",
    "Modality": "MR",
    "PatientPosition": "HFS",
    "PercentPhaseFOV": 100,
    "PhaseEncodingSteps": 240,
    "PhilipsRescaleIntercept": 0,
    "PhilipsRescaleSlope": 9.61954,
    "PhilipsScaleSlope": 0.00535328,
    "PixelBandwidth": 310,
    "ProcedureStepDescription": "EDUARDO_TMS",
    "ProtocolName": "sT1W_3D_TFE_32_channel",
    "ReconMatrixPE": 240,
    "RepetitionTime": 0.007,
    "SAR": 0.0382114,
    "ScanOptions": "OTHER",
    "ScanningSequence": "GR",
    "SequenceVariant": "MP",
    "SeriesDescription": "sT1W_3D_TFE_32_channel",
    "SeriesNumber": 401,
    "SliceThickness": 1,
    "SoftwareVersions": "5.3.1_5.3.1.1",
    "SpacingBetweenSlices": 1,
    "StationName": "PHILIPS-CTMFQSD",
    "UsePhilipsFloatNotDisplayScaling": 1,
    "dataset": "ds003037",
    "modality": "T1w",
    "session_id": "t0",
    "subject_id": "023"
  },
  "cjv": 0.37400723722694507,
  "cnr": 3.5517876066336393,
  "efc": 0.7055166801370889,
  "fber": -1.0,
  "fwhm_avg": 4.253546666666666,
  "fwhm_x": 3.9892,
  "fwhm_y": 4.67531,
  "fwhm_z": 4.09613,
  "icvs_csf": 0.27659780103582343,
  "icvs_gm": 0.38224672473444965,
  "icvs_wm": 0.341155474229727,
  "inu_med": 0.4102441370487213,
  "inu_range": 0.15022695511579515,
  "provenance": {
    "md5sum": "149469c735b00597689495c820abdeae",
    "settings": {
      "testing": false
    },
    "software": "mriqc",
    "version": "22.0.6",
    "warnings": {
      "large_rot_frame": true,
      "small_air_mask": false
    },
    "webapi_port": null,
    "webapi_url": "https://mriqc.nimh.nih.gov/api/v1"
  },
  "qi_1": 0.03934177704901809,
  "qi_2": 2.254385704697202e-05,
  "rpve_csf": 18.879308352697574,
  "rpve_gm": 12.864583792137058,
  "rpve_wm": 17.021772772213385,
  "size_x": 180,
  "size_y": 240,
  "size_z": 240,
  "snr_csf": 3.2529100519772474,
  "snr_gm": 15.73547631095717,
  "snr_total": 15.795781024360572,
  "snr_wm": 28.398956710147303,
  "snrd_csf": 39.888121463159955,
  "snrd_gm": 94.18218893973153,
  "snrd_total": 84.80077668144328,
  "snrd_wm": 120.33201964143834,
  "spacing_x": 1.0,
  "spacing_y": 1.0,
  "spacing_z": 1.0,
  "summary_bg_k": 10.880995598910133,
  "summary_bg_mad": 0.0,
  "summary_bg_mean": 2.4600108024155127,
  "summary_bg_median": 0.0,
  "summary_bg_n": 474721.0,
  "summary_bg_p05": 0.0,
  "summary_bg_p95": 13.705126818269491,
  "summary_bg_stdv": 5.444406425205055,
  "summary_csf_k": 1.6814361393046848,
  "summary_csf_mad": 78.92165994917362,
  "summary_csf_mean": 340.84043187225086,
  "summary_csf_median": 331.4838631823659,
  "summary_csf_n": 70543.0,
  "summary_csf_p05": 175.91407589055598,
  "summary_csf_p95": 523.5429578455164,
  "summary_csf_stdv": 101.90306782574754,
  "summary_gm_k": 0.4440573691776173,
  "summary_gm_mad": 48.02092983989806,
  "summary_gm_mean": 782.0318150476163,
  "summary_gm_median": 782.6860400419682,
  "summary_gm_n": 20973.0,
  "summary_gm_p05": 699.3076525960117,
  "summary_gm_p95": 862.0003120265901,
  "summary_gm_stdv": 49.739033314295995,
  "summary_wm_k": 0.479614588938027,
  "summary_wm_mad": 33.25607586276981,
  "summary_wm_mean": 1001.198344597398,
  "summary_wm_median": 1000.0000318922102,
  "summary_wm_n": 182420.0,
  "summary_wm_p05": 945.3455036636442,
  "summary_wm_p95": 1061.0815058371982,
  "summary_wm_stdv": 35.21246576651617,
  "tpm_overlap_csf": 0.16014670435640513,
  "tpm_overlap_gm": 0.4516125274820886,
  "tpm_overlap_wm": 0.5159359890557528,
  "wm2max": 0.8753242888760502
}