{
  "bids_meta": {
    "AcquisitionMatrixPE": 240,
    "AcquisitionTime": "12:18:50.450000",
    "CoilString": "MULTI_COIL",
    "ConversionSoftware": "dcm2niix",
    "ConversionSoftwareVersion": "v1.0.20190410  (JP2:OpenJPEG) GCC6.3.0",
    "Dcm2bidsVersion": "2.1.4",
    "DeviceSerialNumber": "42451",
    "EchoTime": 0.003501,
    "EchoTrainLength": 240,
    "FlipAngle": 8,
    "ImageOrientationPatientDICOM": [
      0.000667342,
      0.999999,
      0.000878108,
      -0.0359418,
      0.000901527,
      -0.999353
    ],
    "ImageType": [
      "ORIGINAL",
      "PRIMARY",
      "M",
      "FFE",
      "M",
      "FFE"
    ],
    "ImagingFrequency": 127.766,
    "InPlanePhaseEncodingDirectionDICOM": "ROW",
    "InstitutionAddress": "Calzada_Mexico_Xochimilco_No.101_Tlalpan",
    "InstitutionName": "I.N._Psiquiatria",
    "InstitutionalDepartmentName": "Imagenes_Cerebrales",
    "MRAcquisitionType": "3D",
    "MagneticFieldStrength": 3,
    "Manufacturer": "Philips",
    "ManufacturersModelName": "Ingenia",
    "Modality": "MR",
    "PatientPosition": "HFS",
    "PercentPhaseFOV": 100,
    "PhaseEncodingSteps": 240,
    "PhilipsRescaleIntercept": 0,
    "PhilipsRescaleSlope": 10.6794,
    "PhilipsScaleSlope": 0.00544992,
    "PixelBandwidth": 310,
    "ProcedureStepDescription": "EDUARDO_TMS",
    "ProtocolName": "WIP_sT1W_3D_TFE_32_channel_SENSE",
    "ReconMatrixPE": 240,
    "RepetitionTime": 0.007,
    "SAR": 0.0382114,
    "ScanOptions": "OTHER",
    "ScanningSequence": "GR",
    "SequenceVariant": "MP",
    "SeriesDescription": "sT1W_3D_TFE_32_channel",
    "SeriesNumber": 401,
    "SliceThickness": 1,
    "SoftwareVersions": "2.6.3_5.1.7.2",
    "SpacingBetweenSlices": 1,
    "StationName": "INGENIA",
    "UsePhilipsFloatNotDisplayScaling": 1,
    "dataset": "ds003037",
    "modality": "T1w",
    "session_id": "t1",
    "subject_id": "003"
  },
  "cjv": 0.37592791787009655,
  "cnr": 3.60447488574018,
  "efc": 0.7847594424968768,
  "fber": -1.0,
  "fwhm_avg": 4.534216666666667,
  "fwhm_x": 4.40496,
  "fwhm_y": 4.94677,
  "fwhm_z": 4.25092,
  "icvs_csf": 0.20378871263480727,
  "icvs_gm": 0.4106332496495541,
  "icvs_wm": 0.3855780377156386,
  "inu_med": 0.4005255401134491,
  "inu_range": 0.1614490985870361,
  "provenance": {
    "md5sum": "9f211b5abdf67c15764a6c0d3510a3fa",
    "settings": {
      "testing": false
    },
    "software": "mriqc",
    "version": "22.0.6",
    "warnings": {
      "large_rot_frame": true,
      "small_air_mask": true
    },
    "webapi_port": null,
    "webapi_url": "https://mriqc.nimh.nih.gov/api/v1"
  },
  "qi_1": 0.0,
  "qi_2": 0.00031480665755140156,
  "rpve_csf": 19.84915416891134,
  "rpve_gm": 10.349650960126116,
  "rpve_wm": 13.051697813878224,
  "size_x": 180,
  "size_y": 240,
  "size_z": 240,
  "snr_csf": 2.766823000970307,
  "snr_gm": 13.620284336021202,
  "snr_total": 14.68642511843178,
  "snr_wm": 27.672168018303832,
  "snrd_csf": 82.62133037320338,
  "snrd_gm": 198.5454707613291,
  "snrd_total": 180.78397208670387,
  "snrd_wm": 261.1851151255791,
  "spacing_x": 1.0,
  "spacing_y": 1.0,
  "spacing_z": 1.0,
  "summary_bg_k": 72.29156359571108,
  "summary_bg_mad": 0.0,
  "summary_bg_mean": 0.4542912555780983,
  "summary_bg_median": 0.0,
  "summary_bg_n": 68056.0,
  "summary_bg_p05": 0.0,
  "summary_bg_p95": 0.0,
  "summary_bg_stdv": 2.5083828448105314,
  "summary_csf_k": 1.5134491918549973,
  "summary_csf_mad": 93.12268603100466,
  "summary_csf_mean": 325.00982191734226,
  "summary_csf_median": 316.34012050554156,
  "summary_csf_n": 38178.0,
  "summary_csf_p05": 136.228232877329,
  "summary_csf_p95": 526.1509738186375,
  "summary_csf_stdv": 114.3318446478078,
  "summary_gm_k": 0.09066664116598444,
  "summary_gm_mad": 55.58277153498948,
  "summary_gm_mean": 759.2393715102146,
  "summary_gm_median": 760.1898669842631,
  "summary_gm_n": 49820.0,
  "summary_gm_p05": 667.0460832249373,
  "summary_gm_p95": 850.0181582847608,
  "summary_gm_stdv": 55.81250866923261,
  "summary_wm_k": 0.555583021002338,
  "summary_wm_mad": 34.57765438513881,
  "summary_wm_mean": 1000.9024761657474,
  "summary_wm_median": 1000.0242119058967,
  "summary_wm_n": 282898.0,
  "summary_wm_p05": 943.7891973741353,
  "summary_wm_p95": 1061.563045637682,
  "summary_wm_stdv": 36.1382036918322,
  "tpm_overlap_csf": 0.17195628484376987,
  "tpm_overlap_gm": 0.4501211551837945,
  "tpm_overlap_wm": 0.5111570869561541,
  "wm2max": 0.8222877088747673
}