{
  "bids_meta": {
    "AcquisitionMatrixPE": 240,
    "AcquisitionNumber": 4,
    "AcquisitionTime": "10:22:21.220000",
    "CoilString": "MULTI_COIL",
    "ConversionSoftware": "dcm2niix",
    "ConversionSoftwareVersion": "v1.0.20190410  (JP2:OpenJPEG) GCC6.3.0",
    "Dcm2bidsVersion": "2.1.4",
    "DeviceSerialNumber": "42451",
    "EchoTime": 0.003501,
    "EchoTrainLength": 240,
    "FlipAngle": 8,
    "ImageOrientationPatientDICOM": [
      -0.00203786,
      0.999995,
      -0.00228268,
      -0.0490278,
      -0.00237985,
      -0.998795
    ],
    "ImageType": [
      "ORIGINAL",
      "PRIMARY",
      "M",
      "FFE",
      "M",
      "FFE"
    ],
    "ImagingFrequency": 127.766,
    "InPlanePhaseEncodingDirectionDICOM": "ROW",
    "InstitutionAddress": "Calzada_Mexico_Xochimilco_No.101_Tlalpan",
    "InstitutionName": "I.N._Psiquiatria",
    "InstitutionalDepartmentName": "Imagenes_Cerebrales",
    "MRAcquisitionType": "3D",
    "MagneticFieldStrength": 3,
    "Manufacturer": "Philips",
    "ManufacturersModelName": "Ingenia",
    "Modality": "MR",
    "PatientPosition": "HFS",
    "PercentPhaseFOV": 100,
    "PhaseEncodingSteps": 240,
    "PhilipsRescaleIntercept": 0,
    "PhilipsRescaleSlope": 12.5651,
    "PhilipsScaleSlope": 0.00574586,
    "PixelBandwidth": 310,
    "ProcedureStepDescription": "EDUARDO_TDM",
    "ProtocolName": "WIP_sT1W_3D_TFE_32_channel_SENSE",
    "ReconMatrixPE": 240,
    "RepetitionTime": 0.007,
    "SAR": 0.0382114,
    "ScanOptions": "OTHER",
    "ScanningSequence": "GR",
    "SequenceVariant": "MP",
    "SeriesDescription": "sT1W_3D_TFE_32_channel",
    "SeriesNumber": 401,
    "SliceThickness": 1,
    "SoftwareVersions": "5.1.7_5.1.7.2",
    "SpacingBetweenSlices": 1,
    "StationName": "INGENIA",
    "UsePhilipsFloatNotDisplayScaling": 1,
    "dataset": "ds003037",
    "modality": "T1w",
    "session_id": "t1",
    "subject_id": "012"
  },
  "cjv": 0.349084946944394,
  "cnr": 3.9327261124169075,
  "efc": 0.7936794424834475,
  "fber": 8957.38797731569,
  "fwhm_avg": 4.669796666666667,
  "fwhm_x": 4.54244,
  "fwhm_y": 5.0889,
  "fwhm_z": 4.37805,
  "icvs_csf": 0.21402754168331367,
  "icvs_gm": 0.42027987111240134,
  "icvs_wm": 0.365692587204285,
  "inu_med": 0.44421032071113586,
  "inu_range": 0.1757935464382172,
  "provenance": {
    "md5sum": "7e6e1301d9b7643dd6f1e6b67e9b34d7",
    "settings": {
      "testing": false
    },
    "software": "mriqc",
    "version": "22.0.6",
    "warnings": {
      "large_rot_frame": true,
      "small_air_mask": true
    },
    "webapi_port": null,
    "webapi_url": "https://mriqc.nimh.nih.gov/api/v1"
  },
  "qi_1": 0.0,
  "qi_2": 0.00025745457402758204,
  "rpve_csf": 21.739963923775246,
  "rpve_gm": 11.396484614749397,
  "rpve_wm": 15.004501357262779,
  "size_x": 180,
  "size_y": 240,
  "size_z": 240,
  "snr_csf": 2.9291150011668323,
  "snr_gm": 14.769716565022526,
  "snr_total": 14.645810770003832,
  "snr_wm": 26.238600743822136,
  "snrd_csf": 56.75001161300363,
  "snrd_gm": 141.55509217708428,
  "snrd_total": 129.01938447816676,
  "snrd_wm": 188.75304964441239,
  "spacing_x": 1.0,
  "spacing_y": 1.0,
  "spacing_z": 1.0,
  "summary_bg_k": 43.31305880325817,
  "summary_bg_mad": 0.0,
  "summary_bg_mean": 0.7871393511924635,
  "summary_bg_median": 0.0,
  "summary_bg_n": 157019.0,
  "summary_bg_p05": 0.0,
  "summary_bg_p95": 10.63256024569273,
  "summary_bg_stdv": 3.4709543717129105,
  "summary_csf_k": 1.129022477062822,
  "summary_csf_mad": 87.34852390208363,
  "summary_csf_mean": 310.1175014019735,
  "summary_csf_median": 300.6651758365333,
  "summary_csf_n": 50949.0,
  "summary_csf_p05": 153.8998889282346,
  "summary_csf_p95": 496.5200174637139,
  "summary_csf_stdv": 102.64609790118625,
  "summary_gm_k": 0.08452042643471769,
  "summary_gm_mad": 50.509074523153416,
  "summary_gm_mean": 750.2845537694079,
  "summary_gm_median": 749.9678937550634,
  "summary_gm_n": 39240.0,
  "summary_gm_p05": 666.5112847058102,
  "summary_gm_p95": 833.9368689320982,
  "summary_gm_stdv": 50.77675893282882,
  "summary_wm_k": 0.3775982565669769,
  "summary_wm_mad": 36.78233395353652,
  "summary_wm_mean": 1000.8423968409062,
  "summary_wm_median": 1000.0256783738732,
  "summary_wm_n": 224306.0,
  "summary_wm_p05": 939.8772336989641,
  "summary_wm_p95": 1064.9510704055429,
  "summary_wm_stdv": 38.1126821121303,
  "tpm_overlap_csf": 0.15952276970251966,
  "tpm_overlap_gm": 0.45700747835703726,
  "tpm_overlap_wm": 0.5106285066014432,
  "wm2max": 0.8234398373396334
}