{
  "bids_meta": {
    "AcquisitionMatrixPE": 240,
    "AcquisitionNumber": 4,
    "AcquisitionTime": "09:02:3.280000",
    "BodyPartExamined": "BRAIN",
    "CoilString": "MULTI_COIL",
    "ConversionSoftware": "dcm2niix",
    "ConversionSoftwareVersion": "v1.0.20190410  (JP2:OpenJPEG) GCC6.3.0",
    "Dcm2bidsVersion": "2.1.4",
    "DeviceSerialNumber": "42451",
    "EchoTime": 0.0035,
    "EchoTrainLength": 240,
    "FlipAngle": 8,
    "ImageOrientationPatientDICOM": [
      -0.0042116,
      0.999989,
      0.00193133,
      -0.00362181,
      0.00191608,
      -0.999992
    ],
    "ImageType": [
      "ORIGINAL",
      "PRIMARY",
      "M",
      "FFE",
      "M",
      "FFE"
    ],
    "ImagingFrequency": 127.759,
    "InPlanePhaseEncodingDirectionDICOM": "ROW",
    "InstitutionAddress": "Calzada_Mexico_Xochimilco_No.101_Tlalpan",
    "InstitutionName": "I.N._Psiquiatria",
    "InstitutionalDepartmentName": "Imagenes_Cerebrales",
    "MRAcquisitionType": "3D",
    "MagneticFieldStrength": 3,
    "Manufacturer": "Philips",
    "ManufacturersModelName": "Ingenia",
    "Modality": "MR",
    "PatientPosition": "HFS",
    "PercentPhaseFOV": 100,
    "PhaseEncodingSteps": 240,
    "PhilipsRescaleIntercept": 0,
    "PhilipsRescaleSlope": 3.54628,
    "PhilipsScaleSlope": 0.00572358,
    "PixelBandwidth": 310,
    "ProcedureStepDescription": "EDUARDO_TMS",
    "ProtocolName": "sT1W_3D_TFE_32_channel",
    "ReconMatrixPE": 240,
    "RepetitionTime": 0.007,
    "SAR": 0.0382114,
    "ScanOptions": "OTHER",
    "ScanningSequence": "GR",
    "SequenceVariant": "MP",
    "SeriesDescription": "sT1W_3D_TFE_32_channel",
    "SeriesNumber": 401,
    "SliceThickness": 1,
    "SoftwareVersions": "5.3.1_5.3.1.0",
    "SpacingBetweenSlices": 1,
    "StationName": "PHILIPS-CTMFQSD",
    "UsePhilipsFloatNotDisplayScaling": 1,
    "dataset": "ds003037",
    "modality": "T1w",
    "session_id": "t2",
    "subject_id": "023"
  },
  "cjv": 0.3758338641127616,
  "cnr": 3.561639064215718,
  "efc": 0.7227569596487263,
  "fber": -1.0,
  "fwhm_avg": 4.247836666666667,
  "fwhm_x": 3.97446,
  "fwhm_y": 4.69982,
  "fwhm_z": 4.06923,
  "icvs_csf": 0.25549023037386526,
  "icvs_gm": 0.3861556005227886,
  "icvs_wm": 0.35835416910334617,
  "inu_med": 0.409167155623436,
  "inu_range": 0.15015458613634108,
  "provenance": {
    "md5sum": "548e055ba576f317ebe536e9596ae185",
    "settings": {
      "testing": false
    },
    "software": "mriqc",
    "version": "22.0.6",
    "warnings": {
      "large_rot_frame": true,
      "small_air_mask": false
    },
    "webapi_port": null,
    "webapi_url": "https://mriqc.nimh.nih.gov/api/v1"
  },
  "qi_1": 0.0002098231247767085,
  "qi_2": 0.00011915993971969526,
  "rpve_csf": 20.05138710921221,
  "rpve_gm": 12.651206894630839,
  "rpve_wm": 16.01853944828445,
  "size_x": 180,
  "size_y": 240,
  "size_z": 240,
  "snr_csf": 3.2132218862868114,
  "snr_gm": 16.90900488955352,
  "snr_total": 15.592368326139749,
  "snr_wm": 26.65487820257892,
  "snrd_csf": 43.68845509249168,
  "snrd_gm": 99.29717425463299,
  "snrd_total": 89.75201241178671,
  "snrd_wm": 126.27040788823547,
  "spacing_x": 1.0,
  "spacing_y": 1.0,
  "spacing_z": 1.0,
  "summary_bg_k": 11.662179381449066,
  "summary_bg_mad": 0.0,
  "summary_bg_mean": 2.424500331360374,
  "summary_bg_median": 0.0,
  "summary_bg_n": 419367.0,
  "summary_bg_p05": 0.0,
  "summary_bg_p95": 13.645224599167705,
  "summary_bg_stdv": 5.18836068947522,
  "summary_csf_k": 1.2992954084094341,
  "summary_csf_mad": 80.58396149181502,
  "summary_csf_mean": 352.28078786620557,
  "summary_csf_median": 345.99125157110393,
  "summary_csf_n": 61226.0,
  "summary_csf_p05": 156.93274079822004,
  "summary_csf_p95": 540.8217682968825,
  "summary_csf_stdv": 107.67648120119857,
  "summary_gm_k": 0.3629923460256732,
  "summary_gm_mad": 44.66460837226822,
  "summary_gm_mean": 786.4465031275334,
  "summary_gm_median": 786.3851794507354,
  "summary_gm_n": 19851.0,
  "summary_gm_p05": 710.3238115319982,
  "summary_gm_p95": 861.8263098876923,
  "summary_gm_stdv": 46.50571557253657,
  "summary_wm_k": 0.48692332729131893,
  "summary_wm_mad": 35.61908684477525,
  "summary_wm_mean": 1000.9938251692573,
  "summary_wm_median": 1000.0000313390046,
  "summary_wm_n": 190550.0,
  "summary_wm_p05": 941.6217606049031,
  "summary_wm_p95": 1064.59460058948,
  "summary_wm_stdv": 37.516487591960605,
  "tpm_overlap_csf": 0.16836520967902646,
  "tpm_overlap_gm": 0.4566820769136495,
  "tpm_overlap_wm": 0.5204363616919611,
  "wm2max": 0.8631834178665141
}