{
  "aor": 0.006478,
  "aqi": 0.011485504199999998,
  "bids_meta": {
    "AcquisitionMatrixPE": 70,
    "AcquisitionNumber": 3,
    "AcquisitionTime": "08:59:27.040000",
    "BodyPartExamined": "BRAIN",
    "CoilString": "MULTI_COIL",
    "ConversionSoftware": "dcm2niix",
    "ConversionSoftwareVersion": "v1.0.20190410  (JP2:OpenJPEG) GCC6.3.0",
    "Dcm2bidsVersion": "2.1.4",
    "DeviceSerialNumber": "42451",
    "EchoTime": 0.03,
    "EchoTrainLength": 35,
    "EffectiveEchoSpacing": 0.000698,
    "FlipAngle": 75,
    "ImageOrientationPatientDICOM": [
      0.999592,
      0.00983367,
      -0.0268174,
      -0.00962735,
      0.999923,
      0.00781158
    ],
    "ImageType": [
      "ORIGINAL",
      "PRIMARY",
      "M",
      "FFE",
      "M",
      "FFE"
    ],
    "ImagingFrequency": 127.766,
    "InPlanePhaseEncodingDirectionDICOM": "COL",
    "InstitutionAddress": "Calzada_Mexico_Xochimilco_No.101_Tlalpan",
    "InstitutionName": "I.N._Psiquiatria",
    "InstitutionalDepartmentName": "Imagenes_Cerebrales",
    "MRAcquisitionType": "2D",
    "MagneticFieldStrength": 3,
    "Manufacturer": "Philips",
    "ManufacturersModelName": "Ingenia",
    "Modality": "MR",
    "PartialFourier": 0.5,
    "PatientPosition": "HFS",
    "PercentPhaseFOV": 100,
    "PhaseEncodingAxis": "j",
    "PhaseEncodingDirection": "j-",
    "PhaseEncodingSteps": 70,
    "PhilipsRescaleIntercept": 0,
    "PhilipsRescaleSlope": 0.770208,
    "PhilipsScaleSlope": 0.0207512,
    "PixelBandwidth": 1819,
    "ProcedureStepDescription": "EDUARDO_TMS",
    "ProtocolName": "FE_EPI_32chSHC_AP",
    "ReconMatrixPE": 80,
    "RepetitionTime": 2,
    "SAR": 0.11996,
    "ScanOptions": "FS",
    "ScanningSequence": "GR",
    "SequenceVariant": "SK",
    "SeriesDescription": "FE_EPI_32chSHC_AP",
    "SeriesNumber": 301,
    "SliceThickness": 3.33,
    "SliceTiming": [
      0.0,
      1.027027,
      0.054054,
      1.081081,
      0.108108,
      1.135135,
      0.162162,
      1.189189,
      0.216216,
      1.243244,
      0.27027,
      1.297298,
      0.324324,
      1.351352,
      0.378378,
      1.405406,
      0.432432,
      1.45946,
      0.486486,
      1.513514,
      0.540541,
      1.567568,
      0.594595,
      1.621622,
      0.648649,
      1.675676,
      0.702703,
      1.72973,
      0.756757,
      1.783784,
      0.810811,
      1.837838,
      0.864865,
      1.891892,
      0.918919,
      1.945947,
      0.972973
    ],
    "SoftwareVersions": "5.3.1_5.3.1.0",
    "SpacingBetweenSlices": 3.33,
    "StationName": "PHILIPS-CTMFQSD",
    "TaskName": "rest",
    "TotalReadoutTime": 0.04884,
    "UsePhilipsFloatNotDisplayScaling": 1,
    "dataset": "ds003037",
    "modality": "bold",
    "session_id": "t3",
    "subject_id": "004",
    "task_id": "rest"
  },
  "dummy_trs": 0,
  "dvars_nstd": 26.668012874147163,
  "dvars_std": 1.1793682114715716,
  "dvars_vstd": 1.0055099748829432,
  "efc": 0.4254435345602241,
  "fber": 79216.1796875,
  "fd_mean": 0.2076142071089385,
  "fd_num": 127,
  "fd_perc": 42.333333333333336,
  "fwhm_avg": 2.1724876734915637,
  "fwhm_x": 2.0907933333333335,
  "fwhm_y": 2.3533633333333333,
  "fwhm_z": 2.0733063538080247,
  "gcor": 0.0476523,
  "gsr_x": -0.005789453629404306,
  "gsr_y": 0.013536320067942142,
  "provenance": {
    "md5sum": "c89c5d5dddaf14372747cb84eca20785",
    "settings": {
      "fd_thres": 0.2,
      "testing": false
    },
    "software": "mriqc",
    "version": "22.0.6",
    "webapi_port": null,
    "webapi_url": "https://mriqc.nimh.nih.gov/api/v1"
  },
  "size_t": 300,
  "size_x": 80,
  "size_y": 80,
  "size_z": 37,
  "snr": 3.77099897791617,
  "spacing_tr": 1.9999983310699463,
  "spacing_x": 3.0,
  "spacing_y": 3.0,
  "spacing_z": 3.3299999237060547,
  "summary_bg_k": 143.3100345754239,
  "summary_bg_mad": 235.9567335280154,
  "summary_bg_mean": 1193.72998046875,
  "summary_bg_median": 199.13021850585938,
  "summary_bg_n": 157733.0,
  "summary_bg_p05": 10.69630184173584,
  "summary_bg_p95": 5169.51640625,
  "summary_bg_stdv": 3356.055419921875,
  "summary_fg_k": 2.3392236825702524,
  "summary_fg_mad": 11364.090986403737,
  "summary_fg_mean": 62389.90625,
  "summary_fg_median": 59763.5625,
  "summary_fg_n": 37692.0,
  "summary_fg_p05": 42116.0267578125,
  "summary_fg_p95": 95905.703125,
  "summary_fg_stdv": 15847.994140625,
  "tsnr": 48.279930114746094
}