{
  "bids_meta": {
    "AcquisitionMatrixPE": 240,
    "AcquisitionNumber": 4,
    "AcquisitionTime": "09:44:8.150000",
    "BodyPartExamined": "BRAIN",
    "CoilString": "MULTI_COIL",
    "ConversionSoftware": "dcm2niix",
    "ConversionSoftwareVersion": "v1.0.20190410  (JP2:OpenJPEG) GCC6.3.0",
    "Dcm2bidsVersion": "2.1.4",
    "DeviceSerialNumber": "42451",
    "EchoTime": 0.0035,
    "EchoTrainLength": 240,
    "FlipAngle": 8,
    "ImageOrientationPatientDICOM": [
      -0.0042116,
      0.99949,
      -0.0316631,
      -0.00362181,
      -0.0316784,
      -0.999492
    ],
    "ImageType": [
      "ORIGINAL",
      "PRIMARY",
      "M",
      "FFE",
      "M",
      "FFE"
    ],
    "ImagingFrequency": 127.759,
    "InPlanePhaseEncodingDirectionDICOM": "ROW",
    "InstitutionAddress": "Calzada_Mexico_Xochimilco_No.101_Tlalpan",
    "InstitutionName": "I.N._Psiquiatria",
    "InstitutionalDepartmentName": "Imagenes_Cerebrales",
    "MRAcquisitionType": "3D",
    "MagneticFieldStrength": 3,
    "Manufacturer": "Philips",
    "ManufacturersModelName": "Ingenia",
    "Modality": "MR",
    "PatientPosition": "HFS",
    "PercentPhaseFOV": 100,
    "PhaseEncodingSteps": 240,
    "PhilipsRescaleIntercept": 0,
    "PhilipsRescaleSlope": 3.48767,
    "PhilipsScaleSlope": 0.00588686,
    "PixelBandwidth": 310,
    "ProcedureStepDescription": "EDUARDO_TMS",
    "ProtocolName": "WIP_sT1W_3D_TFE_32_channel",
    "ReconMatrixPE": 240,
    "RepetitionTime": 0.007,
    "SAR": 0.0382114,
    "ScanOptions": "OTHER",
    "ScanningSequence": "GR",
    "SequenceVariant": "MP",
    "SeriesDescription": "sT1W_3D_TFE_32_channel",
    "SeriesNumber": 401,
    "SliceThickness": 1,
    "SoftwareVersions": "5.3.1_5.3.1.0",
    "SpacingBetweenSlices": 1,
    "StationName": "PHILIPS-CTMFQSD",
    "UsePhilipsFloatNotDisplayScaling": 1,
    "dataset": "ds003037",
    "modality": "T1w",
    "session_id": "t1",
    "subject_id": "033"
  },
  "cjv": 0.3762391662009943,
  "cnr": 3.5504515731957076,
  "efc": 0.7227537161573733,
  "fber": -1.0,
  "fwhm_avg": 4.3249933333333335,
  "fwhm_x": 4.2233,
  "fwhm_y": 4.66717,
  "fwhm_z": 4.08451,
  "icvs_csf": 0.2450005577832611,
  "icvs_gm": 0.40710086916083604,
  "icvs_wm": 0.3478985730559028,
  "inu_med": 0.4903002381324768,
  "inu_range": 0.19262483119964596,
  "provenance": {
    "md5sum": "e9d2088ce0b8b14621950a1ebcd28a8e",
    "settings": {
      "testing": false
    },
    "software": "mriqc",
    "version": "22.0.6",
    "warnings": {
      "large_rot_frame": true,
      "small_air_mask": false
    },
    "webapi_port": null,
    "webapi_url": "https://mriqc.nimh.nih.gov/api/v1"
  },
  "qi_1": 0.0,
  "qi_2": 4.8528002910542914e-05,
  "rpve_csf": 19.818807962326293,
  "rpve_gm": 11.773644715456525,
  "rpve_wm": 15.946318521675124,
  "size_x": 180,
  "size_y": 240,
  "size_z": 240,
  "snr_csf": 3.3205189721325112,
  "snr_gm": 13.34902110319143,
  "snr_total": 13.812100933573939,
  "snr_wm": 24.766762725397882,
  "snrd_csf": 29.050226032918992,
  "snrd_gm": 68.40228764228925,
  "snrd_total": 62.78451095338244,
  "snrd_wm": 90.90101918493906,
  "spacing_x": 1.0,
  "spacing_y": 1.0,
  "spacing_z": 1.0,
  "summary_bg_k": 21.789597217351247,
  "summary_bg_mad": 0.0,
  "summary_bg_mean": 2.872953726462797,
  "summary_bg_median": 0.0,
  "summary_bg_n": 505302.0,
  "summary_bg_p05": 0.0,
  "summary_bg_p95": 17.236390388848992,
  "summary_bg_stdv": 7.207315264946801,
  "summary_csf_k": 1.9275798944284812,
  "summary_csf_mad": 74.14632874668074,
  "summary_csf_mean": 327.4678202762171,
  "summary_csf_median": 319.5886193122715,
  "summary_csf_n": 56769.0,
  "summary_csf_p05": 182.51439826376736,
  "summary_csf_p95": 500.81445182301104,
  "summary_csf_stdv": 96.24573964661775,
  "summary_gm_k": 0.21923645569749706,
  "summary_gm_mad": 55.60073509565145,
  "summary_gm_mean": 752.5586230594931,
  "summary_gm_median": 752.5102434875444,
  "summary_gm_n": 24060.0,
  "summary_gm_p05": 661.640829709638,
  "summary_gm_p95": 844.6682230184786,
  "summary_gm_stdv": 56.37077050870118,
  "summary_wm_k": 0.754758827329002,
  "summary_wm_mad": 37.52373759129541,
  "summary_wm_mean": 1001.2715507411118,
  "summary_wm_median": 1000.0242745950818,
  "summary_wm_n": 195037.0,
  "summary_wm_p05": 937.5166792925447,
  "summary_wm_p95": 1069.9228885564953,
  "summary_wm_stdv": 40.37757061757311,
  "tpm_overlap_csf": 0.17334488148406074,
  "tpm_overlap_gm": 0.4632942660959249,
  "tpm_overlap_wm": 0.5126494324335351,
  "wm2max": 0.7542312276519666
}