{
  "aor": 0.0010328666666666667,
  "aqi": 0.0109757451,
  "bids_meta": {
    "AcquisitionMatrixPE": 70,
    "AcquisitionNumber": 3,
    "AcquisitionTime": "08:45:19.800000",
    "BodyPartExamined": "BRAIN",
    "CoilString": "MULTI_COIL",
    "ConversionSoftware": "dcm2niix",
    "ConversionSoftwareVersion": "v1.0.20190410  (JP2:OpenJPEG) GCC6.3.0",
    "Dcm2bidsVersion": "2.1.4",
    "DeviceSerialNumber": "42451",
    "EchoTime": 0.03,
    "EchoTrainLength": 35,
    "EffectiveEchoSpacing": 0.000698,
    "FlipAngle": 75,
    "ImageOrientationPatientDICOM": [
      0.999985,
      0.00419968,
      -0.00351216,
      -0.00420782,
      0.999988,
      -0.00231125
    ],
    "ImageType": [
      "ORIGINAL",
      "PRIMARY",
      "M",
      "FFE",
      "M",
      "FFE"
    ],
    "ImagingFrequency": 127.759,
    "InPlanePhaseEncodingDirectionDICOM": "COL",
    "InstitutionAddress": "Calzada_Mexico_Xochimilco_No.101_Tlalpan",
    "InstitutionName": "I.N._Psiquiatria",
    "InstitutionalDepartmentName": "Imagenes_Cerebrales",
    "MRAcquisitionType": "2D",
    "MagneticFieldStrength": 3,
    "Manufacturer": "Philips",
    "ManufacturersModelName": "Ingenia",
    "Modality": "MR",
    "PartialFourier": 0.5,
    "PatientPosition": "HFS",
    "PercentPhaseFOV": 100,
    "PhaseEncodingAxis": "j",
    "PhaseEncodingDirection": "j-",
    "PhaseEncodingSteps": 70,
    "PhilipsRescaleIntercept": 0,
    "PhilipsRescaleSlope": 0.89939,
    "PhilipsScaleSlope": 0.0225723,
    "PixelBandwidth": 1819,
    "ProcedureStepDescription": "PROTOCOLO_TMS",
    "ProtocolName": "WIP_FE_EPI_32chSHC_AP",
    "ReconMatrixPE": 80,
    "RepetitionTime": 2,
    "SAR": 0.119138,
    "ScanOptions": "FS",
    "ScanningSequence": "GR",
    "SequenceVariant": "SK",
    "SeriesDescription": "FE_EPI_32chSHC_AP",
    "SeriesNumber": 301,
    "SliceThickness": 3.33,
    "SliceTiming": [
      0.0,
      1.027027,
      0.054054,
      1.081081,
      0.108108,
      1.135135,
      0.162162,
      1.189189,
      0.216216,
      1.243244,
      0.27027,
      1.297298,
      0.324324,
      1.351352,
      0.378378,
      1.405406,
      0.432432,
      1.45946,
      0.486486,
      1.513514,
      0.540541,
      1.567568,
      0.594595,
      1.621622,
      0.648649,
      1.675676,
      0.702703,
      1.72973,
      0.756757,
      1.783784,
      0.810811,
      1.837838,
      0.864865,
      1.891892,
      0.918919,
      1.945947,
      0.972973
    ],
    "SoftwareVersions": "5.3.1_5.3.1.0",
    "SpacingBetweenSlices": 3.33,
    "StationName": "PHILIPS-CTMFQSD",
    "TaskName": "rest",
    "TotalReadoutTime": 0.04884,
    "UsePhilipsFloatNotDisplayScaling": 1,
    "dataset": "ds003037",
    "modality": "bold",
    "session_id": "t0",
    "subject_id": "037",
    "task_id": "rest"
  },
  "dummy_trs": 0,
  "dvars_nstd": 21.664049091404674,
  "dvars_std": 1.1257979047157192,
  "dvars_vstd": 0.9477453101337792,
  "efc": 0.4347797049937776,
  "fber": 102843.6171875,
  "fd_mean": 0.14425763158229868,
  "fd_num": 33,
  "fd_perc": 11.0,
  "fwhm_avg": 1.8306717946833657,
  "fwhm_x": 1.77905,
  "fwhm_y": 2.0236199999999998,
  "fwhm_z": 1.6893453840500974,
  "gcor": 0.0775857,
  "gsr_x": -0.023328036069869995,
  "gsr_y": 0.0309202391654253,
  "provenance": {
    "md5sum": "18ebe24be53707cbe1814052811e3a5e",
    "settings": {
      "fd_thres": 0.2,
      "testing": false
    },
    "software": "mriqc",
    "version": "22.0.6",
    "webapi_port": null,
    "webapi_url": "https://mriqc.nimh.nih.gov/api/v1"
  },
  "size_t": 300,
  "size_x": 80,
  "size_y": 80,
  "size_z": 37,
  "snr": 5.383506183722553,
  "spacing_tr": 2.0000016689300537,
  "spacing_x": 3.0,
  "spacing_y": 3.0,
  "spacing_z": 3.3299999237060547,
  "summary_bg_k": 104.29305554540137,
  "summary_bg_mad": 250.3641902491006,
  "summary_bg_mean": 1753.9912109375,
  "summary_bg_median": 188.8189697265625,
  "summary_bg_n": 160292.0,
  "summary_bg_p05": 8.211762952804566,
  "summary_bg_p95": 8829.016259765605,
  "summary_bg_stdv": 4494.37353515625,
  "summary_fg_k": 2.3658536703703605,
  "summary_fg_mad": 10061.636520276397,
  "summary_fg_mean": 63731.13671875,
  "summary_fg_median": 62500.4921875,
  "summary_fg_n": 35424.0,
  "summary_fg_p05": 46629.443359375,
  "summary_fg_p95": 83036.11523437499,
  "summary_fg_stdv": 11609.4619140625,
  "tsnr": 50.31471252441406
}