{
  "bids_meta": {
    "AcquisitionMatrixPE": 240,
    "AcquisitionNumber": 4,
    "AcquisitionTime": "10:00:3.070000",
    "BodyPartExamined": "BRAIN",
    "CoilString": "MULTI_COIL",
    "ConversionSoftware": "dcm2niix",
    "ConversionSoftwareVersion": "v1.0.20190410  (JP2:OpenJPEG) GCC6.3.0",
    "Dcm2bidsVersion": "2.1.4",
    "DeviceSerialNumber": "42451",
    "EchoTime": 0.0035,
    "EchoTrainLength": 240,
    "FlipAngle": 8,
    "ImageOrientationPatientDICOM": [
      -0.0042116,
      0.999967,
      -0.00690923,
      -0.00362181,
      -0.00692449,
      -0.999969
    ],
    "ImageType": [
      "ORIGINAL",
      "PRIMARY",
      "M",
      "FFE",
      "M",
      "FFE"
    ],
    "ImagingFrequency": 127.759,
    "InPlanePhaseEncodingDirectionDICOM": "ROW",
    "InstitutionAddress": "Calzada_Mexico_Xochimilco_No.101_Tlalpan",
    "InstitutionName": "I.N._Psiquiatria",
    "InstitutionalDepartmentName": "Imagenes_Cerebrales",
    "MRAcquisitionType": "3D",
    "MagneticFieldStrength": 3,
    "Manufacturer": "Philips",
    "ManufacturersModelName": "Ingenia",
    "Modality": "MR",
    "PatientPosition": "HFS",
    "PercentPhaseFOV": 100,
    "PhaseEncodingSteps": 240,
    "PhilipsRescaleIntercept": 0,
    "PhilipsRescaleSlope": 3.90183,
    "PhilipsScaleSlope": 0.00600632,
    "PixelBandwidth": 310,
    "ProcedureStepDescription": "EDUARDO_TMS",
    "ProtocolName": "WIP_sT1W_3D_TFE_32_channel",
    "ReconMatrixPE": 240,
    "RepetitionTime": 0.007,
    "SAR": 0.0382114,
    "ScanOptions": "OTHER",
    "ScanningSequence": "GR",
    "SequenceVariant": "MP",
    "SeriesDescription": "sT1W_3D_TFE_32_channel",
    "SeriesNumber": 401,
    "SliceThickness": 1,
    "SoftwareVersions": "5.3.1_5.3.1.0",
    "SpacingBetweenSlices": 1,
    "StationName": "PHILIPS-CTMFQSD",
    "UsePhilipsFloatNotDisplayScaling": 1,
    "dataset": "ds003037",
    "modality": "T1w",
    "session_id": "t2",
    "subject_id": "027"
  },
  "cjv": 0.36927617498746373,
  "cnr": 3.636723462206806,
  "efc": 0.7186862112246675,
  "fber": -1.0,
  "fwhm_avg": 4.434220000000001,
  "fwhm_x": 4.37127,
  "fwhm_y": 4.65048,
  "fwhm_z": 4.28091,
  "icvs_csf": 0.23313371658637524,
  "icvs_gm": 0.40450007587848447,
  "icvs_wm": 0.3623662075351403,
  "inu_med": 0.4081711769104004,
  "inu_range": 0.13725114464759824,
  "provenance": {
    "md5sum": "22b5355a1d1b7922885185699075d685",
    "settings": {
      "testing": false
    },
    "software": "mriqc",
    "version": "22.0.6",
    "warnings": {
      "large_rot_frame": true,
      "small_air_mask": false
    },
    "webapi_port": null,
    "webapi_url": "https://mriqc.nimh.nih.gov/api/v1"
  },
  "qi_1": 0.0,
  "qi_2": 0.00011262790180133333,
  "rpve_csf": 22.805226399849474,
  "rpve_gm": 12.986933952685552,
  "rpve_wm": 16.862518483100345,
  "size_x": 180,
  "size_y": 240,
  "size_z": 240,
  "snr_csf": 3.032487517635283,
  "snr_gm": 13.672046303834787,
  "snr_total": 15.388081910666932,
  "snr_wm": 29.45971191053072,
  "snrd_csf": 45.19156060868709,
  "snrd_gm": 109.94261627000759,
  "snrd_total": 99.7998478123986,
  "snrd_wm": 144.2653665585011,
  "spacing_x": 1.0,
  "spacing_y": 1.0,
  "spacing_z": 1.0,
  "summary_bg_k": 18.327981652865844,
  "summary_bg_mad": 0.0,
  "summary_bg_mean": 1.7866389702103687,
  "summary_bg_median": 0.0,
  "summary_bg_n": 477858.0,
  "summary_bg_p05": 0.0,
  "summary_bg_p95": 10.73778122663498,
  "summary_bg_stdv": 4.5413041309763935,
  "summary_csf_k": 1.9366505896119186,
  "summary_csf_mad": 72.87259066537983,
  "summary_csf_mean": 316.02386898563583,
  "summary_csf_median": 313.2609039545059,
  "summary_csf_n": 57222.0,
  "summary_csf_p05": 110.25256332010031,
  "summary_csf_p95": 489.3504336476326,
  "summary_csf_stdv": 103.30072749812808,
  "summary_gm_k": 0.13884256486368285,
  "summary_gm_mad": 55.644762820897725,
  "summary_gm_mean": 761.0142141845304,
  "summary_gm_median": 762.1052004396915,
  "summary_gm_n": 33014.0,
  "summary_gm_p05": 669.1452540457249,
  "summary_gm_p95": 850.7801167666912,
  "summary_gm_stdv": 55.7410091557919,
  "summary_wm_k": 0.5886998909563612,
  "summary_wm_mad": 32.21342213002944,
  "summary_wm_mean": 1000.5565332015071,
  "summary_wm_median": 1000.0251933932304,
  "summary_wm_n": 195217.0,
  "summary_wm_p05": 945.806960016489,
  "summary_wm_p95": 1056.9404751062393,
  "summary_wm_stdv": 33.945431479783196,
  "tpm_overlap_csf": 0.1421941843139545,
  "tpm_overlap_gm": 0.43374966162939244,
  "tpm_overlap_wm": 0.47657877554959455,
  "wm2max": 0.7850330444418062
}