{
  "aor": 0.0049732333333333345,
  "aqi": 0.020035860000000003,
  "bids_meta": {
    "AcquisitionMatrixPE": 70,
    "AcquisitionNumber": 6,
    "AcquisitionTime": "08:33:21.720000",
    "BodyPartExamined": "BRAIN",
    "CoilString": "MULTI_COIL",
    "ConversionSoftware": "dcm2niix",
    "ConversionSoftwareVersion": "v1.0.20190410  (JP2:OpenJPEG) GCC6.3.0",
    "Dcm2bidsVersion": "2.1.4",
    "DeviceSerialNumber": "42451",
    "EchoTime": 0.03,
    "EchoTrainLength": 35,
    "EffectiveEchoSpacing": 0.000698,
    "FlipAngle": 75,
    "ImageOrientationPatientDICOM": [
      0.998517,
      -0.0430024,
      0.0333936,
      0.0428794,
      0.999071,
      0.00439337
    ],
    "ImageType": [
      "ORIGINAL",
      "PRIMARY",
      "M",
      "FFE",
      "M",
      "FFE"
    ],
    "ImagingFrequency": 127.759,
    "InPlanePhaseEncodingDirectionDICOM": "COL",
    "InstitutionAddress": "Calzada_Mexico_Xochimilco_No.101_Tlalpan",
    "InstitutionName": "I.N._Psiquiatria",
    "InstitutionalDepartmentName": "Imagenes_Cerebrales",
    "MRAcquisitionType": "2D",
    "MagneticFieldStrength": 3,
    "Manufacturer": "Philips",
    "ManufacturersModelName": "Ingenia",
    "Modality": "MR",
    "PartialFourier": 0.5,
    "PatientPosition": "HFS",
    "PercentPhaseFOV": 100,
    "PhaseEncodingAxis": "j",
    "PhaseEncodingDirection": "j-",
    "PhaseEncodingSteps": 70,
    "PhilipsRescaleIntercept": 0,
    "PhilipsRescaleSlope": 0.783883,
    "PhilipsScaleSlope": 0.0210912,
    "PixelBandwidth": 1819,
    "ProcedureStepDescription": "PROTOCOLO_EDUARDO_TMS",
    "ProtocolName": "WIP_FE_EPI_32chSHC_AP",
    "ReconMatrixPE": 80,
    "RepetitionTime": 2,
    "SAR": 0.119138,
    "ScanOptions": "FS",
    "ScanningSequence": "GR",
    "SequenceVariant": "SK",
    "SeriesDescription": "FE_EPI_32chSHC_AP",
    "SeriesNumber": 601,
    "SliceThickness": 3.33,
    "SliceTiming": [
      0.0,
      1.027027,
      0.054054,
      1.081081,
      0.108108,
      1.135135,
      0.162162,
      1.189189,
      0.216216,
      1.243244,
      0.27027,
      1.297298,
      0.324324,
      1.351352,
      0.378378,
      1.405406,
      0.432432,
      1.45946,
      0.486486,
      1.513514,
      0.540541,
      1.567568,
      0.594595,
      1.621622,
      0.648649,
      1.675676,
      0.702703,
      1.72973,
      0.756757,
      1.783784,
      0.810811,
      1.837838,
      0.864865,
      1.891892,
      0.918919,
      1.945947,
      0.972973
    ],
    "SoftwareVersions": "5.3.1_5.3.1.0",
    "SpacingBetweenSlices": 3.33,
    "StationName": "PHILIPS-CTMFQSD",
    "TaskName": "rest",
    "TotalReadoutTime": 0.04884,
    "UsePhilipsFloatNotDisplayScaling": 1,
    "dataset": "ds003037",
    "modality": "bold",
    "session_id": "t1",
    "subject_id": "046",
    "task_id": "rest"
  },
  "dummy_trs": 0,
  "dvars_nstd": 31.04857169193979,
  "dvars_std": 1.1063557880602013,
  "dvars_vstd": 0.9767458961204013,
  "efc": 0.40892656777437963,
  "fber": 67310.234375,
  "fd_mean": 0.3642587825244062,
  "fd_num": 197,
  "fd_perc": 65.66666666666667,
  "fwhm_avg": 2.0638294743189216,
  "fwhm_x": 2.0581033333333334,
  "fwhm_y": 2.187673333333333,
  "fwhm_z": 1.9457117562900978,
  "gcor": 0.0642865,
  "gsr_x": -0.0054519930854439735,
  "gsr_y": 0.021828802302479744,
  "provenance": {
    "md5sum": "59fd60cf9c7c6ef66a9bcdef3bd63109",
    "settings": {
      "fd_thres": 0.2,
      "testing": false
    },
    "software": "mriqc",
    "version": "22.0.6",
    "webapi_port": null,
    "webapi_url": "https://mriqc.nimh.nih.gov/api/v1"
  },
  "size_t": 300,
  "size_x": 80,
  "size_y": 80,
  "size_z": 37,
  "snr": 4.663415355560337,
  "spacing_tr": 2.0000016689300537,
  "spacing_x": 3.0,
  "spacing_y": 3.0,
  "spacing_z": 3.3299999237060547,
  "summary_bg_k": 136.6344361393076,
  "summary_bg_mad": 265.8978113544596,
  "summary_bg_mean": 1299.38720703125,
  "summary_bg_median": 240.25875854492188,
  "summary_bg_n": 163190.0,
  "summary_bg_p05": 30.368732738494874,
  "summary_bg_p95": 5813.44650878906,
  "summary_bg_stdv": 3959.87744140625,
  "summary_fg_k": 2.657669652535482,
  "summary_fg_mad": 10746.063039346252,
  "summary_fg_mean": 63611.55078125,
  "summary_fg_median": 62233.19140625,
  "summary_fg_n": 33658.0,
  "summary_fg_p05": 45259.40703125,
  "summary_fg_p95": 87913.409765625,
  "summary_fg_stdv": 13344.783203125,
  "tsnr": 35.14896774291992
}