{
  "bids_meta": {
    "AcquisitionMatrixPE": 240,
    "AcquisitionNumber": 4,
    "AcquisitionTime": "11:50:11.110000",
    "BodyPartExamined": "BRAIN",
    "CoilString": "MULTI_COIL",
    "ConversionSoftware": "dcm2niix",
    "ConversionSoftwareVersion": "v1.0.20190410  (JP2:OpenJPEG) GCC6.3.0",
    "Dcm2bidsVersion": "2.1.4",
    "DeviceSerialNumber": "42451",
    "EchoTime": 0.0035,
    "EchoTrainLength": 240,
    "FlipAngle": 8,
    "ImageOrientationPatientDICOM": [
      -0.00216078,
      0.999996,
      0.00196309,
      0.000661167,
      0.00196452,
      -0.999998
    ],
    "ImageType": [
      "ORIGINAL",
      "PRIMARY",
      "M",
      "FFE",
      "M",
      "FFE"
    ],
    "ImagingFrequency": 127.759,
    "InPlanePhaseEncodingDirectionDICOM": "ROW",
    "InstitutionAddress": "Calzada_Mexico_Xochimilco_No.101_Tlalpan",
    "InstitutionName": "I.N._Psiquiatria",
    "InstitutionalDepartmentName": "Imagenes_Cerebrales",
    "MRAcquisitionType": "3D",
    "MagneticFieldStrength": 3,
    "Manufacturer": "Philips",
    "ManufacturersModelName": "Ingenia",
    "Modality": "MR",
    "PatientPosition": "HFS",
    "PercentPhaseFOV": 100,
    "PhaseEncodingSteps": 240,
    "PhilipsRescaleIntercept": 0,
    "PhilipsRescaleSlope": 10.947,
    "PhilipsScaleSlope": 0.00567737,
    "PixelBandwidth": 310,
    "ProcedureStepDescription": "PROTOCOLO_EDUARDO_TMS",
    "ProtocolName": "WIP_sT1W_3D_TFE_32_channel",
    "ReconMatrixPE": 240,
    "RepetitionTime": 0.007,
    "SAR": 0.0382114,
    "ScanOptions": "OTHER",
    "ScanningSequence": "GR",
    "SequenceVariant": "MP",
    "SeriesDescription": "sT1W_3D_TFE_32_channel",
    "SeriesNumber": 401,
    "SliceThickness": 1,
    "SoftwareVersions": "5.3.1_5.3.1.0",
    "SpacingBetweenSlices": 1,
    "StationName": "PHILIPS-CTMFQSD",
    "UsePhilipsFloatNotDisplayScaling": 1,
    "dataset": "ds003037",
    "modality": "T1w",
    "session_id": "t0",
    "subject_id": "042"
  },
  "cjv": 0.34736504306450544,
  "cnr": 3.849608961622526,
  "efc": 0.7312408515818429,
  "fber": -1.0,
  "fwhm_avg": 4.369876666666667,
  "fwhm_x": 4.20887,
  "fwhm_y": 4.76848,
  "fwhm_z": 4.13228,
  "icvs_csf": 0.24923788102542427,
  "icvs_gm": 0.3999844327265999,
  "icvs_wm": 0.35077768624797584,
  "inu_med": 0.4642665237188339,
  "inu_range": 0.19320756196975708,
  "provenance": {
    "md5sum": "8b71316c199e190f9901623e8e99708a",
    "settings": {
      "testing": false
    },
    "software": "mriqc",
    "version": "22.0.6",
    "warnings": {
      "large_rot_frame": true,
      "small_air_mask": false
    },
    "webapi_port": null,
    "webapi_url": "https://mriqc.nimh.nih.gov/api/v1"
  },
  "qi_1": 0.0002268746753061712,
  "qi_2": 8.072491352692691e-05,
  "rpve_csf": 18.739365848328113,
  "rpve_gm": 11.334256563165017,
  "rpve_wm": 15.061352253145209,
  "size_x": 180,
  "size_y": 240,
  "size_z": 240,
  "snr_csf": 3.430039585702264,
  "snr_gm": 14.69578600593429,
  "snr_total": 15.554306184617872,
  "snr_wm": 28.537092962217063,
  "snrd_csf": 35.65227223448396,
  "snrd_gm": 87.37255463370738,
  "snrd_total": 79.39084854408654,
  "snrd_wm": 115.14771876406829,
  "spacing_x": 1.0,
  "spacing_y": 1.0,
  "spacing_z": 1.0,
  "summary_bg_k": 874.3437078824804,
  "summary_bg_mad": 0.0,
  "summary_bg_mean": 2.432359919354017,
  "summary_bg_median": 0.0,
  "summary_bg_n": 555344.0,
  "summary_bg_p05": 0.0,
  "summary_bg_p95": 13.880399679765105,
  "summary_bg_stdv": 5.689530133037708,
  "summary_csf_k": 2.268090205974289,
  "summary_csf_mad": 67.81666789119208,
  "summary_csf_mean": 319.59533131242483,
  "summary_csf_median": 309.62205304019153,
  "summary_csf_n": 66462.0,
  "summary_csf_p05": 192.61919775791466,
  "summary_csf_p95": 482.06882774056857,
  "summary_csf_stdv": 90.26709925029601,
  "summary_gm_k": 0.3711120401570325,
  "summary_gm_mad": 50.598182056902786,
  "summary_gm_mean": 759.1015936894732,
  "summary_gm_median": 758.7866929527372,
  "summary_gm_n": 25855.0,
  "summary_gm_p05": 676.3447594419122,
  "summary_gm_p95": 842.9681334326043,
  "summary_gm_stdv": 51.63194528128833,
  "summary_wm_k": 0.47721607953934386,
  "summary_wm_mad": 33.19089703583399,
  "summary_wm_mean": 1000.3664736632327,
  "summary_wm_median": 1000.0000239014626,
  "summary_wm_n": 216798.0,
  "summary_wm_p05": 943.739835107699,
  "summary_wm_p95": 1058.628794658929,
  "summary_wm_stdv": 35.042031748938136,
  "tpm_overlap_csf": 0.1559009855127576,
  "tpm_overlap_gm": 0.46112616165258885,
  "tpm_overlap_wm": 0.5158598223554856,
  "wm2max": 0.7670397862134313
}