{
  "bids_meta": {
    "AcquisitionMatrixPE": 240,
    "AcquisitionNumber": 4,
    "AcquisitionTime": "09:54:13.730000",
    "BodyPartExamined": "BRAIN",
    "CoilString": "MULTI_COIL",
    "ConversionSoftware": "dcm2niix",
    "ConversionSoftwareVersion": "v1.0.20190410  (JP2:OpenJPEG) GCC6.3.0",
    "Dcm2bidsVersion": "2.1.4",
    "DeviceSerialNumber": "42451",
    "EchoTime": 0.0035,
    "EchoTrainLength": 240,
    "FlipAngle": 8,
    "ImageOrientationPatientDICOM": [
      -0.0042116,
      0.999969,
      -0.00663162,
      -0.00362181,
      -0.00664688,
      -0.999971
    ],
    "ImageType": [
      "ORIGINAL",
      "PRIMARY",
      "M",
      "FFE",
      "M",
      "FFE"
    ],
    "ImagingFrequency": 127.76,
    "InPlanePhaseEncodingDirectionDICOM": "ROW",
    "InstitutionAddress": "Calzada_Mexico_Xochimilco_No.101_Tlalpan",
    "InstitutionName": "I.N._Psiquiatria",
    "InstitutionalDepartmentName": "Imagenes_Cerebrales",
    "MRAcquisitionType": "3D",
    "MagneticFieldStrength": 3,
    "Manufacturer": "Philips",
    "ManufacturersModelName": "Ingenia",
    "Modality": "MR",
    "PatientPosition": "HFS",
    "PercentPhaseFOV": 100,
    "PhaseEncodingSteps": 240,
    "PhilipsRescaleIntercept": 0,
    "PhilipsRescaleSlope": 3.77607,
    "PhilipsScaleSlope": 0.00600095,
    "PixelBandwidth": 310,
    "ProcedureStepDescription": "EDUARDO_TMS",
    "ProtocolName": "WIP_sT1W_3D_TFE_32_channel",
    "ReconMatrixPE": 240,
    "RepetitionTime": 0.007,
    "SAR": 0.0382114,
    "ScanOptions": "OTHER",
    "ScanningSequence": "GR",
    "SequenceVariant": "MP",
    "SeriesDescription": "sT1W_3D_TFE_32_channel",
    "SeriesNumber": 401,
    "SliceThickness": 1,
    "SoftwareVersions": "5.3.1_5.3.1.0",
    "SpacingBetweenSlices": 1,
    "StationName": "PHILIPS-CTMFQSD",
    "UsePhilipsFloatNotDisplayScaling": 1,
    "dataset": "ds003037",
    "modality": "T1w",
    "session_id": "t0",
    "subject_id": "031"
  },
  "cjv": 0.33772140087494346,
  "cnr": 3.992092941956042,
  "efc": 0.7342654388801135,
  "fber": -1.0,
  "fwhm_avg": 4.592006666666666,
  "fwhm_x": 4.44401,
  "fwhm_y": 4.9706,
  "fwhm_z": 4.36141,
  "icvs_csf": 0.21810864722969325,
  "icvs_gm": 0.41804871240529556,
  "icvs_wm": 0.3638426403650112,
  "inu_med": 0.42796072363853455,
  "inu_range": 0.16330406665801994,
  "provenance": {
    "md5sum": "605bbe6f6d8ea43aac5bbea37c286e72",
    "settings": {
      "testing": false
    },
    "software": "mriqc",
    "version": "22.0.6",
    "warnings": {
      "large_rot_frame": true,
      "small_air_mask": false
    },
    "webapi_port": null,
    "webapi_url": "https://mriqc.nimh.nih.gov/api/v1"
  },
  "qi_1": 0.0,
  "qi_2": 7.161558232982062e-05,
  "rpve_csf": 22.386531561895236,
  "rpve_gm": 11.82973684423861,
  "rpve_wm": 15.612451831941854,
  "size_x": 180,
  "size_y": 240,
  "size_z": 240,
  "snr_csf": 2.918082510301141,
  "snr_gm": 14.227750040355374,
  "snr_total": 14.62290873273488,
  "snr_wm": 26.72289364754813,
  "snrd_csf": 26.135788744456526,
  "snrd_gm": 60.21566546781234,
  "snrd_total": 55.84263063335809,
  "snrd_wm": 81.1764376878054,
  "spacing_x": 1.0,
  "spacing_y": 1.0,
  "spacing_z": 1.0,
  "summary_bg_k": 24.301697171156867,
  "summary_bg_mad": 0.0,
  "summary_bg_mean": 3.0670541459073126,
  "summary_bg_median": 0.0,
  "summary_bg_n": 415858.0,
  "summary_bg_p05": 0.0,
  "summary_bg_p95": 20.30189056880772,
  "summary_bg_stdv": 8.070524265219323,
  "summary_csf_k": 0.7891371888498124,
  "summary_csf_mad": 98.63154936926512,
  "summary_csf_mean": 324.1541727582927,
  "summary_csf_median": 321.96275043301284,
  "summary_csf_n": 52176.0,
  "summary_csf_p05": 138.71811555884778,
  "summary_csf_p95": 511.65352231264114,
  "summary_csf_stdv": 110.33261188768081,
  "summary_gm_k": 0.17886364254518838,
  "summary_gm_mad": 51.45846006748211,
  "summary_gm_mean": 743.679662003527,
  "summary_gm_median": 741.7874954044819,
  "summary_gm_n": 40540.0,
  "summary_gm_p05": 661.2899257994256,
  "summary_gm_p95": 830.886414013803,
  "summary_gm_stdv": 52.13602603431084,
  "summary_wm_k": 0.6032701548143322,
  "summary_wm_mad": 35.74543392658539,
  "summary_wm_mean": 1000.7522968883573,
  "summary_wm_median": 1000.0000154525042,
  "summary_wm_n": 206562.0,
  "summary_wm_p05": 940.9066029042006,
  "summary_wm_p95": 1062.4426664449275,
  "summary_wm_stdv": 37.42100717302158,
  "tpm_overlap_csf": 0.13937259898647697,
  "tpm_overlap_gm": 0.44132209209403533,
  "tpm_overlap_wm": 0.4898513998899856,
  "wm2max": 0.8634643953649599
}