{
  "aor": 0.0011203,
  "aqi": 0.006475489466666667,
  "bids_meta": {
    "AcquisitionMatrixPE": 70,
    "AcquisitionNumber": 3,
    "AcquisitionTime": "10:27:52.010000",
    "BodyPartExamined": "BRAIN",
    "CoilString": "MULTI_COIL",
    "ConversionSoftware": "dcm2niix",
    "ConversionSoftwareVersion": "v1.0.20190410  (JP2:OpenJPEG) GCC6.3.0",
    "Dcm2bidsVersion": "2.1.4",
    "DeviceSerialNumber": "42451",
    "EchoTime": 0.03,
    "EchoTrainLength": 35,
    "EffectiveEchoSpacing": 0.000698,
    "FlipAngle": 75,
    "ImageOrientationPatientDICOM": [
      0.999985,
      0.00415612,
      -0.00368534,
      -0.0042116,
      0.999876,
      -0.015176
    ],
    "ImageType": [
      "ORIGINAL",
      "PRIMARY",
      "M",
      "FFE",
      "M",
      "FFE"
    ],
    "ImagingFrequency": 127.759,
    "InPlanePhaseEncodingDirectionDICOM": "COL",
    "InstitutionAddress": "Calzada_Mexico_Xochimilco_No.101_Tlalpan",
    "InstitutionName": "I.N._Psiquiatria",
    "InstitutionalDepartmentName": "Imagenes_Cerebrales",
    "MRAcquisitionType": "2D",
    "MagneticFieldStrength": 3,
    "Manufacturer": "Philips",
    "ManufacturersModelName": "Ingenia",
    "Modality": "MR",
    "PartialFourier": 0.5,
    "PatientPosition": "HFS",
    "PercentPhaseFOV": 100,
    "PhaseEncodingAxis": "j",
    "PhaseEncodingDirection": "j-",
    "PhaseEncodingSteps": 70,
    "PhilipsRescaleIntercept": 0,
    "PhilipsRescaleSlope": 0.74652,
    "PhilipsScaleSlope": 0.0253277,
    "PixelBandwidth": 1819,
    "ProcedureStepDescription": "EDUARDO_TMS",
    "ProtocolName": "WIP_FE_EPI_32chSHC_AP",
    "ReconMatrixPE": 80,
    "RepetitionTime": 2,
    "SAR": 0.119138,
    "ScanOptions": "FS",
    "ScanningSequence": "GR",
    "SequenceVariant": "SK",
    "SeriesDescription": "FE_EPI_32chSHC_AP",
    "SeriesNumber": 301,
    "SliceThickness": 3.33,
    "SliceTiming": [
      0.0,
      1.027027,
      0.054054,
      1.081081,
      0.108108,
      1.135135,
      0.162162,
      1.189189,
      0.216216,
      1.243244,
      0.27027,
      1.297298,
      0.324324,
      1.351352,
      0.378378,
      1.405406,
      0.432432,
      1.45946,
      0.486486,
      1.513514,
      0.540541,
      1.567568,
      0.594595,
      1.621622,
      0.648649,
      1.675676,
      0.702703,
      1.72973,
      0.756757,
      1.783784,
      0.810811,
      1.837838,
      0.864865,
      1.891892,
      0.918919,
      1.945947,
      0.972973
    ],
    "SoftwareVersions": "5.3.1_5.3.1.0",
    "SpacingBetweenSlices": 3.33,
    "StationName": "PHILIPS-CTMFQSD",
    "TaskName": "rest",
    "TotalReadoutTime": 0.04884,
    "UsePhilipsFloatNotDisplayScaling": 1,
    "dataset": "ds003037",
    "modality": "bold",
    "session_id": "t4",
    "subject_id": "027",
    "task_id": "rest"
  },
  "dummy_trs": 0,
  "dvars_nstd": 28.2307737216388,
  "dvars_std": 1.436738220200669,
  "dvars_vstd": 0.9897877538127084,
  "efc": 0.40831924884169374,
  "fber": 78626.765625,
  "fd_mean": 0.05334029597579609,
  "fd_num": 0,
  "fd_perc": 0.0,
  "fwhm_avg": 1.7594371698789615,
  "fwhm_x": 1.7464266666666666,
  "fwhm_y": 1.86608,
  "fwhm_z": 1.6658048429702172,
  "gcor": 0.052415,
  "gsr_x": -0.0045105041936039925,
  "gsr_y": 0.003996101673692465,
  "provenance": {
    "md5sum": "2b4a02c01844c4ed9173ca548a6da4f9",
    "settings": {
      "fd_thres": 0.2,
      "testing": false
    },
    "software": "mriqc",
    "version": "22.0.6",
    "webapi_port": null,
    "webapi_url": "https://mriqc.nimh.nih.gov/api/v1"
  },
  "size_t": 300,
  "size_x": 80,
  "size_y": 80,
  "size_z": 37,
  "snr": 5.176941818404764,
  "spacing_tr": 2.0000016689300537,
  "spacing_x": 3.0,
  "spacing_y": 3.0,
  "spacing_z": 3.3299999237060547,
  "summary_bg_k": 80.47443176593454,
  "summary_bg_mad": 247.19844110358574,
  "summary_bg_mean": 1267.127197265625,
  "summary_bg_median": 203.90603637695312,
  "summary_bg_n": 164667.0,
  "summary_bg_p05": 12.869790840148926,
  "summary_bg_p95": 5698.872753906233,
  "summary_bg_stdv": 3231.8525390625,
  "summary_fg_k": 2.886334035704123,
  "summary_fg_mad": 8827.367277663026,
  "summary_fg_mean": 58759.2421875,
  "summary_fg_median": 57278.6015625,
  "summary_fg_n": 32475.0,
  "summary_fg_p05": 44427.96015625,
  "summary_fg_p95": 79203.06640625,
  "summary_fg_stdv": 11064.0068359375,
  "tsnr": 72.74713134765625
}