{
  "aor": 0.004440766666666667,
  "aqi": 0.018768303599999998,
  "bids_meta": {
    "AcquisitionMatrixPE": 70,
    "AcquisitionNumber": 3,
    "AcquisitionTime": "09:08:33.740000",
    "BodyPartExamined": "BRAIN",
    "CoilString": "MULTI_COIL",
    "ConversionSoftware": "dcm2niix",
    "ConversionSoftwareVersion": "v1.0.20190410  (JP2:OpenJPEG) GCC6.3.0",
    "Dcm2bidsVersion": "2.1.4",
    "DeviceSerialNumber": "42451",
    "EchoTime": 0.03,
    "EchoTrainLength": 35,
    "EffectiveEchoSpacing": 0.000698,
    "FlipAngle": 75,
    "ImageOrientationPatientDICOM": [
      0.999576,
      0.00419028,
      -0.0288037,
      -0.00436879,
      0.999972,
      -0.00613722
    ],
    "ImageType": [
      "ORIGINAL",
      "PRIMARY",
      "M",
      "FFE",
      "M",
      "FFE"
    ],
    "ImagingFrequency": 127.759,
    "InPlanePhaseEncodingDirectionDICOM": "COL",
    "InstitutionAddress": "Calzada_Mexico_Xochimilco_No.101_Tlalpan",
    "InstitutionName": "I.N._Psiquiatria",
    "InstitutionalDepartmentName": "Imagenes_Cerebrales",
    "MRAcquisitionType": "2D",
    "MagneticFieldStrength": 3,
    "Manufacturer": "Philips",
    "ManufacturersModelName": "Ingenia",
    "Modality": "MR",
    "PartialFourier": 0.5,
    "PatientPosition": "HFS",
    "PercentPhaseFOV": 100,
    "PhaseEncodingAxis": "j",
    "PhaseEncodingDirection": "j-",
    "PhaseEncodingSteps": 70,
    "PhilipsRescaleIntercept": 0,
    "PhilipsRescaleSlope": 0.755556,
    "PhilipsScaleSlope": 0.0246249,
    "PixelBandwidth": 1819,
    "ProcedureStepDescription": "PROTOCOLO_EDUARDO_TMS",
    "ProtocolName": "WIP_FE_EPI_32chSHC_AP",
    "ReconMatrixPE": 80,
    "RepetitionTime": 2,
    "SAR": 0.119138,
    "ScanOptions": "FS",
    "ScanningSequence": "GR",
    "SequenceVariant": "SK",
    "SeriesDescription": "FE_EPI_32chSHC_AP",
    "SeriesNumber": 301,
    "SliceThickness": 3.33,
    "SliceTiming": [
      0.0,
      1.027027,
      0.054054,
      1.081081,
      0.108108,
      1.135135,
      0.162162,
      1.189189,
      0.216216,
      1.243244,
      0.27027,
      1.297298,
      0.324324,
      1.351352,
      0.378378,
      1.405406,
      0.432432,
      1.45946,
      0.486486,
      1.513514,
      0.540541,
      1.567568,
      0.594595,
      1.621622,
      0.648649,
      1.675676,
      0.702703,
      1.72973,
      0.756757,
      1.783784,
      0.810811,
      1.837838,
      0.864865,
      1.891892,
      0.918919,
      1.945947,
      0.972973
    ],
    "SoftwareVersions": "5.3.1_5.3.1.0",
    "SpacingBetweenSlices": 3.33,
    "StationName": "PHILIPS-CTMFQSD",
    "TaskName": "rest",
    "TotalReadoutTime": 0.04884,
    "UsePhilipsFloatNotDisplayScaling": 1,
    "dataset": "ds003037",
    "modality": "bold",
    "session_id": "t0",
    "subject_id": "039",
    "task_id": "rest"
  },
  "dummy_trs": 0,
  "dvars_nstd": 28.343685437424742,
  "dvars_std": 1.0789447463210697,
  "dvars_vstd": 0.9466721986622066,
  "efc": 0.4361969716993071,
  "fber": 65179.53515625,
  "fd_mean": 0.23745623721074863,
  "fd_num": 139,
  "fd_perc": 46.333333333333336,
  "fwhm_avg": 1.975346029880141,
  "fwhm_x": 1.9575966666666667,
  "fwhm_y": 2.15306,
  "fwhm_z": 1.815381422973757,
  "gcor": 0.0185389,
  "gsr_x": -0.011646662838757038,
  "gsr_y": 0.02216213010251522,
  "provenance": {
    "md5sum": "33607d9f6c3f1f755b8181a6af9637d8",
    "settings": {
      "fd_thres": 0.2,
      "testing": false
    },
    "software": "mriqc",
    "version": "22.0.6",
    "webapi_port": null,
    "webapi_url": "https://mriqc.nimh.nih.gov/api/v1"
  },
  "size_t": 300,
  "size_x": 80,
  "size_y": 80,
  "size_z": 37,
  "snr": 5.146492828805988,
  "spacing_tr": 2.0000016689300537,
  "spacing_x": 3.0,
  "spacing_y": 3.0,
  "spacing_z": 3.3299999237060547,
  "summary_bg_k": 127.5531826369481,
  "summary_bg_mad": 280.6882875993327,
  "summary_bg_mean": 1532.957763671875,
  "summary_bg_median": 229.07000732421875,
  "summary_bg_n": 158382.0,
  "summary_bg_p05": 15.907187604904175,
  "summary_bg_p95": 7083.37497558592,
  "summary_bg_stdv": 4447.71923828125,
  "summary_fg_k": 2.085350933111629,
  "summary_fg_mad": 9925.01993811453,
  "summary_fg_mean": 61094.296875,
  "summary_fg_median": 60123.40625,
  "summary_fg_n": 36413.0,
  "summary_fg_p05": 43967.10234375,
  "summary_fg_p95": 81435.77500000001,
  "summary_fg_stdv": 11682.2431640625,
  "tsnr": 39.93284225463867
}