{
  "bids_meta": {
    "AcquisitionMatrixPE": 240,
    "AcquisitionNumber": 4,
    "AcquisitionTime": "09:19:18.100000",
    "CoilString": "MULTI_COIL",
    "ConversionSoftware": "dcm2niix",
    "ConversionSoftwareVersion": "v1.0.20190410  (JP2:OpenJPEG) GCC6.3.0",
    "Dcm2bidsVersion": "2.1.4",
    "DeviceSerialNumber": "42451",
    "EchoTime": 0.003501,
    "EchoTrainLength": 240,
    "FlipAngle": 8,
    "ImageOrientationPatientDICOM": [
      -0.0261515,
      0.999633,
      0.00707589,
      -0.0736668,
      0.00513196,
      -0.99727
    ],
    "ImageType": [
      "ORIGINAL",
      "PRIMARY",
      "M",
      "FFE",
      "M",
      "FFE"
    ],
    "ImagingFrequency": 127.766,
    "InPlanePhaseEncodingDirectionDICOM": "ROW",
    "InstitutionAddress": "Calzada_Mexico_Xochimilco_No.101_Tlalpan",
    "InstitutionName": "I.N._Psiquiatria",
    "InstitutionalDepartmentName": "Imagenes_Cerebrales",
    "MRAcquisitionType": "3D",
    "MagneticFieldStrength": 3,
    "Manufacturer": "Philips",
    "ManufacturersModelName": "Ingenia",
    "Modality": "MR",
    "PatientPosition": "HFS",
    "PercentPhaseFOV": 100,
    "PhaseEncodingSteps": 240,
    "PhilipsRescaleIntercept": 0,
    "PhilipsRescaleSlope": 11.5726,
    "PhilipsScaleSlope": 0.00512801,
    "PixelBandwidth": 310,
    "ProcedureStepDescription": "EDUARDO_TMS",
    "ProtocolName": "WIP_sT1W_3D_TFE_32_channel_SENSE",
    "ReconMatrixPE": 240,
    "RepetitionTime": 0.007,
    "SAR": 0.0382114,
    "ScanOptions": "OTHER",
    "ScanningSequence": "GR",
    "SequenceVariant": "MP",
    "SeriesDescription": "sT1W_3D_TFE_32_channel",
    "SeriesNumber": 401,
    "SliceThickness": 1,
    "SoftwareVersions": "5.1.7_5.1.7.2",
    "SpacingBetweenSlices": 1,
    "StationName": "INGENIA",
    "UsePhilipsFloatNotDisplayScaling": 1,
    "dataset": "ds003037",
    "modality": "T1w",
    "session_id": "t2",
    "subject_id": "002"
  },
  "cjv": 0.35570097565621334,
  "cnr": 3.8257636340430254,
  "efc": 0.7742646647472956,
  "fber": -1.0,
  "fwhm_avg": 4.58568,
  "fwhm_x": 4.52446,
  "fwhm_y": 4.81295,
  "fwhm_z": 4.41963,
  "icvs_csf": 0.205877180008353,
  "icvs_gm": 0.42619819158021066,
  "icvs_wm": 0.3679246284114363,
  "inu_med": 0.40564873814582825,
  "inu_range": 0.14628774821758267,
  "provenance": {
    "md5sum": "63fa1c96a449509bc9af86b08e536178",
    "settings": {
      "testing": false
    },
    "software": "mriqc",
    "version": "22.0.6",
    "warnings": {
      "large_rot_frame": true,
      "small_air_mask": true
    },
    "webapi_port": null,
    "webapi_url": "https://mriqc.nimh.nih.gov/api/v1"
  },
  "qi_1": 0.0,
  "qi_2": 0.0002742468974134456,
  "rpve_csf": 28.14658262334195,
  "rpve_gm": 14.180630090807693,
  "rpve_wm": 18.717666463219693,
  "size_x": 180,
  "size_y": 240,
  "size_z": 240,
  "snr_csf": 2.9159182539882025,
  "snr_gm": 15.01522482994047,
  "snr_total": 15.613028844236375,
  "snr_wm": 28.907943448780454,
  "snrd_csf": 38.798703566431065,
  "snrd_gm": 103.30231575998025,
  "snrd_total": 92.44340892393849,
  "snrd_wm": 135.22920744540417,
  "spacing_x": 1.0,
  "spacing_y": 1.0,
  "spacing_z": 1.0,
  "summary_bg_k": 29.886154110565258,
  "summary_bg_mad": 0.0,
  "summary_bg_mean": 1.3521599904371226,
  "summary_bg_median": 0.0,
  "summary_bg_n": 128484.0,
  "summary_bg_p05": 0.0,
  "summary_bg_p95": 11.326228432357311,
  "summary_bg_stdv": 4.844698057042172,
  "summary_csf_k": 1.9615062093162683,
  "summary_csf_mad": 81.45570305484783,
  "summary_csf_mean": 302.73979581858026,
  "summary_csf_median": 286.91430331766605,
  "summary_csf_n": 32535.0,
  "summary_csf_p05": 181.31298909410833,
  "summary_csf_p95": 490.6148820191621,
  "summary_csf_stdv": 98.39435435944019,
  "summary_gm_k": 0.11871804846311784,
  "summary_gm_mad": 50.80696629936215,
  "summary_gm_mean": 763.8216519062895,
  "summary_gm_median": 763.9150083102286,
  "summary_gm_n": 35862.0,
  "summary_gm_p05": 680.5070477053523,
  "summary_gm_p95": 846.312689519301,
  "summary_gm_stdv": 50.87531929286663,
  "summary_wm_k": 0.594925610705682,
  "summary_wm_mad": 33.173190362557406,
  "summary_wm_mean": 1000.6714836004985,
  "summary_wm_median": 1000.0126364007592,
  "summary_wm_n": 185907.0,
  "summary_wm_p05": 945.4247559383512,
  "summary_wm_p95": 1058.1573057472706,
  "summary_wm_stdv": 34.59291210452893,
  "tpm_overlap_csf": 0.15399602632828036,
  "tpm_overlap_gm": 0.46686718376726943,
  "tpm_overlap_wm": 0.5243419331261684,
  "wm2max": 0.7632460531382365
}