{
  "bids_meta": {
    "AcquisitionMatrixPE": 240,
    "AcquisitionNumber": 7,
    "AcquisitionTime": "08:21:56.470000",
    "BodyPartExamined": "BRAIN",
    "CoilString": "MULTI_COIL",
    "ConversionSoftware": "dcm2niix",
    "ConversionSoftwareVersion": "v1.0.20190410  (JP2:OpenJPEG) GCC6.3.0",
    "Dcm2bidsVersion": "2.1.4",
    "DeviceSerialNumber": "42451",
    "EchoTime": 0.0035,
    "EchoTrainLength": 240,
    "FlipAngle": 8,
    "ImageOrientationPatientDICOM": [
      -0.0042116,
      0.999797,
      -0.019698,
      -0.00362181,
      -0.0197133,
      -0.999799
    ],
    "ImageType": [
      "ORIGINAL",
      "PRIMARY",
      "M",
      "FFE",
      "M",
      "FFE"
    ],
    "ImagingFrequency": 127.76,
    "InPlanePhaseEncodingDirectionDICOM": "ROW",
    "InstitutionAddress": "Calzada_Mexico_Xochimilco_No.101_Tlalpan",
    "InstitutionName": "I.N._Psiquiatria",
    "InstitutionalDepartmentName": "Imagenes_Cerebrales",
    "MRAcquisitionType": "3D",
    "MagneticFieldStrength": 3,
    "Manufacturer": "Philips",
    "ManufacturersModelName": "Ingenia",
    "Modality": "MR",
    "PatientPosition": "HFS",
    "PercentPhaseFOV": 100,
    "PhaseEncodingSteps": 240,
    "PhilipsRescaleIntercept": 0,
    "PhilipsRescaleSlope": 10.8713,
    "PhilipsScaleSlope": 0.0055008,
    "PixelBandwidth": 310,
    "ProcedureStepDescription": "EDUARDO_TMS",
    "ProtocolName": "WIP_sT1W_3D_TFE_32_channel",
    "ReconMatrixPE": 240,
    "RepetitionTime": 0.007,
    "SAR": 0.0382114,
    "ScanOptions": "OTHER",
    "ScanningSequence": "GR",
    "SequenceVariant": "MP",
    "SeriesDescription": "sT1W_3D_TFE_32_channel",
    "SeriesNumber": 701,
    "SliceThickness": 1,
    "SoftwareVersions": "5.3.1_5.3.1.1",
    "SpacingBetweenSlices": 1,
    "StationName": "PHILIPS-CTMFQSD",
    "UsePhilipsFloatNotDisplayScaling": 1,
    "dataset": "ds003037",
    "modality": "T1w",
    "session_id": "t0",
    "subject_id": "019"
  },
  "cjv": 0.3791359067217165,
  "cnr": 3.593328302395465,
  "efc": 0.7162332505216806,
  "fber": -1.0,
  "fwhm_avg": 4.3968,
  "fwhm_x": 4.36248,
  "fwhm_y": 4.63629,
  "fwhm_z": 4.19163,
  "icvs_csf": 0.2132478340776989,
  "icvs_gm": 0.4150213228198162,
  "icvs_wm": 0.37173084310248494,
  "inu_med": 0.4345061630010605,
  "inu_range": 0.17041833847761156,
  "provenance": {
    "md5sum": "893c0ed5f81fcb1ee2bd14fedb11f855",
    "settings": {
      "testing": false
    },
    "software": "mriqc",
    "version": "22.0.6",
    "warnings": {
      "large_rot_frame": true,
      "small_air_mask": false
    },
    "webapi_port": null,
    "webapi_url": "https://mriqc.nimh.nih.gov/api/v1"
  },
  "qi_1": 0.0,
  "qi_2": 7.83895467367091e-05,
  "rpve_csf": 23.281800979795946,
  "rpve_gm": 12.174050700762583,
  "rpve_wm": 15.69764060628714,
  "size_x": 180,
  "size_y": 240,
  "size_z": 240,
  "snr_csf": 2.6374130745308655,
  "snr_gm": 13.966542369015247,
  "snr_total": 14.217269162665708,
  "snr_wm": 26.047852044451012,
  "snrd_csf": 36.96253715247579,
  "snrd_gm": 87.1045538986681,
  "snrd_total": 79.56673919681185,
  "snrd_wm": 114.6331265392917,
  "spacing_x": 1.0,
  "spacing_y": 1.0,
  "spacing_z": 1.0,
  "summary_bg_k": 36.13729534714529,
  "summary_bg_mad": 0.0,
  "summary_bg_mean": 2.122741396043298,
  "summary_bg_median": 0.0,
  "summary_bg_n": 483108.0,
  "summary_bg_p05": 0.0,
  "summary_bg_p95": 13.636473268270493,
  "summary_bg_stdv": 5.715207920112426,
  "summary_csf_k": 0.4326453371135779,
  "summary_csf_mad": 101.62123954220358,
  "summary_csf_mean": 313.6883910435028,
  "summary_csf_median": 322.4497754685581,
  "summary_csf_n": 45869.0,
  "summary_csf_p05": 79.80217806994915,
  "summary_csf_p95": 504.39586052298523,
  "summary_csf_stdv": 122.25853570854551,
  "summary_gm_k": 0.1970621661210017,
  "summary_gm_mad": 53.960700226262915,
  "summary_gm_mean": 759.2757392861851,
  "summary_gm_median": 759.8732665739954,
  "summary_gm_n": 28526.0,
  "summary_gm_p05": 669.345570136793,
  "summary_gm_p95": 846.3976497761905,
  "summary_gm_stdv": 54.40573102643534,
  "summary_wm_k": 0.40137881497616545,
  "summary_wm_mad": 37.08908287319654,
  "summary_wm_mean": 1001.0173529584833,
  "summary_wm_median": 1000.0240449234843,
  "summary_wm_n": 203349.0,
  "summary_wm_p05": 939.9083247408271,
  "summary_wm_p95": 1065.4214977100492,
  "summary_wm_stdv": 38.391710162045065,
  "tpm_overlap_csf": 0.15624144677244547,
  "tpm_overlap_gm": 0.4480272884987176,
  "tpm_overlap_wm": 0.5011930470031117,
  "wm2max": 0.8342312391099718
}