{
  "aor": 0.0029690666666666666,
  "aqi": 0.011211219333333333,
  "bids_meta": {
    "AcquisitionMatrixPE": 70,
    "AcquisitionNumber": 3,
    "AcquisitionTime": "10:27:8.810000",
    "BodyPartExamined": "BRAIN",
    "CoilString": "MULTI_COIL",
    "ConversionSoftware": "dcm2niix",
    "ConversionSoftwareVersion": "v1.0.20190410  (JP2:OpenJPEG) GCC6.3.0",
    "Dcm2bidsVersion": "2.1.4",
    "DeviceSerialNumber": "42451",
    "EchoTime": 0.03,
    "EchoTrainLength": 35,
    "EffectiveEchoSpacing": 0.000698,
    "FlipAngle": 75,
    "ImageOrientationPatientDICOM": [
      0.999985,
      0.0041729,
      -0.00366633,
      -0.0042116,
      0.999935,
      -0.0106121
    ],
    "ImageType": [
      "ORIGINAL",
      "PRIMARY",
      "M",
      "FFE",
      "M",
      "FFE"
    ],
    "ImagingFrequency": 127.766,
    "InPlanePhaseEncodingDirectionDICOM": "COL",
    "InstitutionAddress": "Calzada_Mexico_Xochimilco_No.101_Tlalpan",
    "InstitutionName": "I.N._Psiquiatria",
    "InstitutionalDepartmentName": "Imagenes_Cerebrales",
    "MRAcquisitionType": "2D",
    "MagneticFieldStrength": 3,
    "Manufacturer": "Philips",
    "ManufacturersModelName": "Ingenia",
    "Modality": "MR",
    "PartialFourier": 0.5,
    "PatientPosition": "HFS",
    "PercentPhaseFOV": 100,
    "PhaseEncodingAxis": "j",
    "PhaseEncodingDirection": "j-",
    "PhaseEncodingSteps": 70,
    "PhilipsRescaleIntercept": 0,
    "PhilipsRescaleSlope": 0.903785,
    "PhilipsScaleSlope": 0.0265413,
    "PixelBandwidth": 1819,
    "ProtocolName": "FE_EPI_32chSHC_AP",
    "ReconMatrixPE": 80,
    "RepetitionTime": 2,
    "SAR": 0.119138,
    "ScanOptions": "FS",
    "ScanningSequence": "GR",
    "SequenceVariant": "SK",
    "SeriesDescription": "FE_EPI_32chSHC_AP",
    "SeriesNumber": 301,
    "SliceThickness": 3.33,
    "SliceTiming": [
      0.0,
      1.027027,
      0.054054,
      1.081081,
      0.108108,
      1.135135,
      0.162162,
      1.189189,
      0.216216,
      1.243244,
      0.27027,
      1.297298,
      0.324324,
      1.351352,
      0.378378,
      1.405406,
      0.432432,
      1.45946,
      0.486486,
      1.513514,
      0.540541,
      1.567568,
      0.594595,
      1.621622,
      0.648649,
      1.675676,
      0.702703,
      1.72973,
      0.756757,
      1.783784,
      0.810811,
      1.837838,
      0.864865,
      1.891892,
      0.918919,
      1.945947,
      0.972973
    ],
    "SoftwareVersions": "5.3.1_5.3.1.0",
    "SpacingBetweenSlices": 3.33,
    "StationName": "PHILIPS-CTMFQSD",
    "TaskName": "rest",
    "TotalReadoutTime": 0.04884,
    "UsePhilipsFloatNotDisplayScaling": 1,
    "dataset": "ds003037",
    "modality": "bold",
    "session_id": "t2",
    "subject_id": "008",
    "task_id": "rest"
  },
  "dummy_trs": 0,
  "dvars_nstd": 28.11577016795987,
  "dvars_std": 1.2930186891973237,
  "dvars_vstd": 0.9715367575585282,
  "efc": 0.4207869632671378,
  "fber": 113126.34375,
  "fd_mean": 0.18930730266393073,
  "fd_num": 105,
  "fd_perc": 35.0,
  "fwhm_avg": 2.000425219483519,
  "fwhm_x": 1.9583000000000002,
  "fwhm_y": 2.17336,
  "fwhm_z": 1.869615658450557,
  "gcor": 0.0341994,
  "gsr_x": -0.012500029988586903,
  "gsr_y": 0.010748974978923798,
  "provenance": {
    "md5sum": "5af4b7d2df4308b326ee71e088df569a",
    "settings": {
      "fd_thres": 0.2,
      "testing": false
    },
    "software": "mriqc",
    "version": "22.0.6",
    "webapi_port": null,
    "webapi_url": "https://mriqc.nimh.nih.gov/api/v1"
  },
  "size_t": 300,
  "size_x": 80,
  "size_y": 80,
  "size_z": 37,
  "snr": 5.931011355347854,
  "spacing_tr": 2.0000016689300537,
  "spacing_x": 3.0,
  "spacing_y": 3.0,
  "spacing_z": 3.3299999237060547,
  "summary_bg_k": 52.56704096727628,
  "summary_bg_mad": 224.36842617118828,
  "summary_bg_mean": 1589.0765380859375,
  "summary_bg_median": 174.99400329589844,
  "summary_bg_n": 163143.0,
  "summary_bg_p05": 9.821824169158935,
  "summary_bg_p95": 7747.441308593747,
  "summary_bg_stdv": 4241.529296875,
  "summary_fg_k": 1.2586910246025056,
  "summary_fg_mad": 8865.09834584101,
  "summary_fg_mean": 60188.703125,
  "summary_fg_median": 60435.71484375,
  "summary_fg_n": 32379.0,
  "summary_fg_p05": 42289.37421875,
  "summary_fg_p95": 76020.13906249999,
  "summary_fg_stdv": 10189.625,
  "tsnr": 57.75081253051758
}