{
  "bids_meta": {
    "AcquisitionMatrixPE": 239,
    "AcquisitionNumber": 4,
    "AcquisitionTime": "11:00:13.210000",
    "BodyPartExamined": "BRAIN",
    "CoilString": "MULTI_COIL",
    "ConversionSoftware": "dcm2niix",
    "ConversionSoftwareVersion": "v1.0.20190410  (JP2:OpenJPEG) GCC6.3.0",
    "Dcm2bidsVersion": "2.1.4",
    "DeviceSerialNumber": "42451",
    "EchoTime": 0.0035,
    "EchoTrainLength": 239,
    "FlipAngle": 8,
    "ImageOrientationPatientDICOM": [
      -0.0042116,
      0.999987,
      -0.0027594,
      -0.00362181,
      -0.00277466,
      -0.99999
    ],
    "ImageType": [
      "ORIGINAL",
      "PRIMARY",
      "M",
      "FFE",
      "M",
      "FFE"
    ],
    "ImagingFrequency": 127.759,
    "InPlanePhaseEncodingDirectionDICOM": "ROW",
    "InstitutionAddress": "Calzada_Mexico_Xochimilco_No.101_Tlalpan",
    "InstitutionName": "I.N._Psiquiatria",
    "InstitutionalDepartmentName": "Imagenes_Cerebrales",
    "MRAcquisitionType": "3D",
    "MagneticFieldStrength": 3,
    "Manufacturer": "Philips",
    "ManufacturersModelName": "Ingenia",
    "Modality": "MR",
    "PatientPosition": "HFS",
    "PercentPhaseFOV": 100,
    "PhaseEncodingSteps": 239,
    "PhilipsRescaleIntercept": 0,
    "PhilipsRescaleSlope": 6.84347,
    "PhilipsScaleSlope": 0.00611388,
    "PixelBandwidth": 310,
    "ProcedureStepDescription": "EDUARDO_TMS",
    "ProtocolName": "WIP_sT1W_3D_TFE_32_channel",
    "ReconMatrixPE": 240,
    "RepetitionTime": 0.007,
    "SAR": 0.0381122,
    "ScanOptions": "OTHER",
    "ScanningSequence": "GR",
    "SequenceVariant": "MP",
    "SeriesDescription": "sT1W_3D_TFE_32_channel",
    "SeriesNumber": 401,
    "SliceThickness": 1,
    "SoftwareVersions": "5.3.1_5.3.1.0",
    "SpacingBetweenSlices": 1,
    "StationName": "PHILIPS-CTMFQSD",
    "UsePhilipsFloatNotDisplayScaling": 1,
    "dataset": "ds003037",
    "modality": "T1w",
    "session_id": "t14",
    "subject_id": "030"
  },
  "cjv": 0.32575400556869966,
  "cnr": 4.262305425967486,
  "efc": 0.7079513467547767,
  "fber": -1.0,
  "fwhm_avg": 5.541833333333333,
  "fwhm_x": 4.95296,
  "fwhm_y": 6.23422,
  "fwhm_z": 5.43832,
  "icvs_csf": 0.21779253988238975,
  "icvs_gm": 0.4289298895402755,
  "icvs_wm": 0.3532775705773348,
  "inu_med": 0.38457639515399933,
  "inu_range": 0.15009675174951553,
  "provenance": {
    "md5sum": "3f78dc5a76f9095c4f23ec7cb8460a50",
    "settings": {
      "testing": false
    },
    "software": "mriqc",
    "version": "22.0.6",
    "warnings": {
      "large_rot_frame": true,
      "small_air_mask": false
    },
    "webapi_port": null,
    "webapi_url": "https://mriqc.nimh.nih.gov/api/v1"
  },
  "qi_1": 0.0010649153121585653,
  "qi_2": 4.0705866366226194e-05,
  "rpve_csf": 23.056825894260246,
  "rpve_gm": 12.141991756299689,
  "rpve_wm": 16.947743885590842,
  "size_x": 180,
  "size_y": 238,
  "size_z": 238,
  "snr_csf": 3.004833688938965,
  "snr_gm": 16.77428271605323,
  "snr_total": 17.4978751063301,
  "snr_wm": 32.7145089139981,
  "snrd_csf": 37.76976855774728,
  "snrd_gm": 90.7664490606809,
  "snrd_total": 82.40307570287014,
  "snrd_wm": 118.67300949018224,
  "spacing_x": 1.0,
  "spacing_y": 1.0,
  "spacing_z": 1.0,
  "summary_bg_k": 8.885685406094451,
  "summary_bg_mad": 0.0,
  "summary_bg_mean": 3.0078650655427372,
  "summary_bg_median": 0.0,
  "summary_bg_n": 519180.0,
  "summary_bg_p05": 0.0,
  "summary_bg_p95": 15.639176638796926,
  "summary_bg_stdv": 5.520649061089709,
  "summary_csf_k": 0.535755778633825,
  "summary_csf_mad": 90.41034436891367,
  "summary_csf_mean": 324.3165889218192,
  "summary_csf_median": 318.275152053684,
  "summary_csf_n": 45083.0,
  "summary_csf_p05": 131.6126251425594,
  "summary_csf_p95": 511.26497943699366,
  "summary_csf_stdv": 105.91987946813228,
  "summary_gm_k": -0.17755113042398918,
  "summary_gm_mad": 47.86013531196996,
  "summary_gm_mean": 763.0337832617842,
  "summary_gm_median": 764.863182362169,
  "summary_gm_n": 54103.0,
  "summary_gm_p05": 686.4046565070748,
  "summary_gm_p95": 833.6755595728755,
  "summary_gm_stdv": 45.59694901372407,
  "summary_wm_k": 0.5457836846938475,
  "summary_wm_mad": 28.74440079387545,
  "summary_wm_mean": 1001.2292129198464,
  "summary_wm_median": 1000.0238704774529,
  "summary_wm_n": 187393.0,
  "summary_wm_p05": 953.0585873499513,
  "summary_wm_p95": 1053.7939861882478,
  "summary_wm_stdv": 30.568125135236038,
  "tpm_overlap_csf": 0.1495465846659874,
  "tpm_overlap_gm": 0.4783462265020962,
  "tpm_overlap_wm": 0.5156377039758097,
  "wm2max": 0.8594205277629581
}