{
  "bids_meta": {
    "AcquisitionMatrixPE": 240,
    "AcquisitionNumber": 4,
    "AcquisitionTime": "09:00:23.710000",
    "BodyPartExamined": "BRAIN",
    "CoilString": "MULTI_COIL",
    "ConversionSoftware": "dcm2niix",
    "ConversionSoftwareVersion": "v1.0.20190410  (JP2:OpenJPEG) GCC6.3.0",
    "Dcm2bidsVersion": "2.1.4",
    "DeviceSerialNumber": "42451",
    "EchoTime": 0.0035,
    "EchoTrainLength": 240,
    "FlipAngle": 8,
    "ImageOrientationPatientDICOM": [
      -0.00394189,
      0.999992,
      0.000102711,
      -0.00362253,
      8.84317e-05,
      -0.999993
    ],
    "ImageType": [
      "ORIGINAL",
      "PRIMARY",
      "M",
      "FFE",
      "M",
      "FFE"
    ],
    "ImagingFrequency": 127.759,
    "InPlanePhaseEncodingDirectionDICOM": "ROW",
    "InstitutionAddress": "Calzada_Mexico_Xochimilco_No.101_Tlalpan",
    "InstitutionName": "I.N._Psiquiatria",
    "InstitutionalDepartmentName": "Imagenes_Cerebrales",
    "MRAcquisitionType": "3D",
    "MagneticFieldStrength": 3,
    "Manufacturer": "Philips",
    "ManufacturersModelName": "Ingenia",
    "Modality": "MR",
    "PatientPosition": "HFS",
    "PercentPhaseFOV": 100,
    "PhaseEncodingSteps": 240,
    "PhilipsRescaleIntercept": 0,
    "PhilipsRescaleSlope": 4.08596,
    "PhilipsScaleSlope": 0.00602102,
    "PixelBandwidth": 310,
    "ProcedureStepDescription": "PROTOCOLO_EDUARDO_TMS",
    "ProtocolName": "WIP_sT1W_3D_TFE_32_channel",
    "ReconMatrixPE": 240,
    "RepetitionTime": 0.007,
    "SAR": 0.0382114,
    "ScanOptions": "OTHER",
    "ScanningSequence": "GR",
    "SequenceVariant": "MP",
    "SeriesDescription": "sT1W_3D_TFE_32_channel",
    "SeriesNumber": 401,
    "SliceThickness": 1,
    "SoftwareVersions": "5.3.1_5.3.1.0",
    "SpacingBetweenSlices": 1,
    "StationName": "PHILIPS-CTMFQSD",
    "UsePhilipsFloatNotDisplayScaling": 1,
    "dataset": "ds003037",
    "modality": "T1w",
    "session_id": "t14",
    "subject_id": "046"
  },
  "cjv": 0.41274336209185924,
  "cnr": 3.2794691930466167,
  "efc": 0.7111116899923245,
  "fber": -1.0,
  "fwhm_avg": 4.59579,
  "fwhm_x": 4.54366,
  "fwhm_y": 4.78889,
  "fwhm_z": 4.45482,
  "icvs_csf": 0.23877086396648747,
  "icvs_gm": 0.3808156872956249,
  "icvs_wm": 0.3804134487378876,
  "inu_med": 0.407831609249115,
  "inu_range": 0.15658798813819885,
  "provenance": {
    "md5sum": "6af98bce383e7c974e39652ddf0a62ce",
    "settings": {
      "testing": false
    },
    "software": "mriqc",
    "version": "22.0.6",
    "warnings": {
      "large_rot_frame": true,
      "small_air_mask": false
    },
    "webapi_port": null,
    "webapi_url": "https://mriqc.nimh.nih.gov/api/v1"
  },
  "qi_1": 0.0,
  "qi_2": 0.00012393316631493788,
  "rpve_csf": 20.696756164493724,
  "rpve_gm": 12.493885973372842,
  "rpve_wm": 14.996810683699666,
  "size_x": 180,
  "size_y": 240,
  "size_z": 240,
  "snr_csf": 2.833383549923324,
  "snr_gm": 11.945590754555703,
  "snr_total": 14.070728392342387,
  "snr_wm": 27.43321087254813,
  "snrd_csf": 28.362572163273985,
  "snrd_gm": 72.35891521433967,
  "snrd_total": 65.36143832098855,
  "snrd_wm": 95.36282758535201,
  "spacing_x": 1.0,
  "spacing_y": 1.0,
  "spacing_z": 1.0,
  "summary_bg_k": 12.59747357514234,
  "summary_bg_mad": 0.0,
  "summary_bg_mean": 3.2534721892507346,
  "summary_bg_median": 0.0,
  "summary_bg_n": 458777.0,
  "summary_bg_p05": 0.0,
  "summary_bg_p95": 17.335679356008768,
  "summary_bg_stdv": 6.869934607173041,
  "summary_csf_k": 0.8809063339848464,
  "summary_csf_mad": 82.14741542794575,
  "summary_csf_mean": 300.623376534739,
  "summary_csf_median": 297.41747833415866,
  "summary_csf_n": 66790.0,
  "summary_csf_p05": 107.15304688364267,
  "summary_csf_p95": 483.0210138261318,
  "summary_csf_stdv": 104.96822847080935,
  "summary_gm_k": -0.013423295281190573,
  "summary_gm_mad": 64.83652230557607,
  "summary_gm_mean": 758.5389881014825,
  "summary_gm_median": 758.7748379856348,
  "summary_gm_n": 29522.0,
  "summary_gm_p05": 654.8796622566879,
  "summary_gm_p95": 862.5261442219838,
  "summary_gm_stdv": 63.51816351826423,
  "summary_wm_k": 0.5079968774700423,
  "summary_wm_mad": 34.72755544915303,
  "summary_wm_mean": 1000.8321912742508,
  "summary_wm_median": 999.9999839216471,
  "summary_wm_n": 238804.0,
  "summary_wm_p05": 942.5473072081804,
  "summary_wm_p95": 1062.208676919341,
  "summary_wm_stdv": 36.45209067207271,
  "tpm_overlap_csf": 0.15679677414977006,
  "tpm_overlap_gm": 0.441943989531329,
  "tpm_overlap_wm": 0.5166325524899514,
  "wm2max": 0.9056099827111896
}