{
  "bids_meta": {
    "AcquisitionMatrixPE": 240,
    "AcquisitionNumber": 4,
    "AcquisitionTime": "09:53:3.540000",
    "BodyPartExamined": "BRAIN",
    "CoilString": "MULTI_COIL",
    "ConversionSoftware": "dcm2niix",
    "ConversionSoftwareVersion": "v1.0.20190410  (JP2:OpenJPEG) GCC6.3.0",
    "Dcm2bidsVersion": "2.1.4",
    "DeviceSerialNumber": "42451",
    "EchoTime": 0.0035,
    "EchoTrainLength": 240,
    "FlipAngle": 8,
    "ImageOrientationPatientDICOM": [
      -0.00423541,
      0.999989,
      0.00186509,
      0.00896373,
      0.001903,
      -0.999958
    ],
    "ImageType": [
      "ORIGINAL",
      "PRIMARY",
      "M",
      "FFE",
      "M",
      "FFE"
    ],
    "ImagingFrequency": 127.759,
    "InPlanePhaseEncodingDirectionDICOM": "ROW",
    "InstitutionAddress": "Calzada_Mexico_Xochimilco_No.101_Tlalpan",
    "InstitutionName": "I.N._Psiquiatria",
    "InstitutionalDepartmentName": "Imagenes_Cerebrales",
    "MRAcquisitionType": "3D",
    "MagneticFieldStrength": 3,
    "Manufacturer": "Philips",
    "ManufacturersModelName": "Ingenia",
    "Modality": "MR",
    "PatientPosition": "HFS",
    "PercentPhaseFOV": 100,
    "PhaseEncodingSteps": 240,
    "PhilipsRescaleIntercept": 0,
    "PhilipsRescaleSlope": 6.69255,
    "PhilipsScaleSlope": 0.00571161,
    "PixelBandwidth": 310,
    "ProcedureStepDescription": "EDUARDO_TMS",
    "ProtocolName": "WIP_sT1W_3D_TFE_32_channel",
    "ReconMatrixPE": 240,
    "RepetitionTime": 0.007,
    "SAR": 0.0382114,
    "ScanOptions": "OTHER",
    "ScanningSequence": "GR",
    "SequenceVariant": "MP",
    "SeriesDescription": "sT1W_3D_TFE_32_channel",
    "SeriesNumber": 401,
    "SliceThickness": 1,
    "SoftwareVersions": "5.3.1_5.3.1.0",
    "SpacingBetweenSlices": 1,
    "StationName": "PHILIPS-CTMFQSD",
    "UsePhilipsFloatNotDisplayScaling": 1,
    "dataset": "ds003037",
    "modality": "T1w",
    "session_id": "t0",
    "subject_id": "029"
  },
  "cjv": 0.3307954638459943,
  "cnr": 3.9908980126334814,
  "efc": 0.7363976073627314,
  "fber": -1.0,
  "fwhm_avg": 4.395466666666667,
  "fwhm_x": 4.21863,
  "fwhm_y": 4.80011,
  "fwhm_z": 4.16766,
  "icvs_csf": 0.20119018503798314,
  "icvs_gm": 0.4323631748192643,
  "icvs_wm": 0.3664466401427526,
  "inu_med": 0.39876851439476013,
  "inu_range": 0.16639099717140193,
  "provenance": {
    "md5sum": "bf3f63f3e20e2e95723a2902c3cb33ef",
    "settings": {
      "testing": false
    },
    "software": "mriqc",
    "version": "22.0.6",
    "warnings": {
      "large_rot_frame": true,
      "small_air_mask": false
    },
    "webapi_port": null,
    "webapi_url": "https://mriqc.nimh.nih.gov/api/v1"
  },
  "qi_1": 0.0,
  "qi_2": 5.189044058464139e-05,
  "rpve_csf": 22.68881850960479,
  "rpve_gm": 11.106270282611177,
  "rpve_wm": 14.94580216657684,
  "size_x": 180,
  "size_y": 240,
  "size_z": 240,
  "snr_csf": 3.0344069216796123,
  "snr_gm": 14.350739581203689,
  "snr_total": 15.487678874438346,
  "snr_wm": 29.077890120431736,
  "snrd_csf": 45.24978318833752,
  "snrd_gm": 99.18834372048532,
  "snrd_total": 92.25161119452976,
  "snrd_wm": 132.31670667476644,
  "spacing_x": 1.0,
  "spacing_y": 1.0,
  "spacing_z": 1.0,
  "summary_bg_k": 31.474141870043432,
  "summary_bg_mad": 0.0,
  "summary_bg_mean": 1.5347711654648695,
  "summary_bg_median": 0.0,
  "summary_bg_n": 302515.0,
  "summary_bg_p05": 0.0,
  "summary_bg_p95": 10.25145074725151,
  "summary_bg_stdv": 4.951334875863526,
  "summary_csf_k": 1.1093083906921644,
  "summary_csf_mad": 86.4433093431635,
  "summary_csf_mean": 342.43113371292895,
  "summary_csf_median": 341.9850120153278,
  "summary_csf_n": 41110.0,
  "summary_csf_p05": 137.27998159863057,
  "summary_csf_p95": 536.2935239855198,
  "summary_csf_stdv": 112.70105210910543,
  "summary_gm_k": 0.26571005964295313,
  "summary_gm_mad": 50.722489206127456,
  "summary_gm_mean": 751.0400286218024,
  "summary_gm_median": 749.6373358927667,
  "summary_gm_n": 42548.0,
  "summary_gm_p05": 666.8762134686112,
  "summary_gm_p95": 838.8056150339544,
  "summary_gm_stdv": 52.23622951875041,
  "summary_wm_k": 0.7277833784466501,
  "summary_wm_mad": 32.100345642464404,
  "summary_wm_mean": 1000.2693689357526,
  "summary_wm_median": 1000.012095829472,
  "summary_wm_n": 225600.0,
  "summary_wm_p05": 944.9709929376841,
  "summary_wm_p95": 1057.543527558446,
  "summary_wm_stdv": 34.3907303915936,
  "tpm_overlap_csf": 0.1533587780461991,
  "tpm_overlap_gm": 0.467498752397968,
  "tpm_overlap_wm": 0.5161358800774205,
  "wm2max": 0.8676603243197886
}