{
  "aor": 0.0057521,
  "aqi": 0.026627504,
  "bids_meta": {
    "AcquisitionMatrixPE": 70,
    "AcquisitionNumber": 3,
    "AcquisitionTime": "09:59:34.870000",
    "BodyPartExamined": "BRAIN",
    "CoilString": "MULTI_COIL",
    "ConversionSoftware": "dcm2niix",
    "ConversionSoftwareVersion": "v1.0.20190410  (JP2:OpenJPEG) GCC6.3.0",
    "Dcm2bidsVersion": "2.1.4",
    "DeviceSerialNumber": "42451",
    "EchoTime": 0.03,
    "EchoTrainLength": 35,
    "EffectiveEchoSpacing": 0.000698,
    "FlipAngle": 75,
    "ImageOrientationPatientDICOM": [
      0.999993,
      0.00122889,
      -0.00363064,
      -0.00123649,
      0.999997,
      -0.00209028
    ],
    "ImageType": [
      "ORIGINAL",
      "PRIMARY",
      "M",
      "FFE",
      "M",
      "FFE"
    ],
    "ImagingFrequency": 127.759,
    "InPlanePhaseEncodingDirectionDICOM": "COL",
    "InstitutionAddress": "Calzada_Mexico_Xochimilco_No.101_Tlalpan",
    "InstitutionName": "I.N._Psiquiatria",
    "InstitutionalDepartmentName": "Imagenes_Cerebrales",
    "MRAcquisitionType": "2D",
    "MagneticFieldStrength": 3,
    "Manufacturer": "Philips",
    "ManufacturersModelName": "Ingenia",
    "Modality": "MR",
    "PartialFourier": 0.5,
    "PatientPosition": "HFS",
    "PercentPhaseFOV": 100,
    "PhaseEncodingAxis": "j",
    "PhaseEncodingDirection": "j-",
    "PhaseEncodingSteps": 70,
    "PhilipsRescaleIntercept": 0,
    "PhilipsRescaleSlope": 0.745055,
    "PhilipsScaleSlope": 0.0281194,
    "PixelBandwidth": 1819,
    "ProcedureStepDescription": "PROTOCOLO_EDUARDO_TMS",
    "ProtocolName": "WIP_FE_EPI_32chSHC_AP",
    "ReconMatrixPE": 80,
    "RepetitionTime": 2,
    "SAR": 0.119138,
    "ScanOptions": "FS",
    "ScanningSequence": "GR",
    "SequenceVariant": "SK",
    "SeriesDescription": "FE_EPI_32chSHC_AP",
    "SeriesNumber": 301,
    "SliceThickness": 3.33,
    "SliceTiming": [
      0.0,
      1.027027,
      0.054054,
      1.081081,
      0.108108,
      1.135135,
      0.162162,
      1.189189,
      0.216216,
      1.243244,
      0.27027,
      1.297298,
      0.324324,
      1.351352,
      0.378378,
      1.405406,
      0.432432,
      1.45946,
      0.486486,
      1.513514,
      0.540541,
      1.567568,
      0.594595,
      1.621622,
      0.648649,
      1.675676,
      0.702703,
      1.72973,
      0.756757,
      1.783784,
      0.810811,
      1.837838,
      0.864865,
      1.891892,
      0.918919,
      1.945947,
      0.972973
    ],
    "SoftwareVersions": "5.3.1_5.3.1.0",
    "SpacingBetweenSlices": 3.33,
    "StationName": "PHILIPS-CTMFQSD",
    "TaskName": "rest",
    "TotalReadoutTime": 0.04884,
    "UsePhilipsFloatNotDisplayScaling": 1,
    "dataset": "ds003037",
    "modality": "bold",
    "session_id": "t0",
    "subject_id": "041",
    "task_id": "rest"
  },
  "dummy_trs": 0,
  "dvars_nstd": 29.807847006989977,
  "dvars_std": 1.077131592107023,
  "dvars_vstd": 0.9455044050836124,
  "efc": 0.43616441648549226,
  "fber": 72674.578125,
  "fd_mean": 0.2791436385207731,
  "fd_num": 131,
  "fd_perc": 43.666666666666664,
  "fwhm_avg": 1.9010173407352717,
  "fwhm_x": 1.7971599999999999,
  "fwhm_y": 2.1502433333333335,
  "fwhm_z": 1.755648688872482,
  "gcor": 0.0523488,
  "gsr_x": -0.009731459431350231,
  "gsr_y": 0.018241167068481445,
  "provenance": {
    "md5sum": "386af301a1eb8bb8c4ca88ea3c4e0ce1",
    "settings": {
      "fd_thres": 0.2,
      "testing": false
    },
    "software": "mriqc",
    "version": "22.0.6",
    "webapi_port": null,
    "webapi_url": "https://mriqc.nimh.nih.gov/api/v1"
  },
  "size_t": 300,
  "size_x": 80,
  "size_y": 80,
  "size_z": 37,
  "snr": 5.3454112674061705,
  "spacing_tr": 2.0000016689300537,
  "spacing_x": 3.0,
  "spacing_y": 3.0,
  "spacing_z": 3.3299999237060547,
  "summary_bg_k": 92.14947274184583,
  "summary_bg_mad": 251.60983650008941,
  "summary_bg_mean": 1606.830322265625,
  "summary_bg_median": 200.07420349121094,
  "summary_bg_n": 160595.0,
  "summary_bg_p05": 16.868086242675783,
  "summary_bg_p95": 7073.2595214843695,
  "summary_bg_stdv": 4109.0087890625,
  "summary_fg_k": 2.9383527606662705,
  "summary_fg_mad": 7864.446093818217,
  "summary_fg_mean": 55357.09375,
  "summary_fg_median": 54464.20703125,
  "summary_fg_n": 35269.0,
  "summary_fg_p05": 40575.61640625,
  "summary_fg_p95": 73396.20156249999,
  "summary_fg_stdv": 10188.8203125,
  "tsnr": 35.62986755371094
}