{
  "bids_meta": {
    "AcquisitionMatrixPE": 240,
    "AcquisitionNumber": 4,
    "AcquisitionTime": "09:42:3.490000",
    "BodyPartExamined": "BRAIN",
    "CoilString": "MULTI_COIL",
    "ConversionSoftware": "dcm2niix",
    "ConversionSoftwareVersion": "v1.0.20190410  (JP2:OpenJPEG) GCC6.3.0",
    "Dcm2bidsVersion": "2.1.4",
    "DeviceSerialNumber": "42451",
    "EchoTime": 0.003501,
    "EchoTrainLength": 240,
    "FlipAngle": 8,
    "ImageOrientationPatientDICOM": [
      0.0123785,
      0.999922,
      0.00188697,
      0.0260268,
      0.00156428,
      -0.99966
    ],
    "ImageType": [
      "ORIGINAL",
      "PRIMARY",
      "M",
      "FFE",
      "M",
      "FFE"
    ],
    "ImagingFrequency": 127.766,
    "InPlanePhaseEncodingDirectionDICOM": "ROW",
    "InstitutionAddress": "Calzada_Mexico_Xochimilco_No.101_Tlalpan",
    "InstitutionName": "I.N._Psiquiatria",
    "InstitutionalDepartmentName": "Imagenes_Cerebrales",
    "MRAcquisitionType": "3D",
    "MagneticFieldStrength": 3,
    "Manufacturer": "Philips",
    "ManufacturersModelName": "Ingenia",
    "Modality": "MR",
    "PatientPosition": "HFS",
    "PercentPhaseFOV": 100,
    "PhaseEncodingSteps": 240,
    "PhilipsRescaleIntercept": 0,
    "PhilipsRescaleSlope": 3.40147,
    "PhilipsScaleSlope": 0.00520825,
    "PixelBandwidth": 310,
    "ProcedureStepDescription": "EDUARDO_TMS",
    "ProtocolName": "sT1W_3D_TFE_32_channel",
    "ReconMatrixPE": 240,
    "RepetitionTime": 0.007,
    "SAR": 0.0382114,
    "ScanOptions": "OTHER",
    "ScanningSequence": "GR",
    "SequenceVariant": "MP",
    "SeriesDescription": "sT1W_3D_TFE_32_channel",
    "SeriesNumber": 401,
    "SliceThickness": 1,
    "SoftwareVersions": "5.3.1_5.3.1.0",
    "SpacingBetweenSlices": 1,
    "StationName": "PHILIPS-CTMFQSD",
    "UsePhilipsFloatNotDisplayScaling": 1,
    "dataset": "ds003037",
    "modality": "T1w",
    "session_id": "t1",
    "subject_id": "017"
  },
  "cjv": 0.36644296319101305,
  "cnr": 3.682925498747261,
  "efc": 0.7126129286187562,
  "fber": -1.0,
  "fwhm_avg": 4.4666033333333335,
  "fwhm_x": 4.23542,
  "fwhm_y": 4.89877,
  "fwhm_z": 4.26562,
  "icvs_csf": 0.22395708588062416,
  "icvs_gm": 0.421749695088548,
  "icvs_wm": 0.3542932190308279,
  "inu_med": 0.4018431305885315,
  "inu_range": 0.15327611863613122,
  "provenance": {
    "md5sum": "846c20c4cb96949bd1f0505799094504",
    "settings": {
      "testing": false
    },
    "software": "mriqc",
    "version": "22.0.6",
    "warnings": {
      "large_rot_frame": true,
      "small_air_mask": false
    },
    "webapi_port": null,
    "webapi_url": "https://mriqc.nimh.nih.gov/api/v1"
  },
  "qi_1": 0.0002967799376762131,
  "qi_2": 5.381828467763832e-05,
  "rpve_csf": 21.400190827396827,
  "rpve_gm": 11.598416018686349,
  "rpve_wm": 15.821835422604718,
  "size_x": 180,
  "size_y": 240,
  "size_z": 240,
  "snr_csf": 2.8985282559553944,
  "snr_gm": 14.64432806366898,
  "snr_total": 15.315804048298688,
  "snr_wm": 28.404555825271693,
  "snrd_csf": 41.11981985241613,
  "snrd_gm": 98.58363911059176,
  "snrd_total": 89.41978176020125,
  "snrd_wm": 128.55588631759585,
  "spacing_x": 1.0,
  "spacing_y": 1.0,
  "spacing_z": 1.0,
  "summary_bg_k": 10.336165604830544,
  "summary_bg_mad": 0.0,
  "summary_bg_mean": 2.5780090296361764,
  "summary_bg_median": 0.0,
  "summary_bg_n": 522215.0,
  "summary_bg_p05": 0.0,
  "summary_bg_p95": 13.041072081774473,
  "summary_bg_stdv": 5.096243961566018,
  "summary_csf_k": 0.8956849689108051,
  "summary_csf_mad": 84.29510891422123,
  "summary_csf_mean": 317.8829532332617,
  "summary_csf_median": 319.8671812824905,
  "summary_csf_n": 47496.0,
  "summary_csf_p05": 88.30393826588988,
  "summary_csf_p95": 495.46449503302574,
  "summary_csf_stdv": 110.35387124518857,
  "summary_gm_k": 0.10408337581469507,
  "summary_gm_mad": 51.797079197397046,
  "summary_gm_mean": 765.1771445817371,
  "summary_gm_median": 766.8727848529816,
  "summary_gm_n": 41445.0,
  "summary_gm_p05": 676.9567583408207,
  "summary_gm_p95": 849.1614684686065,
  "summary_gm_stdv": 52.36590779520017,
  "summary_wm_k": 0.45282952290978873,
  "summary_wm_mad": 33.63956314266213,
  "summary_wm_mean": 1001.1837713784456,
  "summary_wm_median": 1000.0240550972521,
  "summary_wm_n": 204198.0,
  "summary_wm_p05": 945.357420835644,
  "summary_wm_p95": 1060.9465541951358,
  "summary_wm_stdv": 35.206380715230964,
  "tpm_overlap_csf": 0.1565889612151755,
  "tpm_overlap_gm": 0.47298230415357434,
  "tpm_overlap_wm": 0.5237215569940636,
  "wm2max": 0.8383999185362674
}