{
  "bids_meta": {
    "AcquisitionMatrixPE": 240,
    "AcquisitionNumber": 5,
    "AcquisitionTime": "10:13:6.460000",
    "BodyPartExamined": "BRAIN",
    "CoilString": "MULTI_COIL",
    "ConversionSoftware": "dcm2niix",
    "ConversionSoftwareVersion": "v1.0.20190410  (JP2:OpenJPEG) GCC6.3.0",
    "Dcm2bidsVersion": "2.1.4",
    "DeviceSerialNumber": "42451",
    "EchoTime": 0.0035,
    "EchoTrainLength": 240,
    "FlipAngle": 8,
    "ImageOrientationPatientDICOM": [
      -0.00422686,
      0.999991,
      -0.000497689,
      0.000545494,
      -0.000495388,
      -1
    ],
    "ImageType": [
      "ORIGINAL",
      "PRIMARY",
      "M",
      "FFE",
      "M",
      "FFE"
    ],
    "ImagingFrequency": 127.759,
    "InPlanePhaseEncodingDirectionDICOM": "ROW",
    "InstitutionAddress": "Calzada_Mexico_Xochimilco_No.101_Tlalpan",
    "InstitutionName": "I.N._Psiquiatria",
    "InstitutionalDepartmentName": "Imagenes_Cerebrales",
    "MRAcquisitionType": "3D",
    "MagneticFieldStrength": 3,
    "Manufacturer": "Philips",
    "ManufacturersModelName": "Ingenia",
    "Modality": "MR",
    "PatientPosition": "HFS",
    "PercentPhaseFOV": 100,
    "PhaseEncodingSteps": 240,
    "PhilipsRescaleIntercept": 0,
    "PhilipsRescaleSlope": 13.8479,
    "PhilipsScaleSlope": 0.00598226,
    "PixelBandwidth": 310,
    "ProcedureStepDescription": "PROTOCOLO_EDUARDO_TMS",
    "ProtocolName": "WIP_sT1W_3D_TFE_32_channel",
    "ReconMatrixPE": 240,
    "RepetitionTime": 0.007,
    "SAR": 0.0382114,
    "ScanOptions": "OTHER",
    "ScanningSequence": "GR",
    "SequenceVariant": "MP",
    "SeriesDescription": "sT1W_3D_TFE_32_channel",
    "SeriesNumber": 501,
    "SliceThickness": 1,
    "SoftwareVersions": "5.3.1_5.3.1.0",
    "SpacingBetweenSlices": 1,
    "StationName": "PHILIPS-CTMFQSD",
    "UsePhilipsFloatNotDisplayScaling": 1,
    "dataset": "ds003037",
    "modality": "T1w",
    "session_id": "t0",
    "subject_id": "051"
  },
  "cjv": 0.3643341339616973,
  "cnr": 3.596694959134889,
  "efc": 0.7070560187656254,
  "fber": -1.0,
  "fwhm_avg": 4.418546666666667,
  "fwhm_x": 4.31533,
  "fwhm_y": 4.68513,
  "fwhm_z": 4.25518,
  "icvs_csf": 0.2405669389508523,
  "icvs_gm": 0.3967312069866698,
  "icvs_wm": 0.3627018540624779,
  "inu_med": 0.39601659774780273,
  "inu_range": 0.14390416145324703,
  "provenance": {
    "md5sum": "3dd8e7a283b8cf57e356fc0a342eabae",
    "settings": {
      "testing": false
    },
    "software": "mriqc",
    "version": "22.0.6",
    "warnings": {
      "large_rot_frame": true,
      "small_air_mask": false
    },
    "webapi_port": null,
    "webapi_url": "https://mriqc.nimh.nih.gov/api/v1"
  },
  "qi_1": 0.0,
  "qi_2": 1.4283178420581019e-05,
  "rpve_csf": 20.031487418463822,
  "rpve_gm": 11.94347320846125,
  "rpve_wm": 15.43267757268597,
  "size_x": 180,
  "size_y": 240,
  "size_z": 240,
  "snr_csf": 3.398400489253695,
  "snr_gm": 13.197296370521494,
  "snr_total": 15.609961238539327,
  "snr_wm": 30.234186855842793,
  "snrd_csf": 33.742090419983604,
  "snrd_gm": 78.2136227719065,
  "snrd_total": 71.62091315131443,
  "snrd_wm": 102.90702626205318,
  "spacing_x": 1.0,
  "spacing_y": 1.0,
  "spacing_z": 1.0,
  "summary_bg_k": 1881.6786471026003,
  "summary_bg_mad": 0.0,
  "summary_bg_mean": 2.3661005411886706,
  "summary_bg_median": 0.0,
  "summary_bg_n": 515884.0,
  "summary_bg_p05": 0.0,
  "summary_bg_p95": 13.453349255025387,
  "summary_bg_stdv": 6.36629436317514,
  "summary_csf_k": 2.0953200027482834,
  "summary_csf_mad": 74.1157637113013,
  "summary_csf_mean": 328.5153410401025,
  "summary_csf_median": 327.8890930842608,
  "summary_csf_n": 61676.0,
  "summary_csf_p05": 156.47987343929708,
  "summary_csf_p95": 488.2706797742285,
  "summary_csf_stdv": 96.48257642158977,
  "summary_gm_k": 0.10872455327610187,
  "summary_gm_mad": 56.6809809602401,
  "summary_gm_mean": 761.0492548505518,
  "summary_gm_median": 760.0416428949684,
  "summary_gm_n": 31034.0,
  "summary_gm_p05": 668.3362585846335,
  "summary_gm_p95": 857.0219015534967,
  "summary_gm_stdv": 57.58978022105671,
  "summary_wm_k": 0.6899369739963168,
  "summary_wm_mad": 30.744051065142887,
  "summary_wm_mean": 1000.9063519718579,
  "summary_wm_median": 1000.0000323951244,
  "summary_wm_n": 215939.0,
  "summary_wm_p05": 948.4853191506118,
  "summary_wm_p95": 1056.8138166591525,
  "summary_wm_stdv": 33.07506570927994,
  "tpm_overlap_csf": 0.16744609689995069,
  "tpm_overlap_gm": 0.4552999613731601,
  "tpm_overlap_wm": 0.5209307691783197,
  "wm2max": 0.8750926376860694
}