{
  "bids_meta": {
    "AcquisitionMatrixPE": 240,
    "AcquisitionNumber": 4,
    "AcquisitionTime": "09:29:17.650000",
    "BodyPartExamined": "BRAIN",
    "CoilString": "MULTI_COIL",
    "ConversionSoftware": "dcm2niix",
    "ConversionSoftwareVersion": "v1.0.20190410  (JP2:OpenJPEG) GCC6.3.0",
    "Dcm2bidsVersion": "2.1.4",
    "DeviceSerialNumber": "42451",
    "EchoTime": 0.0035,
    "EchoTrainLength": 240,
    "FlipAngle": 8,
    "ImageOrientationPatientDICOM": [
      0.000110351,
      0.999997,
      -0.00222534,
      0.00053224,
      -0.0022254,
      -0.999997
    ],
    "ImageType": [
      "ORIGINAL",
      "PRIMARY",
      "M",
      "FFE",
      "M",
      "FFE"
    ],
    "ImagingFrequency": 127.759,
    "InPlanePhaseEncodingDirectionDICOM": "ROW",
    "InstitutionAddress": "Calzada_Mexico_Xochimilco_No.101_Tlalpan",
    "InstitutionName": "I.N._Psiquiatria",
    "InstitutionalDepartmentName": "Imagenes_Cerebrales",
    "MRAcquisitionType": "3D",
    "MagneticFieldStrength": 3,
    "Manufacturer": "Philips",
    "ManufacturersModelName": "Ingenia",
    "Modality": "MR",
    "PatientPosition": "HFS",
    "PercentPhaseFOV": 100,
    "PhaseEncodingSteps": 240,
    "PhilipsRescaleIntercept": 0,
    "PhilipsRescaleSlope": 3.74725,
    "PhilipsScaleSlope": 0.00589403,
    "PixelBandwidth": 310,
    "ProcedureStepDescription": "PROTOCOLO_TMS",
    "ProtocolName": "WIP_sT1W_3D_TFE_32_channel",
    "ReconMatrixPE": 240,
    "RepetitionTime": 0.007,
    "SAR": 0.0382114,
    "ScanOptions": "OTHER",
    "ScanningSequence": "GR",
    "SequenceVariant": "MP",
    "SeriesDescription": "sT1W_3D_TFE_32_channel",
    "SeriesNumber": 401,
    "SliceThickness": 1,
    "SoftwareVersions": "5.3.1_5.3.1.0",
    "SpacingBetweenSlices": 1,
    "StationName": "PHILIPS-CTMFQSD",
    "UsePhilipsFloatNotDisplayScaling": 1,
    "dataset": "ds003037",
    "modality": "T1w",
    "session_id": "t2",
    "subject_id": "054"
  },
  "cjv": 0.3849867270330602,
  "cnr": 3.531553421455195,
  "efc": 0.6790004603999513,
  "fber": -1.0,
  "fwhm_avg": 4.80906,
  "fwhm_x": 4.72739,
  "fwhm_y": 5.09136,
  "fwhm_z": 4.60843,
  "icvs_csf": 0.22740061322915073,
  "icvs_gm": 0.39077198028158494,
  "icvs_wm": 0.38182740648926433,
  "inu_med": 0.39296913146972656,
  "inu_range": 0.14809980839490888,
  "provenance": {
    "md5sum": "2611383f13b96ee5c37f500efca7a5d4",
    "settings": {
      "testing": false
    },
    "software": "mriqc",
    "version": "22.0.6",
    "warnings": {
      "large_rot_frame": true,
      "small_air_mask": false
    },
    "webapi_port": null,
    "webapi_url": "https://mriqc.nimh.nih.gov/api/v1"
  },
  "qi_1": 0.013734820645580804,
  "qi_2": 2.5361636145805754e-05,
  "rpve_csf": 26.146643369411954,
  "rpve_gm": 14.92069482334469,
  "rpve_wm": 17.986831238355983,
  "size_x": 180,
  "size_y": 240,
  "size_z": 240,
  "snr_csf": 2.7164137850912877,
  "snr_gm": 14.768291429529947,
  "snr_total": 15.500324248299535,
  "snr_wm": 29.01626753027737,
  "snrd_csf": 36.0007694999014,
  "snrd_gm": 88.58322377784572,
  "snrd_total": 79.53188441806755,
  "snrd_wm": 114.0116599764555,
  "spacing_x": 1.0,
  "spacing_y": 1.0,
  "spacing_z": 1.0,
  "summary_bg_k": 11.04911977483277,
  "summary_bg_mad": 0.0,
  "summary_bg_mean": 2.643134194810662,
  "summary_bg_median": 0.0,
  "summary_bg_n": 539572.0,
  "summary_bg_p05": 0.0,
  "summary_bg_p95": 15.466078218072653,
  "summary_bg_stdv": 5.7462227607355745,
  "summary_csf_k": 0.43582323303442205,
  "summary_csf_mad": 97.5099213087173,
  "summary_csf_mean": 321.99480555746834,
  "summary_csf_median": 315.7639250457287,
  "summary_csf_n": 42507.0,
  "summary_csf_p05": 107.62934289760888,
  "summary_csf_p95": 524.5162678074091,
  "summary_csf_stdv": 116.241572804169,
  "summary_gm_k": 0.021296679613163505,
  "summary_gm_mad": 52.50030986262706,
  "summary_gm_mean": 776.355530090521,
  "summary_gm_median": 776.9663488268852,
  "summary_gm_n": 26891.0,
  "summary_gm_p05": 689.2884674593806,
  "summary_gm_p95": 862.0518419053406,
  "summary_gm_stdv": 52.60946439287451,
  "summary_wm_k": 0.2762559912022269,
  "summary_wm_mad": 33.36468290335178,
  "summary_wm_mean": 1001.1606290543557,
  "summary_wm_median": 999.9999932013452,
  "summary_wm_n": 191877.0,
  "summary_wm_p05": 946.6078258864582,
  "summary_wm_p95": 1059.993373929709,
  "summary_wm_stdv": 34.46333634463765,
  "tpm_overlap_csf": 0.13731391304858914,
  "tpm_overlap_gm": 0.43395953045169583,
  "tpm_overlap_wm": 0.4969615164591451,
  "wm2max": 0.8905939913151121
}