{
  "bids_meta": {
    "AcquisitionMatrixPE": 240,
    "AcquisitionNumber": 4,
    "AcquisitionTime": "10:37:39.610000",
    "BodyPartExamined": "BRAIN",
    "CoilString": "MULTI_COIL",
    "ConversionSoftware": "dcm2niix",
    "ConversionSoftwareVersion": "v1.0.20190410  (JP2:OpenJPEG) GCC6.3.0",
    "Dcm2bidsVersion": "2.1.4",
    "DeviceSerialNumber": "42451",
    "EchoTime": 0.003501,
    "EchoTrainLength": 240,
    "FlipAngle": 8,
    "ImageOrientationPatientDICOM": [
      -0.0042116,
      0.999935,
      -0.0106121,
      -0.00362181,
      -0.0106274,
      -0.999937
    ],
    "ImageType": [
      "ORIGINAL",
      "PRIMARY",
      "M",
      "FFE",
      "M",
      "FFE"
    ],
    "ImagingFrequency": 127.766,
    "InPlanePhaseEncodingDirectionDICOM": "ROW",
    "InstitutionAddress": "Calzada_Mexico_Xochimilco_No.101_Tlalpan",
    "InstitutionName": "I.N._Psiquiatria",
    "InstitutionalDepartmentName": "Imagenes_Cerebrales",
    "MRAcquisitionType": "3D",
    "MagneticFieldStrength": 3,
    "Manufacturer": "Philips",
    "ManufacturersModelName": "Ingenia",
    "Modality": "MR",
    "PatientPosition": "HFS",
    "PercentPhaseFOV": 100,
    "PhaseEncodingSteps": 240,
    "PhilipsRescaleIntercept": 0,
    "PhilipsRescaleSlope": 8.2801,
    "PhilipsScaleSlope": 0.00574617,
    "PixelBandwidth": 310,
    "ProtocolName": "sT1W_3D_TFE_32_channel",
    "ReconMatrixPE": 240,
    "RepetitionTime": 0.007,
    "SAR": 0.0382114,
    "ScanOptions": "OTHER",
    "ScanningSequence": "GR",
    "SequenceVariant": "MP",
    "SeriesDescription": "sT1W_3D_TFE_32_channel",
    "SeriesNumber": 401,
    "SliceThickness": 1,
    "SoftwareVersions": "5.3.1_5.3.1.0",
    "SpacingBetweenSlices": 1,
    "StationName": "PHILIPS-CTMFQSD",
    "UsePhilipsFloatNotDisplayScaling": 1,
    "dataset": "ds003037",
    "modality": "T1w",
    "session_id": "t2",
    "subject_id": "008"
  },
  "cjv": 0.32937076787163655,
  "cnr": 4.050125988893662,
  "efc": 0.727781773969291,
  "fber": -1.0,
  "fwhm_avg": 4.355816666666667,
  "fwhm_x": 4.2677,
  "fwhm_y": 4.71785,
  "fwhm_z": 4.0819,
  "icvs_csf": 0.15842865940928633,
  "icvs_gm": 0.45472591024139125,
  "icvs_wm": 0.3868454303493224,
  "inu_med": 0.40322819352149963,
  "inu_range": 0.15927536487579347,
  "provenance": {
    "md5sum": "d01ea75f057b68d8989d6ed23937a92f",
    "settings": {
      "testing": false
    },
    "software": "mriqc",
    "version": "22.0.6",
    "warnings": {
      "large_rot_frame": true,
      "small_air_mask": false
    },
    "webapi_port": null,
    "webapi_url": "https://mriqc.nimh.nih.gov/api/v1"
  },
  "qi_1": 0.0,
  "qi_2": 0.00010775937587562772,
  "rpve_csf": 29.145044061584407,
  "rpve_gm": 11.603043902837369,
  "rpve_wm": 15.311194678154491,
  "size_x": 180,
  "size_y": 240,
  "size_z": 240,
  "snr_csf": 2.4581426405676186,
  "snr_gm": 14.410378365607077,
  "snr_total": 14.870087145294471,
  "snr_wm": 27.741740429708724,
  "snrd_csf": 45.46912422914234,
  "snrd_gm": 100.30344543925287,
  "snrd_total": 93.51914206075976,
  "snrd_wm": 134.78485651388408,
  "spacing_x": 1.0,
  "spacing_y": 1.0,
  "spacing_z": 1.0,
  "summary_bg_k": 19.226084600760686,
  "summary_bg_mad": 0.0,
  "summary_bg_mean": 1.893102125607335,
  "summary_bg_median": 0.0,
  "summary_bg_n": 438688.0,
  "summary_bg_p05": 0.0,
  "summary_bg_p95": 11.92555221170187,
  "summary_bg_stdv": 4.8606081919881206,
  "summary_csf_k": 0.33040754848411424,
  "summary_csf_mad": 118.19907260537359,
  "summary_csf_mean": 323.3673346855021,
  "summary_csf_median": 337.3459293525666,
  "summary_csf_n": 17428.0,
  "summary_csf_p05": 85.33381277676672,
  "summary_csf_p95": 546.2850969411428,
  "summary_csf_stdv": 137.23217089693574,
  "summary_gm_k": 0.26478495905731814,
  "summary_gm_mad": 50.45330465771541,
  "summary_gm_mean": 744.7807662960089,
  "summary_gm_median": 744.1744170933962,
  "summary_gm_n": 61823.0,
  "summary_gm_p05": 661.61865920946,
  "summary_gm_p95": 830.5972473472357,
  "summary_gm_stdv": 51.641142210148935,
  "summary_wm_k": 0.6667474119652153,
  "summary_wm_mad": 33.80815282782396,
  "summary_wm_mean": 1002.0386466135576,
  "summary_wm_median": 999.9999660030007,
  "summary_wm_n": 232009.0,
  "summary_wm_p05": 946.8339581303298,
  "summary_wm_p95": 1064.9418329633772,
  "summary_wm_stdv": 36.04668616396683,
  "tpm_overlap_csf": 0.12828095216156596,
  "tpm_overlap_gm": 0.4589794014190631,
  "tpm_overlap_wm": 0.5108298239191903,
  "wm2max": 0.7585684816139594
}