{
  "bids_meta": {
    "AcquisitionMatrixPE": 240,
    "AcquisitionNumber": 5,
    "AcquisitionTime": "11:29:28.100000",
    "BodyPartExamined": "BRAIN",
    "CoilString": "MULTI_COIL",
    "ConversionSoftware": "dcm2niix",
    "ConversionSoftwareVersion": "v1.0.20190410  (JP2:OpenJPEG) GCC6.3.0",
    "Dcm2bidsVersion": "2.1.4",
    "DeviceSerialNumber": "42451",
    "EchoTime": 0.0035,
    "EchoTrainLength": 240,
    "FlipAngle": 8,
    "ImageOrientationPatientDICOM": [
      -0.0042116,
      0.999984,
      0.00375192,
      -0.00362181,
      0.00373668,
      -0.999986
    ],
    "ImageType": [
      "ORIGINAL",
      "PRIMARY",
      "M",
      "FFE",
      "M",
      "FFE"
    ],
    "ImagingFrequency": 127.76,
    "InPlanePhaseEncodingDirectionDICOM": "ROW",
    "InstitutionAddress": "Calzada_Mexico_Xochimilco_No.101_Tlalpan",
    "InstitutionName": "I.N._Psiquiatria",
    "InstitutionalDepartmentName": "Imagenes_Cerebrales",
    "MRAcquisitionType": "3D",
    "MagneticFieldStrength": 3,
    "Manufacturer": "Philips",
    "ManufacturersModelName": "Ingenia",
    "Modality": "MR",
    "PatientPosition": "HFS",
    "PercentPhaseFOV": 100,
    "PhaseEncodingSteps": 240,
    "PhilipsRescaleIntercept": 0,
    "PhilipsRescaleSlope": 3.81587,
    "PhilipsScaleSlope": 0.00588537,
    "PixelBandwidth": 310,
    "ProcedureStepDescription": "EDUARDO_TMS",
    "ProtocolName": "WIP_sT1W_3D_TFE_32_channel",
    "ReconMatrixPE": 240,
    "RepetitionTime": 0.007,
    "SAR": 0.0382114,
    "ScanOptions": "OTHER",
    "ScanningSequence": "GR",
    "SequenceVariant": "MP",
    "SeriesDescription": "sT1W_3D_TFE_32_channel",
    "SeriesNumber": 501,
    "SliceThickness": 1,
    "SoftwareVersions": "5.3.1_5.3.1.1",
    "SpacingBetweenSlices": 1,
    "StationName": "PHILIPS-CTMFQSD",
    "UsePhilipsFloatNotDisplayScaling": 1,
    "dataset": "ds003037",
    "modality": "T1w",
    "session_id": "t1",
    "subject_id": "018"
  },
  "cjv": 0.3651246425186644,
  "cnr": 3.688569512587094,
  "efc": 0.7369353912743111,
  "fber": -1.0,
  "fwhm_avg": 4.526133333333333,
  "fwhm_x": 4.45646,
  "fwhm_y": 4.88638,
  "fwhm_z": 4.23556,
  "icvs_csf": 0.2364022851496791,
  "icvs_gm": 0.41469158348659224,
  "icvs_wm": 0.34890613136372867,
  "inu_med": 0.4039155840873718,
  "inu_range": 0.1385057061910629,
  "provenance": {
    "md5sum": "4a1d483596cc751ca0e169e53a3d8cb1",
    "settings": {
      "testing": false
    },
    "software": "mriqc",
    "version": "22.0.6",
    "warnings": {
      "large_rot_frame": true,
      "small_air_mask": false
    },
    "webapi_port": null,
    "webapi_url": "https://mriqc.nimh.nih.gov/api/v1"
  },
  "qi_1": 0.0,
  "qi_2": 0.00012784191649118748,
  "rpve_csf": 22.033150459323902,
  "rpve_gm": 12.572811621057392,
  "rpve_wm": 17.027128553099743,
  "size_x": 180,
  "size_y": 240,
  "size_z": 240,
  "snr_csf": 2.8496327523019866,
  "snr_gm": 13.36081999048157,
  "snr_total": 15.061388971379335,
  "snr_wm": 28.97371417135445,
  "snrd_csf": 36.283651951134324,
  "snrd_gm": 89.61135017962802,
  "snrd_total": 81.53205300977288,
  "snrd_wm": 118.70115689855628,
  "spacing_x": 1.0,
  "spacing_y": 1.0,
  "spacing_z": 1.0,
  "summary_bg_k": 14.508157762973767,
  "summary_bg_mad": 0.0,
  "summary_bg_mean": 2.45253602475915,
  "summary_bg_median": 0.0,
  "summary_bg_n": 391639.0,
  "summary_bg_p05": 0.0,
  "summary_bg_p95": 14.112811289727688,
  "summary_bg_stdv": 5.519460345750188,
  "summary_csf_k": 1.046156576763578,
  "summary_csf_mad": 78.5146056221282,
  "summary_csf_mean": 308.108862656938,
  "summary_csf_median": 305.68623288720846,
  "summary_csf_n": 62514.0,
  "summary_csf_p05": 99.38342189788818,
  "summary_csf_p95": 487.9961228707805,
  "summary_csf_stdv": 107.27129230540241,
  "summary_gm_k": 0.11991403510429999,
  "summary_gm_mad": 55.931922590666574,
  "summary_gm_mean": 755.2713089099221,
  "summary_gm_median": 754.9668952077627,
  "summary_gm_n": 42301.0,
  "summary_gm_p05": 663.028095446527,
  "summary_gm_p95": 848.27587082237,
  "summary_gm_stdv": 56.50536209194166,
  "summary_wm_k": 0.4216699836909652,
  "summary_wm_mad": 33.552382135200105,
  "summary_wm_mean": 1000.864346706998,
  "summary_wm_median": 1000.0456828474998,
  "summary_wm_n": 190996.0,
  "summary_wm_p05": 945.8552278466523,
  "summary_wm_p95": 1058.575028050691,
  "summary_wm_stdv": 34.515528763562074,
  "tpm_overlap_csf": 0.1565753572022673,
  "tpm_overlap_gm": 0.45606147282424325,
  "tpm_overlap_wm": 0.5025414831862572,
  "wm2max": 0.8904251551368724
}