{
  "bids_meta": {
    "AcquisitionMatrixPE": 240,
    "AcquisitionTime": "10:07:14.540000",
    "CoilString": "MULTI_COIL",
    "ConversionSoftware": "dcm2niix",
    "ConversionSoftwareVersion": "v1.0.20190410  (JP2:OpenJPEG) GCC6.3.0",
    "Dcm2bidsVersion": "2.1.4",
    "DeviceSerialNumber": "42451",
    "EchoTime": 0.003501,
    "EchoTrainLength": 240,
    "FlipAngle": 8,
    "ImageOrientationPatientDICOM": [
      -9.33131e-05,
      1,
      2.83473e-05,
      -0.016439,
      2.68095e-05,
      -0.999865
    ],
    "ImageType": [
      "ORIGINAL",
      "PRIMARY",
      "M",
      "FFE",
      "M",
      "FFE"
    ],
    "ImagingFrequency": 127.766,
    "InPlanePhaseEncodingDirectionDICOM": "ROW",
    "InstitutionAddress": "Calzada_Mexico_Xochimilco_No.101_Tlalpan",
    "InstitutionName": "I.N._Psiquiatria",
    "InstitutionalDepartmentName": "Imagenes_Cerebrales",
    "MRAcquisitionType": "3D",
    "MagneticFieldStrength": 3,
    "Manufacturer": "Philips",
    "ManufacturersModelName": "Ingenia",
    "Modality": "MR",
    "PatientPosition": "HFS",
    "PercentPhaseFOV": 100,
    "PhaseEncodingSteps": 240,
    "PhilipsRescaleIntercept": 0,
    "PhilipsRescaleSlope": 10.9455,
    "PhilipsScaleSlope": 0.00507328,
    "PixelBandwidth": 310,
    "ProcedureStepDescription": "EDUARDO_TMS",
    "ProtocolName": "WIP_sT1W_3D_TFE_32_channel_SENSE",
    "ReconMatrixPE": 240,
    "RepetitionTime": 0.007,
    "SAR": 0.0382114,
    "ScanOptions": "OTHER",
    "ScanningSequence": "GR",
    "SequenceVariant": "MP",
    "SeriesDescription": "sT1W_3D_TFE_32_channel",
    "SeriesNumber": 401,
    "SliceThickness": 1,
    "SoftwareVersions": "2.6.3_5.1.7.2",
    "SpacingBetweenSlices": 1,
    "StationName": "INGENIA",
    "UsePhilipsFloatNotDisplayScaling": 1,
    "dataset": "ds003037",
    "modality": "T1w",
    "session_id": "t0",
    "subject_id": "002"
  },
  "cjv": 0.3397033107921127,
  "cnr": 3.968650066481095,
  "efc": 0.7713577354769606,
  "fber": -1.0,
  "fwhm_avg": 4.63357,
  "fwhm_x": 4.58057,
  "fwhm_y": 4.83811,
  "fwhm_z": 4.48203,
  "icvs_csf": 0.21199046517469303,
  "icvs_gm": 0.42096850573993566,
  "icvs_wm": 0.3670410290853713,
  "inu_med": 0.39671263098716736,
  "inu_range": 0.1480592638254165,
  "provenance": {
    "md5sum": "d2cbd89b7ddd27d756c3cb260297e9d8",
    "settings": {
      "testing": false
    },
    "software": "mriqc",
    "version": "22.0.6",
    "warnings": {
      "large_rot_frame": true,
      "small_air_mask": true
    },
    "webapi_port": null,
    "webapi_url": "https://mriqc.nimh.nih.gov/api/v1"
  },
  "qi_1": 0.0,
  "qi_2": 0.00026723312903566856,
  "rpve_csf": 27.43837610681883,
  "rpve_gm": 14.216708755376716,
  "rpve_wm": 18.753587210529766,
  "size_x": 180,
  "size_y": 240,
  "size_z": 240,
  "snr_csf": 2.865983997990879,
  "snr_gm": 14.38343783619939,
  "snr_total": 15.410698329432932,
  "snr_wm": 28.982673154108525,
  "snrd_csf": 46.43033767588375,
  "snrd_gm": 129.6214843554302,
  "snrd_total": 116.2058779086205,
  "snrd_wm": 172.56581169454753,
  "spacing_x": 1.0,
  "spacing_y": 1.0,
  "spacing_z": 1.0,
  "summary_bg_k": 34.81774212274078,
  "summary_bg_mad": 0.0,
  "summary_bg_mean": 0.9007960749263823,
  "summary_bg_median": 0.0,
  "summary_bg_n": 81252.0,
  "summary_bg_p05": 0.0,
  "summary_bg_p95": 10.846300140023232,
  "summary_bg_stdv": 3.796535119717547,
  "summary_csf_k": 1.7141102678222655,
  "summary_csf_mad": 79.92239046423424,
  "summary_csf_mean": 285.20146614425255,
  "summary_csf_median": 269.06520169973373,
  "summary_csf_n": 34792.0,
  "summary_csf_p05": 169.29968244060876,
  "summary_csf_p95": 464.92388981580734,
  "summary_csf_stdv": 93.88096203339575,
  "summary_gm_k": 0.12710128896037487,
  "summary_gm_mad": 51.70085486198513,
  "summary_gm_mean": 751.165698095755,
  "summary_gm_median": 751.160395950079,
  "summary_gm_n": 36114.0,
  "summary_gm_p05": 665.6165165752172,
  "summary_gm_p95": 836.8966708928347,
  "summary_gm_stdv": 52.223258763438125,
  "summary_wm_k": 0.5368578142237999,
  "summary_wm_mad": 32.838956777854,
  "summary_wm_mean": 1000.802211465297,
  "summary_wm_median": 1000.0240630209446,
  "summary_wm_n": 185912.0,
  "summary_wm_p05": 945.7444634288549,
  "summary_wm_p95": 1058.5363651067019,
  "summary_wm_stdv": 34.504111066317655,
  "tpm_overlap_csf": 0.15250063023700902,
  "tpm_overlap_gm": 0.46711216896363983,
  "tpm_overlap_wm": 0.5237191906146749,
  "wm2max": 0.8042784472253922
}