{
  "bids_meta": {
    "AcquisitionMatrixPE": 240,
    "AcquisitionNumber": 4,
    "AcquisitionTime": "11:33:52.650000",
    "BodyPartExamined": "BRAIN",
    "CoilString": "MULTI_COIL",
    "ConversionSoftware": "dcm2niix",
    "ConversionSoftwareVersion": "v1.0.20190410  (JP2:OpenJPEG) GCC6.3.0",
    "Dcm2bidsVersion": "2.1.4",
    "DeviceSerialNumber": "42451",
    "EchoTime": 0.0035,
    "EchoTrainLength": 240,
    "FlipAngle": 8,
    "ImageOrientationPatientDICOM": [
      0.00199471,
      0.999995,
      -0.00228106,
      0.000600475,
      -0.00228226,
      -0.999997
    ],
    "ImageType": [
      "ORIGINAL",
      "PRIMARY",
      "M",
      "FFE",
      "M",
      "FFE"
    ],
    "ImagingFrequency": 127.759,
    "InPlanePhaseEncodingDirectionDICOM": "ROW",
    "InstitutionAddress": "Calzada_Mexico_Xochimilco_No.101_Tlalpan",
    "InstitutionName": "I.N._Psiquiatria",
    "InstitutionalDepartmentName": "Imagenes_Cerebrales",
    "MRAcquisitionType": "3D",
    "MagneticFieldStrength": 3,
    "Manufacturer": "Philips",
    "ManufacturersModelName": "Ingenia",
    "Modality": "MR",
    "PatientPosition": "HFS",
    "PercentPhaseFOV": 100,
    "PhaseEncodingSteps": 240,
    "PhilipsRescaleIntercept": 0,
    "PhilipsRescaleSlope": 11.6039,
    "PhilipsScaleSlope": 0.00596957,
    "PixelBandwidth": 310,
    "ProcedureStepDescription": "PROTOCOLO_EDUARDO_TMS",
    "ProtocolName": "WIP_sT1W_3D_TFE_32_channel",
    "ReconMatrixPE": 240,
    "RepetitionTime": 0.007,
    "SAR": 0.0382114,
    "ScanOptions": "OTHER",
    "ScanningSequence": "GR",
    "SequenceVariant": "MP",
    "SeriesDescription": "sT1W_3D_TFE_32_channel",
    "SeriesNumber": 401,
    "SliceThickness": 1,
    "SoftwareVersions": "5.3.1_5.3.1.0",
    "SpacingBetweenSlices": 1,
    "StationName": "PHILIPS-CTMFQSD",
    "UsePhilipsFloatNotDisplayScaling": 1,
    "dataset": "ds003037",
    "modality": "T1w",
    "session_id": "t0",
    "subject_id": "048"
  },
  "cjv": 0.3692180692212253,
  "cnr": 3.658209479021046,
  "efc": 0.7216030584936378,
  "fber": -1.0,
  "fwhm_avg": 4.457283333333333,
  "fwhm_x": 4.40493,
  "fwhm_y": 4.74354,
  "fwhm_z": 4.22338,
  "icvs_csf": 0.2395473345935252,
  "icvs_gm": 0.40179037752898356,
  "icvs_wm": 0.3586622878774912,
  "inu_med": 0.4275861233472824,
  "inu_range": 0.16830835491418839,
  "provenance": {
    "md5sum": "de27376de4538fc3560fb894a6202338",
    "settings": {
      "testing": false
    },
    "software": "mriqc",
    "version": "22.0.6",
    "warnings": {
      "large_rot_frame": true,
      "small_air_mask": false
    },
    "webapi_port": null,
    "webapi_url": "https://mriqc.nimh.nih.gov/api/v1"
  },
  "qi_1": 0.0,
  "qi_2": 0.00011039502356084325,
  "rpve_csf": 19.524807646319754,
  "rpve_gm": 11.51743606925018,
  "rpve_wm": 15.166498380770303,
  "size_x": 180,
  "size_y": 240,
  "size_z": 240,
  "snr_csf": 3.532654896982284,
  "snr_gm": 14.349035463304803,
  "snr_total": 15.613944244914633,
  "snr_wm": 28.96014237445681,
  "snrd_csf": 36.16569357344472,
  "snrd_gm": 84.0693998924646,
  "snrd_total": 76.6463952401174,
  "snrd_wm": 109.70409225444288,
  "spacing_x": 1.0,
  "spacing_y": 1.0,
  "spacing_z": 1.0,
  "summary_bg_k": 890.7743623795401,
  "summary_bg_mad": 0.0,
  "summary_bg_mean": 2.676122945424017,
  "summary_bg_median": 0.0,
  "summary_bg_n": 560724.0,
  "summary_bg_p05": 0.0,
  "summary_bg_p95": 14.398738481104374,
  "summary_bg_stdv": 5.971926227872797,
  "summary_csf_k": 1.8259410616307372,
  "summary_csf_mad": 71.05809442421491,
  "summary_csf_mean": 336.768391409921,
  "summary_csf_median": 329.6700564958155,
  "summary_csf_n": 55517.0,
  "summary_csf_p05": 191.52866126596928,
  "summary_csf_p95": 500.3027393370865,
  "summary_csf_stdv": 93.31992425102167,
  "summary_gm_k": 0.06484789701292959,
  "summary_gm_mad": 53.633020313818264,
  "summary_gm_mean": 766.1051522349627,
  "summary_gm_median": 766.3385123759508,
  "summary_gm_n": 28339.0,
  "summary_gm_p05": 678.7249870598316,
  "summary_gm_p95": 853.2397326081991,
  "summary_gm_stdv": 53.40602811246733,
  "summary_wm_k": 0.5361199103054517,
  "summary_wm_mad": 32.6437264990223,
  "summary_wm_mean": 1001.186381300201,
  "summary_wm_median": 1000.0127390865237,
  "summary_wm_n": 217274.0,
  "summary_wm_p05": 946.7297748662531,
  "summary_wm_p95": 1059.8845253325999,
  "summary_wm_stdv": 34.530577401264125,
  "tpm_overlap_csf": 0.16572993317838097,
  "tpm_overlap_gm": 0.44741534364288044,
  "tpm_overlap_wm": 0.5076748582535093,
  "wm2max": 0.7162940286812807
}