{
  "aor": 0.002403133333333333,
  "aqi": 0.010726111,
  "bids_meta": {
    "AcquisitionMatrixPE": 70,
    "AcquisitionNumber": 3,
    "AcquisitionTime": "07:40:59.150000",
    "BodyPartExamined": "BRAIN",
    "CoilString": "MULTI_COIL",
    "ConversionSoftware": "dcm2niix",
    "ConversionSoftwareVersion": "v1.0.20190410  (JP2:OpenJPEG) GCC6.3.0",
    "Dcm2bidsVersion": "2.1.4",
    "DeviceSerialNumber": "42451",
    "EchoTime": 0.03,
    "EchoTrainLength": 35,
    "EffectiveEchoSpacing": 0.000698,
    "FlipAngle": 75,
    "ImageOrientationPatientDICOM": [
      1,
      -0.000115917,
      0.000504247,
      0.000114917,
      0.999998,
      0.00198207
    ],
    "ImageType": [
      "ORIGINAL",
      "PRIMARY",
      "M",
      "FFE",
      "M",
      "FFE"
    ],
    "ImagingFrequency": 127.759,
    "InPlanePhaseEncodingDirectionDICOM": "COL",
    "InstitutionAddress": "Calzada_Mexico_Xochimilco_No.101_Tlalpan",
    "InstitutionName": "I.N._Psiquiatria",
    "InstitutionalDepartmentName": "Imagenes_Cerebrales",
    "MRAcquisitionType": "2D",
    "MagneticFieldStrength": 3,
    "Manufacturer": "Philips",
    "ManufacturersModelName": "Ingenia",
    "Modality": "MR",
    "PartialFourier": 0.5,
    "PatientPosition": "HFS",
    "PercentPhaseFOV": 100,
    "PhaseEncodingAxis": "j",
    "PhaseEncodingDirection": "j-",
    "PhaseEncodingSteps": 70,
    "PhilipsRescaleIntercept": 0,
    "PhilipsRescaleSlope": 0.773382,
    "PhilipsScaleSlope": 0.0231091,
    "PixelBandwidth": 1819,
    "ProcedureStepDescription": "PROTOCOLO_EDUARDO_TMS",
    "ProtocolName": "WIP_FE_EPI_32chSHC_AP",
    "ReconMatrixPE": 80,
    "RepetitionTime": 2,
    "SAR": 0.119138,
    "ScanOptions": "FS",
    "ScanningSequence": "GR",
    "SequenceVariant": "SK",
    "SeriesDescription": "FE_EPI_32chSHC_AP",
    "SeriesNumber": 301,
    "SliceThickness": 3.33,
    "SliceTiming": [
      0.0,
      1.027027,
      0.054054,
      1.081081,
      0.108108,
      1.135135,
      0.162162,
      1.189189,
      0.216216,
      1.243244,
      0.27027,
      1.297298,
      0.324324,
      1.351352,
      0.378378,
      1.405406,
      0.432432,
      1.45946,
      0.486486,
      1.513514,
      0.540541,
      1.567568,
      0.594595,
      1.621622,
      0.648649,
      1.675676,
      0.702703,
      1.72973,
      0.756757,
      1.783784,
      0.810811,
      1.837838,
      0.864865,
      1.891892,
      0.918919,
      1.945947,
      0.972973
    ],
    "SoftwareVersions": "5.3.1_5.3.1.0",
    "SpacingBetweenSlices": 3.33,
    "StationName": "PHILIPS-CTMFQSD",
    "TaskName": "rest",
    "TotalReadoutTime": 0.04884,
    "UsePhilipsFloatNotDisplayScaling": 1,
    "dataset": "ds003037",
    "modality": "bold",
    "session_id": "t1",
    "subject_id": "047",
    "task_id": "rest"
  },
  "dummy_trs": 0,
  "dvars_nstd": 23.117730035117056,
  "dvars_std": 1.1533281371237454,
  "dvars_vstd": 0.9999057723411374,
  "efc": 0.42069825740433964,
  "fber": 69532.953125,
  "fd_mean": 0.11689552833533051,
  "fd_num": 26,
  "fd_perc": 8.666666666666666,
  "fwhm_avg": 2.0401967314166036,
  "fwhm_x": 1.9694233333333333,
  "fwhm_y": 2.22635,
  "fwhm_z": 1.924816860916478,
  "gcor": 0.184822,
  "gsr_x": -0.012674201279878616,
  "gsr_y": 0.023086106404662132,
  "provenance": {
    "md5sum": "a1b02e09a34ba01eff6fd91c8a17d22f",
    "settings": {
      "fd_thres": 0.2,
      "testing": false
    },
    "software": "mriqc",
    "version": "22.0.6",
    "webapi_port": null,
    "webapi_url": "https://mriqc.nimh.nih.gov/api/v1"
  },
  "size_t": 300,
  "size_x": 80,
  "size_y": 80,
  "size_z": 37,
  "snr": 5.543689431326475,
  "spacing_tr": 2.0000016689300537,
  "spacing_x": 3.0,
  "spacing_y": 3.0,
  "spacing_z": 3.3299999237060547,
  "summary_bg_k": 96.0464693957408,
  "summary_bg_mad": 295.701668278169,
  "summary_bg_mean": 1732.4527587890625,
  "summary_bg_median": 240.07879638671875,
  "summary_bg_n": 163134.0,
  "summary_bg_p05": 15.17329778671265,
  "summary_bg_p95": 8261.692236328126,
  "summary_bg_stdv": 4815.79443359375,
  "summary_fg_k": 1.5201172928747582,
  "summary_fg_mad": 10219.779791681176,
  "summary_fg_mean": 66253.203125,
  "summary_fg_median": 66247.140625,
  "summary_fg_n": 32616.0,
  "summary_fg_p05": 47019.123046875,
  "summary_fg_p95": 85920.033203125,
  "summary_fg_stdv": 11949.826171875,
  "tsnr": 47.278507232666016
}