{
  "bids_meta": {
    "AcquisitionMatrixPE": 240,
    "AcquisitionNumber": 4,
    "AcquisitionTime": "10:25:48.590000",
    "BodyPartExamined": "BRAIN",
    "CoilString": "MULTI_COIL",
    "ConversionSoftware": "dcm2niix",
    "ConversionSoftwareVersion": "v1.0.20190410  (JP2:OpenJPEG) GCC6.3.0",
    "Dcm2bidsVersion": "2.1.4",
    "DeviceSerialNumber": "42451",
    "EchoTime": 0.0035,
    "EchoTrainLength": 240,
    "FlipAngle": 8,
    "ImageOrientationPatientDICOM": [
      -5.16762e-05,
      0.999999,
      0.00172077,
      0.00480956,
      0.001721,
      -0.999987
    ],
    "ImageType": [
      "ORIGINAL",
      "PRIMARY",
      "M",
      "FFE",
      "M",
      "FFE"
    ],
    "ImagingFrequency": 127.76,
    "InPlanePhaseEncodingDirectionDICOM": "ROW",
    "InstitutionAddress": "Calzada_Mexico_Xochimilco_No.101_Tlalpan",
    "InstitutionName": "I.N._Psiquiatria",
    "InstitutionalDepartmentName": "Imagenes_Cerebrales",
    "MRAcquisitionType": "3D",
    "MagneticFieldStrength": 3,
    "Manufacturer": "Philips",
    "ManufacturersModelName": "Ingenia",
    "Modality": "MR",
    "PatientPosition": "HFS",
    "PercentPhaseFOV": 100,
    "PhaseEncodingSteps": 240,
    "PhilipsRescaleIntercept": 0,
    "PhilipsRescaleSlope": 187.25,
    "PhilipsScaleSlope": 0.00564788,
    "PixelBandwidth": 310,
    "ProcedureStepDescription": "EDUARDO_TMS",
    "ProtocolName": "WIP_sT1W_3D_TFE_32_channel",
    "ReconMatrixPE": 240,
    "RepetitionTime": 0.007,
    "SAR": 0.0382114,
    "ScanOptions": "OTHER",
    "ScanningSequence": "GR",
    "SequenceVariant": "MP",
    "SeriesDescription": "sT1W_3D_TFE_32_channel",
    "SeriesNumber": 401,
    "SliceThickness": 1,
    "SoftwareVersions": "5.3.1_5.3.1.0",
    "SpacingBetweenSlices": 1,
    "StationName": "PHILIPS-CTMFQSD",
    "UsePhilipsFloatNotDisplayScaling": 1,
    "dataset": "ds003037",
    "modality": "T1w",
    "session_id": "t1",
    "subject_id": "023"
  },
  "cjv": 0.35596238786126305,
  "cnr": 3.746418117842022,
  "efc": 0.7296224618223252,
  "fber": -1.0,
  "fwhm_avg": 4.24117,
  "fwhm_x": 3.96803,
  "fwhm_y": 4.67432,
  "fwhm_z": 4.08116,
  "icvs_csf": 0.26012609038479184,
  "icvs_gm": 0.3861064530857154,
  "icvs_wm": 0.35376745652949276,
  "inu_med": 0.41144199669361115,
  "inu_range": 0.15137531608343124,
  "provenance": {
    "md5sum": "876f475b285564045bd85e52cc82360f",
    "settings": {
      "testing": false
    },
    "software": "mriqc",
    "version": "22.0.6",
    "warnings": {
      "large_rot_frame": true,
      "small_air_mask": false
    },
    "webapi_port": null,
    "webapi_url": "https://mriqc.nimh.nih.gov/api/v1"
  },
  "qi_1": 1.0625137557584451e-05,
  "qi_2": 0.00011456226370186544,
  "rpve_csf": 19.751868463256113,
  "rpve_gm": 12.668406042119328,
  "rpve_wm": 16.2301753898999,
  "size_x": 180,
  "size_y": 240,
  "size_z": 240,
  "snr_csf": 3.328824417080107,
  "snr_gm": 16.581767800026345,
  "snr_total": 16.411272335787455,
  "snr_wm": 29.323224790255903,
  "snrd_csf": 49.83340621838354,
  "snrd_gm": 113.32345354379065,
  "snrd_total": 102.72657375365416,
  "snrd_wm": 145.0228614987883,
  "spacing_x": 1.0,
  "spacing_y": 1.0,
  "spacing_z": 1.0,
  "summary_bg_k": 17.79208609613774,
  "summary_bg_mad": 0.0,
  "summary_bg_mean": 1.7585619453510444,
  "summary_bg_median": 0.0,
  "summary_bg_n": 351923.0,
  "summary_bg_p05": 0.0,
  "summary_bg_p95": 10.984756872057915,
  "summary_bg_stdv": 4.517469834933506,
  "summary_csf_k": 1.4573259258686795,
  "summary_csf_mad": 78.99080803520594,
  "summary_csf_mean": 351.6316650578427,
  "summary_csf_median": 343.6244869977236,
  "summary_csf_n": 62133.0,
  "summary_csf_p05": 185.4633444398642,
  "summary_csf_p95": 534.3334157764912,
  "summary_csf_stdv": 103.22614794284053,
  "summary_gm_k": 0.4265118116408715,
  "summary_gm_mad": 45.91654599684996,
  "summary_gm_mean": 781.5155031362455,
  "summary_gm_median": 781.4178588986397,
  "summary_gm_n": 19699.0,
  "summary_gm_p05": 704.4229396954179,
  "summary_gm_p95": 856.96104811877,
  "summary_gm_stdv": 47.123927564484326,
  "summary_wm_k": 0.6896264675832153,
  "summary_wm_mad": 31.8904760868747,
  "summary_wm_mean": 1000.7652348416791,
  "summary_wm_median": 1000.0000033527613,
  "summary_wm_n": 187872.0,
  "summary_wm_p05": 946.5763399749994,
  "summary_wm_p95": 1057.7062701806426,
  "summary_wm_stdv": 34.10257054316323,
  "tpm_overlap_csf": 0.1674792129980129,
  "tpm_overlap_gm": 0.4544700598918646,
  "tpm_overlap_wm": 0.5179094022863664,
  "wm2max": 0.8345448671351264
}