{
  "bids_meta": {
    "AcquisitionMatrixPE": 240,
    "AcquisitionNumber": 5,
    "AcquisitionTime": "09:19:21.460000",
    "BodyPartExamined": "BRAIN",
    "CoilString": "MULTI_COIL",
    "ConversionSoftware": "dcm2niix",
    "ConversionSoftwareVersion": "v1.0.20190410  (JP2:OpenJPEG) GCC6.3.0",
    "Dcm2bidsVersion": "2.1.4",
    "DeviceSerialNumber": "42451",
    "EchoTime": 0.0035,
    "EchoTrainLength": 240,
    "FlipAngle": 8,
    "ImageOrientationPatientDICOM": [
      -8.13994e-05,
      0.999999,
      0.00161415,
      0.000603528,
      0.0016142,
      -0.999999
    ],
    "ImageType": [
      "ORIGINAL",
      "PRIMARY",
      "M",
      "FFE",
      "M",
      "FFE"
    ],
    "ImagingFrequency": 127.759,
    "InPlanePhaseEncodingDirectionDICOM": "ROW",
    "InstitutionAddress": "Calzada_Mexico_Xochimilco_No.101_Tlalpan",
    "InstitutionName": "I.N._Psiquiatria",
    "InstitutionalDepartmentName": "Imagenes_Cerebrales",
    "MRAcquisitionType": "3D",
    "MagneticFieldStrength": 3,
    "Manufacturer": "Philips",
    "ManufacturersModelName": "Ingenia",
    "Modality": "MR",
    "PatientPosition": "HFS",
    "PercentPhaseFOV": 100,
    "PhaseEncodingSteps": 240,
    "PhilipsRescaleIntercept": 0,
    "PhilipsRescaleSlope": 3.36337,
    "PhilipsScaleSlope": 0.0056884,
    "PixelBandwidth": 310,
    "ProcedureStepDescription": "PROTOCOLO_EDUARDO_TMS",
    "ProtocolName": "WIP_sT1W_3D_TFE_32_channel",
    "ReconMatrixPE": 240,
    "RepetitionTime": 0.007,
    "SAR": 0.0382114,
    "ScanOptions": "OTHER",
    "ScanningSequence": "GR",
    "SequenceVariant": "MP",
    "SeriesDescription": "sT1W_3D_TFE_32_channel",
    "SeriesNumber": 501,
    "SliceThickness": 1,
    "SoftwareVersions": "5.3.1_5.3.1.0",
    "SpacingBetweenSlices": 1,
    "StationName": "PHILIPS-CTMFQSD",
    "UsePhilipsFloatNotDisplayScaling": 1,
    "dataset": "ds003037",
    "modality": "T1w",
    "session_id": "t2",
    "subject_id": "043"
  },
  "cjv": 0.3851780876091872,
  "cnr": 3.483769200744881,
  "efc": 0.710766053987343,
  "fber": -1.0,
  "fwhm_avg": 4.4448533333333335,
  "fwhm_x": 4.2334,
  "fwhm_y": 4.82896,
  "fwhm_z": 4.2722,
  "icvs_csf": 0.22159956687533117,
  "icvs_gm": 0.40496340611891113,
  "icvs_wm": 0.3734370270057577,
  "inu_med": 0.39807939529418945,
  "inu_range": 0.1460612773895264,
  "provenance": {
    "md5sum": "a4e67c41049b7d51d0d7207b4fed798c",
    "settings": {
      "testing": false
    },
    "software": "mriqc",
    "version": "22.0.6",
    "warnings": {
      "large_rot_frame": true,
      "small_air_mask": false
    },
    "webapi_port": null,
    "webapi_url": "https://mriqc.nimh.nih.gov/api/v1"
  },
  "qi_1": 0.0007894618386381552,
  "qi_2": 9.777317751085759e-05,
  "rpve_csf": 22.72081117505244,
  "rpve_gm": 12.533791509444368,
  "rpve_wm": 15.736216126970927,
  "size_x": 180,
  "size_y": 240,
  "size_z": 240,
  "snr_csf": 2.9764015633104703,
  "snr_gm": 14.291875116315971,
  "snr_total": 14.94956948389629,
  "snr_wm": 27.58043177206243,
  "snrd_csf": 46.53868349713935,
  "snrd_gm": 108.14723067503077,
  "snrd_total": 98.21879643940788,
  "snrd_wm": 139.97047514605356,
  "spacing_x": 1.0,
  "spacing_y": 1.0,
  "spacing_z": 1.0,
  "summary_bg_k": 19.43495982671267,
  "summary_bg_mad": 0.0,
  "summary_bg_mean": 1.7714512661407025,
  "summary_bg_median": 0.0,
  "summary_bg_n": 538367.0,
  "summary_bg_p05": 0.0,
  "summary_bg_p95": 11.102454453706741,
  "summary_bg_stdv": 4.680532896028663,
  "summary_csf_k": 1.123190959037471,
  "summary_csf_mad": 86.74262767593642,
  "summary_csf_mean": 330.3553191772814,
  "summary_csf_median": 332.4892939031124,
  "summary_csf_n": 45683.0,
  "summary_csf_p05": 105.92618058398365,
  "summary_csf_p95": 506.2329671084881,
  "summary_csf_stdv": 111.70725714215725,
  "summary_gm_k": 0.15380167513296827,
  "summary_gm_mad": 53.17182295740921,
  "summary_gm_mean": 772.6757601536356,
  "summary_gm_median": 772.6431790217757,
  "summary_gm_n": 33341.0,
  "summary_gm_p05": 684.0670182704926,
  "summary_gm_p95": 861.0732548460364,
  "summary_gm_stdv": 54.060897234552286,
  "summary_wm_k": 0.6414251680246026,
  "summary_wm_mad": 34.40105042661981,
  "summary_wm_mean": 1001.8968114034792,
  "summary_wm_median": 1000.0000204443932,
  "summary_wm_n": 213782.0,
  "summary_wm_p05": 946.1433773487806,
  "summary_wm_p95": 1064.4234732612967,
  "summary_wm_stdv": 36.257506404356256,
  "tpm_overlap_csf": 0.17033017723686608,
  "tpm_overlap_gm": 0.46479072606866484,
  "tpm_overlap_wm": 0.5249348862799298,
  "wm2max": 0.7332714352882158
}