{
  "bids_meta": {
    "AcquisitionMatrixPE": 240,
    "AcquisitionTime": "08:55:5.660000",
    "CoilString": "MULTI_COIL",
    "ConversionSoftware": "dcm2niix",
    "ConversionSoftwareVersion": "v1.0.20190410  (JP2:OpenJPEG) GCC6.3.0",
    "Dcm2bidsVersion": "2.1.4",
    "DeviceSerialNumber": "42451",
    "EchoTime": 0.003501,
    "EchoTrainLength": 240,
    "FlipAngle": 8,
    "ImageOrientationPatientDICOM": [
      -0.0624931,
      0.998041,
      0.00281196,
      -0.0152312,
      0.00186344,
      -0.999882
    ],
    "ImageType": [
      "ORIGINAL",
      "PRIMARY",
      "M",
      "FFE",
      "M",
      "FFE"
    ],
    "ImagingFrequency": 127.766,
    "InPlanePhaseEncodingDirectionDICOM": "ROW",
    "InstitutionAddress": "Calzada_Mexico_Xochimilco_No.101_Tlalpan",
    "InstitutionName": "I.N._Psiquiatria",
    "InstitutionalDepartmentName": "Imagenes_Cerebrales",
    "MRAcquisitionType": "3D",
    "MagneticFieldStrength": 3,
    "Manufacturer": "Philips",
    "ManufacturersModelName": "Ingenia",
    "Modality": "MR",
    "PatientPosition": "HFS",
    "PercentPhaseFOV": 100,
    "PhaseEncodingSteps": 240,
    "PhilipsRescaleIntercept": 0,
    "PhilipsRescaleSlope": 11.42,
    "PhilipsScaleSlope": 0.00459006,
    "PixelBandwidth": 310,
    "ProcedureStepDescription": "EDUARDO_TMS",
    "ProtocolName": "WIP_sT1W_3D_TFE_32_channel_SENSE",
    "ReconMatrixPE": 240,
    "RepetitionTime": 0.007,
    "SAR": 0.0382114,
    "ScanOptions": "OTHER",
    "ScanningSequence": "GR",
    "SequenceVariant": "MP",
    "SeriesDescription": "sT1W_3D_TFE_32_channel",
    "SeriesNumber": 401,
    "SliceThickness": 1,
    "SoftwareVersions": "2.6.3_5.1.7.2",
    "SpacingBetweenSlices": 1,
    "StationName": "INGENIA",
    "UsePhilipsFloatNotDisplayScaling": 1,
    "dataset": "ds003037",
    "modality": "T1w",
    "session_id": "t1",
    "subject_id": "004"
  },
  "cjv": 0.3877668246193646,
  "cnr": 3.5364946882611,
  "efc": 0.7855847221049357,
  "fber": 1691.5413785763567,
  "fwhm_avg": 4.522612829822421,
  "fwhm_x": 4.36291,
  "fwhm_y": 4.945862022612608,
  "fwhm_z": 4.259066466854656,
  "icvs_csf": 0.25987111867889096,
  "icvs_gm": 0.3914919947952968,
  "icvs_wm": 0.34863688652581226,
  "inu_med": 0.49309924244880676,
  "inu_range": 0.18590095192193962,
  "provenance": {
    "md5sum": "bf38a17ae41a07d3101810046a05783f",
    "settings": {
      "testing": false
    },
    "software": "mriqc",
    "version": "22.0.6",
    "warnings": {
      "large_rot_frame": true,
      "small_air_mask": true
    },
    "webapi_port": null,
    "webapi_url": "https://mriqc.nimh.nih.gov/api/v1"
  },
  "qi_1": 0.0,
  "qi_2": 6.360298333937591e-05,
  "rpve_csf": 18.160466437930644,
  "rpve_gm": 11.499671598509744,
  "rpve_wm": 14.915347698519632,
  "size_x": 180,
  "size_y": 240,
  "size_z": 240,
  "snr_csf": 3.615648253893545,
  "snr_gm": 13.565520049374157,
  "snr_total": 13.49669386302412,
  "snr_wm": 23.308913285804653,
  "snrd_csf": 17.49988584789136,
  "snrd_gm": 45.09071088425292,
  "snrd_total": 40.91410633958927,
  "snrd_wm": 60.15172228662351,
  "spacing_x": 1.0,
  "spacing_y": 0.9999773502349854,
  "spacing_z": 0.9999773502349854,
  "summary_bg_k": 877.7443051922434,
  "summary_bg_mad": 0.0,
  "summary_bg_mean": 1.1645209937806764,
  "summary_bg_median": 0.0,
  "summary_bg_n": 111572.0,
  "summary_bg_p05": 0.0,
  "summary_bg_p95": 9.016141749452725,
  "summary_bg_stdv": 10.891677395429832,
  "summary_csf_k": 2.745732051082033,
  "summary_csf_mad": 57.80066415773001,
  "summary_csf_mean": 298.4588726780179,
  "summary_csf_median": 290.936530334875,
  "summary_csf_n": 98914.0,
  "summary_csf_p05": 191.73211068846285,
  "summary_csf_p95": 446.9826777931303,
  "summary_csf_stdv": 80.46553183482607,
  "summary_gm_k": 0.13662639625721962,
  "summary_gm_mad": 54.8802893938552,
  "summary_gm_mean": 748.4030909508172,
  "summary_gm_median": 749.6354598551989,
  "summary_gm_n": 26780.0,
  "summary_gm_p05": 656.0077713802457,
  "summary_gm_p95": 836.739907739684,
  "summary_gm_stdv": 55.25932369824764,
  "summary_wm_k": 0.24185818330163267,
  "summary_wm_mad": 42.21268976873589,
  "summary_wm_mean": 1000.8233803928839,
  "summary_wm_median": 1000.0255731865764,
  "summary_wm_n": 202334.0,
  "summary_wm_p05": 931.8001510109752,
  "summary_wm_p95": 1072.0881957095116,
  "summary_wm_stdv": 42.90303411818886,
  "tpm_overlap_csf": 0.16255407358680904,
  "tpm_overlap_gm": 0.427196368767399,
  "tpm_overlap_wm": 0.4746546610047988,
  "wm2max": 0.6746979575880279
}