{
  "bids_meta": {
    "AcquisitionMatrixPE": 240,
    "AcquisitionNumber": 4,
    "AcquisitionTime": "08:40:53.450000",
    "BodyPartExamined": "BRAIN",
    "CoilString": "MULTI_COIL",
    "ConversionSoftware": "dcm2niix",
    "ConversionSoftwareVersion": "v1.0.20190410  (JP2:OpenJPEG) GCC6.3.0",
    "Dcm2bidsVersion": "2.1.4",
    "DeviceSerialNumber": "42451",
    "EchoTime": 0.003501,
    "EchoTrainLength": 240,
    "FlipAngle": 8,
    "ImageOrientationPatientDICOM": [
      -0.000140625,
      0.999999,
      -0.00157397,
      0.00204972,
      -0.00157368,
      -0.999997
    ],
    "ImageType": [
      "ORIGINAL",
      "PRIMARY",
      "M",
      "FFE",
      "M",
      "FFE"
    ],
    "ImagingFrequency": 127.766,
    "InPlanePhaseEncodingDirectionDICOM": "ROW",
    "InstitutionAddress": "Calzada_Mexico_Xochimilco_No.101_Tlalpan",
    "InstitutionName": "I.N._Psiquiatria",
    "InstitutionalDepartmentName": "Imagenes_Cerebrales",
    "MRAcquisitionType": "3D",
    "MagneticFieldStrength": 3,
    "Manufacturer": "Philips",
    "ManufacturersModelName": "Ingenia",
    "Modality": "MR",
    "PatientPosition": "HFS",
    "PercentPhaseFOV": 100,
    "PhaseEncodingSteps": 240,
    "PhilipsRescaleIntercept": 0,
    "PhilipsRescaleSlope": 7.04982,
    "PhilipsScaleSlope": 0.00632261,
    "PixelBandwidth": 310,
    "ProcedureStepDescription": "EDUARDO_TMS",
    "ProtocolName": "sT1W_3D_TFE_32_channel",
    "ReconMatrixPE": 240,
    "RepetitionTime": 0.007,
    "SAR": 0.0382114,
    "ScanOptions": "OTHER",
    "ScanningSequence": "GR",
    "SequenceVariant": "MP",
    "SeriesDescription": "sT1W_3D_TFE_32_channel",
    "SeriesNumber": 401,
    "SliceThickness": 1,
    "SoftwareVersions": "5.3.1_5.3.1.0",
    "SpacingBetweenSlices": 1,
    "StationName": "PHILIPS-CTMFQSD",
    "UsePhilipsFloatNotDisplayScaling": 1,
    "dataset": "ds003037",
    "modality": "T1w",
    "session_id": "t3",
    "subject_id": "002"
  },
  "cjv": 0.37956763205300964,
  "cnr": 3.5102887693027687,
  "efc": 0.7105289235045318,
  "fber": -1.0,
  "fwhm_avg": 4.51638,
  "fwhm_x": 4.49213,
  "fwhm_y": 4.75385,
  "fwhm_z": 4.30316,
  "icvs_csf": 0.21061465904380366,
  "icvs_gm": 0.41215625695832625,
  "icvs_wm": 0.3772290839978701,
  "inu_med": 0.4013006389141083,
  "inu_range": 0.14455634653568267,
  "provenance": {
    "md5sum": "621bb1206452b5c26c35d781261a858b",
    "settings": {
      "testing": false
    },
    "software": "mriqc",
    "version": "22.0.6",
    "warnings": {
      "large_rot_frame": true,
      "small_air_mask": false
    },
    "webapi_port": null,
    "webapi_url": "https://mriqc.nimh.nih.gov/api/v1"
  },
  "qi_1": 4.7094282754073654e-05,
  "qi_2": 7.318030499763331e-05,
  "rpve_csf": 28.03352500577736,
  "rpve_gm": 14.632103150864278,
  "rpve_wm": 18.536144448281817,
  "size_x": 180,
  "size_y": 240,
  "size_z": 240,
  "snr_csf": 3.0184926738306475,
  "snr_gm": 14.616885124895603,
  "snr_total": 15.260049799126122,
  "snr_wm": 28.14477159865212,
  "snrd_csf": 30.757692372618227,
  "snrd_gm": 78.51353618555821,
  "snrd_total": 70.19984774357202,
  "snrd_wm": 101.32831467253959,
  "spacing_x": 1.0,
  "spacing_y": 1.0,
  "spacing_z": 1.0,
  "summary_bg_k": 11.814282758831881,
  "summary_bg_mad": 0.0,
  "summary_bg_mean": 3.009346101600597,
  "summary_bg_median": 0.0,
  "summary_bg_n": 364840.0,
  "summary_bg_p05": 0.0,
  "summary_bg_p95": 16.51446532085538,
  "summary_bg_stdv": 6.465637094526993,
  "summary_csf_k": 1.7972936567080744,
  "summary_csf_mad": 76.63363101826124,
  "summary_csf_mean": 315.3234815553827,
  "summary_csf_median": 303.5521713439375,
  "summary_csf_n": 34522.0,
  "summary_csf_p05": 179.74401580207052,
  "summary_csf_p95": 504.68589520454407,
  "summary_csf_stdv": 100.56270052947143,
  "summary_gm_k": 0.18959781692645628,
  "summary_gm_mad": 52.095943924308365,
  "summary_gm_mean": 773.7363616062856,
  "summary_gm_median": 774.8615891039371,
  "summary_gm_n": 29972.0,
  "summary_gm_p05": 685.913576323539,
  "summary_gm_p95": 859.0398216247559,
  "summary_gm_stdv": 53.01051872207058,
  "summary_wm_k": 0.6243008594217239,
  "summary_wm_mad": 33.368411558612245,
  "summary_wm_mean": 1001.6050511224145,
  "summary_wm_median": 1000.0239798501134,
  "summary_wm_n": 185987.0,
  "summary_wm_p05": 946.2141472734511,
  "summary_wm_p95": 1062.719026206806,
  "summary_wm_stdv": 35.531334404930334,
  "tpm_overlap_csf": 0.15532324616922397,
  "tpm_overlap_gm": 0.4560067876790355,
  "tpm_overlap_wm": 0.5197417532333994,
  "wm2max": 0.8392911025728712
}