{
  "bids_meta": {
    "AcquisitionMatrixPE": 240,
    "AcquisitionNumber": 4,
    "AcquisitionTime": "08:36:36.570000",
    "CoilString": "MULTI_COIL",
    "ConversionSoftware": "dcm2niix",
    "ConversionSoftwareVersion": "v1.0.20190410  (JP2:OpenJPEG) GCC6.3.0",
    "Dcm2bidsVersion": "2.1.4",
    "DeviceSerialNumber": "42451",
    "EchoTime": 0.003501,
    "EchoTrainLength": 240,
    "FlipAngle": 8,
    "ImageOrientationPatientDICOM": [
      -0.00421879,
      0.99999,
      0.001719,
      0.000542332,
      0.00172131,
      -0.999998
    ],
    "ImageType": [
      "ORIGINAL",
      "PRIMARY",
      "M",
      "FFE",
      "M",
      "FFE"
    ],
    "ImagingFrequency": 127.766,
    "InPlanePhaseEncodingDirectionDICOM": "ROW",
    "InstitutionAddress": "Calzada_Mexico_Xochimilco_No.101_Tlalpan",
    "InstitutionName": "I.N._Psiquiatria",
    "InstitutionalDepartmentName": "Imagenes_Cerebrales",
    "MRAcquisitionType": "3D",
    "MagneticFieldStrength": 3,
    "Manufacturer": "Philips",
    "ManufacturersModelName": "Ingenia",
    "Modality": "MR",
    "PatientPosition": "HFS",
    "PercentPhaseFOV": 100,
    "PhaseEncodingSteps": 240,
    "PhilipsRescaleIntercept": 0,
    "PhilipsRescaleSlope": 11.7402,
    "PhilipsScaleSlope": 0.00572203,
    "PixelBandwidth": 310,
    "ProcedureStepDescription": "EDUARDO_TLP",
    "ProtocolName": "WIP_sT1W_3D_TFE_32_channel_SENSE",
    "ReconMatrixPE": 240,
    "RepetitionTime": 0.007,
    "SAR": 0.0382114,
    "ScanOptions": "OTHER",
    "ScanningSequence": "GR",
    "SequenceVariant": "MP",
    "SeriesDescription": "sT1W_3D_TFE_32_channel",
    "SeriesNumber": 401,
    "SliceThickness": 1,
    "SoftwareVersions": "5.1.7_5.1.7.2",
    "SpacingBetweenSlices": 1,
    "StationName": "INGENIA",
    "UsePhilipsFloatNotDisplayScaling": 1,
    "dataset": "ds003037",
    "modality": "T1w",
    "session_id": "t1",
    "subject_id": "015"
  },
  "cjv": 0.368460450811252,
  "cnr": 3.684684867433808,
  "efc": 0.7562204067611473,
  "fber": -1.0,
  "fwhm_avg": 4.6388,
  "fwhm_x": 4.49675,
  "fwhm_y": 5.00844,
  "fwhm_z": 4.41121,
  "icvs_csf": 0.19384354340253457,
  "icvs_gm": 0.4142527336001081,
  "icvs_wm": 0.3919037229973573,
  "inu_med": 0.3644941747188568,
  "inu_range": 0.113822528719902,
  "provenance": {
    "md5sum": "73f1a781d2683d6c672ec910c1b8f26b",
    "settings": {
      "testing": false
    },
    "software": "mriqc",
    "version": "22.0.6",
    "warnings": {
      "large_rot_frame": true,
      "small_air_mask": true
    },
    "webapi_port": null,
    "webapi_url": "https://mriqc.nimh.nih.gov/api/v1"
  },
  "qi_1": 0.0,
  "qi_2": 0.00011788696328311093,
  "rpve_csf": 28.905706569748364,
  "rpve_gm": 14.1449622390601,
  "rpve_wm": 17.586606519575966,
  "size_x": 180,
  "size_y": 240,
  "size_z": 240,
  "snr_csf": 2.370821294958722,
  "snr_gm": 12.49372959381531,
  "snr_total": 14.888278283918519,
  "snr_wm": 29.800283962981524,
  "snrd_csf": 33.18401696026174,
  "snrd_gm": 80.55546467500709,
  "snrd_total": 73.8831183231776,
  "snrd_wm": 107.90987333426395,
  "spacing_x": 1.0,
  "spacing_y": 1.0,
  "spacing_z": 1.0,
  "summary_bg_k": 24.017817590667327,
  "summary_bg_mad": 0.0,
  "summary_bg_mean": 2.164102087605602,
  "summary_bg_median": 0.0,
  "summary_bg_n": 132127.0,
  "summary_bg_p05": 0.0,
  "summary_bg_p95": 12.89962038397789,
  "summary_bg_stdv": 6.071280121790389,
  "summary_csf_k": 0.16000719221170678,
  "summary_csf_mad": 116.19186798782562,
  "summary_csf_mean": 297.95065675232826,
  "summary_csf_median": 307.52292580902576,
  "summary_csf_n": 22622.0,
  "summary_csf_p05": 61.95059456676245,
  "summary_csf_p95": 504.89382459223276,
  "summary_csf_stdv": 129.70869183594337,
  "summary_gm_k": -0.08145879645879672,
  "summary_gm_mad": 61.08732354915493,
  "summary_gm_mean": 745.9799925033847,
  "summary_gm_median": 746.5236115455627,
  "summary_gm_n": 41458.0,
  "summary_gm_p05": 647.4592218324542,
  "summary_gm_p95": 843.4004313200713,
  "summary_gm_stdv": 59.751141763832116,
  "summary_wm_k": 0.29158969513180866,
  "summary_wm_mad": 32.31695087380687,
  "summary_wm_mean": 1001.0554888165785,
  "summary_wm_median": 1000.0223906338215,
  "summary_wm_n": 211963.0,
  "summary_wm_p05": 948.0237302333117,
  "summary_wm_p95": 1058.46191868186,
  "summary_wm_stdv": 33.55739941667014,
  "tpm_overlap_csf": 0.13817180295248896,
  "tpm_overlap_gm": 0.45916870530818527,
  "tpm_overlap_wm": 0.5291762900773509,
  "wm2max": 0.8859553566123314
}