{
  "aor": 0.005110066666666668,
  "aqi": 0.026166429266666666,
  "bids_meta": {
    "AcquisitionMatrixPE": 70,
    "AcquisitionNumber": 3,
    "AcquisitionTime": "11:52:58.410000",
    "CoilString": "MULTI_COIL",
    "ConversionSoftware": "dcm2niix",
    "ConversionSoftwareVersion": "v1.0.20190410  (JP2:OpenJPEG) GCC6.3.0",
    "Dcm2bidsVersion": "2.1.4",
    "DeviceSerialNumber": "42451",
    "EchoTime": 0.03,
    "EchoTrainLength": 35,
    "EffectiveEchoSpacing": 0.000698,
    "FlipAngle": 75,
    "ImageOrientationPatientDICOM": [
      0.999985,
      0.00420254,
      -0.00363232,
      -0.0042116,
      0.999988,
      -0.00249007
    ],
    "ImageType": [
      "ORIGINAL",
      "PRIMARY",
      "M",
      "FFE",
      "M",
      "FFE"
    ],
    "ImagingFrequency": 127.766,
    "InPlanePhaseEncodingDirectionDICOM": "COL",
    "InstitutionAddress": "Calzada_Mexico_Xochimilco_No.101_Tlalpan",
    "InstitutionName": "I.N._Psiquiatria",
    "InstitutionalDepartmentName": "Imagenes_Cerebrales",
    "MRAcquisitionType": "2D",
    "MagneticFieldStrength": 3,
    "Manufacturer": "Philips",
    "ManufacturersModelName": "Ingenia",
    "Modality": "MR",
    "PartialFourier": 0.5,
    "PatientPosition": "HFS",
    "PercentPhaseFOV": 100,
    "PhaseEncodingAxis": "j",
    "PhaseEncodingDirection": "j-",
    "PhaseEncodingSteps": 70,
    "PhilipsRescaleIntercept": 0,
    "PhilipsRescaleSlope": 0.822466,
    "PhilipsScaleSlope": 0.0639907,
    "PixelBandwidth": 1819,
    "ProcedureStepDescription": "EDUARDO_TMS",
    "ProtocolName": "WIP_FE_EPI_32chSHC_AP_SENSE",
    "ReconMatrixPE": 80,
    "RepetitionTime": 2,
    "SAR": 0.119138,
    "ScanOptions": "FS",
    "ScanningSequence": "GR",
    "SequenceVariant": "SK",
    "SeriesDescription": "FE_EPI_32chSHC_AP",
    "SeriesNumber": 301,
    "SliceThickness": 3.33,
    "SliceTiming": [
      0.0,
      1.027027,
      0.054054,
      1.081081,
      0.108108,
      1.135135,
      0.162162,
      1.189189,
      0.216216,
      1.243244,
      0.27027,
      1.297298,
      0.324324,
      1.351352,
      0.378378,
      1.405406,
      0.432432,
      1.45946,
      0.486486,
      1.513514,
      0.540541,
      1.567568,
      0.594595,
      1.621622,
      0.648649,
      1.675676,
      0.702703,
      1.72973,
      0.756757,
      1.783784,
      0.810811,
      1.837838,
      0.864865,
      1.891892,
      0.918919,
      1.945947,
      0.972973
    ],
    "SoftwareVersions": "5.1.7_5.1.7.2",
    "SpacingBetweenSlices": 3.33,
    "StationName": "INGENIA",
    "TaskName": "rest",
    "TotalReadoutTime": 0.04884,
    "UsePhilipsFloatNotDisplayScaling": 1,
    "dataset": "ds003037",
    "modality": "bold",
    "session_id": "t1",
    "subject_id": "011",
    "task_id": "rest"
  },
  "dummy_trs": 0,
  "dvars_nstd": 30.768962279698997,
  "dvars_std": 1.1829327966555185,
  "dvars_vstd": 0.9601007510702338,
  "efc": 0.44204855853710956,
  "fber": 147802.9375,
  "fd_mean": 0.2397929156935043,
  "fd_num": 132,
  "fd_perc": 44.0,
  "fwhm_avg": 1.8657358591180209,
  "fwhm_x": 1.7910333333333333,
  "fwhm_y": 2.068303333333333,
  "fwhm_z": 1.737870910687396,
  "gcor": 0.100966,
  "gsr_x": -0.015050908550620079,
  "gsr_y": 0.0239830631762743,
  "provenance": {
    "md5sum": "85990133908aa22b18d4054961372b83",
    "settings": {
      "fd_thres": 0.2,
      "testing": false
    },
    "software": "mriqc",
    "version": "22.0.6",
    "webapi_port": null,
    "webapi_url": "https://mriqc.nimh.nih.gov/api/v1"
  },
  "size_t": 300,
  "size_x": 80,
  "size_y": 80,
  "size_z": 37,
  "snr": 5.728454611702156,
  "spacing_tr": 2.0000016689300537,
  "spacing_x": 3.0,
  "spacing_y": 3.0,
  "spacing_z": 3.3299999237060547,
  "summary_bg_k": 140.796086035158,
  "summary_bg_mad": 61.029347850304475,
  "summary_bg_mean": 565.8463134765625,
  "summary_bg_median": 53.0765380859375,
  "summary_bg_n": 157804.0,
  "summary_bg_p05": 6.482732653617859,
  "summary_bg_p95": 2572.2183593750005,
  "summary_bg_stdv": 1650.439453125,
  "summary_fg_k": 2.060455544312921,
  "summary_fg_mad": 3114.150941529315,
  "summary_fg_mean": 21166.580078125,
  "summary_fg_median": 20889.55859375,
  "summary_fg_n": 37258.0,
  "summary_fg_p05": 15898.9580078125,
  "summary_fg_p95": 27399.799023437503,
  "summary_fg_stdv": 3646.581787109375,
  "tsnr": 34.241153717041016
}