{
  "bids_meta": {
    "AcquisitionMatrixPE": 240,
    "AcquisitionNumber": 4,
    "AcquisitionTime": "10:32:8.850000",
    "BodyPartExamined": "BRAIN",
    "CoilString": "MULTI_COIL",
    "ConversionSoftware": "dcm2niix",
    "ConversionSoftwareVersion": "v1.0.20190410  (JP2:OpenJPEG) GCC6.3.0",
    "Dcm2bidsVersion": "2.1.4",
    "DeviceSerialNumber": "42451",
    "EchoTime": 0.0035,
    "EchoTrainLength": 240,
    "FlipAngle": 8,
    "ImageOrientationPatientDICOM": [
      -0.0042193,
      0.999989,
      0.00180664,
      0.000620459,
      0.00180927,
      -0.999998
    ],
    "ImageType": [
      "ORIGINAL",
      "PRIMARY",
      "M",
      "FFE",
      "M",
      "FFE"
    ],
    "ImagingFrequency": 127.759,
    "InPlanePhaseEncodingDirectionDICOM": "ROW",
    "InstitutionAddress": "Calzada_Mexico_Xochimilco_No.101_Tlalpan",
    "InstitutionName": "I.N._Psiquiatria",
    "InstitutionalDepartmentName": "Imagenes_Cerebrales",
    "MRAcquisitionType": "3D",
    "MagneticFieldStrength": 3,
    "Manufacturer": "Philips",
    "ManufacturersModelName": "Ingenia",
    "Modality": "MR",
    "PatientPosition": "HFS",
    "PercentPhaseFOV": 100,
    "PhaseEncodingSteps": 240,
    "PhilipsRescaleIntercept": 0,
    "PhilipsRescaleSlope": 3.56752,
    "PhilipsScaleSlope": 0.00587794,
    "PixelBandwidth": 310,
    "ProcedureStepDescription": "PROTOCOLO_EDUARDO_TMS",
    "ProtocolName": "WIP_sT1W_3D_TFE_32_channel",
    "ReconMatrixPE": 240,
    "RepetitionTime": 0.007,
    "SAR": 0.0382114,
    "ScanOptions": "OTHER",
    "ScanningSequence": "GR",
    "SequenceVariant": "MP",
    "SeriesDescription": "sT1W_3D_TFE_32_channel",
    "SeriesNumber": 401,
    "SliceThickness": 1,
    "SoftwareVersions": "5.3.1_5.3.1.0",
    "SpacingBetweenSlices": 1,
    "StationName": "PHILIPS-CTMFQSD",
    "UsePhilipsFloatNotDisplayScaling": 1,
    "dataset": "ds003037",
    "modality": "T1w",
    "session_id": "t0",
    "subject_id": "047"
  },
  "cjv": 0.324556741586664,
  "cnr": 4.082206877225273,
  "efc": 0.7115051799855338,
  "fber": -1.0,
  "fwhm_avg": 4.39549,
  "fwhm_x": 4.21621,
  "fwhm_y": 4.80897,
  "fwhm_z": 4.16129,
  "icvs_csf": 0.20341625914134936,
  "icvs_gm": 0.4286032131834718,
  "icvs_wm": 0.36798052767517886,
  "inu_med": 0.387012243270874,
  "inu_range": 0.13936640620231633,
  "provenance": {
    "md5sum": "8e6a13da2c8bc267bdeadbcdbffd2f72",
    "settings": {
      "testing": false
    },
    "software": "mriqc",
    "version": "22.0.6",
    "warnings": {
      "large_rot_frame": true,
      "small_air_mask": false
    },
    "webapi_port": null,
    "webapi_url": "https://mriqc.nimh.nih.gov/api/v1"
  },
  "qi_1": 0.0,
  "qi_2": 6.811740629211952e-05,
  "rpve_csf": 23.25671152308547,
  "rpve_gm": 11.605948656000654,
  "rpve_wm": 15.490942200750991,
  "size_x": 180,
  "size_y": 240,
  "size_z": 240,
  "snr_csf": 2.5632017387657022,
  "snr_gm": 14.386349537432935,
  "snr_total": 15.55027252443964,
  "snr_wm": 29.701266297120277,
  "snrd_csf": 40.593372475114485,
  "snrd_gm": 93.61528837515161,
  "snrd_total": 86.53373359602396,
  "snrd_wm": 125.39253993780578,
  "spacing_x": 1.0,
  "spacing_y": 1.0,
  "spacing_z": 1.0,
  "summary_bg_k": 920.1749189255503,
  "summary_bg_mad": 0.0,
  "summary_bg_mean": 2.1275413879600737,
  "summary_bg_median": 0.0,
  "summary_bg_n": 525706.0,
  "summary_bg_p05": 0.0,
  "summary_bg_p95": 12.967328863218427,
  "summary_bg_stdv": 5.224809636848854,
  "summary_csf_k": 0.7988128498824305,
  "summary_csf_mad": 101.13839495019118,
  "summary_csf_mean": 319.28371554225936,
  "summary_csf_median": 323.73814628552645,
  "summary_csf_n": 34794.0,
  "summary_csf_p05": 84.90111977420747,
  "summary_csf_p95": 525.8239824973045,
  "summary_csf_stdv": 126.30043478190606,
  "summary_gm_k": 0.3238975476879937,
  "summary_gm_mad": 50.32843423548572,
  "summary_gm_mean": 747.1977814236728,
  "summary_gm_median": 746.5957636591047,
  "summary_gm_n": 48571.0,
  "summary_gm_p05": 663.5230613127351,
  "summary_gm_p95": 833.2531264889985,
  "summary_gm_stdv": 51.89558866649954,
  "summary_wm_k": 0.49539777351630043,
  "summary_wm_mad": 31.923422140864435,
  "summary_wm_mean": 1001.1669113988852,
  "summary_wm_median": 1000.0240424070507,
  "summary_wm_n": 223557.0,
  "summary_wm_p05": 948.0344363339245,
  "summary_wm_p95": 1058.4131094776094,
  "summary_wm_stdv": 33.66933233690678,
  "tpm_overlap_csf": 0.1427915092576088,
  "tpm_overlap_gm": 0.4672074867013714,
  "tpm_overlap_wm": 0.5144318103751511,
  "wm2max": 0.7828649845022869
}