{
  "bids_meta": {
    "AcquisitionMatrixPE": 240,
    "AcquisitionNumber": 4,
    "AcquisitionTime": "09:28:0.180000",
    "BodyPartExamined": "BRAIN",
    "CoilString": "MULTI_COIL",
    "ConversionSoftware": "dcm2niix",
    "ConversionSoftwareVersion": "v1.0.20190410  (JP2:OpenJPEG) GCC6.3.0",
    "Dcm2bidsVersion": "2.1.4",
    "DeviceSerialNumber": "42451",
    "EchoTime": 0.0035,
    "EchoTrainLength": 240,
    "FlipAngle": 8,
    "ImageOrientationPatientDICOM": [
      0.00207094,
      0.999996,
      0.00182066,
      0.04211,
      0.00173185,
      -0.999111
    ],
    "ImageType": [
      "ORIGINAL",
      "PRIMARY",
      "M",
      "FFE",
      "M",
      "FFE"
    ],
    "ImagingFrequency": 127.759,
    "InPlanePhaseEncodingDirectionDICOM": "ROW",
    "InstitutionAddress": "Calzada_Mexico_Xochimilco_No.101_Tlalpan",
    "InstitutionName": "I.N._Psiquiatria",
    "InstitutionalDepartmentName": "Imagenes_Cerebrales",
    "MRAcquisitionType": "3D",
    "MagneticFieldStrength": 3,
    "Manufacturer": "Philips",
    "ManufacturersModelName": "Ingenia",
    "Modality": "MR",
    "PatientPosition": "HFS",
    "PercentPhaseFOV": 100,
    "PhaseEncodingSteps": 240,
    "PhilipsRescaleIntercept": 0,
    "PhilipsRescaleSlope": 3.78071,
    "PhilipsScaleSlope": 0.0061923,
    "PixelBandwidth": 310,
    "ProcedureStepDescription": "PROTOCOLO_EDUARDO_TMS",
    "ProtocolName": "WIP_sT1W_3D_TFE_32_channel",
    "ReconMatrixPE": 240,
    "RepetitionTime": 0.007,
    "SAR": 0.0382114,
    "ScanOptions": "OTHER",
    "ScanningSequence": "GR",
    "SequenceVariant": "MP",
    "SeriesDescription": "sT1W_3D_TFE_32_channel",
    "SeriesNumber": 401,
    "SliceThickness": 1,
    "SoftwareVersions": "5.3.1_5.3.1.0",
    "SpacingBetweenSlices": 1,
    "StationName": "PHILIPS-CTMFQSD",
    "UsePhilipsFloatNotDisplayScaling": 1,
    "dataset": "ds003037",
    "modality": "T1w",
    "session_id": "t1",
    "subject_id": "045"
  },
  "cjv": 0.3173006313479159,
  "cnr": 4.190134560071855,
  "efc": 0.7080153950359622,
  "fber": -1.0,
  "fwhm_avg": 4.475929999999999,
  "fwhm_x": 4.18891,
  "fwhm_y": 5.08495,
  "fwhm_z": 4.15393,
  "icvs_csf": 0.2173290100710475,
  "icvs_gm": 0.43957338374047294,
  "icvs_wm": 0.34309760618847956,
  "inu_med": 0.43362313508987427,
  "inu_range": 0.15006665885448456,
  "provenance": {
    "md5sum": "9167cc26244c91b7ea797629252621c0",
    "settings": {
      "testing": false
    },
    "software": "mriqc",
    "version": "22.0.6",
    "warnings": {
      "large_rot_frame": true,
      "small_air_mask": false
    },
    "webapi_port": null,
    "webapi_url": "https://mriqc.nimh.nih.gov/api/v1"
  },
  "qi_1": 0.0,
  "qi_2": 9.283733464823597e-05,
  "rpve_csf": 26.875508969860643,
  "rpve_gm": 13.719107035276792,
  "rpve_wm": 19.628287280609854,
  "size_x": 180,
  "size_y": 240,
  "size_z": 240,
  "snr_csf": 2.4152213265005087,
  "snr_gm": 14.087855560376468,
  "snr_total": 15.002488080137192,
  "snr_wm": 28.504387353534607,
  "snrd_csf": 33.49417241421228,
  "snrd_gm": 82.52377675009087,
  "snrd_total": 76.0807663398552,
  "snrd_wm": 112.22434985526246,
  "spacing_x": 1.0,
  "spacing_y": 1.0,
  "spacing_z": 1.0,
  "summary_bg_k": 7.330507047366346,
  "summary_bg_mad": 0.0,
  "summary_bg_mean": 3.2411874143414723,
  "summary_bg_median": 0.0,
  "summary_bg_n": 512366.0,
  "summary_bg_p05": 0.0,
  "summary_bg_p95": 15.79293666779995,
  "summary_bg_stdv": 5.837738290217935,
  "summary_csf_k": 0.17452548607024188,
  "summary_csf_mad": 96.47700100442046,
  "summary_csf_mean": 282.8661671972845,
  "summary_csf_median": 298.4572568424046,
  "summary_csf_n": 39690.0,
  "summary_csf_p05": 56.49386912956834,
  "summary_csf_p95": 473.97454442521524,
  "summary_csf_stdv": 123.57190361372673,
  "summary_gm_k": 0.3165401946244297,
  "summary_gm_mad": 50.58719153789837,
  "summary_gm_mean": 735.6681273599977,
  "summary_gm_median": 735.3464276865125,
  "summary_gm_n": 44656.0,
  "summary_gm_p05": 650.5264155906625,
  "summary_gm_p95": 820.8183858562261,
  "summary_gm_stdv": 52.196602317003546,
  "summary_wm_k": 0.4708317716742614,
  "summary_wm_mad": 33.38754641501293,
  "summary_wm_mean": 1001.1328434254293,
  "summary_wm_median": 999.9999759513885,
  "summary_wm_n": 159095.0,
  "summary_wm_p05": 945.6751984320581,
  "summary_wm_p95": 1060.6931089511138,
  "summary_wm_stdv": 35.082207548172235,
  "tpm_overlap_csf": 0.15243077966534552,
  "tpm_overlap_gm": 0.4773447928068581,
  "tpm_overlap_wm": 0.520018281780351,
  "wm2max": 0.7813196155258384
}