{
  "aor": 0.0052014,
  "aqi": 0.023278871333333336,
  "bids_meta": {
    "AcquisitionMatrixPE": 70,
    "AcquisitionNumber": 3,
    "AcquisitionTime": "08:46:37.170000",
    "BodyPartExamined": "BRAIN",
    "CoilString": "MULTI_COIL",
    "ConversionSoftware": "dcm2niix",
    "ConversionSoftwareVersion": "v1.0.20190410  (JP2:OpenJPEG) GCC6.3.0",
    "Dcm2bidsVersion": "2.1.4",
    "DeviceSerialNumber": "42451",
    "EchoTime": 0.03,
    "EchoTrainLength": 35,
    "EffectiveEchoSpacing": 0.000698,
    "FlipAngle": 75,
    "ImageOrientationPatientDICOM": [
      1,
      -4.14618e-05,
      0.000535568,
      4.02848e-05,
      0.999998,
      0.0021975
    ],
    "ImageType": [
      "ORIGINAL",
      "PRIMARY",
      "M",
      "FFE",
      "M",
      "FFE"
    ],
    "ImagingFrequency": 127.759,
    "InPlanePhaseEncodingDirectionDICOM": "COL",
    "InstitutionAddress": "Calzada_Mexico_Xochimilco_No.101_Tlalpan",
    "InstitutionName": "I.N._Psiquiatria",
    "InstitutionalDepartmentName": "Imagenes_Cerebrales",
    "MRAcquisitionType": "2D",
    "MagneticFieldStrength": 3,
    "Manufacturer": "Philips",
    "ManufacturersModelName": "Ingenia",
    "Modality": "MR",
    "PartialFourier": 0.5,
    "PatientPosition": "HFS",
    "PercentPhaseFOV": 100,
    "PhaseEncodingAxis": "j",
    "PhaseEncodingDirection": "j-",
    "PhaseEncodingSteps": 70,
    "PhilipsRescaleIntercept": 0,
    "PhilipsRescaleSlope": 0.787057,
    "PhilipsScaleSlope": 0.0244505,
    "PixelBandwidth": 1819,
    "ProcedureStepDescription": "PROTOCOLO_EDUARDO_TMS",
    "ProtocolName": "WIP_FE_EPI_32chSHC_AP",
    "ReconMatrixPE": 80,
    "RepetitionTime": 2,
    "SAR": 0.119138,
    "ScanOptions": "FS",
    "ScanningSequence": "GR",
    "SequenceVariant": "SK",
    "SeriesDescription": "FE_EPI_32chSHC_AP",
    "SeriesNumber": 301,
    "SliceThickness": 3.33,
    "SliceTiming": [
      0.0,
      1.027027,
      0.054054,
      1.081081,
      0.108108,
      1.135135,
      0.162162,
      1.189189,
      0.216216,
      1.243244,
      0.27027,
      1.297298,
      0.324324,
      1.351352,
      0.378378,
      1.405406,
      0.432432,
      1.45946,
      0.486486,
      1.513514,
      0.540541,
      1.567568,
      0.594595,
      1.621622,
      0.648649,
      1.675676,
      0.702703,
      1.72973,
      0.756757,
      1.783784,
      0.810811,
      1.837838,
      0.864865,
      1.891892,
      0.918919,
      1.945947,
      0.972973
    ],
    "SoftwareVersions": "5.3.1_5.3.1.0",
    "SpacingBetweenSlices": 3.33,
    "StationName": "PHILIPS-CTMFQSD",
    "TaskName": "rest",
    "TotalReadoutTime": 0.04884,
    "UsePhilipsFloatNotDisplayScaling": 1,
    "dataset": "ds003037",
    "modality": "bold",
    "session_id": "t0",
    "subject_id": "043",
    "task_id": "rest"
  },
  "dummy_trs": 0,
  "dvars_nstd": 25.664103568561867,
  "dvars_std": 1.046032078528429,
  "dvars_vstd": 0.9030232622073581,
  "efc": 0.41937885905017885,
  "fber": 85389.84375,
  "fd_mean": 0.15937481699404343,
  "fd_num": 67,
  "fd_perc": 22.333333333333332,
  "fwhm_avg": 1.9573250787877559,
  "fwhm_x": 1.8923333333333332,
  "fwhm_y": 2.1827799999999997,
  "fwhm_z": 1.796861903029935,
  "gcor": 0.0465699,
  "gsr_x": -0.012006949633359909,
  "gsr_y": 0.01318768784403801,
  "provenance": {
    "md5sum": "a11a750cb5fdacb4abfbd600020da03f",
    "settings": {
      "fd_thres": 0.2,
      "testing": false
    },
    "software": "mriqc",
    "version": "22.0.6",
    "webapi_port": null,
    "webapi_url": "https://mriqc.nimh.nih.gov/api/v1"
  },
  "size_t": 300,
  "size_x": 80,
  "size_y": 80,
  "size_z": 37,
  "snr": 4.618219753624597,
  "spacing_tr": 2.0000016689300537,
  "spacing_x": 3.0,
  "spacing_y": 3.0,
  "spacing_z": 3.3299999237060547,
  "summary_bg_k": 92.49823827842518,
  "summary_bg_mad": 243.37078526541114,
  "summary_bg_mean": 1570.48486328125,
  "summary_bg_median": 189.76426696777344,
  "summary_bg_n": 163425.0,
  "summary_bg_p05": 12.093681716918946,
  "summary_bg_p95": 6989.781835937494,
  "summary_bg_stdv": 4443.07177734375,
  "summary_fg_k": 2.852345840360311,
  "summary_fg_mad": 9442.386584671629,
  "summary_fg_mean": 57538.87109375,
  "summary_fg_median": 56531.66015625,
  "summary_fg_n": 32621.0,
  "summary_fg_p05": 39861.16796875,
  "summary_fg_p95": 79281.4765625,
  "summary_fg_stdv": 12240.8193359375,
  "tsnr": 33.83047866821289
}