{
  "bids_meta": {
    "AcquisitionMatrixPE": 240,
    "AcquisitionNumber": 9,
    "AcquisitionTime": "10:26:49.110000",
    "CoilString": "MULTI_COIL",
    "ConversionSoftware": "dcm2niix",
    "ConversionSoftwareVersion": "v1.0.20190410  (JP2:OpenJPEG) GCC6.3.0",
    "Dcm2bidsVersion": "2.1.4",
    "DeviceSerialNumber": "42451",
    "EchoTime": 0.003501,
    "EchoTrainLength": 240,
    "FlipAngle": 8,
    "ImageOrientationPatientDICOM": [
      0.0943822,
      0.995533,
      -0.00257785,
      0.000299212,
      -0.00261777,
      -0.999997
    ],
    "ImageType": [
      "ORIGINAL",
      "PRIMARY",
      "M",
      "FFE",
      "M",
      "FFE"
    ],
    "ImagingFrequency": 127.766,
    "InPlanePhaseEncodingDirectionDICOM": "ROW",
    "InstitutionAddress": "Calzada_Mexico_Xochimilco_No.101_Tlalpan",
    "InstitutionName": "I.N._Psiquiatria",
    "InstitutionalDepartmentName": "Imagenes_Cerebrales",
    "MRAcquisitionType": "3D",
    "MagneticFieldStrength": 3,
    "Manufacturer": "Philips",
    "ManufacturersModelName": "Ingenia",
    "Modality": "MR",
    "PatientPosition": "HFS",
    "PercentPhaseFOV": 100,
    "PhaseEncodingSteps": 240,
    "PhilipsRescaleIntercept": 0,
    "PhilipsRescaleSlope": 9.60952,
    "PhilipsScaleSlope": 0.0058026,
    "PixelBandwidth": 310,
    "ProcedureStepDescription": "EDUARDO_TMS",
    "ProtocolName": "WIP_sT1W_3D_TFE_32_channel_SENSE",
    "ReconMatrixPE": 240,
    "RepetitionTime": 0.007,
    "SAR": 0.0382114,
    "ScanOptions": "OTHER",
    "ScanningSequence": "GR",
    "SequenceVariant": "MP",
    "SeriesDescription": "sT1W_3D_TFE_32_channel",
    "SeriesNumber": 901,
    "SliceThickness": 1,
    "SoftwareVersions": "5.1.7_5.1.7.2",
    "SpacingBetweenSlices": 1,
    "StationName": "INGENIA",
    "UsePhilipsFloatNotDisplayScaling": 1,
    "dataset": "ds003037",
    "modality": "T1w",
    "session_id": "t0",
    "subject_id": "010"
  },
  "cjv": 0.3579726173431881,
  "cnr": 3.815792587929758,
  "efc": 0.7575987646714873,
  "fber": -1.0,
  "fwhm_avg": 4.637476666666667,
  "fwhm_x": 4.509,
  "fwhm_y": 5.07473,
  "fwhm_z": 4.3287,
  "icvs_csf": 0.23863444616739904,
  "icvs_gm": 0.3915945966004934,
  "icvs_wm": 0.3697709572321075,
  "inu_med": 0.3883538544178009,
  "inu_range": 0.13757314682006838,
  "provenance": {
    "md5sum": "6acbf6cfeb592a4795fd9e04a3eb3d57",
    "settings": {
      "testing": false
    },
    "software": "mriqc",
    "version": "22.0.6",
    "warnings": {
      "large_rot_frame": true,
      "small_air_mask": true
    },
    "webapi_port": null,
    "webapi_url": "https://mriqc.nimh.nih.gov/api/v1"
  },
  "qi_1": 0.0,
  "qi_2": 0.00015112603020336015,
  "rpve_csf": 20.97655069311206,
  "rpve_gm": 12.342852899519313,
  "rpve_wm": 15.354072546714331,
  "size_x": 180,
  "size_y": 240,
  "size_z": 240,
  "snr_csf": 2.66001513500509,
  "snr_gm": 12.810130227456762,
  "snr_total": 14.721327620284825,
  "snr_wm": 28.69383749839262,
  "snrd_csf": 91.22208723599447,
  "snrd_gm": 247.2136627875101,
  "snrd_total": 223.87525947881605,
  "snrd_wm": 333.1900284129436,
  "spacing_x": 1.0,
  "spacing_y": 1.0,
  "spacing_z": 1.0,
  "summary_bg_k": 96.3827153936826,
  "summary_bg_mad": 0.0,
  "summary_bg_mean": 0.3021673905106777,
  "summary_bg_median": 0.0,
  "summary_bg_n": 151930.0,
  "summary_bg_p05": 0.0,
  "summary_bg_p95": 0.0,
  "summary_bg_stdv": 1.966254570520572,
  "summary_csf_k": 1.0613054709817833,
  "summary_csf_mad": 87.6449970225566,
  "summary_csf_mean": 282.6008319701383,
  "summary_csf_median": 273.78397225402296,
  "summary_csf_n": 61503.0,
  "summary_csf_p05": 115.17359814979136,
  "summary_csf_p95": 468.10878785569207,
  "summary_csf_stdv": 102.92488296953724,
  "summary_gm_k": 0.009127116406406177,
  "summary_gm_mad": 58.93370489447771,
  "summary_gm_mean": 743.2276014437638,
  "summary_gm_median": 741.9599862731993,
  "summary_gm_n": 34974.0,
  "summary_gm_p05": 650.2504877652973,
  "summary_gm_p95": 838.3536303658038,
  "summary_gm_stdv": 57.91895677211919,
  "summary_wm_k": 0.3362882032344623,
  "summary_wm_mad": 33.437563060696576,
  "summary_wm_mean": 1000.211616779594,
  "summary_wm_median": 1000.0000247564167,
  "summary_wm_n": 213364.0,
  "summary_wm_p05": 943.6818484440446,
  "summary_wm_p95": 1058.6169021427631,
  "summary_wm_stdv": 34.850607953589225,
  "tpm_overlap_csf": 0.15909826098827845,
  "tpm_overlap_gm": 0.45492508578328794,
  "tpm_overlap_wm": 0.5197805749039449,
  "wm2max": 0.9097060564213849
}