{
  "aor": 0.0042718,
  "aqi": 0.009778252900000001,
  "bids_meta": {
    "AcquisitionMatrixPE": 70,
    "AcquisitionNumber": 3,
    "AcquisitionTime": "10:15:13.240000",
    "BodyPartExamined": "BRAIN",
    "CoilString": "MULTI_COIL",
    "ConversionSoftware": "dcm2niix",
    "ConversionSoftwareVersion": "v1.0.20190410  (JP2:OpenJPEG) GCC6.3.0",
    "Dcm2bidsVersion": "2.1.4",
    "DeviceSerialNumber": "42451",
    "EchoTime": 0.03,
    "EchoTrainLength": 35,
    "EffectiveEchoSpacing": 0.000698,
    "FlipAngle": 75,
    "ImageOrientationPatientDICOM": [
      0.999985,
      0.00421793,
      -0.00361444,
      -0.0042116,
      0.99999,
      0.00175631
    ],
    "ImageType": [
      "ORIGINAL",
      "PRIMARY",
      "M",
      "FFE",
      "M",
      "FFE"
    ],
    "ImagingFrequency": 127.76,
    "InPlanePhaseEncodingDirectionDICOM": "COL",
    "InstitutionAddress": "Calzada_Mexico_Xochimilco_No.101_Tlalpan",
    "InstitutionName": "I.N._Psiquiatria",
    "InstitutionalDepartmentName": "Imagenes_Cerebrales",
    "MRAcquisitionType": "2D",
    "MagneticFieldStrength": 3,
    "Manufacturer": "Philips",
    "ManufacturersModelName": "Ingenia",
    "Modality": "MR",
    "PartialFourier": 0.5,
    "PatientPosition": "HFS",
    "PercentPhaseFOV": 100,
    "PhaseEncodingAxis": "j",
    "PhaseEncodingDirection": "j-",
    "PhaseEncodingSteps": 70,
    "PhilipsRescaleIntercept": 0,
    "PhilipsRescaleSlope": 0.818071,
    "PhilipsScaleSlope": 0.0205443,
    "PixelBandwidth": 1819,
    "ProcedureStepDescription": "EDUARDO_TMS",
    "ProtocolName": "WIP_FE_EPI_32chSHC_AP",
    "ReconMatrixPE": 80,
    "RepetitionTime": 2,
    "SAR": 0.119138,
    "ScanOptions": "FS",
    "ScanningSequence": "GR",
    "SequenceVariant": "SK",
    "SeriesDescription": "FE_EPI_32chSHC_AP",
    "SeriesNumber": 301,
    "SliceThickness": 3.33,
    "SliceTiming": [
      0.0,
      1.027027,
      0.054054,
      1.081081,
      0.108108,
      1.135135,
      0.162162,
      1.189189,
      0.216216,
      1.243244,
      0.27027,
      1.297298,
      0.324324,
      1.351352,
      0.378378,
      1.405406,
      0.432432,
      1.45946,
      0.486486,
      1.513514,
      0.540541,
      1.567568,
      0.594595,
      1.621622,
      0.648649,
      1.675676,
      0.702703,
      1.72973,
      0.756757,
      1.783784,
      0.810811,
      1.837838,
      0.864865,
      1.891892,
      0.918919,
      1.945947,
      0.972973
    ],
    "SoftwareVersions": "5.3.1_5.3.1.0",
    "SpacingBetweenSlices": 3.33,
    "StationName": "PHILIPS-CTMFQSD",
    "TaskName": "rest",
    "TotalReadoutTime": 0.04884,
    "UsePhilipsFloatNotDisplayScaling": 1,
    "dataset": "ds003037",
    "modality": "bold",
    "session_id": "t1",
    "subject_id": "023",
    "task_id": "rest"
  },
  "dummy_trs": 0,
  "dvars_nstd": 29.370803131672254,
  "dvars_std": 1.3300258197993318,
  "dvars_vstd": 1.02542877083612,
  "efc": 0.4146583935890076,
  "fber": 124648.90625,
  "fd_mean": 0.13232784725817745,
  "fd_num": 36,
  "fd_perc": 12.0,
  "fwhm_avg": 1.9391410353129348,
  "fwhm_x": 1.8422633333333334,
  "fwhm_y": 2.103763333333333,
  "fwhm_z": 1.8713964392721374,
  "gcor": 0.0857223,
  "gsr_x": -0.02002188004553318,
  "gsr_y": 0.02438698709011078,
  "provenance": {
    "md5sum": "07f3ca474f93ea31c4c7c9653b6cf394",
    "settings": {
      "fd_thres": 0.2,
      "testing": false
    },
    "software": "mriqc",
    "version": "22.0.6",
    "webapi_port": null,
    "webapi_url": "https://mriqc.nimh.nih.gov/api/v1"
  },
  "size_t": 300,
  "size_x": 80,
  "size_y": 80,
  "size_z": 37,
  "snr": 4.799233622557186,
  "spacing_tr": 2.0000016689300537,
  "spacing_x": 3.0,
  "spacing_y": 3.0,
  "spacing_z": 3.3299999237060547,
  "summary_bg_k": 126.4211131187156,
  "summary_bg_mad": 210.9679177845573,
  "summary_bg_mean": 1545.5989990234375,
  "summary_bg_median": 176.814208984375,
  "summary_bg_n": 163080.0,
  "summary_bg_p05": 9.878530025482178,
  "summary_bg_p95": 7515.116870117183,
  "summary_bg_stdv": 4512.66552734375,
  "summary_fg_k": 2.4626178258023,
  "summary_fg_mad": 10653.614683041546,
  "summary_fg_mean": 66864.1953125,
  "summary_fg_median": 65170.80078125,
  "summary_fg_n": 33699.0,
  "summary_fg_p05": 48227.325,
  "summary_fg_p95": 92503.44218749998,
  "summary_fg_stdv": 13579.216796875,
  "tsnr": 54.76000213623047
}