{
  "bids_meta": {
    "AcquisitionMatrixPE": 240,
    "AcquisitionNumber": 4,
    "AcquisitionTime": "08:36:24.050000",
    "BodyPartExamined": "BRAIN",
    "CoilString": "MULTI_COIL",
    "ConversionSoftware": "dcm2niix",
    "ConversionSoftwareVersion": "v1.0.20190410  (JP2:OpenJPEG) GCC6.3.0",
    "Dcm2bidsVersion": "2.1.4",
    "DeviceSerialNumber": "42451",
    "EchoTime": 0.0035,
    "EchoTrainLength": 240,
    "FlipAngle": 8,
    "ImageOrientationPatientDICOM": [
      -0.0328947,
      0.999457,
      -0.00184826,
      -0.0543664,
      -0.00363585,
      -0.998514
    ],
    "ImageType": [
      "ORIGINAL",
      "PRIMARY",
      "M",
      "FFE",
      "M",
      "FFE"
    ],
    "ImagingFrequency": 127.759,
    "InPlanePhaseEncodingDirectionDICOM": "ROW",
    "InstitutionAddress": "Calzada_Mexico_Xochimilco_No.101_Tlalpan",
    "InstitutionName": "I.N._Psiquiatria",
    "InstitutionalDepartmentName": "Imagenes_Cerebrales",
    "MRAcquisitionType": "3D",
    "MagneticFieldStrength": 3,
    "Manufacturer": "Philips",
    "ManufacturersModelName": "Ingenia",
    "Modality": "MR",
    "PatientPosition": "HFS",
    "PercentPhaseFOV": 100,
    "PhaseEncodingSteps": 240,
    "PhilipsRescaleIntercept": 0,
    "PhilipsRescaleSlope": 16.1118,
    "PhilipsScaleSlope": 0.00583233,
    "PixelBandwidth": 310,
    "ProcedureStepDescription": "PRTOCOLO_EDUARDO_TMS",
    "ProtocolName": "WIP_sT1W_3D_TFE_32_channel",
    "ReconMatrixPE": 240,
    "RepetitionTime": 0.007,
    "SAR": 0.0382114,
    "ScanOptions": "OTHER",
    "ScanningSequence": "GR",
    "SequenceVariant": "MP",
    "SeriesDescription": "sT1W_3D_TFE_32_channel",
    "SeriesNumber": 401,
    "SliceThickness": 1,
    "SoftwareVersions": "5.3.1_5.3.1.0",
    "SpacingBetweenSlices": 1,
    "StationName": "PHILIPS-CTMFQSD",
    "UsePhilipsFloatNotDisplayScaling": 1,
    "dataset": "ds003037",
    "modality": "T1w",
    "session_id": "t1",
    "subject_id": "039"
  },
  "cjv": 0.3942676500146548,
  "cnr": 3.3528912465440373,
  "efc": 0.734437962942271,
  "fber": -1.0,
  "fwhm_avg": 4.344576666666668,
  "fwhm_x": 4.21171,
  "fwhm_y": 4.72989,
  "fwhm_z": 4.09213,
  "icvs_csf": 0.24627421889640835,
  "icvs_gm": 0.38242537479822836,
  "icvs_wm": 0.3713004063053633,
  "inu_med": 0.4339565634727478,
  "inu_range": 0.16208975315093999,
  "provenance": {
    "md5sum": "14b717a18787f4cec05cc136c138ffc5",
    "settings": {
      "testing": false
    },
    "software": "mriqc",
    "version": "22.0.6",
    "warnings": {
      "large_rot_frame": true,
      "small_air_mask": false
    },
    "webapi_port": null,
    "webapi_url": "https://mriqc.nimh.nih.gov/api/v1"
  },
  "qi_1": 0.0,
  "qi_2": 0.00012189046353053683,
  "rpve_csf": 18.482550290933343,
  "rpve_gm": 11.477556506627824,
  "rpve_wm": 14.35042196240762,
  "size_x": 180,
  "size_y": 240,
  "size_z": 240,
  "snr_csf": 3.1752473919765114,
  "snr_gm": 12.302324456552718,
  "snr_total": 14.272765138998025,
  "snr_wm": 27.34072356846485,
  "snrd_csf": 55.38837855670246,
  "snrd_gm": 125.91401526111277,
  "snrd_total": 115.72279661636405,
  "snrd_wm": 165.8659960312769,
  "spacing_x": 1.0,
  "spacing_y": 1.0,
  "spacing_z": 1.0,
  "summary_bg_k": 21.083279350532038,
  "summary_bg_mad": 0.0,
  "summary_bg_mean": 1.3879747292703588,
  "summary_bg_median": 0.0,
  "summary_bg_n": 362545.0,
  "summary_bg_p05": 0.0,
  "summary_bg_p95": 9.72242104448378,
  "summary_bg_stdv": 3.949887554448428,
  "summary_csf_k": 1.2331073483997397,
  "summary_csf_mad": 83.45879413412068,
  "summary_csf_mean": 334.1765710689467,
  "summary_csf_median": 333.9424692662433,
  "summary_csf_n": 66470.0,
  "summary_csf_p05": 136.81739658778534,
  "summary_csf_p95": 509.13834656672543,
  "summary_csf_stdv": 105.16974460691364,
  "summary_gm_k": 0.19160177208796325,
  "summary_gm_mad": 60.33187176213646,
  "summary_gm_mean": 758.5485472765826,
  "summary_gm_median": 759.1490898849443,
  "summary_gm_n": 24086.0,
  "summary_gm_p05": 654.8599997744896,
  "summary_gm_p95": 858.4754454204813,
  "summary_gm_stdv": 61.706495651821434,
  "summary_wm_k": 0.6089141077873723,
  "summary_wm_mad": 34.63725892771908,
  "summary_wm_mean": 1001.4035503336321,
  "summary_wm_median": 1000.0238628629595,
  "summary_wm_n": 239490.0,
  "summary_wm_p05": 944.173689885065,
  "summary_wm_p95": 1063.9481840301305,
  "summary_wm_stdv": 36.576273211531024,
  "tpm_overlap_csf": 0.16498105345027544,
  "tpm_overlap_gm": 0.44254614292403033,
  "tpm_overlap_wm": 0.5054001165739043,
  "wm2max": 0.7914807457509421
}