{
  "aor": 0.0018535666666666668,
  "aqi": 0.013842615833333334,
  "bids_meta": {
    "AcquisitionMatrixPE": 70,
    "AcquisitionNumber": 3,
    "AcquisitionTime": "13:13:9.040000",
    "CoilString": "MULTI_COIL",
    "ConversionSoftware": "dcm2niix",
    "ConversionSoftwareVersion": "v1.0.20190410  (JP2:OpenJPEG) GCC6.3.0",
    "Dcm2bidsVersion": "2.1.4",
    "DeviceSerialNumber": "42451",
    "EchoTime": 0.03,
    "EchoTrainLength": 35,
    "EffectiveEchoSpacing": 0.000698,
    "FlipAngle": 75,
    "ImageOrientationPatientDICOM": [
      0.999991,
      0.0042047,
      0.000602534,
      -0.00420355,
      0.999989,
      -0.00191128
    ],
    "ImageType": [
      "ORIGINAL",
      "PRIMARY",
      "M",
      "FFE",
      "M",
      "FFE"
    ],
    "ImagingFrequency": 127.766,
    "InPlanePhaseEncodingDirectionDICOM": "COL",
    "InstitutionAddress": "Calzada_Mexico_Xochimilco_No.101_Tlalpan",
    "InstitutionName": "I.N._Psiquiatria",
    "InstitutionalDepartmentName": "Imagenes_Cerebrales",
    "MRAcquisitionType": "2D",
    "MagneticFieldStrength": 3,
    "Manufacturer": "Philips",
    "ManufacturersModelName": "Ingenia",
    "Modality": "MR",
    "PartialFourier": 0.5,
    "PatientPosition": "HFS",
    "PercentPhaseFOV": 100,
    "PhaseEncodingAxis": "j",
    "PhaseEncodingDirection": "j-",
    "PhaseEncodingSteps": 70,
    "PhilipsRescaleIntercept": 0,
    "PhilipsRescaleSlope": 0.747985,
    "PhilipsScaleSlope": 0.0770946,
    "PixelBandwidth": 1819,
    "ProcedureStepDescription": "EDUARDO_TMS",
    "ProtocolName": "WIP_FE_EPI_32chSHC_AP_SENSE",
    "ReconMatrixPE": 80,
    "RepetitionTime": 2,
    "SAR": 0.119138,
    "ScanOptions": "FS",
    "ScanningSequence": "GR",
    "SequenceVariant": "SK",
    "SeriesDescription": "FE_EPI_32chSHC_AP",
    "SeriesNumber": 301,
    "SliceThickness": 3.33,
    "SliceTiming": [
      0.0,
      1.027027,
      0.054054,
      1.081081,
      0.108108,
      1.135135,
      0.162162,
      1.189189,
      0.216216,
      1.243244,
      0.27027,
      1.297298,
      0.324324,
      1.351352,
      0.378378,
      1.405406,
      0.432432,
      1.45946,
      0.486486,
      1.513514,
      0.540541,
      1.567568,
      0.594595,
      1.621622,
      0.648649,
      1.675676,
      0.702703,
      1.72973,
      0.756757,
      1.783784,
      0.810811,
      1.837838,
      0.864865,
      1.891892,
      0.918919,
      1.945947,
      0.972973
    ],
    "SoftwareVersions": "5.1.7_5.1.7.2",
    "SpacingBetweenSlices": 3.33,
    "StationName": "INGENIA",
    "TaskName": "rest",
    "TotalReadoutTime": 0.04884,
    "UsePhilipsFloatNotDisplayScaling": 1,
    "dataset": "ds003037",
    "modality": "bold",
    "session_id": "t0",
    "subject_id": "014",
    "task_id": "rest"
  },
  "dummy_trs": 0,
  "dvars_nstd": 25.573136632441486,
  "dvars_std": 1.0985912375585285,
  "dvars_vstd": 0.957213606220736,
  "efc": 0.3988887777514362,
  "fber": 175047.28125,
  "fd_mean": 0.16663261102709337,
  "fd_num": 77,
  "fd_perc": 25.666666666666668,
  "fwhm_avg": 1.92071235572772,
  "fwhm_x": 1.9155666666666666,
  "fwhm_y": 2.0938766666666666,
  "fwhm_z": 1.7526937338498259,
  "gcor": 0.0304525,
  "gsr_x": -0.01853802055120468,
  "gsr_y": 0.012019583024084568,
  "provenance": {
    "md5sum": "4b2ef96d2fe455fdb450e8d0cbbdac22",
    "settings": {
      "fd_thres": 0.2,
      "testing": false
    },
    "software": "mriqc",
    "version": "22.0.6",
    "webapi_port": null,
    "webapi_url": "https://mriqc.nimh.nih.gov/api/v1"
  },
  "size_t": 300,
  "size_x": 80,
  "size_y": 80,
  "size_z": 37,
  "snr": 5.567757923986251,
  "spacing_tr": 2.0000016689300537,
  "spacing_x": 3.0,
  "spacing_y": 3.0,
  "spacing_z": 3.3299999237060547,
  "summary_bg_k": 100.9496546329675,
  "summary_bg_mad": 52.81184192336317,
  "summary_bg_mean": 496.3531494140625,
  "summary_bg_median": 46.117149353027344,
  "summary_bg_n": 167902.0,
  "summary_bg_p05": 4.491847610473633,
  "summary_bg_p95": 2346.713134765619,
  "summary_bg_stdv": 1460.1219482421875,
  "summary_fg_k": 2.8455728038354966,
  "summary_fg_mad": 2973.573031564878,
  "summary_fg_mean": 19894.037109375,
  "summary_fg_median": 19815.0546875,
  "summary_fg_n": 29305.0,
  "summary_fg_p05": 14440.6181640625,
  "summary_fg_p95": 25391.912109375,
  "summary_fg_stdv": 3558.832275390625,
  "tsnr": 50.33684539794922
}