{
  "aor": 0.0021077999999999995,
  "aqi": 0.013030116733333335,
  "bids_meta": {
    "AcquisitionMatrixPE": 70,
    "AcquisitionNumber": 3,
    "AcquisitionTime": "08:10:24.530000",
    "CoilString": "MULTI_COIL",
    "ConversionSoftware": "dcm2niix",
    "ConversionSoftwareVersion": "v1.0.20190410  (JP2:OpenJPEG) GCC6.3.0",
    "Dcm2bidsVersion": "2.1.4",
    "DeviceSerialNumber": "42451",
    "EchoTime": 0.03,
    "EchoTrainLength": 35,
    "EffectiveEchoSpacing": 0.000698,
    "FlipAngle": 75,
    "ImageOrientationPatientDICOM": [
      0.999998,
      -0.00172101,
      0.000509479,
      0.00172845,
      0.999886,
      -0.0149939
    ],
    "ImageType": [
      "ORIGINAL",
      "PRIMARY",
      "M",
      "FFE",
      "M",
      "FFE"
    ],
    "ImagingFrequency": 127.766,
    "InPlanePhaseEncodingDirectionDICOM": "COL",
    "InstitutionAddress": "Calzada_Mexico_Xochimilco_No.101_Tlalpan",
    "InstitutionName": "I.N._Psiquiatria",
    "InstitutionalDepartmentName": "Imagenes_Cerebrales",
    "MRAcquisitionType": "2D",
    "MagneticFieldStrength": 3,
    "Manufacturer": "Philips",
    "ManufacturersModelName": "Ingenia",
    "Modality": "MR",
    "PartialFourier": 0.5,
    "PatientPosition": "HFS",
    "PercentPhaseFOV": 100,
    "PhaseEncodingAxis": "j",
    "PhaseEncodingDirection": "j-",
    "PhaseEncodingSteps": 70,
    "PhilipsRescaleIntercept": 0,
    "PhilipsRescaleSlope": 0.755556,
    "PhilipsScaleSlope": 0.0592762,
    "PixelBandwidth": 1819,
    "ProcedureStepDescription": "EDUARDO_TMS",
    "ProtocolName": "WIP_FE_EPI_32chSHC_AP_SENSE",
    "ReconMatrixPE": 80,
    "RepetitionTime": 2,
    "SAR": 0.119138,
    "ScanOptions": "FS",
    "ScanningSequence": "GR",
    "SequenceVariant": "SK",
    "SeriesDescription": "FE_EPI_32chSHC_AP",
    "SeriesNumber": 301,
    "SliceThickness": 3.33,
    "SliceTiming": [
      0.0,
      1.027027,
      0.054054,
      1.081081,
      0.108108,
      1.135135,
      0.162162,
      1.189189,
      0.216216,
      1.243244,
      0.27027,
      1.297298,
      0.324324,
      1.351352,
      0.378378,
      1.405406,
      0.432432,
      1.45946,
      0.486486,
      1.513514,
      0.540541,
      1.567568,
      0.594595,
      1.621622,
      0.648649,
      1.675676,
      0.702703,
      1.72973,
      0.756757,
      1.783784,
      0.810811,
      1.837838,
      0.864865,
      1.891892,
      0.918919,
      1.945947,
      0.972973
    ],
    "SoftwareVersions": "5.1.7_5.1.7.2",
    "SpacingBetweenSlices": 3.33,
    "StationName": "INGENIA",
    "TaskName": "rest",
    "TotalReadoutTime": 0.04884,
    "UsePhilipsFloatNotDisplayScaling": 1,
    "dataset": "ds003037",
    "modality": "bold",
    "session_id": "t14",
    "subject_id": "010",
    "task_id": "rest"
  },
  "dummy_trs": 0,
  "dvars_nstd": 25.865338022374587,
  "dvars_std": 1.2848537684615386,
  "dvars_vstd": 0.9326127062876249,
  "efc": 0.4255407542398357,
  "fber": 163621.421875,
  "fd_mean": 0.08273738800206419,
  "fd_num": 9,
  "fd_perc": 3.0,
  "fwhm_avg": 1.9234831971809678,
  "fwhm_x": 1.8671499999999999,
  "fwhm_y": 2.0704166666666666,
  "fwhm_z": 1.8328829248762373,
  "gcor": 0.0676671,
  "gsr_x": -0.013763600960373878,
  "gsr_y": 0.019022583961486816,
  "provenance": {
    "md5sum": "401af289540e88a8fcb3deb55e3e15ad",
    "settings": {
      "fd_thres": 0.2,
      "testing": false
    },
    "software": "mriqc",
    "version": "22.0.6",
    "webapi_port": null,
    "webapi_url": "https://mriqc.nimh.nih.gov/api/v1"
  },
  "size_t": 300,
  "size_x": 80,
  "size_y": 80,
  "size_z": 37,
  "snr": 4.751556827803394,
  "spacing_tr": 2.0000016689300537,
  "spacing_x": 3.0,
  "spacing_y": 3.0,
  "spacing_z": 3.3299999237060547,
  "summary_bg_k": 94.07380870398292,
  "summary_bg_mad": 65.3040087324355,
  "summary_bg_mean": 593.979248046875,
  "summary_bg_median": 56.38251495361328,
  "summary_bg_n": 161029.0,
  "summary_bg_p05": 6.380046367645264,
  "summary_bg_p95": 3111.1953613281275,
  "summary_bg_stdv": 1606.1279296875,
  "summary_fg_k": 2.3820629743309025,
  "summary_fg_mad": 3830.1681811124245,
  "summary_fg_mean": 23699.62109375,
  "summary_fg_median": 23199.4921875,
  "summary_fg_n": 34508.0,
  "summary_fg_p05": 16874.06279296875,
  "summary_fg_p95": 32782.9814453125,
  "summary_fg_stdv": 4882.4326171875,
  "tsnr": 47.78216552734375
}