{
  "aor": 0.0053936,
  "aqi": 0.015075730266666667,
  "bids_meta": {
    "AcquisitionMatrixPE": 70,
    "AcquisitionNumber": 3,
    "AcquisitionTime": "08:02:52.750000",
    "BodyPartExamined": "BRAIN",
    "CoilString": "MULTI_COIL",
    "ConversionSoftware": "dcm2niix",
    "ConversionSoftwareVersion": "v1.0.20190410  (JP2:OpenJPEG) GCC6.3.0",
    "Dcm2bidsVersion": "2.1.4",
    "DeviceSerialNumber": "42451",
    "EchoTime": 0.03,
    "EchoTrainLength": 35,
    "EffectiveEchoSpacing": 0.000698,
    "FlipAngle": 75,
    "ImageOrientationPatientDICOM": [
      1,
      2.20702e-05,
      0.000516078,
      -2.29722e-05,
      0.999998,
      0.00174797
    ],
    "ImageType": [
      "ORIGINAL",
      "PRIMARY",
      "M",
      "FFE",
      "M",
      "FFE"
    ],
    "ImagingFrequency": 127.759,
    "InPlanePhaseEncodingDirectionDICOM": "COL",
    "InstitutionAddress": "Calzada_Mexico_Xochimilco_No.101_Tlalpan",
    "InstitutionName": "I.N._Psiquiatria",
    "InstitutionalDepartmentName": "Imagenes_Cerebrales",
    "MRAcquisitionType": "2D",
    "MagneticFieldStrength": 3,
    "Manufacturer": "Philips",
    "ManufacturersModelName": "Ingenia",
    "Modality": "MR",
    "PartialFourier": 0.5,
    "PatientPosition": "HFS",
    "PercentPhaseFOV": 100,
    "PhaseEncodingAxis": "j",
    "PhaseEncodingDirection": "j-",
    "PhaseEncodingSteps": 70,
    "PhilipsRescaleIntercept": 0,
    "PhilipsRescaleSlope": 0.827106,
    "PhilipsScaleSlope": 0.0240926,
    "PixelBandwidth": 1819,
    "ProcedureStepDescription": "PROTOCOLO_EDUARDO_TMS",
    "ProtocolName": "WIP_FE_EPI_32chSHC_AP",
    "ReconMatrixPE": 80,
    "RepetitionTime": 2,
    "SAR": 0.119138,
    "ScanOptions": "FS",
    "ScanningSequence": "GR",
    "SequenceVariant": "SK",
    "SeriesDescription": "FE_EPI_32chSHC_AP",
    "SeriesNumber": 301,
    "SliceThickness": 3.33,
    "SliceTiming": [
      0.0,
      1.027027,
      0.054054,
      1.081081,
      0.108108,
      1.135135,
      0.162162,
      1.189189,
      0.216216,
      1.243244,
      0.27027,
      1.297298,
      0.324324,
      1.351352,
      0.378378,
      1.405406,
      0.432432,
      1.45946,
      0.486486,
      1.513514,
      0.540541,
      1.567568,
      0.594595,
      1.621622,
      0.648649,
      1.675676,
      0.702703,
      1.72973,
      0.756757,
      1.783784,
      0.810811,
      1.837838,
      0.864865,
      1.891892,
      0.918919,
      1.945947,
      0.972973
    ],
    "SoftwareVersions": "5.3.1_5.3.1.0",
    "SpacingBetweenSlices": 3.33,
    "StationName": "PHILIPS-CTMFQSD",
    "TaskName": "rest",
    "TotalReadoutTime": 0.04884,
    "UsePhilipsFloatNotDisplayScaling": 1,
    "dataset": "ds003037",
    "modality": "bold",
    "session_id": "t1",
    "subject_id": "043",
    "task_id": "rest"
  },
  "dummy_trs": 0,
  "dvars_nstd": 27.673891596889653,
  "dvars_std": 1.262472641270903,
  "dvars_vstd": 0.9627007053511707,
  "efc": 0.414296799626349,
  "fber": 104579.328125,
  "fd_mean": 0.14337017053872417,
  "fd_num": 41,
  "fd_perc": 13.666666666666666,
  "fwhm_avg": 2.001687931800161,
  "fwhm_x": 1.9375233333333333,
  "fwhm_y": 2.2497866666666666,
  "fwhm_z": 1.817753795400483,
  "gcor": 0.114317,
  "gsr_x": -0.01186656765639782,
  "gsr_y": 0.014033034443855286,
  "provenance": {
    "md5sum": "ca82d0faf8cf58fc745a19eff170a4ee",
    "settings": {
      "fd_thres": 0.2,
      "testing": false
    },
    "software": "mriqc",
    "version": "22.0.6",
    "webapi_port": null,
    "webapi_url": "https://mriqc.nimh.nih.gov/api/v1"
  },
  "size_t": 300,
  "size_x": 80,
  "size_y": 80,
  "size_z": 37,
  "snr": 4.562041521304408,
  "spacing_tr": 2.0000016689300537,
  "spacing_x": 3.0,
  "spacing_y": 3.0,
  "spacing_z": 3.3299999237060547,
  "summary_bg_k": 97.31254185413687,
  "summary_bg_mad": 222.8138413029328,
  "summary_bg_mean": 1632.27490234375,
  "summary_bg_median": 179.60983276367188,
  "summary_bg_n": 163887.0,
  "summary_bg_p05": 12.802074050903324,
  "summary_bg_p95": 7264.252587890624,
  "summary_bg_stdv": 4915.8837890625,
  "summary_fg_k": 2.7975183388068103,
  "summary_fg_mad": 10220.199669262587,
  "summary_fg_mean": 60834.28125,
  "summary_fg_median": 59953.84765625,
  "summary_fg_n": 32146.0,
  "summary_fg_p05": 41277.3447265625,
  "summary_fg_p95": 83638.99609375,
  "summary_fg_stdv": 13141.685546875,
  "tsnr": 38.21968078613281
}