{
  "bids_meta": {
    "AcquisitionMatrixPE": 240,
    "AcquisitionTime": "12:30:11.950000",
    "CoilString": "MULTI_COIL",
    "ConversionSoftware": "dcm2niix",
    "ConversionSoftwareVersion": "v1.0.20190410  (JP2:OpenJPEG) GCC6.3.0",
    "Dcm2bidsVersion": "2.1.4",
    "DeviceSerialNumber": "42451",
    "EchoTime": 0.003501,
    "EchoTrainLength": 240,
    "FlipAngle": 8,
    "ImageOrientationPatientDICOM": [
      0.00403534,
      0.999976,
      0.00569106,
      -0.00357488,
      0.00570549,
      -0.999977
    ],
    "ImageType": [
      "ORIGINAL",
      "PRIMARY",
      "M",
      "FFE",
      "M",
      "FFE"
    ],
    "ImagingFrequency": 127.766,
    "InPlanePhaseEncodingDirectionDICOM": "ROW",
    "InstitutionAddress": "Calzada_Mexico_Xochimilco_No.101_Tlalpan",
    "InstitutionName": "I.N._Psiquiatria",
    "InstitutionalDepartmentName": "Imagenes_Cerebrales",
    "MRAcquisitionType": "3D",
    "MagneticFieldStrength": 3,
    "Manufacturer": "Philips",
    "ManufacturersModelName": "Ingenia",
    "Modality": "MR",
    "PatientPosition": "HFS",
    "PercentPhaseFOV": 100,
    "PhaseEncodingSteps": 240,
    "PhilipsRescaleIntercept": 0,
    "PhilipsRescaleSlope": 9.9409,
    "PhilipsScaleSlope": 0.00577956,
    "PixelBandwidth": 310,
    "ProcedureStepDescription": "EDUARDO_TMS",
    "ProtocolName": "WIP_sT1W_3D_TFE_32_channel_SENSE",
    "ReconMatrixPE": 240,
    "RepetitionTime": 0.007,
    "SAR": 0.0382114,
    "ScanOptions": "OTHER",
    "ScanningSequence": "GR",
    "SequenceVariant": "MP",
    "SeriesDescription": "sT1W_3D_TFE_32_channel",
    "SeriesNumber": 401,
    "SliceThickness": 1,
    "SoftwareVersions": "2.6.3_5.1.7.2",
    "SpacingBetweenSlices": 1,
    "StationName": "INGENIA",
    "UsePhilipsFloatNotDisplayScaling": 1,
    "dataset": "ds003037",
    "modality": "T1w",
    "session_id": "t1",
    "subject_id": "008"
  },
  "cjv": 0.3231838153431683,
  "cnr": 4.224349044531297,
  "efc": 0.7874189726136249,
  "fber": -1.0,
  "fwhm_avg": 4.563186666666667,
  "fwhm_x": 4.48492,
  "fwhm_y": 4.94744,
  "fwhm_z": 4.2572,
  "icvs_csf": 0.1653638595941292,
  "icvs_gm": 0.45448992159494345,
  "icvs_wm": 0.38014621881092736,
  "inu_med": 0.4371202290058136,
  "inu_range": 0.1810916990041732,
  "provenance": {
    "md5sum": "ea647a7a370a86c774500d2a024c14f4",
    "settings": {
      "testing": false
    },
    "software": "mriqc",
    "version": "22.0.6",
    "warnings": {
      "large_rot_frame": true,
      "small_air_mask": true
    },
    "webapi_port": null,
    "webapi_url": "https://mriqc.nimh.nih.gov/api/v1"
  },
  "qi_1": 0.0,
  "qi_2": 0.00018075486432707943,
  "rpve_csf": 27.90876880277169,
  "rpve_gm": 11.522405481013957,
  "rpve_wm": 15.47300811785929,
  "size_x": 180,
  "size_y": 240,
  "size_z": 240,
  "snr_csf": 2.2233543132753186,
  "snr_gm": 13.66295106324641,
  "snr_total": 14.150429648422739,
  "snr_wm": 26.564983568746484,
  "snrd_csf": 91.97223758719862,
  "snrd_gm": 224.49085180844298,
  "snrd_total": 208.69936150944037,
  "snrd_wm": 309.6349951326796,
  "spacing_x": 1.0,
  "spacing_y": 1.0,
  "spacing_z": 1.0,
  "summary_bg_k": 117.17021545505133,
  "summary_bg_mad": 0.0,
  "summary_bg_mean": 0.2675830133026639,
  "summary_bg_median": 0.0,
  "summary_bg_n": 94150.0,
  "summary_bg_p05": 0.0,
  "summary_bg_p95": 0.0,
  "summary_bg_stdv": 2.11588993534167,
  "summary_csf_k": 0.6322115786708538,
  "summary_csf_mad": 119.81801903291051,
  "summary_csf_mean": 291.3605619440917,
  "summary_csf_median": 297.0421607494354,
  "summary_csf_n": 19936.0,
  "summary_csf_p05": 73.4476599805057,
  "summary_csf_p95": 518.0144673027098,
  "summary_csf_stdv": 133.5975597720893,
  "summary_gm_k": 0.15820823161089947,
  "summary_gm_mad": 52.44468127040762,
  "summary_gm_mean": 725.9690047018116,
  "summary_gm_median": 725.0367006286979,
  "summary_gm_n": 67849.0,
  "summary_gm_p05": 640.6649795457721,
  "summary_gm_p95": 814.2961917296052,
  "summary_gm_stdv": 53.06550204534563,
  "summary_wm_k": 0.4332879962767038,
  "summary_wm_mad": 36.42747690909707,
  "summary_wm_mean": 1001.2947669368813,
  "summary_wm_median": 1000.026208024472,
  "summary_wm_n": 232688.0,
  "summary_wm_p05": 942.1543816849589,
  "summary_wm_p95": 1065.1352903991938,
  "summary_wm_stdv": 37.644444860197794,
  "tpm_overlap_csf": 0.13252817471941217,
  "tpm_overlap_gm": 0.4655840568834485,
  "tpm_overlap_wm": 0.5100823937304901,
  "wm2max": 0.7269313403656059
}