{
  "bids_meta": {
    "AcquisitionMatrixPE": 240,
    "AcquisitionNumber": 4,
    "AcquisitionTime": "09:49:7.690000",
    "BodyPartExamined": "BRAIN",
    "CoilString": "MULTI_COIL",
    "ConversionSoftware": "dcm2niix",
    "ConversionSoftwareVersion": "v1.0.20190410  (JP2:OpenJPEG) GCC6.3.0",
    "Dcm2bidsVersion": "2.1.4",
    "DeviceSerialNumber": "42451",
    "EchoTime": 0.0035,
    "EchoTrainLength": 240,
    "FlipAngle": 8,
    "ImageOrientationPatientDICOM": [
      -0.00446054,
      0.999882,
      -0.0146806,
      -0.0205332,
      -0.0147692,
      -0.99968
    ],
    "ImageType": [
      "ORIGINAL",
      "PRIMARY",
      "M",
      "FFE",
      "M",
      "FFE"
    ],
    "ImagingFrequency": 127.759,
    "InPlanePhaseEncodingDirectionDICOM": "ROW",
    "InstitutionAddress": "Calzada_Mexico_Xochimilco_No.101_Tlalpan",
    "InstitutionName": "I.N._Psiquiatria",
    "InstitutionalDepartmentName": "Imagenes_Cerebrales",
    "MRAcquisitionType": "3D",
    "MagneticFieldStrength": 3,
    "Manufacturer": "Philips",
    "ManufacturersModelName": "Ingenia",
    "Modality": "MR",
    "PatientPosition": "HFS",
    "PercentPhaseFOV": 100,
    "PhaseEncodingSteps": 240,
    "PhilipsRescaleIntercept": 0,
    "PhilipsRescaleSlope": 12.7377,
    "PhilipsScaleSlope": 0.00583731,
    "PixelBandwidth": 310,
    "ProcedureStepDescription": "EDUARDO_TMS",
    "ProtocolName": "WIP_sT1W_3D_TFE_32_channel",
    "ReconMatrixPE": 240,
    "RepetitionTime": 0.007,
    "SAR": 0.0382114,
    "ScanOptions": "OTHER",
    "ScanningSequence": "GR",
    "SequenceVariant": "MP",
    "SeriesDescription": "sT1W_3D_TFE_32_channel",
    "SeriesNumber": 401,
    "SliceThickness": 1,
    "SoftwareVersions": "5.3.1_5.3.1.0",
    "SpacingBetweenSlices": 1,
    "StationName": "PHILIPS-CTMFQSD",
    "UsePhilipsFloatNotDisplayScaling": 1,
    "dataset": "ds003037",
    "modality": "T1w",
    "session_id": "t2",
    "subject_id": "032"
  },
  "cjv": 0.38697832427337353,
  "cnr": 3.5125105658262963,
  "efc": 0.7466903506714203,
  "fber": -1.0,
  "fwhm_avg": 4.444803333333334,
  "fwhm_x": 4.25403,
  "fwhm_y": 4.87927,
  "fwhm_z": 4.20111,
  "icvs_csf": 0.2513906651949567,
  "icvs_gm": 0.374182550286451,
  "icvs_wm": 0.37442678451859235,
  "inu_med": 0.4719959497451782,
  "inu_range": 0.1845465481281281,
  "provenance": {
    "md5sum": "f22ce1583bf5b40d891b40dad989a2b0",
    "settings": {
      "testing": false
    },
    "software": "mriqc",
    "version": "22.0.6",
    "warnings": {
      "large_rot_frame": true,
      "small_air_mask": false
    },
    "webapi_port": null,
    "webapi_url": "https://mriqc.nimh.nih.gov/api/v1"
  },
  "qi_1": 0.0,
  "qi_2": 4.3467737310327825e-05,
  "rpve_csf": 20.139251773341,
  "rpve_gm": 12.648584934861688,
  "rpve_wm": 15.123406644939264,
  "size_x": 180,
  "size_y": 240,
  "size_z": 240,
  "snr_csf": 2.9641583568851178,
  "snr_gm": 12.807195737978342,
  "snr_total": 13.194726465992579,
  "snr_wm": 23.812825303114273,
  "snrd_csf": 22.83527416290504,
  "snrd_gm": 56.96295111488728,
  "snrd_total": 52.0524641802841,
  "snrd_wm": 76.35916726305999,
  "spacing_x": 1.0,
  "spacing_y": 1.0,
  "spacing_z": 1.0,
  "summary_bg_k": 31.01621872875682,
  "summary_bg_mad": 0.0,
  "summary_bg_mean": 3.1532273448997277,
  "summary_bg_median": 0.0,
  "summary_bg_n": 299518.0,
  "summary_bg_p05": 0.0,
  "summary_bg_p95": 19.797603929415345,
  "summary_bg_stdv": 8.579868905153608,
  "summary_csf_k": 0.657408682896095,
  "summary_csf_mad": 91.09113601595932,
  "summary_csf_mean": 311.6641993589439,
  "summary_csf_median": 299.0578125882894,
  "summary_csf_n": 67163.0,
  "summary_csf_p05": 168.6658146282658,
  "summary_csf_p95": 498.0318744542076,
  "summary_csf_stdv": 100.89055651396032,
  "summary_gm_k": 0.17545448709345646,
  "summary_gm_mad": 57.53124379955325,
  "summary_gm_mean": 745.6150928225688,
  "summary_gm_median": 746.0044244471937,
  "summary_gm_n": 18021.0,
  "summary_gm_p05": 649.3195338118821,
  "summary_gm_p95": 840.0372271295637,
  "summary_gm_stdv": 58.24723391637451,
  "summary_wm_k": 0.40709562675615274,
  "summary_wm_mad": 40.76854326802874,
  "summary_wm_mean": 1000.8981091663752,
  "summary_wm_median": 1000.0232696942985,
  "summary_wm_n": 202473.0,
  "summary_wm_p05": 934.3026691060513,
  "summary_wm_p95": 1070.5827676001936,
  "summary_wm_stdv": 41.99505045870963,
  "tpm_overlap_csf": 0.1606780260585399,
  "tpm_overlap_gm": 0.44320246272489655,
  "tpm_overlap_wm": 0.5150919491153357,
  "wm2max": 0.9006264440840133
}