{
  "bids_meta": {
    "AcquisitionMatrixPE": 240,
    "AcquisitionNumber": 4,
    "AcquisitionTime": "08:13:31.480000",
    "BodyPartExamined": "BRAIN",
    "CoilString": "MULTI_COIL",
    "ConversionSoftware": "dcm2niix",
    "ConversionSoftwareVersion": "v1.0.20190410  (JP2:OpenJPEG) GCC6.3.0",
    "Dcm2bidsVersion": "2.1.4",
    "DeviceSerialNumber": "42451",
    "EchoTime": 0.0035,
    "EchoTrainLength": 240,
    "FlipAngle": 8,
    "ImageOrientationPatientDICOM": [
      -2.29722e-05,
      0.999998,
      0.00174797,
      0.000516038,
      0.00174798,
      -0.999998
    ],
    "ImageType": [
      "ORIGINAL",
      "PRIMARY",
      "M",
      "FFE",
      "M",
      "FFE"
    ],
    "ImagingFrequency": 127.759,
    "InPlanePhaseEncodingDirectionDICOM": "ROW",
    "InstitutionAddress": "Calzada_Mexico_Xochimilco_No.101_Tlalpan",
    "InstitutionName": "I.N._Psiquiatria",
    "InstitutionalDepartmentName": "Imagenes_Cerebrales",
    "MRAcquisitionType": "3D",
    "MagneticFieldStrength": 3,
    "Manufacturer": "Philips",
    "ManufacturersModelName": "Ingenia",
    "Modality": "MR",
    "PatientPosition": "HFS",
    "PercentPhaseFOV": 100,
    "PhaseEncodingSteps": 240,
    "PhilipsRescaleIntercept": 0,
    "PhilipsRescaleSlope": 12.2857,
    "PhilipsScaleSlope": 0.00587317,
    "PixelBandwidth": 310,
    "ProcedureStepDescription": "PROTOCOLO_EDUARDO_TMS",
    "ProtocolName": "WIP_sT1W_3D_TFE_32_channel",
    "ReconMatrixPE": 240,
    "RepetitionTime": 0.007,
    "SAR": 0.0382114,
    "ScanOptions": "OTHER",
    "ScanningSequence": "GR",
    "SequenceVariant": "MP",
    "SeriesDescription": "sT1W_3D_TFE_32_channel",
    "SeriesNumber": 401,
    "SliceThickness": 1,
    "SoftwareVersions": "5.3.1_5.3.1.0",
    "SpacingBetweenSlices": 1,
    "StationName": "PHILIPS-CTMFQSD",
    "UsePhilipsFloatNotDisplayScaling": 1,
    "dataset": "ds003037",
    "modality": "T1w",
    "session_id": "t1",
    "subject_id": "043"
  },
  "cjv": 0.3599695939873573,
  "cnr": 3.745720052565846,
  "efc": 0.7185698189157697,
  "fber": -1.0,
  "fwhm_avg": 4.507446666666667,
  "fwhm_x": 4.28925,
  "fwhm_y": 4.8772,
  "fwhm_z": 4.35589,
  "icvs_csf": 0.23225893089060495,
  "icvs_gm": 0.40279028664071925,
  "icvs_wm": 0.3649507824686758,
  "inu_med": 0.4181007146835327,
  "inu_range": 0.15021380335092543,
  "provenance": {
    "md5sum": "45bacf08ab7d17a85f5df0d296d7d880",
    "settings": {
      "testing": false
    },
    "software": "mriqc",
    "version": "22.0.6",
    "warnings": {
      "large_rot_frame": true,
      "small_air_mask": false
    },
    "webapi_port": null,
    "webapi_url": "https://mriqc.nimh.nih.gov/api/v1"
  },
  "qi_1": 0.0,
  "qi_2": 3.494585236597596e-05,
  "rpve_csf": 21.946939106013115,
  "rpve_gm": 12.612688247348446,
  "rpve_wm": 16.205907673711827,
  "size_x": 180,
  "size_y": 240,
  "size_z": 240,
  "snr_csf": 2.9629913809949113,
  "snr_gm": 13.886203338011413,
  "snr_total": 15.785279967429922,
  "snr_wm": 30.506645183283442,
  "snrd_csf": 41.22777236516271,
  "snrd_gm": 97.7603953578553,
  "snrd_total": 89.19395487140947,
  "snrd_wm": 128.5936968912104,
  "spacing_x": 1.0,
  "spacing_y": 1.0,
  "spacing_z": 1.0,
  "summary_bg_k": 16.374267035872737,
  "summary_bg_mad": 0.0,
  "summary_bg_mean": 2.22429162400864,
  "summary_bg_median": 0.0,
  "summary_bg_n": 454430.0,
  "summary_bg_p05": 0.0,
  "summary_bg_p95": 13.384583741426468,
  "summary_bg_stdv": 5.09473953151559,
  "summary_csf_k": 0.9466016717918921,
  "summary_csf_mad": 89.07757193022675,
  "summary_csf_mean": 318.2727726010081,
  "summary_csf_median": 320.61225977540016,
  "summary_csf_n": 49729.0,
  "summary_csf_p05": 105.22341987490654,
  "summary_csf_p95": 491.8113816618919,
  "summary_csf_stdv": 108.20451190683534,
  "summary_gm_k": 0.1308427077744403,
  "summary_gm_mad": 54.66432108361022,
  "summary_gm_mean": 758.8430481386548,
  "summary_gm_median": 760.2443565130234,
  "summary_gm_n": 36152.0,
  "summary_gm_p05": 667.9605115696788,
  "summary_gm_p95": 846.843757301569,
  "summary_gm_stdv": 54.7474225589564,
  "summary_wm_k": 0.4249597396016327,
  "summary_wm_mad": 31.648657506055432,
  "summary_wm_mean": 1000.1946723820976,
  "summary_wm_median": 1000.0228823423386,
  "summary_wm_n": 209855.0,
  "summary_wm_p05": 947.0107788741589,
  "summary_wm_p95": 1053.9959302842617,
  "summary_wm_stdv": 32.78041533834237,
  "tpm_overlap_csf": 0.16745691406111332,
  "tpm_overlap_gm": 0.46411450312892627,
  "tpm_overlap_wm": 0.5226518270416709,
  "wm2max": 0.7678982413605299
}