{
  "aor": 0.0015588333333333333,
  "aqi": 0.008251835233333333,
  "bids_meta": {
    "AcquisitionMatrixPE": 70,
    "AcquisitionNumber": 3,
    "AcquisitionTime": "09:23:3.760000",
    "BodyPartExamined": "BRAIN",
    "CoilString": "MULTI_COIL",
    "ConversionSoftware": "dcm2niix",
    "ConversionSoftwareVersion": "v1.0.20190410  (JP2:OpenJPEG) GCC6.3.0",
    "Dcm2bidsVersion": "2.1.4",
    "DeviceSerialNumber": "42451",
    "EchoTime": 0.03,
    "EchoTrainLength": 35,
    "EffectiveEchoSpacing": 0.000698,
    "FlipAngle": 75,
    "ImageOrientationPatientDICOM": [
      0.999417,
      0.00296231,
      0.034016,
      -0.00301651,
      0.999994,
      0.00154221
    ],
    "ImageType": [
      "ORIGINAL",
      "PRIMARY",
      "M",
      "FFE",
      "M",
      "FFE"
    ],
    "ImagingFrequency": 127.759,
    "InPlanePhaseEncodingDirectionDICOM": "COL",
    "InstitutionAddress": "Calzada_Mexico_Xochimilco_No.101_Tlalpan",
    "InstitutionName": "I.N._Psiquiatria",
    "InstitutionalDepartmentName": "Imagenes_Cerebrales",
    "MRAcquisitionType": "2D",
    "MagneticFieldStrength": 3,
    "Manufacturer": "Philips",
    "ManufacturersModelName": "Ingenia",
    "Modality": "MR",
    "PartialFourier": 0.5,
    "PatientPosition": "HFS",
    "PercentPhaseFOV": 100,
    "PhaseEncodingAxis": "j",
    "PhaseEncodingDirection": "j-",
    "PhaseEncodingSteps": 70,
    "PhilipsRescaleIntercept": 0,
    "PhilipsRescaleSlope": 0.753846,
    "PhilipsScaleSlope": 0.0241484,
    "PixelBandwidth": 1819,
    "ProcedureStepDescription": "EDUARDO_TMS",
    "ProtocolName": "WIP_FE_EPI_32chSHC_AP",
    "ReconMatrixPE": 80,
    "RepetitionTime": 2,
    "SAR": 0.119138,
    "ScanOptions": "FS",
    "ScanningSequence": "GR",
    "SequenceVariant": "SK",
    "SeriesDescription": "FE_EPI_32chSHC_AP",
    "SeriesNumber": 301,
    "SliceThickness": 3.33,
    "SliceTiming": [
      0.0,
      1.027027,
      0.054054,
      1.081081,
      0.108108,
      1.135135,
      0.162162,
      1.189189,
      0.216216,
      1.243244,
      0.27027,
      1.297298,
      0.324324,
      1.351352,
      0.378378,
      1.405406,
      0.432432,
      1.45946,
      0.486486,
      1.513514,
      0.540541,
      1.567568,
      0.594595,
      1.621622,
      0.648649,
      1.675676,
      0.702703,
      1.72973,
      0.756757,
      1.783784,
      0.810811,
      1.837838,
      0.864865,
      1.891892,
      0.918919,
      1.945947,
      0.972973
    ],
    "SoftwareVersions": "5.3.1_5.3.1.0",
    "SpacingBetweenSlices": 3.33,
    "StationName": "PHILIPS-CTMFQSD",
    "TaskName": "rest",
    "TotalReadoutTime": 0.04884,
    "UsePhilipsFloatNotDisplayScaling": 1,
    "dataset": "ds003037",
    "modality": "bold",
    "session_id": "t1",
    "subject_id": "042",
    "task_id": "rest"
  },
  "dummy_trs": 0,
  "dvars_nstd": 27.339233334180623,
  "dvars_std": 1.351364811237459,
  "dvars_vstd": 0.9425069559866224,
  "efc": 0.43896497571326754,
  "fber": 102296.7578125,
  "fd_mean": 0.053903846300634224,
  "fd_num": 3,
  "fd_perc": 1.0,
  "fwhm_avg": 2.015493427551394,
  "fwhm_x": 1.9755666666666667,
  "fwhm_y": 2.219673333333333,
  "fwhm_z": 1.8512402826541816,
  "gcor": 0.153285,
  "gsr_x": -0.011006994172930717,
  "gsr_y": 0.022085947915911674,
  "provenance": {
    "md5sum": "0ffc3986e66249b606aa0bea41d3ad1d",
    "settings": {
      "fd_thres": 0.2,
      "testing": false
    },
    "software": "mriqc",
    "version": "22.0.6",
    "webapi_port": null,
    "webapi_url": "https://mriqc.nimh.nih.gov/api/v1"
  },
  "size_t": 300,
  "size_x": 80,
  "size_y": 80,
  "size_z": 37,
  "snr": 4.693733220391999,
  "spacing_tr": 2.0000016689300537,
  "spacing_x": 3.0,
  "spacing_y": 3.0,
  "spacing_z": 3.3299999237060547,
  "summary_bg_k": 76.07985403611903,
  "summary_bg_mad": 215.86852089894657,
  "summary_bg_mean": 1546.62109375,
  "summary_bg_median": 180.33084106445312,
  "summary_bg_n": 157189.0,
  "summary_bg_p05": 13.699091720581055,
  "summary_bg_p95": 7397.340429687508,
  "summary_bg_stdv": 4159.73486328125,
  "summary_fg_k": 3.468593436091214,
  "summary_fg_mad": 9626.49566485246,
  "summary_fg_mean": 61791.84765625,
  "summary_fg_median": 60173.015625,
  "summary_fg_n": 38285.0,
  "summary_fg_p05": 44252.2109375,
  "summary_fg_p95": 85309.30937499997,
  "summary_fg_stdv": 12819.6953125,
  "tsnr": 51.74555969238281
}