{
  "bids_meta": {
    "AcquisitionMatrixPE": 240,
    "AcquisitionNumber": 4,
    "AcquisitionTime": "09:01:58.430000",
    "BodyPartExamined": "BRAIN",
    "CoilString": "MULTI_COIL",
    "ConversionSoftware": "dcm2niix",
    "ConversionSoftwareVersion": "v1.0.20190410  (JP2:OpenJPEG) GCC6.3.0",
    "Dcm2bidsVersion": "2.1.4",
    "DeviceSerialNumber": "42451",
    "EchoTime": 0.0035,
    "EchoTrainLength": 240,
    "FlipAngle": 8,
    "ImageOrientationPatientDICOM": [
      -0.00170326,
      0.999996,
      -0.00217707,
      0.000391655,
      -0.00217641,
      -0.999998
    ],
    "ImageType": [
      "ORIGINAL",
      "PRIMARY",
      "M",
      "FFE",
      "M",
      "FFE"
    ],
    "ImagingFrequency": 127.76,
    "InPlanePhaseEncodingDirectionDICOM": "ROW",
    "InstitutionAddress": "Calzada_Mexico_Xochimilco_No.101_Tlalpan",
    "InstitutionName": "I.N._Psiquiatria",
    "InstitutionalDepartmentName": "Imagenes_Cerebrales",
    "MRAcquisitionType": "3D",
    "MagneticFieldStrength": 3,
    "Manufacturer": "Philips",
    "ManufacturersModelName": "Ingenia",
    "Modality": "MR",
    "PatientPosition": "HFS",
    "PercentPhaseFOV": 100,
    "PhaseEncodingSteps": 240,
    "PhilipsRescaleIntercept": 0,
    "PhilipsRescaleSlope": 18.116,
    "PhilipsScaleSlope": 0.00567888,
    "PixelBandwidth": 310,
    "ProcedureStepDescription": "EDUARDO_TMS",
    "ProtocolName": "WIP_sT1W_3D_TFE_32_channel",
    "ReconMatrixPE": 240,
    "RepetitionTime": 0.007,
    "SAR": 0.0382114,
    "ScanOptions": "OTHER",
    "ScanningSequence": "GR",
    "SequenceVariant": "MP",
    "SeriesDescription": "sT1W_3D_TFE_32_channel",
    "SeriesNumber": 401,
    "SliceThickness": 1,
    "SoftwareVersions": "5.3.1_5.3.1.0",
    "SpacingBetweenSlices": 1,
    "StationName": "PHILIPS-CTMFQSD",
    "UsePhilipsFloatNotDisplayScaling": 1,
    "dataset": "ds003037",
    "modality": "T1w",
    "session_id": "t0",
    "subject_id": "025"
  },
  "cjv": 0.33268485295625705,
  "cnr": 4.011276249036401,
  "efc": 0.7341924048395485,
  "fber": 13727.583968233472,
  "fwhm_avg": 4.792673333333333,
  "fwhm_x": 4.63507,
  "fwhm_y": 5.07414,
  "fwhm_z": 4.66881,
  "icvs_csf": 0.21911630669551285,
  "icvs_gm": 0.3944101386026244,
  "icvs_wm": 0.38647355470186273,
  "inu_med": 0.43319329619407654,
  "inu_range": 0.1806238293647766,
  "provenance": {
    "md5sum": "a9dd560a7f003e20c6d03583cf292cb0",
    "settings": {
      "testing": false
    },
    "software": "mriqc",
    "version": "22.0.6",
    "warnings": {
      "large_rot_frame": true,
      "small_air_mask": false
    },
    "webapi_port": null,
    "webapi_url": "https://mriqc.nimh.nih.gov/api/v1"
  },
  "qi_1": 0.0,
  "qi_2": 9.71571515999437e-05,
  "rpve_csf": 19.583192340119403,
  "rpve_gm": 10.786880479111309,
  "rpve_wm": 12.923123441780586,
  "size_x": 180,
  "size_y": 240,
  "size_z": 240,
  "snr_csf": 3.154147016157523,
  "snr_gm": 13.684239513993958,
  "snr_total": 14.723969843103381,
  "snr_wm": 27.333522999158664,
  "snrd_csf": 23.25150707333986,
  "snrd_gm": 56.5881190439373,
  "snrd_total": 52.2182219828638,
  "snrd_wm": 76.81503983131424,
  "spacing_x": 1.0,
  "spacing_y": 1.0,
  "spacing_z": 1.0,
  "summary_bg_k": 3966.162056107042,
  "summary_bg_mad": 0.0,
  "summary_bg_mean": 2.347567100272851,
  "summary_bg_median": 0.0,
  "summary_bg_n": 410867.0,
  "summary_bg_p05": 0.0,
  "summary_bg_p95": 13.675403189657972,
  "summary_bg_stdv": 8.528751812033994,
  "summary_csf_k": 1.5545907734866304,
  "summary_csf_mad": 75.70812479573588,
  "summary_csf_mean": 308.2069055716803,
  "summary_csf_median": 302.6947259902954,
  "summary_csf_n": 68170.0,
  "summary_csf_p05": 147.4590892791748,
  "summary_csf_p95": 473.69386731386174,
  "summary_csf_stdv": 95.96651782095854,
  "summary_gm_k": 0.24667723269186137,
  "summary_gm_mad": 53.013930278652644,
  "summary_gm_mean": 737.831515719988,
  "summary_gm_median": 736.6802132129669,
  "summary_gm_n": 38506.0,
  "summary_gm_p05": 652.1041075587273,
  "summary_gm_p95": 827.3348227143288,
  "summary_gm_stdv": 53.83351019344493,
  "summary_wm_k": 0.574921634605476,
  "summary_wm_mad": 34.588579424750655,
  "summary_wm_mean": 1001.0315088354455,
  "summary_wm_median": 1000.0000154972076,
  "summary_wm_n": 276455.0,
  "summary_wm_p05": 943.22629737854,
  "summary_wm_p95": 1062.6553628444672,
  "summary_wm_stdv": 36.58504638841144,
  "tpm_overlap_csf": 0.16839742376965786,
  "tpm_overlap_gm": 0.45084255788941824,
  "tpm_overlap_wm": 0.5205442937314932,
  "wm2max": 0.8545561517680187
}