{
  "aor": 0.0022847666666666665,
  "aqi": 0.013436803333333334,
  "bids_meta": {
    "AcquisitionMatrixPE": 70,
    "AcquisitionNumber": 4,
    "AcquisitionTime": "09:51:20.090000",
    "BodyPartExamined": "BRAIN",
    "CoilString": "MULTI_COIL",
    "ConversionSoftware": "dcm2niix",
    "ConversionSoftwareVersion": "v1.0.20190410  (JP2:OpenJPEG) GCC6.3.0",
    "Dcm2bidsVersion": "2.1.4",
    "DeviceSerialNumber": "42451",
    "EchoTime": 0.03,
    "EchoTrainLength": 35,
    "EffectiveEchoSpacing": 0.000698,
    "FlipAngle": 75,
    "ImageOrientationPatientDICOM": [
      0.999985,
      0.00417257,
      -0.00366671,
      -0.0042116,
      0.999934,
      -0.0107015
    ],
    "ImageType": [
      "ORIGINAL",
      "PRIMARY",
      "M",
      "FFE",
      "M",
      "FFE"
    ],
    "ImagingFrequency": 127.759,
    "InPlanePhaseEncodingDirectionDICOM": "COL",
    "InstitutionAddress": "Calzada_Mexico_Xochimilco_No.101_Tlalpan",
    "InstitutionName": "I.N._Psiquiatria",
    "InstitutionalDepartmentName": "Imagenes_Cerebrales",
    "MRAcquisitionType": "2D",
    "MagneticFieldStrength": 3,
    "Manufacturer": "Philips",
    "ManufacturersModelName": "Ingenia",
    "Modality": "MR",
    "PartialFourier": 0.5,
    "PatientPosition": "HFS",
    "PercentPhaseFOV": 100,
    "PhaseEncodingAxis": "j",
    "PhaseEncodingDirection": "j-",
    "PhaseEncodingSteps": 70,
    "PhilipsRescaleIntercept": 0,
    "PhilipsRescaleSlope": 0.758486,
    "PhilipsScaleSlope": 0.0306104,
    "PixelBandwidth": 1819,
    "ProcedureStepDescription": "EDUARDO_TMS",
    "ProtocolName": "WIP_FE_EPI_32chSHC_AP",
    "ReconMatrixPE": 80,
    "RepetitionTime": 2,
    "SAR": 0.119138,
    "ScanOptions": "FS",
    "ScanningSequence": "GR",
    "SequenceVariant": "SK",
    "SeriesDescription": "FE_EPI_32chSHC_AP",
    "SeriesNumber": 401,
    "SliceThickness": 3.33,
    "SliceTiming": [
      0.0,
      1.027027,
      0.054054,
      1.081081,
      0.108108,
      1.135135,
      0.162162,
      1.189189,
      0.216216,
      1.243244,
      0.27027,
      1.297298,
      0.324324,
      1.351352,
      0.378378,
      1.405406,
      0.432432,
      1.45946,
      0.486486,
      1.513514,
      0.540541,
      1.567568,
      0.594595,
      1.621622,
      0.648649,
      1.675676,
      0.702703,
      1.72973,
      0.756757,
      1.783784,
      0.810811,
      1.837838,
      0.864865,
      1.891892,
      0.918919,
      1.945947,
      0.972973
    ],
    "SoftwareVersions": "5.3.1_5.3.1.0",
    "SpacingBetweenSlices": 3.33,
    "StationName": "PHILIPS-CTMFQSD",
    "TaskName": "rest",
    "TotalReadoutTime": 0.04884,
    "UsePhilipsFloatNotDisplayScaling": 1,
    "dataset": "ds003037",
    "modality": "bold",
    "session_id": "t0",
    "subject_id": "027",
    "task_id": "rest"
  },
  "dummy_trs": 0,
  "dvars_nstd": 22.798187485484945,
  "dvars_std": 1.081161455685619,
  "dvars_vstd": 0.9413993213712379,
  "efc": 0.40009887491450746,
  "fber": 126741.8671875,
  "fd_mean": 0.139464470985611,
  "fd_num": 40,
  "fd_perc": 13.333333333333334,
  "fwhm_avg": 1.7467305628715135,
  "fwhm_x": 1.7337466666666668,
  "fwhm_y": 1.8931266666666666,
  "fwhm_z": 1.6133183552812078,
  "gcor": 0.153878,
  "gsr_x": 0.0002101045538438484,
  "gsr_y": 0.0039489842019975185,
  "provenance": {
    "md5sum": "ae8c88ea3a47f192e5b315c0407199ce",
    "settings": {
      "fd_thres": 0.2,
      "testing": false
    },
    "software": "mriqc",
    "version": "22.0.6",
    "webapi_port": null,
    "webapi_url": "https://mriqc.nimh.nih.gov/api/v1"
  },
  "size_t": 300,
  "size_x": 80,
  "size_y": 80,
  "size_z": 37,
  "snr": 5.268836871171934,
  "spacing_tr": 2.0000016689300537,
  "spacing_x": 3.0,
  "spacing_y": 3.0,
  "spacing_z": 3.3299999237060547,
  "summary_bg_k": 80.62631249326492,
  "summary_bg_mad": 177.81915961124326,
  "summary_bg_mean": 1134.1961669921875,
  "summary_bg_median": 146.26747131347656,
  "summary_bg_n": 166550.0,
  "summary_bg_p05": 11.252527379989626,
  "summary_bg_p95": 5367.958593749993,
  "summary_bg_stdv": 2990.368408203125,
  "summary_fg_k": 2.8971884202433102,
  "summary_fg_mad": 7781.941596924347,
  "summary_fg_mean": 53773.8828125,
  "summary_fg_median": 52404.0390625,
  "summary_fg_n": 31156.0,
  "summary_fg_p05": 41042.181640625,
  "summary_fg_p95": 71932.974609375,
  "summary_fg_stdv": 9945.8759765625,
  "tsnr": 42.979068756103516
}