{
  "bids_meta": {
    "AcquisitionMatrixPE": 240,
    "AcquisitionNumber": 4,
    "AcquisitionTime": "08:51:51.530000",
    "CoilString": "MULTI_COIL",
    "ConversionSoftware": "dcm2niix",
    "ConversionSoftwareVersion": "v1.0.20190410  (JP2:OpenJPEG) GCC6.3.0",
    "Dcm2bidsVersion": "2.1.4",
    "DeviceSerialNumber": "42451",
    "EchoTime": 0.003501,
    "EchoTrainLength": 240,
    "FlipAngle": 8,
    "ImageOrientationPatientDICOM": [
      0.00123165,
      0.999999,
      -0.00078763,
      -0.00223164,
      -0.00078488,
      -0.999997
    ],
    "ImageType": [
      "ORIGINAL",
      "PRIMARY",
      "M",
      "FFE",
      "M",
      "FFE"
    ],
    "ImagingFrequency": 127.766,
    "InPlanePhaseEncodingDirectionDICOM": "ROW",
    "InstitutionAddress": "Calzada_Mexico_Xochimilco_No.101_Tlalpan",
    "InstitutionName": "I.N._Psiquiatria",
    "InstitutionalDepartmentName": "Imagenes_Cerebrales",
    "MRAcquisitionType": "3D",
    "MagneticFieldStrength": 3,
    "Manufacturer": "Philips",
    "ManufacturersModelName": "Ingenia",
    "Modality": "MR",
    "PatientPosition": "HFS",
    "PercentPhaseFOV": 100,
    "PhaseEncodingSteps": 240,
    "PhilipsRescaleIntercept": 0,
    "PhilipsRescaleSlope": 12.4383,
    "PhilipsScaleSlope": 0.00317503,
    "PixelBandwidth": 310,
    "ProcedureStepDescription": "EDUARDO_TMS",
    "ProtocolName": "WIP_sT1W_3D_TFE_32_channel_SENSE",
    "ReconMatrixPE": 240,
    "RepetitionTime": 0.007,
    "SAR": 0.0382114,
    "ScanOptions": "OTHER",
    "ScanningSequence": "GR",
    "SequenceVariant": "MP",
    "SeriesDescription": "sT1W_3D_TFE_32_channel",
    "SeriesNumber": 401,
    "SliceThickness": 1,
    "SoftwareVersions": "5.1.7_5.1.7.2",
    "SpacingBetweenSlices": 1,
    "StationName": "INGENIA",
    "UsePhilipsFloatNotDisplayScaling": 1,
    "dataset": "ds003037",
    "modality": "T1w",
    "session_id": "t2",
    "subject_id": "004"
  },
  "cjv": 0.38378290195587356,
  "cnr": 3.5951738744677795,
  "efc": 0.7839180081581526,
  "fber": 2649.236861358766,
  "fwhm_avg": 4.475446666666667,
  "fwhm_x": 4.31239,
  "fwhm_y": 4.88802,
  "fwhm_z": 4.22593,
  "icvs_csf": 0.25573208564905103,
  "icvs_gm": 0.3935977314178648,
  "icvs_wm": 0.3506701829330842,
  "inu_med": 0.5132293403148651,
  "inu_range": 0.1915862798690795,
  "provenance": {
    "md5sum": "a0c06c10e9f28543b37c4e38b7396527",
    "settings": {
      "testing": false
    },
    "software": "mriqc",
    "version": "22.0.6",
    "warnings": {
      "large_rot_frame": true,
      "small_air_mask": true
    },
    "webapi_port": null,
    "webapi_url": "https://mriqc.nimh.nih.gov/api/v1"
  },
  "qi_1": 0.0,
  "qi_2": 6.616278746078455e-05,
  "rpve_csf": 18.602580416597377,
  "rpve_gm": 11.548138360453962,
  "rpve_wm": 14.88237456722363,
  "size_x": 180,
  "size_y": 240,
  "size_z": 240,
  "snr_csf": 3.652983127542076,
  "snr_gm": 13.711382582655224,
  "snr_total": 13.342952351838923,
  "snr_wm": 22.66449134531947,
  "snrd_csf": 111.90652368973424,
  "snrd_gm": 294.04352393891526,
  "snrd_total": 266.39795114706345,
  "snrd_wm": 393.2438058125409,
  "spacing_x": 1.0,
  "spacing_y": 1.0,
  "spacing_z": 1.0,
  "summary_bg_k": 192.14214594332807,
  "summary_bg_mad": 0.0,
  "summary_bg_mean": 0.1566177260615437,
  "summary_bg_median": 0.0,
  "summary_bg_n": 89837.0,
  "summary_bg_p05": 0.0,
  "summary_bg_p95": 0.0,
  "summary_bg_stdv": 1.6659802180689476,
  "summary_csf_k": 2.9093694330506645,
  "summary_csf_mad": 57.42162333758009,
  "summary_csf_mean": 293.96919898564494,
  "summary_csf_median": 284.5728839673102,
  "summary_csf_n": 94560.0,
  "summary_csf_p05": 193.65012769792227,
  "summary_csf_p95": 438.38362043350935,
  "summary_csf_stdv": 77.90109324527616,
  "summary_gm_k": 0.11102240032926547,
  "summary_gm_mad": 54.04860490376419,
  "summary_gm_mean": 747.4485379477896,
  "summary_gm_median": 747.7384772598743,
  "summary_gm_n": 26677.0,
  "summary_gm_p05": 658.3608702272177,
  "summary_gm_p95": 836.1735568001866,
  "summary_gm_stdv": 54.53311932296561,
  "summary_wm_k": 0.48962157556824426,
  "summary_wm_mad": 42.765055143022934,
  "summary_wm_mean": 1000.8387709937771,
  "summary_wm_median": 1000.000002078712,
  "summary_wm_n": 199747.0,
  "summary_wm_p05": 930.8271510601044,
  "summary_wm_p95": 1074.427173025906,
  "summary_wm_stdv": 44.12177108557001,
  "tpm_overlap_csf": 0.1581498060502234,
  "tpm_overlap_gm": 0.426405309497334,
  "tpm_overlap_wm": 0.47763398727001116,
  "wm2max": 0.6432740387128247
}