{
  "bids_meta": {
    "AcquisitionMatrixPE": 240,
    "AcquisitionNumber": 5,
    "AcquisitionTime": "08:46:22.420000",
    "BodyPartExamined": "BRAIN",
    "CoilString": "MULTI_COIL",
    "ConversionSoftware": "dcm2niix",
    "ConversionSoftwareVersion": "v1.0.20190410  (JP2:OpenJPEG) GCC6.3.0",
    "Dcm2bidsVersion": "2.1.4",
    "DeviceSerialNumber": "42451",
    "EchoTime": 0.0035,
    "EchoTrainLength": 240,
    "FlipAngle": 8,
    "ImageOrientationPatientDICOM": [
      0.00112097,
      0.999999,
      -0.000804505,
      0.00151612,
      -0.000806204,
      -0.999999
    ],
    "ImageType": [
      "ORIGINAL",
      "PRIMARY",
      "M",
      "FFE",
      "M",
      "FFE"
    ],
    "ImagingFrequency": 127.759,
    "InPlanePhaseEncodingDirectionDICOM": "ROW",
    "InstitutionAddress": "Calzada_Mexico_Xochimilco_No.101_Tlalpan",
    "InstitutionName": "I.N._Psiquiatria",
    "InstitutionalDepartmentName": "Imagenes_Cerebrales",
    "MRAcquisitionType": "3D",
    "MagneticFieldStrength": 3,
    "Manufacturer": "Philips",
    "ManufacturersModelName": "Ingenia",
    "Modality": "MR",
    "PatientPosition": "HFS",
    "PercentPhaseFOV": 100,
    "PhaseEncodingSteps": 240,
    "PhilipsRescaleIntercept": 0,
    "PhilipsRescaleSlope": 10.5766,
    "PhilipsScaleSlope": 0.00581105,
    "PixelBandwidth": 310,
    "ProcedureStepDescription": "EDUARDO_TMS",
    "ProtocolName": "WIP_sT1W_3D_TFE_32_channel",
    "ReconMatrixPE": 240,
    "RepetitionTime": 0.007,
    "SAR": 0.0382114,
    "ScanOptions": "OTHER",
    "ScanningSequence": "GR",
    "SequenceVariant": "MP",
    "SeriesDescription": "sT1W_3D_TFE_32_channel",
    "SeriesNumber": 501,
    "SliceThickness": 1,
    "SoftwareVersions": "5.3.1_5.3.1.0",
    "SpacingBetweenSlices": 1,
    "StationName": "PHILIPS-CTMFQSD",
    "UsePhilipsFloatNotDisplayScaling": 1,
    "dataset": "ds003037",
    "modality": "T1w",
    "session_id": "t3",
    "subject_id": "025"
  },
  "cjv": 0.3577958279264168,
  "cnr": 3.7426368119727216,
  "efc": 0.7095281894682891,
  "fber": -1.0,
  "fwhm_avg": 4.776330000000001,
  "fwhm_x": 4.61498,
  "fwhm_y": 5.09508,
  "fwhm_z": 4.61893,
  "icvs_csf": 0.2125938651492129,
  "icvs_gm": 0.40450458207891027,
  "icvs_wm": 0.3829015527718768,
  "inu_med": 0.4483157694339752,
  "inu_range": 0.1873897135257721,
  "provenance": {
    "md5sum": "b8e8467b9379e10f6dc3817bba853c4d",
    "settings": {
      "testing": false
    },
    "software": "mriqc",
    "version": "22.0.6",
    "warnings": {
      "large_rot_frame": true,
      "small_air_mask": false
    },
    "webapi_port": null,
    "webapi_url": "https://mriqc.nimh.nih.gov/api/v1"
  },
  "qi_1": 0.003568924155748293,
  "qi_2": 5.813127158781126e-05,
  "rpve_csf": 19.46677275367694,
  "rpve_gm": 10.386914526911777,
  "rpve_wm": 12.736802192736807,
  "size_x": 180,
  "size_y": 240,
  "size_z": 240,
  "snr_csf": 3.0866005358972584,
  "snr_gm": 13.539136876446166,
  "snr_total": 13.925437133457068,
  "snr_wm": 25.15057398802778,
  "snrd_csf": 18.02058683174659,
  "snrd_gm": 44.80593472369033,
  "snrd_total": 41.040609245028385,
  "snrd_wm": 60.295306179648236,
  "spacing_x": 1.0,
  "spacing_y": 1.0,
  "spacing_z": 1.0,
  "summary_bg_k": 298.234167952433,
  "summary_bg_mad": 0.0,
  "summary_bg_mean": 3.342587021510915,
  "summary_bg_median": 0.0,
  "summary_bg_n": 714689.0,
  "summary_bg_p05": 0.0,
  "summary_bg_p95": 17.177550807595253,
  "summary_bg_stdv": 10.865730915748754,
  "summary_csf_k": 1.6479495285672083,
  "summary_csf_mad": 72.85307844431657,
  "summary_csf_mean": 303.6401514901389,
  "summary_csf_median": 298.87951189652085,
  "summary_csf_n": 64609.0,
  "summary_csf_p05": 132.83479016758503,
  "summary_csf_p95": 470.89195170775054,
  "summary_csf_stdv": 96.83054072755674,
  "summary_gm_k": 0.2105822556971808,
  "summary_gm_mad": 54.15497543826646,
  "summary_gm_mean": 744.3191496143631,
  "summary_gm_median": 743.1265155412257,
  "summary_gm_n": 43392.0,
  "summary_gm_p05": 657.0413183905184,
  "summary_gm_p95": 836.0592866453342,
  "summary_gm_stdv": 54.88665631565275,
  "summary_wm_k": 0.5938792900249155,
  "summary_wm_mad": 37.76211800830472,
  "summary_wm_mean": 1001.4946118500948,
  "summary_wm_median": 1000.0246855933219,
  "summary_wm_n": 283359.0,
  "summary_wm_p05": 939.1134853158146,
  "summary_wm_p95": 1068.8582907691598,
  "summary_wm_stdv": 39.76143532462534,
  "tpm_overlap_csf": 0.16190271394159414,
  "tpm_overlap_gm": 0.45399415071671767,
  "tpm_overlap_wm": 0.5228940612158584,
  "wm2max": 0.8234062874677397
}