{
  "aor": 0.016785833333333333,
  "aqi": 0.035826407766666665,
  "bids_meta": {
    "AcquisitionMatrixPE": 70,
    "AcquisitionTime": "11:22:40.530000",
    "CoilString": "MULTI_COIL",
    "ConversionSoftware": "dcm2niix",
    "ConversionSoftwareVersion": "v1.0.20190410  (JP2:OpenJPEG) GCC6.3.0",
    "Dcm2bidsVersion": "2.1.4",
    "DeviceSerialNumber": "42451",
    "EchoTime": 0.03,
    "EchoTrainLength": 35,
    "EffectiveEchoSpacing": 0.000576,
    "FlipAngle": 75,
    "ImageOrientationPatientDICOM": [
      1,
      9.82756e-05,
      8.78288e-05,
      -9.3769e-05,
      0.998753,
      -0.0499165
    ],
    "ImageType": [
      "ORIGINAL",
      "PRIMARY",
      "M",
      "FFE",
      "M",
      "FFE"
    ],
    "ImagingFrequency": 127.766,
    "InPlanePhaseEncodingDirectionDICOM": "COL",
    "InstitutionAddress": "Calzada_Mexico_Xochimilco_No.101_Tlalpan",
    "InstitutionName": "I.N._Psiquiatria",
    "InstitutionalDepartmentName": "Imagenes_Cerebrales",
    "MagneticFieldStrength": 3,
    "Manufacturer": "Philips",
    "ManufacturersModelName": "Ingenia",
    "Modality": "MR",
    "PartialFourier": 0.5,
    "PatientPosition": "HFS",
    "PercentPhaseFOV": 100,
    "PhaseEncodingAxis": "j",
    "PhaseEncodingDirection": "j-",
    "PhaseEncodingSteps": 70,
    "PhilipsRescaleIntercept": 0,
    "PhilipsRescaleSlope": 0.792918,
    "PhilipsScaleSlope": 0.0577864,
    "PixelBandwidth": 2308,
    "ProcedureStepDescription": "EDUARDO_TMS",
    "ProtocolName": "WIP_FE_EPI_32chSHC_AP_SENSE",
    "ReconMatrixPE": 80,
    "RepetitionTime": 2,
    "SAR": 0.126769,
    "ScanOptions": "FS",
    "ScanningSequence": "GR",
    "SequenceVariant": "SK",
    "SeriesDescription": "FE_EPI_32chSHC_AP",
    "SeriesNumber": 601,
    "SliceThickness": 3.3,
    "SliceTiming": [
      0.0,
      1.025641,
      0.051282,
      1.076923,
      0.102564,
      1.128205,
      0.153846,
      1.179487,
      0.205128,
      1.230769,
      0.25641,
      1.282052,
      0.307692,
      1.333334,
      0.358974,
      1.384616,
      0.410256,
      1.435898,
      0.461538,
      1.48718,
      0.51282,
      1.538462,
      0.564102,
      1.589744,
      0.615385,
      1.641026,
      0.666667,
      1.692308,
      0.717949,
      1.74359,
      0.769231,
      1.794873,
      0.820513,
      1.846155,
      0.871795,
      1.897437,
      0.923077,
      1.948719,
      0.974359
    ],
    "SoftwareVersions": "2.6.3_5.1.7.2",
    "SpacingBetweenSlices": 3.3,
    "StationName": "INGENIA",
    "TaskName": "rest",
    "TotalReadoutTime": 0.04033,
    "UsePhilipsFloatNotDisplayScaling": 1,
    "dataset": "ds003037",
    "modality": "bold",
    "session_id": "t0",
    "subject_id": "003",
    "task_id": "rest"
  },
  "dummy_trs": 0,
  "dvars_nstd": 26.758324074548508,
  "dvars_std": 1.0428141313043475,
  "dvars_vstd": 1.004664862809364,
  "efc": 0.44022418171666877,
  "fber": 190630.390625,
  "fd_mean": 0.41044327582954904,
  "fd_num": 146,
  "fd_perc": 48.666666666666664,
  "fwhm_avg": 1.9442111199353282,
  "fwhm_x": 1.8958633333333335,
  "fwhm_y": 2.1047033333333336,
  "fwhm_z": 1.8320666931393175,
  "gcor": 0.0404216,
  "gsr_x": -0.010420472361147404,
  "gsr_y": 0.023338615894317627,
  "provenance": {
    "md5sum": "e1a11e8d663ba01cccb7cf9cfbc3f17a",
    "settings": {
      "fd_thres": 0.2,
      "testing": false
    },
    "software": "mriqc",
    "version": "22.0.6",
    "webapi_port": null,
    "webapi_url": "https://mriqc.nimh.nih.gov/api/v1"
  },
  "size_t": 300,
  "size_x": 80,
  "size_y": 80,
  "size_z": 39,
  "snr": 5.436540112306503,
  "spacing_tr": 1.9999991655349731,
  "spacing_x": 3.0,
  "spacing_y": 3.0,
  "spacing_z": 3.299999952316284,
  "summary_bg_k": 188.71887699584542,
  "summary_bg_mad": 60.375062184597276,
  "summary_bg_mean": 511.71575927734375,
  "summary_bg_median": 50.82019805908203,
  "summary_bg_n": 165180.0,
  "summary_bg_p05": 3.3509096264839173,
  "summary_bg_p95": 2532.5474243164044,
  "summary_bg_stdv": 1702.5269775390625,
  "summary_fg_k": 3.0376838693940655,
  "summary_fg_mad": 3394.785534115744,
  "summary_fg_mean": 23254.58984375,
  "summary_fg_median": 23023.97265625,
  "summary_fg_n": 40581.0,
  "summary_fg_p05": 16967.73046875,
  "summary_fg_p95": 30263.27734375,
  "summary_fg_stdv": 4234.9892578125,
  "tsnr": 32.529212951660156
}