{
  "bids_meta": {
    "AcquisitionMatrixPE": 240,
    "AcquisitionNumber": 4,
    "AcquisitionTime": "10:27:13.830000",
    "BodyPartExamined": "BRAIN",
    "CoilString": "MULTI_COIL",
    "ConversionSoftware": "dcm2niix",
    "ConversionSoftwareVersion": "v1.0.20190410  (JP2:OpenJPEG) GCC6.3.0",
    "Dcm2bidsVersion": "2.1.4",
    "DeviceSerialNumber": "42451",
    "EchoTime": 0.0035,
    "EchoTrainLength": 240,
    "FlipAngle": 8,
    "ImageOrientationPatientDICOM": [
      -0.0042116,
      0.999988,
      -0.00242744,
      -0.00362181,
      -0.0024427,
      -0.99999
    ],
    "ImageType": [
      "ORIGINAL",
      "PRIMARY",
      "M",
      "FFE",
      "M",
      "FFE"
    ],
    "ImagingFrequency": 127.759,
    "InPlanePhaseEncodingDirectionDICOM": "ROW",
    "InstitutionAddress": "Calzada_Mexico_Xochimilco_No.101_Tlalpan",
    "InstitutionName": "I.N._Psiquiatria",
    "InstitutionalDepartmentName": "Imagenes_Cerebrales",
    "MRAcquisitionType": "3D",
    "MagneticFieldStrength": 3,
    "Manufacturer": "Philips",
    "ManufacturersModelName": "Ingenia",
    "Modality": "MR",
    "PatientPosition": "HFS",
    "PercentPhaseFOV": 100,
    "PhaseEncodingSteps": 240,
    "PhilipsRescaleIntercept": 0,
    "PhilipsRescaleSlope": 3.87009,
    "PhilipsScaleSlope": 0.00574436,
    "PixelBandwidth": 310,
    "ProcedureStepDescription": "PROTOCOLO_TMS",
    "ProtocolName": "WIP_sT1W_3D_TFE_32_channel",
    "ReconMatrixPE": 240,
    "RepetitionTime": 0.007,
    "SAR": 0.0382114,
    "ScanOptions": "OTHER",
    "ScanningSequence": "GR",
    "SequenceVariant": "MP",
    "SeriesDescription": "sT1W_3D_TFE_32_channel",
    "SeriesNumber": 401,
    "SliceThickness": 1,
    "SoftwareVersions": "5.3.1_5.3.1.0",
    "SpacingBetweenSlices": 1,
    "StationName": "PHILIPS-CTMFQSD",
    "UsePhilipsFloatNotDisplayScaling": 1,
    "dataset": "ds003037",
    "modality": "T1w",
    "session_id": "t1",
    "subject_id": "036"
  },
  "cjv": 0.3552606266847021,
  "cnr": 3.725317838589057,
  "efc": 0.7266389180011102,
  "fber": -1.0,
  "fwhm_avg": 4.49059,
  "fwhm_x": 4.34687,
  "fwhm_y": 4.85688,
  "fwhm_z": 4.26802,
  "icvs_csf": 0.2803225905549919,
  "icvs_gm": 0.38916496209352947,
  "icvs_wm": 0.3305124473514786,
  "inu_med": 0.46677297353744507,
  "inu_range": 0.20053687691688538,
  "provenance": {
    "md5sum": "ef631d3a54f3d213787bbcc2ac17ff29",
    "settings": {
      "testing": false
    },
    "software": "mriqc",
    "version": "22.0.6",
    "warnings": {
      "large_rot_frame": true,
      "small_air_mask": false
    },
    "webapi_port": null,
    "webapi_url": "https://mriqc.nimh.nih.gov/api/v1"
  },
  "qi_1": 0.02641310559400597,
  "qi_2": 7.308978318056733e-05,
  "rpve_csf": 17.509049088626288,
  "rpve_gm": 11.809601805048727,
  "rpve_wm": 16.079578195408835,
  "size_x": 180,
  "size_y": 240,
  "size_z": 240,
  "snr_csf": 4.039113423906383,
  "snr_gm": 14.185712997706243,
  "snr_total": 15.293099032518858,
  "snr_wm": 27.654470675943944,
  "snrd_csf": 23.847609495482335,
  "snrd_gm": 57.193269574100086,
  "snrd_total": 52.17869075102777,
  "snrd_wm": 75.49519318350092,
  "spacing_x": 1.0,
  "spacing_y": 1.0,
  "spacing_z": 1.0,
  "summary_bg_k": 4776.002720335706,
  "summary_bg_mad": 0.0,
  "summary_bg_mean": 2.024507771053631,
  "summary_bg_median": 0.0,
  "summary_bg_n": 394630.0,
  "summary_bg_p05": 0.0,
  "summary_bg_p95": 12.524652555584908,
  "summary_bg_stdv": 8.677855972104963,
  "summary_csf_k": 2.4079392411007507,
  "summary_csf_mad": 61.44124266225739,
  "summary_csf_mean": 323.4222390165606,
  "summary_csf_median": 315.8824948221445,
  "summary_csf_n": 106366.0,
  "summary_csf_p05": 221.78111754357815,
  "summary_csf_p95": 463.7130947969854,
  "summary_csf_stdv": 78.2055309623963,
  "summary_gm_k": 0.33806282064424265,
  "summary_gm_mad": 52.3275849126024,
  "summary_gm_mean": 758.0206296613699,
  "summary_gm_median": 757.5749965012074,
  "summary_gm_n": 23234.0,
  "summary_gm_p05": 672.3177143707871,
  "summary_gm_p95": 845.9391096234322,
  "summary_gm_stdv": 53.40293387392579,
  "summary_wm_k": 0.6682888805268483,
  "summary_wm_mad": 33.79648082163725,
  "summary_wm_mean": 999.7711964181642,
  "summary_wm_median": 1000.0000198930502,
  "summary_wm_n": 179589.0,
  "summary_wm_p05": 940.3222275525331,
  "summary_wm_p95": 1058.4996240586042,
  "summary_wm_stdv": 36.160418598216395,
  "tpm_overlap_csf": 0.15975037601772923,
  "tpm_overlap_gm": 0.42916013161687677,
  "tpm_overlap_wm": 0.47233235316565403,
  "wm2max": 0.8043966458577992
}