{
  "bids_meta": {
    "AcquisitionMatrixPE": 240,
    "AcquisitionNumber": 4,
    "AcquisitionTime": "10:35:3.630000",
    "BodyPartExamined": "BRAIN",
    "CoilString": "MULTI_COIL",
    "ConversionSoftware": "dcm2niix",
    "ConversionSoftwareVersion": "v1.0.20190410  (JP2:OpenJPEG) GCC6.3.0",
    "Dcm2bidsVersion": "2.1.4",
    "DeviceSerialNumber": "42451",
    "EchoTime": 0.0035,
    "EchoTrainLength": 240,
    "FlipAngle": 8,
    "ImageOrientationPatientDICOM": [
      -0.0042116,
      0.999969,
      -0.00659756,
      -0.00362181,
      -0.00661283,
      -0.999972
    ],
    "ImageType": [
      "ORIGINAL",
      "PRIMARY",
      "M",
      "FFE",
      "M",
      "FFE"
    ],
    "ImagingFrequency": 127.76,
    "InPlanePhaseEncodingDirectionDICOM": "ROW",
    "InstitutionAddress": "Calzada_Mexico_Xochimilco_No.101_Tlalpan",
    "InstitutionName": "I.N._Psiquiatria",
    "InstitutionalDepartmentName": "Imagenes_Cerebrales",
    "MRAcquisitionType": "3D",
    "MagneticFieldStrength": 3,
    "Manufacturer": "Philips",
    "ManufacturersModelName": "Ingenia",
    "Modality": "MR",
    "PatientPosition": "HFS",
    "PercentPhaseFOV": 100,
    "PhaseEncodingSteps": 240,
    "PhilipsRescaleIntercept": 0,
    "PhilipsRescaleSlope": 4.17411,
    "PhilipsScaleSlope": 0.005926,
    "PixelBandwidth": 310,
    "ProcedureStepDescription": "EDUARDO_TMS",
    "ProtocolName": "WIP_sT1W_3D_TFE_32_channel",
    "ReconMatrixPE": 240,
    "RepetitionTime": 0.007,
    "SAR": 0.0382114,
    "ScanOptions": "OTHER",
    "ScanningSequence": "GR",
    "SequenceVariant": "MP",
    "SeriesDescription": "sT1W_3D_TFE_32_channel",
    "SeriesNumber": 401,
    "SliceThickness": 1,
    "SoftwareVersions": "5.3.1_5.3.1.0",
    "SpacingBetweenSlices": 1,
    "StationName": "PHILIPS-CTMFQSD",
    "UsePhilipsFloatNotDisplayScaling": 1,
    "dataset": "ds003037",
    "modality": "T1w",
    "session_id": "t0",
    "subject_id": "032"
  },
  "cjv": 0.37906011743501544,
  "cnr": 3.5045734787578033,
  "efc": 0.7216033090278238,
  "fber": -1.0,
  "fwhm_avg": 4.46575,
  "fwhm_x": 4.28844,
  "fwhm_y": 4.90194,
  "fwhm_z": 4.20687,
  "icvs_csf": 0.254428499338494,
  "icvs_gm": 0.3821603922149739,
  "icvs_wm": 0.3634111084465321,
  "inu_med": 0.41460421681404114,
  "inu_range": 0.15865741819143292,
  "provenance": {
    "md5sum": "5446ff86d47a6180945005232703e812",
    "settings": {
      "testing": false
    },
    "software": "mriqc",
    "version": "22.0.6",
    "warnings": {
      "large_rot_frame": true,
      "small_air_mask": false
    },
    "webapi_port": null,
    "webapi_url": "https://mriqc.nimh.nih.gov/api/v1"
  },
  "qi_1": 0.0,
  "qi_2": 2.3469987325344893e-05,
  "rpve_csf": 19.580411064726903,
  "rpve_gm": 12.38490405034569,
  "rpve_wm": 15.635997849187977,
  "size_x": 180,
  "size_y": 240,
  "size_z": 240,
  "snr_csf": 3.2074370098805858,
  "snr_gm": 12.141914197494335,
  "snr_total": 14.522922639029339,
  "snr_wm": 28.219416709713098,
  "snrd_csf": 25.81605215624829,
  "snrd_gm": 63.2790805129203,
  "snrd_total": 57.853707235559284,
  "snrd_wm": 84.46598903750927,
  "spacing_x": 1.0,
  "spacing_y": 1.0,
  "spacing_z": 1.0,
  "summary_bg_k": 1464.4596629557373,
  "summary_bg_mad": 0.0,
  "summary_bg_mean": 2.9733083805708036,
  "summary_bg_median": 0.0,
  "summary_bg_n": 437622.0,
  "summary_bg_p05": 0.0,
  "summary_bg_p95": 17.29930277913809,
  "summary_bg_stdv": 7.756409695882645,
  "summary_csf_k": 0.9894707598573715,
  "summary_csf_mad": 85.27025630943751,
  "summary_csf_mean": 314.8353686299936,
  "summary_csf_median": 305.646087218076,
  "summary_csf_n": 68318.0,
  "summary_csf_p05": 180.56460668891668,
  "summary_csf_p95": 487.4680272901429,
  "summary_csf_stdv": 95.2922377997185,
  "summary_gm_k": 0.04091159461338023,
  "summary_gm_mad": 61.55516322948061,
  "summary_gm_mean": 748.5565990429532,
  "summary_gm_median": 749.1851676031947,
  "summary_gm_n": 21889.0,
  "summary_gm_p05": 646.3520947352051,
  "summary_gm_p95": 849.8620954871177,
  "summary_gm_stdv": 61.70098404108585,
  "summary_wm_k": 0.5301182439245546,
  "summary_wm_mad": 33.528235044077,
  "summary_wm_mean": 999.0299535960386,
  "summary_wm_median": 1000.025057900697,
  "summary_wm_n": 208789.0,
  "summary_wm_p05": 939.7031412534416,
  "summary_wm_p95": 1055.4580411538482,
  "summary_wm_stdv": 35.43739664652383,
  "tpm_overlap_csf": 0.15857369265323393,
  "tpm_overlap_gm": 0.4448883364894194,
  "tpm_overlap_wm": 0.5140623814272578,
  "wm2max": 0.9118487529433281
}