{
  "bids_meta": {
    "AcquisitionMatrixPE": 240,
    "AcquisitionNumber": 4,
    "AcquisitionTime": "09:43:53.440000",
    "BodyPartExamined": "BRAIN",
    "CoilString": "MULTI_COIL",
    "ConversionSoftware": "dcm2niix",
    "ConversionSoftwareVersion": "v1.0.20190410  (JP2:OpenJPEG) GCC6.3.0",
    "Dcm2bidsVersion": "2.1.4",
    "DeviceSerialNumber": "42451",
    "EchoTime": 0.0035,
    "EchoTrainLength": 240,
    "FlipAngle": 8,
    "ImageOrientationPatientDICOM": [
      -0.00557306,
      0.999613,
      -0.0272525,
      -0.0533028,
      -0.0275111,
      -0.998199
    ],
    "ImageType": [
      "ORIGINAL",
      "PRIMARY",
      "M",
      "FFE",
      "M",
      "FFE"
    ],
    "ImagingFrequency": 127.759,
    "InPlanePhaseEncodingDirectionDICOM": "ROW",
    "InstitutionAddress": "Calzada_Mexico_Xochimilco_No.101_Tlalpan",
    "InstitutionName": "I.N._Psiquiatria",
    "InstitutionalDepartmentName": "Imagenes_Cerebrales",
    "MRAcquisitionType": "3D",
    "MagneticFieldStrength": 3,
    "Manufacturer": "Philips",
    "ManufacturersModelName": "Ingenia",
    "Modality": "MR",
    "PatientPosition": "HFS",
    "PercentPhaseFOV": 100,
    "PhaseEncodingSteps": 240,
    "PhilipsRescaleIntercept": 0,
    "PhilipsRescaleSlope": 8.61831,
    "PhilipsScaleSlope": 0.00574157,
    "PixelBandwidth": 310,
    "ProcedureStepDescription": "PROTOCOLO_EDUARDO_TMS",
    "ProtocolName": "WIP_sT1W_3D_TFE_32_channel",
    "ReconMatrixPE": 240,
    "RepetitionTime": 0.007,
    "SAR": 0.0382114,
    "ScanOptions": "OTHER",
    "ScanningSequence": "GR",
    "SequenceVariant": "MP",
    "SeriesDescription": "sT1W_3D_TFE_32_channel",
    "SeriesNumber": 401,
    "SliceThickness": 1,
    "SoftwareVersions": "5.3.1_5.3.1.0",
    "SpacingBetweenSlices": 1,
    "StationName": "PHILIPS-CTMFQSD",
    "UsePhilipsFloatNotDisplayScaling": 1,
    "dataset": "ds003037",
    "modality": "T1w",
    "session_id": "t3",
    "subject_id": "032"
  },
  "cjv": 0.39114735949053325,
  "cnr": 3.4267358736919618,
  "efc": 0.7318749641105544,
  "fber": -1.0,
  "fwhm_avg": 4.578360000000001,
  "fwhm_x": 4.38794,
  "fwhm_y": 4.99265,
  "fwhm_z": 4.35449,
  "icvs_csf": 0.2521918604493512,
  "icvs_gm": 0.3786573932576179,
  "icvs_wm": 0.36915074629303096,
  "inu_med": 0.412479504942894,
  "inu_range": 0.16886784434318547,
  "provenance": {
    "md5sum": "6c692029237fd7a356f73a2ebce80eaa",
    "settings": {
      "testing": false
    },
    "software": "mriqc",
    "version": "22.0.6",
    "warnings": {
      "large_rot_frame": true,
      "small_air_mask": false
    },
    "webapi_port": null,
    "webapi_url": "https://mriqc.nimh.nih.gov/api/v1"
  },
  "qi_1": 0.000493382009554234,
  "qi_2": 5.551303014259437e-05,
  "rpve_csf": 19.759422660461688,
  "rpve_gm": 12.499040332929242,
  "rpve_wm": 15.379407831329802,
  "size_x": 180,
  "size_y": 240,
  "size_z": 240,
  "snr_csf": 3.1919561873633997,
  "snr_gm": 12.911862822506743,
  "snr_total": 14.347422936612814,
  "snr_wm": 26.938449799968296,
  "snrd_csf": 32.0549957205492,
  "snrd_gm": 79.09226969759148,
  "snrd_total": 71.71753183719551,
  "snrd_wm": 104.00533009344586,
  "spacing_x": 1.0,
  "spacing_y": 1.0,
  "spacing_z": 1.0,
  "summary_bg_k": 13.934763365948307,
  "summary_bg_mad": 0.0,
  "summary_bg_mean": 2.748030383852291,
  "summary_bg_median": 0.0,
  "summary_bg_n": 359576.0,
  "summary_bg_p05": 0.0,
  "summary_bg_p95": 15.821911185979843,
  "summary_bg_stdv": 6.299065500688565,
  "summary_csf_k": 1.0154540085817807,
  "summary_csf_mad": 82.68122313434719,
  "summary_csf_mean": 318.48897998887963,
  "summary_csf_median": 308.2053106315434,
  "summary_csf_n": 68343.0,
  "summary_csf_p05": 181.17238156143577,
  "summary_csf_p95": 497.3990332128479,
  "summary_csf_stdv": 96.5561673439018,
  "summary_gm_k": 0.1508135320054853,
  "summary_gm_mad": 57.31428292323201,
  "summary_gm_mean": 759.67756273549,
  "summary_gm_median": 760.4636033400893,
  "summary_gm_n": 20384.0,
  "summary_gm_p05": 661.1167191490531,
  "summary_gm_p95": 856.0159884821624,
  "summary_gm_stdv": 58.89506108613644,
  "summary_wm_k": 0.3429005111531307,
  "summary_wm_mad": 36.37973817911276,
  "summary_wm_mean": 999.9445645903139,
  "summary_wm_median": 999.9999796673656,
  "summary_wm_n": 210709.0,
  "summary_wm_p05": 939.3569857757539,
  "summary_wm_p95": 1059.6541041098535,
  "summary_wm_stdv": 37.12157210786847,
  "tpm_overlap_csf": 0.15979568328024107,
  "tpm_overlap_gm": 0.4415204194009171,
  "tpm_overlap_wm": 0.5140098100912495,
  "wm2max": 0.9088324947870842
}