{
  "bids_meta": {
    "AcquisitionMatrixPE": 240,
    "AcquisitionNumber": 4,
    "AcquisitionTime": "12:03:29.820000",
    "CoilString": "MULTI_COIL",
    "ConversionSoftware": "dcm2niix",
    "ConversionSoftwareVersion": "v1.0.20190410  (JP2:OpenJPEG) GCC6.3.0",
    "Dcm2bidsVersion": "2.1.4",
    "DeviceSerialNumber": "42451",
    "EchoTime": 0.003501,
    "EchoTrainLength": 240,
    "FlipAngle": 8,
    "ImageOrientationPatientDICOM": [
      -0.0042116,
      0.999988,
      -0.00249007,
      -0.00362181,
      -0.00250533,
      -0.99999
    ],
    "ImageType": [
      "ORIGINAL",
      "PRIMARY",
      "M",
      "FFE",
      "M",
      "FFE"
    ],
    "ImagingFrequency": 127.766,
    "InPlanePhaseEncodingDirectionDICOM": "ROW",
    "InstitutionAddress": "Calzada_Mexico_Xochimilco_No.101_Tlalpan",
    "InstitutionName": "I.N._Psiquiatria",
    "InstitutionalDepartmentName": "Imagenes_Cerebrales",
    "MRAcquisitionType": "3D",
    "MagneticFieldStrength": 3,
    "Manufacturer": "Philips",
    "ManufacturersModelName": "Ingenia",
    "Modality": "MR",
    "PatientPosition": "HFS",
    "PercentPhaseFOV": 100,
    "PhaseEncodingSteps": 240,
    "PhilipsRescaleIntercept": 0,
    "PhilipsRescaleSlope": 11.3939,
    "PhilipsScaleSlope": 0.00548887,
    "PixelBandwidth": 310,
    "ProcedureStepDescription": "EDUARDO_TMS",
    "ProtocolName": "WIP_sT1W_3D_TFE_32_channel_SENSE",
    "ReconMatrixPE": 240,
    "RepetitionTime": 0.007,
    "SAR": 0.0382114,
    "ScanOptions": "OTHER",
    "ScanningSequence": "GR",
    "SequenceVariant": "MP",
    "SeriesDescription": "sT1W_3D_TFE_32_channel",
    "SeriesNumber": 401,
    "SliceThickness": 1,
    "SoftwareVersions": "5.1.7_5.1.7.2",
    "SpacingBetweenSlices": 1,
    "StationName": "INGENIA",
    "UsePhilipsFloatNotDisplayScaling": 1,
    "dataset": "ds003037",
    "modality": "T1w",
    "session_id": "t1",
    "subject_id": "011"
  },
  "cjv": 0.3456741021583142,
  "cnr": 3.958242538846103,
  "efc": 0.782335654324557,
  "fber": 3758.481009365245,
  "fwhm_avg": 4.341826666666666,
  "fwhm_x": 4.11045,
  "fwhm_y": 4.83204,
  "fwhm_z": 4.08299,
  "icvs_csf": 0.1915942447760142,
  "icvs_gm": 0.4206852708494341,
  "icvs_wm": 0.38772048437455175,
  "inu_med": 0.3978376090526581,
  "inu_range": 0.13978486359119413,
  "provenance": {
    "md5sum": "6ccb14f935a8e442efe4c676ca1a1f28",
    "settings": {
      "testing": false
    },
    "software": "mriqc",
    "version": "22.0.6",
    "warnings": {
      "large_rot_frame": true,
      "small_air_mask": true
    },
    "webapi_port": null,
    "webapi_url": "https://mriqc.nimh.nih.gov/api/v1"
  },
  "qi_1": 0.0,
  "qi_2": 0.0001541856824268236,
  "rpve_csf": 22.420005579384174,
  "rpve_gm": 10.788528748978218,
  "rpve_wm": 13.809985105877201,
  "size_x": 180,
  "size_y": 240,
  "size_z": 240,
  "snr_csf": 2.725386875279292,
  "snr_gm": 13.328177774271929,
  "snr_total": 15.00128923882255,
  "snr_wm": 28.950303066916426,
  "snrd_csf": 107.11969507274404,
  "snrd_gm": 236.8971062061255,
  "snrd_total": 221.26206596908034,
  "snrd_wm": 319.76939662837145,
  "spacing_x": 1.0,
  "spacing_y": 1.0,
  "spacing_z": 1.0,
  "summary_bg_k": 130.70392372370415,
  "summary_bg_mad": 0.0,
  "summary_bg_mean": 0.2765563034615319,
  "summary_bg_median": 0.0,
  "summary_bg_n": 79358.0,
  "summary_bg_p05": 0.0,
  "summary_bg_p95": 0.0,
  "summary_bg_stdv": 2.0488253530590734,
  "summary_csf_k": 0.6766986816270331,
  "summary_csf_mad": 97.23481419329475,
  "summary_csf_mean": 329.6530111912893,
  "summary_csf_median": 334.99824933707714,
  "summary_csf_n": 27568.0,
  "summary_csf_p05": 94.0039573609829,
  "summary_csf_p95": 529.0871978625655,
  "summary_csf_stdv": 122.91545705573108,
  "summary_gm_k": -0.028599239107464314,
  "summary_gm_mad": 56.10032773445907,
  "summary_gm_mean": 742.4345548677821,
  "summary_gm_median": 740.854572057724,
  "summary_gm_n": 36400.0,
  "summary_gm_p05": 653.159847356379,
  "summary_gm_p95": 834.6023878455162,
  "summary_gm_stdv": 55.5848224686894,
  "summary_wm_k": 0.338065898841335,
  "summary_wm_mad": 33.48758024764634,
  "summary_wm_mean": 1000.7453654797318,
  "summary_wm_median": 1000.0232729315758,
  "summary_wm_n": 242380.0,
  "summary_wm_p05": 945.3021186590195,
  "summary_wm_p95": 1058.516694009304,
  "summary_wm_stdv": 34.542685363033705,
  "tpm_overlap_csf": 0.15833395220681942,
  "tpm_overlap_gm": 0.457124449384368,
  "tpm_overlap_wm": 0.5086352359681094,
  "wm2max": 0.8355903101837497
}