{
  "bids_meta": {
    "AcquisitionMatrixPE": 240,
    "AcquisitionNumber": 4,
    "AcquisitionTime": "13:00:43.470000",
    "BodyPartExamined": "BRAIN",
    "CoilString": "MULTI_COIL",
    "ConversionSoftware": "dcm2niix",
    "ConversionSoftwareVersion": "v1.0.20190410  (JP2:OpenJPEG) GCC6.3.0",
    "Dcm2bidsVersion": "2.1.4",
    "DeviceSerialNumber": "42451",
    "EchoTime": 0.0035,
    "EchoTrainLength": 240,
    "FlipAngle": 8,
    "ImageOrientationPatientDICOM": [
      0.058034,
      0.998312,
      -0.00207527,
      -8.36142e-05,
      -0.00207392,
      -0.999998
    ],
    "ImageType": [
      "ORIGINAL",
      "PRIMARY",
      "M",
      "FFE",
      "M",
      "FFE"
    ],
    "ImagingFrequency": 127.76,
    "InPlanePhaseEncodingDirectionDICOM": "ROW",
    "InstitutionAddress": "Calzada_Mexico_Xochimilco_No.101_Tlalpan",
    "InstitutionName": "I.N._Psiquiatria",
    "InstitutionalDepartmentName": "Imagenes_Cerebrales",
    "MRAcquisitionType": "3D",
    "MagneticFieldStrength": 3,
    "Manufacturer": "Philips",
    "ManufacturersModelName": "Ingenia",
    "Modality": "MR",
    "PatientPosition": "HFS",
    "PercentPhaseFOV": 100,
    "PhaseEncodingSteps": 240,
    "PhilipsRescaleIntercept": 0,
    "PhilipsRescaleSlope": 5.79609,
    "PhilipsScaleSlope": 0.00547479,
    "PixelBandwidth": 310,
    "ProcedureStepDescription": "EDUARDO_TMS",
    "ProtocolName": "sT1W_3D_TFE_32_channel",
    "ReconMatrixPE": 240,
    "RepetitionTime": 0.007,
    "SAR": 0.0382114,
    "ScanOptions": "OTHER",
    "ScanningSequence": "GR",
    "SequenceVariant": "MP",
    "SeriesDescription": "sT1W_3D_TFE_32_channel",
    "SeriesNumber": 401,
    "SliceThickness": 1,
    "SoftwareVersions": "5.3.1_5.3.1.1",
    "SpacingBetweenSlices": 1,
    "StationName": "PHILIPS-CTMFQSD",
    "UsePhilipsFloatNotDisplayScaling": 1,
    "dataset": "ds003037",
    "modality": "T1w",
    "session_id": "t0",
    "subject_id": "024"
  },
  "cjv": 0.38425537154997746,
  "cnr": 3.5372702739191575,
  "efc": 0.7116877532580775,
  "fber": -1.0,
  "fwhm_avg": 4.311319999999999,
  "fwhm_x": 4.2639,
  "fwhm_y": 4.55848,
  "fwhm_z": 4.11158,
  "icvs_csf": 0.22072304371806178,
  "icvs_gm": 0.42007112275377484,
  "icvs_wm": 0.3592058335281634,
  "inu_med": 0.4229135811328888,
  "inu_range": 0.18019674867391583,
  "provenance": {
    "md5sum": "be848f4ee21cea66a875c0694d320e3a",
    "settings": {
      "testing": false
    },
    "software": "mriqc",
    "version": "22.0.6",
    "warnings": {
      "large_rot_frame": true,
      "small_air_mask": false
    },
    "webapi_port": null,
    "webapi_url": "https://mriqc.nimh.nih.gov/api/v1"
  },
  "qi_1": 0.0,
  "qi_2": 2.0643715446014964e-05,
  "rpve_csf": 24.051177849153145,
  "rpve_gm": 12.865983011753935,
  "rpve_wm": 17.07145167148451,
  "size_x": 180,
  "size_y": 240,
  "size_z": 240,
  "snr_csf": 2.943037805381366,
  "snr_gm": 16.618486008571406,
  "snr_total": 15.145153715222454,
  "snr_wm": 25.873937331714586,
  "snrd_csf": 40.70952681452274,
  "snrd_gm": 95.60789807101983,
  "snrd_total": 86.11360991302818,
  "snrd_wm": 122.02340485354198,
  "spacing_x": 1.0,
  "spacing_y": 1.0,
  "spacing_z": 1.0,
  "summary_bg_k": 224.57344906561391,
  "summary_bg_mad": 0.0,
  "summary_bg_mean": 2.0965237607059137,
  "summary_bg_median": 0.0,
  "summary_bg_n": 406542.0,
  "summary_bg_p05": 0.0,
  "summary_bg_p95": 13.60269327647984,
  "summary_bg_stdv": 5.3690849869863,
  "summary_csf_k": 1.3418710069366728,
  "summary_csf_mad": 84.70300956331303,
  "summary_csf_mean": 333.9989874503041,
  "summary_csf_median": 333.6296216286719,
  "summary_csf_n": 38083.0,
  "summary_csf_p05": 111.05723639391363,
  "summary_csf_p95": 520.5117720291018,
  "summary_csf_stdv": 113.36084120085934,
  "summary_gm_k": 0.2954591570711962,
  "summary_gm_mad": 46.125401247348684,
  "summary_gm_mean": 782.8405356616157,
  "summary_gm_median": 783.5420687515289,
  "summary_gm_n": 29516.0,
  "summary_gm_p05": 705.4006564840674,
  "summary_gm_p95": 858.5589019693434,
  "summary_gm_stdv": 47.148025100477994,
  "summary_wm_k": 0.43042783622987946,
  "summary_wm_mad": 37.06006264722041,
  "summary_wm_mean": 1001.755497072556,
  "summary_wm_median": 1000.0269120447338,
  "summary_wm_n": 175408.0,
  "summary_wm_p05": 941.6565430741757,
  "summary_wm_p95": 1068.3905467689037,
  "summary_wm_stdv": 38.649860229856365,
  "tpm_overlap_csf": 0.16046626211827641,
  "tpm_overlap_gm": 0.46175543128559193,
  "tpm_overlap_wm": 0.5214308578737681,
  "wm2max": 0.7607942785712822
}