{
  "bids_meta": {
    "AcquisitionMatrixPE": 240,
    "AcquisitionNumber": 5,
    "AcquisitionTime": "11:43:25.850000",
    "BodyPartExamined": "BRAIN",
    "CoilString": "MULTI_COIL",
    "ConversionSoftware": "dcm2niix",
    "ConversionSoftwareVersion": "v1.0.20190410  (JP2:OpenJPEG) GCC6.3.0",
    "Dcm2bidsVersion": "2.1.4",
    "DeviceSerialNumber": "42451",
    "EchoTime": 0.0035,
    "EchoTrainLength": 240,
    "FlipAngle": 8,
    "ImageOrientationPatientDICOM": [
      -0.0376868,
      0.999237,
      0.0102584,
      -0.00396272,
      0.0101161,
      -0.999941
    ],
    "ImageType": [
      "ORIGINAL",
      "PRIMARY",
      "M",
      "FFE",
      "M",
      "FFE"
    ],
    "ImagingFrequency": 127.76,
    "InPlanePhaseEncodingDirectionDICOM": "ROW",
    "InstitutionAddress": "Calzada_Mexico_Xochimilco_No.101_Tlalpan",
    "InstitutionName": "I.N._Psiquiatria",
    "InstitutionalDepartmentName": "Imagenes_Cerebrales",
    "MRAcquisitionType": "3D",
    "MagneticFieldStrength": 3,
    "Manufacturer": "Philips",
    "ManufacturersModelName": "Ingenia",
    "Modality": "MR",
    "PatientPosition": "HFS",
    "PercentPhaseFOV": 100,
    "PhaseEncodingSteps": 240,
    "PhilipsRescaleIntercept": 0,
    "PhilipsRescaleSlope": 9.97045,
    "PhilipsScaleSlope": 0.00620692,
    "PixelBandwidth": 310,
    "ProcedureStepDescription": "EDUARDO_TMS",
    "ProtocolName": "WIP_sT1W_3D_TFE_32_channel",
    "ReconMatrixPE": 240,
    "RepetitionTime": 0.007,
    "SAR": 0.0382114,
    "ScanOptions": "OTHER",
    "ScanningSequence": "GR",
    "SequenceVariant": "MP",
    "SeriesDescription": "sT1W_3D_TFE_32_channel",
    "SeriesNumber": 501,
    "SliceThickness": 1,
    "SoftwareVersions": "5.3.1_5.3.1.0",
    "SpacingBetweenSlices": 1,
    "StationName": "PHILIPS-CTMFQSD",
    "UsePhilipsFloatNotDisplayScaling": 1,
    "dataset": "ds003037",
    "modality": "T1w",
    "session_id": "t3",
    "subject_id": "024"
  },
  "cjv": 0.4014135086162948,
  "cnr": 3.388451949320644,
  "efc": 0.7270102462387964,
  "fber": -1.0,
  "fwhm_avg": 4.33035,
  "fwhm_x": 4.24822,
  "fwhm_y": 4.5899,
  "fwhm_z": 4.15293,
  "icvs_csf": 0.22864274262423254,
  "icvs_gm": 0.40432125806689967,
  "icvs_wm": 0.3670359993088678,
  "inu_med": 0.5114229321479797,
  "inu_range": 0.2137923330068588,
  "provenance": {
    "md5sum": "4cff11058c4dc10e095e4bd036cf6078",
    "settings": {
      "testing": false
    },
    "software": "mriqc",
    "version": "22.0.6",
    "warnings": {
      "large_rot_frame": true,
      "small_air_mask": false
    },
    "webapi_port": null,
    "webapi_url": "https://mriqc.nimh.nih.gov/api/v1"
  },
  "qi_1": 0.0,
  "qi_2": 0.0001197652831139601,
  "rpve_csf": 23.17205902534832,
  "rpve_gm": 13.000565907206479,
  "rpve_wm": 16.547594351683447,
  "size_x": 180,
  "size_y": 240,
  "size_z": 240,
  "snr_csf": 3.091814746460242,
  "snr_gm": 14.888869507717398,
  "snr_total": 13.550003206721948,
  "snr_wm": 22.66932536598821,
  "snrd_csf": 30.4543503799717,
  "snrd_gm": 71.88469454568359,
  "snrd_total": 65.28526039562098,
  "snrd_wm": 93.51673626120765,
  "spacing_x": 1.0,
  "spacing_y": 1.0,
  "spacing_z": 1.0,
  "summary_bg_k": 15.398725003835697,
  "summary_bg_mad": 0.0,
  "summary_bg_mean": 2.86939577189351,
  "summary_bg_median": 0.0,
  "summary_bg_n": 410810.0,
  "summary_bg_p05": 0.0,
  "summary_bg_p95": 17.21992869861424,
  "summary_bg_stdv": 7.005750509410513,
  "summary_csf_k": 1.1266961028175198,
  "summary_csf_mad": 86.25386123215804,
  "summary_csf_mean": 328.73052460200216,
  "summary_csf_median": 325.66589291673154,
  "summary_csf_n": 40590.0,
  "summary_csf_p05": 143.7100601219572,
  "summary_csf_p95": 508.45444640144706,
  "summary_csf_stdv": 105.33033442998787,
  "summary_gm_k": 0.28316405743181194,
  "summary_gm_mad": 51.14445234665021,
  "summary_gm_mean": 767.7947093724797,
  "summary_gm_median": 768.7044032849371,
  "summary_gm_n": 20443.0,
  "summary_gm_p05": 682.0675206370652,
  "summary_gm_p95": 849.341172846034,
  "summary_gm_stdv": 51.628204645912255,
  "summary_wm_k": 0.5970274108024722,
  "summary_wm_mad": 41.71207384009587,
  "summary_wm_mean": 1002.5942852174976,
  "summary_wm_median": 1000.028273044154,
  "summary_wm_n": 177866.0,
  "summary_wm_p05": 935.0788868032396,
  "summary_wm_p95": 1079.2215658235364,
  "summary_wm_stdv": 44.113596047111194,
  "tpm_overlap_csf": 0.17030661515138262,
  "tpm_overlap_gm": 0.4566701146343321,
  "tpm_overlap_wm": 0.5226744844542408,
  "wm2max": 0.7500636240244316
}