{
  "bids_meta": {
    "AcquisitionMatrixPE": 240,
    "AcquisitionNumber": 4,
    "AcquisitionTime": "08:53:48.880000",
    "BodyPartExamined": "BRAIN",
    "CoilString": "MULTI_COIL",
    "ConversionSoftware": "dcm2niix",
    "ConversionSoftwareVersion": "v1.0.20190410  (JP2:OpenJPEG) GCC6.3.0",
    "Dcm2bidsVersion": "2.1.4",
    "DeviceSerialNumber": "42451",
    "EchoTime": 0.0035,
    "EchoTrainLength": 240,
    "FlipAngle": 8,
    "ImageOrientationPatientDICOM": [
      -0.00123585,
      0.99999,
      0.00427007,
      -0.00362691,
      0.00426556,
      -0.999984
    ],
    "ImageType": [
      "ORIGINAL",
      "PRIMARY",
      "M",
      "FFE",
      "M",
      "FFE"
    ],
    "ImagingFrequency": 127.759,
    "InPlanePhaseEncodingDirectionDICOM": "ROW",
    "InstitutionAddress": "Calzada_Mexico_Xochimilco_No.101_Tlalpan",
    "InstitutionName": "I.N._Psiquiatria",
    "InstitutionalDepartmentName": "Imagenes_Cerebrales",
    "MRAcquisitionType": "3D",
    "MagneticFieldStrength": 3,
    "Manufacturer": "Philips",
    "ManufacturersModelName": "Ingenia",
    "Modality": "MR",
    "PatientPosition": "HFS",
    "PercentPhaseFOV": 100,
    "PhaseEncodingSteps": 240,
    "PhilipsRescaleIntercept": 0,
    "PhilipsRescaleSlope": 3.54066,
    "PhilipsScaleSlope": 0.00574091,
    "PixelBandwidth": 310,
    "ProcedureStepDescription": "PROTOCOLO_EDUARDO_MTS",
    "ProtocolName": "WIP_sT1W_3D_TFE_32_channel",
    "ReconMatrixPE": 240,
    "RepetitionTime": 0.007,
    "SAR": 0.0382114,
    "ScanOptions": "OTHER",
    "ScanningSequence": "GR",
    "SequenceVariant": "MP",
    "SeriesDescription": "sT1W_3D_TFE_32_channel",
    "SeriesNumber": 401,
    "SliceThickness": 1,
    "SoftwareVersions": "5.3.1_5.3.1.0",
    "SpacingBetweenSlices": 1,
    "StationName": "PHILIPS-CTMFQSD",
    "UsePhilipsFloatNotDisplayScaling": 1,
    "dataset": "ds003037",
    "modality": "T1w",
    "session_id": "t1",
    "subject_id": "048"
  },
  "cjv": 0.36679799032360183,
  "cnr": 3.6613422451646183,
  "efc": 0.7037297635621665,
  "fber": -1.0,
  "fwhm_avg": 4.522653333333333,
  "fwhm_x": 4.47549,
  "fwhm_y": 4.79876,
  "fwhm_z": 4.29371,
  "icvs_csf": 0.24979770766440257,
  "icvs_gm": 0.3940833531374995,
  "icvs_wm": 0.356118939198098,
  "inu_med": 0.4548524022102356,
  "inu_range": 0.1923188373446464,
  "provenance": {
    "md5sum": "0255e2f5b62139e402d02109721e754a",
    "settings": {
      "testing": false
    },
    "software": "mriqc",
    "version": "22.0.6",
    "warnings": {
      "large_rot_frame": true,
      "small_air_mask": false
    },
    "webapi_port": null,
    "webapi_url": "https://mriqc.nimh.nih.gov/api/v1"
  },
  "qi_1": 0.0,
  "qi_2": 5.177827174372558e-05,
  "rpve_csf": 19.01464195413346,
  "rpve_gm": 11.738931074833499,
  "rpve_wm": 15.389116177249033,
  "size_x": 180,
  "size_y": 240,
  "size_z": 240,
  "snr_csf": 3.4365928725993373,
  "snr_gm": 14.36342896936179,
  "snr_total": 15.748442332793227,
  "snr_wm": 29.445305156418556,
  "snrd_csf": 34.495106959043085,
  "snrd_gm": 80.72834605489969,
  "snrd_total": 73.48507329141057,
  "snrd_wm": 105.23176686028891,
  "spacing_x": 1.0,
  "spacing_y": 1.0,
  "spacing_z": 1.0,
  "summary_bg_k": 19.13636068334708,
  "summary_bg_mad": 0.0,
  "summary_bg_mean": 3.057500847572317,
  "summary_bg_median": 0.0,
  "summary_bg_n": 705915.0,
  "summary_bg_p05": 0.0,
  "summary_bg_p95": 16.303624572232366,
  "summary_bg_stdv": 6.225652181687921,
  "summary_csf_k": 1.6409487420305462,
  "summary_csf_mad": 73.1462812017611,
  "summary_csf_mean": 334.5911353184599,
  "summary_csf_median": 327.80126077122986,
  "summary_csf_n": 61104.0,
  "summary_csf_p05": 181.41439348645508,
  "summary_csf_p95": 502.7447376860305,
  "summary_csf_stdv": 95.38475769167209,
  "summary_gm_k": 0.14236716105052905,
  "summary_gm_mad": 53.46973439869975,
  "summary_gm_mean": 765.877587137334,
  "summary_gm_median": 767.1480377838016,
  "summary_gm_n": 29377.0,
  "summary_gm_p05": 677.5179973132908,
  "summary_gm_p95": 851.3524022139609,
  "summary_gm_stdv": 53.40890273200642,
  "summary_wm_k": 0.6715663079107386,
  "summary_wm_mad": 31.939885592143657,
  "summary_wm_mean": 1001.2202642399866,
  "summary_wm_median": 999.9999678488821,
  "summary_wm_n": 215364.0,
  "summary_wm_p05": 947.8975199908018,
  "summary_wm_p95": 1059.0440894644707,
  "summary_wm_stdv": 33.961191466120475,
  "tpm_overlap_csf": 0.16346390537467373,
  "tpm_overlap_gm": 0.44493523565472,
  "tpm_overlap_wm": 0.5062009591771027,
  "wm2max": 0.7060049505595015
}