{
  "bids_meta": {
    "AcquisitionMatrixPE": 240,
    "AcquisitionNumber": 4,
    "AcquisitionTime": "09:45:23.710000",
    "BodyPartExamined": "BRAIN",
    "CoilString": "MULTI_COIL",
    "ConversionSoftware": "dcm2niix",
    "ConversionSoftwareVersion": "v1.0.20190410  (JP2:OpenJPEG) GCC6.3.0",
    "Dcm2bidsVersion": "2.1.4",
    "DeviceSerialNumber": "42451",
    "EchoTime": 0.0035,
    "EchoTrainLength": 240,
    "FlipAngle": 8,
    "ImageOrientationPatientDICOM": [
      -0.0042116,
      0.999968,
      -0.00677073,
      -0.00362181,
      -0.00678599,
      -0.99997
    ],
    "ImageType": [
      "ORIGINAL",
      "PRIMARY",
      "M",
      "FFE",
      "M",
      "FFE"
    ],
    "ImagingFrequency": 127.759,
    "InPlanePhaseEncodingDirectionDICOM": "ROW",
    "InstitutionAddress": "Calzada_Mexico_Xochimilco_No.101_Tlalpan",
    "InstitutionName": "I.N._Psiquiatria",
    "InstitutionalDepartmentName": "Imagenes_Cerebrales",
    "MRAcquisitionType": "3D",
    "MagneticFieldStrength": 3,
    "Manufacturer": "Philips",
    "ManufacturersModelName": "Ingenia",
    "Modality": "MR",
    "PatientPosition": "HFS",
    "PercentPhaseFOV": 100,
    "PhaseEncodingSteps": 240,
    "PhilipsRescaleIntercept": 0,
    "PhilipsRescaleSlope": 4.06081,
    "PhilipsScaleSlope": 0.00590388,
    "PixelBandwidth": 310,
    "ProcedureStepDescription": "EDUARDO_TMS",
    "ProtocolName": "WIP_sT1W_3D_TFE_32_channel",
    "ReconMatrixPE": 240,
    "RepetitionTime": 0.007,
    "SAR": 0.0382114,
    "ScanOptions": "OTHER",
    "ScanningSequence": "GR",
    "SequenceVariant": "MP",
    "SeriesDescription": "sT1W_3D_TFE_32_channel",
    "SeriesNumber": 401,
    "SliceThickness": 1,
    "SoftwareVersions": "5.3.1_5.3.1.1",
    "SpacingBetweenSlices": 1,
    "StationName": "PHILIPS-CTMFQSD",
    "UsePhilipsFloatNotDisplayScaling": 1,
    "dataset": "ds003037",
    "modality": "T1w",
    "session_id": "t1",
    "subject_id": "019"
  },
  "cjv": 0.38687142910108585,
  "cnr": 3.52739614334958,
  "efc": 0.7297453343086521,
  "fber": -1.0,
  "fwhm_avg": 4.38069,
  "fwhm_x": 4.39332,
  "fwhm_y": 4.59004,
  "fwhm_z": 4.15871,
  "icvs_csf": 0.22067836181940964,
  "icvs_gm": 0.4000942463199749,
  "icvs_wm": 0.37922739186061544,
  "inu_med": 0.4551452696323395,
  "inu_range": 0.17472905516624448,
  "provenance": {
    "md5sum": "7a7b8ee1d5d7783055923711e21a0807",
    "settings": {
      "testing": false
    },
    "software": "mriqc",
    "version": "22.0.6",
    "warnings": {
      "large_rot_frame": true,
      "small_air_mask": false
    },
    "webapi_port": null,
    "webapi_url": "https://mriqc.nimh.nih.gov/api/v1"
  },
  "qi_1": 0.0,
  "qi_2": 9.678054638719489e-05,
  "rpve_csf": 22.693712159782418,
  "rpve_gm": 12.391830891941892,
  "rpve_wm": 15.340387199537068,
  "size_x": 180,
  "size_y": 240,
  "size_z": 240,
  "snr_csf": 2.7070483969527253,
  "snr_gm": 13.911639620648295,
  "snr_total": 13.806178605523433,
  "snr_wm": 24.799847798969278,
  "snrd_csf": 28.643313183995044,
  "snrd_gm": 66.74903104395526,
  "snrd_total": 61.10362614077267,
  "snrd_wm": 87.91853419436772,
  "spacing_x": 1.0,
  "spacing_y": 1.0,
  "spacing_z": 1.0,
  "summary_bg_k": 20.133039977499426,
  "summary_bg_mad": 0.0,
  "summary_bg_mean": 3.1000866155764983,
  "summary_bg_median": 0.0,
  "summary_bg_n": 380889.0,
  "summary_bg_p05": 0.0,
  "summary_bg_p95": 17.524313805624843,
  "summary_bg_stdv": 7.451803223561866,
  "summary_csf_k": 0.6062485806915467,
  "summary_csf_mad": 98.1278065945842,
  "summary_csf_mean": 317.2043182279422,
  "summary_csf_median": 325.80136520881206,
  "summary_csf_n": 47950.0,
  "summary_csf_p05": 88.7589085996151,
  "summary_csf_p95": 507.19658190635954,
  "summary_csf_stdv": 120.35173373877086,
  "summary_gm_k": 0.21594025958260143,
  "summary_gm_mad": 53.993522197756484,
  "summary_gm_mean": 758.7074046384244,
  "summary_gm_median": 759.2321914993227,
  "summary_gm_n": 21167.0,
  "summary_gm_p05": 667.996667955257,
  "summary_gm_p95": 846.4986320490018,
  "summary_gm_stdv": 54.5740313617937,
  "summary_wm_k": 0.36312759547524376,
  "summary_wm_mad": 39.161649624631536,
  "summary_wm_mean": 1001.0175198153596,
  "summary_wm_median": 1000.0232264921069,
  "summary_wm_n": 205199.0,
  "summary_wm_p05": 936.9821188151836,
  "summary_wm_p95": 1068.9831421431154,
  "summary_wm_stdv": 40.32366641439862,
  "tpm_overlap_csf": 0.15613051550167625,
  "tpm_overlap_gm": 0.44096136851194484,
  "tpm_overlap_wm": 0.5020133316110199,
  "wm2max": 0.8229833241007812
}