{
  "bids_meta": {
    "AcquisitionMatrixPE": 240,
    "AcquisitionNumber": 4,
    "AcquisitionTime": "09:57:18.070000",
    "CoilString": "MULTI_COIL",
    "ConversionSoftware": "dcm2niix",
    "ConversionSoftwareVersion": "v1.0.20190410  (JP2:OpenJPEG) GCC6.3.0",
    "Dcm2bidsVersion": "2.1.4",
    "DeviceSerialNumber": "42451",
    "EchoTime": 0.003501,
    "EchoTrainLength": 240,
    "FlipAngle": 8,
    "ImageOrientationPatientDICOM": [
      0.00108627,
      0.999997,
      -0.00227673,
      -0.0036339,
      -0.00227277,
      -0.999991
    ],
    "ImageType": [
      "ORIGINAL",
      "PRIMARY",
      "M",
      "FFE",
      "M",
      "FFE"
    ],
    "ImagingFrequency": 127.766,
    "InPlanePhaseEncodingDirectionDICOM": "ROW",
    "InstitutionAddress": "Calzada_Mexico_Xochimilco_No.101_Tlalpan",
    "InstitutionName": "I.N._Psiquiatria",
    "InstitutionalDepartmentName": "Imagenes_Cerebrales",
    "MRAcquisitionType": "3D",
    "MagneticFieldStrength": 3,
    "Manufacturer": "Philips",
    "ManufacturersModelName": "Ingenia",
    "Modality": "MR",
    "PatientPosition": "HFS",
    "PercentPhaseFOV": 100,
    "PhaseEncodingSteps": 240,
    "PhilipsRescaleIntercept": 0,
    "PhilipsRescaleSlope": 12.3304,
    "PhilipsScaleSlope": 0.0053783,
    "PixelBandwidth": 310,
    "ProcedureStepDescription": "EDUARDO_TMS",
    "ProtocolName": "WIP_sT1W_3D_TFE_32_channel_SENSE",
    "ReconMatrixPE": 240,
    "RepetitionTime": 0.007,
    "SAR": 0.0382114,
    "ScanOptions": "OTHER",
    "ScanningSequence": "GR",
    "SequenceVariant": "MP",
    "SeriesDescription": "sT1W_3D_TFE_32_channel",
    "SeriesNumber": 401,
    "SliceThickness": 1,
    "SoftwareVersions": "5.1.7_5.1.7.2",
    "SpacingBetweenSlices": 1,
    "StationName": "INGENIA",
    "UsePhilipsFloatNotDisplayScaling": 1,
    "dataset": "ds003037",
    "modality": "T1w",
    "session_id": "t0",
    "subject_id": "012"
  },
  "cjv": 0.3516437248353964,
  "cnr": 3.9316419784331273,
  "efc": 0.7941353086465455,
  "fber": -1.0,
  "fwhm_avg": 4.744693333333333,
  "fwhm_x": 4.61067,
  "fwhm_y": 5.16799,
  "fwhm_z": 4.45542,
  "icvs_csf": 0.21257889767862267,
  "icvs_gm": 0.4153205491077287,
  "icvs_wm": 0.37210055321364865,
  "inu_med": 0.4405156373977661,
  "inu_range": 0.16746066510677338,
  "provenance": {
    "md5sum": "44f52d4030bc717296ecf6e0f5ae8b96",
    "settings": {
      "testing": false
    },
    "software": "mriqc",
    "version": "22.0.6",
    "warnings": {
      "large_rot_frame": true,
      "small_air_mask": true
    },
    "webapi_port": null,
    "webapi_url": "https://mriqc.nimh.nih.gov/api/v1"
  },
  "qi_1": 0.0,
  "qi_2": 0.00020700842452840032,
  "rpve_csf": 21.831261044721977,
  "rpve_gm": 11.470494317511502,
  "rpve_wm": 14.817415645353922,
  "size_x": 180,
  "size_y": 240,
  "size_z": 240,
  "snr_csf": 2.9882297047099615,
  "snr_gm": 14.795360790988491,
  "snr_total": 14.341887062791741,
  "snr_wm": 25.242070692676773,
  "snrd_csf": 104.27160478035684,
  "snrd_gm": 263.72764506085923,
  "snrd_total": 240.27405116281037,
  "snrd_wm": 352.82290364721507,
  "spacing_x": 1.0,
  "spacing_y": 1.0,
  "spacing_z": 1.0,
  "summary_bg_k": 796.5956536214468,
  "summary_bg_mad": 0.0,
  "summary_bg_mean": 0.18189717700283634,
  "summary_bg_median": 0.0,
  "summary_bg_n": 105684.0,
  "summary_bg_p05": 0.0,
  "summary_bg_p95": 0.0,
  "summary_bg_stdv": 1.8568859644413445,
  "summary_csf_k": 1.718475456432846,
  "summary_csf_mad": 83.14870842344315,
  "summary_csf_mean": 304.2775647379885,
  "summary_csf_median": 295.54224037379026,
  "summary_csf_n": 49745.0,
  "summary_csf_p05": 160.03882196210324,
  "summary_csf_p95": 481.7452151764181,
  "summary_csf_stdv": 98.90112173127721,
  "summary_gm_k": 0.0914568472697459,
  "summary_gm_mad": 50.261270773478515,
  "summary_gm_mean": 747.2627181743661,
  "summary_gm_median": 747.4964946974069,
  "summary_gm_n": 41017.0,
  "summary_gm_p05": 664.2787693399936,
  "summary_gm_p95": 829.4121675699948,
  "summary_gm_stdv": 50.521740778663144,
  "summary_wm_k": 0.33131355426774745,
  "summary_wm_mad": 38.5383207467035,
  "summary_wm_mean": 1001.2263210919388,
  "summary_wm_median": 1000.0236557088792,
  "summary_wm_n": 227344.0,
  "summary_wm_p05": 938.5904521066695,
  "summary_wm_p95": 1068.1565111875534,
  "summary_wm_stdv": 39.61725123582132,
  "tpm_overlap_csf": 0.1618749219550035,
  "tpm_overlap_gm": 0.45446414250112505,
  "tpm_overlap_wm": 0.5094103417433895,
  "wm2max": 0.8498199363286694
}