{
  "bids_meta": {
    "AcquisitionMatrixPE": 240,
    "AcquisitionNumber": 4,
    "AcquisitionTime": "12:20:48.690000",
    "BodyPartExamined": "BRAIN",
    "CoilString": "MULTI_COIL",
    "ConversionSoftware": "dcm2niix",
    "ConversionSoftwareVersion": "v1.0.20190410  (JP2:OpenJPEG) GCC6.3.0",
    "Dcm2bidsVersion": "2.1.4",
    "DeviceSerialNumber": "42451",
    "EchoTime": 0.0035,
    "EchoTrainLength": 240,
    "FlipAngle": 8,
    "ImageOrientationPatientDICOM": [
      -8.25029e-05,
      0.999998,
      -0.00210168,
      0.000533885,
      -0.00210163,
      -0.999998
    ],
    "ImageType": [
      "ORIGINAL",
      "PRIMARY",
      "M",
      "FFE",
      "M",
      "FFE"
    ],
    "ImagingFrequency": 127.759,
    "InPlanePhaseEncodingDirectionDICOM": "ROW",
    "InstitutionAddress": "Calzada_Mexico_Xochimilco_No.101_Tlalpan",
    "InstitutionName": "I.N._Psiquiatria",
    "InstitutionalDepartmentName": "Imagenes_Cerebrales",
    "MRAcquisitionType": "3D",
    "MagneticFieldStrength": 3,
    "Manufacturer": "Philips",
    "ManufacturersModelName": "Ingenia",
    "Modality": "MR",
    "PatientPosition": "HFS",
    "PercentPhaseFOV": 100,
    "PhaseEncodingSteps": 240,
    "PhilipsRescaleIntercept": 0,
    "PhilipsRescaleSlope": 7.90159,
    "PhilipsScaleSlope": 0.00593433,
    "PixelBandwidth": 310,
    "ProcedureStepDescription": "PROTOCOLO_EDUARDO_TMS",
    "ProtocolName": "WIP_sT1W_3D_TFE_32_channel",
    "ReconMatrixPE": 240,
    "RepetitionTime": 0.007,
    "SAR": 0.0382114,
    "ScanOptions": "OTHER",
    "ScanningSequence": "GR",
    "SequenceVariant": "MP",
    "SeriesDescription": "sT1W_3D_TFE_32_channel",
    "SeriesNumber": 401,
    "SliceThickness": 1,
    "SoftwareVersions": "5.3.1_5.3.1.0",
    "SpacingBetweenSlices": 1,
    "StationName": "PHILIPS-CTMFQSD",
    "UsePhilipsFloatNotDisplayScaling": 1,
    "dataset": "ds003037",
    "modality": "T1w",
    "session_id": "t2",
    "subject_id": "041"
  },
  "cjv": 0.3521373921278195,
  "cnr": 3.8208658868601977,
  "efc": 0.7311963686336622,
  "fber": -1.0,
  "fwhm_avg": 4.4261,
  "fwhm_x": 4.21704,
  "fwhm_y": 4.86915,
  "fwhm_z": 4.19211,
  "icvs_csf": 0.21512689180466563,
  "icvs_gm": 0.3997362586494926,
  "icvs_wm": 0.38513684954584176,
  "inu_med": 0.44952166080474854,
  "inu_range": 0.18122175335884094,
  "provenance": {
    "md5sum": "0f8f239aabcff4c7c8c3d709d18d2287",
    "settings": {
      "testing": false
    },
    "software": "mriqc",
    "version": "22.0.6",
    "warnings": {
      "large_rot_frame": true,
      "small_air_mask": false
    },
    "webapi_port": null,
    "webapi_url": "https://mriqc.nimh.nih.gov/api/v1"
  },
  "qi_1": 0.0,
  "qi_2": 7.137404703542872e-05,
  "rpve_csf": 21.435823698940496,
  "rpve_gm": 11.610615595883901,
  "rpve_wm": 14.132439312902113,
  "size_x": 180,
  "size_y": 240,
  "size_z": 240,
  "snr_csf": 2.8720221492045535,
  "snr_gm": 13.632248523687327,
  "snr_total": 14.34994936088726,
  "snr_wm": 26.545577409769898,
  "snrd_csf": 32.167812134231276,
  "snrd_gm": 77.34921768256007,
  "snrd_total": 71.10449836818567,
  "snrd_wm": 103.79646528776568,
  "spacing_x": 1.0,
  "spacing_y": 1.0,
  "spacing_z": 1.0,
  "summary_bg_k": 10.944082643430146,
  "summary_bg_mad": 0.0,
  "summary_bg_mean": 2.8634390435292225,
  "summary_bg_median": 0.0,
  "summary_bg_n": 469719.0,
  "summary_bg_p05": 0.0,
  "summary_bg_p95": 16.45455040410161,
  "summary_bg_stdv": 6.311909040746332,
  "summary_csf_k": 1.288244840891216,
  "summary_csf_mad": 82.24617239033168,
  "summary_csf_mean": 314.1116897297266,
  "summary_csf_median": 309.9206580966711,
  "summary_csf_n": 46356.0,
  "summary_csf_p05": 118.21050187153742,
  "summary_csf_p95": 503.58778754947707,
  "summary_csf_stdv": 107.9090964992341,
  "summary_gm_k": 0.17529631405489798,
  "summary_gm_mad": 53.88338147962694,
  "summary_gm_mean": 745.9411264588882,
  "summary_gm_median": 745.220730194822,
  "summary_gm_n": 29077.0,
  "summary_gm_p05": 658.0488887336105,
  "summary_gm_p95": 836.44497063905,
  "summary_gm_stdv": 54.66507701803466,
  "summary_wm_k": 0.47041528627108553,
  "summary_wm_mad": 35.84330431025734,
  "summary_wm_mean": 1001.0875722522807,
  "summary_wm_median": 1000.0266320835799,
  "summary_wm_n": 243908.0,
  "summary_wm_p05": 941.26418428123,
  "summary_wm_p95": 1064.806439742446,
  "summary_wm_stdv": 37.6719845508266,
  "tpm_overlap_csf": 0.15057191353687155,
  "tpm_overlap_gm": 0.44766047164388734,
  "tpm_overlap_wm": 0.5096065056423495,
  "wm2max": 0.8011902984278675
}