{
  "aor": 0.0024446,
  "aqi": 0.018153563099999995,
  "bids_meta": {
    "AcquisitionMatrixPE": 70,
    "AcquisitionNumber": 3,
    "AcquisitionTime": "09:47:55.630000",
    "BodyPartExamined": "BRAIN",
    "CoilString": "MULTI_COIL",
    "ConversionSoftware": "dcm2niix",
    "ConversionSoftwareVersion": "v1.0.20190410  (JP2:OpenJPEG) GCC6.3.0",
    "Dcm2bidsVersion": "2.1.4",
    "DeviceSerialNumber": "42451",
    "EchoTime": 0.03,
    "EchoTrainLength": 35,
    "EffectiveEchoSpacing": 0.000698,
    "FlipAngle": 75,
    "ImageOrientationPatientDICOM": [
      0.999985,
      0.00395473,
      -0.00390067,
      -0.0042116,
      0.997662,
      -0.0682067
    ],
    "ImageType": [
      "ORIGINAL",
      "PRIMARY",
      "M",
      "FFE",
      "M",
      "FFE"
    ],
    "ImagingFrequency": 127.76,
    "InPlanePhaseEncodingDirectionDICOM": "COL",
    "InstitutionAddress": "Calzada_Mexico_Xochimilco_No.101_Tlalpan",
    "InstitutionName": "I.N._Psiquiatria",
    "InstitutionalDepartmentName": "Imagenes_Cerebrales",
    "MRAcquisitionType": "2D",
    "MagneticFieldStrength": 3,
    "Manufacturer": "Philips",
    "ManufacturersModelName": "Ingenia",
    "Modality": "MR",
    "PartialFourier": 0.5,
    "PatientPosition": "HFS",
    "PercentPhaseFOV": 100,
    "PhaseEncodingAxis": "j",
    "PhaseEncodingDirection": "j-",
    "PhaseEncodingSteps": 70,
    "PhilipsRescaleIntercept": 0,
    "PhilipsRescaleSlope": 0.790476,
    "PhilipsScaleSlope": 0.0205883,
    "PixelBandwidth": 1819,
    "ProcedureStepDescription": "EDUARDO_TMS",
    "ProtocolName": "FE_EPI_32chSHC_AP",
    "ReconMatrixPE": 80,
    "RepetitionTime": 2,
    "SAR": 0.119205,
    "ScanOptions": "FS",
    "ScanningSequence": "GR",
    "SequenceVariant": "SK",
    "SeriesDescription": "FE_EPI_32chSHC_AP",
    "SeriesNumber": 301,
    "SliceThickness": 3.33,
    "SliceTiming": [
      0.0,
      1.027027,
      0.054054,
      1.081081,
      0.108108,
      1.135135,
      0.162162,
      1.189189,
      0.216216,
      1.243244,
      0.27027,
      1.297298,
      0.324324,
      1.351352,
      0.378378,
      1.405406,
      0.432432,
      1.45946,
      0.486486,
      1.513514,
      0.540541,
      1.567568,
      0.594595,
      1.621622,
      0.648649,
      1.675676,
      0.702703,
      1.72973,
      0.756757,
      1.783784,
      0.810811,
      1.837838,
      0.864865,
      1.891892,
      0.918919,
      1.945947,
      0.972973
    ],
    "SoftwareVersions": "5.3.1_5.3.1.1",
    "SpacingBetweenSlices": 3.33,
    "StationName": "PHILIPS-CTMFQSD",
    "TaskName": "rest",
    "TotalReadoutTime": 0.04884,
    "UsePhilipsFloatNotDisplayScaling": 1,
    "dataset": "ds003037",
    "modality": "bold",
    "session_id": "t1",
    "subject_id": "021",
    "task_id": "rest"
  },
  "dummy_trs": 0,
  "dvars_nstd": 29.65282560725752,
  "dvars_std": 1.130870331103678,
  "dvars_vstd": 0.926051983846154,
  "efc": 0.4528466324014854,
  "fber": 64467.6484375,
  "fd_mean": 0.19260893167088108,
  "fd_num": 113,
  "fd_perc": 37.666666666666664,
  "fwhm_avg": 2.140861426218859,
  "fwhm_x": 2.1135266666666666,
  "fwhm_y": 2.370156666666667,
  "fwhm_z": 1.9389009453232442,
  "gcor": 0.0515614,
  "gsr_x": -0.009961697272956371,
  "gsr_y": 0.0195339135825634,
  "provenance": {
    "md5sum": "f351d5f7c0fb5927cecdd714ef852a5a",
    "settings": {
      "fd_thres": 0.2,
      "testing": false
    },
    "software": "mriqc",
    "version": "22.0.6",
    "webapi_port": null,
    "webapi_url": "https://mriqc.nimh.nih.gov/api/v1"
  },
  "size_t": 300,
  "size_x": 80,
  "size_y": 80,
  "size_z": 37,
  "snr": 4.5594751801263715,
  "spacing_tr": 2.0000016689300537,
  "spacing_x": 3.0,
  "spacing_y": 3.0,
  "spacing_z": 3.3299999237060547,
  "summary_bg_k": 82.08321926625068,
  "summary_bg_mad": 312.7062154535041,
  "summary_bg_mean": 1665.6610107421875,
  "summary_bg_median": 263.5191345214844,
  "summary_bg_n": 152995.0,
  "summary_bg_p05": 21.674503898620607,
  "summary_bg_p95": 8108.063769531231,
  "summary_bg_stdv": 4228.2216796875,
  "summary_fg_k": 1.8932572837772623,
  "summary_fg_mad": 12504.411896249148,
  "summary_fg_mean": 70300.3046875,
  "summary_fg_median": 68889.078125,
  "summary_fg_n": 40773.0,
  "summary_fg_p05": 48511.3265625,
  "summary_fg_p95": 97747.33281250001,
  "summary_fg_stdv": 15108.8076171875,
  "tsnr": 36.67490005493164
}