{
  "bids_meta": {
    "AcquisitionMatrixPE": 240,
    "AcquisitionTime": "12:48:26.150000",
    "CoilString": "MULTI_COIL",
    "ConversionSoftware": "dcm2niix",
    "ConversionSoftwareVersion": "v1.0.20190410  (JP2:OpenJPEG) GCC6.3.0",
    "Dcm2bidsVersion": "2.1.4",
    "DeviceSerialNumber": "42451",
    "EchoTime": 0.003501,
    "EchoTrainLength": 240,
    "FlipAngle": 8,
    "ImageOrientationPatientDICOM": [
      -0.0331725,
      0.99945,
      0.000152867,
      8.75172e-05,
      0.000155856,
      -1
    ],
    "ImageType": [
      "ORIGINAL",
      "PRIMARY",
      "M",
      "FFE",
      "M",
      "FFE"
    ],
    "ImagingFrequency": 127.766,
    "InPlanePhaseEncodingDirectionDICOM": "ROW",
    "InstitutionAddress": "Calzada_Mexico_Xochimilco_No.101_Tlalpan",
    "InstitutionName": "I.N._Psiquiatria",
    "InstitutionalDepartmentName": "Imagenes_Cerebrales",
    "MRAcquisitionType": "3D",
    "MagneticFieldStrength": 3,
    "Manufacturer": "Philips",
    "ManufacturersModelName": "Ingenia",
    "Modality": "MR",
    "PatientPosition": "HFS",
    "PercentPhaseFOV": 100,
    "PhaseEncodingSteps": 240,
    "PhilipsRescaleIntercept": 0,
    "PhilipsRescaleSlope": 11.6027,
    "PhilipsScaleSlope": 0.00390294,
    "PixelBandwidth": 310,
    "ProcedureStepDescription": "EDUARDO_TMS",
    "ProtocolName": "WIP_sT1W_3D_TFE_32_channel_SENSE",
    "ReconMatrixPE": 240,
    "RepetitionTime": 0.007,
    "SAR": 0.0382114,
    "ScanOptions": "OTHER",
    "ScanningSequence": "GR",
    "SequenceVariant": "MP",
    "SeriesDescription": "sT1W_3D_TFE_32_channel",
    "SeriesNumber": 401,
    "SliceThickness": 1,
    "SoftwareVersions": "2.6.3_5.1.7.2",
    "SpacingBetweenSlices": 1,
    "StationName": "INGENIA",
    "UsePhilipsFloatNotDisplayScaling": 1,
    "dataset": "ds003037",
    "modality": "T1w",
    "session_id": "t0",
    "subject_id": "004"
  },
  "cjv": 0.3768316613396895,
  "cnr": 3.6271178104312654,
  "efc": 0.7840106604826543,
  "fber": 1644.1014317669558,
  "fwhm_avg": 4.552436666666666,
  "fwhm_x": 4.40795,
  "fwhm_y": 4.89126,
  "fwhm_z": 4.3581,
  "icvs_csf": 0.2607490696499617,
  "icvs_gm": 0.38851791597935226,
  "icvs_wm": 0.35073301437068605,
  "inu_med": 0.4843696653842926,
  "inu_range": 0.18867928385734556,
  "provenance": {
    "md5sum": "fbaa9e33f5d6be2a50760640b9196b28",
    "settings": {
      "testing": false
    },
    "software": "mriqc",
    "version": "22.0.6",
    "warnings": {
      "large_rot_frame": true,
      "small_air_mask": true
    },
    "webapi_port": null,
    "webapi_url": "https://mriqc.nimh.nih.gov/api/v1"
  },
  "qi_1": 0.0,
  "qi_2": 8.183696114681067e-05,
  "rpve_csf": 18.167631496713575,
  "rpve_gm": 11.546724520275163,
  "rpve_wm": 14.756543243898832,
  "size_x": 180,
  "size_y": 240,
  "size_z": 240,
  "snr_csf": 3.523168992612126,
  "snr_gm": 13.316599663638963,
  "snr_total": 13.074109417572643,
  "snr_wm": 22.38255959646684,
  "snrd_csf": 17.115981966893845,
  "snrd_gm": 44.70466098054347,
  "snrd_total": 40.779806575299965,
  "snrd_wm": 60.518776778462566,
  "spacing_x": 1.0,
  "spacing_y": 1.0,
  "spacing_z": 1.0,
  "summary_bg_k": 842.7069154760225,
  "summary_bg_mad": 0.0,
  "summary_bg_mean": 1.167660088861222,
  "summary_bg_median": 0.0,
  "summary_bg_n": 137961.0,
  "summary_bg_p05": 0.0,
  "summary_bg_p95": 10.375740006566048,
  "summary_bg_stdv": 10.825640461153023,
  "summary_csf_k": 2.727351820030827,
  "summary_csf_mad": 58.45576157901417,
  "summary_csf_mean": 292.30287605692445,
  "summary_csf_median": 282.8288382589817,
  "summary_csf_n": 98442.0,
  "summary_csf_p05": 186.70798283815384,
  "summary_csf_p95": 441.8405124396086,
  "summary_csf_stdv": 80.27642225597208,
  "summary_gm_k": 0.10749354730256444,
  "summary_gm_mad": 54.74330794890836,
  "summary_gm_mean": 738.9648198852902,
  "summary_gm_median": 738.7111855074763,
  "summary_gm_n": 24938.0,
  "summary_gm_p05": 646.9758095294237,
  "summary_gm_p95": 830.3953745014965,
  "summary_gm_stdv": 55.47184664724369,
  "summary_wm_k": 0.2932844045500609,
  "summary_wm_mad": 43.729011819809905,
  "summary_wm_mean": 1000.5128932301727,
  "summary_wm_median": 1000.0276561528444,
  "summary_wm_n": 201770.0,
  "summary_wm_p05": 928.476553067565,
  "summary_wm_p95": 1074.4839664399624,
  "summary_wm_stdv": 44.678767578039135,
  "tpm_overlap_csf": 0.16711866328811428,
  "tpm_overlap_gm": 0.4371492296989122,
  "tpm_overlap_wm": 0.4848690303053268,
  "wm2max": 0.6756584973734882
}