{
  "bids_meta": {
    "AcquisitionMatrixPE": 240,
    "AcquisitionNumber": 4,
    "AcquisitionTime": "09:19:11.570000",
    "BodyPartExamined": "BRAIN",
    "CoilString": "MULTI_COIL",
    "ConversionSoftware": "dcm2niix",
    "ConversionSoftwareVersion": "v1.0.20190410  (JP2:OpenJPEG) GCC6.3.0",
    "Dcm2bidsVersion": "2.1.4",
    "DeviceSerialNumber": "42451",
    "EchoTime": 0.0035,
    "EchoTrainLength": 240,
    "FlipAngle": 8,
    "ImageOrientationPatientDICOM": [
      -0.00437439,
      0.99999,
      -0.000272854,
      -0.0467206,
      -0.000476935,
      -0.998908
    ],
    "ImageType": [
      "ORIGINAL",
      "PRIMARY",
      "M",
      "FFE",
      "M",
      "FFE"
    ],
    "ImagingFrequency": 127.759,
    "InPlanePhaseEncodingDirectionDICOM": "ROW",
    "InstitutionAddress": "Calzada_Mexico_Xochimilco_No.101_Tlalpan",
    "InstitutionName": "I.N._Psiquiatria",
    "InstitutionalDepartmentName": "Imagenes_Cerebrales",
    "MRAcquisitionType": "3D",
    "MagneticFieldStrength": 3,
    "Manufacturer": "Philips",
    "ManufacturersModelName": "Ingenia",
    "Modality": "MR",
    "PatientPosition": "HFS",
    "PercentPhaseFOV": 100,
    "PhaseEncodingSteps": 240,
    "PhilipsRescaleIntercept": 0,
    "PhilipsRescaleSlope": 7.97387,
    "PhilipsScaleSlope": 0.00576022,
    "PixelBandwidth": 310,
    "ProcedureStepDescription": "PROTOCOLO_EDUARDO_TMS",
    "ProtocolName": "WIP_sT1W_3D_TFE_32_channel",
    "ReconMatrixPE": 240,
    "RepetitionTime": 0.007,
    "SAR": 0.0382114,
    "ScanOptions": "OTHER",
    "ScanningSequence": "GR",
    "SequenceVariant": "MP",
    "SeriesDescription": "sT1W_3D_TFE_32_channel",
    "SeriesNumber": 401,
    "SliceThickness": 1,
    "SoftwareVersions": "5.3.1_5.3.1.0",
    "SpacingBetweenSlices": 1,
    "StationName": "PHILIPS-CTMFQSD",
    "UsePhilipsFloatNotDisplayScaling": 1,
    "dataset": "ds003037",
    "modality": "T1w",
    "session_id": "t0",
    "subject_id": "039"
  },
  "cjv": 0.39080465542171006,
  "cnr": 3.3658376626078996,
  "efc": 0.7305579567553905,
  "fber": -1.0,
  "fwhm_avg": 4.4542633333333335,
  "fwhm_x": 4.37873,
  "fwhm_y": 4.81587,
  "fwhm_z": 4.16819,
  "icvs_csf": 0.25410746549775076,
  "icvs_gm": 0.3685982661462875,
  "icvs_wm": 0.37729426835596175,
  "inu_med": 0.45652440190315247,
  "inu_range": 0.1725322216749191,
  "provenance": {
    "md5sum": "66e4e6a4e0ce3b28d542c150ab1714df",
    "settings": {
      "testing": false
    },
    "software": "mriqc",
    "version": "22.0.6",
    "warnings": {
      "large_rot_frame": true,
      "small_air_mask": false
    },
    "webapi_port": null,
    "webapi_url": "https://mriqc.nimh.nih.gov/api/v1"
  },
  "qi_1": 0.0,
  "qi_2": 3.5940591863390564e-05,
  "rpve_csf": 18.134167971155932,
  "rpve_gm": 11.657642541715132,
  "rpve_wm": 14.209968705311807,
  "size_x": 180,
  "size_y": 240,
  "size_z": 240,
  "snr_csf": 3.1617024124252673,
  "snr_gm": 12.374191848370085,
  "snr_total": 14.028468949353092,
  "snr_wm": 26.549512587263926,
  "snrd_csf": 23.44860626931469,
  "snrd_gm": 53.0672699281326,
  "snrd_total": 48.89362498859214,
  "snrd_wm": 70.1649987683291,
  "spacing_x": 1.0,
  "spacing_y": 1.0,
  "spacing_z": 1.0,
  "summary_bg_k": 24.5938402956866,
  "summary_bg_mad": 0.0,
  "summary_bg_mean": 3.4616754315481213,
  "summary_bg_median": 0.0,
  "summary_bg_n": 456443.0,
  "summary_bg_p05": 0.0,
  "summary_bg_p95": 21.979090943932533,
  "summary_bg_stdv": 9.337536891492025,
  "summary_csf_k": 0.5885878325740803,
  "summary_csf_mad": 92.60406378996399,
  "summary_csf_mean": 332.5941129973246,
  "summary_csf_median": 334.2086107470095,
  "summary_csf_n": 69064.0,
  "summary_csf_p05": 142.065404036548,
  "summary_csf_p95": 505.373212788254,
  "summary_csf_stdv": 105.70450585973691,
  "summary_gm_k": 0.36652638736657206,
  "summary_gm_mad": 58.972459462974335,
  "summary_gm_mean": 753.0756836283961,
  "summary_gm_median": 756.3578984234482,
  "summary_gm_n": 19146.0,
  "summary_gm_p05": 647.465361293871,
  "summary_gm_p95": 848.0549575993791,
  "summary_gm_stdv": 61.122225601450076,
  "summary_wm_k": 0.37047259158708723,
  "summary_wm_mad": 36.26301602674339,
  "summary_wm_mean": 1001.1109461655135,
  "summary_wm_median": 1000.0486379489303,
  "summary_wm_n": 236826.0,
  "summary_wm_p05": 941.4782506879419,
  "summary_wm_p95": 1065.1349504012614,
  "summary_wm_stdv": 37.66722734748323,
  "tpm_overlap_csf": 0.16521489476390974,
  "tpm_overlap_gm": 0.4333916696332465,
  "tpm_overlap_wm": 0.5049803895608606,
  "wm2max": 0.7973635746825628
}