{
  "aor": 0.004550000000000001,
  "aqi": 0.008371919199999998,
  "bids_meta": {
    "AcquisitionMatrixPE": 70,
    "AcquisitionNumber": 3,
    "AcquisitionTime": "08:51:40.790000",
    "BodyPartExamined": "BRAIN",
    "CoilString": "MULTI_COIL",
    "ConversionSoftware": "dcm2niix",
    "ConversionSoftwareVersion": "v1.0.20190410  (JP2:OpenJPEG) GCC6.3.0",
    "Dcm2bidsVersion": "2.1.4",
    "DeviceSerialNumber": "42451",
    "EchoTime": 0.03,
    "EchoTrainLength": 35,
    "EffectiveEchoSpacing": 0.000698,
    "FlipAngle": 75,
    "ImageOrientationPatientDICOM": [
      0.999985,
      0.00421856,
      -0.0036137,
      -0.0042116,
      0.999989,
      0.00193133
    ],
    "ImageType": [
      "ORIGINAL",
      "PRIMARY",
      "M",
      "FFE",
      "M",
      "FFE"
    ],
    "ImagingFrequency": 127.759,
    "InPlanePhaseEncodingDirectionDICOM": "COL",
    "InstitutionAddress": "Calzada_Mexico_Xochimilco_No.101_Tlalpan",
    "InstitutionName": "I.N._Psiquiatria",
    "InstitutionalDepartmentName": "Imagenes_Cerebrales",
    "MRAcquisitionType": "2D",
    "MagneticFieldStrength": 3,
    "Manufacturer": "Philips",
    "ManufacturersModelName": "Ingenia",
    "Modality": "MR",
    "PartialFourier": 0.5,
    "PatientPosition": "HFS",
    "PercentPhaseFOV": 100,
    "PhaseEncodingAxis": "j",
    "PhaseEncodingDirection": "j-",
    "PhaseEncodingSteps": 70,
    "PhilipsRescaleIntercept": 0,
    "PhilipsRescaleSlope": 0.778266,
    "PhilipsScaleSlope": 0.0220807,
    "PixelBandwidth": 1819,
    "ProcedureStepDescription": "EDUARDO_TMS",
    "ProtocolName": "FE_EPI_32chSHC_AP",
    "ReconMatrixPE": 80,
    "RepetitionTime": 2,
    "SAR": 0.119138,
    "ScanOptions": "FS",
    "ScanningSequence": "GR",
    "SequenceVariant": "SK",
    "SeriesDescription": "FE_EPI_32chSHC_AP",
    "SeriesNumber": 301,
    "SliceThickness": 3.33,
    "SliceTiming": [
      0.0,
      1.027027,
      0.054054,
      1.081081,
      0.108108,
      1.135135,
      0.162162,
      1.189189,
      0.216216,
      1.243244,
      0.27027,
      1.297298,
      0.324324,
      1.351352,
      0.378378,
      1.405406,
      0.432432,
      1.45946,
      0.486486,
      1.513514,
      0.540541,
      1.567568,
      0.594595,
      1.621622,
      0.648649,
      1.675676,
      0.702703,
      1.72973,
      0.756757,
      1.783784,
      0.810811,
      1.837838,
      0.864865,
      1.891892,
      0.918919,
      1.945947,
      0.972973
    ],
    "SoftwareVersions": "5.3.1_5.3.1.0",
    "SpacingBetweenSlices": 3.33,
    "StationName": "PHILIPS-CTMFQSD",
    "TaskName": "rest",
    "TotalReadoutTime": 0.04884,
    "UsePhilipsFloatNotDisplayScaling": 1,
    "dataset": "ds003037",
    "modality": "bold",
    "session_id": "t2",
    "subject_id": "023",
    "task_id": "rest"
  },
  "dummy_trs": 0,
  "dvars_nstd": 29.438904420769255,
  "dvars_std": 1.3922858198662207,
  "dvars_vstd": 1.001274901571906,
  "efc": 0.41358540941861616,
  "fber": 105226.2109375,
  "fd_mean": 0.1295816166138979,
  "fd_num": 28,
  "fd_perc": 9.333333333333334,
  "fwhm_avg": 1.9899478025096684,
  "fwhm_x": 1.9018499999999998,
  "fwhm_y": 2.1402966666666665,
  "fwhm_z": 1.927696740862339,
  "gcor": 0.126696,
  "gsr_x": -0.01848052442073822,
  "gsr_y": 0.023138072341680527,
  "provenance": {
    "md5sum": "87b2b72dad6fa114e1f9ea10f8dbe906",
    "settings": {
      "fd_thres": 0.2,
      "testing": false
    },
    "software": "mriqc",
    "version": "22.0.6",
    "webapi_port": null,
    "webapi_url": "https://mriqc.nimh.nih.gov/api/v1"
  },
  "size_t": 300,
  "size_x": 80,
  "size_y": 80,
  "size_z": 37,
  "snr": 4.670725474550339,
  "spacing_tr": 2.0000016689300537,
  "spacing_x": 3.0,
  "spacing_y": 3.0,
  "spacing_z": 3.3299999237060547,
  "summary_bg_k": 111.23394971891591,
  "summary_bg_mad": 242.0509874119183,
  "summary_bg_mean": 1538.3568115234375,
  "summary_bg_median": 190.9131622314453,
  "summary_bg_n": 163541.0,
  "summary_bg_p05": 8.958272933959961,
  "summary_bg_p95": 7552.4658203125,
  "summary_bg_stdv": 4270.92041015625,
  "summary_fg_k": 2.4134762138617143,
  "summary_fg_mad": 10913.770832484866,
  "summary_fg_mean": 66071.5234375,
  "summary_fg_median": 64446.16796875,
  "summary_fg_n": 33495.0,
  "summary_fg_p05": 46722.871484375,
  "summary_fg_p95": 91908.24296875,
  "summary_fg_stdv": 13797.6865234375,
  "tsnr": 52.164485931396484
}