{
  "bids_meta": {
    "AcquisitionMatrixPE": 240,
    "AcquisitionTime": "11:33:24.040000",
    "CoilString": "MULTI_COIL",
    "ConversionSoftware": "dcm2niix",
    "ConversionSoftwareVersion": "v1.0.20190410  (JP2:OpenJPEG) GCC6.3.0",
    "Dcm2bidsVersion": "2.1.4",
    "DeviceSerialNumber": "42451",
    "EchoTime": 0.003501,
    "EchoTrainLength": 240,
    "FlipAngle": 8,
    "ImageOrientationPatientDICOM": [
      -3.8595e-05,
      0.999999,
      0.00149766,
      -0.036765,
      0.00149523,
      -0.999323
    ],
    "ImageType": [
      "ORIGINAL",
      "PRIMARY",
      "M",
      "FFE",
      "M",
      "FFE"
    ],
    "ImagingFrequency": 127.766,
    "InPlanePhaseEncodingDirectionDICOM": "ROW",
    "InstitutionAddress": "Calzada_Mexico_Xochimilco_No.101_Tlalpan",
    "InstitutionName": "I.N._Psiquiatria",
    "InstitutionalDepartmentName": "Imagenes_Cerebrales",
    "MRAcquisitionType": "3D",
    "MagneticFieldStrength": 3,
    "Manufacturer": "Philips",
    "ManufacturersModelName": "Ingenia",
    "Modality": "MR",
    "PatientPosition": "HFS",
    "PercentPhaseFOV": 100,
    "PhaseEncodingSteps": 240,
    "PhilipsRescaleIntercept": 0,
    "PhilipsRescaleSlope": 11.0928,
    "PhilipsScaleSlope": 0.00543742,
    "PixelBandwidth": 310,
    "ProcedureStepDescription": "EDUARDO_TMS",
    "ProtocolName": "WIP_sT1W_3D_TFE_32_channel_SENSE",
    "ReconMatrixPE": 240,
    "RepetitionTime": 0.007,
    "SAR": 0.0382114,
    "ScanOptions": "OTHER",
    "ScanningSequence": "GR",
    "SequenceVariant": "MP",
    "SeriesDescription": "sT1W_3D_TFE_32_channel",
    "SeriesNumber": 701,
    "SliceThickness": 1,
    "SoftwareVersions": "2.6.3_5.1.7.2",
    "SpacingBetweenSlices": 1,
    "StationName": "INGENIA",
    "UsePhilipsFloatNotDisplayScaling": 1,
    "dataset": "ds003037",
    "modality": "T1w",
    "session_id": "t0",
    "subject_id": "003"
  },
  "cjv": 0.384807346643381,
  "cnr": 3.527033520724124,
  "efc": 0.7984058421475314,
  "fber": -1.0,
  "fwhm_avg": 4.485506666666667,
  "fwhm_x": 4.40642,
  "fwhm_y": 4.85287,
  "fwhm_z": 4.19723,
  "icvs_csf": 0.2052659169869364,
  "icvs_gm": 0.40281892575166633,
  "icvs_wm": 0.39191515726139725,
  "inu_med": 0.41372139751911163,
  "inu_range": 0.17316654026508332,
  "provenance": {
    "md5sum": "378ff69e27ed30b6cb75e42b5bc7f7b5",
    "settings": {
      "testing": false
    },
    "software": "mriqc",
    "version": "22.0.6",
    "warnings": {
      "large_rot_frame": true,
      "small_air_mask": true
    },
    "webapi_port": null,
    "webapi_url": "https://mriqc.nimh.nih.gov/api/v1"
  },
  "qi_1": 0.0,
  "qi_2": 8.596518991550862e-05,
  "rpve_csf": 19.774080250511158,
  "rpve_gm": 10.413352919904138,
  "rpve_wm": 12.786413683572972,
  "size_x": 180,
  "size_y": 240,
  "size_z": 240,
  "snr_csf": 2.7671735375498767,
  "snr_gm": 13.38998838537147,
  "snr_total": 14.87718520707476,
  "snr_wm": 28.47439369830293,
  "snrd_csf": 119.6843135432926,
  "snrd_gm": 293.1620947660073,
  "snrd_total": 265.5746915181524,
  "snrd_wm": 383.87766624515734,
  "spacing_x": 1.0,
  "spacing_y": 1.0,
  "spacing_z": 1.0,
  "summary_bg_k": 254.5976107553323,
  "summary_bg_mad": 0.0,
  "summary_bg_mean": 0.17304629428893517,
  "summary_bg_median": 0.0,
  "summary_bg_n": 29045.0,
  "summary_bg_p05": 0.0,
  "summary_bg_p95": 0.0,
  "summary_bg_stdv": 1.7066718548427073,
  "summary_csf_k": 1.1174935045686825,
  "summary_csf_mad": 93.7508878297647,
  "summary_csf_mean": 317.8956081141861,
  "summary_csf_median": 311.78522425331175,
  "summary_csf_n": 40752.0,
  "summary_csf_p05": 134.37997014233844,
  "summary_csf_p95": 518.7163519119842,
  "summary_csf_stdv": 112.67142974635365,
  "summary_gm_k": 0.12185039305044665,
  "summary_gm_mad": 57.1401396626668,
  "summary_gm_mean": 763.0960120283587,
  "summary_gm_median": 763.7058420870453,
  "summary_gm_n": 48107.0,
  "summary_gm_p05": 669.2651001736522,
  "summary_gm_p95": 856.0951967202127,
  "summary_gm_stdv": 57.03499379470131,
  "summary_wm_k": 0.3342919323877296,
  "summary_wm_mad": 33.79746118437178,
  "summary_wm_mean": 1000.8320296492533,
  "summary_wm_median": 1000.0256567690521,
  "summary_wm_n": 286645.0,
  "summary_wm_p05": 944.9971929769963,
  "summary_wm_p95": 1060.515939194709,
  "summary_wm_stdv": 35.12011258257253,
  "tpm_overlap_csf": 0.16399517520076476,
  "tpm_overlap_gm": 0.44030297345188574,
  "tpm_overlap_wm": 0.5036662147454557,
  "wm2max": 0.8081689156131765
}