{
  "bids_meta": {
    "AcquisitionMatrixPE": 240,
    "AcquisitionNumber": 7,
    "AcquisitionTime": "08:43:56.020000",
    "BodyPartExamined": "BRAIN",
    "CoilString": "MULTI_COIL",
    "ConversionSoftware": "dcm2niix",
    "ConversionSoftwareVersion": "v1.0.20190410  (JP2:OpenJPEG) GCC6.3.0",
    "Dcm2bidsVersion": "2.1.4",
    "DeviceSerialNumber": "42451",
    "EchoTime": 0.0035,
    "EchoTrainLength": 240,
    "FlipAngle": 8,
    "ImageOrientationPatientDICOM": [
      -0.0151969,
      0.999867,
      0.00590212,
      0.0684741,
      0.00692964,
      -0.997629
    ],
    "ImageType": [
      "ORIGINAL",
      "PRIMARY",
      "M",
      "FFE",
      "M",
      "FFE"
    ],
    "ImagingFrequency": 127.759,
    "InPlanePhaseEncodingDirectionDICOM": "ROW",
    "InstitutionAddress": "Calzada_Mexico_Xochimilco_No.101_Tlalpan",
    "InstitutionName": "I.N._Psiquiatria",
    "InstitutionalDepartmentName": "Imagenes_Cerebrales",
    "MRAcquisitionType": "3D",
    "MagneticFieldStrength": 3,
    "Manufacturer": "Philips",
    "ManufacturersModelName": "Ingenia",
    "Modality": "MR",
    "PatientPosition": "HFS",
    "PercentPhaseFOV": 100,
    "PhaseEncodingSteps": 240,
    "PhilipsRescaleIntercept": 0,
    "PhilipsRescaleSlope": 8.60879,
    "PhilipsScaleSlope": 0.00593355,
    "PixelBandwidth": 310,
    "ProcedureStepDescription": "PROTOCOLO_EDUARDO_TMS",
    "ProtocolName": "WIP_sT1W_3D_TFE_32_channel",
    "ReconMatrixPE": 240,
    "RepetitionTime": 0.007,
    "SAR": 0.0382114,
    "ScanOptions": "OTHER",
    "ScanningSequence": "GR",
    "SequenceVariant": "MP",
    "SeriesDescription": "sT1W_3D_TFE_32_channel",
    "SeriesNumber": 701,
    "SliceThickness": 1,
    "SoftwareVersions": "5.3.1_5.3.1.0",
    "SpacingBetweenSlices": 1,
    "StationName": "PHILIPS-CTMFQSD",
    "UsePhilipsFloatNotDisplayScaling": 1,
    "dataset": "ds003037",
    "modality": "T1w",
    "session_id": "t1",
    "subject_id": "046"
  },
  "cjv": 0.4055231636021806,
  "cnr": 3.304568663084946,
  "efc": 0.699100062821438,
  "fber": 24753.777777777777,
  "fwhm_avg": 4.41716,
  "fwhm_x": 4.34885,
  "fwhm_y": 4.65791,
  "fwhm_z": 4.24472,
  "icvs_csf": 0.2214988657549503,
  "icvs_gm": 0.39428092632803446,
  "icvs_wm": 0.3842202079170152,
  "inu_med": 0.37277066707611084,
  "inu_range": 0.13532442450523374,
  "provenance": {
    "md5sum": "fbd23dceefe5b098f7f865665a781e34",
    "settings": {
      "testing": false
    },
    "software": "mriqc",
    "version": "22.0.6",
    "warnings": {
      "large_rot_frame": true,
      "small_air_mask": false
    },
    "webapi_port": null,
    "webapi_url": "https://mriqc.nimh.nih.gov/api/v1"
  },
  "qi_1": 0.02264743153784806,
  "qi_2": 0.00011438166026584414,
  "rpve_csf": 22.112146101072568,
  "rpve_gm": 12.383310042166297,
  "rpve_wm": 15.06907433482727,
  "size_x": 180,
  "size_y": 240,
  "size_z": 240,
  "snr_csf": 2.9574653450276713,
  "snr_gm": 12.638981865622341,
  "snr_total": 15.359281689043314,
  "snr_wm": 30.481397856479933,
  "snrd_csf": 35.58319315030606,
  "snrd_gm": 87.38444352052188,
  "snrd_total": 78.79600620038502,
  "snrd_wm": 113.42038193032712,
  "spacing_x": 1.0,
  "spacing_y": 1.0,
  "spacing_z": 1.0,
  "summary_bg_k": 11.305962181993207,
  "summary_bg_mad": 0.0,
  "summary_bg_mean": 2.836962365129569,
  "summary_bg_median": 0.0,
  "summary_bg_n": 480316.0,
  "summary_bg_p05": 0.0,
  "summary_bg_p95": 15.22642869129777,
  "summary_bg_stdv": 5.776178802818279,
  "summary_csf_k": 1.304077588176808,
  "summary_csf_mad": 77.0239813481842,
  "summary_csf_mean": 315.4565440575911,
  "summary_csf_median": 313.7283869609237,
  "summary_csf_n": 53566.0,
  "summary_csf_p05": 106.08073300682008,
  "summary_csf_p95": 498.5240986626595,
  "summary_csf_stdv": 106.07916642078582,
  "summary_gm_k": -0.08847302391675838,
  "summary_gm_mad": 61.724947174148554,
  "summary_gm_mean": 770.0306638302494,
  "summary_gm_median": 770.4474524073303,
  "summary_gm_n": 31442.0,
  "summary_gm_p05": 670.1842482946813,
  "summary_gm_p95": 870.2666548432782,
  "summary_gm_stdv": 60.95706193881076,
  "summary_wm_k": 0.5321638638780728,
  "summary_wm_mad": 31.363931798976516,
  "summary_wm_mean": 1000.7183115930208,
  "summary_wm_median": 1000.0000090263784,
  "summary_wm_n": 236053.0,
  "summary_wm_p05": 948.515493273735,
  "summary_wm_p95": 1055.3956752829254,
  "summary_wm_stdv": 32.80682518446747,
  "tpm_overlap_csf": 0.15833161867055875,
  "tpm_overlap_gm": 0.43983549463878435,
  "tpm_overlap_wm": 0.5144753749124515,
  "wm2max": 0.9037815966741513
}