{
  "bids_meta": {
    "AcquisitionMatrixPE": 240,
    "AcquisitionNumber": 4,
    "AcquisitionTime": "08:29:34.680000",
    "CoilString": "MULTI_COIL",
    "ConversionSoftware": "dcm2niix",
    "ConversionSoftwareVersion": "v1.0.20190410  (JP2:OpenJPEG) GCC6.3.0",
    "Dcm2bidsVersion": "2.1.4",
    "DeviceSerialNumber": "42451",
    "EchoTime": 0.003501,
    "EchoTrainLength": 240,
    "FlipAngle": 8,
    "ImageOrientationPatientDICOM": [
      -0.0269248,
      0.999636,
      -0.00161767,
      -0.0276578,
      -0.00236259,
      -0.999615
    ],
    "ImageType": [
      "ORIGINAL",
      "PRIMARY",
      "M",
      "FFE",
      "M",
      "FFE"
    ],
    "ImagingFrequency": 127.766,
    "InPlanePhaseEncodingDirectionDICOM": "ROW",
    "InstitutionAddress": "Calzada_Mexico_Xochimilco_No.101_Tlalpan",
    "InstitutionName": "I.N._Psiquiatria",
    "InstitutionalDepartmentName": "Imagenes_Cerebrales",
    "MRAcquisitionType": "3D",
    "MagneticFieldStrength": 3,
    "Manufacturer": "Philips",
    "ManufacturersModelName": "Ingenia",
    "Modality": "MR",
    "PatientPosition": "HFS",
    "PercentPhaseFOV": 100,
    "PhaseEncodingSteps": 240,
    "PhilipsRescaleIntercept": 0,
    "PhilipsRescaleSlope": 10.2921,
    "PhilipsScaleSlope": 0.00490486,
    "PixelBandwidth": 310,
    "ProcedureStepDescription": "EDUARDO_TMS",
    "ProtocolName": "WIP_sT1W_3D_TFE_32_channel_SENSE",
    "ReconMatrixPE": 240,
    "RepetitionTime": 0.007,
    "SAR": 0.0382114,
    "ScanOptions": "OTHER",
    "ScanningSequence": "GR",
    "SequenceVariant": "MP",
    "SeriesDescription": "sT1W_3D_TFE_32_channel",
    "SeriesNumber": 401,
    "SliceThickness": 1,
    "SoftwareVersions": "5.1.7_5.1.7.2",
    "SpacingBetweenSlices": 1,
    "StationName": "INGENIA",
    "UsePhilipsFloatNotDisplayScaling": 1,
    "dataset": "ds003037",
    "modality": "T1w",
    "session_id": "t14",
    "subject_id": "002"
  },
  "cjv": 0.3477518857443832,
  "cnr": 3.8687323298680854,
  "efc": 0.7643918359667725,
  "fber": -1.0,
  "fwhm_avg": 4.733666666666667,
  "fwhm_x": 4.68999,
  "fwhm_y": 4.91812,
  "fwhm_z": 4.59289,
  "icvs_csf": 0.21874502073306623,
  "icvs_gm": 0.4144907973738407,
  "icvs_wm": 0.36676418189309307,
  "inu_med": 0.4144274592399597,
  "inu_range": 0.15710385292768475,
  "provenance": {
    "md5sum": "f0e4d457f3b8ae138001fac53620f058",
    "settings": {
      "testing": false
    },
    "software": "mriqc",
    "version": "22.0.6",
    "warnings": {
      "large_rot_frame": true,
      "small_air_mask": true
    },
    "webapi_port": null,
    "webapi_url": "https://mriqc.nimh.nih.gov/api/v1"
  },
  "qi_1": 0.0,
  "qi_2": 0.00021636928949679261,
  "rpve_csf": 26.832516854517532,
  "rpve_gm": 14.414332225558367,
  "rpve_wm": 18.893898416342278,
  "size_x": 180,
  "size_y": 240,
  "size_z": 240,
  "snr_csf": 3.0084164821589816,
  "snr_gm": 14.56963626088297,
  "snr_total": 16.063542346486106,
  "snr_wm": 30.612574296416373,
  "snrd_csf": 32.723169556853556,
  "snrd_gm": 89.45852030968427,
  "snrd_total": 79.92473011950534,
  "snrd_wm": 117.5925004919782,
  "spacing_x": 1.0,
  "spacing_y": 1.0,
  "spacing_z": 1.0,
  "summary_bg_k": 18.949689057968616,
  "summary_bg_mad": 0.0,
  "summary_bg_mean": 2.1730518774520253,
  "summary_bg_median": 0.0,
  "summary_bg_n": 111672.0,
  "summary_bg_p05": 0.0,
  "summary_bg_p95": 16.842837866395712,
  "summary_bg_stdv": 5.571312379726602,
  "summary_csf_k": 1.6926637489932226,
  "summary_csf_mad": 79.88583368472045,
  "summary_csf_mean": 294.03817512409137,
  "summary_csf_median": 278.27945395186543,
  "summary_csf_n": 36422.0,
  "summary_csf_p05": 178.66325949132442,
  "summary_csf_p95": 467.2260360608808,
  "summary_csf_stdv": 92.49903906751847,
  "summary_gm_k": 0.10318709711551399,
  "summary_gm_mad": 51.857655061358415,
  "summary_gm_mean": 760.0778575540295,
  "summary_gm_median": 760.7596855759621,
  "summary_gm_n": 33268.0,
  "summary_gm_p05": 673.9867760371417,
  "summary_gm_p95": 844.7999813016504,
  "summary_gm_stdv": 52.21463584008462,
  "summary_wm_k": 0.4946355916781169,
  "summary_wm_mad": 31.342943506545463,
  "summary_wm_mean": 1000.7795746241608,
  "summary_wm_median": 1000.0124458875507,
  "summary_wm_n": 182683.0,
  "summary_wm_p05": 948.763515919447,
  "summary_wm_p95": 1055.4596643503755,
  "summary_wm_stdv": 32.66663231864361,
  "tpm_overlap_csf": 0.15287160747590925,
  "tpm_overlap_gm": 0.46366444629366,
  "tpm_overlap_wm": 0.5229605698728095,
  "wm2max": 0.8048263429468386
}