{
  "bids_meta": {
    "AcquisitionMatrixPE": 240,
    "AcquisitionNumber": 4,
    "AcquisitionTime": "08:45:52.840000",
    "BodyPartExamined": "BRAIN",
    "CoilString": "MULTI_COIL",
    "ConversionSoftware": "dcm2niix",
    "ConversionSoftwareVersion": "v1.0.20190410  (JP2:OpenJPEG) GCC6.3.0",
    "Dcm2bidsVersion": "2.1.4",
    "DeviceSerialNumber": "42451",
    "EchoTime": 0.0035,
    "EchoTrainLength": 240,
    "FlipAngle": 8,
    "ImageOrientationPatientDICOM": [
      -0.0042116,
      0.999991,
      0.000485134,
      -0.00362181,
      0.000469881,
      -0.999993
    ],
    "ImageType": [
      "ORIGINAL",
      "PRIMARY",
      "M",
      "FFE",
      "M",
      "FFE"
    ],
    "ImagingFrequency": 127.759,
    "InPlanePhaseEncodingDirectionDICOM": "ROW",
    "InstitutionAddress": "Calzada_Mexico_Xochimilco_No.101_Tlalpan",
    "InstitutionName": "I.N._Psiquiatria",
    "InstitutionalDepartmentName": "Imagenes_Cerebrales",
    "MRAcquisitionType": "3D",
    "MagneticFieldStrength": 3,
    "Manufacturer": "Philips",
    "ManufacturersModelName": "Ingenia",
    "Modality": "MR",
    "PatientPosition": "HFS",
    "PercentPhaseFOV": 100,
    "PhaseEncodingSteps": 240,
    "PhilipsRescaleIntercept": 0,
    "PhilipsRescaleSlope": 223.85,
    "PhilipsScaleSlope": 0.00616502,
    "PixelBandwidth": 310,
    "ProcedureStepDescription": "EDUARDO_TMS",
    "ProtocolName": "WIP_sT1W_3D_TFE_32_channel",
    "ReconMatrixPE": 240,
    "RepetitionTime": 0.007,
    "SAR": 0.0382114,
    "ScanOptions": "OTHER",
    "ScanningSequence": "GR",
    "SequenceVariant": "MP",
    "SeriesDescription": "sT1W_3D_TFE_32_channel",
    "SeriesNumber": 401,
    "SliceThickness": 1,
    "SoftwareVersions": "5.3.1_5.3.1.0",
    "SpacingBetweenSlices": 1,
    "StationName": "PHILIPS-CTMFQSD",
    "UsePhilipsFloatNotDisplayScaling": 1,
    "dataset": "ds003037",
    "modality": "T1w",
    "session_id": "t2",
    "subject_id": "020"
  },
  "cjv": 0.350430620983758,
  "cnr": 3.804962033075202,
  "efc": 0.7173859588267372,
  "fber": -1.0,
  "fwhm_avg": 3.9998199999999997,
  "fwhm_x": 3.85483,
  "fwhm_y": 4.3736,
  "fwhm_z": 3.77103,
  "icvs_csf": 0.20236312609851412,
  "icvs_gm": 0.44653586361956654,
  "icvs_wm": 0.3511010102819193,
  "inu_med": 0.40122924745082855,
  "inu_range": 0.13997510820627213,
  "provenance": {
    "md5sum": "e9832c1031d65aa033e39b0edc6e5e81",
    "settings": {
      "testing": false
    },
    "software": "mriqc",
    "version": "22.0.6",
    "warnings": {
      "large_rot_frame": true,
      "small_air_mask": false
    },
    "webapi_port": null,
    "webapi_url": "https://mriqc.nimh.nih.gov/api/v1"
  },
  "qi_1": 0.0,
  "qi_2": 3.130823689739225e-05,
  "rpve_csf": 27.135900548499986,
  "rpve_gm": 13.141401112018112,
  "rpve_wm": 18.754025378594072,
  "size_x": 180,
  "size_y": 240,
  "size_z": 240,
  "snr_csf": 2.8252228101087344,
  "snr_gm": 14.865541183570278,
  "snr_total": 15.409792864862515,
  "snr_wm": 28.538614600908534,
  "snrd_csf": 47.22914278978723,
  "snrd_gm": 112.4802238717742,
  "snrd_total": 102.37954819949005,
  "snrd_wm": 147.4292779369087,
  "spacing_x": 1.0,
  "spacing_y": 1.0,
  "spacing_z": 1.0,
  "summary_bg_k": 27.650022939660662,
  "summary_bg_mad": 0.0,
  "summary_bg_mean": 1.4829082021900706,
  "summary_bg_median": 0.0,
  "summary_bg_n": 351004.0,
  "summary_bg_p05": 0.0,
  "summary_bg_p95": 9.878542758524418,
  "summary_bg_stdv": 4.443836272317526,
  "summary_csf_k": 1.4871163088783446,
  "summary_csf_mad": 69.25098795681481,
  "summary_csf_mean": 321.1251385758257,
  "summary_csf_median": 320.3585968352854,
  "summary_csf_n": 31286.0,
  "summary_csf_p05": 94.4476599805057,
  "summary_csf_p95": 519.6992611885071,
  "summary_csf_stdv": 113.39051766418007,
  "summary_gm_k": 0.3559926231384898,
  "summary_gm_mad": 49.73448862673674,
  "summary_gm_mean": 762.4073034559284,
  "summary_gm_median": 762.9612684622407,
  "summary_gm_n": 34504.0,
  "summary_gm_p05": 678.4499881416559,
  "summary_gm_p95": 846.0312532000243,
  "summary_gm_stdv": 51.32340644937591,
  "summary_wm_k": 0.44149380760031454,
  "summary_wm_mad": 33.33925720357801,
  "summary_wm_mean": 1001.0551516097659,
  "summary_wm_median": 1000.0231599062681,
  "summary_wm_n": 163668.0,
  "summary_wm_p05": 945.5176640301943,
  "summary_wm_p95": 1060.2892111614347,
  "summary_wm_stdv": 35.04094781230495,
  "tpm_overlap_csf": 0.1531139525762398,
  "tpm_overlap_gm": 0.4581542452478304,
  "tpm_overlap_wm": 0.4926613053449216,
  "wm2max": 0.8072232832805007
}