{
  "bids_meta": {
    "AcquisitionMatrixPE": 240,
    "AcquisitionNumber": 4,
    "AcquisitionTime": "09:31:11.270000",
    "BodyPartExamined": "BRAIN",
    "CoilString": "MULTI_COIL",
    "ConversionSoftware": "dcm2niix",
    "ConversionSoftwareVersion": "v1.0.20190410  (JP2:OpenJPEG) GCC6.3.0",
    "Dcm2bidsVersion": "2.1.4",
    "DeviceSerialNumber": "42451",
    "EchoTime": 0.0035,
    "EchoTrainLength": 240,
    "FlipAngle": 8,
    "ImageOrientationPatientDICOM": [
      -0.00205792,
      0.999996,
      0.00167671,
      0.000570165,
      0.00167788,
      -0.999998
    ],
    "ImageType": [
      "ORIGINAL",
      "PRIMARY",
      "M",
      "FFE",
      "M",
      "FFE"
    ],
    "ImagingFrequency": 127.759,
    "InPlanePhaseEncodingDirectionDICOM": "ROW",
    "InstitutionAddress": "Calzada_Mexico_Xochimilco_No.101_Tlalpan",
    "InstitutionName": "I.N._Psiquiatria",
    "InstitutionalDepartmentName": "Imagenes_Cerebrales",
    "MRAcquisitionType": "3D",
    "MagneticFieldStrength": 3,
    "Manufacturer": "Philips",
    "ManufacturersModelName": "Ingenia",
    "Modality": "MR",
    "PatientPosition": "HFS",
    "PercentPhaseFOV": 100,
    "PhaseEncodingSteps": 240,
    "PhilipsRescaleIntercept": 0,
    "PhilipsRescaleSlope": 5.93309,
    "PhilipsScaleSlope": 0.00602415,
    "PixelBandwidth": 310,
    "ProcedureStepDescription": "PROTOCOLO_EDUARDO_TMS",
    "ProtocolName": "WIP_sT1W_3D_TFE_32_channel",
    "ReconMatrixPE": 240,
    "RepetitionTime": 0.007,
    "SAR": 0.0382114,
    "ScanOptions": "OTHER",
    "ScanningSequence": "GR",
    "SequenceVariant": "MP",
    "SeriesDescription": "sT1W_3D_TFE_32_channel",
    "SeriesNumber": 401,
    "SliceThickness": 1,
    "SoftwareVersions": "5.3.1_5.3.1.0",
    "SpacingBetweenSlices": 1,
    "StationName": "PHILIPS-CTMFQSD",
    "UsePhilipsFloatNotDisplayScaling": 1,
    "dataset": "ds003037",
    "modality": "T1w",
    "session_id": "t1",
    "subject_id": "053"
  },
  "cjv": 0.40435970978687313,
  "cnr": 3.347710711243871,
  "efc": 0.7269277522791682,
  "fber": -1.0,
  "fwhm_avg": 4.532360000000001,
  "fwhm_x": 4.34791,
  "fwhm_y": 4.91342,
  "fwhm_z": 4.33575,
  "icvs_csf": 0.24706272377751184,
  "icvs_gm": 0.37953892789710586,
  "icvs_wm": 0.37339834832538227,
  "inu_med": 0.4031990170478821,
  "inu_range": 0.14941713213920593,
  "provenance": {
    "md5sum": "de37e29f1794991a53e3c51e7a371b77",
    "settings": {
      "testing": false
    },
    "software": "mriqc",
    "version": "22.0.6",
    "warnings": {
      "large_rot_frame": true,
      "small_air_mask": false
    },
    "webapi_port": null,
    "webapi_url": "https://mriqc.nimh.nih.gov/api/v1"
  },
  "qi_1": 5.496835393337835e-05,
  "qi_2": 0.00010955826331634996,
  "rpve_csf": 20.375067552185918,
  "rpve_gm": 12.650741073572625,
  "rpve_wm": 15.569686145042036,
  "size_x": 180,
  "size_y": 240,
  "size_z": 240,
  "snr_csf": 3.387779696047193,
  "snr_gm": 12.734224849338366,
  "snr_total": 14.504230338813088,
  "snr_wm": 27.390686471053705,
  "snrd_csf": 35.02439451292956,
  "snrd_gm": 89.80563585451526,
  "snrd_total": 80.78585992089829,
  "snrd_wm": 117.52754939525005,
  "spacing_x": 1.0,
  "spacing_y": 1.0,
  "spacing_z": 1.0,
  "summary_bg_k": 12.840155257521788,
  "summary_bg_mad": 0.0,
  "summary_bg_mean": 2.4760355197062296,
  "summary_bg_median": 0.0,
  "summary_bg_n": 467535.0,
  "summary_bg_p05": 0.0,
  "summary_bg_p95": 14.404816288501024,
  "summary_bg_stdv": 5.574322099719857,
  "summary_csf_k": 1.7434653599320589,
  "summary_csf_mad": 70.3741114583251,
  "summary_csf_mean": 312.88060693789186,
  "summary_csf_median": 298.010088223964,
  "summary_csf_n": 63656.0,
  "summary_csf_p05": 202.54533350933343,
  "summary_csf_p95": 482.9077301360667,
  "summary_csf_stdv": 87.96550371234144,
  "summary_gm_k": 0.07876769113812987,
  "summary_gm_mad": 60.209355550655594,
  "summary_gm_mean": 764.6983861005439,
  "summary_gm_median": 764.1241436488926,
  "summary_gm_n": 21010.0,
  "summary_gm_p05": 667.0755758000538,
  "summary_gm_p95": 863.919898683764,
  "summary_gm_stdv": 60.0041202114968,
  "summary_wm_k": 0.3441020657328462,
  "summary_wm_mad": 35.16934709517706,
  "summary_wm_mean": 1001.0963912661385,
  "summary_wm_median": 1000.0000243000686,
  "summary_wm_n": 216091.0,
  "summary_wm_p05": 942.9779737517238,
  "summary_wm_p95": 1062.8270008154213,
  "summary_wm_stdv": 36.50867646249479,
  "tpm_overlap_csf": 0.15971367723362967,
  "tpm_overlap_gm": 0.4429406921754609,
  "tpm_overlap_wm": 0.5150161760605133,
  "wm2max": 0.8280616300905652
}