{
  "aor": 0.006231999999999999,
  "aqi": 0.018472268899999998,
  "bids_meta": {
    "AcquisitionMatrixPE": 70,
    "AcquisitionNumber": 3,
    "AcquisitionTime": "10:48:36.450000",
    "BodyPartExamined": "BRAIN",
    "CoilString": "MULTI_COIL",
    "ConversionSoftware": "dcm2niix",
    "ConversionSoftwareVersion": "v1.0.20190410  (JP2:OpenJPEG) GCC6.3.0",
    "Dcm2bidsVersion": "2.1.4",
    "DeviceSerialNumber": "42451",
    "EchoTime": 0.03,
    "EchoTrainLength": 35,
    "EffectiveEchoSpacing": 0.000698,
    "FlipAngle": 75,
    "ImageOrientationPatientDICOM": [
      0.999985,
      0.00418644,
      -0.00365086,
      -0.0042116,
      0.999967,
      -0.00690974
    ],
    "ImageType": [
      "ORIGINAL",
      "PRIMARY",
      "M",
      "FFE",
      "M",
      "FFE"
    ],
    "ImagingFrequency": 127.759,
    "InPlanePhaseEncodingDirectionDICOM": "COL",
    "InstitutionAddress": "Calzada_Mexico_Xochimilco_No.101_Tlalpan",
    "InstitutionName": "I.N._Psiquiatria",
    "InstitutionalDepartmentName": "Imagenes_Cerebrales",
    "MRAcquisitionType": "2D",
    "MagneticFieldStrength": 3,
    "Manufacturer": "Philips",
    "ManufacturersModelName": "Ingenia",
    "Modality": "MR",
    "PartialFourier": 0.5,
    "PatientPosition": "HFS",
    "PercentPhaseFOV": 100,
    "PhaseEncodingAxis": "j",
    "PhaseEncodingDirection": "j-",
    "PhaseEncodingSteps": 70,
    "PhilipsRescaleIntercept": 0,
    "PhilipsRescaleSlope": 0.857387,
    "PhilipsScaleSlope": 0.0277555,
    "PixelBandwidth": 1819,
    "ProcedureStepDescription": "EDUARDO_TMS",
    "ProtocolName": "WIP_FE_EPI_32chSHC_AP",
    "ReconMatrixPE": 80,
    "RepetitionTime": 2,
    "SAR": 0.119138,
    "ScanOptions": "FS",
    "ScanningSequence": "GR",
    "SequenceVariant": "SK",
    "SeriesDescription": "FE_EPI_32chSHC_AP",
    "SeriesNumber": 301,
    "SliceThickness": 3.33,
    "SliceTiming": [
      0.0,
      1.027027,
      0.054054,
      1.081081,
      0.108108,
      1.135135,
      0.162162,
      1.189189,
      0.216216,
      1.243244,
      0.27027,
      1.297298,
      0.324324,
      1.351352,
      0.378378,
      1.405406,
      0.432432,
      1.45946,
      0.486486,
      1.513514,
      0.540541,
      1.567568,
      0.594595,
      1.621622,
      0.648649,
      1.675676,
      0.702703,
      1.72973,
      0.756757,
      1.783784,
      0.810811,
      1.837838,
      0.864865,
      1.891892,
      0.918919,
      1.945947,
      0.972973
    ],
    "SoftwareVersions": "5.3.1_5.3.1.0",
    "SpacingBetweenSlices": 3.33,
    "StationName": "PHILIPS-CTMFQSD",
    "TaskName": "rest",
    "TotalReadoutTime": 0.04884,
    "UsePhilipsFloatNotDisplayScaling": 1,
    "dataset": "ds003037",
    "modality": "bold",
    "session_id": "t14",
    "subject_id": "030",
    "task_id": "rest"
  },
  "dummy_trs": 0,
  "dvars_nstd": 23.916426923110368,
  "dvars_std": 1.1110912319397994,
  "dvars_vstd": 0.9851371003010039,
  "efc": 0.41112556503131426,
  "fber": 159746.640625,
  "fd_mean": 0.14543530029991023,
  "fd_num": 55,
  "fd_perc": 18.333333333333332,
  "fwhm_avg": 1.81644039294183,
  "fwhm_x": 1.77024,
  "fwhm_y": 2.0342733333333336,
  "fwhm_z": 1.6448078454921562,
  "gcor": 0.0419709,
  "gsr_x": -0.014673110097646713,
  "gsr_y": 0.022489801049232483,
  "provenance": {
    "md5sum": "2ac71b6b728a2cefda53b557c82270ae",
    "settings": {
      "fd_thres": 0.2,
      "testing": false
    },
    "software": "mriqc",
    "version": "22.0.6",
    "webapi_port": null,
    "webapi_url": "https://mriqc.nimh.nih.gov/api/v1"
  },
  "size_t": 300,
  "size_x": 80,
  "size_y": 80,
  "size_z": 37,
  "snr": 5.619881611684345,
  "spacing_tr": 2.0000016689300537,
  "spacing_x": 3.0,
  "spacing_y": 3.0,
  "spacing_z": 3.3299999237060547,
  "summary_bg_k": 127.01923230965429,
  "summary_bg_mad": 155.42429259255667,
  "summary_bg_mean": 1340.797607421875,
  "summary_bg_median": 130.49624633789062,
  "summary_bg_n": 164545.0,
  "summary_bg_p05": 9.726577758789062,
  "summary_bg_p95": 6731.576171874999,
  "summary_bg_stdv": 4066.276611328125,
  "summary_fg_k": 2.4824587259749853,
  "summary_fg_mad": 8242.703671936833,
  "summary_fg_mean": 54064.42578125,
  "summary_fg_median": 53646.7421875,
  "summary_fg_n": 31740.0,
  "summary_fg_p05": 39816.485546875,
  "summary_fg_p95": 69597.455859375,
  "summary_fg_stdv": 9545.734375,
  "tsnr": 42.91338348388672
}