{
  "bids_meta": {
    "AcquisitionMatrixPE": 240,
    "AcquisitionNumber": 4,
    "AcquisitionTime": "09:55:3.670000",
    "BodyPartExamined": "BRAIN",
    "CoilString": "MULTI_COIL",
    "ConversionSoftware": "dcm2niix",
    "ConversionSoftwareVersion": "v1.0.20190410  (JP2:OpenJPEG) GCC6.3.0",
    "Dcm2bidsVersion": "2.1.4",
    "DeviceSerialNumber": "42451",
    "EchoTime": 0.0035,
    "EchoTrainLength": 240,
    "FlipAngle": 8,
    "ImageOrientationPatientDICOM": [
      0.00569928,
      0.999979,
      -0.00316218,
      0.0573693,
      -0.00348399,
      -0.998347
    ],
    "ImageType": [
      "ORIGINAL",
      "PRIMARY",
      "M",
      "FFE",
      "M",
      "FFE"
    ],
    "ImagingFrequency": 127.76,
    "InPlanePhaseEncodingDirectionDICOM": "ROW",
    "InstitutionAddress": "Calzada_Mexico_Xochimilco_No.101_Tlalpan",
    "InstitutionName": "I.N._Psiquiatria",
    "InstitutionalDepartmentName": "Imagenes_Cerebrales",
    "MRAcquisitionType": "3D",
    "MagneticFieldStrength": 3,
    "Manufacturer": "Philips",
    "ManufacturersModelName": "Ingenia",
    "Modality": "MR",
    "PatientPosition": "HFS",
    "PercentPhaseFOV": 100,
    "PhaseEncodingSteps": 240,
    "PhilipsRescaleIntercept": 0,
    "PhilipsRescaleSlope": 60.7238,
    "PhilipsScaleSlope": 0.0048973,
    "PixelBandwidth": 310,
    "ProcedureStepDescription": "PROTOCOLO_TMS",
    "ProtocolName": "WIP_sT1W_3D_TFE_32_channel",
    "ReconMatrixPE": 240,
    "RepetitionTime": 0.007,
    "SAR": 0.0382114,
    "ScanOptions": "OTHER",
    "ScanningSequence": "GR",
    "SequenceVariant": "MP",
    "SeriesDescription": "sT1W_3D_TFE_32_channel",
    "SeriesNumber": 401,
    "SliceThickness": 1,
    "SoftwareVersions": "5.3.1_5.3.1.0",
    "SpacingBetweenSlices": 1,
    "StationName": "PHILIPS-CTMFQSD",
    "UsePhilipsFloatNotDisplayScaling": 1,
    "dataset": "ds003037",
    "modality": "T1w",
    "session_id": "t2",
    "subject_id": "034"
  },
  "cjv": 0.34296482229491754,
  "cnr": 3.9592867070945785,
  "efc": 0.6974286472236982,
  "fber": -1.0,
  "fwhm_avg": 4.49659,
  "fwhm_x": 4.384,
  "fwhm_y": 4.72035,
  "fwhm_z": 4.38542,
  "icvs_csf": 0.25914098339356684,
  "icvs_gm": 0.3963595211079444,
  "icvs_wm": 0.34449949549848874,
  "inu_med": 0.4483061730861664,
  "inu_range": 0.18553002178668976,
  "provenance": {
    "md5sum": "de8b2ccba08790e48c96f4c0bbf4f4bf",
    "settings": {
      "testing": false
    },
    "software": "mriqc",
    "version": "22.0.6",
    "warnings": {
      "large_rot_frame": true,
      "small_air_mask": false
    },
    "webapi_port": null,
    "webapi_url": "https://mriqc.nimh.nih.gov/api/v1"
  },
  "qi_1": 0.04213595588444384,
  "qi_2": 1.8568785448241856e-05,
  "rpve_csf": 19.530915634247403,
  "rpve_gm": 12.339154492791078,
  "rpve_wm": 16.751294839355307,
  "size_x": 180,
  "size_y": 240,
  "size_z": 240,
  "snr_csf": 3.7292277556324946,
  "snr_gm": 14.715352977552378,
  "snr_total": 16.213277510413253,
  "snr_wm": 30.195251798054887,
  "snrd_csf": 44.99533124331711,
  "snrd_gm": 105.93107549623925,
  "snrd_total": 96.95089359554574,
  "snrd_wm": 139.92627404708085,
  "spacing_x": 1.0,
  "spacing_y": 1.0,
  "spacing_z": 1.0,
  "summary_bg_k": 18.27925166358007,
  "summary_bg_mad": 0.0,
  "summary_bg_mean": 1.6429331713793005,
  "summary_bg_median": 0.0,
  "summary_bg_n": 488923.0,
  "summary_bg_p05": 0.0,
  "summary_bg_p95": 12.36323313228786,
  "summary_bg_stdv": 4.682011286523389,
  "summary_csf_k": 1.470562134073088,
  "summary_csf_mad": 71.67542354947929,
  "summary_csf_mean": 328.67592190875195,
  "summary_csf_median": 321.56456078775227,
  "summary_csf_n": 68662.0,
  "summary_csf_p05": 206.4165885764174,
  "summary_csf_p95": 485.51235906062624,
  "summary_csf_stdv": 86.22756243431056,
  "summary_gm_k": 0.1658573219481254,
  "summary_gm_mad": 51.416218588086096,
  "summary_gm_mean": 756.0721612461848,
  "summary_gm_median": 757.0492054279894,
  "summary_gm_n": 29695.0,
  "summary_gm_p05": 670.699372459203,
  "summary_gm_p95": 837.7668988587335,
  "summary_gm_stdv": 51.44534822871084,
  "summary_wm_k": 0.5309444765549354,
  "summary_wm_mad": 31.907354551188938,
  "summary_wm_mean": 999.6796815059205,
  "summary_wm_median": 999.9999914057553,
  "summary_wm_n": 184805.0,
  "summary_wm_p05": 945.1486880742013,
  "summary_wm_p95": 1052.5377072505653,
  "summary_wm_stdv": 33.11769984683595,
  "tpm_overlap_csf": 0.1619060332066394,
  "tpm_overlap_gm": 0.4452820848021215,
  "tpm_overlap_wm": 0.4987071826220742,
  "wm2max": 0.8997939835216762
}