{
  "aor": 0.006281166666666667,
  "aqi": 0.020158209933333334,
  "bids_meta": {
    "AcquisitionMatrixPE": 70,
    "AcquisitionNumber": 3,
    "AcquisitionTime": "09:28:50.740000",
    "BodyPartExamined": "BRAIN",
    "CoilString": "MULTI_COIL",
    "ConversionSoftware": "dcm2niix",
    "ConversionSoftwareVersion": "v1.0.20190410  (JP2:OpenJPEG) GCC6.3.0",
    "Dcm2bidsVersion": "2.1.4",
    "DeviceSerialNumber": "42451",
    "EchoTime": 0.03,
    "EchoTrainLength": 35,
    "EffectiveEchoSpacing": 0.000698,
    "FlipAngle": 75,
    "ImageOrientationPatientDICOM": [
      0.999985,
      0.00420361,
      -0.00363109,
      -0.0042116,
      0.999989,
      -0.0021963
    ],
    "ImageType": [
      "ORIGINAL",
      "PRIMARY",
      "M",
      "FFE",
      "M",
      "FFE"
    ],
    "ImagingFrequency": 127.76,
    "InPlanePhaseEncodingDirectionDICOM": "COL",
    "InstitutionAddress": "Calzada_Mexico_Xochimilco_No.101_Tlalpan",
    "InstitutionName": "I.N._Psiquiatria",
    "InstitutionalDepartmentName": "Imagenes_Cerebrales",
    "MRAcquisitionType": "2D",
    "MagneticFieldStrength": 3,
    "Manufacturer": "Philips",
    "ManufacturersModelName": "Ingenia",
    "Modality": "MR",
    "PartialFourier": 0.5,
    "PatientPosition": "HFS",
    "PercentPhaseFOV": 100,
    "PhaseEncodingAxis": "j",
    "PhaseEncodingDirection": "j-",
    "PhaseEncodingSteps": 70,
    "PhilipsRescaleIntercept": 0,
    "PhilipsRescaleSlope": 0.748718,
    "PhilipsScaleSlope": 0.0258374,
    "PixelBandwidth": 1819,
    "ProcedureStepDescription": "EDUARDO_TMS",
    "ProtocolName": "WIP_FE_EPI_32chSHC_AP",
    "ReconMatrixPE": 80,
    "RepetitionTime": 2,
    "SAR": 0.119138,
    "ScanOptions": "FS",
    "ScanningSequence": "GR",
    "SequenceVariant": "SK",
    "SeriesDescription": "FE_EPI_32chSHC_AP",
    "SeriesNumber": 301,
    "SliceThickness": 3.33,
    "SliceTiming": [
      0.0,
      1.027027,
      0.054054,
      1.081081,
      0.108108,
      1.135135,
      0.162162,
      1.189189,
      0.216216,
      1.243244,
      0.27027,
      1.297298,
      0.324324,
      1.351352,
      0.378378,
      1.405406,
      0.432432,
      1.45946,
      0.486486,
      1.513514,
      0.540541,
      1.567568,
      0.594595,
      1.621622,
      0.648649,
      1.675676,
      0.702703,
      1.72973,
      0.756757,
      1.783784,
      0.810811,
      1.837838,
      0.864865,
      1.891892,
      0.918919,
      1.945947,
      0.972973
    ],
    "SoftwareVersions": "5.3.1_5.3.1.1",
    "SpacingBetweenSlices": 3.33,
    "StationName": "PHILIPS-CTMFQSD",
    "TaskName": "rest",
    "TotalReadoutTime": 0.04884,
    "UsePhilipsFloatNotDisplayScaling": 1,
    "dataset": "ds003037",
    "modality": "bold",
    "session_id": "t2",
    "subject_id": "015",
    "task_id": "rest"
  },
  "dummy_trs": 0,
  "dvars_nstd": 23.417857192541813,
  "dvars_std": 1.1570805160869568,
  "dvars_vstd": 0.9763242996321075,
  "efc": 0.37729506254177403,
  "fber": 129348.875,
  "fd_mean": 0.18381649780779583,
  "fd_num": 82,
  "fd_perc": 27.333333333333332,
  "fwhm_avg": 1.9964785225952086,
  "fwhm_x": 1.9737966666666666,
  "fwhm_y": 2.1711133333333335,
  "fwhm_z": 1.8445255677856254,
  "gcor": 0.0380964,
  "gsr_x": -0.0059458608739078045,
  "gsr_y": 0.004143578931689262,
  "provenance": {
    "md5sum": "66cf6dab9180eccd4dadd86ef146eaba",
    "settings": {
      "fd_thres": 0.2,
      "testing": false
    },
    "software": "mriqc",
    "version": "22.0.6",
    "webapi_port": null,
    "webapi_url": "https://mriqc.nimh.nih.gov/api/v1"
  },
  "size_t": 300,
  "size_x": 80,
  "size_y": 80,
  "size_z": 37,
  "snr": 6.2796105506708875,
  "spacing_tr": 2.0000016689300537,
  "spacing_x": 3.0,
  "spacing_y": 3.0,
  "spacing_z": 3.3299999237060547,
  "summary_bg_k": 87.91063293020085,
  "summary_bg_mad": 158.910956254835,
  "summary_bg_mean": 1059.7159423828125,
  "summary_bg_median": 156.42921447753906,
  "summary_bg_n": 170453.0,
  "summary_bg_p05": 18.582380294799805,
  "summary_bg_p95": 4643.70048828125,
  "summary_bg_stdv": 3239.548583984375,
  "summary_fg_k": 1.4014234617562176,
  "summary_fg_mad": 8165.753141947443,
  "summary_fg_mean": 57924.31640625,
  "summary_fg_median": 58073.265625,
  "summary_fg_n": 26964.0,
  "summary_fg_p05": 42507.839453125,
  "summary_fg_p95": 72698.812890625,
  "summary_fg_stdv": 9247.7373046875,
  "tsnr": 44.19718933105469
}