{
  "bids_meta": {
    "AcquisitionMatrixPE": 240,
    "AcquisitionNumber": 4,
    "AcquisitionTime": "10:32:41.650000",
    "BodyPartExamined": "BRAIN",
    "CoilString": "MULTI_COIL",
    "ConversionSoftware": "dcm2niix",
    "ConversionSoftwareVersion": "v1.0.20190410  (JP2:OpenJPEG) GCC6.3.0",
    "Dcm2bidsVersion": "2.1.4",
    "DeviceSerialNumber": "42451",
    "EchoTime": 0.0035,
    "EchoTrainLength": 240,
    "FlipAngle": 8,
    "ImageOrientationPatientDICOM": [
      0.0487283,
      0.998812,
      0.000458021,
      -0.00616568,
      0.000759358,
      -0.999981
    ],
    "ImageType": [
      "ORIGINAL",
      "PRIMARY",
      "M",
      "FFE",
      "M",
      "FFE"
    ],
    "ImagingFrequency": 127.76,
    "InPlanePhaseEncodingDirectionDICOM": "ROW",
    "InstitutionAddress": "Calzada_Mexico_Xochimilco_No.101_Tlalpan",
    "InstitutionName": "I.N._Psiquiatria",
    "InstitutionalDepartmentName": "Imagenes_Cerebrales",
    "MRAcquisitionType": "3D",
    "MagneticFieldStrength": 3,
    "Manufacturer": "Philips",
    "ManufacturersModelName": "Ingenia",
    "Modality": "MR",
    "PatientPosition": "HFS",
    "PercentPhaseFOV": 100,
    "PhaseEncodingSteps": 240,
    "PhilipsRescaleIntercept": 0,
    "PhilipsRescaleSlope": 20.0376,
    "PhilipsScaleSlope": 0.0056394,
    "PixelBandwidth": 310,
    "ProcedureStepDescription": "EDUARDO_TMS",
    "ProtocolName": "sT1W_3D_TFE_32_channel",
    "ReconMatrixPE": 240,
    "RepetitionTime": 0.007,
    "SAR": 0.0382114,
    "ScanOptions": "OTHER",
    "ScanningSequence": "GR",
    "SequenceVariant": "MP",
    "SeriesDescription": "sT1W_3D_TFE_32_channel",
    "SeriesNumber": 401,
    "SliceThickness": 1,
    "SoftwareVersions": "5.3.1_5.3.1.0",
    "SpacingBetweenSlices": 1,
    "StationName": "PHILIPS-CTMFQSD",
    "UsePhilipsFloatNotDisplayScaling": 1,
    "dataset": "ds003037",
    "modality": "T1w",
    "session_id": "t2",
    "subject_id": "022"
  },
  "cjv": 0.3362709066528107,
  "cnr": 3.963940218695712,
  "efc": 0.7464942319907933,
  "fber": -1.0,
  "fwhm_avg": 4.56785,
  "fwhm_x": 4.46232,
  "fwhm_y": 4.86744,
  "fwhm_z": 4.37379,
  "icvs_csf": 0.23448897284503858,
  "icvs_gm": 0.4163992929980341,
  "icvs_wm": 0.34911173415692737,
  "inu_med": 0.49879902601242065,
  "inu_range": 0.2278001964092255,
  "provenance": {
    "md5sum": "971cf0bc443c78be9bf4a364fb3191e6",
    "settings": {
      "testing": false
    },
    "software": "mriqc",
    "version": "22.0.6",
    "warnings": {
      "large_rot_frame": true,
      "small_air_mask": true
    },
    "webapi_port": null,
    "webapi_url": "https://mriqc.nimh.nih.gov/api/v1"
  },
  "qi_1": 0.00028336350441150087,
  "qi_2": 0.0001135175624798256,
  "rpve_csf": 19.07631048798495,
  "rpve_gm": 10.71052855338808,
  "rpve_wm": 14.837998730634972,
  "size_x": 180,
  "size_y": 240,
  "size_z": 240,
  "snr_csf": 3.3775643683936796,
  "snr_gm": 12.353494164778498,
  "snr_total": 14.365461030664575,
  "snr_wm": 27.36532455882155,
  "snrd_csf": 36.71393294002509,
  "snrd_gm": 88.9993043066504,
  "snrd_total": 82.8173739668301,
  "snrd_wm": 122.73888465381482,
  "spacing_x": 1.0,
  "spacing_y": 1.0,
  "spacing_z": 1.0,
  "summary_bg_k": 13.278118877122257,
  "summary_bg_mad": 0.0,
  "summary_bg_mean": 2.1180306588079403,
  "summary_bg_median": 0.0,
  "summary_bg_n": 272977.0,
  "summary_bg_p05": 0.0,
  "summary_bg_p95": 13.285629369318485,
  "summary_bg_stdv": 5.3377708420545025,
  "summary_csf_k": 1.5618324743174146,
  "summary_csf_mad": 73.80300281078183,
  "summary_csf_mean": 309.0054975351888,
  "summary_csf_median": 299.12940380722284,
  "summary_csf_n": 66949.0,
  "summary_csf_p05": 185.22123214453458,
  "summary_csf_p95": 474.8241002783179,
  "summary_csf_stdv": 88.56298123835396,
  "summary_gm_k": 0.19161031303824183,
  "summary_gm_mad": 57.96028826395372,
  "summary_gm_mean": 726.7142967015782,
  "summary_gm_median": 725.1282198503613,
  "summary_gm_n": 35797.0,
  "summary_gm_p05": 633.8652484089137,
  "summary_gm_p95": 825.0018056586384,
  "summary_gm_stdv": 58.697408342102044,
  "summary_wm_k": 0.5589084883739459,
  "summary_wm_mad": 34.479122060619204,
  "summary_wm_mean": 999.6862262895567,
  "summary_wm_median": 1000.0238724201918,
  "summary_wm_n": 217330.0,
  "summary_wm_p05": 939.9403887912631,
  "summary_wm_p95": 1059.7257221713662,
  "summary_wm_stdv": 36.54338429512509,
  "tpm_overlap_csf": 0.16029621099190663,
  "tpm_overlap_gm": 0.45863808487018476,
  "tpm_overlap_wm": 0.5116164282389314,
  "wm2max": 0.88653472046012
}