{
  "bids_meta": {
    "AcquisitionMatrixPE": 240,
    "AcquisitionNumber": 4,
    "AcquisitionTime": "10:54:29.170000",
    "BodyPartExamined": "BRAIN",
    "CoilString": "MULTI_COIL",
    "ConversionSoftware": "dcm2niix",
    "ConversionSoftwareVersion": "v1.0.20190410  (JP2:OpenJPEG) GCC6.3.0",
    "Dcm2bidsVersion": "2.1.4",
    "DeviceSerialNumber": "42451",
    "EchoTime": 0.0035,
    "EchoTrainLength": 240,
    "FlipAngle": 8,
    "ImageOrientationPatientDICOM": [
      -0.0692439,
      0.997463,
      -0.0165113,
      0.0811996,
      -0.0108608,
      -0.996639
    ],
    "ImageType": [
      "ORIGINAL",
      "PRIMARY",
      "M",
      "FFE",
      "M",
      "FFE"
    ],
    "ImagingFrequency": 127.759,
    "InPlanePhaseEncodingDirectionDICOM": "ROW",
    "InstitutionAddress": "Calzada_Mexico_Xochimilco_No.101_Tlalpan",
    "InstitutionName": "I.N._Psiquiatria",
    "InstitutionalDepartmentName": "Imagenes_Cerebrales",
    "MRAcquisitionType": "3D",
    "MagneticFieldStrength": 3,
    "Manufacturer": "Philips",
    "ManufacturersModelName": "Ingenia",
    "Modality": "MR",
    "PatientPosition": "HFS",
    "PercentPhaseFOV": 100,
    "PhaseEncodingSteps": 240,
    "PhilipsRescaleIntercept": 0,
    "PhilipsRescaleSlope": 129.078,
    "PhilipsScaleSlope": 0.00588256,
    "PixelBandwidth": 310,
    "ProcedureStepDescription": "EDUARDO_TMS",
    "ProtocolName": "WIP_sT1W_3D_TFE_32_channel",
    "ReconMatrixPE": 240,
    "RepetitionTime": 0.007,
    "SAR": 0.0382114,
    "ScanOptions": "OTHER",
    "ScanningSequence": "GR",
    "SequenceVariant": "MP",
    "SeriesDescription": "sT1W_3D_TFE_32_channel",
    "SeriesNumber": 401,
    "SliceThickness": 1,
    "SoftwareVersions": "5.3.1_5.3.1.0",
    "SpacingBetweenSlices": 1,
    "StationName": "PHILIPS-CTMFQSD",
    "UsePhilipsFloatNotDisplayScaling": 1,
    "dataset": "ds003037",
    "modality": "T1w",
    "session_id": "t0",
    "subject_id": "035"
  },
  "cjv": 0.3878790566720962,
  "cnr": 3.3814061717291315,
  "efc": 0.7011578849978102,
  "fber": -1.0,
  "fwhm_avg": 4.318766666666666,
  "fwhm_x": 4.15927,
  "fwhm_y": 4.70598,
  "fwhm_z": 4.09105,
  "icvs_csf": 0.24985808775815357,
  "icvs_gm": 0.3862352230614841,
  "icvs_wm": 0.3639066891803623,
  "inu_med": 0.3918909430503845,
  "inu_range": 0.1335651099681855,
  "provenance": {
    "md5sum": "7e502ef176099cd8d9d7bbbf6d5cc398",
    "settings": {
      "testing": false
    },
    "software": "mriqc",
    "version": "22.0.6",
    "warnings": {
      "large_rot_frame": true,
      "small_air_mask": false
    },
    "webapi_port": null,
    "webapi_url": "https://mriqc.nimh.nih.gov/api/v1"
  },
  "qi_1": 9.431191375040757e-06,
  "qi_2": 7.338561313707729e-05,
  "rpve_csf": 22.276174468333647,
  "rpve_gm": 13.958114754769174,
  "rpve_wm": 17.882923273191178,
  "size_x": 180,
  "size_y": 240,
  "size_z": 240,
  "snr_csf": 3.5655502107151547,
  "snr_gm": 13.802715188914421,
  "snr_total": 15.740006377812797,
  "snr_wm": 29.85175373380882,
  "snrd_csf": 33.78420264511338,
  "snrd_gm": 80.13811264964082,
  "snrd_total": 72.33658977563572,
  "snrd_wm": 103.08745403215298,
  "spacing_x": 1.0,
  "spacing_y": 1.0,
  "spacing_z": 1.0,
  "summary_bg_k": 51.774484502784546,
  "summary_bg_mad": 0.0,
  "summary_bg_mean": 3.1691670453237797,
  "summary_bg_median": 0.0,
  "summary_bg_n": 416107.0,
  "summary_bg_p05": 0.0,
  "summary_bg_p95": 16.1701380610466,
  "summary_bg_stdv": 6.3552912741938785,
  "summary_csf_k": 1.5614700410309048,
  "summary_csf_mad": 75.60242041898618,
  "summary_csf_mean": 334.24052945250463,
  "summary_csf_median": 327.7309095878154,
  "summary_csf_n": 47496.0,
  "summary_csf_p05": 201.22594361566007,
  "summary_csf_p95": 499.78579231956974,
  "summary_csf_stdv": 91.91497528072665,
  "summary_gm_k": 0.29198067995787813,
  "summary_gm_mad": 54.722992806504436,
  "summary_gm_mean": 774.0899190770298,
  "summary_gm_median": 777.3969635218382,
  "summary_gm_n": 23214.0,
  "summary_gm_p05": 676.3698516291566,
  "summary_gm_p95": 861.8002507353201,
  "summary_gm_stdv": 56.32081866219908,
  "summary_wm_k": 0.5454608651088773,
  "summary_wm_mad": 31.62858691375941,
  "summary_wm_mean": 1001.1464094699115,
  "summary_wm_median": 1000.0219757128507,
  "summary_wm_n": 188375.0,
  "summary_wm_p05": 948.0622250139713,
  "summary_wm_p95": 1058.023557888344,
  "summary_wm_stdv": 33.49951665447355,
  "tpm_overlap_csf": 0.1635864522431816,
  "tpm_overlap_gm": 0.4480178591171097,
  "tpm_overlap_wm": 0.5195969389611015,
  "wm2max": 0.8604835731659138
}