{
  "aor": 0.0018824,
  "aqi": 0.01963606526666667,
  "bids_meta": {
    "AcquisitionMatrixPE": 70,
    "AcquisitionNumber": 3,
    "AcquisitionTime": "09:39:34.400000",
    "BodyPartExamined": "BRAIN",
    "CoilString": "MULTI_COIL",
    "ConversionSoftware": "dcm2niix",
    "ConversionSoftwareVersion": "v1.0.20190410  (JP2:OpenJPEG) GCC6.3.0",
    "Dcm2bidsVersion": "2.1.4",
    "DeviceSerialNumber": "42451",
    "EchoTime": 0.03,
    "EchoTrainLength": 35,
    "EffectiveEchoSpacing": 0.000698,
    "FlipAngle": 75,
    "ImageOrientationPatientDICOM": [
      0.999991,
      0.00420143,
      0.00060462,
      -0.00420245,
      0.99999,
      0.00170259
    ],
    "ImageType": [
      "ORIGINAL",
      "PRIMARY",
      "M",
      "FFE",
      "M",
      "FFE"
    ],
    "ImagingFrequency": 127.759,
    "InPlanePhaseEncodingDirectionDICOM": "COL",
    "InstitutionAddress": "Calzada_Mexico_Xochimilco_No.101_Tlalpan",
    "InstitutionName": "I.N._Psiquiatria",
    "InstitutionalDepartmentName": "Imagenes_Cerebrales",
    "MRAcquisitionType": "2D",
    "MagneticFieldStrength": 3,
    "Manufacturer": "Philips",
    "ManufacturersModelName": "Ingenia",
    "Modality": "MR",
    "PartialFourier": 0.5,
    "PatientPosition": "HFS",
    "PercentPhaseFOV": 100,
    "PhaseEncodingAxis": "j",
    "PhaseEncodingDirection": "j-",
    "PhaseEncodingSteps": 70,
    "PhilipsRescaleIntercept": 0,
    "PhilipsRescaleSlope": 0.838095,
    "PhilipsScaleSlope": 0.0235242,
    "PixelBandwidth": 1819,
    "ProcedureStepDescription": "PROTOCOLO_EDUARDO_TMS",
    "ProtocolName": "WIP_FE_EPI_32chSHC_AP",
    "ReconMatrixPE": 80,
    "RepetitionTime": 2,
    "SAR": 0.119138,
    "ScanOptions": "FS",
    "ScanningSequence": "GR",
    "SequenceVariant": "SK",
    "SeriesDescription": "FE_EPI_32chSHC_AP",
    "SeriesNumber": 301,
    "SliceThickness": 3.33,
    "SliceTiming": [
      0.0,
      1.027027,
      0.054054,
      1.081081,
      0.108108,
      1.135135,
      0.162162,
      1.189189,
      0.216216,
      1.243244,
      0.27027,
      1.297298,
      0.324324,
      1.351352,
      0.378378,
      1.405406,
      0.432432,
      1.45946,
      0.486486,
      1.513514,
      0.540541,
      1.567568,
      0.594595,
      1.621622,
      0.648649,
      1.675676,
      0.702703,
      1.72973,
      0.756757,
      1.783784,
      0.810811,
      1.837838,
      0.864865,
      1.891892,
      0.918919,
      1.945947,
      0.972973
    ],
    "SoftwareVersions": "5.3.1_5.3.1.0",
    "SpacingBetweenSlices": 3.33,
    "StationName": "PHILIPS-CTMFQSD",
    "TaskName": "rest",
    "TotalReadoutTime": 0.04884,
    "UsePhilipsFloatNotDisplayScaling": 1,
    "dataset": "ds003037",
    "modality": "bold",
    "session_id": "t0",
    "subject_id": "040",
    "task_id": "rest"
  },
  "dummy_trs": 0,
  "dvars_nstd": 27.434260664916387,
  "dvars_std": 1.1270840798662212,
  "dvars_vstd": 0.9173462868896315,
  "efc": 0.4209149543132319,
  "fber": 119681.1640625,
  "fd_mean": 0.09732823588673305,
  "fd_num": 18,
  "fd_perc": 6.0,
  "fwhm_avg": 1.9610155091313122,
  "fwhm_x": 1.9389933333333333,
  "fwhm_y": 2.1585666666666667,
  "fwhm_z": 1.7854865273939373,
  "gcor": 0.0232056,
  "gsr_x": -0.00944235734641552,
  "gsr_y": 0.017566468566656113,
  "provenance": {
    "md5sum": "51cbad27b0c2fecd17967e5dded048a0",
    "settings": {
      "fd_thres": 0.2,
      "testing": false
    },
    "software": "mriqc",
    "version": "22.0.6",
    "webapi_port": null,
    "webapi_url": "https://mriqc.nimh.nih.gov/api/v1"
  },
  "size_t": 300,
  "size_x": 80,
  "size_y": 80,
  "size_z": 37,
  "snr": 5.038851724734225,
  "spacing_tr": 2.0000016689300537,
  "spacing_x": 3.0,
  "spacing_y": 3.0,
  "spacing_z": 3.3299999237060547,
  "summary_bg_k": 109.22154869259948,
  "summary_bg_mad": 180.74702243010688,
  "summary_bg_mean": 1310.30712890625,
  "summary_bg_median": 158.27395629882812,
  "summary_bg_n": 161565.0,
  "summary_bg_p05": 14.025180435180664,
  "summary_bg_p95": 6371.915039062498,
  "summary_bg_stdv": 3822.45458984375,
  "summary_fg_k": 2.3613190123590178,
  "summary_fg_mad": 9054.610816138505,
  "summary_fg_mean": 57530.25,
  "summary_fg_median": 56799.796875,
  "summary_fg_n": 34760.0,
  "summary_fg_p05": 40460.0966796875,
  "summary_fg_p95": 76862.40546874999,
  "summary_fg_stdv": 11272.20703125,
  "tsnr": 43.3227424621582
}