{
  "bids_meta": {
    "AcquisitionMatrixPE": 240,
    "AcquisitionNumber": 4,
    "AcquisitionTime": "08:32:10.860000",
    "CoilString": "MULTI_COIL",
    "ConversionSoftware": "dcm2niix",
    "ConversionSoftwareVersion": "v1.0.20190410  (JP2:OpenJPEG) GCC6.3.0",
    "Dcm2bidsVersion": "2.1.4",
    "DeviceSerialNumber": "42451",
    "EchoTime": 0.003501,
    "EchoTrainLength": 240,
    "FlipAngle": 8,
    "ImageOrientationPatientDICOM": [
      -0.0354191,
      0.99937,
      0.00235422,
      -0.0137158,
      0.00186937,
      -0.999904
    ],
    "ImageType": [
      "ORIGINAL",
      "PRIMARY",
      "M",
      "FFE",
      "M",
      "FFE"
    ],
    "ImagingFrequency": 127.766,
    "InPlanePhaseEncodingDirectionDICOM": "ROW",
    "InstitutionAddress": "Calzada_Mexico_Xochimilco_No.101_Tlalpan",
    "InstitutionName": "I.N._Psiquiatria",
    "InstitutionalDepartmentName": "Imagenes_Cerebrales",
    "MRAcquisitionType": "3D",
    "MagneticFieldStrength": 3,
    "Manufacturer": "Philips",
    "ManufacturersModelName": "Ingenia",
    "Modality": "MR",
    "PatientPosition": "HFS",
    "PercentPhaseFOV": 100,
    "PhaseEncodingSteps": 240,
    "PhilipsRescaleIntercept": 0,
    "PhilipsRescaleSlope": 9.59707,
    "PhilipsScaleSlope": 0.00588214,
    "PixelBandwidth": 310,
    "ProcedureStepDescription": "EDUARDO_TMS",
    "ProtocolName": "WIP_sT1W_3D_TFE_32_channel_SENSE",
    "ReconMatrixPE": 240,
    "RepetitionTime": 0.007,
    "SAR": 0.0382114,
    "ScanOptions": "OTHER",
    "ScanningSequence": "GR",
    "SequenceVariant": "MP",
    "SeriesDescription": "sT1W_3D_TFE_32_channel",
    "SeriesNumber": 401,
    "SliceThickness": 1,
    "SoftwareVersions": "5.1.7_5.1.7.2",
    "SpacingBetweenSlices": 1,
    "StationName": "INGENIA",
    "UsePhilipsFloatNotDisplayScaling": 1,
    "dataset": "ds003037",
    "modality": "T1w",
    "session_id": "t14",
    "subject_id": "008"
  },
  "cjv": 0.32208577735873434,
  "cnr": 4.220006280195055,
  "efc": 0.7753152450842574,
  "fber": -1.0,
  "fwhm_avg": 4.535,
  "fwhm_x": 4.44753,
  "fwhm_y": 4.92462,
  "fwhm_z": 4.23285,
  "icvs_csf": 0.15877025166817277,
  "icvs_gm": 0.45573838661067967,
  "icvs_wm": 0.38549136172114756,
  "inu_med": 0.4131605178117752,
  "inu_range": 0.17333180159330364,
  "provenance": {
    "md5sum": "2e5f1d76b73c6878c7d120e03c3a0f7a",
    "settings": {
      "testing": false
    },
    "software": "mriqc",
    "version": "22.0.6",
    "warnings": {
      "large_rot_frame": true,
      "small_air_mask": true
    },
    "webapi_port": null,
    "webapi_url": "https://mriqc.nimh.nih.gov/api/v1"
  },
  "qi_1": 0.0,
  "qi_2": 0.00019687920338349145,
  "rpve_csf": 28.82548261036189,
  "rpve_gm": 11.490116179132245,
  "rpve_wm": 15.228110128560267,
  "size_x": 180,
  "size_y": 240,
  "size_z": 240,
  "snr_csf": 2.265610371333848,
  "snr_gm": 14.146301807339873,
  "snr_total": 14.032088673258302,
  "snr_wm": 25.68435384110119,
  "snrd_csf": 66.94762530123032,
  "snrd_gm": 162.74688367738088,
  "snrd_total": 151.13225190106684,
  "snrd_wm": 223.7022467245893,
  "spacing_x": 1.0,
  "spacing_y": 1.0,
  "spacing_z": 1.0,
  "summary_bg_k": 122.97707995793289,
  "summary_bg_mad": 0.0,
  "summary_bg_mean": 0.47091478436539763,
  "summary_bg_median": 0.0,
  "summary_bg_n": 105366.0,
  "summary_bg_p05": 0.0,
  "summary_bg_p95": 0.0,
  "summary_bg_stdv": 2.9287250651211774,
  "summary_csf_k": 0.3310152779178721,
  "summary_csf_mad": 119.28441918926805,
  "summary_csf_mean": 289.5019505602151,
  "summary_csf_median": 299.28300163149834,
  "summary_csf_n": 18125.0,
  "summary_csf_p05": 70.11138210073113,
  "summary_csf_p95": 507.83922911211846,
  "summary_csf_stdv": 132.09453365038252,
  "summary_gm_k": 0.2405185176982152,
  "summary_gm_mad": 50.208502651188134,
  "summary_gm_mean": 727.9137410292077,
  "summary_gm_median": 727.5444892030209,
  "summary_gm_n": 68106.0,
  "summary_gm_p05": 644.3632871937007,
  "summary_gm_p95": 812.9480897393078,
  "summary_gm_stdv": 51.4296356621054,
  "summary_wm_k": 0.4117132156355563,
  "summary_wm_mad": 37.5583135066505,
  "summary_wm_mean": 1001.7978171469967,
  "summary_wm_median": 1000.0396514469758,
  "summary_wm_n": 234634.0,
  "summary_wm_p05": 941.2386904209852,
  "summary_wm_p95": 1068.6562059670687,
  "summary_wm_stdv": 38.935669807719535,
  "tpm_overlap_csf": 0.13359698251652774,
  "tpm_overlap_gm": 0.46603132655655294,
  "tpm_overlap_wm": 0.5130559453998162,
  "wm2max": 0.7432602497296235
}