{
  "aor": 0.0041249,
  "aqi": 0.0158674599,
  "bids_meta": {
    "AcquisitionMatrixPE": 70,
    "AcquisitionNumber": 3,
    "AcquisitionTime": "09:37:28.510000",
    "CoilString": "MULTI_COIL",
    "ConversionSoftware": "dcm2niix",
    "ConversionSoftwareVersion": "v1.0.20190410  (JP2:OpenJPEG) GCC6.3.0",
    "Dcm2bidsVersion": "2.1.4",
    "DeviceSerialNumber": "42451",
    "EchoTime": 0.03,
    "EchoTrainLength": 35,
    "EffectiveEchoSpacing": 0.000698,
    "FlipAngle": 75,
    "ImageOrientationPatientDICOM": [
      0.999985,
      0.00420401,
      -0.00363061,
      -0.0042116,
      0.999989,
      -0.00208416
    ],
    "ImageType": [
      "ORIGINAL",
      "PRIMARY",
      "M",
      "FFE",
      "M",
      "FFE"
    ],
    "ImagingFrequency": 127.766,
    "InPlanePhaseEncodingDirectionDICOM": "COL",
    "InstitutionAddress": "Calzada_Mexico_Xochimilco_No.101_Tlalpan",
    "InstitutionName": "I.N._Psiquiatria",
    "InstitutionalDepartmentName": "Imagenes_Cerebrales",
    "MRAcquisitionType": "2D",
    "MagneticFieldStrength": 3,
    "Manufacturer": "Philips",
    "ManufacturersModelName": "Ingenia",
    "Modality": "MR",
    "PartialFourier": 0.5,
    "PatientPosition": "HFS",
    "PercentPhaseFOV": 100,
    "PhaseEncodingAxis": "j",
    "PhaseEncodingDirection": "j-",
    "PhaseEncodingSteps": 70,
    "PhilipsRescaleIntercept": 0,
    "PhilipsRescaleSlope": 0.810989,
    "PhilipsScaleSlope": 0.0517043,
    "PixelBandwidth": 1819,
    "ProcedureStepDescription": "EDUARDOTMS",
    "ProtocolName": "WIP_FE_EPI_32chSHC_AP_SENSE",
    "ReconMatrixPE": 80,
    "RepetitionTime": 2,
    "SAR": 0.119138,
    "ScanOptions": "FS",
    "ScanningSequence": "GR",
    "SequenceVariant": "SK",
    "SeriesDescription": "FE_EPI_32chSHC_AP",
    "SeriesNumber": 301,
    "SliceThickness": 3.33,
    "SliceTiming": [
      0.0,
      1.027027,
      0.054054,
      1.081081,
      0.108108,
      1.135135,
      0.162162,
      1.189189,
      0.216216,
      1.243244,
      0.27027,
      1.297298,
      0.324324,
      1.351352,
      0.378378,
      1.405406,
      0.432432,
      1.45946,
      0.486486,
      1.513514,
      0.540541,
      1.567568,
      0.594595,
      1.621622,
      0.648649,
      1.675676,
      0.702703,
      1.72973,
      0.756757,
      1.783784,
      0.810811,
      1.837838,
      0.864865,
      1.891892,
      0.918919,
      1.945947,
      0.972973
    ],
    "SoftwareVersions": "5.1.7_5.1.7.2",
    "SpacingBetweenSlices": 3.33,
    "StationName": "INGENIA",
    "TaskName": "rest",
    "TotalReadoutTime": 0.04884,
    "UsePhilipsFloatNotDisplayScaling": 1,
    "dataset": "ds003037",
    "modality": "bold",
    "session_id": "t0",
    "subject_id": "007",
    "task_id": "rest"
  },
  "dummy_trs": 0,
  "dvars_nstd": 25.975202110836136,
  "dvars_std": 1.0972617746822744,
  "dvars_vstd": 0.9255429687959871,
  "efc": 0.3989244141560978,
  "fber": 240005.421875,
  "fd_mean": 0.3005970694442103,
  "fd_num": 128,
  "fd_perc": 42.666666666666664,
  "fwhm_avg": 1.9704421763554825,
  "fwhm_x": 1.88253,
  "fwhm_y": 2.17031,
  "fwhm_z": 1.8584865290664474,
  "gcor": 0.0553711,
  "gsr_x": -0.02240125462412834,
  "gsr_y": 0.013659469783306122,
  "provenance": {
    "md5sum": "2213591be1281cca00e41dedba3018ec",
    "settings": {
      "fd_thres": 0.2,
      "testing": false
    },
    "software": "mriqc",
    "version": "22.0.6",
    "webapi_port": null,
    "webapi_url": "https://mriqc.nimh.nih.gov/api/v1"
  },
  "size_t": 300,
  "size_x": 80,
  "size_y": 80,
  "size_z": 37,
  "snr": 4.624630364217069,
  "spacing_tr": 2.0000016689300537,
  "spacing_x": 3.0,
  "spacing_y": 3.0,
  "spacing_z": 3.3299999237060547,
  "summary_bg_k": 90.6795944396764,
  "summary_bg_mad": 56.9610881318974,
  "summary_bg_mean": 560.3853759765625,
  "summary_bg_median": 50.56348419189453,
  "summary_bg_n": 165970.0,
  "summary_bg_p05": 4.404589891433716,
  "summary_bg_p95": 2633.4858642578097,
  "summary_bg_stdv": 1798.618408203125,
  "summary_fg_k": 2.75352713971818,
  "summary_fg_mad": 4512.731312433044,
  "summary_fg_mean": 26131.384765625,
  "summary_fg_median": 25496.439453125,
  "summary_fg_n": 31119.0,
  "summary_fg_p05": 18535.7625,
  "summary_fg_p95": 35929.5453125,
  "summary_fg_stdv": 5513.095703125,
  "tsnr": 43.53019714355469
}