{
  "bids_meta": {
    "AcquisitionMatrixPE": 240,
    "AcquisitionNumber": 5,
    "AcquisitionTime": "08:55:6.410000",
    "BodyPartExamined": "BRAIN",
    "CoilString": "MULTI_COIL",
    "ConversionSoftware": "dcm2niix",
    "ConversionSoftwareVersion": "v1.0.20190410  (JP2:OpenJPEG) GCC6.3.0",
    "Dcm2bidsVersion": "2.1.4",
    "DeviceSerialNumber": "42451",
    "EchoTime": 0.0035,
    "EchoTrainLength": 240,
    "FlipAngle": 8,
    "ImageOrientationPatientDICOM": [
      -0.0042116,
      0.99949,
      -0.0316631,
      -0.00362181,
      -0.0316784,
      -0.999492
    ],
    "ImageType": [
      "ORIGINAL",
      "PRIMARY",
      "M",
      "FFE",
      "M",
      "FFE"
    ],
    "ImagingFrequency": 127.759,
    "InPlanePhaseEncodingDirectionDICOM": "ROW",
    "InstitutionAddress": "Calzada_Mexico_Xochimilco_No.101_Tlalpan",
    "InstitutionName": "I.N._Psiquiatria",
    "InstitutionalDepartmentName": "Imagenes_Cerebrales",
    "MRAcquisitionType": "3D",
    "MagneticFieldStrength": 3,
    "Manufacturer": "Philips",
    "ManufacturersModelName": "Ingenia",
    "Modality": "MR",
    "PatientPosition": "HFS",
    "PercentPhaseFOV": 100,
    "PhaseEncodingSteps": 240,
    "PhilipsRescaleIntercept": 0,
    "PhilipsRescaleSlope": 307.921,
    "PhilipsScaleSlope": 0.00648119,
    "PixelBandwidth": 310,
    "ProcedureStepDescription": "EDUARDO_TMS",
    "ProtocolName": "WIP_sT1W_3D_TFE_32_channel",
    "ReconMatrixPE": 240,
    "RepetitionTime": 0.007,
    "SAR": 0.0382114,
    "ScanOptions": "OTHER",
    "ScanningSequence": "GR",
    "SequenceVariant": "MP",
    "SeriesDescription": "sT1W_3D_TFE_32_channel",
    "SeriesNumber": 501,
    "SliceThickness": 1,
    "SoftwareVersions": "5.3.1_5.3.1.0",
    "SpacingBetweenSlices": 1,
    "StationName": "PHILIPS-CTMFQSD",
    "UsePhilipsFloatNotDisplayScaling": 1,
    "dataset": "ds003037",
    "modality": "T1w",
    "session_id": "t3",
    "subject_id": "020"
  },
  "cjv": 0.3406939634385113,
  "cnr": 3.8913340522289617,
  "efc": 0.7317720508120994,
  "fber": -1.0,
  "fwhm_avg": 3.9368966666666663,
  "fwhm_x": 3.80457,
  "fwhm_y": 4.2814,
  "fwhm_z": 3.72472,
  "icvs_csf": 0.1985030444027416,
  "icvs_gm": 0.4480369921882869,
  "icvs_wm": 0.3534599634089715,
  "inu_med": 0.42006155848503113,
  "inu_range": 0.14547484517097475,
  "provenance": {
    "md5sum": "4bbd1323eecb3a3923fa734ca4010572",
    "settings": {
      "testing": false
    },
    "software": "mriqc",
    "version": "22.0.6",
    "warnings": {
      "large_rot_frame": true,
      "small_air_mask": false
    },
    "webapi_port": null,
    "webapi_url": "https://mriqc.nimh.nih.gov/api/v1"
  },
  "qi_1": 0.0,
  "qi_2": 0.00014439168487503188,
  "rpve_csf": 27.508686983005063,
  "rpve_gm": 13.048254714335966,
  "rpve_wm": 18.47672820568025,
  "size_x": 180,
  "size_y": 240,
  "size_z": 240,
  "snr_csf": 2.8083476552063242,
  "snr_gm": 14.670509861415226,
  "snr_total": 15.181926324740301,
  "snr_wm": 28.06692145759935,
  "snrd_csf": 42.31807965141319,
  "snrd_gm": 100.39670543396126,
  "snrd_total": 91.86428975729676,
  "snrd_wm": 132.8780841865158,
  "spacing_x": 1.0,
  "spacing_y": 1.0,
  "spacing_z": 1.0,
  "summary_bg_k": 26.303662655209266,
  "summary_bg_mad": 0.0,
  "summary_bg_mean": 1.6853883603631472,
  "summary_bg_median": 0.0,
  "summary_bg_n": 267901.0,
  "summary_bg_p05": 0.0,
  "summary_bg_p95": 10.15978773124516,
  "summary_bg_stdv": 4.93035698024014,
  "summary_csf_k": 1.796786385189555,
  "summary_csf_mad": 69.4007691469531,
  "summary_csf_mean": 319.8293144451745,
  "summary_csf_median": 318.47297661937773,
  "summary_csf_n": 30576.0,
  "summary_csf_p05": 93.66127638844773,
  "summary_csf_p95": 517.8734756656922,
  "summary_csf_stdv": 113.40040756526992,
  "summary_gm_k": 0.2724247073855959,
  "summary_gm_mad": 49.91985149166802,
  "summary_gm_mean": 754.9230514157914,
  "summary_gm_median": 755.5550224799663,
  "summary_gm_n": 33548.0,
  "summary_gm_p05": 669.3340894854628,
  "summary_gm_p95": 838.2247225111349,
  "summary_gm_stdv": 51.50085230353513,
  "summary_wm_k": 0.7346863006067452,
  "summary_wm_mad": 33.3610714846757,
  "summary_wm_mean": 999.777208569908,
  "summary_wm_median": 999.9999845679849,
  "summary_wm_n": 163896.0,
  "summary_wm_p05": 941.3876294810325,
  "summary_wm_p95": 1057.4450199329294,
  "summary_wm_stdv": 35.62902099394779,
  "tpm_overlap_csf": 0.15252168143591038,
  "tpm_overlap_gm": 0.45714573549539644,
  "tpm_overlap_wm": 0.4896702419161272,
  "wm2max": 0.8079737620383711
}