{
  "bids_meta": {
    "AcquisitionMatrixPE": 240,
    "AcquisitionTime": "10:38:51.190000",
    "CoilString": "MULTI_COIL",
    "ConversionSoftware": "dcm2niix",
    "ConversionSoftwareVersion": "v1.0.20190410  (JP2:OpenJPEG) GCC6.3.0",
    "Dcm2bidsVersion": "2.1.4",
    "DeviceSerialNumber": "42451",
    "EchoTime": 0.003501,
    "EchoTrainLength": 240,
    "FlipAngle": 8,
    "ImageOrientationPatientDICOM": [
      -0.0042116,
      0.999967,
      -0.00688377,
      -0.00362181,
      -0.00689904,
      -0.99997
    ],
    "ImageType": [
      "ORIGINAL",
      "PRIMARY",
      "M",
      "FFE",
      "M",
      "FFE"
    ],
    "ImagingFrequency": 127.766,
    "InPlanePhaseEncodingDirectionDICOM": "ROW",
    "InstitutionAddress": "Calzada_Mexico_Xochimilco_No.101_Tlalpan",
    "InstitutionName": "I.N._Psiquiatria",
    "InstitutionalDepartmentName": "Imagenes_Cerebrales",
    "MRAcquisitionType": "3D",
    "MagneticFieldStrength": 3,
    "Manufacturer": "Philips",
    "ManufacturersModelName": "Ingenia",
    "Modality": "MR",
    "PatientPosition": "HFS",
    "PercentPhaseFOV": 100,
    "PhaseEncodingSteps": 240,
    "PhilipsRescaleIntercept": 0,
    "PhilipsRescaleSlope": 10.0044,
    "PhilipsScaleSlope": 0.00519071,
    "PixelBandwidth": 310,
    "ProcedureStepDescription": "EDUARDO_TMS",
    "ProtocolName": "WIP_sT1W_3D_TFE_32_channel_SENSE",
    "ReconMatrixPE": 240,
    "RepetitionTime": 0.007,
    "SAR": 0.0382114,
    "ScanOptions": "OTHER",
    "ScanningSequence": "GR",
    "SequenceVariant": "MP",
    "SeriesDescription": "sT1W_3D_TFE_32_channel",
    "SeriesNumber": 401,
    "SliceThickness": 1,
    "SoftwareVersions": "2.6.3_5.1.7.2",
    "SpacingBetweenSlices": 1,
    "StationName": "INGENIA",
    "UsePhilipsFloatNotDisplayScaling": 1,
    "dataset": "ds003037",
    "modality": "T1w",
    "session_id": "t1",
    "subject_id": "007"
  },
  "cjv": 0.3498044511484267,
  "cnr": 3.8934710879113004,
  "efc": 0.7880616738111355,
  "fber": -1.0,
  "fwhm_avg": 4.27241,
  "fwhm_x": 3.99573,
  "fwhm_y": 4.73339,
  "fwhm_z": 4.08811,
  "icvs_csf": 0.2039946387482943,
  "icvs_gm": 0.422500706361344,
  "icvs_wm": 0.37350465489036166,
  "inu_med": 0.38685011863708496,
  "inu_range": 0.12399906516075132,
  "provenance": {
    "md5sum": "0457832d4500d99c144e52a153065504",
    "settings": {
      "testing": false
    },
    "software": "mriqc",
    "version": "22.0.6",
    "warnings": {
      "large_rot_frame": true,
      "small_air_mask": true
    },
    "webapi_port": null,
    "webapi_url": "https://mriqc.nimh.nih.gov/api/v1"
  },
  "qi_1": 0.0,
  "qi_2": 0.0001480928796628141,
  "rpve_csf": 25.737108109255978,
  "rpve_gm": 13.025931299555827,
  "rpve_wm": 17.05819143632729,
  "size_x": 180,
  "size_y": 240,
  "size_z": 240,
  "snr_csf": 2.843654761361949,
  "snr_gm": 13.237128211944482,
  "snr_total": 14.784286886424363,
  "snr_wm": 28.27207768596666,
  "snrd_csf": 90.10519239260334,
  "snrd_gm": 239.59125931454133,
  "snrd_total": 217.5530758484439,
  "snrd_wm": 322.9627758381871,
  "spacing_x": 1.0,
  "spacing_y": 1.0,
  "spacing_z": 1.0,
  "summary_bg_k": 153.9850532745211,
  "summary_bg_mad": 0.0,
  "summary_bg_mean": 0.2629526408932579,
  "summary_bg_median": 0.0,
  "summary_bg_n": 43895.0,
  "summary_bg_p05": 0.0,
  "summary_bg_p95": 0.0,
  "summary_bg_stdv": 2.0285198191861546,
  "summary_csf_k": 1.3875180170245667,
  "summary_csf_mad": 76.89135292001208,
  "summary_csf_mean": 293.03628413960075,
  "summary_csf_median": 278.9955932535231,
  "summary_csf_n": 34530.0,
  "summary_csf_p05": 149.11340997554362,
  "summary_csf_p95": 476.73687360752353,
  "summary_csf_stdv": 98.1102056106189,
  "summary_gm_k": -0.006202047475959649,
  "summary_gm_mad": 56.706931685387524,
  "summary_gm_mean": 742.1908721169937,
  "summary_gm_median": 741.8540902677923,
  "summary_gm_n": 48449.0,
  "summary_gm_p05": 651.2388349670916,
  "summary_gm_p95": 834.8446876779199,
  "summary_gm_stdv": 56.042853277488064,
  "summary_wm_k": 0.43230769641379174,
  "summary_wm_mad": 33.59365212475976,
  "summary_wm_mean": 1000.481331547793,
  "summary_wm_median": 999.999987250194,
  "summary_wm_n": 200026.0,
  "summary_wm_p05": 943.4725572913885,
  "summary_wm_p95": 1059.6929532866925,
  "summary_wm_stdv": 35.37049871889768,
  "tpm_overlap_csf": 0.16514336607102076,
  "tpm_overlap_gm": 0.4654041242159422,
  "tpm_overlap_wm": 0.5112640090521035,
  "wm2max": 0.7908110448154492
}