{
  "bids_meta": {
    "AcquisitionMatrixPE": 240,
    "AcquisitionNumber": 5,
    "AcquisitionTime": "11:12:5.590000",
    "CoilString": "MULTI_COIL",
    "ConversionSoftware": "dcm2niix",
    "ConversionSoftwareVersion": "v1.0.20190410  (JP2:OpenJPEG) GCC6.3.0",
    "Dcm2bidsVersion": "2.1.4",
    "DeviceSerialNumber": "42451",
    "EchoTime": 0.003501,
    "EchoTrainLength": 240,
    "FlipAngle": 8,
    "ImageOrientationPatientDICOM": [
      -1.90253e-05,
      0.999998,
      -0.00211283,
      -0.0036307,
      -0.00211288,
      -0.999991
    ],
    "ImageType": [
      "ORIGINAL",
      "PRIMARY",
      "M",
      "FFE",
      "M",
      "FFE"
    ],
    "ImagingFrequency": 127.766,
    "InPlanePhaseEncodingDirectionDICOM": "ROW",
    "InstitutionAddress": "Calzada_Mexico_Xochimilco_No.101_Tlalpan",
    "InstitutionName": "I.N._Psiquiatria",
    "InstitutionalDepartmentName": "Imagenes_Cerebrales",
    "MRAcquisitionType": "3D",
    "MagneticFieldStrength": 3,
    "Manufacturer": "Philips",
    "ManufacturersModelName": "Ingenia",
    "Modality": "MR",
    "PatientPosition": "HFS",
    "PercentPhaseFOV": 100,
    "PhaseEncodingSteps": 240,
    "PhilipsRescaleIntercept": 0,
    "PhilipsRescaleSlope": 11.2418,
    "PhilipsScaleSlope": 0.00528963,
    "PixelBandwidth": 310,
    "ProcedureStepDescription": "EDUARDO_TMS",
    "ProtocolName": "WIP_sT1W_3D_TFE_32_channel_SENSE",
    "ReconMatrixPE": 240,
    "RepetitionTime": 0.007,
    "SAR": 0.0382114,
    "ScanOptions": "OTHER",
    "ScanningSequence": "GR",
    "SequenceVariant": "MP",
    "SeriesDescription": "sT1W_3D_TFE_32_channel",
    "SeriesNumber": 501,
    "SliceThickness": 1,
    "SoftwareVersions": "5.1.7_5.1.7.2",
    "SpacingBetweenSlices": 1,
    "StationName": "INGENIA",
    "UsePhilipsFloatNotDisplayScaling": 1,
    "dataset": "ds003037",
    "modality": "T1w",
    "session_id": "t14",
    "subject_id": "006"
  },
  "cjv": 0.32925666442150986,
  "cnr": 4.075115320916485,
  "efc": 0.77295615517122,
  "fber": -1.0,
  "fwhm_avg": 4.578176666666667,
  "fwhm_x": 4.35107,
  "fwhm_y": 5.01878,
  "fwhm_z": 4.36468,
  "icvs_csf": 0.2416539155475491,
  "icvs_gm": 0.411519126044181,
  "icvs_wm": 0.3468269584082699,
  "inu_med": 0.4251302182674408,
  "inu_range": 0.14645462036132817,
  "provenance": {
    "md5sum": "ef150fd35c612e8d34a9bd6f5220a532",
    "settings": {
      "testing": false
    },
    "software": "mriqc",
    "version": "22.0.6",
    "warnings": {
      "large_rot_frame": true,
      "small_air_mask": true
    },
    "webapi_port": null,
    "webapi_url": "https://mriqc.nimh.nih.gov/api/v1"
  },
  "qi_1": 0.0,
  "qi_2": 0.00010316561559518135,
  "rpve_csf": 24.422311002426447,
  "rpve_gm": 14.248134774698588,
  "rpve_wm": 19.393096024059652,
  "size_x": 180,
  "size_y": 240,
  "size_z": 240,
  "snr_csf": 2.844877086689643,
  "snr_gm": 13.17962551044384,
  "snr_total": 14.389995407440738,
  "snr_wm": 27.145483625188735,
  "snrd_csf": 62.49301251764406,
  "snrd_gm": 160.52705070750022,
  "snrd_total": 147.74774071833596,
  "snrd_wm": 220.22315892986362,
  "spacing_x": 1.0,
  "spacing_y": 1.0,
  "spacing_z": 1.0,
  "summary_bg_k": 72.59251720974441,
  "summary_bg_mad": 0.0,
  "summary_bg_mean": 0.6538885618447947,
  "summary_bg_median": 0.0,
  "summary_bg_n": 122717.0,
  "summary_bg_p05": 0.0,
  "summary_bg_p95": 8.012746192514896,
  "summary_bg_stdv": 2.974875021813987,
  "summary_csf_k": 0.894531709574407,
  "summary_csf_mad": 83.22647795086297,
  "summary_csf_mean": 292.1756800124781,
  "summary_csf_median": 283.7712909504771,
  "summary_csf_n": 48566.0,
  "summary_csf_p05": 131.86393986269832,
  "summary_csf_p95": 475.09003847651184,
  "summary_csf_stdv": 99.74714575948944,
  "summary_gm_k": 0.19673246543288858,
  "summary_gm_mad": 53.95513338155494,
  "summary_gm_mean": 730.495684462407,
  "summary_gm_median": 728.9289886429906,
  "summary_gm_n": 34611.0,
  "summary_gm_p05": 642.7631027139723,
  "summary_gm_p95": 824.0774632431567,
  "summary_gm_stdv": 55.30646206003322,
  "summary_wm_k": 0.5257856508122738,
  "summary_wm_mad": 35.29679093679133,
  "summary_wm_mean": 1000.417424542291,
  "summary_wm_median": 999.9999614208937,
  "summary_wm_n": 164966.0,
  "summary_wm_p05": 941.0704851001501,
  "summary_wm_p95": 1061.2616779878736,
  "summary_wm_stdv": 36.838427500363956,
  "tpm_overlap_csf": 0.15881162176627706,
  "tpm_overlap_gm": 0.47139644199118486,
  "tpm_overlap_wm": 0.5289021095578607,
  "wm2max": 0.8584624973543148
}