{
  "bids_meta": {
    "AcquisitionMatrixPE": 240,
    "AcquisitionNumber": 4,
    "AcquisitionTime": "12:06:49.560000",
    "CoilString": "MULTI_COIL",
    "ConversionSoftware": "dcm2niix",
    "ConversionSoftwareVersion": "v1.0.20190410  (JP2:OpenJPEG) GCC6.3.0",
    "Dcm2bidsVersion": "2.1.4",
    "DeviceSerialNumber": "42451",
    "EchoTime": 0.003501,
    "EchoTrainLength": 240,
    "FlipAngle": 8,
    "ImageOrientationPatientDICOM": [
      -0.00489736,
      0.999614,
      -0.0273423,
      -0.0286357,
      -0.0274716,
      -0.999212
    ],
    "ImageType": [
      "ORIGINAL",
      "PRIMARY",
      "M",
      "FFE",
      "M",
      "FFE"
    ],
    "ImagingFrequency": 127.766,
    "InPlanePhaseEncodingDirectionDICOM": "ROW",
    "InstitutionAddress": "Calzada_Mexico_Xochimilco_No.101_Tlalpan",
    "InstitutionName": "I.N._Psiquiatria",
    "InstitutionalDepartmentName": "Imagenes_Cerebrales",
    "MRAcquisitionType": "3D",
    "MagneticFieldStrength": 3,
    "Manufacturer": "Philips",
    "ManufacturersModelName": "Ingenia",
    "Modality": "MR",
    "PatientPosition": "HFS",
    "PercentPhaseFOV": 100,
    "PhaseEncodingSteps": 240,
    "PhilipsRescaleIntercept": 0,
    "PhilipsRescaleSlope": 12.7416,
    "PhilipsScaleSlope": 0.00476574,
    "PixelBandwidth": 310,
    "ProcedureStepDescription": "EDUARDO_TMS",
    "ProtocolName": "WIP_sT1W_3D_TFE_32_channel_SENSE",
    "ReconMatrixPE": 240,
    "RepetitionTime": 0.007,
    "SAR": 0.0382114,
    "ScanOptions": "OTHER",
    "ScanningSequence": "GR",
    "SequenceVariant": "MP",
    "SeriesDescription": "sT1W_3D_TFE_32_channel",
    "SeriesNumber": 401,
    "SliceThickness": 1,
    "SoftwareVersions": "5.1.7_5.1.7.2",
    "SpacingBetweenSlices": 1,
    "StationName": "INGENIA",
    "UsePhilipsFloatNotDisplayScaling": 1,
    "dataset": "ds003037",
    "modality": "T1w",
    "session_id": "t0",
    "subject_id": "013"
  },
  "cjv": 0.3764285944502532,
  "cnr": 3.6047191011997697,
  "efc": 0.7865998991048203,
  "fber": 6821.338998728176,
  "fwhm_avg": 4.548990000000001,
  "fwhm_x": 4.41244,
  "fwhm_y": 4.82129,
  "fwhm_z": 4.41324,
  "icvs_csf": 0.23648947378946736,
  "icvs_gm": 0.3998956694177297,
  "icvs_wm": 0.363614856792803,
  "inu_med": 0.4145924150943756,
  "inu_range": 0.14328582286834712,
  "provenance": {
    "md5sum": "335e111da987222e05bcba30b688b6fc",
    "settings": {
      "testing": false
    },
    "software": "mriqc",
    "version": "22.0.6",
    "warnings": {
      "large_rot_frame": true,
      "small_air_mask": true
    },
    "webapi_port": null,
    "webapi_url": "https://mriqc.nimh.nih.gov/api/v1"
  },
  "qi_1": 0.0,
  "qi_2": 0.0001900307669631958,
  "rpve_csf": 21.068621710485907,
  "rpve_gm": 12.302320484304307,
  "rpve_wm": 16.04304464397057,
  "size_x": 180,
  "size_y": 240,
  "size_z": 240,
  "snr_csf": 2.8510451337821996,
  "snr_gm": 13.85482060320237,
  "snr_total": 14.90115433922796,
  "snr_wm": 27.99759728069931,
  "snrd_csf": 76.78689142304178,
  "snrd_gm": 187.91828153124146,
  "snrd_total": 170.31392003200284,
  "snrd_wm": 246.2365871417253,
  "spacing_x": 1.0,
  "spacing_y": 1.0,
  "spacing_z": 1.0,
  "summary_bg_k": 97.37410757363698,
  "summary_bg_mad": 0.0,
  "summary_bg_mean": 0.42301391614539846,
  "summary_bg_median": 0.0,
  "summary_bg_n": 47349.0,
  "summary_bg_p05": 0.0,
  "summary_bg_p95": 0.0,
  "summary_bg_stdv": 2.6606578758049872,
  "summary_csf_k": 0.578361807367429,
  "summary_csf_mad": 98.70048026122105,
  "summary_csf_mean": 322.2875260900811,
  "summary_csf_median": 311.8490247577429,
  "summary_csf_n": 48153.0,
  "summary_csf_p05": 156.08632836043836,
  "summary_csf_p95": 518.3672410070897,
  "summary_csf_stdv": 109.37946332030087,
  "summary_gm_k": 0.09592751089557972,
  "summary_gm_mad": 54.41873449527439,
  "summary_gm_mean": 761.4098572381262,
  "summary_gm_median": 763.1788674294949,
  "summary_gm_n": 27208.0,
  "summary_gm_p05": 668.1404669880867,
  "summary_gm_p95": 848.811429055035,
  "summary_gm_stdv": 55.08298261371213,
  "summary_wm_k": 0.3193113386398081,
  "summary_wm_mad": 34.73608137916304,
  "summary_wm_mean": 1000.4656615220949,
  "summary_wm_median": 1000.0227660834789,
  "summary_wm_n": 202918.0,
  "summary_wm_p05": 943.318799585104,
  "summary_wm_p95": 1060.373289912939,
  "summary_wm_stdv": 35.71807580303373,
  "tpm_overlap_csf": 0.1631758031353483,
  "tpm_overlap_gm": 0.45658905409335365,
  "tpm_overlap_wm": 0.5190459200455113,
  "wm2max": 0.8981271016464136
}