{
  "aor": 0.0008996333333333334,
  "aqi": 0.007093775533333334,
  "bids_meta": {
    "AcquisitionMatrixPE": 70,
    "AcquisitionNumber": 3,
    "AcquisitionTime": "08:35:33.270000",
    "BodyPartExamined": "BRAIN",
    "CoilString": "MULTI_COIL",
    "ConversionSoftware": "dcm2niix",
    "ConversionSoftwareVersion": "v1.0.20190410  (JP2:OpenJPEG) GCC6.3.0",
    "Dcm2bidsVersion": "2.1.4",
    "DeviceSerialNumber": "42451",
    "EchoTime": 0.03,
    "EchoTrainLength": 35,
    "EffectiveEchoSpacing": 0.000698,
    "FlipAngle": 75,
    "ImageOrientationPatientDICOM": [
      0.999986,
      0.00400557,
      -0.00345055,
      -0.00420707,
      0.998158,
      -0.0605174
    ],
    "ImageType": [
      "ORIGINAL",
      "PRIMARY",
      "M",
      "FFE",
      "M",
      "FFE"
    ],
    "ImagingFrequency": 127.759,
    "InPlanePhaseEncodingDirectionDICOM": "COL",
    "InstitutionAddress": "Calzada_Mexico_Xochimilco_No.101_Tlalpan",
    "InstitutionName": "I.N._Psiquiatria",
    "InstitutionalDepartmentName": "Imagenes_Cerebrales",
    "MRAcquisitionType": "2D",
    "MagneticFieldStrength": 3,
    "Manufacturer": "Philips",
    "ManufacturersModelName": "Ingenia",
    "Modality": "MR",
    "PartialFourier": 0.5,
    "PatientPosition": "HFS",
    "PercentPhaseFOV": 100,
    "PhaseEncodingAxis": "j",
    "PhaseEncodingDirection": "j-",
    "PhaseEncodingSteps": 70,
    "PhilipsRescaleIntercept": 0,
    "PhilipsRescaleSlope": 0.831746,
    "PhilipsScaleSlope": 0.0248676,
    "PixelBandwidth": 1819,
    "ProcedureStepDescription": "EDUARDO_TMS",
    "ProtocolName": "WIP_FE_EPI_32chSHC_AP",
    "ReconMatrixPE": 80,
    "RepetitionTime": 2,
    "SAR": 0.119205,
    "ScanOptions": "FS",
    "ScanningSequence": "GR",
    "SequenceVariant": "SK",
    "SeriesDescription": "FE_EPI_32chSHC_AP",
    "SeriesNumber": 301,
    "SliceThickness": 3.33,
    "SliceTiming": [
      0.0,
      1.027027,
      0.054054,
      1.081081,
      0.108108,
      1.135135,
      0.162162,
      1.189189,
      0.216216,
      1.243244,
      0.27027,
      1.297298,
      0.324324,
      1.351352,
      0.378378,
      1.405406,
      0.432432,
      1.45946,
      0.486486,
      1.513514,
      0.540541,
      1.567568,
      0.594595,
      1.621622,
      0.648649,
      1.675676,
      0.702703,
      1.72973,
      0.756757,
      1.783784,
      0.810811,
      1.837838,
      0.864865,
      1.891892,
      0.918919,
      1.945947,
      0.972973
    ],
    "SoftwareVersions": "5.3.1_5.3.1.0",
    "SpacingBetweenSlices": 3.33,
    "StationName": "PHILIPS-CTMFQSD",
    "TaskName": "rest",
    "TotalReadoutTime": 0.04884,
    "UsePhilipsFloatNotDisplayScaling": 1,
    "dataset": "ds003037",
    "modality": "bold",
    "session_id": "t1",
    "subject_id": "027",
    "task_id": "rest"
  },
  "dummy_trs": 0,
  "dvars_nstd": 32.02677685287625,
  "dvars_std": 1.4787407272575255,
  "dvars_vstd": 0.97300356451505,
  "efc": 0.4117374246663006,
  "fber": 120209.3046875,
  "fd_mean": 0.1238528047394654,
  "fd_num": 8,
  "fd_perc": 2.6666666666666665,
  "fwhm_avg": 1.7198697521108597,
  "fwhm_x": 1.7109833333333333,
  "fwhm_y": 1.82874,
  "fwhm_z": 1.6198859229992455,
  "gcor": 0.060928,
  "gsr_x": -0.006580471992492676,
  "gsr_y": 0.0029947373550385237,
  "provenance": {
    "md5sum": "1331a86595a0ab6976f0037101a5c37a",
    "settings": {
      "fd_thres": 0.2,
      "testing": false
    },
    "software": "mriqc",
    "version": "22.0.6",
    "webapi_port": null,
    "webapi_url": "https://mriqc.nimh.nih.gov/api/v1"
  },
  "size_t": 300,
  "size_x": 80,
  "size_y": 80,
  "size_z": 37,
  "snr": 5.232711249491763,
  "spacing_tr": 2.0000016689300537,
  "spacing_x": 3.0,
  "spacing_y": 3.0,
  "spacing_z": 3.3299999237060547,
  "summary_bg_k": 66.4547287859972,
  "summary_bg_mad": 209.60786846626226,
  "summary_bg_mean": 1312.6639404296875,
  "summary_bg_median": 167.1115264892578,
  "summary_bg_n": 163859.0,
  "summary_bg_p05": 8.643344593048095,
  "summary_bg_p95": 6019.877001953125,
  "summary_bg_stdv": 3397.486328125,
  "summary_fg_k": 2.565634722830297,
  "summary_fg_mad": 9127.20041069612,
  "summary_fg_mean": 60068.0234375,
  "summary_fg_median": 58612.58203125,
  "summary_fg_n": 32879.0,
  "summary_fg_p05": 44998.53359375,
  "summary_fg_p95": 79974.66953125,
  "summary_fg_stdv": 11201.017578125,
  "tsnr": 64.73289489746094
}