{
  "aor": 0.0017657333333333336,
  "aqi": 0.007040160166666665,
  "bids_meta": {
    "AcquisitionMatrixPE": 70,
    "AcquisitionNumber": 3,
    "AcquisitionTime": "08:37:4.550000",
    "BodyPartExamined": "BRAIN",
    "CoilString": "MULTI_COIL",
    "ConversionSoftware": "dcm2niix",
    "ConversionSoftwareVersion": "v1.0.20190410  (JP2:OpenJPEG) GCC6.3.0",
    "Dcm2bidsVersion": "2.1.4",
    "DeviceSerialNumber": "42451",
    "EchoTime": 0.03,
    "EchoTrainLength": 35,
    "EffectiveEchoSpacing": 0.000698,
    "FlipAngle": 75,
    "ImageOrientationPatientDICOM": [
      0.999985,
      0.00420255,
      -0.00363231,
      -0.0042116,
      0.999988,
      -0.0024883
    ],
    "ImageType": [
      "ORIGINAL",
      "PRIMARY",
      "M",
      "FFE",
      "M",
      "FFE"
    ],
    "ImagingFrequency": 127.76,
    "InPlanePhaseEncodingDirectionDICOM": "COL",
    "InstitutionAddress": "Calzada_Mexico_Xochimilco_No.101_Tlalpan",
    "InstitutionName": "I.N._Psiquiatria",
    "InstitutionalDepartmentName": "Imagenes_Cerebrales",
    "MRAcquisitionType": "2D",
    "MagneticFieldStrength": 3,
    "Manufacturer": "Philips",
    "ManufacturersModelName": "Ingenia",
    "Modality": "MR",
    "PartialFourier": 0.5,
    "PatientPosition": "HFS",
    "PercentPhaseFOV": 100,
    "PhaseEncodingAxis": "j",
    "PhaseEncodingDirection": "j-",
    "PhaseEncodingSteps": 70,
    "PhilipsRescaleIntercept": 0,
    "PhilipsRescaleSlope": 0.828083,
    "PhilipsScaleSlope": 0.025222,
    "PixelBandwidth": 1819,
    "ProcedureStepDescription": "PROTOCOLO_TMS",
    "ProtocolName": "WIP_FE_EPI_32chSHC_AP",
    "ReconMatrixPE": 80,
    "RepetitionTime": 2,
    "SAR": 0.119138,
    "ScanOptions": "FS",
    "ScanningSequence": "GR",
    "SequenceVariant": "SK",
    "SeriesDescription": "FE_EPI_32chSHC_AP",
    "SeriesNumber": 301,
    "SliceThickness": 3.33,
    "SliceTiming": [
      0.0,
      1.027027,
      0.054054,
      1.081081,
      0.108108,
      1.135135,
      0.162162,
      1.189189,
      0.216216,
      1.243244,
      0.27027,
      1.297298,
      0.324324,
      1.351352,
      0.378378,
      1.405406,
      0.432432,
      1.45946,
      0.486486,
      1.513514,
      0.540541,
      1.567568,
      0.594595,
      1.621622,
      0.648649,
      1.675676,
      0.702703,
      1.72973,
      0.756757,
      1.783784,
      0.810811,
      1.837838,
      0.864865,
      1.891892,
      0.918919,
      1.945947,
      0.972973
    ],
    "SoftwareVersions": "5.3.1_5.3.1.0",
    "SpacingBetweenSlices": 3.33,
    "StationName": "PHILIPS-CTMFQSD",
    "TaskName": "rest",
    "TotalReadoutTime": 0.04884,
    "UsePhilipsFloatNotDisplayScaling": 1,
    "dataset": "ds003037",
    "modality": "bold",
    "session_id": "t1",
    "subject_id": "037",
    "task_id": "rest"
  },
  "dummy_trs": 0,
  "dvars_nstd": 29.745832124414733,
  "dvars_std": 1.5233510753511699,
  "dvars_vstd": 0.9864697485953171,
  "efc": 0.4393028526148032,
  "fber": 109948.328125,
  "fd_mean": 0.11064966590880329,
  "fd_num": 10,
  "fd_perc": 3.3333333333333335,
  "fwhm_avg": 1.759753245559655,
  "fwhm_x": 1.71994,
  "fwhm_y": 1.9452866666666668,
  "fwhm_z": 1.6140330700122973,
  "gcor": 0.120546,
  "gsr_x": -0.026186887174844742,
  "gsr_y": 0.029090574011206627,
  "provenance": {
    "md5sum": "ef76f2581b15eadda6831c386b44131a",
    "settings": {
      "fd_thres": 0.2,
      "testing": false
    },
    "software": "mriqc",
    "version": "22.0.6",
    "webapi_port": null,
    "webapi_url": "https://mriqc.nimh.nih.gov/api/v1"
  },
  "size_t": 300,
  "size_x": 80,
  "size_y": 80,
  "size_z": 37,
  "snr": 5.5981332417114125,
  "spacing_tr": 2.0000016689300537,
  "spacing_x": 3.0,
  "spacing_y": 3.0,
  "spacing_z": 3.3299999237060547,
  "summary_bg_k": 85.92342257890746,
  "summary_bg_mad": 233.72580301956054,
  "summary_bg_mean": 1795.90576171875,
  "summary_bg_median": 171.50967407226562,
  "summary_bg_n": 160454.0,
  "summary_bg_p05": 4.4075437068939225,
  "summary_bg_p95": 9056.941503906251,
  "summary_bg_stdv": 4573.61865234375,
  "summary_fg_k": 2.7083115878301136,
  "summary_fg_mad": 9079.490734617802,
  "summary_fg_mean": 59965.9765625,
  "summary_fg_median": 58544.4140625,
  "summary_fg_n": 35443.0,
  "summary_fg_p05": 45479.0375,
  "summary_fg_p95": 77446.39375000002,
  "summary_fg_stdv": 10457.6982421875,
  "tsnr": 61.129817962646484
}