{
  "bids_meta": {
    "AcquisitionMatrixPE": 240,
    "AcquisitionNumber": 6,
    "AcquisitionTime": "08:56:58.640000",
    "BodyPartExamined": "BRAIN",
    "CoilString": "MULTI_COIL",
    "ConversionSoftware": "dcm2niix",
    "ConversionSoftwareVersion": "v1.0.20190410  (JP2:OpenJPEG) GCC6.3.0",
    "Dcm2bidsVersion": "2.1.4",
    "DeviceSerialNumber": "42451",
    "EchoTime": 0.0035,
    "EchoTrainLength": 240,
    "FlipAngle": 8,
    "ImageOrientationPatientDICOM": [
      -0.0040319,
      0.999932,
      -0.010944,
      0.0128476,
      -0.0108914,
      -0.999858
    ],
    "ImageType": [
      "ORIGINAL",
      "PRIMARY",
      "M",
      "FFE",
      "M",
      "FFE"
    ],
    "ImagingFrequency": 127.759,
    "InPlanePhaseEncodingDirectionDICOM": "ROW",
    "InstitutionAddress": "Calzada_Mexico_Xochimilco_No.101_Tlalpan",
    "InstitutionName": "I.N._Psiquiatria",
    "InstitutionalDepartmentName": "Imagenes_Cerebrales",
    "MRAcquisitionType": "3D",
    "MagneticFieldStrength": 3,
    "Manufacturer": "Philips",
    "ManufacturersModelName": "Ingenia",
    "Modality": "MR",
    "PatientPosition": "HFS",
    "PercentPhaseFOV": 100,
    "PhaseEncodingSteps": 240,
    "PhilipsRescaleIntercept": 0,
    "PhilipsRescaleSlope": 3.24811,
    "PhilipsScaleSlope": 0.00498183,
    "PixelBandwidth": 310,
    "ProcedureStepDescription": "EDUARDO_TMS",
    "ProtocolName": "WIP_sT1W_3D_TFE_32_channel",
    "ReconMatrixPE": 240,
    "RepetitionTime": 0.007,
    "SAR": 0.0382114,
    "ScanOptions": "OTHER",
    "ScanningSequence": "GR",
    "SequenceVariant": "MP",
    "SeriesDescription": "sT1W_3D_TFE_32_channel",
    "SeriesNumber": 601,
    "SliceThickness": 1,
    "SoftwareVersions": "5.3.1_5.3.1.1",
    "SpacingBetweenSlices": 1,
    "StationName": "PHILIPS-CTMFQSD",
    "UsePhilipsFloatNotDisplayScaling": 1,
    "dataset": "ds003037",
    "modality": "T1w",
    "session_id": "t0",
    "subject_id": "021"
  },
  "cjv": 0.3608432328170383,
  "cnr": 3.6399022972598263,
  "efc": 0.724827720123175,
  "fber": -1.0,
  "fwhm_avg": 4.643583333333333,
  "fwhm_x": 4.50999,
  "fwhm_y": 5.04753,
  "fwhm_z": 4.37323,
  "icvs_csf": 0.24270189307877446,
  "icvs_gm": 0.3885120048699023,
  "icvs_wm": 0.36878610205132323,
  "inu_med": 0.42046406865119934,
  "inu_range": 0.18307414650917053,
  "provenance": {
    "md5sum": "634f6811c02dc24ba51238793a227eb6",
    "settings": {
      "testing": false
    },
    "software": "mriqc",
    "version": "22.0.6",
    "warnings": {
      "large_rot_frame": true,
      "small_air_mask": false
    },
    "webapi_port": null,
    "webapi_url": "https://mriqc.nimh.nih.gov/api/v1"
  },
  "qi_1": 0.0003247550566542655,
  "qi_2": 4.847333794023947e-05,
  "rpve_csf": 17.40161647962897,
  "rpve_gm": 10.599866100156667,
  "rpve_wm": 13.282373945047521,
  "size_x": 180,
  "size_y": 240,
  "size_z": 240,
  "snr_csf": 3.5657358078632124,
  "snr_gm": 14.33386881759225,
  "snr_total": 15.911114751538216,
  "snr_wm": 29.833739629159187,
  "snrd_csf": 42.587205845824435,
  "snrd_gm": 101.52503916387067,
  "snrd_total": 92.04305962622855,
  "snrd_wm": 132.01693386899055,
  "spacing_x": 1.0,
  "spacing_y": 1.0,
  "spacing_z": 1.0,
  "summary_bg_k": 22.726087954346152,
  "summary_bg_mad": 0.0,
  "summary_bg_mean": 1.7781276042908347,
  "summary_bg_median": 0.0,
  "summary_bg_n": 510173.0,
  "summary_bg_p05": 0.0,
  "summary_bg_p95": 12.119961604475975,
  "summary_bg_stdv": 4.9626457942944135,
  "summary_csf_k": 2.248264024806679,
  "summary_csf_mad": 68.43543981652732,
  "summary_csf_mean": 326.88999237908877,
  "summary_csf_median": 322.5972758978605,
  "summary_csf_n": 82976.0,
  "summary_csf_p05": 176.37122849747539,
  "summary_csf_p95": 478.0938045680523,
  "summary_csf_stdv": 90.47090119840927,
  "summary_gm_k": 0.2440379223714002,
  "summary_gm_mad": 52.339730228394366,
  "summary_gm_mean": 769.1183017378406,
  "summary_gm_median": 769.0502445325255,
  "summary_gm_n": 31967.0,
  "summary_gm_p05": 681.3558755360543,
  "summary_gm_p95": 856.9070725888014,
  "summary_gm_stdv": 53.65182459879984,
  "summary_wm_k": 0.831935355145696,
  "summary_wm_mad": 31.006224408493665,
  "summary_wm_mean": 1001.3777909559386,
  "summary_wm_median": 1000.0257681310177,
  "summary_wm_n": 263161.0,
  "summary_wm_p05": 949.0961422398686,
  "summary_wm_p95": 1058.5883911177516,
  "summary_wm_stdv": 33.519896618165184,
  "tpm_overlap_csf": 0.17343326046550864,
  "tpm_overlap_gm": 0.4481133217869095,
  "tpm_overlap_wm": 0.516096493787635,
  "wm2max": 0.7985010089362928
}