{
  "aor": 0.005941066666666667,
  "aqi": 0.01840492673333333,
  "bids_meta": {
    "AcquisitionMatrixPE": 70,
    "AcquisitionNumber": 3,
    "AcquisitionTime": "09:55:23.850000",
    "BodyPartExamined": "BRAIN",
    "CoilString": "MULTI_COIL",
    "ConversionSoftware": "dcm2niix",
    "ConversionSoftwareVersion": "v1.0.20190410  (JP2:OpenJPEG) GCC6.3.0",
    "Dcm2bidsVersion": "2.1.4",
    "DeviceSerialNumber": "42451",
    "EchoTime": 0.03,
    "EchoTrainLength": 35,
    "EffectiveEchoSpacing": 0.000698,
    "FlipAngle": 75,
    "ImageOrientationPatientDICOM": [
      0.99998,
      0.0042038,
      0.00477774,
      -0.00419343,
      0.999989,
      -0.00217815
    ],
    "ImageType": [
      "ORIGINAL",
      "PRIMARY",
      "M",
      "FFE",
      "M",
      "FFE"
    ],
    "ImagingFrequency": 127.759,
    "InPlanePhaseEncodingDirectionDICOM": "COL",
    "InstitutionAddress": "Calzada_Mexico_Xochimilco_No.101_Tlalpan",
    "InstitutionName": "I.N._Psiquiatria",
    "InstitutionalDepartmentName": "Imagenes_Cerebrales",
    "MRAcquisitionType": "2D",
    "MagneticFieldStrength": 3,
    "Manufacturer": "Philips",
    "ManufacturersModelName": "Ingenia",
    "Modality": "MR",
    "PartialFourier": 0.5,
    "PatientPosition": "HFS",
    "PercentPhaseFOV": 100,
    "PhaseEncodingAxis": "j",
    "PhaseEncodingDirection": "j-",
    "PhaseEncodingSteps": 70,
    "PhilipsRescaleIntercept": 0,
    "PhilipsRescaleSlope": 0.792918,
    "PhilipsScaleSlope": 0.0331218,
    "PixelBandwidth": 1819,
    "ProcedureStepDescription": "EDUARDO_TMS",
    "ProtocolName": "WIP_FE_EPI_32chSHC_AP",
    "ReconMatrixPE": 80,
    "RepetitionTime": 2,
    "SAR": 0.119138,
    "ScanOptions": "FS",
    "ScanningSequence": "GR",
    "SequenceVariant": "SK",
    "SeriesDescription": "FE_EPI_32chSHC_AP",
    "SeriesNumber": 301,
    "SliceThickness": 3.33,
    "SliceTiming": [
      0.0,
      1.027027,
      0.054054,
      1.081081,
      0.108108,
      1.135135,
      0.162162,
      1.189189,
      0.216216,
      1.243244,
      0.27027,
      1.297298,
      0.324324,
      1.351352,
      0.378378,
      1.405406,
      0.432432,
      1.45946,
      0.486486,
      1.513514,
      0.540541,
      1.567568,
      0.594595,
      1.621622,
      0.648649,
      1.675676,
      0.702703,
      1.72973,
      0.756757,
      1.783784,
      0.810811,
      1.837838,
      0.864865,
      1.891892,
      0.918919,
      1.945947,
      0.972973
    ],
    "SoftwareVersions": "5.3.1_5.3.1.0",
    "SpacingBetweenSlices": 3.33,
    "StationName": "PHILIPS-CTMFQSD",
    "TaskName": "rest",
    "TotalReadoutTime": 0.04884,
    "UsePhilipsFloatNotDisplayScaling": 1,
    "dataset": "ds003037",
    "modality": "bold",
    "session_id": "t5",
    "subject_id": "008",
    "task_id": "rest"
  },
  "dummy_trs": 0,
  "dvars_nstd": 30.683904233244178,
  "dvars_std": 1.1765066707692302,
  "dvars_vstd": 0.9842443569565213,
  "efc": 0.4210048764355748,
  "fber": 114707.4453125,
  "fd_mean": 0.21597323656509804,
  "fd_num": 114,
  "fd_perc": 38.0,
  "fwhm_avg": 2.0250810852699415,
  "fwhm_x": 1.9852566666666667,
  "fwhm_y": 2.230773333333333,
  "fwhm_z": 1.8592132558098242,
  "gcor": 0.0327076,
  "gsr_x": -0.014075775630772114,
  "gsr_y": 0.012969654984772205,
  "provenance": {
    "md5sum": "6e933e5fea27c61443d128f933337fd5",
    "settings": {
      "fd_thres": 0.2,
      "testing": false
    },
    "software": "mriqc",
    "version": "22.0.6",
    "webapi_port": null,
    "webapi_url": "https://mriqc.nimh.nih.gov/api/v1"
  },
  "size_t": 300,
  "size_x": 80,
  "size_y": 80,
  "size_z": 37,
  "snr": 5.757828030454602,
  "spacing_tr": 2.0000016689300537,
  "spacing_x": 3.0,
  "spacing_y": 3.0,
  "spacing_z": 3.3299999237060547,
  "summary_bg_k": 70.1737721882349,
  "summary_bg_mad": 178.88293479064146,
  "summary_bg_mean": 1413.421630859375,
  "summary_bg_median": 150.65232849121094,
  "summary_bg_n": 162868.0,
  "summary_bg_p05": 14.496667337417604,
  "summary_bg_p95": 6949.265991210934,
  "summary_bg_stdv": 3843.1357421875,
  "summary_fg_k": 1.2261260397867577,
  "summary_fg_mad": 7890.933129936715,
  "summary_fg_mean": 52772.3671875,
  "summary_fg_median": 53088.00390625,
  "summary_fg_n": 32220.0,
  "summary_fg_p05": 36452.318359375,
  "summary_fg_p95": 66946.684375,
  "summary_fg_stdv": 9220.0009765625,
  "tsnr": 39.84569549560547
}