{
  "bids_meta": {
    "AcquisitionMatrixPE": 240,
    "AcquisitionNumber": 4,
    "AcquisitionTime": "12:41:16.180000",
    "BodyPartExamined": "BRAIN",
    "CoilString": "MULTI_COIL",
    "ConversionSoftware": "dcm2niix",
    "ConversionSoftwareVersion": "v1.0.20190410  (JP2:OpenJPEG) GCC6.3.0",
    "Dcm2bidsVersion": "2.1.4",
    "DeviceSerialNumber": "42451",
    "EchoTime": 0.0035,
    "EchoTrainLength": 240,
    "FlipAngle": 8,
    "ImageOrientationPatientDICOM": [
      0.000338453,
      1,
      0.000487054,
      -0.00240733,
      0.000487867,
      -0.999997
    ],
    "ImageType": [
      "ORIGINAL",
      "PRIMARY",
      "M",
      "FFE",
      "M",
      "FFE"
    ],
    "ImagingFrequency": 127.76,
    "InPlanePhaseEncodingDirectionDICOM": "ROW",
    "InstitutionAddress": "Calzada_Mexico_Xochimilco_No.101_Tlalpan",
    "InstitutionName": "I.N._Psiquiatria",
    "InstitutionalDepartmentName": "Imagenes_Cerebrales",
    "MRAcquisitionType": "3D",
    "MagneticFieldStrength": 3,
    "Manufacturer": "Philips",
    "ManufacturersModelName": "Ingenia",
    "Modality": "MR",
    "PatientPosition": "HFS",
    "PercentPhaseFOV": 100,
    "PhaseEncodingSteps": 240,
    "PhilipsRescaleIntercept": 0,
    "PhilipsRescaleSlope": 18.4252,
    "PhilipsScaleSlope": 0.00519071,
    "PixelBandwidth": 310,
    "ProcedureStepDescription": "EDUARDO_TMS",
    "ProtocolName": "WIP_sT1W_3D_TFE_32_channel",
    "ReconMatrixPE": 240,
    "RepetitionTime": 0.007,
    "SAR": 0.0382114,
    "ScanOptions": "OTHER",
    "ScanningSequence": "GR",
    "SequenceVariant": "MP",
    "SeriesDescription": "sT1W_3D_TFE_32_channel",
    "SeriesNumber": 401,
    "SliceThickness": 1,
    "SoftwareVersions": "5.3.1_5.3.1.0",
    "SpacingBetweenSlices": 1,
    "StationName": "PHILIPS-CTMFQSD",
    "UsePhilipsFloatNotDisplayScaling": 1,
    "dataset": "ds003037",
    "modality": "T1w",
    "session_id": "t4",
    "subject_id": "004"
  },
  "cjv": 0.37259720520941986,
  "cnr": 3.5977554833654115,
  "efc": 0.737223017932472,
  "fber": -1.0,
  "fwhm_avg": 4.406479999999999,
  "fwhm_x": 4.25321,
  "fwhm_y": 4.78501,
  "fwhm_z": 4.18122,
  "icvs_csf": 0.26714136984469944,
  "icvs_gm": 0.37861278656945824,
  "icvs_wm": 0.3542458435858423,
  "inu_med": 0.4834280014038086,
  "inu_range": 0.19717462807893754,
  "provenance": {
    "md5sum": "c950671854374bf6202b8bf9b0b06d44",
    "settings": {
      "testing": false
    },
    "software": "mriqc",
    "version": "22.0.6",
    "warnings": {
      "large_rot_frame": true,
      "small_air_mask": false
    },
    "webapi_port": null,
    "webapi_url": "https://mriqc.nimh.nih.gov/api/v1"
  },
  "qi_1": 0.00031469477547851253,
  "qi_2": 6.473350171621861e-05,
  "rpve_csf": 17.97303305642242,
  "rpve_gm": 11.818317784705428,
  "rpve_wm": 14.764135136803688,
  "size_x": 180,
  "size_y": 240,
  "size_z": 240,
  "snr_csf": 3.9185972739472397,
  "snr_gm": 14.191396247536616,
  "snr_total": 14.255827795195955,
  "snr_wm": 24.657489864104015,
  "snrd_csf": 32.539972319946195,
  "snrd_gm": 79.96017603437924,
  "snrd_total": 72.67479493760963,
  "snrd_wm": 105.52423645850342,
  "spacing_x": 1.0,
  "spacing_y": 1.0,
  "spacing_z": 1.0,
  "summary_bg_k": 22.080856003953066,
  "summary_bg_mad": 0.0,
  "summary_bg_mean": 2.570420065103942,
  "summary_bg_median": 0.0,
  "summary_bg_n": 373584.0,
  "summary_bg_p05": 0.0,
  "summary_bg_p95": 15.376286253333092,
  "summary_bg_stdv": 6.208397600051566,
  "summary_csf_k": 2.8714699609602086,
  "summary_csf_mad": 54.985519494452994,
  "summary_csf_mean": 316.1823085872044,
  "summary_csf_median": 308.3649237882346,
  "summary_csf_n": 102523.0,
  "summary_csf_p05": 212.93990786746144,
  "summary_csf_p95": 460.6388853639364,
  "summary_csf_stdv": 78.69229684638299,
  "summary_gm_k": 0.2171430354141286,
  "summary_gm_mad": 52.497123721711326,
  "summary_gm_mean": 756.4656607010158,
  "summary_gm_median": 757.7423037271947,
  "summary_gm_n": 18173.0,
  "summary_gm_p05": 667.2441964298487,
  "summary_gm_p95": 841.6730042550712,
  "summary_gm_stdv": 53.39301659956612,
  "summary_wm_k": 0.8010521636183929,
  "summary_wm_mad": 37.76742616370822,
  "summary_wm_mean": 1000.8634803917982,
  "summary_wm_median": 1000.0000249966979,
  "summary_wm_n": 196059.0,
  "summary_wm_p05": 936.3292058631778,
  "summary_wm_p95": 1068.354114415124,
  "summary_wm_stdv": 40.555526140413534,
  "tpm_overlap_csf": 0.16184031623606485,
  "tpm_overlap_gm": 0.4203287304275057,
  "tpm_overlap_wm": 0.47672156121273235,
  "wm2max": 0.7051906085448328
}