{
  "bids_meta": {
    "AcquisitionMatrixPE": 240,
    "AcquisitionNumber": 4,
    "AcquisitionTime": "08:02:2.680000",
    "BodyPartExamined": "BRAIN",
    "CoilString": "MULTI_COIL",
    "ConversionSoftware": "dcm2niix",
    "ConversionSoftwareVersion": "v1.0.20190410  (JP2:OpenJPEG) GCC6.3.0",
    "Dcm2bidsVersion": "2.1.4",
    "DeviceSerialNumber": "42451",
    "EchoTime": 0.0035,
    "EchoTrainLength": 240,
    "FlipAngle": 8,
    "ImageOrientationPatientDICOM": [
      0.00212014,
      0.999996,
      -0.00205198,
      0.000603757,
      -0.00205326,
      -0.999998
    ],
    "ImageType": [
      "ORIGINAL",
      "PRIMARY",
      "M",
      "FFE",
      "M",
      "FFE"
    ],
    "ImagingFrequency": 127.759,
    "InPlanePhaseEncodingDirectionDICOM": "ROW",
    "InstitutionAddress": "Calzada_Mexico_Xochimilco_No.101_Tlalpan",
    "InstitutionName": "I.N._Psiquiatria",
    "InstitutionalDepartmentName": "Imagenes_Cerebrales",
    "MRAcquisitionType": "3D",
    "MagneticFieldStrength": 3,
    "Manufacturer": "Philips",
    "ManufacturersModelName": "Ingenia",
    "Modality": "MR",
    "PatientPosition": "HFS",
    "PercentPhaseFOV": 100,
    "PhaseEncodingSteps": 240,
    "PhilipsRescaleIntercept": 0,
    "PhilipsRescaleSlope": 10.6081,
    "PhilipsScaleSlope": 0.00565465,
    "PixelBandwidth": 310,
    "ProcedureStepDescription": "PROTOCOLO_EDUARDO_TMS",
    "ProtocolName": "WIP_sT1W_3D_TFE_32_channel",
    "ReconMatrixPE": 240,
    "RepetitionTime": 0.007,
    "SAR": 0.0382114,
    "ScanOptions": "OTHER",
    "ScanningSequence": "GR",
    "SequenceVariant": "MP",
    "SeriesDescription": "sT1W_3D_TFE_32_channel",
    "SeriesNumber": 401,
    "SliceThickness": 1,
    "SoftwareVersions": "5.3.1_5.3.1.0",
    "SpacingBetweenSlices": 1,
    "StationName": "PHILIPS-CTMFQSD",
    "UsePhilipsFloatNotDisplayScaling": 1,
    "dataset": "ds003037",
    "modality": "T1w",
    "session_id": "t3",
    "subject_id": "036"
  },
  "cjv": 0.3655037649104068,
  "cnr": 3.6571465827862295,
  "efc": 0.7486241433891806,
  "fber": -1.0,
  "fwhm_avg": 4.3806666666666665,
  "fwhm_x": 4.24514,
  "fwhm_y": 4.73642,
  "fwhm_z": 4.16044,
  "icvs_csf": 0.2912219111020197,
  "icvs_gm": 0.38332858646651824,
  "icvs_wm": 0.32544950243146203,
  "inu_med": 0.4795758128166199,
  "inu_range": 0.18403552174568172,
  "provenance": {
    "md5sum": "319751074816020eb6d6f1074c9d97c3",
    "settings": {
      "testing": false
    },
    "software": "mriqc",
    "version": "22.0.6",
    "warnings": {
      "large_rot_frame": true,
      "small_air_mask": false
    },
    "webapi_port": null,
    "webapi_url": "https://mriqc.nimh.nih.gov/api/v1"
  },
  "qi_1": 7.991113881363923e-05,
  "qi_2": 7.887047318720067e-05,
  "rpve_csf": 16.835528629928785,
  "rpve_gm": 11.839777020605892,
  "rpve_wm": 16.178963816746133,
  "size_x": 180,
  "size_y": 240,
  "size_z": 240,
  "snr_csf": 4.119074720335498,
  "snr_gm": 13.98724843790287,
  "snr_total": 15.475404166081349,
  "snr_wm": 28.319889340005677,
  "snrd_csf": 41.2701341958428,
  "snrd_gm": 98.92157815917608,
  "snrd_total": 90.00975496550596,
  "snrd_wm": 129.837552541499,
  "spacing_x": 1.0,
  "spacing_y": 1.0,
  "spacing_z": 1.0,
  "summary_bg_k": 21.019611658797373,
  "summary_bg_mad": 0.0,
  "summary_bg_mean": 1.9885764568048108,
  "summary_bg_median": 0.0,
  "summary_bg_n": 339912.0,
  "summary_bg_p05": 0.0,
  "summary_bg_p95": 11.861338138580322,
  "summary_bg_stdv": 5.0459485506263855,
  "summary_csf_k": 2.9908432014252133,
  "summary_csf_mad": 55.752723584210734,
  "summary_csf_mean": 326.27058749977436,
  "summary_csf_median": 317.8681169748306,
  "summary_csf_n": 113525.0,
  "summary_csf_p05": 229.83179576396944,
  "summary_csf_p95": 465.60475735664335,
  "summary_csf_stdv": 77.16944667470146,
  "summary_gm_k": 0.292746232255344,
  "summary_gm_mad": 52.9514702010543,
  "summary_gm_mean": 762.6702290450935,
  "summary_gm_median": 761.9072821140289,
  "summary_gm_n": 21272.0,
  "summary_gm_p05": 673.9733043074608,
  "summary_gm_p95": 851.313430428505,
  "summary_gm_stdv": 54.470282457382034,
  "summary_wm_k": 0.4407842776396489,
  "summary_wm_mad": 34.081916161736636,
  "summary_wm_mean": 1000.2827593744724,
  "summary_wm_median": 1000.0262694358826,
  "summary_wm_n": 178031.0,
  "summary_wm_p05": 943.1338334083557,
  "summary_wm_p95": 1058.02086520195,
  "summary_wm_stdv": 35.31170086338752,
  "tpm_overlap_csf": 0.16181601819398495,
  "tpm_overlap_gm": 0.42644657249326284,
  "tpm_overlap_wm": 0.4680074282095526,
  "wm2max": 0.8048661921043802
}