{
  "aor": 0.0008709333333333332,
  "aqi": 0.015819489366666665,
  "bids_meta": {
    "AcquisitionMatrixPE": 70,
    "AcquisitionNumber": 3,
    "AcquisitionTime": "09:03:24.330000",
    "BodyPartExamined": "BRAIN",
    "CoilString": "MULTI_COIL",
    "ConversionSoftware": "dcm2niix",
    "ConversionSoftwareVersion": "v1.0.20190410  (JP2:OpenJPEG) GCC6.3.0",
    "Dcm2bidsVersion": "2.1.4",
    "DeviceSerialNumber": "42451",
    "EchoTime": 0.03,
    "EchoTrainLength": 35,
    "EffectiveEchoSpacing": 0.000698,
    "FlipAngle": 75,
    "ImageOrientationPatientDICOM": [
      1,
      3.84776e-05,
      0.000490641,
      -3.72637e-05,
      0.999997,
      -0.0024739
    ],
    "ImageType": [
      "ORIGINAL",
      "PRIMARY",
      "M",
      "FFE",
      "M",
      "FFE"
    ],
    "ImagingFrequency": 127.759,
    "InPlanePhaseEncodingDirectionDICOM": "COL",
    "InstitutionAddress": "Calzada_Mexico_Xochimilco_No.101_Tlalpan",
    "InstitutionName": "I.N._Psiquiatria",
    "InstitutionalDepartmentName": "Imagenes_Cerebrales",
    "MRAcquisitionType": "2D",
    "MagneticFieldStrength": 3,
    "Manufacturer": "Philips",
    "ManufacturersModelName": "Ingenia",
    "Modality": "MR",
    "PartialFourier": 0.5,
    "PatientPosition": "HFS",
    "PercentPhaseFOV": 100,
    "PhaseEncodingAxis": "j",
    "PhaseEncodingDirection": "j-",
    "PhaseEncodingSteps": 70,
    "PhilipsRescaleIntercept": 0,
    "PhilipsRescaleSlope": 0.750183,
    "PhilipsScaleSlope": 0.0239648,
    "PixelBandwidth": 1819,
    "ProcedureStepDescription": "PROTOCOLO_EDUARDO_TMS",
    "ProtocolName": "WIP_FE_EPI_32chSHC_AP",
    "ReconMatrixPE": 80,
    "RepetitionTime": 2,
    "SAR": 0.119138,
    "ScanOptions": "FS",
    "ScanningSequence": "GR",
    "SequenceVariant": "SK",
    "SeriesDescription": "FE_EPI_32chSHC_AP",
    "SeriesNumber": 301,
    "SliceThickness": 3.33,
    "SliceTiming": [
      0.0,
      1.027027,
      0.054054,
      1.081081,
      0.108108,
      1.135135,
      0.162162,
      1.189189,
      0.216216,
      1.243244,
      0.27027,
      1.297298,
      0.324324,
      1.351352,
      0.378378,
      1.405406,
      0.432432,
      1.45946,
      0.486486,
      1.513514,
      0.540541,
      1.567568,
      0.594595,
      1.621622,
      0.648649,
      1.675676,
      0.702703,
      1.72973,
      0.756757,
      1.783784,
      0.810811,
      1.837838,
      0.864865,
      1.891892,
      0.918919,
      1.945947,
      0.972973
    ],
    "SoftwareVersions": "5.3.1_5.3.1.0",
    "SpacingBetweenSlices": 3.33,
    "StationName": "PHILIPS-CTMFQSD",
    "TaskName": "rest",
    "TotalReadoutTime": 0.04884,
    "UsePhilipsFloatNotDisplayScaling": 1,
    "dataset": "ds003037",
    "modality": "bold",
    "session_id": "t0",
    "subject_id": "050",
    "task_id": "rest"
  },
  "dummy_trs": 0,
  "dvars_nstd": 19.37842028093645,
  "dvars_std": 1.0222526082274246,
  "dvars_vstd": 0.8801555073578593,
  "efc": 0.39813830507033154,
  "fber": 152228.90625,
  "fd_mean": 0.04540844666136946,
  "fd_num": 4,
  "fd_perc": 1.3333333333333333,
  "fwhm_avg": 1.988501565746156,
  "fwhm_x": 1.9620033333333333,
  "fwhm_y": 2.1448466666666666,
  "fwhm_z": 1.8586546972384685,
  "gcor": 0.0503982,
  "gsr_x": -0.010878861881792545,
  "gsr_y": 0.011938195675611496,
  "provenance": {
    "md5sum": "7beab9a7a5f870ac02913cea16cf395c",
    "settings": {
      "fd_thres": 0.2,
      "testing": false
    },
    "software": "mriqc",
    "version": "22.0.6",
    "webapi_port": null,
    "webapi_url": "https://mriqc.nimh.nih.gov/api/v1"
  },
  "size_t": 300,
  "size_x": 80,
  "size_y": 80,
  "size_z": 37,
  "snr": 5.295412169662396,
  "spacing_tr": 2.0000016689300537,
  "spacing_x": 3.0,
  "spacing_y": 3.0,
  "spacing_z": 3.3299999237060547,
  "summary_bg_k": 176.72331365732379,
  "summary_bg_mad": 190.5136993269361,
  "summary_bg_mean": 1239.83056640625,
  "summary_bg_median": 154.99105834960938,
  "summary_bg_n": 165680.0,
  "summary_bg_p05": 8.957647085189821,
  "summary_bg_p95": 6035.906909179678,
  "summary_bg_stdv": 3725.586181640625,
  "summary_fg_k": 2.500808765215604,
  "summary_fg_mad": 9664.096426194836,
  "summary_fg_mean": 64413.9765625,
  "summary_fg_median": 63207.24609375,
  "summary_fg_n": 30976.0,
  "summary_fg_p05": 47597.5947265625,
  "summary_fg_p95": 85522.6796875,
  "summary_fg_stdv": 11936.03515625,
  "tsnr": 49.806053161621094
}