{
  "bids_meta": {
    "AcquisitionMatrixPE": 240,
    "AcquisitionNumber": 5,
    "AcquisitionTime": "10:10:28.710000",
    "CoilString": "MULTI_COIL",
    "ConversionSoftware": "dcm2niix",
    "ConversionSoftwareVersion": "v1.0.20190410  (JP2:OpenJPEG) GCC6.3.0",
    "Dcm2bidsVersion": "2.1.4",
    "DeviceSerialNumber": "42451",
    "EchoTime": 0.003501,
    "EchoTrainLength": 240,
    "FlipAngle": 8,
    "ImageOrientationPatientDICOM": [
      -0.00209495,
      0.999996,
      -0.00199691,
      -0.00362606,
      -0.0020045,
      -0.999991
    ],
    "ImageType": [
      "ORIGINAL",
      "PRIMARY",
      "M",
      "FFE",
      "M",
      "FFE"
    ],
    "ImagingFrequency": 127.766,
    "InPlanePhaseEncodingDirectionDICOM": "ROW",
    "InstitutionAddress": "Calzada_Mexico_Xochimilco_No.101_Tlalpan",
    "InstitutionName": "I.N._Psiquiatria",
    "InstitutionalDepartmentName": "Imagenes_Cerebrales",
    "MRAcquisitionType": "3D",
    "MagneticFieldStrength": 3,
    "Manufacturer": "Philips",
    "ManufacturersModelName": "Ingenia",
    "Modality": "MR",
    "PatientPosition": "HFS",
    "PercentPhaseFOV": 100,
    "PhaseEncodingSteps": 240,
    "PhilipsRescaleIntercept": 0,
    "PhilipsRescaleSlope": 11.2598,
    "PhilipsScaleSlope": 0.00546366,
    "PixelBandwidth": 310,
    "ProcedureStepDescription": "EDUARDO_TMS",
    "ProtocolName": "WIP_sT1W_3D_TFE_32_channel_SENSE",
    "ReconMatrixPE": 240,
    "RepetitionTime": 0.007,
    "SAR": 0.0382114,
    "ScanOptions": "OTHER",
    "ScanningSequence": "GR",
    "SequenceVariant": "MP",
    "SeriesDescription": "sT1W_3D_TFE_32_channel",
    "SeriesNumber": 501,
    "SliceThickness": 1,
    "SoftwareVersions": "5.1.7_5.1.7.2",
    "SpacingBetweenSlices": 1,
    "StationName": "INGENIA",
    "UsePhilipsFloatNotDisplayScaling": 1,
    "dataset": "ds003037",
    "modality": "T1w",
    "session_id": "t2",
    "subject_id": "007"
  },
  "cjv": 0.3580354425473975,
  "cnr": 3.7664164017117345,
  "efc": 0.7894732341228563,
  "fber": -1.0,
  "fwhm_avg": 4.304593333333333,
  "fwhm_x": 4.04603,
  "fwhm_y": 4.76102,
  "fwhm_z": 4.10673,
  "icvs_csf": 0.21679999246080633,
  "icvs_gm": 0.41445116676473964,
  "icvs_wm": 0.368748840774454,
  "inu_med": 0.4276077300310135,
  "inu_range": 0.1553675666451454,
  "provenance": {
    "md5sum": "95beedd0e345bf75e91e192f55c8ea52",
    "settings": {
      "testing": false
    },
    "software": "mriqc",
    "version": "22.0.6",
    "warnings": {
      "large_rot_frame": true,
      "small_air_mask": true
    },
    "webapi_port": null,
    "webapi_url": "https://mriqc.nimh.nih.gov/api/v1"
  },
  "qi_1": 0.0,
  "qi_2": 0.0001794997619483382,
  "rpve_csf": 24.653372647379808,
  "rpve_gm": 13.220890054858256,
  "rpve_wm": 17.350035455796476,
  "size_x": 180,
  "size_y": 240,
  "size_z": 240,
  "snr_csf": 2.8204493464673215,
  "snr_gm": 13.002153631149609,
  "snr_total": 15.052303524557102,
  "snr_wm": 29.33430759605437,
  "snrd_csf": 62.62957089013971,
  "snrd_gm": 162.91938545669697,
  "snrd_total": 147.79417602884573,
  "snrd_wm": 217.83357173970043,
  "spacing_x": 1.0,
  "spacing_y": 1.0,
  "spacing_z": 1.0,
  "summary_bg_k": 111.60411211340943,
  "summary_bg_mad": 0.0,
  "summary_bg_mean": 0.5432332153165979,
  "summary_bg_median": 0.0,
  "summary_bg_n": 45640.0,
  "summary_bg_p05": 0.0,
  "summary_bg_p95": 0.0,
  "summary_bg_stdv": 3.007579191243942,
  "summary_csf_k": 1.121361377840608,
  "summary_csf_mad": 79.82682800063094,
  "summary_csf_mean": 294.71789450369255,
  "summary_csf_median": 287.5178270749748,
  "summary_csf_n": 40836.0,
  "summary_csf_p05": 126.11928103398532,
  "summary_csf_p95": 479.49056716030464,
  "summary_csf_stdv": 101.93918462566624,
  "summary_gm_k": 0.09837069504977469,
  "summary_gm_mad": 57.53909443380259,
  "summary_gm_mean": 747.4764957646862,
  "summary_gm_median": 747.9250939954072,
  "summary_gm_n": 47820.0,
  "summary_gm_p05": 652.0223047164269,
  "summary_gm_p95": 840.5536214690655,
  "summary_gm_stdv": 57.522568565143416,
  "summary_wm_k": 0.37760125175798365,
  "summary_wm_mad": 32.72102719609015,
  "summary_wm_mean": 1000.2315522145556,
  "summary_wm_median": 1000.0233806557953,
  "summary_wm_n": 195363.0,
  "summary_wm_p05": 944.8483870066702,
  "summary_wm_p95": 1056.902720507048,
  "summary_wm_stdv": 34.090486641959544,
  "tpm_overlap_csf": 0.15700220116289018,
  "tpm_overlap_gm": 0.46414507171878105,
  "tpm_overlap_wm": 0.5121938661056816,
  "wm2max": 0.797977725127325
}