{
  "aor": 0.001374,
  "aqi": 0.008943596866666665,
  "bids_meta": {
    "AcquisitionMatrixPE": 70,
    "AcquisitionTime": "10:59:10.080000",
    "CoilString": "MULTI_COIL",
    "ConversionSoftware": "dcm2niix",
    "ConversionSoftwareVersion": "v1.0.20190410  (JP2:OpenJPEG) GCC6.3.0",
    "Dcm2bidsVersion": "2.1.4",
    "DeviceSerialNumber": "42451",
    "EchoTime": 0.03,
    "EchoTrainLength": 35,
    "EffectiveEchoSpacing": 0.000698,
    "FlipAngle": 75,
    "ImageOrientationPatientDICOM": [
      0.9999,
      0.0139819,
      -0.00224002,
      -0.0139662,
      0.999879,
      0.00684701
    ],
    "ImageType": [
      "ORIGINAL",
      "PRIMARY",
      "M",
      "FFE",
      "M",
      "FFE"
    ],
    "ImagingFrequency": 127.766,
    "InPlanePhaseEncodingDirectionDICOM": "COL",
    "InstitutionAddress": "Calzada_Mexico_Xochimilco_No.101_Tlalpan",
    "InstitutionName": "I.N._Psiquiatria",
    "InstitutionalDepartmentName": "Imagenes_Cerebrales",
    "MagneticFieldStrength": 3,
    "Manufacturer": "Philips",
    "ManufacturersModelName": "Ingenia",
    "Modality": "MR",
    "PartialFourier": 0.5,
    "PatientPosition": "HFS",
    "PercentPhaseFOV": 100,
    "PhaseEncodingAxis": "j",
    "PhaseEncodingDirection": "j-",
    "PhaseEncodingSteps": 70,
    "PhilipsRescaleIntercept": 0,
    "PhilipsRescaleSlope": 0.802198,
    "PhilipsScaleSlope": 0.0702746,
    "PixelBandwidth": 1819,
    "ProcedureStepDescription": "EDUARDO_TMS",
    "ProtocolName": "WIP_FE_EPI_32chSHC_AP_SENSE",
    "ReconMatrixPE": 80,
    "RepetitionTime": 2,
    "SAR": 0.119813,
    "ScanOptions": "FS",
    "ScanningSequence": "GR",
    "SequenceVariant": "SK",
    "SeriesDescription": "FE_EPI_32chSHC_AP",
    "SeriesNumber": 301,
    "SliceThickness": 3.33,
    "SliceTiming": [
      0.0,
      1.027027,
      0.054054,
      1.081081,
      0.108108,
      1.135135,
      0.162162,
      1.189189,
      0.216216,
      1.243244,
      0.27027,
      1.297298,
      0.324324,
      1.351352,
      0.378378,
      1.405406,
      0.432432,
      1.45946,
      0.486486,
      1.513514,
      0.540541,
      1.567568,
      0.594595,
      1.621622,
      0.648649,
      1.675676,
      0.702703,
      1.72973,
      0.756757,
      1.783784,
      0.810811,
      1.837838,
      0.864865,
      1.891892,
      0.918919,
      1.945947,
      0.972973
    ],
    "SoftwareVersions": "2.6.3_5.1.7.2",
    "SpacingBetweenSlices": 3.33,
    "StationName": "INGENIA",
    "TaskName": "rest",
    "TotalReadoutTime": 0.04884,
    "UsePhilipsFloatNotDisplayScaling": 1,
    "dataset": "ds003037",
    "modality": "bold",
    "session_id": "t1",
    "subject_id": "001",
    "task_id": "rest"
  },
  "dummy_trs": 0,
  "dvars_nstd": 23.278119967658878,
  "dvars_std": 1.2772882067892972,
  "dvars_vstd": 0.9833103418394645,
  "efc": 0.4399908906392766,
  "fber": 156961.703125,
  "fd_mean": 0.1123282737861475,
  "fd_num": 17,
  "fd_perc": 5.666666666666667,
  "fwhm_avg": 2.083845840747141,
  "fwhm_x": 2.0592099999999998,
  "fwhm_y": 2.238516666666667,
  "fwhm_z": 1.9538108555747564,
  "gcor": 0.0319764,
  "gsr_x": -0.011637972667813301,
  "gsr_y": 0.023057645186781883,
  "provenance": {
    "md5sum": "38972ed0fe4c4483c082570c2436023a",
    "settings": {
      "fd_thres": 0.2,
      "testing": false
    },
    "software": "mriqc",
    "version": "22.0.6",
    "webapi_port": null,
    "webapi_url": "https://mriqc.nimh.nih.gov/api/v1"
  },
  "size_t": 300,
  "size_x": 80,
  "size_y": 80,
  "size_z": 37,
  "snr": 5.998177531048063,
  "spacing_tr": 1.9999995231628418,
  "spacing_x": 3.0,
  "spacing_y": 3.0,
  "spacing_z": 3.3299999237060547,
  "summary_bg_k": 63.61399591998017,
  "summary_bg_mad": 75.13603840974181,
  "summary_bg_mean": 806.9786987304688,
  "summary_bg_median": 60.400634765625,
  "summary_bg_n": 161600.0,
  "summary_bg_p05": 5.72294499874115,
  "summary_bg_p95": 4300.490380859367,
  "summary_bg_stdv": 2029.944091796875,
  "summary_fg_k": 1.20876289410307,
  "summary_fg_mad": 3624.0155279074247,
  "summary_fg_mean": 24116.8203125,
  "summary_fg_median": 24112.177734375,
  "summary_fg_n": 33973.0,
  "summary_fg_p05": 17478.337109375,
  "summary_fg_p95": 30443.581249999996,
  "summary_fg_stdv": 4019.858154296875,
  "tsnr": 69.85059356689453
}