{
  "aor": 0.0043727666666666665,
  "aqi": 0.010790599266666666,
  "bids_meta": {
    "AcquisitionMatrixPE": 70,
    "AcquisitionNumber": 3,
    "AcquisitionTime": "12:24:41.930000",
    "BodyPartExamined": "BRAIN",
    "CoilString": "MULTI_COIL",
    "ConversionSoftware": "dcm2niix",
    "ConversionSoftwareVersion": "v1.0.20190410  (JP2:OpenJPEG) GCC6.3.0",
    "Dcm2bidsVersion": "2.1.4",
    "DeviceSerialNumber": "42451",
    "EchoTime": 0.03,
    "EchoTrainLength": 35,
    "EffectiveEchoSpacing": 0.000698,
    "FlipAngle": 75,
    "ImageOrientationPatientDICOM": [
      0.999985,
      0.00421684,
      -0.0036157,
      -0.0042116,
      0.99999,
      0.00145695
    ],
    "ImageType": [
      "ORIGINAL",
      "PRIMARY",
      "M",
      "FFE",
      "M",
      "FFE"
    ],
    "ImagingFrequency": 127.76,
    "InPlanePhaseEncodingDirectionDICOM": "COL",
    "InstitutionAddress": "Calzada_Mexico_Xochimilco_No.101_Tlalpan",
    "InstitutionName": "I.N._Psiquiatria",
    "InstitutionalDepartmentName": "Imagenes_Cerebrales",
    "MRAcquisitionType": "2D",
    "MagneticFieldStrength": 3,
    "Manufacturer": "Philips",
    "ManufacturersModelName": "Ingenia",
    "Modality": "MR",
    "PartialFourier": 0.5,
    "PatientPosition": "HFS",
    "PercentPhaseFOV": 100,
    "PhaseEncodingAxis": "j",
    "PhaseEncodingDirection": "j-",
    "PhaseEncodingSteps": 70,
    "PhilipsRescaleIntercept": 0,
    "PhilipsRescaleSlope": 0.860317,
    "PhilipsScaleSlope": 0.0243174,
    "PixelBandwidth": 1819,
    "ProtocolName": "FE_EPI_32chSHC_AP",
    "ReconMatrixPE": 80,
    "RepetitionTime": 2,
    "SAR": 0.119138,
    "ScanOptions": "FS",
    "ScanningSequence": "GR",
    "SequenceVariant": "SK",
    "SeriesDescription": "FE_EPI_32chSHC_AP",
    "SeriesNumber": 301,
    "SliceThickness": 3.33,
    "SliceTiming": [
      0.0,
      1.027027,
      0.054054,
      1.081081,
      0.108108,
      1.135135,
      0.162162,
      1.189189,
      0.216216,
      1.243244,
      0.27027,
      1.297298,
      0.324324,
      1.351352,
      0.378378,
      1.405406,
      0.432432,
      1.45946,
      0.486486,
      1.513514,
      0.540541,
      1.567568,
      0.594595,
      1.621622,
      0.648649,
      1.675676,
      0.702703,
      1.72973,
      0.756757,
      1.783784,
      0.810811,
      1.837838,
      0.864865,
      1.891892,
      0.918919,
      1.945947,
      0.972973
    ],
    "SoftwareVersions": "5.3.1_5.3.1.0",
    "SpacingBetweenSlices": 3.33,
    "StationName": "PHILIPS-CTMFQSD",
    "TaskName": "rest",
    "TotalReadoutTime": 0.04884,
    "UsePhilipsFloatNotDisplayScaling": 1,
    "dataset": "ds003037",
    "modality": "bold",
    "session_id": "t3",
    "subject_id": "008",
    "task_id": "rest"
  },
  "dummy_trs": 0,
  "dvars_nstd": 29.60021482080269,
  "dvars_std": 1.3417236695652175,
  "dvars_vstd": 1.0244314368896321,
  "efc": 0.41405362880136576,
  "fber": 126507.125,
  "fd_mean": 0.19043354293016135,
  "fd_num": 109,
  "fd_perc": 36.333333333333336,
  "fwhm_avg": 1.9799637378535397,
  "fwhm_x": 1.9163733333333333,
  "fwhm_y": 2.1733466666666668,
  "fwhm_z": 1.850171213560619,
  "gcor": 0.0261843,
  "gsr_x": -0.008650977164506912,
  "gsr_y": 0.013390980660915375,
  "provenance": {
    "md5sum": "073797dfbc73dcee827b49b7a08ed0d3",
    "settings": {
      "fd_thres": 0.2,
      "testing": false
    },
    "software": "mriqc",
    "version": "22.0.6",
    "webapi_port": null,
    "webapi_url": "https://mriqc.nimh.nih.gov/api/v1"
  },
  "size_t": 300,
  "size_x": 80,
  "size_y": 80,
  "size_z": 37,
  "snr": 5.922937868481941,
  "spacing_tr": 2.0000016689300537,
  "spacing_x": 3.0,
  "spacing_y": 3.0,
  "spacing_z": 3.3299999237060547,
  "summary_bg_k": 60.176574780759566,
  "summary_bg_mad": 198.9800452161133,
  "summary_bg_mean": 1517.9083251953125,
  "summary_bg_median": 167.8900146484375,
  "summary_bg_n": 164174.0,
  "summary_bg_p05": 11.707700300216674,
  "summary_bg_p95": 7314.258935546876,
  "summary_bg_stdv": 4260.53759765625,
  "summary_fg_k": 1.439536672078476,
  "summary_fg_mad": 8857.743248897643,
  "summary_fg_mean": 60598.99609375,
  "summary_fg_median": 60863.16796875,
  "summary_fg_n": 31845.0,
  "summary_fg_p05": 42801.94375,
  "summary_fg_p95": 76679.48281249999,
  "summary_fg_stdv": 10275.6796875,
  "tsnr": 59.21651077270508
}