{
  "aor": 0.00555,
  "aqi": 0.015903053533333333,
  "bids_meta": {
    "AcquisitionMatrixPE": 70,
    "AcquisitionNumber": 3,
    "AcquisitionTime": "08:17:11.270000",
    "BodyPartExamined": "BRAIN",
    "CoilString": "MULTI_COIL",
    "ConversionSoftware": "dcm2niix",
    "ConversionSoftwareVersion": "v1.0.20190410  (JP2:OpenJPEG) GCC6.3.0",
    "Dcm2bidsVersion": "2.1.4",
    "DeviceSerialNumber": "42451",
    "EchoTime": 0.03,
    "EchoTrainLength": 35,
    "EffectiveEchoSpacing": 0.000698,
    "FlipAngle": 75,
    "ImageOrientationPatientDICOM": [
      1,
      -2.79047e-05,
      0.000495657,
      2.71369e-05,
      0.999999,
      0.00154897
    ],
    "ImageType": [
      "ORIGINAL",
      "PRIMARY",
      "M",
      "FFE",
      "M",
      "FFE"
    ],
    "ImagingFrequency": 127.759,
    "InPlanePhaseEncodingDirectionDICOM": "COL",
    "InstitutionAddress": "Calzada_Mexico_Xochimilco_No.101_Tlalpan",
    "InstitutionName": "I.N._Psiquiatria",
    "InstitutionalDepartmentName": "Imagenes_Cerebrales",
    "MRAcquisitionType": "2D",
    "MagneticFieldStrength": 3,
    "Manufacturer": "Philips",
    "ManufacturersModelName": "Ingenia",
    "Modality": "MR",
    "PartialFourier": 0.5,
    "PatientPosition": "HFS",
    "PercentPhaseFOV": 100,
    "PhaseEncodingAxis": "j",
    "PhaseEncodingDirection": "j-",
    "PhaseEncodingSteps": 70,
    "PhilipsRescaleIntercept": 0,
    "PhilipsRescaleSlope": 0.828816,
    "PhilipsScaleSlope": 0.022269,
    "PixelBandwidth": 1819,
    "ProcedureStepDescription": "PROTOCOLO_TMS",
    "ProtocolName": "WIP_FE_EPI_32chSHC_AP",
    "ReconMatrixPE": 80,
    "RepetitionTime": 2,
    "SAR": 0.119138,
    "ScanOptions": "FS",
    "ScanningSequence": "GR",
    "SequenceVariant": "SK",
    "SeriesDescription": "FE_EPI_32chSHC_AP",
    "SeriesNumber": 301,
    "SliceThickness": 3.33,
    "SliceTiming": [
      0.0,
      1.027027,
      0.054054,
      1.081081,
      0.108108,
      1.135135,
      0.162162,
      1.189189,
      0.216216,
      1.243244,
      0.27027,
      1.297298,
      0.324324,
      1.351352,
      0.378378,
      1.405406,
      0.432432,
      1.45946,
      0.486486,
      1.513514,
      0.540541,
      1.567568,
      0.594595,
      1.621622,
      0.648649,
      1.675676,
      0.702703,
      1.72973,
      0.756757,
      1.783784,
      0.810811,
      1.837838,
      0.864865,
      1.891892,
      0.918919,
      1.945947,
      0.972973
    ],
    "SoftwareVersions": "5.3.1_5.3.1.0",
    "SpacingBetweenSlices": 3.33,
    "StationName": "PHILIPS-CTMFQSD",
    "TaskName": "rest",
    "TotalReadoutTime": 0.04884,
    "UsePhilipsFloatNotDisplayScaling": 1,
    "dataset": "ds003037",
    "modality": "bold",
    "session_id": "t3",
    "subject_id": "041",
    "task_id": "rest"
  },
  "dummy_trs": 0,
  "dvars_nstd": 29.64321262775921,
  "dvars_std": 1.2043056017725753,
  "dvars_vstd": 1.0059793982943146,
  "efc": 0.437759824672345,
  "fber": 64379.33203125,
  "fd_mean": 0.23094365755831855,
  "fd_num": 115,
  "fd_perc": 38.333333333333336,
  "fwhm_avg": 1.9719611951330975,
  "fwhm_x": 1.9082533333333334,
  "fwhm_y": 2.180753333333333,
  "fwhm_z": 1.8268769187326268,
  "gcor": 0.0443027,
  "gsr_x": -0.011095402762293816,
  "gsr_y": 0.015745900571346283,
  "provenance": {
    "md5sum": "56fcbdce6599d1d597ad1a381cc391ef",
    "settings": {
      "fd_thres": 0.2,
      "testing": false
    },
    "software": "mriqc",
    "version": "22.0.6",
    "webapi_port": null,
    "webapi_url": "https://mriqc.nimh.nih.gov/api/v1"
  },
  "size_t": 300,
  "size_x": 80,
  "size_y": 80,
  "size_z": 37,
  "snr": 5.029683104199499,
  "spacing_tr": 2.0000016689300537,
  "spacing_x": 3.0,
  "spacing_y": 3.0,
  "spacing_z": 3.3299999237060547,
  "summary_bg_k": 66.96574516162971,
  "summary_bg_mad": 297.92776318139613,
  "summary_bg_mean": 1800.952880859375,
  "summary_bg_median": 238.55081176757812,
  "summary_bg_n": 160345.0,
  "summary_bg_p05": 21.9856315612793,
  "summary_bg_p95": 8053.1623046874965,
  "summary_bg_stdv": 4399.13916015625,
  "summary_fg_k": 2.326113271595644,
  "summary_fg_mad": 10293.403153801302,
  "summary_fg_mean": 62236.625,
  "summary_fg_median": 61571.8203125,
  "summary_fg_n": 35342.0,
  "summary_fg_p05": 44156.55859375,
  "summary_fg_p95": 82948.49921874999,
  "summary_fg_stdv": 12241.5166015625,
  "tsnr": 40.86717987060547
}