{
  "bids_meta": {
    "AcquisitionMatrixPE": 238,
    "AcquisitionNumber": 4,
    "AcquisitionTime": "09:55:7.020000",
    "BodyPartExamined": "BRAIN",
    "CoilString": "MULTI_COIL",
    "ConversionSoftware": "dcm2niix",
    "ConversionSoftwareVersion": "v1.0.20190410  (JP2:OpenJPEG) GCC6.3.0",
    "Dcm2bidsVersion": "2.1.4",
    "DeviceSerialNumber": "42451",
    "EchoTime": 0.0035,
    "EchoTrainLength": 238,
    "FlipAngle": 8,
    "ImageOrientationPatientDICOM": [
      0.00204943,
      0.999995,
      -0.00260862,
      0.00466819,
      -0.00261816,
      -0.999986
    ],
    "ImageType": [
      "ORIGINAL",
      "PRIMARY",
      "M",
      "FFE",
      "M",
      "FFE"
    ],
    "ImagingFrequency": 127.759,
    "InPlanePhaseEncodingDirectionDICOM": "ROW",
    "InstitutionAddress": "Calzada_Mexico_Xochimilco_No.101_Tlalpan",
    "InstitutionName": "I.N._Psiquiatria",
    "InstitutionalDepartmentName": "Imagenes_Cerebrales",
    "MRAcquisitionType": "3D",
    "MagneticFieldStrength": 3,
    "Manufacturer": "Philips",
    "ManufacturersModelName": "Ingenia",
    "Modality": "MR",
    "PatientPosition": "HFS",
    "PercentPhaseFOV": 100,
    "PhaseEncodingSteps": 238,
    "PhilipsRescaleIntercept": 0,
    "PhilipsRescaleSlope": 3.63565,
    "PhilipsScaleSlope": 0.00627541,
    "PixelBandwidth": 310,
    "ProcedureStepDescription": "PROTOCOLO_EDUARDO_TMS",
    "ProtocolName": "WIP_sT1W_3D_TFE_32_channel",
    "ReconMatrixPE": 240,
    "RepetitionTime": 0.007,
    "SAR": 0.0380129,
    "ScanOptions": "OTHER",
    "ScanningSequence": "GR",
    "SequenceVariant": "MP",
    "SeriesDescription": "sT1W_3D_TFE_32_channel",
    "SeriesNumber": 401,
    "SliceThickness": 1,
    "SoftwareVersions": "5.3.1_5.3.1.0",
    "SpacingBetweenSlices": 1,
    "StationName": "PHILIPS-CTMFQSD",
    "UsePhilipsFloatNotDisplayScaling": 1,
    "dataset": "ds003037",
    "modality": "T1w",
    "session_id": "t1",
    "subject_id": "050"
  },
  "cjv": 0.33329705515237806,
  "cnr": 4.05162632738661,
  "efc": 0.7463725196273263,
  "fber": 17257.826672335603,
  "fwhm_avg": 4.941866666666667,
  "fwhm_x": 4.59866,
  "fwhm_y": 5.34205,
  "fwhm_z": 4.88489,
  "icvs_csf": 0.23416474054878328,
  "icvs_gm": 0.40754092559915117,
  "icvs_wm": 0.35829433385206555,
  "inu_med": 0.42861540615558624,
  "inu_range": 0.15577533096075058,
  "provenance": {
    "md5sum": "e6149e6a293bcc2568228079002f92f4",
    "settings": {
      "testing": false
    },
    "software": "mriqc",
    "version": "22.0.6",
    "warnings": {
      "large_rot_frame": true,
      "small_air_mask": false
    },
    "webapi_port": null,
    "webapi_url": "https://mriqc.nimh.nih.gov/api/v1"
  },
  "qi_1": 0.0,
  "qi_2": 5.014000017303248e-05,
  "rpve_csf": 20.857048866559005,
  "rpve_gm": 12.145793112791704,
  "rpve_wm": 16.48985063007041,
  "size_x": 180,
  "size_y": 238,
  "size_z": 238,
  "snr_csf": 2.8918267767377124,
  "snr_gm": 14.464387380965604,
  "snr_total": 15.451620020645697,
  "snr_wm": 28.99864590423377,
  "snrd_csf": 24.14591700305421,
  "snrd_gm": 57.47751201553868,
  "snrd_total": 52.88245470729543,
  "snrd_wm": 77.0239351032934,
  "spacing_x": 1.0,
  "spacing_y": 1.0,
  "spacing_z": 1.0,
  "summary_bg_k": 10.5269521922491,
  "summary_bg_mad": 0.0,
  "summary_bg_mean": 4.4037777136049305,
  "summary_bg_median": 0.0,
  "summary_bg_n": 401979.0,
  "summary_bg_p05": 0.0,
  "summary_bg_p95": 22.39063899591565,
  "summary_bg_stdv": 8.505831016631593,
  "summary_csf_k": 0.5257602345610546,
  "summary_csf_mad": 94.02599777854967,
  "summary_csf_mean": 322.7271243113984,
  "summary_csf_median": 313.4936324246228,
  "summary_csf_n": 37111.0,
  "summary_csf_p05": 151.19235780648887,
  "summary_csf_p95": 517.5767774954438,
  "summary_csf_stdv": 108.40532053602739,
  "summary_gm_k": 0.07658193129331803,
  "summary_gm_mad": 51.3501264629448,
  "summary_gm_mean": 744.555663282975,
  "summary_gm_median": 746.2476584427059,
  "summary_gm_n": 40036.0,
  "summary_gm_p05": 657.4503833949566,
  "summary_gm_p95": 826.7811337066814,
  "summary_gm_stdv": 51.591423751449554,
  "summary_wm_k": 0.43093501087949093,
  "summary_wm_mad": 33.23301128179179,
  "summary_wm_mean": 1001.5388903601754,
  "summary_wm_median": 1000.0246913842857,
  "summary_wm_n": 209371.0,
  "summary_wm_p05": 947.812782369554,
  "summary_wm_p95": 1060.4818853214383,
  "summary_wm_stdv": 34.485137910220196,
  "tpm_overlap_csf": 0.16616182032308796,
  "tpm_overlap_gm": 0.4750495213421911,
  "tpm_overlap_wm": 0.5339871396843917,
  "wm2max": 0.7775830871445961
}