{
  "bids_meta": {
    "AcquisitionMatrixPE": 240,
    "AcquisitionNumber": 4,
    "AcquisitionTime": "08:47:52.660000",
    "BodyPartExamined": "BRAIN",
    "CoilString": "MULTI_COIL",
    "ConversionSoftware": "dcm2niix",
    "ConversionSoftwareVersion": "v1.0.20190410  (JP2:OpenJPEG) GCC6.3.0",
    "Dcm2bidsVersion": "2.1.4",
    "DeviceSerialNumber": "42451",
    "EchoTime": 0.0035,
    "EchoTrainLength": 240,
    "FlipAngle": 8,
    "ImageOrientationPatientDICOM": [
      -0.0042116,
      0.999988,
      -0.0024883,
      -0.00362181,
      -0.00250356,
      -0.99999
    ],
    "ImageType": [
      "ORIGINAL",
      "PRIMARY",
      "M",
      "FFE",
      "M",
      "FFE"
    ],
    "ImagingFrequency": 127.76,
    "InPlanePhaseEncodingDirectionDICOM": "ROW",
    "InstitutionAddress": "Calzada_Mexico_Xochimilco_No.101_Tlalpan",
    "InstitutionName": "I.N._Psiquiatria",
    "InstitutionalDepartmentName": "Imagenes_Cerebrales",
    "MRAcquisitionType": "3D",
    "MagneticFieldStrength": 3,
    "Manufacturer": "Philips",
    "ManufacturersModelName": "Ingenia",
    "Modality": "MR",
    "PatientPosition": "HFS",
    "PercentPhaseFOV": 100,
    "PhaseEncodingSteps": 240,
    "PhilipsRescaleIntercept": 0,
    "PhilipsRescaleSlope": 4.03321,
    "PhilipsScaleSlope": 0.00603954,
    "PixelBandwidth": 310,
    "ProcedureStepDescription": "PROTOCOLO_TMS",
    "ProtocolName": "WIP_sT1W_3D_TFE_32_channel",
    "ReconMatrixPE": 240,
    "RepetitionTime": 0.007,
    "SAR": 0.0382114,
    "ScanOptions": "OTHER",
    "ScanningSequence": "GR",
    "SequenceVariant": "MP",
    "SeriesDescription": "sT1W_3D_TFE_32_channel",
    "SeriesNumber": 401,
    "SliceThickness": 1,
    "SoftwareVersions": "5.3.1_5.3.1.0",
    "SpacingBetweenSlices": 1,
    "StationName": "PHILIPS-CTMFQSD",
    "UsePhilipsFloatNotDisplayScaling": 1,
    "dataset": "ds003037",
    "modality": "T1w",
    "session_id": "t1",
    "subject_id": "037"
  },
  "cjv": 0.37561820148909764,
  "cnr": 3.357988528138096,
  "efc": 0.7312095095997163,
  "fber": -1.0,
  "fwhm_avg": 4.45055,
  "fwhm_x": 4.26014,
  "fwhm_y": 4.90536,
  "fwhm_z": 4.18615,
  "icvs_csf": 0.1950028016663438,
  "icvs_gm": 0.40995851438959086,
  "icvs_wm": 0.3950386839440654,
  "inu_med": 0.36938247084617615,
  "inu_range": 0.12812212407588958,
  "provenance": {
    "md5sum": "cc631701cddc7e5be83b0f4d2a775418",
    "settings": {
      "testing": false
    },
    "software": "mriqc",
    "version": "22.0.6",
    "warnings": {
      "large_rot_frame": true,
      "small_air_mask": false
    },
    "webapi_port": null,
    "webapi_url": "https://mriqc.nimh.nih.gov/api/v1"
  },
  "qi_1": 0.0003774935087529256,
  "qi_2": 5.319202352623626e-06,
  "rpve_csf": 23.690080525150023,
  "rpve_gm": 11.716993306743685,
  "rpve_wm": 14.148874156889379,
  "size_x": 180,
  "size_y": 240,
  "size_z": 240,
  "snr_csf": 2.56629112070678,
  "snr_gm": 12.47245531571894,
  "snr_total": 14.46110169601971,
  "snr_wm": 28.34455865163341,
  "snrd_csf": 7.803070205494237,
  "snrd_gm": 18.787485848231103,
  "snrd_total": 17.213873460095513,
  "snrd_wm": 25.051064326561196,
  "spacing_x": 1.0,
  "spacing_y": 1.0,
  "spacing_z": 1.0,
  "summary_bg_k": 29.74849654146451,
  "summary_bg_mad": 0.0,
  "summary_bg_mean": 8.556961325160486,
  "summary_bg_median": 0.0,
  "summary_bg_n": 343294.0,
  "summary_bg_p05": 0.0,
  "summary_bg_p95": 57.35844252817333,
  "summary_bg_stdv": 26.15260437988038,
  "summary_csf_k": 0.46902372330587117,
  "summary_csf_mad": 100.98671143057032,
  "summary_csf_mean": 311.32933038946976,
  "summary_csf_median": 311.49331350345165,
  "summary_csf_n": 38838.0,
  "summary_csf_p05": 77.91278527658433,
  "summary_csf_p95": 512.581894744467,
  "summary_csf_stdv": 121.37722832873197,
  "summary_gm_k": 0.13771082941860602,
  "summary_gm_mad": 59.52462248105668,
  "summary_gm_mean": 751.6361937988929,
  "summary_gm_median": 749.983796780929,
  "summary_gm_n": 46797.0,
  "summary_gm_p05": 656.1044793494045,
  "summary_gm_p95": 852.2949998460709,
  "summary_gm_stdv": 60.13056488018569,
  "summary_wm_k": 0.36235403855478365,
  "summary_wm_mad": 34.394141045866355,
  "summary_wm_mean": 1000.2913624999937,
  "summary_wm_median": 1000.021636147052,
  "summary_wm_n": 259496.0,
  "summary_wm_p05": 943.3118002060801,
  "summary_wm_p95": 1058.0773307564668,
  "summary_wm_stdv": 35.28083543590138,
  "tpm_overlap_csf": 0.1288380843529654,
  "tpm_overlap_gm": 0.44134826891139656,
  "tpm_overlap_wm": 0.5025508636116375,
  "wm2max": 0.8728157739967253
}