{
  "bids_meta": {
    "AcquisitionMatrixPE": 240,
    "AcquisitionNumber": 4,
    "AcquisitionTime": "13:23:25.340000",
    "CoilString": "MULTI_COIL",
    "ConversionSoftware": "dcm2niix",
    "ConversionSoftwareVersion": "v1.0.20190410  (JP2:OpenJPEG) GCC6.3.0",
    "Dcm2bidsVersion": "2.1.4",
    "DeviceSerialNumber": "42451",
    "EchoTime": 0.003501,
    "EchoTrainLength": 240,
    "FlipAngle": 8,
    "ImageOrientationPatientDICOM": [
      -0.00420355,
      0.999989,
      -0.00191128,
      0.000610564,
      -0.00190873,
      -0.999998
    ],
    "ImageType": [
      "ORIGINAL",
      "PRIMARY",
      "M",
      "FFE",
      "M",
      "FFE"
    ],
    "ImagingFrequency": 127.766,
    "InPlanePhaseEncodingDirectionDICOM": "ROW",
    "InstitutionAddress": "Calzada_Mexico_Xochimilco_No.101_Tlalpan",
    "InstitutionName": "I.N._Psiquiatria",
    "InstitutionalDepartmentName": "Imagenes_Cerebrales",
    "MRAcquisitionType": "3D",
    "MagneticFieldStrength": 3,
    "Manufacturer": "Philips",
    "ManufacturersModelName": "Ingenia",
    "Modality": "MR",
    "PatientPosition": "HFS",
    "PercentPhaseFOV": 100,
    "PhaseEncodingSteps": 240,
    "PhilipsRescaleIntercept": 0,
    "PhilipsRescaleSlope": 11.0647,
    "PhilipsScaleSlope": 0.00592866,
    "PixelBandwidth": 310,
    "ProcedureStepDescription": "EDUARDO_TMS",
    "ProtocolName": "WIP_sT1W_3D_TFE_32_channel_SENSE",
    "ReconMatrixPE": 240,
    "RepetitionTime": 0.007,
    "SAR": 0.0382114,
    "ScanOptions": "OTHER",
    "ScanningSequence": "GR",
    "SequenceVariant": "MP",
    "SeriesDescription": "sT1W_3D_TFE_32_channel",
    "SeriesNumber": 401,
    "SliceThickness": 1,
    "SoftwareVersions": "5.1.7_5.1.7.2",
    "SpacingBetweenSlices": 1,
    "StationName": "INGENIA",
    "UsePhilipsFloatNotDisplayScaling": 1,
    "dataset": "ds003037",
    "modality": "T1w",
    "session_id": "t0",
    "subject_id": "014"
  },
  "cjv": 0.3735365197253852,
  "cnr": 3.6683258302246067,
  "efc": 0.7776441988163659,
  "fber": 3135.7098512711746,
  "fwhm_avg": 4.35467,
  "fwhm_x": 4.19364,
  "fwhm_y": 4.71807,
  "fwhm_z": 4.1523,
  "icvs_csf": 0.19027967368434995,
  "icvs_gm": 0.4172818233341356,
  "icvs_wm": 0.39243850298151445,
  "inu_med": 0.3688395321369171,
  "inu_range": 0.1118750751018524,
  "provenance": {
    "md5sum": "82d01274a05c3cdc4aff07d22b2cb131",
    "settings": {
      "testing": false
    },
    "software": "mriqc",
    "version": "22.0.6",
    "warnings": {
      "large_rot_frame": true,
      "small_air_mask": true
    },
    "webapi_port": null,
    "webapi_url": "https://mriqc.nimh.nih.gov/api/v1"
  },
  "qi_1": 0.0,
  "qi_2": 0.0001207708467057683,
  "rpve_csf": 27.487668134523624,
  "rpve_gm": 13.169359612504053,
  "rpve_wm": 16.175218825170827,
  "size_x": 180,
  "size_y": 240,
  "size_z": 240,
  "snr_csf": 2.6702882736905273,
  "snr_gm": 12.647935065192975,
  "snr_total": 13.84616510516407,
  "snr_wm": 26.220271976608714,
  "snrd_csf": 45.18078728837724,
  "snrd_gm": 105.66474446475321,
  "snrd_total": 97.71099203005838,
  "snrd_wm": 142.28744433704466,
  "spacing_x": 1.0,
  "spacing_y": 1.0,
  "spacing_z": 1.0,
  "summary_bg_k": 28.669882283718284,
  "summary_bg_mad": 0.0,
  "summary_bg_mean": 1.4696770349350448,
  "summary_bg_median": 0.0,
  "summary_bg_n": 91439.0,
  "summary_bg_p05": 0.0,
  "summary_bg_p95": 10.317440327256918,
  "summary_bg_stdv": 4.6044300677616885,
  "summary_csf_k": 0.8393843957176323,
  "summary_csf_mad": 87.23131243685819,
  "summary_csf_mean": 310.28209736225415,
  "summary_csf_median": 317.53963827341795,
  "summary_csf_n": 29225.0,
  "summary_csf_p05": 73.03857037425041,
  "summary_csf_p95": 496.05362379178405,
  "summary_csf_stdv": 118.9138298977646,
  "summary_gm_k": 0.10012434173494933,
  "summary_gm_mad": 58.69222031075403,
  "summary_gm_mean": 744.4367773748584,
  "summary_gm_median": 742.6330249942839,
  "summary_gm_n": 42962.0,
  "summary_gm_p05": 650.420592793636,
  "summary_gm_p95": 843.0350800925866,
  "summary_gm_stdv": 58.71506915639038,
  "summary_wm_k": 0.26256278876676475,
  "summary_wm_mad": 37.45297308579992,
  "summary_wm_mean": 1001.2481465611878,
  "summary_wm_median": 1000.0247077867389,
  "summary_wm_n": 212527.0,
  "summary_wm_p05": 940.8416927680373,
  "summary_wm_p95": 1065.6406592205167,
  "summary_wm_stdv": 38.139282307053,
  "tpm_overlap_csf": 0.1445904676173144,
  "tpm_overlap_gm": 0.4550114594014632,
  "tpm_overlap_wm": 0.5077879623690554,
  "wm2max": 0.775048411522273
}