{
  "bids_meta": {
    "AcquisitionMatrixPE": 240,
    "AcquisitionNumber": 4,
    "AcquisitionTime": "10:21:48.260000",
    "BodyPartExamined": "BRAIN",
    "CoilString": "MULTI_COIL",
    "ConversionSoftware": "dcm2niix",
    "ConversionSoftwareVersion": "v1.0.20190410  (JP2:OpenJPEG) GCC6.3.0",
    "Dcm2bidsVersion": "2.1.4",
    "DeviceSerialNumber": "42451",
    "EchoTime": 0.0035,
    "EchoTrainLength": 240,
    "FlipAngle": 8,
    "ImageOrientationPatientDICOM": [
      0.00197077,
      0.999995,
      -0.00232113,
      -0.00366221,
      -0.0023139,
      -0.999991
    ],
    "ImageType": [
      "ORIGINAL",
      "PRIMARY",
      "M",
      "FFE",
      "M",
      "FFE"
    ],
    "ImagingFrequency": 127.759,
    "InPlanePhaseEncodingDirectionDICOM": "ROW",
    "InstitutionAddress": "Calzada_Mexico_Xochimilco_No.101_Tlalpan",
    "InstitutionName": "I.N._Psiquiatria",
    "InstitutionalDepartmentName": "Imagenes_Cerebrales",
    "MRAcquisitionType": "3D",
    "MagneticFieldStrength": 3,
    "Manufacturer": "Philips",
    "ManufacturersModelName": "Ingenia",
    "Modality": "MR",
    "PatientPosition": "HFS",
    "PercentPhaseFOV": 100,
    "PhaseEncodingSteps": 240,
    "PhilipsRescaleIntercept": 0,
    "PhilipsRescaleSlope": 3.33724,
    "PhilipsScaleSlope": 0.00567468,
    "PixelBandwidth": 310,
    "ProcedureStepDescription": "PROTOCOLO_EDUARDO_TMS",
    "ProtocolName": "WIP_sT1W_3D_TFE_32_channel",
    "ReconMatrixPE": 240,
    "RepetitionTime": 0.007,
    "SAR": 0.0382114,
    "ScanOptions": "OTHER",
    "ScanningSequence": "GR",
    "SequenceVariant": "MP",
    "SeriesDescription": "sT1W_3D_TFE_32_channel",
    "SeriesNumber": 401,
    "SliceThickness": 1,
    "SoftwareVersions": "5.3.1_5.3.1.0",
    "SpacingBetweenSlices": 1,
    "StationName": "PHILIPS-CTMFQSD",
    "UsePhilipsFloatNotDisplayScaling": 1,
    "dataset": "ds003037",
    "modality": "T1w",
    "session_id": "t14",
    "subject_id": "047"
  },
  "cjv": 0.34212716134960963,
  "cnr": 3.8843013656777012,
  "efc": 0.7029758981434541,
  "fber": -1.0,
  "fwhm_avg": 4.368533333333333,
  "fwhm_x": 4.19769,
  "fwhm_y": 4.77514,
  "fwhm_z": 4.13277,
  "icvs_csf": 0.2017289464305469,
  "icvs_gm": 0.4244912626712539,
  "icvs_wm": 0.37377979089819924,
  "inu_med": 0.3772234618663788,
  "inu_range": 0.13544652462005613,
  "provenance": {
    "md5sum": "9d248ede69ea30469712775a4fa330f2",
    "settings": {
      "testing": false
    },
    "software": "mriqc",
    "version": "22.0.6",
    "warnings": {
      "large_rot_frame": true,
      "small_air_mask": false
    },
    "webapi_port": null,
    "webapi_url": "https://mriqc.nimh.nih.gov/api/v1"
  },
  "qi_1": 0.0,
  "qi_2": 4.746044782756758e-05,
  "rpve_csf": 23.33845257711163,
  "rpve_gm": 11.659394304380754,
  "rpve_wm": 15.228476777098317,
  "size_x": 180,
  "size_y": 240,
  "size_z": 240,
  "snr_csf": 2.6092076765056653,
  "snr_gm": 14.470522687057178,
  "snr_total": 15.037269005129147,
  "snr_wm": 28.0320766518246,
  "snrd_csf": 36.15527822394448,
  "snrd_gm": 83.63579469841756,
  "snrd_total": 76.91877636087584,
  "snrd_wm": 110.96525616026551,
  "spacing_x": 1.0,
  "spacing_y": 1.0,
  "spacing_z": 1.0,
  "summary_bg_k": 9.067961615532763,
  "summary_bg_mad": 0.0,
  "summary_bg_mean": 3.1179612896243656,
  "summary_bg_median": 0.0,
  "summary_bg_n": 507927.0,
  "summary_bg_p05": 0.0,
  "summary_bg_p95": 15.458789136260748,
  "summary_bg_stdv": 5.90412825837895,
  "summary_csf_k": 0.5619964745056159,
  "summary_csf_mad": 102.720532090666,
  "summary_csf_mean": 321.8262249975969,
  "summary_csf_median": 325.83352085389197,
  "summary_csf_n": 34353.0,
  "summary_csf_p05": 92.13030172362924,
  "summary_csf_p95": 527.2824611328542,
  "summary_csf_stdv": 124.87652145187462,
  "summary_gm_k": 0.21631716108505605,
  "summary_gm_mad": 50.71731720676844,
  "summary_gm_mean": 753.9253492342134,
  "summary_gm_median": 753.7307633813471,
  "summary_gm_n": 45522.0,
  "summary_gm_p05": 667.7890792228281,
  "summary_gm_p95": 838.8561418429017,
  "summary_gm_stdv": 52.08674910252566,
  "summary_wm_k": 0.6059325413357892,
  "summary_wm_mad": 33.54680116510336,
  "summary_wm_mean": 1002.0807524325537,
  "summary_wm_median": 1000.0254978872836,
  "summary_wm_n": 229509.0,
  "summary_wm_p05": 947.2207231149077,
  "summary_wm_p95": 1064.258552417159,
  "summary_wm_stdv": 35.674250312827496,
  "tpm_overlap_csf": 0.14570083256419084,
  "tpm_overlap_gm": 0.4661700399070354,
  "tpm_overlap_wm": 0.5154929481806028,
  "wm2max": 0.7630411012628207
}