{
  "aor": 0.004620766666666666,
  "aqi": 0.011330157533333333,
  "bids_meta": {
    "AcquisitionMatrixPE": 70,
    "AcquisitionNumber": 4,
    "AcquisitionTime": "10:00:3.760000",
    "CoilString": "MULTI_COIL",
    "ConversionSoftware": "dcm2niix",
    "ConversionSoftwareVersion": "v1.0.20190410  (JP2:OpenJPEG) GCC6.3.0",
    "Dcm2bidsVersion": "2.1.4",
    "DeviceSerialNumber": "42451",
    "EchoTime": 0.03,
    "EchoTrainLength": 35,
    "EffectiveEchoSpacing": 0.000698,
    "FlipAngle": 75,
    "ImageOrientationPatientDICOM": [
      0.999991,
      0.00208769,
      -0.00363025,
      -0.00209495,
      0.999996,
      -0.00199691
    ],
    "ImageType": [
      "ORIGINAL",
      "PRIMARY",
      "M",
      "FFE",
      "M",
      "FFE"
    ],
    "ImagingFrequency": 127.766,
    "InPlanePhaseEncodingDirectionDICOM": "COL",
    "InstitutionAddress": "Calzada_Mexico_Xochimilco_No.101_Tlalpan",
    "InstitutionName": "I.N._Psiquiatria",
    "InstitutionalDepartmentName": "Imagenes_Cerebrales",
    "MRAcquisitionType": "2D",
    "MagneticFieldStrength": 3,
    "Manufacturer": "Philips",
    "ManufacturersModelName": "Ingenia",
    "Modality": "MR",
    "PartialFourier": 0.5,
    "PatientPosition": "HFS",
    "PercentPhaseFOV": 100,
    "PhaseEncodingAxis": "j",
    "PhaseEncodingDirection": "j-",
    "PhaseEncodingSteps": 70,
    "PhilipsRescaleIntercept": 0,
    "PhilipsRescaleSlope": 0.786325,
    "PhilipsScaleSlope": 0.0603122,
    "PixelBandwidth": 1819,
    "ProcedureStepDescription": "EDUARDO_TMS",
    "ProtocolName": "WIP_FE_EPI_32chSHC_AP_SENSE",
    "ReconMatrixPE": 80,
    "RepetitionTime": 2,
    "SAR": 0.119138,
    "ScanOptions": "FS",
    "ScanningSequence": "GR",
    "SequenceVariant": "SK",
    "SeriesDescription": "FE_EPI_32chSHC_AP",
    "SeriesNumber": 401,
    "SliceThickness": 3.33,
    "SliceTiming": [
      0.0,
      1.027027,
      0.054054,
      1.081081,
      0.108108,
      1.135135,
      0.162162,
      1.189189,
      0.216216,
      1.243244,
      0.27027,
      1.297298,
      0.324324,
      1.351352,
      0.378378,
      1.405406,
      0.432432,
      1.45946,
      0.486486,
      1.513514,
      0.540541,
      1.567568,
      0.594595,
      1.621622,
      0.648649,
      1.675676,
      0.702703,
      1.72973,
      0.756757,
      1.783784,
      0.810811,
      1.837838,
      0.864865,
      1.891892,
      0.918919,
      1.945947,
      0.972973
    ],
    "SoftwareVersions": "5.1.7_5.1.7.2",
    "SpacingBetweenSlices": 3.33,
    "StationName": "INGENIA",
    "TaskName": "rest",
    "TotalReadoutTime": 0.04884,
    "UsePhilipsFloatNotDisplayScaling": 1,
    "dataset": "ds003037",
    "modality": "bold",
    "session_id": "t2",
    "subject_id": "007",
    "task_id": "rest"
  },
  "dummy_trs": 0,
  "dvars_nstd": 20.492895187090298,
  "dvars_std": 1.1126213114381276,
  "dvars_vstd": 0.9576210568227422,
  "efc": 0.40019139172387924,
  "fber": 229036.453125,
  "fd_mean": 0.15775228622915335,
  "fd_num": 75,
  "fd_perc": 25.0,
  "fwhm_avg": 1.998782436586066,
  "fwhm_x": 1.90485,
  "fwhm_y": 2.2368966666666665,
  "fwhm_z": 1.8546006430915316,
  "gcor": 0.113247,
  "gsr_x": -0.02432584948837757,
  "gsr_y": 0.013963033445179462,
  "provenance": {
    "md5sum": "d212a9fa28c9a9776d786a2e7a6784d5",
    "settings": {
      "fd_thres": 0.2,
      "testing": false
    },
    "software": "mriqc",
    "version": "22.0.6",
    "webapi_port": null,
    "webapi_url": "https://mriqc.nimh.nih.gov/api/v1"
  },
  "size_t": 300,
  "size_x": 80,
  "size_y": 80,
  "size_z": 37,
  "snr": 4.608430094572934,
  "spacing_tr": 2.0000016689300537,
  "spacing_x": 3.0,
  "spacing_y": 3.0,
  "spacing_z": 3.3299999237060547,
  "summary_bg_k": 100.98447159724795,
  "summary_bg_mad": 49.44246572449182,
  "summary_bg_mean": 496.3238525390625,
  "summary_bg_median": 45.583717346191406,
  "summary_bg_n": 165613.0,
  "summary_bg_p05": 4.449405384063721,
  "summary_bg_p95": 2347.599169921875,
  "summary_bg_stdv": 1623.5166015625,
  "summary_fg_k": 2.7712856367900542,
  "summary_fg_mad": 4003.0534991859763,
  "summary_fg_mean": 22889.890625,
  "summary_fg_median": 22336.7578125,
  "summary_fg_n": 31332.0,
  "summary_fg_p05": 16255.858740234375,
  "summary_fg_p95": 31343.337011718748,
  "summary_fg_stdv": 4846.85693359375,
  "tsnr": 45.27939224243164
}