{
  "bids_meta": {
    "AcquisitionMatrixPE": 240,
    "AcquisitionNumber": 4,
    "AcquisitionTime": "08:50:32.770000",
    "BodyPartExamined": "BRAIN",
    "CoilString": "MULTI_COIL",
    "ConversionSoftware": "dcm2niix",
    "ConversionSoftwareVersion": "v1.0.20190410  (JP2:OpenJPEG) GCC6.3.0",
    "Dcm2bidsVersion": "2.1.4",
    "DeviceSerialNumber": "42451",
    "EchoTime": 0.0035,
    "EchoTrainLength": 240,
    "FlipAngle": 8,
    "ImageOrientationPatientDICOM": [
      -0.00325651,
      0.999948,
      -0.00968243,
      0.0168348,
      -0.00962629,
      -0.999812
    ],
    "ImageType": [
      "ORIGINAL",
      "PRIMARY",
      "M",
      "FFE",
      "M",
      "FFE"
    ],
    "ImagingFrequency": 127.76,
    "InPlanePhaseEncodingDirectionDICOM": "ROW",
    "InstitutionAddress": "Calzada_Mexico_Xochimilco_No.101_Tlalpan",
    "InstitutionName": "I.N._Psiquiatria",
    "InstitutionalDepartmentName": "Imagenes_Cerebrales",
    "MRAcquisitionType": "3D",
    "MagneticFieldStrength": 3,
    "Manufacturer": "Philips",
    "ManufacturersModelName": "Ingenia",
    "Modality": "MR",
    "PatientPosition": "HFS",
    "PercentPhaseFOV": 100,
    "PhaseEncodingSteps": 240,
    "PhilipsRescaleIntercept": 0,
    "PhilipsRescaleSlope": 14.0852,
    "PhilipsScaleSlope": 0.00585435,
    "PixelBandwidth": 310,
    "ProcedureStepDescription": "EDUARDO_TMS",
    "ProtocolName": "WIP_sT1W_3D_TFE_32_channel",
    "ReconMatrixPE": 240,
    "RepetitionTime": 0.007,
    "SAR": 0.0382114,
    "ScanOptions": "OTHER",
    "ScanningSequence": "GR",
    "SequenceVariant": "MP",
    "SeriesDescription": "sT1W_3D_TFE_32_channel",
    "SeriesNumber": 401,
    "SliceThickness": 1,
    "SoftwareVersions": "5.3.1_5.3.1.0",
    "SpacingBetweenSlices": 1,
    "StationName": "PHILIPS-CTMFQSD",
    "UsePhilipsFloatNotDisplayScaling": 1,
    "dataset": "ds003037",
    "modality": "T1w",
    "session_id": "t14",
    "subject_id": "022"
  },
  "cjv": 0.35556531107239736,
  "cnr": 3.821647519382261,
  "efc": 0.7686166245384803,
  "fber": -1.0,
  "fwhm_avg": 4.785299999999999,
  "fwhm_x": 4.69055,
  "fwhm_y": 5.12769,
  "fwhm_z": 4.53766,
  "icvs_csf": 0.2277749699328164,
  "icvs_gm": 0.4017630267324085,
  "icvs_wm": 0.37046200333477514,
  "inu_med": 0.4151228368282318,
  "inu_range": 0.17336653470993046,
  "provenance": {
    "md5sum": "c6aa538a4a087ad561f474b71f117ca3",
    "settings": {
      "testing": false
    },
    "software": "mriqc",
    "version": "22.0.6",
    "warnings": {
      "large_rot_frame": true,
      "small_air_mask": true
    },
    "webapi_port": null,
    "webapi_url": "https://mriqc.nimh.nih.gov/api/v1"
  },
  "qi_1": 0.0,
  "qi_2": 6.295516987701055e-05,
  "rpve_csf": 19.268511748759884,
  "rpve_gm": 10.812946845958662,
  "rpve_wm": 13.937123462833418,
  "size_x": 180,
  "size_y": 240,
  "size_z": 240,
  "snr_csf": 3.8806659536681574,
  "snr_gm": 14.618716407433498,
  "snr_total": 15.219647272212093,
  "snr_wm": 27.159559455534627,
  "snrd_csf": 44.44038091381742,
  "snrd_gm": 98.43909041418127,
  "snrd_total": 91.00004781816982,
  "snrd_wm": 130.12067212651075,
  "spacing_x": 1.0,
  "spacing_y": 1.0,
  "spacing_z": 1.0,
  "summary_bg_k": 25.993211774455126,
  "summary_bg_mad": 0.0,
  "summary_bg_mean": 1.6300119808156766,
  "summary_bg_median": 0.0,
  "summary_bg_n": 167798.0,
  "summary_bg_p05": 0.0,
  "summary_bg_p95": 10.85568337328732,
  "summary_bg_stdv": 5.034956321772325,
  "summary_csf_k": 2.159251070583861,
  "summary_csf_mad": 68.65652456350729,
  "summary_csf_mean": 351.3555083884082,
  "summary_csf_median": 341.54013854824007,
  "summary_csf_n": 65807.0,
  "summary_csf_p05": 229.9394563401118,
  "summary_csf_p95": 517.4778915196657,
  "summary_csf_stdv": 88.01003425760098,
  "summary_gm_k": 0.176296629999674,
  "summary_gm_mad": 51.08915030083255,
  "summary_gm_mean": 757.8333125607579,
  "summary_gm_median": 756.5394329950213,
  "summary_gm_n": 29276.0,
  "summary_gm_p05": 674.8261736165732,
  "summary_gm_p95": 844.2481514913961,
  "summary_gm_stdv": 51.75054300165252,
  "summary_wm_k": 0.3333608622484734,
  "summary_wm_mad": 35.48539471821725,
  "summary_wm_mean": 1000.7581651514472,
  "summary_wm_median": 1000.0236602891237,
  "summary_wm_n": 233712.0,
  "summary_wm_p05": 941.9374764878303,
  "summary_wm_p95": 1062.8163386248052,
  "summary_wm_stdv": 36.82024086172002,
  "tpm_overlap_csf": 0.16725472686315862,
  "tpm_overlap_gm": 0.4550671772565006,
  "tpm_overlap_wm": 0.5162216514990208,
  "wm2max": 0.8874593253493427
}