{
  "bids_meta": {
    "AcquisitionMatrixPE": 240,
    "AcquisitionNumber": 4,
    "AcquisitionTime": "09:39:11.240000",
    "BodyPartExamined": "BRAIN",
    "CoilString": "MULTI_COIL",
    "ConversionSoftware": "dcm2niix",
    "ConversionSoftwareVersion": "v1.0.20190410  (JP2:OpenJPEG) GCC6.3.0",
    "Dcm2bidsVersion": "2.1.4",
    "DeviceSerialNumber": "42451",
    "EchoTime": 0.0035,
    "EchoTrainLength": 240,
    "FlipAngle": 8,
    "ImageOrientationPatientDICOM": [
      -0.0042116,
      0.999989,
      -0.0021963,
      -0.00362181,
      -0.00221156,
      -0.999991
    ],
    "ImageType": [
      "ORIGINAL",
      "PRIMARY",
      "M",
      "FFE",
      "M",
      "FFE"
    ],
    "ImagingFrequency": 127.76,
    "InPlanePhaseEncodingDirectionDICOM": "ROW",
    "InstitutionAddress": "Calzada_Mexico_Xochimilco_No.101_Tlalpan",
    "InstitutionName": "I.N._Psiquiatria",
    "InstitutionalDepartmentName": "Imagenes_Cerebrales",
    "MRAcquisitionType": "3D",
    "MagneticFieldStrength": 3,
    "Manufacturer": "Philips",
    "ManufacturersModelName": "Ingenia",
    "Modality": "MR",
    "PatientPosition": "HFS",
    "PercentPhaseFOV": 100,
    "PhaseEncodingSteps": 240,
    "PhilipsRescaleIntercept": 0,
    "PhilipsRescaleSlope": 3.79609,
    "PhilipsScaleSlope": 0.00610696,
    "PixelBandwidth": 310,
    "ProcedureStepDescription": "EDUARDO_TMS",
    "ProtocolName": "WIP_sT1W_3D_TFE_32_channel",
    "ReconMatrixPE": 240,
    "RepetitionTime": 0.007,
    "SAR": 0.0382114,
    "ScanOptions": "OTHER",
    "ScanningSequence": "GR",
    "SequenceVariant": "MP",
    "SeriesDescription": "sT1W_3D_TFE_32_channel",
    "SeriesNumber": 401,
    "SliceThickness": 1,
    "SoftwareVersions": "5.3.1_5.3.1.1",
    "SpacingBetweenSlices": 1,
    "StationName": "PHILIPS-CTMFQSD",
    "UsePhilipsFloatNotDisplayScaling": 1,
    "dataset": "ds003037",
    "modality": "T1w",
    "session_id": "t2",
    "subject_id": "015"
  },
  "cjv": 0.37524539621267816,
  "cnr": 3.589991983920529,
  "efc": 0.6782686382418877,
  "fber": -1.0,
  "fwhm_avg": 4.57707,
  "fwhm_x": 4.4458,
  "fwhm_y": 4.96105,
  "fwhm_z": 4.32436,
  "icvs_csf": 0.19455398776875577,
  "icvs_gm": 0.4108004918823353,
  "icvs_wm": 0.39464552034890893,
  "inu_med": 0.3418756425380707,
  "inu_range": 0.11591312289237976,
  "provenance": {
    "md5sum": "5bf9292538519e9634baad5f97c97447",
    "settings": {
      "testing": false
    },
    "software": "mriqc",
    "version": "22.0.6",
    "warnings": {
      "large_rot_frame": true,
      "small_air_mask": false
    },
    "webapi_port": null,
    "webapi_url": "https://mriqc.nimh.nih.gov/api/v1"
  },
  "qi_1": 0.0,
  "qi_2": 0.00011035044067005203,
  "rpve_csf": 28.932919435961917,
  "rpve_gm": 14.205190890080816,
  "rpve_wm": 17.489006419287055,
  "size_x": 180,
  "size_y": 240,
  "size_z": 240,
  "snr_csf": 2.333789420478277,
  "snr_gm": 12.642988383814474,
  "snr_total": 15.952505244868712,
  "snr_wm": 32.88073793031339,
  "snrd_csf": 44.51350562177564,
  "snrd_gm": 105.59297316223542,
  "snrd_total": 96.46702929542751,
  "snrd_wm": 139.29460910227147,
  "spacing_x": 1.0,
  "spacing_y": 1.0,
  "spacing_z": 1.0,
  "summary_bg_k": 10.939428523046494,
  "summary_bg_mad": 0.0,
  "summary_bg_mean": 2.2524582610680772,
  "summary_bg_median": 0.0,
  "summary_bg_n": 517150.0,
  "summary_bg_p05": 0.0,
  "summary_bg_p95": 12.270217090845108,
  "summary_bg_stdv": 4.7033497647158224,
  "summary_csf_k": 0.046471779230239374,
  "summary_csf_mad": 119.96515129151751,
  "summary_csf_mean": 301.7597246882631,
  "summary_csf_median": 319.57098734378815,
  "summary_csf_n": 24237.0,
  "summary_csf_p05": 53.84807492941618,
  "summary_csf_p95": 509.71845152825125,
  "summary_csf_stdv": 136.92940410346907,
  "summary_gm_k": -0.043456016117927376,
  "summary_gm_mad": 61.91967089969368,
  "summary_gm_mean": 757.1615621552952,
  "summary_gm_median": 758.0721899718046,
  "summary_gm_n": 37404.0,
  "summary_gm_p05": 658.5539125777781,
  "summary_gm_p95": 852.8482556864619,
  "summary_gm_stdv": 59.959088256649885,
  "summary_wm_k": 0.5850199063714974,
  "summary_wm_mad": 28.871141436908314,
  "summary_wm_mean": 1000.7628021829888,
  "summary_wm_median": 1000.0226929038763,
  "summary_wm_n": 209171.0,
  "summary_wm_p05": 952.4187951162457,
  "summary_wm_p95": 1051.6712178066373,
  "summary_wm_stdv": 30.413560199818733,
  "tpm_overlap_csf": 0.13828456652072302,
  "tpm_overlap_gm": 0.4559032136413344,
  "tpm_overlap_wm": 0.5270251771695694,
  "wm2max": 0.8805346031491967
}