{
  "bids_meta": {
    "AcquisitionMatrixPE": 240,
    "AcquisitionNumber": 4,
    "AcquisitionTime": "09:58:45.330000",
    "BodyPartExamined": "BRAIN",
    "CoilString": "MULTI_COIL",
    "ConversionSoftware": "dcm2niix",
    "ConversionSoftwareVersion": "v1.0.20190410  (JP2:OpenJPEG) GCC6.3.0",
    "Dcm2bidsVersion": "2.1.4",
    "DeviceSerialNumber": "42451",
    "EchoTime": 0.0035,
    "EchoTrainLength": 240,
    "FlipAngle": 8,
    "ImageOrientationPatientDICOM": [
      0.0361911,
      0.999341,
      -0.00278116,
      0.0367353,
      -0.00411146,
      -0.999317
    ],
    "ImageType": [
      "ORIGINAL",
      "PRIMARY",
      "M",
      "FFE",
      "M",
      "FFE"
    ],
    "ImagingFrequency": 127.76,
    "InPlanePhaseEncodingDirectionDICOM": "ROW",
    "InstitutionAddress": "Calzada_Mexico_Xochimilco_No.101_Tlalpan",
    "InstitutionName": "I.N._Psiquiatria",
    "InstitutionalDepartmentName": "Imagenes_Cerebrales",
    "MRAcquisitionType": "3D",
    "MagneticFieldStrength": 3,
    "Manufacturer": "Philips",
    "ManufacturersModelName": "Ingenia",
    "Modality": "MR",
    "PatientPosition": "HFS",
    "PercentPhaseFOV": 100,
    "PhaseEncodingSteps": 240,
    "PhilipsRescaleIntercept": 0,
    "PhilipsRescaleSlope": 6.03614,
    "PhilipsScaleSlope": 0.00525508,
    "PixelBandwidth": 310,
    "ProcedureStepDescription": "EDUARDO_TMS",
    "ProtocolName": "sT1W_3D_TFE_32_channel",
    "ReconMatrixPE": 240,
    "RepetitionTime": 0.007,
    "SAR": 0.0382114,
    "ScanOptions": "OTHER",
    "ScanningSequence": "GR",
    "SequenceVariant": "MP",
    "SeriesDescription": "sT1W_3D_TFE_32_channel",
    "SeriesNumber": 401,
    "SliceThickness": 1,
    "SoftwareVersions": "5.3.1_5.3.1.1",
    "SpacingBetweenSlices": 1,
    "StationName": "PHILIPS-CTMFQSD",
    "UsePhilipsFloatNotDisplayScaling": 1,
    "dataset": "ds003037",
    "modality": "T1w",
    "session_id": "t1",
    "subject_id": "021"
  },
  "cjv": 0.3611256400635599,
  "cnr": 3.6779551009776292,
  "efc": 0.7278385524372519,
  "fber": -1.0,
  "fwhm_avg": 4.717673333333334,
  "fwhm_x": 4.58115,
  "fwhm_y": 5.12685,
  "fwhm_z": 4.44502,
  "icvs_csf": 0.2512611373828252,
  "icvs_gm": 0.3820974063606167,
  "icvs_wm": 0.36664145625655814,
  "inu_med": 0.4516899585723877,
  "inu_range": 0.21470969915390015,
  "provenance": {
    "md5sum": "7246d0d0d9cb3ee2bd610373c7f2833b",
    "settings": {
      "testing": false
    },
    "software": "mriqc",
    "version": "22.0.6",
    "warnings": {
      "large_rot_frame": true,
      "small_air_mask": false
    },
    "webapi_port": null,
    "webapi_url": "https://mriqc.nimh.nih.gov/api/v1"
  },
  "qi_1": 0.04271934780853984,
  "qi_2": 7.840316846813831e-05,
  "rpve_csf": 17.13229209540108,
  "rpve_gm": 10.79841628072732,
  "rpve_wm": 13.435672831770168,
  "size_x": 180,
  "size_y": 240,
  "size_z": 240,
  "snr_csf": 3.277257273646832,
  "snr_gm": 14.099361815071848,
  "snr_total": 15.457767600737052,
  "snr_wm": 28.996683713492473,
  "snrd_csf": 32.56673096006519,
  "snrd_gm": 78.48336242155949,
  "snrd_total": 71.31026811029903,
  "snrd_wm": 102.88071094927243,
  "spacing_x": 1.0,
  "spacing_y": 1.0,
  "spacing_z": 1.0,
  "summary_bg_k": 26.986442549340076,
  "summary_bg_mad": 0.0,
  "summary_bg_mean": 2.786776734637741,
  "summary_bg_median": 0.0,
  "summary_bg_n": 457213.0,
  "summary_bg_p05": 0.0,
  "summary_bg_p95": 16.364591367542744,
  "summary_bg_stdv": 6.367922489794901,
  "summary_csf_k": 1.280157098541812,
  "summary_csf_mad": 80.6921923828216,
  "summary_csf_mean": 321.5647082490871,
  "summary_csf_median": 316.5484599843621,
  "summary_csf_n": 93647.0,
  "summary_csf_p05": 162.20908679291605,
  "summary_csf_p95": 484.16075134277344,
  "summary_csf_stdv": 96.58892892234852,
  "summary_gm_k": 0.22290762619000137,
  "summary_gm_mad": 53.1976519280571,
  "summary_gm_mean": 762.407901949567,
  "summary_gm_median": 762.8578852266073,
  "summary_gm_n": 33768.0,
  "summary_gm_p05": 673.7680516604335,
  "summary_gm_p95": 850.7223444953561,
  "summary_gm_stdv": 54.10504387181009,
  "summary_wm_k": 0.6247367192878026,
  "summary_wm_mad": 32.44044220795868,
  "summary_wm_mean": 1001.2912212083606,
  "summary_wm_median": 999.9999893456697,
  "summary_wm_n": 257345.0,
  "summary_wm_p05": 947.1762441769242,
  "summary_wm_p95": 1060.0735374316573,
  "summary_wm_stdv": 34.486634965135586,
  "tpm_overlap_csf": 0.1683054633145901,
  "tpm_overlap_gm": 0.4446802934872344,
  "tpm_overlap_wm": 0.5149840109774243,
  "wm2max": 0.7828822819889377
}