{
  "bids_meta": {
    "AcquisitionMatrixPE": 240,
    "AcquisitionNumber": 5,
    "AcquisitionTime": "08:42:7.160000",
    "BodyPartExamined": "BRAIN",
    "CoilString": "MULTI_COIL",
    "ConversionSoftware": "dcm2niix",
    "ConversionSoftwareVersion": "v1.0.20190410  (JP2:OpenJPEG) GCC6.3.0",
    "Dcm2bidsVersion": "2.1.4",
    "DeviceSerialNumber": "42451",
    "EchoTime": 0.0035,
    "EchoTrainLength": 240,
    "FlipAngle": 8,
    "ImageOrientationPatientDICOM": [
      -0.0042116,
      0.999979,
      -0.00494287,
      -0.00362181,
      -0.00495813,
      -0.999981
    ],
    "ImageType": [
      "ORIGINAL",
      "PRIMARY",
      "M",
      "FFE",
      "M",
      "FFE"
    ],
    "ImagingFrequency": 127.76,
    "InPlanePhaseEncodingDirectionDICOM": "ROW",
    "InstitutionAddress": "Calzada_Mexico_Xochimilco_No.101_Tlalpan",
    "InstitutionName": "I.N._Psiquiatria",
    "InstitutionalDepartmentName": "Imagenes_Cerebrales",
    "MRAcquisitionType": "3D",
    "MagneticFieldStrength": 3,
    "Manufacturer": "Philips",
    "ManufacturersModelName": "Ingenia",
    "Modality": "MR",
    "PatientPosition": "HFS",
    "PercentPhaseFOV": 100,
    "PhaseEncodingSteps": 240,
    "PhilipsRescaleIntercept": 0,
    "PhilipsRescaleSlope": 3.29426,
    "PhilipsScaleSlope": 0.00611905,
    "PixelBandwidth": 310,
    "ProcedureStepDescription": "EDUARDO_TMS",
    "ProtocolName": "WIP_sT1W_3D_TFE_32_channel",
    "ReconMatrixPE": 240,
    "RepetitionTime": 0.007,
    "SAR": 0.0382114,
    "ScanOptions": "OTHER",
    "ScanningSequence": "GR",
    "SequenceVariant": "MP",
    "SeriesDescription": "sT1W_3D_TFE_32_channel",
    "SeriesNumber": 501,
    "SliceThickness": 1,
    "SoftwareVersions": "5.3.1_5.3.1.0",
    "SpacingBetweenSlices": 1,
    "StationName": "PHILIPS-CTMFQSD",
    "UsePhilipsFloatNotDisplayScaling": 1,
    "dataset": "ds003037",
    "modality": "T1w",
    "session_id": "t0",
    "subject_id": "030"
  },
  "cjv": 0.3395346098491515,
  "cnr": 3.962437074767856,
  "efc": 0.7130424201596381,
  "fber": -1.0,
  "fwhm_avg": 4.543166666666667,
  "fwhm_x": 4.36203,
  "fwhm_y": 4.96939,
  "fwhm_z": 4.29808,
  "icvs_csf": 0.20472163920667247,
  "icvs_gm": 0.43933723962541793,
  "icvs_wm": 0.3559411211679096,
  "inu_med": 0.3970020264387131,
  "inu_range": 0.15650223940610886,
  "provenance": {
    "md5sum": "6b65e95b99beb51e115da9153cb0a717",
    "settings": {
      "testing": false
    },
    "software": "mriqc",
    "version": "22.0.6",
    "warnings": {
      "large_rot_frame": true,
      "small_air_mask": false
    },
    "webapi_port": null,
    "webapi_url": "https://mriqc.nimh.nih.gov/api/v1"
  },
  "qi_1": 0.0,
  "qi_2": 7.846778511879563e-05,
  "rpve_csf": 24.69898327351884,
  "rpve_gm": 12.155097700227541,
  "rpve_wm": 16.84377679313572,
  "size_x": 180,
  "size_y": 240,
  "size_z": 240,
  "snr_csf": 2.9166925098768397,
  "snr_gm": 15.135993145299857,
  "snr_total": 15.756269289284992,
  "snr_wm": 29.21612221267828,
  "snrd_csf": 30.570979493358298,
  "snrd_gm": 71.02495687308651,
  "snrd_total": 65.09696595662582,
  "snrd_wm": 93.69496150343268,
  "spacing_x": 1.0,
  "spacing_y": 1.0,
  "spacing_z": 1.0,
  "summary_bg_k": 365.8424480563568,
  "summary_bg_mad": 0.0,
  "summary_bg_mean": 2.5366267643951694,
  "summary_bg_median": 0.0,
  "summary_bg_n": 466045.0,
  "summary_bg_p05": 0.0,
  "summary_bg_p95": 15.681733928620815,
  "summary_bg_stdv": 6.992410316122723,
  "summary_csf_k": 0.9964373242517643,
  "summary_csf_mad": 88.90307690467714,
  "summary_csf_mean": 332.2531670125842,
  "summary_csf_median": 326.29057457856834,
  "summary_csf_n": 38361.0,
  "summary_csf_p05": 120.34941441193223,
  "summary_csf_p95": 526.5221101436764,
  "summary_csf_stdv": 111.86860478141166,
  "summary_gm_k": 0.17608580204431323,
  "summary_gm_mad": 49.7763607417148,
  "summary_gm_mean": 757.5572888212076,
  "summary_gm_median": 758.0644902978092,
  "summary_gm_n": 51236.0,
  "summary_gm_p05": 674.9986614175141,
  "summary_gm_p95": 838.005812627729,
  "summary_gm_stdv": 50.08307583206923,
  "summary_wm_k": 0.43139692398479124,
  "summary_wm_mad": 32.378040294375616,
  "summary_wm_mean": 1000.6568408177106,
  "summary_wm_median": 1000.0262775588781,
  "summary_wm_n": 190739.0,
  "summary_wm_p05": 945.4296367838979,
  "summary_wm_p95": 1058.2802354749292,
  "summary_wm_stdv": 34.22848688897713,
  "tpm_overlap_csf": 0.14960655098101444,
  "tpm_overlap_gm": 0.47783487646976996,
  "tpm_overlap_wm": 0.520460816258422,
  "wm2max": 0.7887233336100274
}