{
  "bids_meta": {
    "AcquisitionMatrixPE": 240,
    "AcquisitionNumber": 4,
    "AcquisitionTime": "10:13:59.360000",
    "BodyPartExamined": "BRAIN",
    "CoilString": "MULTI_COIL",
    "ConversionSoftware": "dcm2niix",
    "ConversionSoftwareVersion": "v1.0.20190410  (JP2:OpenJPEG) GCC6.3.0",
    "Dcm2bidsVersion": "2.1.4",
    "DeviceSerialNumber": "42451",
    "EchoTime": 0.0035,
    "EchoTrainLength": 240,
    "FlipAngle": 8,
    "ImageOrientationPatientDICOM": [
      -0.00420038,
      0.999988,
      -0.00268397,
      0.000572308,
      -0.00268158,
      -0.999996
    ],
    "ImageType": [
      "ORIGINAL",
      "PRIMARY",
      "M",
      "FFE",
      "M",
      "FFE"
    ],
    "ImagingFrequency": 127.76,
    "InPlanePhaseEncodingDirectionDICOM": "ROW",
    "InstitutionAddress": "Calzada_Mexico_Xochimilco_No.101_Tlalpan",
    "InstitutionName": "I.N._Psiquiatria",
    "InstitutionalDepartmentName": "Imagenes_Cerebrales",
    "MRAcquisitionType": "3D",
    "MagneticFieldStrength": 3,
    "Manufacturer": "Philips",
    "ManufacturersModelName": "Ingenia",
    "Modality": "MR",
    "PatientPosition": "HFS",
    "PercentPhaseFOV": 100,
    "PhaseEncodingSteps": 240,
    "PhilipsRescaleIntercept": 0,
    "PhilipsRescaleSlope": 3.80904,
    "PhilipsScaleSlope": 0.00624504,
    "PixelBandwidth": 310,
    "ProcedureStepDescription": "EDUARDO_TMS",
    "ProtocolName": "sT1W_3D_TFE_32_channel",
    "ReconMatrixPE": 240,
    "RepetitionTime": 0.007,
    "SAR": 0.0382114,
    "ScanOptions": "OTHER",
    "ScanningSequence": "GR",
    "SequenceVariant": "MP",
    "SeriesDescription": "sT1W_3D_TFE_32_channel",
    "SeriesNumber": 401,
    "SliceThickness": 1,
    "SoftwareVersions": "5.3.1_5.3.1.0",
    "SpacingBetweenSlices": 1,
    "StationName": "PHILIPS-CTMFQSD",
    "UsePhilipsFloatNotDisplayScaling": 1,
    "dataset": "ds003037",
    "modality": "T1w",
    "session_id": "t2",
    "subject_id": "024"
  },
  "cjv": 0.37487967416780726,
  "cnr": 3.57844265257994,
  "efc": 0.723958492681415,
  "fber": -1.0,
  "fwhm_avg": 4.313926666666667,
  "fwhm_x": 4.25757,
  "fwhm_y": 4.58785,
  "fwhm_z": 4.09636,
  "icvs_csf": 0.21732610437037145,
  "icvs_gm": 0.420086513263485,
  "icvs_wm": 0.3625873823661435,
  "inu_med": 0.4881887435913086,
  "inu_range": 0.1956995129585266,
  "provenance": {
    "md5sum": "ad5da1f5ef67c36b72196169e73f0dc3",
    "settings": {
      "testing": false
    },
    "software": "mriqc",
    "version": "22.0.6",
    "warnings": {
      "large_rot_frame": true,
      "small_air_mask": false
    },
    "webapi_port": null,
    "webapi_url": "https://mriqc.nimh.nih.gov/api/v1"
  },
  "qi_1": 1.0377750103777502e-05,
  "qi_2": 0.00010017874236279156,
  "rpve_csf": 24.12713156507992,
  "rpve_gm": 12.746257253674198,
  "rpve_wm": 16.81056819740891,
  "size_x": 180,
  "size_y": 240,
  "size_z": 240,
  "snr_csf": 2.9659748253081717,
  "snr_gm": 15.533078728335468,
  "snr_total": 14.534149853733979,
  "snr_wm": 25.1033960075583,
  "snrd_csf": 25.731188416923498,
  "snrd_gm": 60.99097433153779,
  "snrd_total": 55.295374880142504,
  "snrd_wm": 79.16396189196622,
  "spacing_x": 1.0,
  "spacing_y": 1.0,
  "spacing_z": 1.0,
  "summary_bg_k": 28.58652291530191,
  "summary_bg_mad": 0.0,
  "summary_bg_mean": 3.3915180040978403,
  "summary_bg_median": 0.0,
  "summary_bg_n": 427138.0,
  "summary_bg_p05": 0.0,
  "summary_bg_p95": 19.217719852924347,
  "summary_bg_stdv": 8.27591473411075,
  "summary_csf_k": 1.2277074074743375,
  "summary_csf_mad": 85.23524265477432,
  "summary_csf_mean": 326.939804828488,
  "summary_csf_median": 325.04547350108624,
  "summary_csf_n": 35389.0,
  "summary_csf_p05": 120.00217439234257,
  "summary_csf_p95": 512.9882591813803,
  "summary_csf_stdv": 109.58989881853502,
  "summary_gm_k": 0.28752486811937406,
  "summary_gm_mad": 48.19131401279143,
  "summary_gm_mean": 770.4452039580802,
  "summary_gm_median": 770.4595609679818,
  "summary_gm_n": 25582.0,
  "summary_gm_p05": 689.5062732711434,
  "summary_gm_p95": 851.7141434252262,
  "summary_gm_stdv": 49.60024446338353,
  "summary_wm_k": 0.5487209097751689,
  "summary_wm_mad": 37.868915645959696,
  "summary_wm_mean": 1001.2029615577702,
  "summary_wm_median": 1000.027167826891,
  "summary_wm_n": 179320.0,
  "summary_wm_p05": 938.6281815171242,
  "summary_wm_p95": 1068.3491477079685,
  "summary_wm_stdv": 39.83621893765921,
  "tpm_overlap_csf": 0.16497951170797448,
  "tpm_overlap_gm": 0.46234853385949126,
  "tpm_overlap_wm": 0.5249324077262147,
  "wm2max": 0.7628690855709754
}