{
  "bids_meta": {
    "AcquisitionMatrixPE": 240,
    "AcquisitionTime": "08:51:45.160000",
    "CoilString": "MULTI_COIL",
    "ConversionSoftware": "dcm2niix",
    "ConversionSoftwareVersion": "v1.0.20190410  (JP2:OpenJPEG) GCC6.3.0",
    "Dcm2bidsVersion": "2.1.4",
    "DeviceSerialNumber": "42451",
    "EchoTime": 0.003501,
    "EchoTrainLength": 240,
    "FlipAngle": 8,
    "ImageOrientationPatientDICOM": [
      -0.0877119,
      0.996145,
      0.00148857,
      -0.0165733,
      3.48232e-05,
      -0.999863
    ],
    "ImageType": [
      "ORIGINAL",
      "PRIMARY",
      "M",
      "FFE",
      "M",
      "FFE"
    ],
    "ImagingFrequency": 127.766,
    "InPlanePhaseEncodingDirectionDICOM": "ROW",
    "InstitutionAddress": "Calzada_Mexico_Xochimilco_No.101_Tlalpan",
    "InstitutionName": "I.N._Psiquiatria",
    "InstitutionalDepartmentName": "Imagenes_Cerebrales",
    "MRAcquisitionType": "3D",
    "MagneticFieldStrength": 3,
    "Manufacturer": "Philips",
    "ManufacturersModelName": "Ingenia",
    "Modality": "MR",
    "PatientPosition": "HFS",
    "PercentPhaseFOV": 100,
    "PhaseEncodingSteps": 240,
    "PhilipsRescaleIntercept": 0,
    "PhilipsRescaleSlope": 12.0134,
    "PhilipsScaleSlope": 0.00529202,
    "PixelBandwidth": 310,
    "ProcedureStepDescription": "EDUARDO_TMS",
    "ProtocolName": "WIP_sT1W_3D_TFE_32_channel_SENSE",
    "ReconMatrixPE": 240,
    "RepetitionTime": 0.007,
    "SAR": 0.0382114,
    "ScanOptions": "OTHER",
    "ScanningSequence": "GR",
    "SequenceVariant": "MP",
    "SeriesDescription": "sT1W_3D_TFE_32_channel",
    "SeriesNumber": 501,
    "SliceThickness": 1,
    "SoftwareVersions": "2.6.3_5.1.7.2",
    "SpacingBetweenSlices": 1,
    "StationName": "INGENIA",
    "UsePhilipsFloatNotDisplayScaling": 1,
    "dataset": "ds003037",
    "modality": "T1w",
    "session_id": "t0",
    "subject_id": "001"
  },
  "cjv": 0.3068539810717363,
  "cnr": 4.349680342946775,
  "efc": 0.7908200274445569,
  "fber": -1.0,
  "fwhm_avg": 4.579696666666667,
  "fwhm_x": 4.50713,
  "fwhm_y": 4.90804,
  "fwhm_z": 4.32392,
  "icvs_csf": 0.18754794702767882,
  "icvs_gm": 0.46168452278747324,
  "icvs_wm": 0.35076753018484796,
  "inu_med": 0.47348007559776306,
  "inu_range": 0.20624771118164065,
  "provenance": {
    "md5sum": "d72fe96b2b07a401a53048aff15400c7",
    "settings": {
      "testing": false
    },
    "software": "mriqc",
    "version": "22.0.6",
    "warnings": {
      "large_rot_frame": true,
      "small_air_mask": true
    },
    "webapi_port": null,
    "webapi_url": "https://mriqc.nimh.nih.gov/api/v1"
  },
  "qi_1": 0.0,
  "qi_2": 0.0001163749186800072,
  "rpve_csf": 23.53636166150258,
  "rpve_gm": 10.531552547015316,
  "rpve_wm": 15.396241128170434,
  "size_x": 180,
  "size_y": 240,
  "size_z": 240,
  "snr_csf": 2.5738221779737867,
  "snr_gm": 14.117389142306191,
  "snr_total": 14.416961734839353,
  "snr_wm": 26.559673884238084,
  "snrd_csf": 99.73792873898509,
  "snrd_gm": 228.3161295945131,
  "snrd_total": 214.5715168939546,
  "snrd_wm": 315.66049234836566,
  "spacing_x": 1.0,
  "spacing_y": 1.0,
  "spacing_z": 1.0,
  "summary_bg_k": 175.17199719505234,
  "summary_bg_mad": 0.0,
  "summary_bg_mean": 0.2705400395852668,
  "summary_bg_median": 0.0,
  "summary_bg_n": 109375.0,
  "summary_bg_p05": 0.0,
  "summary_bg_p95": 0.0,
  "summary_bg_stdv": 2.0754463451759015,
  "summary_csf_k": 0.32271283106552984,
  "summary_csf_mad": 102.38965834359435,
  "summary_csf_mean": 304.2441355345414,
  "summary_csf_median": 315.96583501808345,
  "summary_csf_n": 25380.0,
  "summary_csf_p05": 68.71930791316555,
  "summary_csf_p95": 493.47760503552854,
  "summary_csf_stdv": 122.75891200232857,
  "summary_gm_k": 0.3442473990775192,
  "summary_gm_mad": 48.95742552651122,
  "summary_gm_mean": 723.5443067054163,
  "summary_gm_median": 723.2965176589787,
  "summary_gm_n": 59045.0,
  "summary_gm_p05": 639.7329798135906,
  "summary_gm_p95": 807.7808658387512,
  "summary_gm_stdv": 51.23400547949787,
  "summary_wm_k": 0.31570825116400547,
  "summary_wm_mad": 35.95014670730646,
  "summary_wm_mean": 1000.7610026599898,
  "summary_wm_median": 1000.0000231415033,
  "summary_wm_n": 216808.0,
  "summary_wm_p05": 940.6333346385509,
  "summary_wm_p95": 1064.780309068691,
  "summary_wm_stdv": 37.650978747306034,
  "tpm_overlap_csf": 0.1485355227684836,
  "tpm_overlap_gm": 0.47741609717876815,
  "tpm_overlap_wm": 0.5044695765056173,
  "wm2max": 0.818627245697056
}