{
  "bids_meta": {
    "AcquisitionMatrixPE": 240,
    "AcquisitionNumber": 4,
    "AcquisitionTime": "08:45:59.690000",
    "BodyPartExamined": "BRAIN",
    "CoilString": "MULTI_COIL",
    "ConversionSoftware": "dcm2niix",
    "ConversionSoftwareVersion": "v1.0.20190410  (JP2:OpenJPEG) GCC6.3.0",
    "Dcm2bidsVersion": "2.1.4",
    "DeviceSerialNumber": "42451",
    "EchoTime": 0.0035,
    "EchoTrainLength": 240,
    "FlipAngle": 8,
    "ImageOrientationPatientDICOM": [
      -0.00907503,
      0.999955,
      -0.00266177,
      -0.0837086,
      -0.00341222,
      -0.996484
    ],
    "ImageType": [
      "ORIGINAL",
      "PRIMARY",
      "M",
      "FFE",
      "M",
      "FFE"
    ],
    "ImagingFrequency": 127.759,
    "InPlanePhaseEncodingDirectionDICOM": "ROW",
    "InstitutionAddress": "Calzada_Mexico_Xochimilco_No.101_Tlalpan",
    "InstitutionName": "I.N._Psiquiatria",
    "InstitutionalDepartmentName": "Imagenes_Cerebrales",
    "MRAcquisitionType": "3D",
    "MagneticFieldStrength": 3,
    "Manufacturer": "Philips",
    "ManufacturersModelName": "Ingenia",
    "Modality": "MR",
    "PatientPosition": "HFS",
    "PercentPhaseFOV": 100,
    "PhaseEncodingSteps": 240,
    "PhilipsRescaleIntercept": 0,
    "PhilipsRescaleSlope": 3.79243,
    "PhilipsScaleSlope": 0.00578009,
    "PixelBandwidth": 310,
    "ProcedureStepDescription": "EDUARDO_TMS",
    "ProtocolName": "WIP_sT1W_3D_TFE_32_channel",
    "ReconMatrixPE": 240,
    "RepetitionTime": 0.007,
    "SAR": 0.0382114,
    "ScanOptions": "OTHER",
    "ScanningSequence": "GR",
    "SequenceVariant": "MP",
    "SeriesDescription": "sT1W_3D_TFE_32_channel",
    "SeriesNumber": 401,
    "SliceThickness": 1,
    "SoftwareVersions": "5.3.1_5.3.1.0",
    "SpacingBetweenSlices": 1,
    "StationName": "PHILIPS-CTMFQSD",
    "UsePhilipsFloatNotDisplayScaling": 1,
    "dataset": "ds003037",
    "modality": "T1w",
    "session_id": "t1",
    "subject_id": "027"
  },
  "cjv": 0.3634212080153426,
  "cnr": 3.716674334913318,
  "efc": 0.7251700022803723,
  "fber": -1.0,
  "fwhm_avg": 4.50988,
  "fwhm_x": 4.43831,
  "fwhm_y": 4.72905,
  "fwhm_z": 4.36228,
  "icvs_csf": 0.2300396902085893,
  "icvs_gm": 0.407201466107705,
  "icvs_wm": 0.36275884368370565,
  "inu_med": 0.4056059420108795,
  "inu_range": 0.1458459496498108,
  "provenance": {
    "md5sum": "decb26c6737479306940de4749a1e0ac",
    "settings": {
      "testing": false
    },
    "software": "mriqc",
    "version": "22.0.6",
    "warnings": {
      "large_rot_frame": true,
      "small_air_mask": false
    },
    "webapi_port": null,
    "webapi_url": "https://mriqc.nimh.nih.gov/api/v1"
  },
  "qi_1": 0.0,
  "qi_2": 9.793346051369037e-05,
  "rpve_csf": 23.056160036522485,
  "rpve_gm": 12.892687671833539,
  "rpve_wm": 16.79557446919565,
  "size_x": 180,
  "size_y": 240,
  "size_z": 240,
  "snr_csf": 3.064141115236424,
  "snr_gm": 13.837736052373279,
  "snr_total": 15.770447324395418,
  "snr_wm": 30.409464805576544,
  "snrd_csf": 40.099820401354776,
  "snrd_gm": 99.01097181465413,
  "snrd_total": 89.73364233573308,
  "snrd_wm": 130.09013479119034,
  "spacing_x": 1.0,
  "spacing_y": 1.0,
  "spacing_z": 1.0,
  "summary_bg_k": 14.444282675775682,
  "summary_bg_mad": 0.0,
  "summary_bg_mean": 2.389139911272391,
  "summary_bg_median": 0.0,
  "summary_bg_n": 396125.0,
  "summary_bg_p05": 0.0,
  "summary_bg_p95": 13.399829179048538,
  "summary_bg_stdv": 5.0360192438868285,
  "summary_csf_k": 1.3612613965089642,
  "summary_csf_mad": 78.30882468862201,
  "summary_csf_mean": 315.7926901103689,
  "summary_csf_median": 308.246446415782,
  "summary_csf_n": 57054.0,
  "summary_csf_p05": 136.53972555771472,
  "summary_csf_p95": 489.24489092826843,
  "summary_csf_stdv": 100.59711137786329,
  "summary_gm_k": 0.0904893754983136,
  "summary_gm_mad": 55.380060569015946,
  "summary_gm_mean": 760.3647553460239,
  "summary_gm_median": 761.0951847806573,
  "summary_gm_n": 34583.0,
  "summary_gm_p05": 670.0922095477581,
  "summary_gm_p95": 848.7230150699615,
  "summary_gm_stdv": 55.000628565878145,
  "summary_wm_k": 0.39488908530791456,
  "summary_wm_mad": 31.44302832037183,
  "summary_wm_mean": 999.6768331269134,
  "summary_wm_median": 1000.0000339597464,
  "summary_wm_n": 195750.0,
  "summary_wm_p05": 945.2420853972435,
  "summary_wm_p95": 1052.9444718062878,
  "summary_wm_stdv": 32.88441562755158,
  "tpm_overlap_csf": 0.13478739529040826,
  "tpm_overlap_gm": 0.4331119457787652,
  "tpm_overlap_wm": 0.4765231519172351,
  "wm2max": 0.8021578292100108
}