{
  "aor": 0.0029317,
  "aqi": 0.016913563066666668,
  "bids_meta": {
    "AcquisitionMatrixPE": 70,
    "AcquisitionNumber": 3,
    "AcquisitionTime": "08:29:53.210000",
    "BodyPartExamined": "BRAIN",
    "CoilString": "MULTI_COIL",
    "ConversionSoftware": "dcm2niix",
    "ConversionSoftwareVersion": "v1.0.20190410  (JP2:OpenJPEG) GCC6.3.0",
    "Dcm2bidsVersion": "2.1.4",
    "DeviceSerialNumber": "42451",
    "EchoTime": 0.03,
    "EchoTrainLength": 35,
    "EffectiveEchoSpacing": 0.000698,
    "FlipAngle": 75,
    "ImageOrientationPatientDICOM": [
      0.999985,
      0.00409478,
      -0.00375338,
      -0.0042116,
      0.99949,
      -0.0316631
    ],
    "ImageType": [
      "ORIGINAL",
      "PRIMARY",
      "M",
      "FFE",
      "M",
      "FFE"
    ],
    "ImagingFrequency": 127.759,
    "InPlanePhaseEncodingDirectionDICOM": "COL",
    "InstitutionAddress": "Calzada_Mexico_Xochimilco_No.101_Tlalpan",
    "InstitutionName": "I.N._Psiquiatria",
    "InstitutionalDepartmentName": "Imagenes_Cerebrales",
    "MRAcquisitionType": "2D",
    "MagneticFieldStrength": 3,
    "Manufacturer": "Philips",
    "ManufacturersModelName": "Ingenia",
    "Modality": "MR",
    "PartialFourier": 0.5,
    "PatientPosition": "HFS",
    "PercentPhaseFOV": 100,
    "PhaseEncodingAxis": "j",
    "PhaseEncodingDirection": "j-",
    "PhaseEncodingSteps": 70,
    "PhilipsRescaleIntercept": 0,
    "PhilipsRescaleSlope": 0.776557,
    "PhilipsScaleSlope": 0.0228115,
    "PixelBandwidth": 1819,
    "ProcedureStepDescription": "EDUARDO_TMS",
    "ProtocolName": "WIP_FE_EPI_32chSHC_AP",
    "ReconMatrixPE": 80,
    "RepetitionTime": 2,
    "SAR": 0.119138,
    "ScanOptions": "FS",
    "ScanningSequence": "GR",
    "SequenceVariant": "SK",
    "SeriesDescription": "FE_EPI_32chSHC_AP",
    "SeriesNumber": 301,
    "SliceThickness": 3.33,
    "SliceTiming": [
      0.0,
      1.027027,
      0.054054,
      1.081081,
      0.108108,
      1.135135,
      0.162162,
      1.189189,
      0.216216,
      1.243244,
      0.27027,
      1.297298,
      0.324324,
      1.351352,
      0.378378,
      1.405406,
      0.432432,
      1.45946,
      0.486486,
      1.513514,
      0.540541,
      1.567568,
      0.594595,
      1.621622,
      0.648649,
      1.675676,
      0.702703,
      1.72973,
      0.756757,
      1.783784,
      0.810811,
      1.837838,
      0.864865,
      1.891892,
      0.918919,
      1.945947,
      0.972973
    ],
    "SoftwareVersions": "5.3.1_5.3.1.1",
    "SpacingBetweenSlices": 3.33,
    "StationName": "PHILIPS-CTMFQSD",
    "TaskName": "rest",
    "TotalReadoutTime": 0.04884,
    "UsePhilipsFloatNotDisplayScaling": 1,
    "dataset": "ds003037",
    "modality": "bold",
    "session_id": "t0",
    "subject_id": "020",
    "task_id": "rest"
  },
  "dummy_trs": 0,
  "dvars_nstd": 23.063532838561855,
  "dvars_std": 1.0044384680602005,
  "dvars_vstd": 0.9285139225752509,
  "efc": 0.3783472081319652,
  "fber": 110747.5546875,
  "fd_mean": 0.2664391560504036,
  "fd_num": 128,
  "fd_perc": 42.666666666666664,
  "fwhm_avg": 2.0332971111387317,
  "fwhm_x": 1.9864666666666666,
  "fwhm_y": 2.2748,
  "fwhm_z": 1.8386246667495285,
  "gcor": 0.0803962,
  "gsr_x": -0.01980394311249256,
  "gsr_y": 0.014719812199473381,
  "provenance": {
    "md5sum": "0dc020608eb67bd8d1c7c6e2803044d2",
    "settings": {
      "fd_thres": 0.2,
      "testing": false
    },
    "software": "mriqc",
    "version": "22.0.6",
    "webapi_port": null,
    "webapi_url": "https://mriqc.nimh.nih.gov/api/v1"
  },
  "size_t": 300,
  "size_x": 80,
  "size_y": 80,
  "size_z": 37,
  "snr": 5.425954728464325,
  "spacing_tr": 2.0000016689300537,
  "spacing_x": 3.0,
  "spacing_y": 3.0,
  "spacing_z": 3.3299999237060547,
  "summary_bg_k": 121.56213400695543,
  "summary_bg_mad": 192.5001899911284,
  "summary_bg_mean": 1323.498291015625,
  "summary_bg_median": 174.83041381835938,
  "summary_bg_n": 171973.0,
  "summary_bg_p05": 17.9324462890625,
  "summary_bg_p95": 6218.899316406244,
  "summary_bg_stdv": 4042.81396484375,
  "summary_fg_k": 3.9703817065738294,
  "summary_fg_mad": 8405.04571915574,
  "summary_fg_mean": 60179.62109375,
  "summary_fg_median": 59307.9453125,
  "summary_fg_n": 26086.0,
  "summary_fg_p05": 44813.990234375,
  "summary_fg_p95": 77432.85546875,
  "summary_fg_stdv": 10930.20703125,
  "tsnr": 42.46955490112305
}