{
  "bids_meta": {
    "AcquisitionMatrixPE": 240,
    "AcquisitionNumber": 4,
    "AcquisitionTime": "09:10:33.720000",
    "BodyPartExamined": "BRAIN",
    "CoilString": "MULTI_COIL",
    "ConversionSoftware": "dcm2niix",
    "ConversionSoftwareVersion": "v1.0.20190410  (JP2:OpenJPEG) GCC6.3.0",
    "Dcm2bidsVersion": "2.1.4",
    "DeviceSerialNumber": "42451",
    "EchoTime": 0.003501,
    "EchoTrainLength": 240,
    "FlipAngle": 8,
    "ImageOrientationPatientDICOM": [
      0.010773,
      0.999568,
      0.0273604,
      0.00267327,
      0.0273331,
      -0.999623
    ],
    "ImageType": [
      "ORIGINAL",
      "PRIMARY",
      "M",
      "FFE",
      "M",
      "FFE"
    ],
    "ImagingFrequency": 127.766,
    "InPlanePhaseEncodingDirectionDICOM": "ROW",
    "InstitutionAddress": "Calzada_Mexico_Xochimilco_No.101_Tlalpan",
    "InstitutionName": "I.N._Psiquiatria",
    "InstitutionalDepartmentName": "Imagenes_Cerebrales",
    "MRAcquisitionType": "3D",
    "MagneticFieldStrength": 3,
    "Manufacturer": "Philips",
    "ManufacturersModelName": "Ingenia",
    "Modality": "MR",
    "PatientPosition": "HFS",
    "PercentPhaseFOV": 100,
    "PhaseEncodingSteps": 240,
    "PhilipsRescaleIntercept": 0,
    "PhilipsRescaleSlope": 3.38632,
    "PhilipsScaleSlope": 0.00515969,
    "PixelBandwidth": 310,
    "ProcedureStepDescription": "EDUARDO_TMS",
    "ProtocolName": "sT1W_3D_TFE_32_channel",
    "ReconMatrixPE": 240,
    "RepetitionTime": 0.007,
    "SAR": 0.0382114,
    "ScanOptions": "OTHER",
    "ScanningSequence": "GR",
    "SequenceVariant": "MP",
    "SeriesDescription": "sT1W_3D_TFE_32_channel",
    "SeriesNumber": 401,
    "SliceThickness": 1,
    "SoftwareVersions": "5.3.1_5.3.1.0",
    "SpacingBetweenSlices": 1,
    "StationName": "PHILIPS-CTMFQSD",
    "UsePhilipsFloatNotDisplayScaling": 1,
    "dataset": "ds003037",
    "modality": "T1w",
    "session_id": "t3",
    "subject_id": "003"
  },
  "cjv": 0.38950460738740345,
  "cnr": 3.433256524145411,
  "efc": 0.717680297871751,
  "fber": -1.0,
  "fwhm_avg": 4.475876666666666,
  "fwhm_x": 4.39376,
  "fwhm_y": 4.85992,
  "fwhm_z": 4.17395,
  "icvs_csf": 0.20620718231796975,
  "icvs_gm": 0.40407559449177227,
  "icvs_wm": 0.389717223190258,
  "inu_med": 0.37467217445373535,
  "inu_range": 0.15098723769187927,
  "provenance": {
    "md5sum": "f730449990f6167c123dab99eba7940d",
    "settings": {
      "testing": false
    },
    "software": "mriqc",
    "version": "22.0.6",
    "warnings": {
      "large_rot_frame": true,
      "small_air_mask": false
    },
    "webapi_port": null,
    "webapi_url": "https://mriqc.nimh.nih.gov/api/v1"
  },
  "qi_1": 0.0118090972883652,
  "qi_2": 0.00010066091537732198,
  "rpve_csf": 19.76647557308849,
  "rpve_gm": 10.489252509461906,
  "rpve_wm": 12.964629669781115,
  "size_x": 180,
  "size_y": 240,
  "size_z": 240,
  "snr_csf": 2.9095414771978296,
  "snr_gm": 14.398277993172691,
  "snr_total": 16.13185550773741,
  "snr_wm": 31.087747052841713,
  "snrd_csf": 69.53503748169163,
  "snrd_gm": 163.44974565225834,
  "snrd_total": 147.2581696588238,
  "snrd_wm": 208.7897258425214,
  "spacing_x": 1.0,
  "spacing_y": 1.0,
  "spacing_z": 1.0,
  "summary_bg_k": 37.74188147694601,
  "summary_bg_mad": 0.0,
  "summary_bg_mean": 0.8112038155748518,
  "summary_bg_median": 0.0,
  "summary_bg_n": 266895.0,
  "summary_bg_p05": 0.0,
  "summary_bg_p95": 5.049081204459071,
  "summary_bg_stdv": 3.1378612760303852,
  "summary_csf_k": 1.821444742423477,
  "summary_csf_mad": 91.5202980193352,
  "summary_csf_mean": 339.66715583760094,
  "summary_csf_median": 333.04713559057564,
  "summary_csf_n": 41578.0,
  "summary_csf_p05": 147.49596431208775,
  "summary_csf_p95": 539.0509302251972,
  "summary_csf_stdv": 114.46584731240576,
  "summary_gm_k": 0.18961345610174174,
  "summary_gm_mad": 53.99640584823555,
  "summary_gm_mean": 782.0055523666953,
  "summary_gm_median": 782.8638852294534,
  "summary_gm_n": 45699.0,
  "summary_gm_p05": 692.1316396867857,
  "summary_gm_p95": 869.3928347440436,
  "summary_gm_stdv": 54.371454705624714,
  "summary_wm_k": 0.538942505217145,
  "summary_wm_mad": 30.589096909098956,
  "summary_wm_mean": 1001.1006442070266,
  "summary_wm_median": 1000.025636728853,
  "summary_wm_n": 282474.0,
  "summary_wm_p05": 950.6112785451114,
  "summary_wm_p95": 1055.84745837003,
  "summary_wm_stdv": 32.16778188871946,
  "tpm_overlap_csf": 0.1679056275919573,
  "tpm_overlap_gm": 0.43987222261519526,
  "tpm_overlap_wm": 0.506824175942124,
  "wm2max": 0.8133155374440615
}