{
  "bids_meta": {
    "AcquisitionMatrixPE": 240,
    "AcquisitionNumber": 4,
    "AcquisitionTime": "12:02:33.740000",
    "BodyPartExamined": "BRAIN",
    "CoilString": "MULTI_COIL",
    "ConversionSoftware": "dcm2niix",
    "ConversionSoftwareVersion": "v1.0.20190410  (JP2:OpenJPEG) GCC6.3.0",
    "Dcm2bidsVersion": "2.1.4",
    "DeviceSerialNumber": "42451",
    "EchoTime": 0.0035,
    "EchoTrainLength": 240,
    "FlipAngle": 8,
    "ImageOrientationPatientDICOM": [
      0.001582,
      0.999983,
      0.00555543,
      -0.00363849,
      0.00556115,
      -0.999978
    ],
    "ImageType": [
      "ORIGINAL",
      "PRIMARY",
      "M",
      "FFE",
      "M",
      "FFE"
    ],
    "ImagingFrequency": 127.759,
    "InPlanePhaseEncodingDirectionDICOM": "ROW",
    "InstitutionAddress": "Calzada_Mexico_Xochimilco_No.101_Tlalpan",
    "InstitutionName": "I.N._Psiquiatria",
    "InstitutionalDepartmentName": "Imagenes_Cerebrales",
    "MRAcquisitionType": "3D",
    "MagneticFieldStrength": 3,
    "Manufacturer": "Philips",
    "ManufacturersModelName": "Ingenia",
    "Modality": "MR",
    "PatientPosition": "HFS",
    "PercentPhaseFOV": 100,
    "PhaseEncodingSteps": 240,
    "PhilipsRescaleIntercept": 0,
    "PhilipsRescaleSlope": 144.718,
    "PhilipsScaleSlope": 0.0059037,
    "PixelBandwidth": 310,
    "ProcedureStepDescription": "PROTOCOLO_EDUARDO_TMS",
    "ProtocolName": "WIP_sT1W_3D_TFE_32_channel",
    "ReconMatrixPE": 240,
    "RepetitionTime": 0.007,
    "SAR": 0.0382114,
    "ScanOptions": "OTHER",
    "ScanningSequence": "GR",
    "SequenceVariant": "MP",
    "SeriesDescription": "sT1W_3D_TFE_32_channel",
    "SeriesNumber": 401,
    "SliceThickness": 1,
    "SoftwareVersions": "5.3.1_5.3.1.0",
    "SpacingBetweenSlices": 1,
    "StationName": "PHILIPS-CTMFQSD",
    "UsePhilipsFloatNotDisplayScaling": 1,
    "dataset": "ds003037",
    "modality": "T1w",
    "session_id": "t0",
    "subject_id": "052"
  },
  "cjv": 0.35064013301107255,
  "cnr": 3.8868262339450115,
  "efc": 0.7174307666359795,
  "fber": -1.0,
  "fwhm_avg": 4.840373333333333,
  "fwhm_x": 4.75372,
  "fwhm_y": 5.13483,
  "fwhm_z": 4.63257,
  "icvs_csf": 0.21009386433514018,
  "icvs_gm": 0.4057695074806581,
  "icvs_wm": 0.38413662818420174,
  "inu_med": 0.4327724874019623,
  "inu_range": 0.16972750425338745,
  "provenance": {
    "md5sum": "1386a8a3543b109175755eafb0aab905",
    "settings": {
      "testing": false
    },
    "software": "mriqc",
    "version": "22.0.6",
    "warnings": {
      "large_rot_frame": true,
      "small_air_mask": false
    },
    "webapi_port": null,
    "webapi_url": "https://mriqc.nimh.nih.gov/api/v1"
  },
  "qi_1": 0.0,
  "qi_2": 2.8602383469286406e-05,
  "rpve_csf": 23.93430214182129,
  "rpve_gm": 12.571680569001382,
  "rpve_wm": 15.547796234204041,
  "size_x": 180,
  "size_y": 240,
  "size_z": 240,
  "snr_csf": 2.6114820110231522,
  "snr_gm": 13.377938562456306,
  "snr_total": 14.161921633778704,
  "snr_wm": 26.496344327856654,
  "snrd_csf": 20.13239462612647,
  "snrd_gm": 51.30329200054272,
  "snrd_total": 46.993287684027536,
  "snrd_wm": 69.54417642541341,
  "spacing_x": 1.0,
  "spacing_y": 1.0,
  "spacing_z": 1.0,
  "summary_bg_k": 439.2529748762053,
  "summary_bg_mad": 0.0,
  "summary_bg_mean": 3.273826704968516,
  "summary_bg_median": 0.0,
  "summary_bg_n": 404239.0,
  "summary_bg_p05": 0.0,
  "summary_bg_p95": 20.407691091299057,
  "summary_bg_stdv": 9.420435105009554,
  "summary_csf_k": 0.7092943459619279,
  "summary_csf_mad": 100.32324196040526,
  "summary_csf_mean": 300.7530161646375,
  "summary_csf_median": 289.49073366075754,
  "summary_csf_n": 45260.0,
  "summary_csf_p05": 130.868368268013,
  "summary_csf_p95": 498.44050142616015,
  "summary_csf_stdv": 110.85182066553703,
  "summary_gm_k": 0.043273436263973064,
  "summary_gm_mad": 55.847576649526324,
  "summary_gm_mean": 739.2743380454623,
  "summary_gm_median": 737.7079535871744,
  "summary_gm_n": 37569.0,
  "summary_gm_p05": 651.5606571346522,
  "summary_gm_p95": 830.9077038317919,
  "summary_gm_stdv": 55.142885582630434,
  "summary_wm_k": 0.47706056355168114,
  "summary_wm_mad": 36.122541899232935,
  "summary_wm_mean": 1000.6477105020938,
  "summary_wm_median": 1000.0000014454126,
  "summary_wm_n": 225447.0,
  "summary_wm_p05": 940.3040343075991,
  "summary_wm_p95": 1063.6525617539883,
  "summary_wm_stdv": 37.740971782867874,
  "tpm_overlap_csf": 0.14700635519270408,
  "tpm_overlap_gm": 0.45654614666662213,
  "tpm_overlap_wm": 0.5162142368157859,
  "wm2max": 0.8994776165997211
}