{
  "aor": 0.0008814333333333333,
  "aqi": 0.007240369966666668,
  "bids_meta": {
    "AcquisitionMatrixPE": 70,
    "AcquisitionNumber": 3,
    "AcquisitionTime": "12:05:52.930000",
    "BodyPartExamined": "BRAIN",
    "CoilString": "MULTI_COIL",
    "ConversionSoftware": "dcm2niix",
    "ConversionSoftwareVersion": "v1.0.20190410  (JP2:OpenJPEG) GCC6.3.0",
    "Dcm2bidsVersion": "2.1.4",
    "DeviceSerialNumber": "42451",
    "EchoTime": 0.03,
    "EchoTrainLength": 35,
    "EffectiveEchoSpacing": 0.000698,
    "FlipAngle": 75,
    "ImageOrientationPatientDICOM": [
      0.999985,
      0.00421886,
      -0.00361335,
      -0.0042116,
      0.999989,
      0.00201478
    ],
    "ImageType": [
      "ORIGINAL",
      "PRIMARY",
      "M",
      "FFE",
      "M",
      "FFE"
    ],
    "ImagingFrequency": 127.759,
    "InPlanePhaseEncodingDirectionDICOM": "COL",
    "InstitutionAddress": "Calzada_Mexico_Xochimilco_No.101_Tlalpan",
    "InstitutionName": "I.N._Psiquiatria",
    "InstitutionalDepartmentName": "Imagenes_Cerebrales",
    "MRAcquisitionType": "2D",
    "MagneticFieldStrength": 3,
    "Manufacturer": "Philips",
    "ManufacturersModelName": "Ingenia",
    "Modality": "MR",
    "PartialFourier": 0.5,
    "PatientPosition": "HFS",
    "PercentPhaseFOV": 100,
    "PhaseEncodingAxis": "j",
    "PhaseEncodingDirection": "j-",
    "PhaseEncodingSteps": 70,
    "PhilipsRescaleIntercept": 0,
    "PhilipsRescaleSlope": 0.748718,
    "PhilipsScaleSlope": 0.0232227,
    "PixelBandwidth": 1819,
    "ProcedureStepDescription": "PROTOCOLO_TMS",
    "ProtocolName": "WIP_FE_EPI_32chSHC_AP",
    "ReconMatrixPE": 80,
    "RepetitionTime": 2,
    "SAR": 0.119138,
    "ScanOptions": "FS",
    "ScanningSequence": "GR",
    "SequenceVariant": "SK",
    "SeriesDescription": "FE_EPI_32chSHC_AP",
    "SeriesNumber": 301,
    "SliceThickness": 3.33,
    "SliceTiming": [
      0.0,
      1.027027,
      0.054054,
      1.081081,
      0.108108,
      1.135135,
      0.162162,
      1.189189,
      0.216216,
      1.243244,
      0.27027,
      1.297298,
      0.324324,
      1.351352,
      0.378378,
      1.405406,
      0.432432,
      1.45946,
      0.486486,
      1.513514,
      0.540541,
      1.567568,
      0.594595,
      1.621622,
      0.648649,
      1.675676,
      0.702703,
      1.72973,
      0.756757,
      1.783784,
      0.810811,
      1.837838,
      0.864865,
      1.891892,
      0.918919,
      1.945947,
      0.972973
    ],
    "SoftwareVersions": "5.3.1_5.3.1.0",
    "SpacingBetweenSlices": 3.33,
    "StationName": "PHILIPS-CTMFQSD",
    "TaskName": "rest",
    "TotalReadoutTime": 0.04884,
    "UsePhilipsFloatNotDisplayScaling": 1,
    "dataset": "ds003037",
    "modality": "bold",
    "session_id": "t14",
    "subject_id": "036",
    "task_id": "rest"
  },
  "dummy_trs": 0,
  "dvars_nstd": 24.870254312474906,
  "dvars_std": 1.198978884682274,
  "dvars_vstd": 0.9034440723411372,
  "efc": 0.42505246657459744,
  "fber": 92897.1328125,
  "fd_mean": 0.09791894344350499,
  "fd_num": 7,
  "fd_perc": 2.3333333333333335,
  "fwhm_avg": 1.9703379620319879,
  "fwhm_x": 1.9290433333333334,
  "fwhm_y": 2.137793333333333,
  "fwhm_z": 1.8441772194292962,
  "gcor": 0.246465,
  "gsr_x": -0.006560054607689381,
  "gsr_y": 0.009719017893075943,
  "provenance": {
    "md5sum": "feb8b582c96895240129d62adcaa6ea2",
    "settings": {
      "fd_thres": 0.2,
      "testing": false
    },
    "software": "mriqc",
    "version": "22.0.6",
    "webapi_port": null,
    "webapi_url": "https://mriqc.nimh.nih.gov/api/v1"
  },
  "size_t": 300,
  "size_x": 80,
  "size_y": 80,
  "size_z": 37,
  "snr": 4.250970468342196,
  "spacing_tr": 2.0000016689300537,
  "spacing_x": 3.0,
  "spacing_y": 3.0,
  "spacing_z": 3.3299999237060547,
  "summary_bg_k": 71.73207571109707,
  "summary_bg_mad": 239.82282253031298,
  "summary_bg_mean": 1297.1690673828125,
  "summary_bg_median": 203.67657470703125,
  "summary_bg_n": 158496.0,
  "summary_bg_p05": 11.284652471542358,
  "summary_bg_p95": 5881.6939697265625,
  "summary_bg_stdv": 3564.48828125,
  "summary_fg_k": 2.225568013712512,
  "summary_fg_mad": 10968.77769135739,
  "summary_fg_mean": 65308.234375,
  "summary_fg_median": 63068.8046875,
  "summary_fg_n": 37076.0,
  "summary_fg_p05": 45860.46875,
  "summary_fg_p95": 95551.029296875,
  "summary_fg_stdv": 14836.130859375,
  "tsnr": 46.69927215576172
}