{
  "bids_meta": {
    "AcquisitionMatrixPE": 240,
    "AcquisitionNumber": 4,
    "AcquisitionTime": "08:47:5.670000",
    "BodyPartExamined": "BRAIN",
    "CoilString": "MULTI_COIL",
    "ConversionSoftware": "dcm2niix",
    "ConversionSoftwareVersion": "v1.0.20190410  (JP2:OpenJPEG) GCC6.3.0",
    "Dcm2bidsVersion": "2.1.4",
    "DeviceSerialNumber": "42451",
    "EchoTime": 0.0035,
    "EchoTrainLength": 240,
    "FlipAngle": 8,
    "ImageOrientationPatientDICOM": [
      0.00230058,
      0.999997,
      -0.00106611,
      0.000584701,
      -0.00106746,
      -0.999999
    ],
    "ImageType": [
      "ORIGINAL",
      "PRIMARY",
      "M",
      "FFE",
      "M",
      "FFE"
    ],
    "ImagingFrequency": 127.759,
    "InPlanePhaseEncodingDirectionDICOM": "ROW",
    "InstitutionAddress": "Calzada_Mexico_Xochimilco_No.101_Tlalpan",
    "InstitutionName": "I.N._Psiquiatria",
    "InstitutionalDepartmentName": "Imagenes_Cerebrales",
    "MRAcquisitionType": "3D",
    "MagneticFieldStrength": 3,
    "Manufacturer": "Philips",
    "ManufacturersModelName": "Ingenia",
    "Modality": "MR",
    "PatientPosition": "HFS",
    "PercentPhaseFOV": 100,
    "PhaseEncodingSteps": 240,
    "PhilipsRescaleIntercept": 0,
    "PhilipsRescaleSlope": 49.5426,
    "PhilipsScaleSlope": 0.00584877,
    "PixelBandwidth": 310,
    "ProcedureStepDescription": "PROTOCOLO_EDUARDO_TMS",
    "ProtocolName": "WIP_sT1W_3D_TFE_32_channel",
    "ReconMatrixPE": 240,
    "RepetitionTime": 0.007,
    "SAR": 0.0382114,
    "ScanOptions": "OTHER",
    "ScanningSequence": "GR",
    "SequenceVariant": "MP",
    "SeriesDescription": "sT1W_3D_TFE_32_channel",
    "SeriesNumber": 401,
    "SliceThickness": 1,
    "SoftwareVersions": "5.3.1_5.3.1.0",
    "SpacingBetweenSlices": 1,
    "StationName": "PHILIPS-CTMFQSD",
    "UsePhilipsFloatNotDisplayScaling": 1,
    "dataset": "ds003037",
    "modality": "T1w",
    "session_id": "t2",
    "subject_id": "036"
  },
  "cjv": 0.35334547987185627,
  "cnr": 3.7943304268158453,
  "efc": 0.75419717150495,
  "fber": -1.0,
  "fwhm_avg": 4.439856666666667,
  "fwhm_x": 4.29786,
  "fwhm_y": 4.80499,
  "fwhm_z": 4.21672,
  "icvs_csf": 0.2814606338887593,
  "icvs_gm": 0.388477601627547,
  "icvs_wm": 0.33006176448369373,
  "inu_med": 0.46970757842063904,
  "inu_range": 0.1956462264060974,
  "provenance": {
    "md5sum": "042ab2cb5dda687f91ea1ebb3f4387ed",
    "settings": {
      "testing": false
    },
    "software": "mriqc",
    "version": "22.0.6",
    "warnings": {
      "large_rot_frame": true,
      "small_air_mask": false
    },
    "webapi_port": null,
    "webapi_url": "https://mriqc.nimh.nih.gov/api/v1"
  },
  "qi_1": 0.0,
  "qi_2": 0.00010685170763278619,
  "rpve_csf": 17.437141250059298,
  "rpve_gm": 11.811129542183716,
  "rpve_wm": 16.07307866502163,
  "size_x": 180,
  "size_y": 240,
  "size_z": 240,
  "snr_csf": 4.132648563964994,
  "snr_gm": 14.14622913831364,
  "snr_total": 15.632121398744857,
  "snr_wm": 28.617486493955944,
  "snrd_csf": 53.606978457095245,
  "snrd_gm": 127.2677918399834,
  "snrd_total": 116.3287988832631,
  "snrd_wm": 168.1116263527107,
  "spacing_x": 1.0,
  "spacing_y": 1.0,
  "spacing_z": 1.0,
  "summary_bg_k": 41.909892826208385,
  "summary_bg_mad": 0.0,
  "summary_bg_mean": 1.1645787465335375,
  "summary_bg_median": 0.0,
  "summary_bg_n": 266355.0,
  "summary_bg_p05": 0.0,
  "summary_bg_p95": 9.127602025866508,
  "summary_bg_stdv": 3.8971349921921927,
  "summary_csf_k": 2.851239247533302,
  "summary_csf_mad": 58.237126839982146,
  "summary_csf_mean": 326.3567240707459,
  "summary_csf_median": 318.8857031464577,
  "summary_csf_n": 107534.0,
  "summary_csf_p05": 227.5476890590042,
  "summary_csf_p95": 463.7758331660179,
  "summary_csf_stdv": 77.1621916277099,
  "summary_gm_k": 0.31357715440701295,
  "summary_gm_mad": 52.25305672143462,
  "summary_gm_mean": 758.3161923066447,
  "summary_gm_median": 757.0633610934019,
  "summary_gm_n": 23184.0,
  "summary_gm_p05": 673.7542073428631,
  "summary_gm_p95": 847.5624799657612,
  "summary_gm_stdv": 53.51581868457392,
  "summary_wm_k": 0.45233169524759287,
  "summary_wm_mad": 33.596838116551154,
  "summary_wm_mean": 999.5935265478975,
  "summary_wm_median": 1000.0264092385769,
  "summary_wm_n": 180618.0,
  "summary_wm_p05": 941.695492419228,
  "summary_wm_p95": 1055.5570516213775,
  "summary_wm_stdv": 34.94449595003639,
  "tpm_overlap_csf": 0.1635512503646743,
  "tpm_overlap_gm": 0.430585432312106,
  "tpm_overlap_wm": 0.4706564719504337,
  "wm2max": 0.8212838700382874
}