{
  "aor": 0.0054115000000000005,
  "aqi": 0.026626171233333336,
  "bids_meta": {
    "AcquisitionMatrixPE": 70,
    "AcquisitionNumber": 4,
    "AcquisitionTime": "08:31:33.570000",
    "BodyPartExamined": "BRAIN",
    "CoilString": "MULTI_COIL",
    "ConversionSoftware": "dcm2niix",
    "ConversionSoftwareVersion": "v1.0.20190410  (JP2:OpenJPEG) GCC6.3.0",
    "Dcm2bidsVersion": "2.1.4",
    "DeviceSerialNumber": "42451",
    "EchoTime": 0.03,
    "EchoTrainLength": 35,
    "EffectiveEchoSpacing": 0.000698,
    "FlipAngle": 75,
    "ImageOrientationPatientDICOM": [
      0.999985,
      0.00419362,
      -0.00364262,
      -0.0042116,
      0.999979,
      -0.00494287
    ],
    "ImageType": [
      "ORIGINAL",
      "PRIMARY",
      "M",
      "FFE",
      "M",
      "FFE"
    ],
    "ImagingFrequency": 127.759,
    "InPlanePhaseEncodingDirectionDICOM": "COL",
    "InstitutionAddress": "Calzada_Mexico_Xochimilco_No.101_Tlalpan",
    "InstitutionName": "I.N._Psiquiatria",
    "InstitutionalDepartmentName": "Imagenes_Cerebrales",
    "MRAcquisitionType": "2D",
    "MagneticFieldStrength": 3,
    "Manufacturer": "Philips",
    "ManufacturersModelName": "Ingenia",
    "Modality": "MR",
    "PartialFourier": 0.5,
    "PatientPosition": "HFS",
    "PercentPhaseFOV": 100,
    "PhaseEncodingAxis": "j",
    "PhaseEncodingDirection": "j-",
    "PhaseEncodingSteps": 70,
    "PhilipsRescaleIntercept": 0,
    "PhilipsRescaleSlope": 0.767033,
    "PhilipsScaleSlope": 0.0275486,
    "PixelBandwidth": 1819,
    "ProcedureStepDescription": "EDUARDO_TMS",
    "ProtocolName": "WIP_FE_EPI_32chSHC_AP",
    "ReconMatrixPE": 80,
    "RepetitionTime": 2,
    "SAR": 0.119138,
    "ScanOptions": "FS",
    "ScanningSequence": "GR",
    "SequenceVariant": "SK",
    "SeriesDescription": "FE_EPI_32chSHC_AP",
    "SeriesNumber": 401,
    "SliceThickness": 3.33,
    "SliceTiming": [
      0.0,
      1.027027,
      0.054054,
      1.081081,
      0.108108,
      1.135135,
      0.162162,
      1.189189,
      0.216216,
      1.243244,
      0.27027,
      1.297298,
      0.324324,
      1.351352,
      0.378378,
      1.405406,
      0.432432,
      1.45946,
      0.486486,
      1.513514,
      0.540541,
      1.567568,
      0.594595,
      1.621622,
      0.648649,
      1.675676,
      0.702703,
      1.72973,
      0.756757,
      1.783784,
      0.810811,
      1.837838,
      0.864865,
      1.891892,
      0.918919,
      1.945947,
      0.972973
    ],
    "SoftwareVersions": "5.3.1_5.3.1.0",
    "SpacingBetweenSlices": 3.33,
    "StationName": "PHILIPS-CTMFQSD",
    "TaskName": "rest",
    "TotalReadoutTime": 0.04884,
    "UsePhilipsFloatNotDisplayScaling": 1,
    "dataset": "ds003037",
    "modality": "bold",
    "session_id": "t0",
    "subject_id": "030",
    "task_id": "rest"
  },
  "dummy_trs": 0,
  "dvars_nstd": 27.654349773511697,
  "dvars_std": 0.9423963835785949,
  "dvars_vstd": 0.8825960590300996,
  "efc": 0.4140068028088923,
  "fber": 99383.0859375,
  "fd_mean": 0.22375228777591133,
  "fd_num": 84,
  "fd_perc": 28.0,
  "fwhm_avg": 1.8142833858048328,
  "fwhm_x": 1.7797433333333332,
  "fwhm_y": 2.03532,
  "fwhm_z": 1.627786824081165,
  "gcor": 0.0654122,
  "gsr_x": -0.01435540895909071,
  "gsr_y": 0.021187035366892815,
  "provenance": {
    "md5sum": "827538dea852075f31d3bc21e713901d",
    "settings": {
      "fd_thres": 0.2,
      "testing": false
    },
    "software": "mriqc",
    "version": "22.0.6",
    "webapi_port": null,
    "webapi_url": "https://mriqc.nimh.nih.gov/api/v1"
  },
  "size_t": 300,
  "size_x": 80,
  "size_y": 80,
  "size_z": 37,
  "snr": 5.786231855787236,
  "spacing_tr": 2.0000016689300537,
  "spacing_x": 3.0,
  "spacing_y": 3.0,
  "spacing_z": 3.3299999237060547,
  "summary_bg_k": 131.73423993481848,
  "summary_bg_mad": 215.47828472922816,
  "summary_bg_mean": 1425.601806640625,
  "summary_bg_median": 178.018798828125,
  "summary_bg_n": 164279.0,
  "summary_bg_p05": 13.593501663208007,
  "summary_bg_p95": 6951.830126953126,
  "summary_bg_stdv": 4127.67822265625,
  "summary_fg_k": 2.278461915533393,
  "summary_fg_mad": 8431.037589298914,
  "summary_fg_mean": 57128.05859375,
  "summary_fg_median": 56966.36328125,
  "summary_fg_n": 31871.0,
  "summary_fg_p05": 41626.615234375,
  "summary_fg_p95": 72642.55859375,
  "summary_fg_stdv": 9845.0029296875,
  "tsnr": 33.2547607421875
}