{
  "bids_meta": {
    "AcquisitionMatrixPE": 240,
    "AcquisitionNumber": 4,
    "AcquisitionTime": "08:38:8.060000",
    "BodyPartExamined": "BRAIN",
    "CoilString": "MULTI_COIL",
    "ConversionSoftware": "dcm2niix",
    "ConversionSoftwareVersion": "v1.0.20190410  (JP2:OpenJPEG) GCC6.3.0",
    "Dcm2bidsVersion": "2.1.4",
    "DeviceSerialNumber": "42451",
    "EchoTime": 0.0035,
    "EchoTrainLength": 240,
    "FlipAngle": 8,
    "ImageOrientationPatientDICOM": [
      -0.0042116,
      0.999881,
      -0.0148267,
      -0.00362181,
      -0.014842,
      -0.999883
    ],
    "ImageType": [
      "ORIGINAL",
      "PRIMARY",
      "M",
      "FFE",
      "M",
      "FFE"
    ],
    "ImagingFrequency": 127.759,
    "InPlanePhaseEncodingDirectionDICOM": "ROW",
    "InstitutionAddress": "Calzada_Mexico_Xochimilco_No.101_Tlalpan",
    "InstitutionName": "I.N._Psiquiatria",
    "InstitutionalDepartmentName": "Imagenes_Cerebrales",
    "MRAcquisitionType": "3D",
    "MagneticFieldStrength": 3,
    "Manufacturer": "Philips",
    "ManufacturersModelName": "Ingenia",
    "Modality": "MR",
    "PatientPosition": "HFS",
    "PercentPhaseFOV": 100,
    "PhaseEncodingSteps": 240,
    "PhilipsRescaleIntercept": 0,
    "PhilipsRescaleSlope": 3.59536,
    "PhilipsScaleSlope": 0.00566095,
    "PixelBandwidth": 310,
    "ProcedureStepDescription": "EDUAARDO_TMS",
    "ProtocolName": "WIP_sT1W_3D_TFE_32_channel",
    "ReconMatrixPE": 240,
    "RepetitionTime": 0.007,
    "SAR": 0.0382114,
    "ScanOptions": "OTHER",
    "ScanningSequence": "GR",
    "SequenceVariant": "MP",
    "SeriesDescription": "sT1W_3D_TFE_32_channel",
    "SeriesNumber": 401,
    "SliceThickness": 1,
    "SoftwareVersions": "5.3.1_5.3.1.0",
    "SpacingBetweenSlices": 1,
    "StationName": "PHILIPS-CTMFQSD",
    "UsePhilipsFloatNotDisplayScaling": 1,
    "dataset": "ds003037",
    "modality": "T1w",
    "session_id": "t2",
    "subject_id": "031"
  },
  "cjv": 0.3410516902490232,
  "cnr": 3.894094074822082,
  "efc": 0.7215528734025822,
  "fber": -1.0,
  "fwhm_avg": 4.43827,
  "fwhm_x": 4.33133,
  "fwhm_y": 4.80545,
  "fwhm_z": 4.17803,
  "icvs_csf": 0.21748960032329873,
  "icvs_gm": 0.4216594219902048,
  "icvs_wm": 0.3608509776864965,
  "inu_med": 0.42810891568660736,
  "inu_range": 0.1622185960412026,
  "provenance": {
    "md5sum": "93acfecf793c56aa90394c8588ab4bec",
    "settings": {
      "testing": false
    },
    "software": "mriqc",
    "version": "22.0.6",
    "warnings": {
      "large_rot_frame": true,
      "small_air_mask": false
    },
    "webapi_port": null,
    "webapi_url": "https://mriqc.nimh.nih.gov/api/v1"
  },
  "qi_1": 0.0,
  "qi_2": 6.37993516069431e-05,
  "rpve_csf": 22.51871875287047,
  "rpve_gm": 11.863687914776943,
  "rpve_wm": 15.90643741266956,
  "size_x": 180,
  "size_y": 240,
  "size_z": 240,
  "snr_csf": 3.07979105236222,
  "snr_gm": 14.06158242789413,
  "snr_total": 14.867271032792594,
  "snr_wm": 27.46043961812143,
  "snrd_csf": 30.008222408998165,
  "snrd_gm": 69.30820198310445,
  "snrd_total": 64.00951449843687,
  "snrd_wm": 92.712119103208,
  "spacing_x": 1.0,
  "spacing_y": 1.0,
  "spacing_z": 1.0,
  "summary_bg_k": 11.432759989710691,
  "summary_bg_mad": 0.0,
  "summary_bg_mean": 3.314671177858625,
  "summary_bg_median": 0.0,
  "summary_bg_n": 459080.0,
  "summary_bg_p05": 0.0,
  "summary_bg_p95": 18.44306217133999,
  "summary_bg_stdv": 7.06635117388285,
  "summary_csf_k": 1.0064158847893934,
  "summary_csf_mad": 91.58734726176431,
  "summary_csf_mean": 330.2751701345599,
  "summary_csf_median": 323.6709754578769,
  "summary_csf_n": 47200.0,
  "summary_csf_p05": 162.817211451754,
  "summary_csf_p95": 515.0499136172233,
  "summary_csf_stdv": 105.09399541033818,
  "summary_gm_k": 0.17308311164884982,
  "summary_gm_mad": 51.93188060744206,
  "summary_gm_mean": 749.3694676987299,
  "summary_gm_median": 747.5635523274541,
  "summary_gm_n": 37296.0,
  "summary_gm_p05": 665.3561046645045,
  "summary_gm_p95": 839.3022982701659,
  "summary_gm_stdv": 53.162831001399084,
  "summary_wm_k": 0.6648006256040717,
  "summary_wm_mad": 34.161992209113244,
  "summary_wm_mean": 1001.2984819431074,
  "summary_wm_median": 999.9999872669578,
  "summary_wm_n": 203763.0,
  "summary_wm_p05": 944.0036098733544,
  "summary_wm_p95": 1063.5975750386715,
  "summary_wm_stdv": 36.4159331510812,
  "tpm_overlap_csf": 0.13501242383303477,
  "tpm_overlap_gm": 0.43546554443936103,
  "tpm_overlap_wm": 0.4861257770758063,
  "wm2max": 0.8549339960886571
}