{
  "aor": 0.002786,
  "aqi": 0.018504588566666667,
  "bids_meta": {
    "AcquisitionMatrixPE": 70,
    "AcquisitionNumber": 4,
    "AcquisitionTime": "10:02:26.060000",
    "BodyPartExamined": "BRAIN",
    "CoilString": "MULTI_COIL",
    "ConversionSoftware": "dcm2niix",
    "ConversionSoftwareVersion": "v1.0.20190410  (JP2:OpenJPEG) GCC6.3.0",
    "Dcm2bidsVersion": "2.1.4",
    "DeviceSerialNumber": "42451",
    "EchoTime": 0.03,
    "EchoTrainLength": 35,
    "EffectiveEchoSpacing": 0.000698,
    "FlipAngle": 75,
    "ImageOrientationPatientDICOM": [
      0.999991,
      0.00422713,
      0.000543395,
      -0.00422686,
      0.999991,
      -0.000497689
    ],
    "ImageType": [
      "ORIGINAL",
      "PRIMARY",
      "M",
      "FFE",
      "M",
      "FFE"
    ],
    "ImagingFrequency": 127.759,
    "InPlanePhaseEncodingDirectionDICOM": "COL",
    "InstitutionAddress": "Calzada_Mexico_Xochimilco_No.101_Tlalpan",
    "InstitutionName": "I.N._Psiquiatria",
    "InstitutionalDepartmentName": "Imagenes_Cerebrales",
    "MRAcquisitionType": "2D",
    "MagneticFieldStrength": 3,
    "Manufacturer": "Philips",
    "ManufacturersModelName": "Ingenia",
    "Modality": "MR",
    "PartialFourier": 0.5,
    "PatientPosition": "HFS",
    "PercentPhaseFOV": 100,
    "PhaseEncodingAxis": "j",
    "PhaseEncodingDirection": "j-",
    "PhaseEncodingSteps": 70,
    "PhilipsRescaleIntercept": 0,
    "PhilipsRescaleSlope": 0.756288,
    "PhilipsScaleSlope": 0.0209176,
    "PixelBandwidth": 1819,
    "ProcedureStepDescription": "PROTOCOLO_EDUARDO_TMS",
    "ProtocolName": "WIP_FE_EPI_32chSHC_AP",
    "ReconMatrixPE": 80,
    "RepetitionTime": 2,
    "SAR": 0.119138,
    "ScanOptions": "FS",
    "ScanningSequence": "GR",
    "SequenceVariant": "SK",
    "SeriesDescription": "FE_EPI_32chSHC_AP",
    "SeriesNumber": 401,
    "SliceThickness": 3.33,
    "SliceTiming": [
      0.0,
      1.027027,
      0.054054,
      1.081081,
      0.108108,
      1.135135,
      0.162162,
      1.189189,
      0.216216,
      1.243244,
      0.27027,
      1.297298,
      0.324324,
      1.351352,
      0.378378,
      1.405406,
      0.432432,
      1.45946,
      0.486486,
      1.513514,
      0.540541,
      1.567568,
      0.594595,
      1.621622,
      0.648649,
      1.675676,
      0.702703,
      1.72973,
      0.756757,
      1.783784,
      0.810811,
      1.837838,
      0.864865,
      1.891892,
      0.918919,
      1.945947,
      0.972973
    ],
    "SoftwareVersions": "5.3.1_5.3.1.0",
    "SpacingBetweenSlices": 3.33,
    "StationName": "PHILIPS-CTMFQSD",
    "TaskName": "rest",
    "TotalReadoutTime": 0.04884,
    "UsePhilipsFloatNotDisplayScaling": 1,
    "dataset": "ds003037",
    "modality": "bold",
    "session_id": "t0",
    "subject_id": "051",
    "task_id": "rest"
  },
  "dummy_trs": 0,
  "dvars_nstd": 28.594469491571914,
  "dvars_std": 1.2031648465551836,
  "dvars_vstd": 0.957083717458194,
  "efc": 0.42339020465476745,
  "fber": 97563.625,
  "fd_mean": 0.20167605284303047,
  "fd_num": 109,
  "fd_perc": 36.333333333333336,
  "fwhm_avg": 1.8584566795554307,
  "fwhm_x": 1.8590666666666669,
  "fwhm_y": 2.028636666666667,
  "fwhm_z": 1.6876667053329584,
  "gcor": 0.0632526,
  "gsr_x": -0.004461316391825676,
  "gsr_y": 0.006981656886637211,
  "provenance": {
    "md5sum": "f28c0f5327499dddf568175523517370",
    "settings": {
      "fd_thres": 0.2,
      "testing": false
    },
    "software": "mriqc",
    "version": "22.0.6",
    "webapi_port": null,
    "webapi_url": "https://mriqc.nimh.nih.gov/api/v1"
  },
  "size_t": 300,
  "size_x": 80,
  "size_y": 80,
  "size_z": 37,
  "snr": 5.351728507294316,
  "spacing_tr": 2.0000016689300537,
  "spacing_x": 3.0,
  "spacing_y": 3.0,
  "spacing_z": 3.3299999237060547,
  "summary_bg_k": 35.679219168787284,
  "summary_bg_mad": 286.6011638696054,
  "summary_bg_mean": 2149.079345703125,
  "summary_bg_median": 219.6355743408203,
  "summary_bg_n": 164609.0,
  "summary_bg_p05": 13.673593330383301,
  "summary_bg_p95": 11552.803320312514,
  "summary_bg_stdv": 5236.572265625,
  "summary_fg_k": 3.141806389374165,
  "summary_fg_mad": 9363.582801909106,
  "summary_fg_mean": 69862.1640625,
  "summary_fg_median": 68183.34375,
  "summary_fg_n": 32229.0,
  "summary_fg_p05": 52994.83828125,
  "summary_fg_p95": 93183.45781249997,
  "summary_fg_stdv": 12740.236328125,
  "tsnr": 46.12845993041992
}