{
  "aor": 0.0005476666666666667,
  "aqi": 0.007969546099999999,
  "bids_meta": {
    "AcquisitionMatrixPE": 70,
    "AcquisitionNumber": 3,
    "AcquisitionTime": "07:44:56.080000",
    "BodyPartExamined": "BRAIN",
    "CoilString": "MULTI_COIL",
    "ConversionSoftware": "dcm2niix",
    "ConversionSoftwareVersion": "v1.0.20190410  (JP2:OpenJPEG) GCC6.3.0",
    "Dcm2bidsVersion": "2.1.4",
    "DeviceSerialNumber": "42451",
    "EchoTime": 0.03,
    "EchoTrainLength": 35,
    "EffectiveEchoSpacing": 0.000698,
    "FlipAngle": 75,
    "ImageOrientationPatientDICOM": [
      1,
      3.00445e-05,
      0.000567146,
      -3.09277e-05,
      0.999999,
      0.00155724
    ],
    "ImageType": [
      "ORIGINAL",
      "PRIMARY",
      "M",
      "FFE",
      "M",
      "FFE"
    ],
    "ImagingFrequency": 127.759,
    "InPlanePhaseEncodingDirectionDICOM": "COL",
    "InstitutionAddress": "Calzada_Mexico_Xochimilco_No.101_Tlalpan",
    "InstitutionName": "I.N._Psiquiatria",
    "InstitutionalDepartmentName": "Imagenes_Cerebrales",
    "MRAcquisitionType": "2D",
    "MagneticFieldStrength": 3,
    "Manufacturer": "Philips",
    "ManufacturersModelName": "Ingenia",
    "Modality": "MR",
    "PartialFourier": 0.5,
    "PatientPosition": "HFS",
    "PercentPhaseFOV": 100,
    "PhaseEncodingAxis": "j",
    "PhaseEncodingDirection": "j-",
    "PhaseEncodingSteps": 70,
    "PhilipsRescaleIntercept": 0,
    "PhilipsRescaleSlope": 0.792186,
    "PhilipsScaleSlope": 0.0209183,
    "PixelBandwidth": 1819,
    "ProcedureStepDescription": "PROTOCOLO_EDUARDO_TMS",
    "ProtocolName": "WIP_FE_EPI_32chSHC_AP",
    "ReconMatrixPE": 80,
    "RepetitionTime": 2,
    "SAR": 0.119138,
    "ScanOptions": "FS",
    "ScanningSequence": "GR",
    "SequenceVariant": "SK",
    "SeriesDescription": "FE_EPI_32chSHC_AP",
    "SeriesNumber": 301,
    "SliceThickness": 3.33,
    "SliceTiming": [
      0.0,
      1.027027,
      0.054054,
      1.081081,
      0.108108,
      1.135135,
      0.162162,
      1.189189,
      0.216216,
      1.243244,
      0.27027,
      1.297298,
      0.324324,
      1.351352,
      0.378378,
      1.405406,
      0.432432,
      1.45946,
      0.486486,
      1.513514,
      0.540541,
      1.567568,
      0.594595,
      1.621622,
      0.648649,
      1.675676,
      0.702703,
      1.72973,
      0.756757,
      1.783784,
      0.810811,
      1.837838,
      0.864865,
      1.891892,
      0.918919,
      1.945947,
      0.972973
    ],
    "SoftwareVersions": "5.3.1_5.3.1.0",
    "SpacingBetweenSlices": 3.33,
    "StationName": "PHILIPS-CTMFQSD",
    "TaskName": "rest",
    "TotalReadoutTime": 0.04884,
    "UsePhilipsFloatNotDisplayScaling": 1,
    "dataset": "ds003037",
    "modality": "bold",
    "session_id": "t2",
    "subject_id": "039",
    "task_id": "rest"
  },
  "dummy_trs": 0,
  "dvars_nstd": 34.31018113645484,
  "dvars_std": 1.1501114731438122,
  "dvars_vstd": 0.9538792007023403,
  "efc": 0.4329666268903968,
  "fber": 87975.2109375,
  "fd_mean": 0.18499903431662268,
  "fd_num": 129,
  "fd_perc": 43.0,
  "fwhm_avg": 2.085630935503294,
  "fwhm_x": 2.08048,
  "fwhm_y": 2.2669833333333336,
  "fwhm_z": 1.9094294731765489,
  "gcor": 0.0534084,
  "gsr_x": -0.01250340137630701,
  "gsr_y": 0.025558898225426674,
  "provenance": {
    "md5sum": "6b42706b99565ceb48fee50092736558",
    "settings": {
      "fd_thres": 0.2,
      "testing": false
    },
    "software": "mriqc",
    "version": "22.0.6",
    "webapi_port": null,
    "webapi_url": "https://mriqc.nimh.nih.gov/api/v1"
  },
  "size_t": 300,
  "size_x": 80,
  "size_y": 80,
  "size_z": 37,
  "snr": 4.554280139160425,
  "spacing_tr": 2.0000016689300537,
  "spacing_x": 3.0,
  "spacing_y": 3.0,
  "spacing_z": 3.3299999237060547,
  "summary_bg_k": 123.3455921173926,
  "summary_bg_mad": 276.0210208181377,
  "summary_bg_mean": 1713.8492431640625,
  "summary_bg_median": 212.17453002929688,
  "summary_bg_n": 158836.0,
  "summary_bg_p05": 9.709611892700195,
  "summary_bg_p95": 8307.028076171875,
  "summary_bg_stdv": 4902.32373046875,
  "summary_fg_k": 1.2694151888250342,
  "summary_fg_mad": 12651.287969934776,
  "summary_fg_mean": 66766.1796875,
  "summary_fg_median": 65875.09375,
  "summary_fg_n": 35864.0,
  "summary_fg_p05": 44712.14453125,
  "summary_fg_p95": 92208.65507812498,
  "summary_fg_stdv": 14464.234375,
  "tsnr": 46.405242919921875
}