{
  "bids_meta": {
    "AcquisitionMatrixPE": 240,
    "AcquisitionNumber": 4,
    "AcquisitionTime": "08:45:1.770000",
    "BodyPartExamined": "BRAIN",
    "CoilString": "MULTI_COIL",
    "ConversionSoftware": "dcm2niix",
    "ConversionSoftwareVersion": "v1.0.20190410  (JP2:OpenJPEG) GCC6.3.0",
    "Dcm2bidsVersion": "2.1.4",
    "DeviceSerialNumber": "42451",
    "EchoTime": 0.0035,
    "EchoTrainLength": 240,
    "FlipAngle": 8,
    "ImageOrientationPatientDICOM": [
      -0.0707106,
      0.997497,
      0.000722238,
      0.0378066,
      0.00340357,
      -0.999279
    ],
    "ImageType": [
      "ORIGINAL",
      "PRIMARY",
      "M",
      "FFE",
      "M",
      "FFE"
    ],
    "ImagingFrequency": 127.759,
    "InPlanePhaseEncodingDirectionDICOM": "ROW",
    "InstitutionAddress": "Calzada_Mexico_Xochimilco_No.101_Tlalpan",
    "InstitutionName": "I.N._Psiquiatria",
    "InstitutionalDepartmentName": "Imagenes_Cerebrales",
    "MRAcquisitionType": "3D",
    "MagneticFieldStrength": 3,
    "Manufacturer": "Philips",
    "ManufacturersModelName": "Ingenia",
    "Modality": "MR",
    "PatientPosition": "HFS",
    "PercentPhaseFOV": 100,
    "PhaseEncodingSteps": 240,
    "PhilipsRescaleIntercept": 0,
    "PhilipsRescaleSlope": 3.88694,
    "PhilipsScaleSlope": 0.00584927,
    "PixelBandwidth": 310,
    "ProcedureStepDescription": "EDUARDO_TMS",
    "ProtocolName": "WIP_sT1W_3D_TFE_32_channel",
    "ReconMatrixPE": 240,
    "RepetitionTime": 0.007,
    "SAR": 0.0382114,
    "ScanOptions": "OTHER",
    "ScanningSequence": "GR",
    "SequenceVariant": "MP",
    "SeriesDescription": "sT1W_3D_TFE_32_channel",
    "SeriesNumber": 401,
    "SliceThickness": 1,
    "SoftwareVersions": "5.3.1_5.3.1.0",
    "SpacingBetweenSlices": 1,
    "StationName": "PHILIPS-CTMFQSD",
    "UsePhilipsFloatNotDisplayScaling": 1,
    "dataset": "ds003037",
    "modality": "T1w",
    "session_id": "t14",
    "subject_id": "027"
  },
  "cjv": 0.37226419984751374,
  "cnr": 3.654812824978646,
  "efc": 0.718247807953375,
  "fber": -1.0,
  "fwhm_avg": 4.486316666666667,
  "fwhm_x": 4.42421,
  "fwhm_y": 4.68186,
  "fwhm_z": 4.35288,
  "icvs_csf": 0.22581436488522189,
  "icvs_gm": 0.4091224317601862,
  "icvs_wm": 0.3650632033545919,
  "inu_med": 0.3910388648509979,
  "inu_range": 0.13090432435274124,
  "provenance": {
    "md5sum": "e383401eef00a9cf4705345d5621bee8",
    "settings": {
      "testing": false
    },
    "software": "mriqc",
    "version": "22.0.6",
    "warnings": {
      "large_rot_frame": true,
      "small_air_mask": false
    },
    "webapi_port": null,
    "webapi_url": "https://mriqc.nimh.nih.gov/api/v1"
  },
  "qi_1": 0.0,
  "qi_2": 0.00011103151296934861,
  "rpve_csf": 23.50221264171172,
  "rpve_gm": 12.94391793942859,
  "rpve_wm": 16.799574503492238,
  "size_x": 180,
  "size_y": 240,
  "size_z": 240,
  "snr_csf": 3.026758808612759,
  "snr_gm": 14.03382676556707,
  "snr_total": 15.545881082906712,
  "snr_wm": 29.57705767454031,
  "snrd_csf": 42.88210550337042,
  "snrd_gm": 105.2519093534806,
  "snrd_total": 95.24335582515164,
  "snrd_wm": 137.5960526186039,
  "spacing_x": 1.0,
  "spacing_y": 1.0,
  "spacing_z": 1.0,
  "summary_bg_k": 14.053872238077574,
  "summary_bg_mad": 0.0,
  "summary_bg_mean": 2.0710589290073016,
  "summary_bg_median": 0.0,
  "summary_bg_n": 432871.0,
  "summary_bg_p05": 0.0,
  "summary_bg_p95": 12.42354292050004,
  "summary_bg_stdv": 4.76141563173022,
  "summary_csf_k": 1.7104934332517328,
  "summary_csf_mad": 75.37040617523358,
  "summary_csf_mean": 318.09487134343004,
  "summary_csf_median": 311.65956809185445,
  "summary_csf_n": 54369.0,
  "summary_csf_p05": 128.13861127197742,
  "summary_csf_p95": 498.01271189935505,
  "summary_csf_stdv": 102.967141299951,
  "summary_gm_k": 0.054951553035009315,
  "summary_gm_mad": 55.186945345536195,
  "summary_gm_mean": 763.6204843865047,
  "summary_gm_median": 764.9522854555398,
  "summary_gm_n": 37229.0,
  "summary_gm_p05": 673.5702253069728,
  "summary_gm_p95": 850.2748934440315,
  "summary_gm_stdv": 54.50701541048242,
  "summary_wm_k": 0.4095902981446602,
  "summary_wm_mad": 32.32176594406084,
  "summary_wm_mean": 1000.7742009392895,
  "summary_wm_median": 1000.0238054282963,
  "summary_wm_n": 196285.0,
  "summary_wm_p05": 946.6882504764944,
  "summary_wm_p95": 1057.5719410255551,
  "summary_wm_stdv": 33.810707915981105,
  "tpm_overlap_csf": 0.1322882168913834,
  "tpm_overlap_gm": 0.43101284633521575,
  "tpm_overlap_wm": 0.47779812206907574,
  "wm2max": 0.8138133987932149
}