{
  "bids_meta": {
    "AcquisitionMatrixPE": 240,
    "AcquisitionNumber": 5,
    "AcquisitionTime": "08:46:23.300000",
    "CoilString": "MULTI_COIL",
    "ConversionSoftware": "dcm2niix",
    "ConversionSoftwareVersion": "v1.0.20190410  (JP2:OpenJPEG) GCC6.3.0",
    "Dcm2bidsVersion": "2.1.4",
    "DeviceSerialNumber": "42451",
    "EchoTime": 0.003501,
    "EchoTrainLength": 240,
    "FlipAngle": 8,
    "ImageOrientationPatientDICOM": [
      -0.0042116,
      0.999989,
      0.00187739,
      -0.00362181,
      0.00186214,
      -0.999992
    ],
    "ImageType": [
      "ORIGINAL",
      "PRIMARY",
      "M",
      "FFE",
      "M",
      "FFE"
    ],
    "ImagingFrequency": 127.766,
    "InPlanePhaseEncodingDirectionDICOM": "ROW",
    "InstitutionAddress": "Calzada_Mexico_Xochimilco_No.101_Tlalpan",
    "InstitutionName": "I.N._Psiquiatria",
    "InstitutionalDepartmentName": "Imagenes_Cerebrales",
    "MRAcquisitionType": "3D",
    "MagneticFieldStrength": 3,
    "Manufacturer": "Philips",
    "ManufacturersModelName": "Ingenia",
    "Modality": "MR",
    "PatientPosition": "HFS",
    "PercentPhaseFOV": 100,
    "PhaseEncodingSteps": 240,
    "PhilipsRescaleIntercept": 0,
    "PhilipsRescaleSlope": 12.0305,
    "PhilipsScaleSlope": 0.00452148,
    "PixelBandwidth": 310,
    "ProcedureStepDescription": "EDUARDO_TMS",
    "ProtocolName": "WIP_sT1W_3D_TFE_32_channel_SENSE",
    "ReconMatrixPE": 240,
    "RepetitionTime": 0.007,
    "SAR": 0.0382114,
    "ScanOptions": "OTHER",
    "ScanningSequence": "GR",
    "SequenceVariant": "MP",
    "SeriesDescription": "sT1W_3D_TFE_32_channel",
    "SeriesNumber": 501,
    "SliceThickness": 1,
    "SoftwareVersions": "5.1.7_5.1.7.2",
    "SpacingBetweenSlices": 1,
    "StationName": "INGENIA",
    "UsePhilipsFloatNotDisplayScaling": 1,
    "dataset": "ds003037",
    "modality": "T1w",
    "session_id": "t0",
    "subject_id": "005"
  },
  "cjv": 0.3592662645556514,
  "cnr": 3.770047106505525,
  "efc": 0.7756551379969046,
  "fber": 5223.614375179545,
  "fwhm_avg": 4.739120000000001,
  "fwhm_x": 4.47327,
  "fwhm_y": 5.17188,
  "fwhm_z": 4.57221,
  "icvs_csf": 0.2538311689513497,
  "icvs_gm": 0.3734886860614451,
  "icvs_wm": 0.3726801449872052,
  "inu_med": 0.4577298164367676,
  "inu_range": 0.16780478060245518,
  "provenance": {
    "md5sum": "a43d41d05c03c4cb2db530a828955947",
    "settings": {
      "testing": false
    },
    "software": "mriqc",
    "version": "22.0.6",
    "warnings": {
      "large_rot_frame": true,
      "small_air_mask": true
    },
    "webapi_port": null,
    "webapi_url": "https://mriqc.nimh.nih.gov/api/v1"
  },
  "qi_1": 0.0,
  "qi_2": 7.799196077084247e-05,
  "rpve_csf": 20.465912591700405,
  "rpve_gm": 13.051574142059058,
  "rpve_wm": 15.66963578780681,
  "size_x": 180,
  "size_y": 240,
  "size_z": 240,
  "snr_csf": 2.9317351308661936,
  "snr_gm": 13.471909474195813,
  "snr_total": 13.459469539421605,
  "snr_wm": 23.974764013202805,
  "snrd_csf": 23.16928690229327,
  "snrd_gm": 60.75622487728639,
  "snrd_total": 55.395840134963976,
  "snrd_wm": 82.26200862531228,
  "spacing_x": 1.0,
  "spacing_y": 1.0,
  "spacing_z": 1.0,
  "summary_bg_k": 632.6507181947027,
  "summary_bg_mad": 0.0,
  "summary_bg_mean": 1.376670532730913,
  "summary_bg_median": 0.0,
  "summary_bg_n": 113652.0,
  "summary_bg_p05": 0.0,
  "summary_bg_p95": 9.98589731939137,
  "summary_bg_stdv": 7.964021760993888,
  "summary_csf_k": 0.9714522242385533,
  "summary_csf_mad": 85.22214547556592,
  "summary_csf_mean": 290.3366287355893,
  "summary_csf_median": 281.6523476280272,
  "summary_csf_n": 64805.0,
  "summary_csf_p05": 149.24708312526346,
  "summary_csf_p95": 462.12185139246276,
  "summary_csf_stdv": 96.0694476041162,
  "summary_gm_k": 0.11484261313314903,
  "summary_gm_mad": 53.6896144032849,
  "summary_gm_mean": 738.9471159600234,
  "summary_gm_median": 738.5697040166706,
  "summary_gm_n": 20957.0,
  "summary_gm_p05": 647.9869242779911,
  "summary_gm_p95": 828.7612367533147,
  "summary_gm_stdv": 54.82163342523108,
  "summary_wm_k": 0.3024290027457379,
  "summary_wm_mad": 40.23348617030081,
  "summary_wm_mean": 1000.1829319814259,
  "summary_wm_median": 1000.0000408999622,
  "summary_wm_n": 221450.0,
  "summary_wm_p05": 932.5884099184535,
  "summary_wm_p95": 1069.560118354857,
  "summary_wm_stdv": 41.71043279093847,
  "tpm_overlap_csf": 0.15451442794003364,
  "tpm_overlap_gm": 0.44126590013572137,
  "tpm_overlap_wm": 0.5205500661904078,
  "wm2max": 0.7931942840646651
}