{
  "bids_meta": {
    "AcquisitionMatrixPE": 240,
    "AcquisitionNumber": 4,
    "AcquisitionTime": "07:51:30.050000",
    "BodyPartExamined": "BRAIN",
    "CoilString": "MULTI_COIL",
    "ConversionSoftware": "dcm2niix",
    "ConversionSoftwareVersion": "v1.0.20190410  (JP2:OpenJPEG) GCC6.3.0",
    "Dcm2bidsVersion": "2.1.4",
    "DeviceSerialNumber": "42451",
    "EchoTime": 0.0035,
    "EchoTrainLength": 240,
    "FlipAngle": 8,
    "ImageOrientationPatientDICOM": [
      0.000114917,
      0.999998,
      0.00198207,
      0.000504475,
      0.00198201,
      -0.999998
    ],
    "ImageType": [
      "ORIGINAL",
      "PRIMARY",
      "M",
      "FFE",
      "M",
      "FFE"
    ],
    "ImagingFrequency": 127.759,
    "InPlanePhaseEncodingDirectionDICOM": "ROW",
    "InstitutionAddress": "Calzada_Mexico_Xochimilco_No.101_Tlalpan",
    "InstitutionName": "I.N._Psiquiatria",
    "InstitutionalDepartmentName": "Imagenes_Cerebrales",
    "MRAcquisitionType": "3D",
    "MagneticFieldStrength": 3,
    "Manufacturer": "Philips",
    "ManufacturersModelName": "Ingenia",
    "Modality": "MR",
    "PatientPosition": "HFS",
    "PercentPhaseFOV": 100,
    "PhaseEncodingSteps": 240,
    "PhilipsRescaleIntercept": 0,
    "PhilipsRescaleSlope": 332.749,
    "PhilipsScaleSlope": 0.00552012,
    "PixelBandwidth": 310,
    "ProcedureStepDescription": "PROTOCOLO_EDUARDO_TMS",
    "ProtocolName": "WIP_sT1W_3D_TFE_32_channel",
    "ReconMatrixPE": 240,
    "RepetitionTime": 0.007,
    "SAR": 0.0382114,
    "ScanOptions": "OTHER",
    "ScanningSequence": "GR",
    "SequenceVariant": "MP",
    "SeriesDescription": "sT1W_3D_TFE_32_channel",
    "SeriesNumber": 401,
    "SliceThickness": 1,
    "SoftwareVersions": "5.3.1_5.3.1.0",
    "SpacingBetweenSlices": 1,
    "StationName": "PHILIPS-CTMFQSD",
    "UsePhilipsFloatNotDisplayScaling": 1,
    "dataset": "ds003037",
    "modality": "T1w",
    "session_id": "t1",
    "subject_id": "047"
  },
  "cjv": 0.32578732079541517,
  "cnr": 4.082516162725014,
  "efc": 0.7006221926323666,
  "fber": -1.0,
  "fwhm_avg": 4.41524,
  "fwhm_x": 4.24256,
  "fwhm_y": 4.81187,
  "fwhm_z": 4.19129,
  "icvs_csf": 0.19603189610181307,
  "icvs_gm": 0.4293654393960109,
  "icvs_wm": 0.374602664502176,
  "inu_med": 0.39781761169433594,
  "inu_range": 0.15251408219337464,
  "provenance": {
    "md5sum": "984c4eae12b1e94e9d3f34009d8c6922",
    "settings": {
      "testing": false
    },
    "software": "mriqc",
    "version": "22.0.6",
    "warnings": {
      "large_rot_frame": true,
      "small_air_mask": false
    },
    "webapi_port": null,
    "webapi_url": "https://mriqc.nimh.nih.gov/api/v1"
  },
  "qi_1": 0.028028008739617423,
  "qi_2": 6.033018606748086e-05,
  "rpve_csf": 24.020345901314332,
  "rpve_gm": 11.587478190679498,
  "rpve_wm": 15.239658662938538,
  "size_x": 180,
  "size_y": 240,
  "size_z": 240,
  "snr_csf": 2.5384192278867657,
  "snr_gm": 14.452451572662914,
  "snr_total": 15.539508474976095,
  "snr_wm": 29.627654624378607,
  "snrd_csf": 41.621942089829346,
  "snrd_gm": 97.27284220316402,
  "snrd_total": 89.69731286860836,
  "snrd_wm": 130.19715431283169,
  "spacing_x": 1.0,
  "spacing_y": 1.0,
  "spacing_z": 1.0,
  "summary_bg_k": 15.445141989418598,
  "summary_bg_mad": 0.0,
  "summary_bg_mean": 1.9850061401783146,
  "summary_bg_median": 0.0,
  "summary_bg_n": 544328.0,
  "summary_bg_p05": 0.0,
  "summary_bg_p95": 13.263985319063067,
  "summary_bg_stdv": 5.032004652781219,
  "summary_csf_k": 0.8732385246673884,
  "summary_csf_mad": 105.6128991510675,
  "summary_csf_mean": 315.00717976929843,
  "summary_csf_median": 319.69190882053226,
  "summary_csf_n": 31976.0,
  "summary_csf_p05": 87.44773810729384,
  "summary_csf_p95": 523.67234346224,
  "summary_csf_stdv": 125.9393666476088,
  "summary_gm_k": 0.2647466387675892,
  "summary_gm_mad": 50.39902890492863,
  "summary_gm_mean": 748.3633309903656,
  "summary_gm_median": 747.1381449047476,
  "summary_gm_n": 48931.0,
  "summary_gm_p05": 665.1776652643457,
  "summary_gm_p95": 834.1877145972103,
  "summary_gm_stdv": 51.695762929906905,
  "summary_wm_k": 0.49264760179933775,
  "summary_wm_mad": 31.98825626689101,
  "summary_wm_mean": 1001.5848825978976,
  "summary_wm_median": 1000.024859374389,
  "summary_wm_n": 224280.0,
  "summary_wm_p05": 948.9846456982195,
  "summary_wm_p95": 1059.7252360731363,
  "summary_wm_stdv": 33.7530136164565,
  "tpm_overlap_csf": 0.14511492192347264,
  "tpm_overlap_gm": 0.46827329707369,
  "tpm_overlap_wm": 0.51491305685292,
  "wm2max": 0.7720312621845339
}