{
  "aor": 0.005411366666666667,
  "aqi": 0.018001336366666666,
  "bids_meta": {
    "AcquisitionMatrixPE": 70,
    "AcquisitionTime": "09:54:17.820000",
    "CoilString": "MULTI_COIL",
    "ConversionSoftware": "dcm2niix",
    "ConversionSoftwareVersion": "v1.0.20190410  (JP2:OpenJPEG) GCC6.3.0",
    "Dcm2bidsVersion": "2.1.4",
    "DeviceSerialNumber": "42451",
    "EchoTime": 0.03,
    "EchoTrainLength": 35,
    "EffectiveEchoSpacing": 0.000698,
    "FlipAngle": 75,
    "ImageOrientationPatientDICOM": [
      0.999224,
      0.0393149,
      -0.00224002,
      -0.0392988,
      0.999204,
      0.00684701
    ],
    "ImageType": [
      "ORIGINAL",
      "PRIMARY",
      "M",
      "FFE",
      "M",
      "FFE"
    ],
    "ImagingFrequency": 127.766,
    "InPlanePhaseEncodingDirectionDICOM": "COL",
    "InstitutionAddress": "Calzada_Mexico_Xochimilco_No.101_Tlalpan",
    "InstitutionName": "I.N._Psiquiatria",
    "InstitutionalDepartmentName": "Imagenes_Cerebrales",
    "MagneticFieldStrength": 3,
    "Manufacturer": "Philips",
    "ManufacturersModelName": "Ingenia",
    "Modality": "MR",
    "PartialFourier": 0.5,
    "PatientPosition": "HFS",
    "PercentPhaseFOV": 100,
    "PhaseEncodingAxis": "j",
    "PhaseEncodingDirection": "j-",
    "PhaseEncodingSteps": 70,
    "PhilipsRescaleIntercept": 0,
    "PhilipsRescaleSlope": 0.879365,
    "PhilipsScaleSlope": 0.0592377,
    "PixelBandwidth": 1819,
    "ProcedureStepDescription": "EDUARDO_TMS",
    "ProtocolName": "WIP_FE_EPI_32chSHC_AP_SENSE",
    "ReconMatrixPE": 80,
    "RepetitionTime": 2,
    "SAR": 0.119813,
    "ScanOptions": "FS",
    "ScanningSequence": "GR",
    "SequenceVariant": "SK",
    "SeriesDescription": "FE_EPI_32chSHC_AP",
    "SeriesNumber": 401,
    "SliceThickness": 3.33,
    "SliceTiming": [
      0.0,
      1.027027,
      0.054054,
      1.081081,
      0.108108,
      1.135135,
      0.162162,
      1.189189,
      0.216216,
      1.243244,
      0.27027,
      1.297298,
      0.324324,
      1.351352,
      0.378378,
      1.405406,
      0.432432,
      1.45946,
      0.486486,
      1.513514,
      0.540541,
      1.567568,
      0.594595,
      1.621622,
      0.648649,
      1.675676,
      0.702703,
      1.72973,
      0.756757,
      1.783784,
      0.810811,
      1.837838,
      0.864865,
      1.891892,
      0.918919,
      1.945947,
      0.972973
    ],
    "SoftwareVersions": "2.6.3_5.1.7.2",
    "SpacingBetweenSlices": 3.33,
    "StationName": "INGENIA",
    "TaskName": "rest",
    "TotalReadoutTime": 0.04884,
    "UsePhilipsFloatNotDisplayScaling": 1,
    "dataset": "ds003037",
    "modality": "bold",
    "session_id": "t1",
    "subject_id": "002",
    "task_id": "rest"
  },
  "dummy_trs": 0,
  "dvars_nstd": 31.18046817976591,
  "dvars_std": 1.2028766925418064,
  "dvars_vstd": 0.9652328855183947,
  "efc": 0.37834826222357065,
  "fber": 285181.125,
  "fd_mean": 0.42056942908831596,
  "fd_num": 278,
  "fd_perc": 92.66666666666667,
  "fwhm_avg": 1.9466793829946596,
  "fwhm_x": 1.9680866666666665,
  "fwhm_y": 2.0878433333333333,
  "fwhm_z": 1.784108148983979,
  "gcor": 0.0127614,
  "gsr_x": -0.011332310736179352,
  "gsr_y": 0.0018729098374024034,
  "provenance": {
    "md5sum": "e391786b83297d20858b2284d21e4b94",
    "settings": {
      "fd_thres": 0.2,
      "testing": false
    },
    "software": "mriqc",
    "version": "22.0.6",
    "webapi_port": null,
    "webapi_url": "https://mriqc.nimh.nih.gov/api/v1"
  },
  "size_t": 300,
  "size_x": 80,
  "size_y": 80,
  "size_z": 37,
  "snr": 5.227610328561366,
  "spacing_tr": 1.9999995231628418,
  "spacing_x": 3.0,
  "spacing_y": 3.0,
  "spacing_z": 3.3299999237060547,
  "summary_bg_k": 212.38109651249633,
  "summary_bg_mad": 59.8823748104352,
  "summary_bg_mean": 404.4007873535156,
  "summary_bg_median": 47.0861930847168,
  "summary_bg_n": 168695.0,
  "summary_bg_p05": 2.3817228555679324,
  "summary_bg_p95": 1938.0337280273434,
  "summary_bg_stdv": 1289.232177734375,
  "summary_fg_k": 2.4764651441846803,
  "summary_fg_mad": 4114.455708657145,
  "summary_fg_mean": 26166.68359375,
  "summary_fg_median": 25887.908203125,
  "summary_fg_n": 29093.0,
  "summary_fg_p05": 18557.636328125,
  "summary_fg_p95": 34448.18203125,
  "summary_fg_stdv": 4952.064453125,
  "tsnr": 43.63823318481445
}