{
  "bids_meta": {
    "AcquisitionMatrixPE": 240,
    "AcquisitionNumber": 4,
    "AcquisitionTime": "10:10:5.050000",
    "BodyPartExamined": "BRAIN",
    "CoilString": "MULTI_COIL",
    "ConversionSoftware": "dcm2niix",
    "ConversionSoftwareVersion": "v1.0.20190410  (JP2:OpenJPEG) GCC6.3.0",
    "Dcm2bidsVersion": "2.1.4",
    "DeviceSerialNumber": "42451",
    "EchoTime": 0.0035,
    "EchoTrainLength": 240,
    "FlipAngle": 8,
    "ImageOrientationPatientDICOM": [
      -0.00123649,
      0.999997,
      -0.00209028,
      -0.00362806,
      -0.00209475,
      -0.999991
    ],
    "ImageType": [
      "ORIGINAL",
      "PRIMARY",
      "M",
      "FFE",
      "M",
      "FFE"
    ],
    "ImagingFrequency": 127.759,
    "InPlanePhaseEncodingDirectionDICOM": "ROW",
    "InstitutionAddress": "Calzada_Mexico_Xochimilco_No.101_Tlalpan",
    "InstitutionName": "I.N._Psiquiatria",
    "InstitutionalDepartmentName": "Imagenes_Cerebrales",
    "MRAcquisitionType": "3D",
    "MagneticFieldStrength": 3,
    "Manufacturer": "Philips",
    "ManufacturersModelName": "Ingenia",
    "Modality": "MR",
    "PatientPosition": "HFS",
    "PercentPhaseFOV": 100,
    "PhaseEncodingSteps": 240,
    "PhilipsRescaleIntercept": 0,
    "PhilipsRescaleSlope": 3.98901,
    "PhilipsScaleSlope": 0.00552234,
    "PixelBandwidth": 310,
    "ProcedureStepDescription": "PROTOCOLO_EDUARDO_TMS",
    "ProtocolName": "WIP_sT1W_3D_TFE_32_channel",
    "ReconMatrixPE": 240,
    "RepetitionTime": 0.007,
    "SAR": 0.0382114,
    "ScanOptions": "OTHER",
    "ScanningSequence": "GR",
    "SequenceVariant": "MP",
    "SeriesDescription": "sT1W_3D_TFE_32_channel",
    "SeriesNumber": 401,
    "SliceThickness": 1,
    "SoftwareVersions": "5.3.1_5.3.1.0",
    "SpacingBetweenSlices": 1,
    "StationName": "PHILIPS-CTMFQSD",
    "UsePhilipsFloatNotDisplayScaling": 1,
    "dataset": "ds003037",
    "modality": "T1w",
    "session_id": "t0",
    "subject_id": "041"
  },
  "cjv": 0.3584681805617264,
  "cnr": 3.708559948278861,
  "efc": 0.7330767673668126,
  "fber": -1.0,
  "fwhm_avg": 4.451086666666667,
  "fwhm_x": 4.22217,
  "fwhm_y": 4.90967,
  "fwhm_z": 4.22142,
  "icvs_csf": 0.2128120463827417,
  "icvs_gm": 0.39928980173187373,
  "icvs_wm": 0.38789815188538457,
  "inu_med": 0.4587027132511139,
  "inu_range": 0.19332307726144793,
  "provenance": {
    "md5sum": "c61cfd6d4d066870e058890797359ee4",
    "settings": {
      "testing": false
    },
    "software": "mriqc",
    "version": "22.0.6",
    "warnings": {
      "large_rot_frame": true,
      "small_air_mask": false
    },
    "webapi_port": null,
    "webapi_url": "https://mriqc.nimh.nih.gov/api/v1"
  },
  "qi_1": 0.0,
  "qi_2": 9.016548840121665e-05,
  "rpve_csf": 21.77360373887115,
  "rpve_gm": 11.667216865556902,
  "rpve_wm": 13.988221324842531,
  "size_x": 180,
  "size_y": 240,
  "size_z": 240,
  "snr_csf": 2.8448265332282725,
  "snr_gm": 13.639287934692327,
  "snr_total": 13.756501703338733,
  "snr_wm": 24.785390642095596,
  "snrd_csf": 24.37397879140572,
  "snrd_gm": 57.978523985167186,
  "snrd_total": 53.35676591979012,
  "snrd_wm": 77.71779498279747,
  "spacing_x": 1.0,
  "spacing_y": 1.0,
  "spacing_z": 1.0,
  "summary_bg_k": 2356.8303648224205,
  "summary_bg_mad": 0.0,
  "summary_bg_mean": 3.662953366250329,
  "summary_bg_median": 0.0,
  "summary_bg_n": 538917.0,
  "summary_bg_p05": 0.0,
  "summary_bg_p95": 17.945513360202312,
  "summary_bg_stdv": 8.429683196780998,
  "summary_csf_k": 1.0330747819169899,
  "summary_csf_mad": 86.2288255988505,
  "summary_csf_mean": 320.6055734356014,
  "summary_csf_median": 313.62159003317356,
  "summary_csf_n": 47183.0,
  "summary_csf_p05": 122.31941836327314,
  "summary_csf_p95": 514.8212871775031,
  "summary_csf_stdv": 110.24161329093727,
  "summary_gm_k": 0.3306257414341425,
  "summary_gm_mad": 52.915669512315645,
  "summary_gm_mean": 746.9989948195866,
  "summary_gm_median": 746.0134857594967,
  "summary_gm_n": 25680.0,
  "summary_gm_p05": 659.3838944194838,
  "summary_gm_p95": 837.6918148415162,
  "summary_gm_stdv": 54.694861198428455,
  "summary_wm_k": 0.6905263678702926,
  "summary_wm_mad": 38.130408913286274,
  "summary_wm_mean": 1001.136907348889,
  "summary_wm_median": 999.9999854341149,
  "summary_wm_n": 240481.0,
  "summary_wm_p05": 937.2156824246049,
  "summary_wm_p95": 1068.5828387215734,
  "summary_wm_stdv": 40.34626368031683,
  "tpm_overlap_csf": 0.15540389940980334,
  "tpm_overlap_gm": 0.4502134522269432,
  "tpm_overlap_wm": 0.5127826790183334,
  "wm2max": 0.782622295418658
}