{
  "bids_meta": {
    "AcquisitionMatrixPE": 240,
    "AcquisitionTime": "10:05:30.080000",
    "CoilString": "MULTI_COIL",
    "ConversionSoftware": "dcm2niix",
    "ConversionSoftwareVersion": "v1.0.20190410  (JP2:OpenJPEG) GCC6.3.0",
    "Dcm2bidsVersion": "2.1.4",
    "DeviceSerialNumber": "42451",
    "EchoTime": 0.003501,
    "EchoTrainLength": 240,
    "FlipAngle": 8,
    "ImageOrientationPatientDICOM": [
      -0.0512784,
      0.998644,
      0.00895822,
      -0.0436116,
      0.00672227,
      -0.999026
    ],
    "ImageType": [
      "ORIGINAL",
      "PRIMARY",
      "M",
      "FFE",
      "M",
      "FFE"
    ],
    "ImagingFrequency": 127.766,
    "InPlanePhaseEncodingDirectionDICOM": "ROW",
    "InstitutionAddress": "Calzada_Mexico_Xochimilco_No.101_Tlalpan",
    "InstitutionName": "I.N._Psiquiatria",
    "InstitutionalDepartmentName": "Imagenes_Cerebrales",
    "MRAcquisitionType": "3D",
    "MagneticFieldStrength": 3,
    "Manufacturer": "Philips",
    "ManufacturersModelName": "Ingenia",
    "Modality": "MR",
    "PatientPosition": "HFS",
    "PercentPhaseFOV": 100,
    "PhaseEncodingSteps": 240,
    "PhilipsRescaleIntercept": 0,
    "PhilipsRescaleSlope": 9.67717,
    "PhilipsScaleSlope": 0.00552721,
    "PixelBandwidth": 310,
    "ProcedureStepDescription": "EDUARDO_TMS",
    "ProtocolName": "WIP_sT1W_3D_TFE_32_channel_SENSE",
    "ReconMatrixPE": 240,
    "RepetitionTime": 0.007,
    "SAR": 0.0382114,
    "ScanOptions": "OTHER",
    "ScanningSequence": "GR",
    "SequenceVariant": "MP",
    "SeriesDescription": "sT1W_3D_TFE_32_channel",
    "SeriesNumber": 601,
    "SliceThickness": 1,
    "SoftwareVersions": "2.6.3_5.1.7.2",
    "SpacingBetweenSlices": 1,
    "StationName": "INGENIA",
    "UsePhilipsFloatNotDisplayScaling": 1,
    "dataset": "ds003037",
    "modality": "T1w",
    "session_id": "t1",
    "subject_id": "002"
  },
  "cjv": 0.34083346527082153,
  "cnr": 3.937190003299522,
  "efc": 0.7637828028280774,
  "fber": -1.0,
  "fwhm_avg": 4.648116666666667,
  "fwhm_x": 4.59843,
  "fwhm_y": 4.86778,
  "fwhm_z": 4.47814,
  "icvs_csf": 0.20753646601512268,
  "icvs_gm": 0.4224895927442731,
  "icvs_wm": 0.36997394124060423,
  "inu_med": 0.39648422598838806,
  "inu_range": 0.14799481928348535,
  "provenance": {
    "md5sum": "f3e033151ab696b2e5bac43f56e8dcbe",
    "settings": {
      "testing": false
    },
    "software": "mriqc",
    "version": "22.0.6",
    "warnings": {
      "large_rot_frame": true,
      "small_air_mask": true
    },
    "webapi_port": null,
    "webapi_url": "https://mriqc.nimh.nih.gov/api/v1"
  },
  "qi_1": 0.0,
  "qi_2": 0.0002640802601796441,
  "rpve_csf": 27.887213570618993,
  "rpve_gm": 14.217122534953294,
  "rpve_wm": 18.684939381081385,
  "size_x": 180,
  "size_y": 240,
  "size_z": 240,
  "snr_csf": 2.869375525347289,
  "snr_gm": 14.439218434111826,
  "snr_total": 15.79586266454271,
  "snr_wm": 30.07899403416902,
  "snrd_csf": 53.807396584856114,
  "snrd_gm": 147.19391172836558,
  "snrd_total": 131.9387304491879,
  "snrd_wm": 194.814883034342,
  "spacing_x": 1.0,
  "spacing_y": 1.0,
  "spacing_z": 1.0,
  "summary_bg_k": 41.207836335257745,
  "summary_bg_mad": 0.0,
  "summary_bg_mean": 0.7670543728647905,
  "summary_bg_median": 0.0,
  "summary_bg_n": 130255.0,
  "summary_bg_p05": 0.0,
  "summary_bg_p95": 5.878879873082042,
  "summary_bg_stdv": 3.3629527192773674,
  "summary_csf_k": 1.8343014038441359,
  "summary_csf_mad": 83.46845620242573,
  "summary_csf_mean": 290.67275035265357,
  "summary_csf_median": 276.20466617681086,
  "summary_csf_n": 32107.0,
  "summary_csf_p05": 172.00986381489784,
  "summary_csf_p95": 470.95732335224704,
  "summary_csf_stdv": 96.25800540502738,
  "summary_gm_k": 0.11454029616377959,
  "summary_gm_mad": 51.80144500296462,
  "summary_gm_mean": 755.509225212424,
  "summary_gm_median": 755.5772594958544,
  "summary_gm_n": 35880.0,
  "summary_gm_p05": 669.6005667493679,
  "summary_gm_p95": 840.962213460356,
  "summary_gm_stdv": 52.32739802671604,
  "summary_wm_k": 0.5619188632677958,
  "summary_wm_mad": 31.51476595330985,
  "summary_wm_mean": 1001.046139971543,
  "summary_wm_median": 1000.0257055722177,
  "summary_wm_n": 186977.0,
  "summary_wm_p05": 948.3993849400431,
  "summary_wm_p95": 1057.0944826807827,
  "summary_wm_stdv": 33.24655838683319,
  "tpm_overlap_csf": 0.1560713696312704,
  "tpm_overlap_gm": 0.46787837664430393,
  "tpm_overlap_wm": 0.5249022540564245,
  "wm2max": 0.7835777362058214
}