{
  "bids_meta": {
    "AcquisitionMatrixPE": 240,
    "AcquisitionNumber": 4,
    "AcquisitionTime": "11:31:41.850000",
    "BodyPartExamined": "BRAIN",
    "CoilString": "MULTI_COIL",
    "ConversionSoftware": "dcm2niix",
    "ConversionSoftwareVersion": "v1.0.20190410  (JP2:OpenJPEG) GCC6.3.0",
    "Dcm2bidsVersion": "2.1.4",
    "DeviceSerialNumber": "42451",
    "EchoTime": 0.0035,
    "EchoTrainLength": 240,
    "FlipAngle": 8,
    "ImageOrientationPatientDICOM": [
      0.0756476,
      0.99708,
      0.0104158,
      -0.0918846,
      0.0173718,
      -0.995618
    ],
    "ImageType": [
      "ORIGINAL",
      "PRIMARY",
      "M",
      "FFE",
      "M",
      "FFE"
    ],
    "ImagingFrequency": 127.76,
    "InPlanePhaseEncodingDirectionDICOM": "ROW",
    "InstitutionAddress": "Calzada_Mexico_Xochimilco_No.101_Tlalpan",
    "InstitutionName": "I.N._Psiquiatria",
    "InstitutionalDepartmentName": "Imagenes_Cerebrales",
    "MRAcquisitionType": "3D",
    "MagneticFieldStrength": 3,
    "Manufacturer": "Philips",
    "ManufacturersModelName": "Ingenia",
    "Modality": "MR",
    "PatientPosition": "HFS",
    "PercentPhaseFOV": 100,
    "PhaseEncodingSteps": 240,
    "PhilipsRescaleIntercept": 0,
    "PhilipsRescaleSlope": 4.38462,
    "PhilipsScaleSlope": 0.00621507,
    "PixelBandwidth": 310,
    "ProcedureStepDescription": "EDUARDO_TMS",
    "ProtocolName": "sT1W_3D_TFE_32_channel",
    "ReconMatrixPE": 240,
    "RepetitionTime": 0.007,
    "SAR": 0.0382114,
    "ScanOptions": "OTHER",
    "ScanningSequence": "GR",
    "SequenceVariant": "MP",
    "SeriesDescription": "sT1W_3D_TFE_32_channel",
    "SeriesNumber": 401,
    "SliceThickness": 1,
    "SoftwareVersions": "5.3.1_5.3.1.0",
    "SpacingBetweenSlices": 1,
    "StationName": "PHILIPS-CTMFQSD",
    "UsePhilipsFloatNotDisplayScaling": 1,
    "dataset": "ds003037",
    "modality": "T1w",
    "session_id": "t0",
    "subject_id": "028"
  },
  "cjv": 0.3441729764121261,
  "cnr": 3.780288334950116,
  "efc": 0.7615702805760148,
  "fber": -1.0,
  "fwhm_avg": 4.32414,
  "fwhm_x": 4.24054,
  "fwhm_y": 4.6206,
  "fwhm_z": 4.11128,
  "icvs_csf": 0.23808062715996897,
  "icvs_gm": 0.4127884337381231,
  "icvs_wm": 0.34913093910190796,
  "inu_med": 0.4551941156387329,
  "inu_range": 0.19273568093776705,
  "provenance": {
    "md5sum": "bb43bc60f73b4c3029ef3c5552235dd3",
    "settings": {
      "testing": false
    },
    "software": "mriqc",
    "version": "22.0.6",
    "warnings": {
      "large_rot_frame": true,
      "small_air_mask": true
    },
    "webapi_port": null,
    "webapi_url": "https://mriqc.nimh.nih.gov/api/v1"
  },
  "qi_1": 0.0,
  "qi_2": 8.125539508383953e-05,
  "rpve_csf": 23.090876894109208,
  "rpve_gm": 13.294025602335324,
  "rpve_wm": 18.19001463606687,
  "size_x": 180,
  "size_y": 240,
  "size_z": 240,
  "snr_csf": 3.0802113537272513,
  "snr_gm": 13.6123304907353,
  "snr_total": 15.183645222798779,
  "snr_wm": 28.85839382393379,
  "snrd_csf": 34.07135512086112,
  "snrd_gm": 81.02240881465849,
  "snrd_total": 74.26286883684465,
  "snrd_wm": 107.69484257501433,
  "spacing_x": 1.0,
  "spacing_y": 1.0,
  "spacing_z": 1.0,
  "summary_bg_k": 199.8811802995647,
  "summary_bg_mad": 0.0,
  "summary_bg_mean": 1.6211158788791538,
  "summary_bg_median": 0.0,
  "summary_bg_n": 174749.0,
  "summary_bg_p05": 0.0,
  "summary_bg_p95": 10.235341904684901,
  "summary_bg_stdv": 6.083266412558119,
  "summary_csf_k": 1.4811344633316335,
  "summary_csf_mad": 81.96580452861835,
  "summary_csf_mean": 318.66432740837666,
  "summary_csf_median": 316.36943121626973,
  "summary_csf_n": 49462.0,
  "summary_csf_p05": 143.0347472366877,
  "summary_csf_p95": 497.5421072971076,
  "summary_csf_stdv": 102.70926139901078,
  "summary_gm_k": 0.3291811814050871,
  "summary_gm_mad": 52.46093159262944,
  "summary_gm_mean": 752.702826708568,
  "summary_gm_median": 752.3332518339157,
  "summary_gm_n": 27760.0,
  "summary_gm_p05": 661.6364860908128,
  "summary_gm_p95": 844.737491087336,
  "summary_gm_stdv": 55.26751657645647,
  "summary_wm_k": 0.5748011577494716,
  "summary_wm_mad": 32.779280075663095,
  "summary_wm_mean": 1000.6111470296584,
  "summary_wm_median": 1000.00002845563,
  "summary_wm_n": 176766.0,
  "summary_wm_p05": 944.9049165789038,
  "summary_wm_p95": 1058.4198453594,
  "summary_wm_stdv": 34.65186614176492,
  "tpm_overlap_csf": 0.15691602611313885,
  "tpm_overlap_gm": 0.4615620393975151,
  "tpm_overlap_wm": 0.5148232048406772,
  "wm2max": 0.901402109585744
}