{
  "bids_meta": {
    "AcquisitionMatrixPE": 240,
    "AcquisitionNumber": 4,
    "AcquisitionTime": "10:29:3.740000",
    "CoilString": "MULTI_COIL",
    "ConversionSoftware": "dcm2niix",
    "ConversionSoftwareVersion": "v1.0.20190410  (JP2:OpenJPEG) GCC6.3.0",
    "Dcm2bidsVersion": "2.1.4",
    "DeviceSerialNumber": "42451",
    "EchoTime": 0.003501,
    "EchoTrainLength": 240,
    "FlipAngle": 8,
    "ImageOrientationPatientDICOM": [
      0.0124226,
      0.999921,
      -0.00203739,
      0.0005786,
      -0.00204474,
      -0.999998
    ],
    "ImageType": [
      "ORIGINAL",
      "PRIMARY",
      "M",
      "FFE",
      "M",
      "FFE"
    ],
    "ImagingFrequency": 127.766,
    "InPlanePhaseEncodingDirectionDICOM": "ROW",
    "InstitutionAddress": "Calzada_Mexico_Xochimilco_No.101_Tlalpan",
    "InstitutionName": "I.N._Psiquiatria",
    "InstitutionalDepartmentName": "Imagenes_Cerebrales",
    "MRAcquisitionType": "3D",
    "MagneticFieldStrength": 3,
    "Manufacturer": "Philips",
    "ManufacturersModelName": "Ingenia",
    "Modality": "MR",
    "PatientPosition": "HFS",
    "PercentPhaseFOV": 100,
    "PhaseEncodingSteps": 240,
    "PhilipsRescaleIntercept": 0,
    "PhilipsRescaleSlope": 12.1375,
    "PhilipsScaleSlope": 0.00554829,
    "PixelBandwidth": 310,
    "ProcedureStepDescription": "EDUARDO_TDM",
    "ProtocolName": "WIP_sT1W_3D_TFE_32_channel_SENSE",
    "ReconMatrixPE": 240,
    "RepetitionTime": 0.007,
    "SAR": 0.0382114,
    "ScanOptions": "OTHER",
    "ScanningSequence": "GR",
    "SequenceVariant": "MP",
    "SeriesDescription": "sT1W_3D_TFE_32_channel",
    "SeriesNumber": 401,
    "SliceThickness": 1,
    "SoftwareVersions": "5.1.7_5.1.7.2",
    "SpacingBetweenSlices": 1,
    "StationName": "INGENIA",
    "UsePhilipsFloatNotDisplayScaling": 1,
    "dataset": "ds003037",
    "modality": "T1w",
    "session_id": "t14",
    "subject_id": "012"
  },
  "cjv": 0.36650016177268785,
  "cnr": 3.787721033396448,
  "efc": 0.7954229137051468,
  "fber": -1.0,
  "fwhm_avg": 4.859983333333333,
  "fwhm_x": 4.71256,
  "fwhm_y": 5.25627,
  "fwhm_z": 4.61112,
  "icvs_csf": 0.21504827292664494,
  "icvs_gm": 0.39405549873239554,
  "icvs_wm": 0.39089622834095955,
  "inu_med": 0.4992330074310303,
  "inu_range": 0.2126620441675186,
  "provenance": {
    "md5sum": "7846780368d282988bb107405caca0ce",
    "settings": {
      "testing": false
    },
    "software": "mriqc",
    "version": "22.0.6",
    "warnings": {
      "large_rot_frame": true,
      "small_air_mask": true
    },
    "webapi_port": null,
    "webapi_url": "https://mriqc.nimh.nih.gov/api/v1"
  },
  "qi_1": 0.0,
  "qi_2": 0.0001912918276901128,
  "rpve_csf": 22.08335157500762,
  "rpve_gm": 11.864540775967168,
  "rpve_wm": 14.177413346871878,
  "size_x": 180,
  "size_y": 240,
  "size_z": 240,
  "snr_csf": 2.972879771050656,
  "snr_gm": 13.91934140018052,
  "snr_total": 13.034444996018403,
  "snr_wm": 22.21111381682403,
  "snrd_csf": 56.50129071941384,
  "snrd_gm": 140.18554931992546,
  "snrd_total": 129.00683181983405,
  "snrd_wm": 190.33365542016284,
  "spacing_x": 1.0,
  "spacing_y": 1.0,
  "spacing_z": 1.0,
  "summary_bg_k": 75.0446900217499,
  "summary_bg_mad": 0.0,
  "summary_bg_mean": 0.5940062424661965,
  "summary_bg_median": 0.0,
  "summary_bg_n": 117760.0,
  "summary_bg_p05": 0.0,
  "summary_bg_p95": 0.0,
  "summary_bg_stdv": 3.4422240611445902,
  "summary_csf_k": 1.029198224745314,
  "summary_csf_mad": 87.87883502659615,
  "summary_csf_mean": 304.0591982693138,
  "summary_csf_median": 296.8696326445788,
  "summary_csf_n": 50486.0,
  "summary_csf_p05": 150.8891044431366,
  "summary_csf_p95": 481.0669330134988,
  "summary_csf_stdv": 99.85829073966454,
  "summary_gm_k": 0.07885798135588784,
  "summary_gm_mad": 52.94307494124621,
  "summary_gm_mean": 736.2903553268193,
  "summary_gm_median": 736.5642801923677,
  "summary_gm_n": 25286.0,
  "summary_gm_p05": 648.4282137933187,
  "summary_gm_p95": 822.0939058377407,
  "summary_gm_stdv": 52.91555787064656,
  "summary_wm_k": 0.41018875011015465,
  "summary_wm_mad": 43.62556453106023,
  "summary_wm_mean": 1001.8856477049227,
  "summary_wm_median": 1000.0529482606798,
  "summary_wm_n": 227577.0,
  "summary_wm_p05": 931.6768781337887,
  "summary_wm_p95": 1078.463153756037,
  "summary_wm_stdv": 45.02479071202,
  "tpm_overlap_csf": 0.16165265375793203,
  "tpm_overlap_gm": 0.44423420456985846,
  "tpm_overlap_wm": 0.5112022592386126,
  "wm2max": 0.778771456242659
}