{
  "bids_meta": {
    "AcquisitionMatrixPE": 241,
    "AcquisitionNumber": 4,
    "AcquisitionTime": "07:39:41.510000",
    "BodyPartExamined": "BRAIN",
    "CoilString": "MULTI_COIL",
    "ConversionSoftware": "dcm2niix",
    "ConversionSoftwareVersion": "v1.0.20190410  (JP2:OpenJPEG) GCC6.3.0",
    "Dcm2bidsVersion": "2.1.4",
    "DeviceSerialNumber": "42451",
    "EchoTime": 0.003501,
    "EchoTrainLength": 241,
    "FlipAngle": 8,
    "ImageOrientationPatientDICOM": [
      0.0329803,
      0.999403,
      0.0102525,
      -0.00323857,
      0.0103649,
      -0.999941
    ],
    "ImageType": [
      "ORIGINAL",
      "PRIMARY",
      "M",
      "FFE",
      "M",
      "FFE"
    ],
    "ImagingFrequency": 127.766,
    "InPlanePhaseEncodingDirectionDICOM": "ROW",
    "InstitutionAddress": "Calzada_Mexico_Xochimilco_No.101_Tlalpan",
    "InstitutionName": "I.N._Psiquiatria",
    "InstitutionalDepartmentName": "Imagenes_Cerebrales",
    "MRAcquisitionType": "3D",
    "MagneticFieldStrength": 3,
    "Manufacturer": "Philips",
    "ManufacturersModelName": "Ingenia",
    "Modality": "MR",
    "PatientPosition": "HFS",
    "PercentPhaseFOV": 100,
    "PhaseEncodingSteps": 241,
    "PhilipsRescaleIntercept": 0,
    "PhilipsRescaleSlope": 20.2857,
    "PhilipsScaleSlope": 0.00610824,
    "PixelBandwidth": 310,
    "ProcedureStepDescription": "EDUARTO_TMS",
    "ProtocolName": "sT1W_3D_TFE_32_channel",
    "ReconMatrixPE": 256,
    "RepetitionTime": 0.007,
    "SAR": 0.0383107,
    "ScanOptions": "OTHER",
    "ScanningSequence": "GR",
    "SequenceVariant": "MP",
    "SeriesDescription": "sT1W_3D_TFE_32_channel",
    "SeriesNumber": 401,
    "SliceThickness": 1,
    "SoftwareVersions": "5.3.1_5.3.1.0",
    "SpacingBetweenSlices": 1,
    "StationName": "PHILIPS-CTMFQSD",
    "UsePhilipsFloatNotDisplayScaling": 1,
    "dataset": "ds003037",
    "modality": "T1w",
    "session_id": "t1",
    "subject_id": "016"
  },
  "cjv": 0.35511531497918924,
  "cnr": 3.7819464297804783,
  "efc": 0.7311053221874919,
  "fber": -1.0,
  "fwhm_avg": 4.499155203559838,
  "fwhm_x": 4.28467,
  "fwhm_y": 4.853455479903678,
  "fwhm_z": 4.359340130775836,
  "icvs_csf": 0.2310387772655686,
  "icvs_gm": 0.4346326180149691,
  "icvs_wm": 0.3343286047194623,
  "inu_med": 0.4716483950614929,
  "inu_range": 0.2004189312458038,
  "provenance": {
    "md5sum": "ebeca1f3f2d572b1b3363a2c84e697d4",
    "settings": {
      "testing": false
    },
    "software": "mriqc",
    "version": "22.0.6",
    "warnings": {
      "large_rot_frame": true,
      "small_air_mask": false
    },
    "webapi_port": null,
    "webapi_url": "https://mriqc.nimh.nih.gov/api/v1"
  },
  "qi_1": 0.0001784962962018538,
  "qi_2": 9.663519899632017e-05,
  "rpve_csf": 21.52235978161196,
  "rpve_gm": 11.80416323182444,
  "rpve_wm": 17.229036462930925,
  "size_x": 180,
  "size_y": 256,
  "size_z": 256,
  "snr_csf": 2.992896925959932,
  "snr_gm": 16.096814657844934,
  "snr_total": 15.290847399880633,
  "snr_wm": 26.782830615837035,
  "snrd_csf": 40.21564120682097,
  "snrd_gm": 90.9736983061288,
  "snrd_total": 83.13176199696798,
  "snrd_wm": 118.20594647795419,
  "spacing_x": 1.0,
  "spacing_y": 0.9412984251976013,
  "spacing_z": 0.9412984251976013,
  "summary_bg_k": 13.779574914147187,
  "summary_bg_mad": 0.0,
  "summary_bg_mean": 2.3112050182420716,
  "summary_bg_median": 0.0,
  "summary_bg_n": 550421.0,
  "summary_bg_p05": 0.0,
  "summary_bg_p95": 14.30070891045034,
  "summary_bg_stdv": 5.542475908511994,
  "summary_csf_k": 1.4115433255392302,
  "summary_csf_mad": 84.30330897993524,
  "summary_csf_mean": 344.88199655308733,
  "summary_csf_median": 340.225672904402,
  "summary_csf_n": 54503.0,
  "summary_csf_p05": 133.0385765997693,
  "summary_csf_p95": 542.00211567264,
  "summary_csf_stdv": 113.67666850615716,
  "summary_gm_k": 0.2803290718020768,
  "summary_gm_mad": 46.45046189295924,
  "summary_gm_mean": 768.4249879225412,
  "summary_gm_median": 769.6405377108604,
  "summary_gm_n": 39852.0,
  "summary_gm_p05": 687.8509786762297,
  "summary_gm_p95": 844.3978215381503,
  "summary_gm_stdv": 47.81261993598262,
  "summary_wm_k": 0.43150498552858263,
  "summary_wm_mad": 35.363040084338316,
  "summary_wm_mean": 1001.3038445366685,
  "summary_wm_median": 1000.0262702498585,
  "summary_wm_n": 202217.0,
  "summary_wm_p05": 942.2199184522033,
  "summary_wm_p95": 1065.0223362520337,
  "summary_wm_stdv": 37.33824150010468,
  "tpm_overlap_csf": 0.14877777408725623,
  "tpm_overlap_gm": 0.4608206052412284,
  "tpm_overlap_wm": 0.5008379627087657,
  "wm2max": 0.7962724229502458
}