{
  "aor": 0.004135166666666666,
  "aqi": 0.021250108066666665,
  "bids_meta": {
    "AcquisitionMatrixPE": 70,
    "AcquisitionNumber": 3,
    "AcquisitionTime": "09:40:57.290000",
    "BodyPartExamined": "BRAIN",
    "CoilString": "MULTI_COIL",
    "ConversionSoftware": "dcm2niix",
    "ConversionSoftwareVersion": "v1.0.20190410  (JP2:OpenJPEG) GCC6.3.0",
    "Dcm2bidsVersion": "2.1.4",
    "DeviceSerialNumber": "42451",
    "EchoTime": 0.03,
    "EchoTrainLength": 35,
    "EffectiveEchoSpacing": 0.000698,
    "FlipAngle": 75,
    "ImageOrientationPatientDICOM": [
      0.999985,
      0.00418687,
      -0.00365037,
      -0.0042116,
      0.999968,
      -0.00679262
    ],
    "ImageType": [
      "ORIGINAL",
      "PRIMARY",
      "M",
      "FFE",
      "M",
      "FFE"
    ],
    "ImagingFrequency": 127.759,
    "InPlanePhaseEncodingDirectionDICOM": "COL",
    "InstitutionAddress": "Calzada_Mexico_Xochimilco_No.101_Tlalpan",
    "InstitutionName": "I.N._Psiquiatria",
    "InstitutionalDepartmentName": "Imagenes_Cerebrales",
    "MRAcquisitionType": "2D",
    "MagneticFieldStrength": 3,
    "Manufacturer": "Philips",
    "ManufacturersModelName": "Ingenia",
    "Modality": "MR",
    "PartialFourier": 0.5,
    "PatientPosition": "HFS",
    "PercentPhaseFOV": 100,
    "PhaseEncodingAxis": "j",
    "PhaseEncodingDirection": "j-",
    "PhaseEncodingSteps": 70,
    "PhilipsRescaleIntercept": 0,
    "PhilipsRescaleSlope": 0.775824,
    "PhilipsScaleSlope": 0.02171,
    "PixelBandwidth": 1819,
    "ProcedureStepDescription": "PROTOCOLO_EDUARDO",
    "ProtocolName": "WIP_FE_EPI_32chSHC_AP",
    "ReconMatrixPE": 80,
    "RepetitionTime": 2,
    "SAR": 0.119138,
    "ScanOptions": "FS",
    "ScanningSequence": "GR",
    "SequenceVariant": "SK",
    "SeriesDescription": "FE_EPI_32chSHC_AP",
    "SeriesNumber": 301,
    "SliceThickness": 3.33,
    "SliceTiming": [
      0.0,
      1.027027,
      0.054054,
      1.081081,
      0.108108,
      1.135135,
      0.162162,
      1.189189,
      0.216216,
      1.243244,
      0.27027,
      1.297298,
      0.324324,
      1.351352,
      0.378378,
      1.405406,
      0.432432,
      1.45946,
      0.486486,
      1.513514,
      0.540541,
      1.567568,
      0.594595,
      1.621622,
      0.648649,
      1.675676,
      0.702703,
      1.72973,
      0.756757,
      1.783784,
      0.810811,
      1.837838,
      0.864865,
      1.891892,
      0.918919,
      1.945947,
      0.972973
    ],
    "SoftwareVersions": "5.3.1_5.3.1.0",
    "SpacingBetweenSlices": 3.33,
    "StationName": "PHILIPS-CTMFQSD",
    "TaskName": "rest",
    "TotalReadoutTime": 0.04884,
    "UsePhilipsFloatNotDisplayScaling": 1,
    "dataset": "ds003037",
    "modality": "bold",
    "session_id": "t0",
    "subject_id": "049",
    "task_id": "rest"
  },
  "dummy_trs": 0,
  "dvars_nstd": 23.979336894749167,
  "dvars_std": 1.104971509598662,
  "dvars_vstd": 0.9643762617391304,
  "efc": 0.4050788496205467,
  "fber": 103561.9921875,
  "fd_mean": 0.13792682218741117,
  "fd_num": 57,
  "fd_perc": 19.0,
  "fwhm_avg": 1.9339908344309975,
  "fwhm_x": 1.9403233333333334,
  "fwhm_y": 2.07952,
  "fwhm_z": 1.7821291699596593,
  "gcor": 0.016293,
  "gsr_x": -0.006887633819133043,
  "gsr_y": 0.016220102086663246,
  "provenance": {
    "md5sum": "0575907833f73a781e2e203131a9affd",
    "settings": {
      "fd_thres": 0.2,
      "testing": false
    },
    "software": "mriqc",
    "version": "22.0.6",
    "webapi_port": null,
    "webapi_url": "https://mriqc.nimh.nih.gov/api/v1"
  },
  "size_t": 300,
  "size_x": 80,
  "size_y": 80,
  "size_z": 37,
  "snr": 6.000471333047311,
  "spacing_tr": 2.0000016689300537,
  "spacing_x": 3.0,
  "spacing_y": 3.0,
  "spacing_z": 3.3299999237060547,
  "summary_bg_k": 140.45506487561505,
  "summary_bg_mad": 241.69721340232064,
  "summary_bg_mean": 1521.084716796875,
  "summary_bg_median": 211.04840087890625,
  "summary_bg_n": 165732.0,
  "summary_bg_p05": 18.213730812072754,
  "summary_bg_p95": 7858.301708984375,
  "summary_bg_stdv": 4611.94287109375,
  "summary_fg_k": 1.8448853920771926,
  "summary_fg_mad": 9964.178590069318,
  "summary_fg_mean": 68115.2734375,
  "summary_fg_median": 68020.03125,
  "summary_fg_n": 31014.0,
  "summary_fg_p05": 50208.6244140625,
  "summary_fg_p95": 86180.52265625,
  "summary_fg_stdv": 11335.5986328125,
  "tsnr": 42.37066650390625
}