{
  "aor": 0.0033658666666666667,
  "aqi": 0.0069240620999999995,
  "bids_meta": {
    "AcquisitionMatrixPE": 70,
    "AcquisitionNumber": 3,
    "AcquisitionTime": "10:16:48.150000",
    "BodyPartExamined": "BRAIN",
    "CoilString": "MULTI_COIL",
    "ConversionSoftware": "dcm2niix",
    "ConversionSoftwareVersion": "v1.0.20190410  (JP2:OpenJPEG) GCC6.3.0",
    "Dcm2bidsVersion": "2.1.4",
    "DeviceSerialNumber": "42451",
    "EchoTime": 0.03,
    "EchoTrainLength": 35,
    "EffectiveEchoSpacing": 0.000698,
    "FlipAngle": 75,
    "ImageOrientationPatientDICOM": [
      0.999985,
      0.00420277,
      -0.00363206,
      -0.0042116,
      0.999988,
      -0.00242744
    ],
    "ImageType": [
      "ORIGINAL",
      "PRIMARY",
      "M",
      "FFE",
      "M",
      "FFE"
    ],
    "ImagingFrequency": 127.759,
    "InPlanePhaseEncodingDirectionDICOM": "COL",
    "InstitutionAddress": "Calzada_Mexico_Xochimilco_No.101_Tlalpan",
    "InstitutionName": "I.N._Psiquiatria",
    "InstitutionalDepartmentName": "Imagenes_Cerebrales",
    "MRAcquisitionType": "2D",
    "MagneticFieldStrength": 3,
    "Manufacturer": "Philips",
    "ManufacturersModelName": "Ingenia",
    "Modality": "MR",
    "PartialFourier": 0.5,
    "PatientPosition": "HFS",
    "PercentPhaseFOV": 100,
    "PhaseEncodingAxis": "j",
    "PhaseEncodingDirection": "j-",
    "PhaseEncodingSteps": 70,
    "PhilipsRescaleIntercept": 0,
    "PhilipsRescaleSlope": 0.752381,
    "PhilipsScaleSlope": 0.0228226,
    "PixelBandwidth": 1819,
    "ProcedureStepDescription": "PROTOCOLO_TMS",
    "ProtocolName": "WIP_FE_EPI_32chSHC_AP",
    "ReconMatrixPE": 80,
    "RepetitionTime": 2,
    "SAR": 0.119138,
    "ScanOptions": "FS",
    "ScanningSequence": "GR",
    "SequenceVariant": "SK",
    "SeriesDescription": "FE_EPI_32chSHC_AP",
    "SeriesNumber": 301,
    "SliceThickness": 3.33,
    "SliceTiming": [
      0.0,
      1.027027,
      0.054054,
      1.081081,
      0.108108,
      1.135135,
      0.162162,
      1.189189,
      0.216216,
      1.243244,
      0.27027,
      1.297298,
      0.324324,
      1.351352,
      0.378378,
      1.405406,
      0.432432,
      1.45946,
      0.486486,
      1.513514,
      0.540541,
      1.567568,
      0.594595,
      1.621622,
      0.648649,
      1.675676,
      0.702703,
      1.72973,
      0.756757,
      1.783784,
      0.810811,
      1.837838,
      0.864865,
      1.891892,
      0.918919,
      1.945947,
      0.972973
    ],
    "SoftwareVersions": "5.3.1_5.3.1.0",
    "SpacingBetweenSlices": 3.33,
    "StationName": "PHILIPS-CTMFQSD",
    "TaskName": "rest",
    "TotalReadoutTime": 0.04884,
    "UsePhilipsFloatNotDisplayScaling": 1,
    "dataset": "ds003037",
    "modality": "bold",
    "session_id": "t1",
    "subject_id": "036",
    "task_id": "rest"
  },
  "dummy_trs": 0,
  "dvars_nstd": 26.906804036822756,
  "dvars_std": 1.2276938554515051,
  "dvars_vstd": 0.963784252508362,
  "efc": 0.42657866959335305,
  "fber": 77313.59375,
  "fd_mean": 0.11978653850512325,
  "fd_num": 25,
  "fd_perc": 8.333333333333334,
  "fwhm_avg": 2.00269960404727,
  "fwhm_x": 1.9472800000000001,
  "fwhm_y": 2.1677166666666667,
  "fwhm_z": 1.8931021454751447,
  "gcor": 0.0473634,
  "gsr_x": -0.003199051134288311,
  "gsr_y": 0.010367820970714092,
  "provenance": {
    "md5sum": "7b6b6884d712b55d67e17a3d625a6249",
    "settings": {
      "fd_thres": 0.2,
      "testing": false
    },
    "software": "mriqc",
    "version": "22.0.6",
    "webapi_port": null,
    "webapi_url": "https://mriqc.nimh.nih.gov/api/v1"
  },
  "size_t": 300,
  "size_x": 80,
  "size_y": 80,
  "size_z": 37,
  "snr": 4.259296357173051,
  "spacing_tr": 2.0000016689300537,
  "spacing_x": 3.0,
  "spacing_y": 3.0,
  "spacing_z": 3.3299999237060547,
  "summary_bg_k": 77.16143774764676,
  "summary_bg_mad": 241.77056755413804,
  "summary_bg_mean": 1290.9283447265625,
  "summary_bg_median": 216.53451538085938,
  "summary_bg_n": 158264.0,
  "summary_bg_p05": 17.337254428863528,
  "summary_bg_p95": 5722.443652343755,
  "summary_bg_stdv": 3578.064697265625,
  "summary_fg_k": 2.2771860522810474,
  "summary_fg_mad": 10875.900770348897,
  "summary_fg_mean": 64235.44140625,
  "summary_fg_median": 62277.17578125,
  "summary_fg_n": 37295.0,
  "summary_fg_p05": 44180.746484375,
  "summary_fg_p95": 93344.8078125,
  "summary_fg_stdv": 14621.2744140625,
  "tsnr": 58.951778411865234
}