{
  "aor": 0.0009973333333333331,
  "aqi": 0.021344487800000003,
  "bids_meta": {
    "AcquisitionMatrixPE": 70,
    "AcquisitionNumber": 3,
    "AcquisitionTime": "09:17:30.910000",
    "BodyPartExamined": "BRAIN",
    "CoilString": "MULTI_COIL",
    "ConversionSoftware": "dcm2niix",
    "ConversionSoftwareVersion": "v1.0.20190410  (JP2:OpenJPEG) GCC6.3.0",
    "Dcm2bidsVersion": "2.1.4",
    "DeviceSerialNumber": "42451",
    "EchoTime": 0.03,
    "EchoTrainLength": 35,
    "EffectiveEchoSpacing": 0.000698,
    "FlipAngle": 75,
    "ImageOrientationPatientDICOM": [
      0.999111,
      -0.00214577,
      0.0421062,
      0.00207094,
      0.999996,
      0.00182066
    ],
    "ImageType": [
      "ORIGINAL",
      "PRIMARY",
      "M",
      "FFE",
      "M",
      "FFE"
    ],
    "ImagingFrequency": 127.759,
    "InPlanePhaseEncodingDirectionDICOM": "COL",
    "InstitutionAddress": "Calzada_Mexico_Xochimilco_No.101_Tlalpan",
    "InstitutionName": "I.N._Psiquiatria",
    "InstitutionalDepartmentName": "Imagenes_Cerebrales",
    "MRAcquisitionType": "2D",
    "MagneticFieldStrength": 3,
    "Manufacturer": "Philips",
    "ManufacturersModelName": "Ingenia",
    "Modality": "MR",
    "PartialFourier": 0.5,
    "PatientPosition": "HFS",
    "PercentPhaseFOV": 100,
    "PhaseEncodingAxis": "j",
    "PhaseEncodingDirection": "j-",
    "PhaseEncodingSteps": 70,
    "PhilipsRescaleIntercept": 0,
    "PhilipsRescaleSlope": 0.820757,
    "PhilipsScaleSlope": 0.0266503,
    "PixelBandwidth": 1819,
    "ProcedureStepDescription": "PROTOCOLO_EDUARDO_TMS",
    "ProtocolName": "WIP_FE_EPI_32chSHC_AP",
    "ReconMatrixPE": 80,
    "RepetitionTime": 2,
    "SAR": 0.119138,
    "ScanOptions": "FS",
    "ScanningSequence": "GR",
    "SequenceVariant": "SK",
    "SeriesDescription": "FE_EPI_32chSHC_AP",
    "SeriesNumber": 301,
    "SliceThickness": 3.33,
    "SliceTiming": [
      0.0,
      1.027027,
      0.054054,
      1.081081,
      0.108108,
      1.135135,
      0.162162,
      1.189189,
      0.216216,
      1.243244,
      0.27027,
      1.297298,
      0.324324,
      1.351352,
      0.378378,
      1.405406,
      0.432432,
      1.45946,
      0.486486,
      1.513514,
      0.540541,
      1.567568,
      0.594595,
      1.621622,
      0.648649,
      1.675676,
      0.702703,
      1.72973,
      0.756757,
      1.783784,
      0.810811,
      1.837838,
      0.864865,
      1.891892,
      0.918919,
      1.945947,
      0.972973
    ],
    "SoftwareVersions": "5.3.1_5.3.1.0",
    "SpacingBetweenSlices": 3.33,
    "StationName": "PHILIPS-CTMFQSD",
    "TaskName": "rest",
    "TotalReadoutTime": 0.04884,
    "UsePhilipsFloatNotDisplayScaling": 1,
    "dataset": "ds003037",
    "modality": "bold",
    "session_id": "t1",
    "subject_id": "045",
    "task_id": "rest"
  },
  "dummy_trs": 0,
  "dvars_nstd": 25.677783704347853,
  "dvars_std": 1.149450591772576,
  "dvars_vstd": 0.8892187813377928,
  "efc": 0.3781088212611913,
  "fber": 128787.1875,
  "fd_mean": 0.07812961166219001,
  "fd_num": 6,
  "fd_perc": 2.0,
  "fwhm_avg": 1.9236927559921904,
  "fwhm_x": 1.88152,
  "fwhm_y": 2.154663333333333,
  "fwhm_z": 1.734894934643237,
  "gcor": 0.0263197,
  "gsr_x": -0.02357645332813263,
  "gsr_y": 0.013863337226212025,
  "provenance": {
    "md5sum": "608dc96459ad15c0d8441ae3f08133a0",
    "settings": {
      "fd_thres": 0.2,
      "testing": false
    },
    "software": "mriqc",
    "version": "22.0.6",
    "webapi_port": null,
    "webapi_url": "https://mriqc.nimh.nih.gov/api/v1"
  },
  "size_t": 300,
  "size_x": 80,
  "size_y": 80,
  "size_z": 37,
  "snr": 5.141170761321099,
  "spacing_tr": 2.0000016689300537,
  "spacing_x": 3.0,
  "spacing_y": 3.0,
  "spacing_z": 3.3299999237060547,
  "summary_bg_k": 127.13684914070868,
  "summary_bg_mad": 177.89067849534555,
  "summary_bg_mean": 1191.319580078125,
  "summary_bg_median": 148.07571411132812,
  "summary_bg_n": 171473.0,
  "summary_bg_p05": 13.17037582397461,
  "summary_bg_p95": 4778.227734374999,
  "summary_bg_stdv": 3614.55712890625,
  "summary_fg_k": 2.3541066361032295,
  "summary_fg_mad": 8654.435628270145,
  "summary_fg_mean": 55064.51953125,
  "summary_fg_median": 54024.3515625,
  "summary_fg_n": 26364.0,
  "summary_fg_p05": 39831.7482421875,
  "summary_fg_p95": 73015.179296875,
  "summary_fg_stdv": 10507.9814453125,
  "tsnr": 40.947410583496094
}