{
  "aor": 0.0022079666666666668,
  "aqi": 0.009553446266666666,
  "bids_meta": {
    "AcquisitionMatrixPE": 70,
    "AcquisitionNumber": 4,
    "AcquisitionTime": "08:35:55.490000",
    "CoilString": "MULTI_COIL",
    "ConversionSoftware": "dcm2niix",
    "ConversionSoftwareVersion": "v1.0.20190410  (JP2:OpenJPEG) GCC6.3.0",
    "Dcm2bidsVersion": "2.1.4",
    "DeviceSerialNumber": "42451",
    "EchoTime": 0.03,
    "EchoTrainLength": 35,
    "EffectiveEchoSpacing": 0.000698,
    "FlipAngle": 75,
    "ImageOrientationPatientDICOM": [
      0.999985,
      0.00409478,
      -0.00375338,
      -0.0042116,
      0.99949,
      -0.0316631
    ],
    "ImageType": [
      "ORIGINAL",
      "PRIMARY",
      "M",
      "FFE",
      "M",
      "FFE"
    ],
    "ImagingFrequency": 127.766,
    "InPlanePhaseEncodingDirectionDICOM": "COL",
    "InstitutionAddress": "Calzada_Mexico_Xochimilco_No.101_Tlalpan",
    "InstitutionName": "I.N._Psiquiatria",
    "InstitutionalDepartmentName": "Imagenes_Cerebrales",
    "MRAcquisitionType": "2D",
    "MagneticFieldStrength": 3,
    "Manufacturer": "Philips",
    "ManufacturersModelName": "Ingenia",
    "Modality": "MR",
    "PartialFourier": 0.5,
    "PatientPosition": "HFS",
    "PercentPhaseFOV": 100,
    "PhaseEncodingAxis": "j",
    "PhaseEncodingDirection": "j-",
    "PhaseEncodingSteps": 70,
    "PhilipsRescaleIntercept": 0,
    "PhilipsRescaleSlope": 0.847619,
    "PhilipsScaleSlope": 0.0631407,
    "PixelBandwidth": 1819,
    "ProcedureStepDescription": "EDUARDO_TMS",
    "ProtocolName": "WIP_FE_EPI_32chSHC_AP_SENSE",
    "ReconMatrixPE": 80,
    "RepetitionTime": 2,
    "SAR": 0.119138,
    "ScanOptions": "FS",
    "ScanningSequence": "GR",
    "SequenceVariant": "SK",
    "SeriesDescription": "FE_EPI_32chSHC_AP",
    "SeriesNumber": 401,
    "SliceThickness": 3.33,
    "SliceTiming": [
      0.0,
      1.027027,
      0.054054,
      1.081081,
      0.108108,
      1.135135,
      0.162162,
      1.189189,
      0.216216,
      1.243244,
      0.27027,
      1.297298,
      0.324324,
      1.351352,
      0.378378,
      1.405406,
      0.432432,
      1.45946,
      0.486486,
      1.513514,
      0.540541,
      1.567568,
      0.594595,
      1.621622,
      0.648649,
      1.675676,
      0.702703,
      1.72973,
      0.756757,
      1.783784,
      0.810811,
      1.837838,
      0.864865,
      1.891892,
      0.918919,
      1.945947,
      0.972973
    ],
    "SoftwareVersions": "5.1.7_5.1.7.2",
    "SpacingBetweenSlices": 3.33,
    "StationName": "INGENIA",
    "TaskName": "rest",
    "TotalReadoutTime": 0.04884,
    "UsePhilipsFloatNotDisplayScaling": 1,
    "dataset": "ds003037",
    "modality": "bold",
    "session_id": "t0",
    "subject_id": "005",
    "task_id": "rest"
  },
  "dummy_trs": 0,
  "dvars_nstd": 26.37801213110365,
  "dvars_std": 1.2373381455518397,
  "dvars_vstd": 0.9190246106020067,
  "efc": 0.4262881457300936,
  "fber": 165011.140625,
  "fd_mean": 0.19615043514759464,
  "fd_num": 95,
  "fd_perc": 31.666666666666668,
  "fwhm_avg": 1.8667617354747315,
  "fwhm_x": 1.7767166666666665,
  "fwhm_y": 2.0227366666666664,
  "fwhm_z": 1.8008318730908612,
  "gcor": 0.16057,
  "gsr_x": -0.008376550860702991,
  "gsr_y": 0.007428669836372137,
  "provenance": {
    "md5sum": "5661f8c9c6257258fe00bc0c428f48da",
    "settings": {
      "fd_thres": 0.2,
      "testing": false
    },
    "software": "mriqc",
    "version": "22.0.6",
    "webapi_port": null,
    "webapi_url": "https://mriqc.nimh.nih.gov/api/v1"
  },
  "size_t": 300,
  "size_x": 80,
  "size_y": 80,
  "size_z": 37,
  "snr": 4.818862220182294,
  "spacing_tr": 2.0000016689300537,
  "spacing_x": 3.0,
  "spacing_y": 3.0,
  "spacing_z": 3.3299999237060547,
  "summary_bg_k": 61.75905257243238,
  "summary_bg_mad": 72.53050897601773,
  "summary_bg_mean": 633.2151489257812,
  "summary_bg_median": 57.70054626464844,
  "summary_bg_n": 161712.0,
  "summary_bg_p05": 4.276302242279053,
  "summary_bg_p95": 3069.2289550781243,
  "summary_bg_stdv": 1663.8497314453125,
  "summary_fg_k": 1.6317829770599879,
  "summary_fg_mad": 4249.728682558491,
  "summary_fg_mean": 23877.517578125,
  "summary_fg_median": 23273.365234375,
  "summary_fg_n": 34631.0,
  "summary_fg_p05": 17108.873046875,
  "summary_fg_p95": 32589.3994140625,
  "summary_fg_stdv": 4829.5693359375,
  "tsnr": 49.442684173583984
}