{
  "bids_meta": {
    "AcquisitionMatrixPE": 240,
    "AcquisitionNumber": 4,
    "AcquisitionTime": "11:23:11.770000",
    "BodyPartExamined": "BRAIN",
    "CoilString": "MULTI_COIL",
    "ConversionSoftware": "dcm2niix",
    "ConversionSoftwareVersion": "v1.0.20190410  (JP2:OpenJPEG) GCC6.3.0",
    "Dcm2bidsVersion": "2.1.4",
    "DeviceSerialNumber": "42451",
    "EchoTime": 0.0035,
    "EchoTrainLength": 240,
    "FlipAngle": 8,
    "ImageOrientationPatientDICOM": [
      4.30813e-05,
      0.999997,
      -0.0025844,
      0.000585033,
      -0.00258443,
      -0.999996
    ],
    "ImageType": [
      "ORIGINAL",
      "PRIMARY",
      "M",
      "FFE",
      "M",
      "FFE"
    ],
    "ImagingFrequency": 127.759,
    "InPlanePhaseEncodingDirectionDICOM": "ROW",
    "InstitutionAddress": "Calzada_Mexico_Xochimilco_No.101_Tlalpan",
    "InstitutionName": "I.N._Psiquiatria",
    "InstitutionalDepartmentName": "Imagenes_Cerebrales",
    "MRAcquisitionType": "3D",
    "MagneticFieldStrength": 3,
    "Manufacturer": "Philips",
    "ManufacturersModelName": "Ingenia",
    "Modality": "MR",
    "PatientPosition": "HFS",
    "PercentPhaseFOV": 100,
    "PhaseEncodingSteps": 240,
    "PhilipsRescaleIntercept": 0,
    "PhilipsRescaleSlope": 14.9006,
    "PhilipsScaleSlope": 0.0057919,
    "PixelBandwidth": 310,
    "ProcedureStepDescription": "PROTOCOLO_EDUARDO_TMS",
    "ProtocolName": "WIP_sT1W_3D_TFE_32_channel",
    "ReconMatrixPE": 240,
    "RepetitionTime": 0.007,
    "SAR": 0.0382114,
    "ScanOptions": "OTHER",
    "ScanningSequence": "GR",
    "SequenceVariant": "MP",
    "SeriesDescription": "sT1W_3D_TFE_32_channel",
    "SeriesNumber": 401,
    "SliceThickness": 1,
    "SoftwareVersions": "5.3.1_5.3.1.0",
    "SpacingBetweenSlices": 1,
    "StationName": "PHILIPS-CTMFQSD",
    "UsePhilipsFloatNotDisplayScaling": 1,
    "dataset": "ds003037",
    "modality": "T1w",
    "session_id": "t0",
    "subject_id": "053"
  },
  "cjv": 0.38634878391867405,
  "cnr": 3.4739571963815474,
  "efc": 0.7217922827094876,
  "fber": -1.0,
  "fwhm_avg": 4.62882,
  "fwhm_x": 4.46793,
  "fwhm_y": 4.98388,
  "fwhm_z": 4.43465,
  "icvs_csf": 0.24554558447352706,
  "icvs_gm": 0.3801550245303482,
  "icvs_wm": 0.3742993909961247,
  "inu_med": 0.4201053977012634,
  "inu_range": 0.1588669076561927,
  "provenance": {
    "md5sum": "45d2de3064f9c9bfedf6022a11109ae3",
    "settings": {
      "testing": false
    },
    "software": "mriqc",
    "version": "22.0.6",
    "warnings": {
      "large_rot_frame": true,
      "small_air_mask": false
    },
    "webapi_port": null,
    "webapi_url": "https://mriqc.nimh.nih.gov/api/v1"
  },
  "qi_1": 0.0001277139208173691,
  "qi_2": 0.0001002790191220163,
  "rpve_csf": 20.53364220994431,
  "rpve_gm": 12.68046858518546,
  "rpve_wm": 15.699063872873356,
  "size_x": 180,
  "size_y": 240,
  "size_z": 240,
  "snr_csf": 3.363731296386535,
  "snr_gm": 12.849608027344829,
  "snr_total": 15.3845694192977,
  "snr_wm": 29.94036893416174,
  "snrd_csf": 20.466445814530797,
  "snrd_gm": 53.55306114959121,
  "snrd_total": 48.1156326542598,
  "snrd_wm": 70.32739099865738,
  "spacing_x": 1.0,
  "spacing_y": 1.0,
  "spacing_z": 1.0,
  "summary_bg_k": 2595.756110446914,
  "summary_bg_mad": 0.0,
  "summary_bg_mean": 3.7470137506146295,
  "summary_bg_median": 0.0,
  "summary_bg_n": 531074.0,
  "summary_bg_p05": 0.0,
  "summary_bg_p95": 18.226968929171562,
  "summary_bg_stdv": 9.315522476657888,
  "summary_csf_k": 1.5880368389317763,
  "summary_csf_mad": 74.11759916404102,
  "summary_csf_mean": 304.6631212108779,
  "summary_csf_median": 291.01670431159437,
  "summary_csf_n": 60606.0,
  "summary_csf_p05": 193.40839252620935,
  "summary_csf_p95": 470.20637339074165,
  "summary_csf_stdv": 86.51532413546208,
  "summary_gm_k": 0.013363845261719742,
  "summary_gm_mad": 60.230602648376724,
  "summary_gm_mean": 760.3780012592133,
  "summary_gm_median": 761.4822574853897,
  "summary_gm_n": 21196.0,
  "summary_gm_p05": 662.2405103230849,
  "summary_gm_p95": 855.3234212612733,
  "summary_gm_stdv": 59.25972938447962,
  "summary_wm_k": 0.4803905187013022,
  "summary_wm_mad": 31.920432145400838,
  "summary_wm_mean": 1000.4844748586411,
  "summary_wm_median": 999.9999871365726,
  "summary_wm_n": 215421.0,
  "summary_wm_p05": 946.7897749319673,
  "summary_wm_p95": 1055.717613056302,
  "summary_wm_stdv": 33.399644082422675,
  "tpm_overlap_csf": 0.16036950039548972,
  "tpm_overlap_gm": 0.4417928414898109,
  "tpm_overlap_wm": 0.5162387272723266,
  "wm2max": 0.8145682358255268
}