{
  "bids_meta": {
    "AcquisitionMatrixPE": 240,
    "AcquisitionNumber": 4,
    "AcquisitionTime": "09:33:26.490000",
    "BodyPartExamined": "BRAIN",
    "CoilString": "MULTI_COIL",
    "ConversionSoftware": "dcm2niix",
    "ConversionSoftwareVersion": "v1.0.20190410  (JP2:OpenJPEG) GCC6.3.0",
    "Dcm2bidsVersion": "2.1.4",
    "DeviceSerialNumber": "42451",
    "EchoTime": 0.0035,
    "EchoTrainLength": 240,
    "FlipAngle": 8,
    "ImageOrientationPatientDICOM": [
      -0.00435178,
      0.999987,
      0.00270784,
      0.0461579,
      0.00290585,
      -0.99893
    ],
    "ImageType": [
      "ORIGINAL",
      "PRIMARY",
      "M",
      "FFE",
      "M",
      "FFE"
    ],
    "ImagingFrequency": 127.759,
    "InPlanePhaseEncodingDirectionDICOM": "ROW",
    "InstitutionAddress": "Calzada_Mexico_Xochimilco_No.101_Tlalpan",
    "InstitutionName": "I.N._Psiquiatria",
    "InstitutionalDepartmentName": "Imagenes_Cerebrales",
    "MRAcquisitionType": "3D",
    "MagneticFieldStrength": 3,
    "Manufacturer": "Philips",
    "ManufacturersModelName": "Ingenia",
    "Modality": "MR",
    "PatientPosition": "HFS",
    "PercentPhaseFOV": 100,
    "PhaseEncodingSteps": 240,
    "PhilipsRescaleIntercept": 0,
    "PhilipsRescaleSlope": 9.05079,
    "PhilipsScaleSlope": 0.00581436,
    "PixelBandwidth": 310,
    "ProcedureStepDescription": "EDUARDO_TMS",
    "ProtocolName": "WIP_sT1W_3D_TFE_32_channel",
    "ReconMatrixPE": 240,
    "RepetitionTime": 0.007,
    "SAR": 0.0382114,
    "ScanOptions": "OTHER",
    "ScanningSequence": "GR",
    "SequenceVariant": "MP",
    "SeriesDescription": "sT1W_3D_TFE_32_channel",
    "SeriesNumber": 401,
    "SliceThickness": 1,
    "SoftwareVersions": "5.3.1_5.3.1.0",
    "SpacingBetweenSlices": 1,
    "StationName": "PHILIPS-CTMFQSD",
    "UsePhilipsFloatNotDisplayScaling": 1,
    "dataset": "ds003037",
    "modality": "T1w",
    "session_id": "t2",
    "subject_id": "025"
  },
  "cjv": 0.3447185146726654,
  "cnr": 3.8417604024082856,
  "efc": 0.7298372388815733,
  "fber": 15111.222093192046,
  "fwhm_avg": 4.78834,
  "fwhm_x": 4.60183,
  "fwhm_y": 5.04603,
  "fwhm_z": 4.71716,
  "icvs_csf": 0.2162000059279391,
  "icvs_gm": 0.3966854393141281,
  "icvs_wm": 0.3871145547579328,
  "inu_med": 0.4569821357727051,
  "inu_range": 0.19464172422885895,
  "provenance": {
    "md5sum": "1ecb390ab4e9beec2e748a112b40f5e7",
    "settings": {
      "testing": false
    },
    "software": "mriqc",
    "version": "22.0.6",
    "warnings": {
      "large_rot_frame": true,
      "small_air_mask": false
    },
    "webapi_port": null,
    "webapi_url": "https://mriqc.nimh.nih.gov/api/v1"
  },
  "qi_1": 0.0,
  "qi_2": 8.20663331149727e-05,
  "rpve_csf": 19.850007330925703,
  "rpve_gm": 10.79359918574719,
  "rpve_wm": 12.941384493750567,
  "size_x": 180,
  "size_y": 240,
  "size_z": 240,
  "snr_csf": 3.0168617791520638,
  "snr_gm": 12.973364976588364,
  "snr_total": 13.776605941262522,
  "snr_wm": 25.33959106804714,
  "snrd_csf": 25.42427623199869,
  "snrd_gm": 62.37995964501498,
  "snrd_total": 57.617207508017195,
  "snrd_wm": 85.04738664703791,
  "spacing_x": 1.0,
  "spacing_y": 1.0,
  "spacing_z": 1.0,
  "summary_bg_k": 19.24334726757187,
  "summary_bg_mad": 0.0,
  "summary_bg_mean": 3.2756265048868887,
  "summary_bg_median": 0.0,
  "summary_bg_n": 408230.0,
  "summary_bg_p05": 0.0,
  "summary_bg_p95": 18.97974339686334,
  "summary_bg_stdv": 7.703389535310635,
  "summary_csf_k": 1.1744572492148446,
  "summary_csf_mad": 83.35779364300332,
  "summary_csf_mean": 304.43662703035056,
  "summary_csf_median": 298.95011705718935,
  "summary_csf_n": 64832.0,
  "summary_csf_p05": 141.98278566412628,
  "summary_csf_p95": 477.48231974989176,
  "summary_csf_stdv": 99.09231292558991,
  "summary_gm_k": 0.2662545948613366,
  "summary_gm_mad": 55.104765902121684,
  "summary_gm_mean": 735.4427380829646,
  "summary_gm_median": 733.4917252995074,
  "summary_gm_n": 39065.0,
  "summary_gm_p05": 646.307520436123,
  "summary_gm_p95": 830.786539094895,
  "summary_gm_stdv": 56.5375550961387,
  "summary_wm_k": 0.8008202156829971,
  "summary_wm_mad": 36.77438329275612,
  "summary_wm_mean": 1001.975836023018,
  "summary_wm_median": 1000.0255646035075,
  "summary_wm_n": 277395.0,
  "summary_wm_p05": 940.9916655588895,
  "summary_wm_p95": 1069.7116211131215,
  "summary_wm_stdv": 39.46487373795846,
  "tpm_overlap_csf": 0.16478038562603523,
  "tpm_overlap_gm": 0.45095665158762077,
  "tpm_overlap_wm": 0.5186647274627418,
  "wm2max": 0.8268316894417809
}