{
  "aor": 0.0022614000000000006,
  "aqi": 0.009844251633333334,
  "bids_meta": {
    "AcquisitionMatrixPE": 70,
    "AcquisitionNumber": 3,
    "AcquisitionTime": "08:31:38.500000",
    "BodyPartExamined": "BRAIN",
    "CoilString": "MULTI_COIL",
    "ConversionSoftware": "dcm2niix",
    "ConversionSoftwareVersion": "v1.0.20190410  (JP2:OpenJPEG) GCC6.3.0",
    "Dcm2bidsVersion": "2.1.4",
    "DeviceSerialNumber": "42451",
    "EchoTime": 0.03,
    "EchoTrainLength": 35,
    "EffectiveEchoSpacing": 0.000698,
    "FlipAngle": 75,
    "ImageOrientationPatientDICOM": [
      0.999985,
      0.00417235,
      -0.00366696,
      -0.0042116,
      0.999933,
      -0.0107627
    ],
    "ImageType": [
      "ORIGINAL",
      "PRIMARY",
      "M",
      "FFE",
      "M",
      "FFE"
    ],
    "ImagingFrequency": 127.759,
    "InPlanePhaseEncodingDirectionDICOM": "COL",
    "InstitutionAddress": "Calzada_Mexico_Xochimilco_No.101_Tlalpan",
    "InstitutionName": "I.N._Psiquiatria",
    "InstitutionalDepartmentName": "Imagenes_Cerebrales",
    "MRAcquisitionType": "2D",
    "MagneticFieldStrength": 3,
    "Manufacturer": "Philips",
    "ManufacturersModelName": "Ingenia",
    "Modality": "MR",
    "PartialFourier": 0.5,
    "PatientPosition": "HFS",
    "PercentPhaseFOV": 100,
    "PhaseEncodingAxis": "j",
    "PhaseEncodingDirection": "j-",
    "PhaseEncodingSteps": 70,
    "PhilipsRescaleIntercept": 0,
    "PhilipsRescaleSlope": 0.785592,
    "PhilipsScaleSlope": 0.0221004,
    "PixelBandwidth": 1819,
    "ProcedureStepDescription": "EDUARDO_TMS",
    "ProtocolName": "WIP_FE_EPI_32chSHC_AP",
    "ReconMatrixPE": 80,
    "RepetitionTime": 2,
    "SAR": 0.119138,
    "ScanOptions": "FS",
    "ScanningSequence": "GR",
    "SequenceVariant": "SK",
    "SeriesDescription": "FE_EPI_32chSHC_AP",
    "SeriesNumber": 301,
    "SliceThickness": 3.33,
    "SliceTiming": [
      0.0,
      1.027027,
      0.054054,
      1.081081,
      0.108108,
      1.135135,
      0.162162,
      1.189189,
      0.216216,
      1.243244,
      0.27027,
      1.297298,
      0.324324,
      1.351352,
      0.378378,
      1.405406,
      0.432432,
      1.45946,
      0.486486,
      1.513514,
      0.540541,
      1.567568,
      0.594595,
      1.621622,
      0.648649,
      1.675676,
      0.702703,
      1.72973,
      0.756757,
      1.783784,
      0.810811,
      1.837838,
      0.864865,
      1.891892,
      0.918919,
      1.945947,
      0.972973
    ],
    "SoftwareVersions": "5.3.1_5.3.1.0",
    "SpacingBetweenSlices": 3.33,
    "StationName": "PHILIPS-CTMFQSD",
    "TaskName": "rest",
    "TotalReadoutTime": 0.04884,
    "UsePhilipsFloatNotDisplayScaling": 1,
    "dataset": "ds003037",
    "modality": "bold",
    "session_id": "t0",
    "subject_id": "036",
    "task_id": "rest"
  },
  "dummy_trs": 0,
  "dvars_nstd": 22.897098624113703,
  "dvars_std": 1.1656354198327752,
  "dvars_vstd": 0.9131538014715717,
  "efc": 0.4292519675307611,
  "fber": 79249.640625,
  "fd_mean": 0.09942376456638262,
  "fd_num": 5,
  "fd_perc": 1.6666666666666667,
  "fwhm_avg": 1.99659404834152,
  "fwhm_x": 1.9467133333333333,
  "fwhm_y": 2.169633333333333,
  "fwhm_z": 1.8734354783578933,
  "gcor": 0.108781,
  "gsr_x": -0.006562620867043734,
  "gsr_y": 0.009670677594840527,
  "provenance": {
    "md5sum": "e9da551bb898321867e552f72b66081f",
    "settings": {
      "fd_thres": 0.2,
      "testing": false
    },
    "software": "mriqc",
    "version": "22.0.6",
    "webapi_port": null,
    "webapi_url": "https://mriqc.nimh.nih.gov/api/v1"
  },
  "size_t": 300,
  "size_x": 80,
  "size_y": 80,
  "size_z": 37,
  "snr": 4.23251690031623,
  "spacing_tr": 2.0000016689300537,
  "spacing_x": 3.0,
  "spacing_y": 3.0,
  "spacing_z": 3.3299999237060547,
  "summary_bg_k": 61.54629198771451,
  "summary_bg_mad": 272.4390900771941,
  "summary_bg_mean": 1459.509033203125,
  "summary_bg_median": 223.455322265625,
  "summary_bg_n": 158467.0,
  "summary_bg_p05": 14.277355098724366,
  "summary_bg_p95": 6706.203564453111,
  "summary_bg_stdv": 3880.47119140625,
  "summary_fg_k": 2.434145557300951,
  "summary_fg_mad": 11341.229376022678,
  "summary_fg_mean": 65961.703125,
  "summary_fg_median": 64212.08984375,
  "summary_fg_n": 37105.0,
  "summary_fg_p05": 45316.875,
  "summary_fg_p95": 96276.28749999995,
  "summary_fg_stdv": 15170.931640625,
  "tsnr": 46.47021484375
}