{
  "aor": 0.0014782666666666665,
  "aqi": 0.012457238,
  "bids_meta": {
    "AcquisitionMatrixPE": 70,
    "AcquisitionNumber": 3,
    "AcquisitionTime": "08:30:28.640000",
    "BodyPartExamined": "BRAIN",
    "CoilString": "MULTI_COIL",
    "ConversionSoftware": "dcm2niix",
    "ConversionSoftwareVersion": "v1.0.20190410  (JP2:OpenJPEG) GCC6.3.0",
    "Dcm2bidsVersion": "2.1.4",
    "DeviceSerialNumber": "42451",
    "EchoTime": 0.03,
    "EchoTrainLength": 35,
    "EffectiveEchoSpacing": 0.000698,
    "FlipAngle": 75,
    "ImageOrientationPatientDICOM": [
      0.999998,
      0.000126933,
      0.00205061,
      -0.000140625,
      0.999978,
      0.0066782
    ],
    "ImageType": [
      "ORIGINAL",
      "PRIMARY",
      "M",
      "FFE",
      "M",
      "FFE"
    ],
    "ImagingFrequency": 127.766,
    "InPlanePhaseEncodingDirectionDICOM": "COL",
    "InstitutionAddress": "Calzada_Mexico_Xochimilco_No.101_Tlalpan",
    "InstitutionName": "I.N._Psiquiatria",
    "InstitutionalDepartmentName": "Imagenes_Cerebrales",
    "MRAcquisitionType": "2D",
    "MagneticFieldStrength": 3,
    "Manufacturer": "Philips",
    "ManufacturersModelName": "Ingenia",
    "Modality": "MR",
    "PartialFourier": 0.5,
    "PatientPosition": "HFS",
    "PercentPhaseFOV": 100,
    "PhaseEncodingAxis": "j",
    "PhaseEncodingDirection": "j-",
    "PhaseEncodingSteps": 70,
    "PhilipsRescaleIntercept": 0,
    "PhilipsRescaleSlope": 0.822466,
    "PhilipsScaleSlope": 0.0279812,
    "PixelBandwidth": 1819,
    "ProcedureStepDescription": "EDUARDO_TMS",
    "ProtocolName": "FE_EPI_32chSHC_AP",
    "ReconMatrixPE": 80,
    "RepetitionTime": 2,
    "SAR": 0.11996,
    "ScanOptions": "FS",
    "ScanningSequence": "GR",
    "SequenceVariant": "SK",
    "SeriesDescription": "FE_EPI_32chSHC_AP",
    "SeriesNumber": 301,
    "SliceThickness": 3.33,
    "SliceTiming": [
      0.0,
      1.027027,
      0.054054,
      1.081081,
      0.108108,
      1.135135,
      0.162162,
      1.189189,
      0.216216,
      1.243244,
      0.27027,
      1.297298,
      0.324324,
      1.351352,
      0.378378,
      1.405406,
      0.432432,
      1.45946,
      0.486486,
      1.513514,
      0.540541,
      1.567568,
      0.594595,
      1.621622,
      0.648649,
      1.675676,
      0.702703,
      1.72973,
      0.756757,
      1.783784,
      0.810811,
      1.837838,
      0.864865,
      1.891892,
      0.918919,
      1.945947,
      0.972973
    ],
    "SoftwareVersions": "5.3.1_5.3.1.0",
    "SpacingBetweenSlices": 3.33,
    "StationName": "PHILIPS-CTMFQSD",
    "TaskName": "rest",
    "TotalReadoutTime": 0.04884,
    "UsePhilipsFloatNotDisplayScaling": 1,
    "dataset": "ds003037",
    "modality": "bold",
    "session_id": "t3",
    "subject_id": "002",
    "task_id": "rest"
  },
  "dummy_trs": 0,
  "dvars_nstd": 32.96249154909701,
  "dvars_std": 1.4039761579598666,
  "dvars_vstd": 0.9758875478929768,
  "efc": 0.3832625994561774,
  "fber": 141436.4375,
  "fd_mean": 0.2192018588401333,
  "fd_num": 153,
  "fd_perc": 51.0,
  "fwhm_avg": 1.8049272601747697,
  "fwhm_x": 1.7862566666666666,
  "fwhm_y": 1.9357833333333332,
  "fwhm_z": 1.6927417805243088,
  "gcor": 0.0169219,
  "gsr_x": -0.012813130393624306,
  "gsr_y": 0.0018730191513895988,
  "provenance": {
    "md5sum": "4d5a208e1ff47b98f0fbbda0360089f5",
    "settings": {
      "fd_thres": 0.2,
      "testing": false
    },
    "software": "mriqc",
    "version": "22.0.6",
    "webapi_port": null,
    "webapi_url": "https://mriqc.nimh.nih.gov/api/v1"
  },
  "size_t": 300,
  "size_x": 80,
  "size_y": 80,
  "size_z": 37,
  "snr": 5.856009780953603,
  "spacing_tr": 1.9999983310699463,
  "spacing_x": 3.0,
  "spacing_y": 3.0,
  "spacing_z": 3.3299999237060547,
  "summary_bg_k": 187.31049850348668,
  "summary_bg_mad": 175.94436435821362,
  "summary_bg_mean": 1019.4656982421875,
  "summary_bg_median": 149.41525268554688,
  "summary_bg_n": 169192.0,
  "summary_bg_p05": 10.432307624816897,
  "summary_bg_p95": 4716.30156249997,
  "summary_bg_stdv": 3092.024658203125,
  "summary_fg_k": 2.751349299512115,
  "summary_fg_mad": 7714.6656255521975,
  "summary_fg_mean": 58359.234375,
  "summary_fg_median": 57512.1328125,
  "summary_fg_n": 29134.0,
  "summary_fg_p05": 43914.565625,
  "summary_fg_p95": 75388.76015624999,
  "summary_fg_stdv": 9820.8759765625,
  "tsnr": 63.672698974609375
}