{
  "aor": 0.004291766666666667,
  "aqi": 0.0235910057,
  "bids_meta": {
    "AcquisitionMatrixPE": 70,
    "AcquisitionNumber": 3,
    "AcquisitionTime": "09:46:33.590000",
    "CoilString": "MULTI_COIL",
    "ConversionSoftware": "dcm2niix",
    "ConversionSoftwareVersion": "v1.0.20190410  (JP2:OpenJPEG) GCC6.3.0",
    "Dcm2bidsVersion": "2.1.4",
    "DeviceSerialNumber": "42451",
    "EchoTime": 0.03,
    "EchoTrainLength": 35,
    "EffectiveEchoSpacing": 0.000698,
    "FlipAngle": 75,
    "ImageOrientationPatientDICOM": [
      0.999993,
      -0.00109453,
      -0.00363142,
      0.00108627,
      0.999997,
      -0.00227673
    ],
    "ImageType": [
      "ORIGINAL",
      "PRIMARY",
      "M",
      "FFE",
      "M",
      "FFE"
    ],
    "ImagingFrequency": 127.766,
    "InPlanePhaseEncodingDirectionDICOM": "COL",
    "InstitutionAddress": "Calzada_Mexico_Xochimilco_No.101_Tlalpan",
    "InstitutionName": "I.N._Psiquiatria",
    "InstitutionalDepartmentName": "Imagenes_Cerebrales",
    "MRAcquisitionType": "2D",
    "MagneticFieldStrength": 3,
    "Manufacturer": "Philips",
    "ManufacturersModelName": "Ingenia",
    "Modality": "MR",
    "PartialFourier": 0.5,
    "PatientPosition": "HFS",
    "PercentPhaseFOV": 100,
    "PhaseEncodingAxis": "j",
    "PhaseEncodingDirection": "j-",
    "PhaseEncodingSteps": 70,
    "PhilipsRescaleIntercept": 0,
    "PhilipsRescaleSlope": 0.789744,
    "PhilipsScaleSlope": 0.0674367,
    "PixelBandwidth": 1819,
    "ProcedureStepDescription": "EDUARDO_TMS",
    "ProtocolName": "WIP_FE_EPI_32chSHC_AP_SENSE",
    "ReconMatrixPE": 80,
    "RepetitionTime": 2,
    "SAR": 0.119138,
    "ScanOptions": "FS",
    "ScanningSequence": "GR",
    "SequenceVariant": "SK",
    "SeriesDescription": "FE_EPI_32chSHC_AP",
    "SeriesNumber": 301,
    "SliceThickness": 3.33,
    "SliceTiming": [
      0.0,
      1.027027,
      0.054054,
      1.081081,
      0.108108,
      1.135135,
      0.162162,
      1.189189,
      0.216216,
      1.243244,
      0.27027,
      1.297298,
      0.324324,
      1.351352,
      0.378378,
      1.405406,
      0.432432,
      1.45946,
      0.486486,
      1.513514,
      0.540541,
      1.567568,
      0.594595,
      1.621622,
      0.648649,
      1.675676,
      0.702703,
      1.72973,
      0.756757,
      1.783784,
      0.810811,
      1.837838,
      0.864865,
      1.891892,
      0.918919,
      1.945947,
      0.972973
    ],
    "SoftwareVersions": "5.1.7_5.1.7.2",
    "SpacingBetweenSlices": 3.33,
    "StationName": "INGENIA",
    "TaskName": "rest",
    "TotalReadoutTime": 0.04884,
    "UsePhilipsFloatNotDisplayScaling": 1,
    "dataset": "ds003037",
    "modality": "bold",
    "session_id": "t0",
    "subject_id": "012",
    "task_id": "rest"
  },
  "dummy_trs": 0,
  "dvars_nstd": 36.76270725394648,
  "dvars_std": 1.2684419940802671,
  "dvars_vstd": 0.9650798549832772,
  "efc": 0.43494110263536784,
  "fber": 201982.6875,
  "fd_mean": 0.32355786127732017,
  "fd_num": 125,
  "fd_perc": 41.666666666666664,
  "fwhm_avg": 1.8267419049029172,
  "fwhm_x": 1.8031833333333334,
  "fwhm_y": 1.9733666666666665,
  "fwhm_z": 1.7036757147087513,
  "gcor": 0.0921195,
  "gsr_x": -0.012019415386021137,
  "gsr_y": 0.012471314519643784,
  "provenance": {
    "md5sum": "1de69bb94b16be1cb2256596db1fc96f",
    "settings": {
      "fd_thres": 0.2,
      "testing": false
    },
    "software": "mriqc",
    "version": "22.0.6",
    "webapi_port": null,
    "webapi_url": "https://mriqc.nimh.nih.gov/api/v1"
  },
  "size_t": 300,
  "size_x": 80,
  "size_y": 80,
  "size_z": 37,
  "snr": 5.777218126223978,
  "spacing_tr": 2.0000016689300537,
  "spacing_x": 3.0,
  "spacing_y": 3.0,
  "spacing_z": 3.3299999237060547,
  "summary_bg_k": 117.79566834854013,
  "summary_bg_mad": 53.276339981318934,
  "summary_bg_mean": 502.6425476074219,
  "summary_bg_median": 45.913814544677734,
  "summary_bg_n": 159409.0,
  "summary_bg_p05": 5.327005100250244,
  "summary_bg_p95": 2425.7259765625004,
  "summary_bg_stdv": 1354.78466796875,
  "summary_fg_k": 3.2441355819916,
  "summary_fg_mad": 2845.6797681202925,
  "summary_fg_mean": 21052.09375,
  "summary_fg_median": 20656.833984375,
  "summary_fg_n": 36814.0,
  "summary_fg_p05": 16203.677685546874,
  "summary_fg_p95": 27257.163574218746,
  "summary_fg_stdv": 3575.51904296875,
  "tsnr": 39.99882507324219
}