{
  "bids_meta": {
    "AcquisitionMatrixPE": 240,
    "AcquisitionNumber": 4,
    "AcquisitionTime": "10:55:29.000000",
    "CoilString": "MULTI_COIL",
    "ConversionSoftware": "dcm2niix",
    "ConversionSoftwareVersion": "v1.0.20190410  (JP2:OpenJPEG) GCC6.3.0",
    "Dcm2bidsVersion": "2.1.4",
    "DeviceSerialNumber": "42451",
    "EchoTime": 0.003501,
    "EchoTrainLength": 240,
    "FlipAngle": 8,
    "ImageOrientationPatientDICOM": [
      -0.0250781,
      0.999681,
      -0.00313702,
      -0.00616576,
      -0.00329263,
      -0.999976
    ],
    "ImageType": [
      "ORIGINAL",
      "PRIMARY",
      "M",
      "FFE",
      "M",
      "FFE"
    ],
    "ImagingFrequency": 127.766,
    "InPlanePhaseEncodingDirectionDICOM": "ROW",
    "InstitutionAddress": "Calzada_Mexico_Xochimilco_No.101_Tlalpan",
    "InstitutionName": "I.N._Psiquiatria",
    "InstitutionalDepartmentName": "Imagenes_Cerebrales",
    "MRAcquisitionType": "3D",
    "MagneticFieldStrength": 3,
    "Manufacturer": "Philips",
    "ManufacturersModelName": "Ingenia",
    "Modality": "MR",
    "PatientPosition": "HFS",
    "PercentPhaseFOV": 100,
    "PhaseEncodingSteps": 240,
    "PhilipsRescaleIntercept": 0,
    "PhilipsRescaleSlope": 11.915,
    "PhilipsScaleSlope": 0.00520082,
    "PixelBandwidth": 310,
    "ProcedureStepDescription": "EDUARDO_TMS",
    "ProtocolName": "WIP_sT1W_3D_TFE_32_channel_SENSE",
    "ReconMatrixPE": 240,
    "RepetitionTime": 0.007,
    "SAR": 0.0382114,
    "ScanOptions": "OTHER",
    "ScanningSequence": "GR",
    "SequenceVariant": "MP",
    "SeriesDescription": "sT1W_3D_TFE_32_channel",
    "SeriesNumber": 401,
    "SliceThickness": 1,
    "SoftwareVersions": "5.1.7_5.1.7.2",
    "SpacingBetweenSlices": 1,
    "StationName": "INGENIA",
    "UsePhilipsFloatNotDisplayScaling": 1,
    "dataset": "ds003037",
    "modality": "T1w",
    "session_id": "t2",
    "subject_id": "003"
  },
  "cjv": 0.3835441670506566,
  "cnr": 3.5299192515539546,
  "efc": 0.7916861248825187,
  "fber": 10607.224212247324,
  "fwhm_avg": 4.456156666666668,
  "fwhm_x": 4.33351,
  "fwhm_y": 4.86446,
  "fwhm_z": 4.1705,
  "icvs_csf": 0.19498265762404426,
  "icvs_gm": 0.41030569076757056,
  "icvs_wm": 0.3947116516083852,
  "inu_med": 0.3808226138353348,
  "inu_range": 0.15143553316593172,
  "provenance": {
    "md5sum": "b658e9bb11736edef2753d55b62986ad",
    "settings": {
      "testing": false
    },
    "software": "mriqc",
    "version": "22.0.6",
    "warnings": {
      "large_rot_frame": true,
      "small_air_mask": true
    },
    "webapi_port": null,
    "webapi_url": "https://mriqc.nimh.nih.gov/api/v1"
  },
  "qi_1": 0.0,
  "qi_2": 0.00016724320579822576,
  "rpve_csf": 20.655367186244575,
  "rpve_gm": 10.379701750814332,
  "rpve_wm": 12.769794171419488,
  "size_x": 180,
  "size_y": 240,
  "size_z": 240,
  "snr_csf": 2.9182808620370513,
  "snr_gm": 13.976551731019105,
  "snr_total": 15.213242056226454,
  "snr_wm": 28.744893575623202,
  "snrd_csf": 64.0271372190843,
  "snrd_gm": 150.2310229627112,
  "snrd_total": 136.47546967311834,
  "snrd_wm": 195.1682488375595,
  "spacing_x": 1.0,
  "spacing_y": 1.0,
  "spacing_z": 1.0,
  "summary_bg_k": 60.021413221343536,
  "summary_bg_mad": 0.0,
  "summary_bg_mean": 0.6993859293424272,
  "summary_bg_median": 0.0,
  "summary_bg_n": 34782.0,
  "summary_bg_p05": 0.0,
  "summary_bg_p95": 8.33924756385386,
  "summary_bg_stdv": 3.356862602578467,
  "summary_csf_k": 1.5153074914473592,
  "summary_csf_mad": 90.15417892483394,
  "summary_csf_mean": 335.50424079627203,
  "summary_csf_median": 328.06954777799547,
  "summary_csf_n": 35705.0,
  "summary_csf_p05": 154.35465642809868,
  "summary_csf_p95": 536.1654585674404,
  "summary_csf_stdv": 112.41719666032257,
  "summary_gm_k": 0.20794613411849872,
  "summary_gm_mad": 54.340534691667315,
  "summary_gm_mean": 769.2756444200137,
  "summary_gm_median": 769.7708488348871,
  "summary_gm_n": 47222.0,
  "summary_gm_p05": 678.6981543153524,
  "summary_gm_p95": 858.7397210206836,
  "summary_gm_stdv": 55.07529418219264,
  "summary_wm_k": 0.25403897058714797,
  "summary_wm_mad": 33.97222915716961,
  "summary_wm_mean": 1000.5432728719844,
  "summary_wm_median": 1000.0253317225724,
  "summary_wm_n": 289686.0,
  "summary_wm_p05": 944.6162278484553,
  "summary_wm_p95": 1058.7802735250443,
  "summary_wm_stdv": 34.789608910524535,
  "tpm_overlap_csf": 0.16341420443873317,
  "tpm_overlap_gm": 0.4385830863075446,
  "tpm_overlap_wm": 0.5066763565943981,
  "wm2max": 0.7938548755095126
}