{
  "aor": 0.0024592999999999998,
  "aqi": 0.022843109666666663,
  "bids_meta": {
    "AcquisitionMatrixPE": 70,
    "AcquisitionNumber": 3,
    "AcquisitionTime": "09:44:29.110000",
    "BodyPartExamined": "BRAIN",
    "CoilString": "MULTI_COIL",
    "ConversionSoftware": "dcm2niix",
    "ConversionSoftwareVersion": "v1.0.20190410  (JP2:OpenJPEG) GCC6.3.0",
    "Dcm2bidsVersion": "2.1.4",
    "DeviceSerialNumber": "42451",
    "EchoTime": 0.03,
    "EchoTrainLength": 35,
    "EffectiveEchoSpacing": 0.000698,
    "FlipAngle": 75,
    "ImageOrientationPatientDICOM": [
      0.999991,
      -0.00203723,
      -0.00363289,
      0.00202769,
      0.999995,
      -0.00262555
    ],
    "ImageType": [
      "ORIGINAL",
      "PRIMARY",
      "M",
      "FFE",
      "M",
      "FFE"
    ],
    "ImagingFrequency": 127.759,
    "InPlanePhaseEncodingDirectionDICOM": "COL",
    "InstitutionAddress": "Calzada_Mexico_Xochimilco_No.101_Tlalpan",
    "InstitutionName": "I.N._Psiquiatria",
    "InstitutionalDepartmentName": "Imagenes_Cerebrales",
    "MRAcquisitionType": "2D",
    "MagneticFieldStrength": 3,
    "Manufacturer": "Philips",
    "ManufacturersModelName": "Ingenia",
    "Modality": "MR",
    "PartialFourier": 0.5,
    "PatientPosition": "HFS",
    "PercentPhaseFOV": 100,
    "PhaseEncodingAxis": "j",
    "PhaseEncodingDirection": "j-",
    "PhaseEncodingSteps": 70,
    "PhilipsRescaleIntercept": 0,
    "PhilipsRescaleSlope": 0.797314,
    "PhilipsScaleSlope": 0.0254052,
    "PixelBandwidth": 1819,
    "ProcedureStepDescription": "PROTOCOLO_EDUARDO_TMS",
    "ProtocolName": "WIP_FE_EPI_32chSHC_AP",
    "ReconMatrixPE": 80,
    "RepetitionTime": 2,
    "SAR": 0.119138,
    "ScanOptions": "FS",
    "ScanningSequence": "GR",
    "SequenceVariant": "SK",
    "SeriesDescription": "FE_EPI_32chSHC_AP",
    "SeriesNumber": 301,
    "SliceThickness": 3.33,
    "SliceTiming": [
      0.0,
      1.027027,
      0.054054,
      1.081081,
      0.108108,
      1.135135,
      0.162162,
      1.189189,
      0.216216,
      1.243244,
      0.27027,
      1.297298,
      0.324324,
      1.351352,
      0.378378,
      1.405406,
      0.432432,
      1.45946,
      0.486486,
      1.513514,
      0.540541,
      1.567568,
      0.594595,
      1.621622,
      0.648649,
      1.675676,
      0.702703,
      1.72973,
      0.756757,
      1.783784,
      0.810811,
      1.837838,
      0.864865,
      1.891892,
      0.918919,
      1.945947,
      0.972973
    ],
    "SoftwareVersions": "5.3.1_5.3.1.0",
    "SpacingBetweenSlices": 3.33,
    "StationName": "PHILIPS-CTMFQSD",
    "TaskName": "rest",
    "TotalReadoutTime": 0.04884,
    "UsePhilipsFloatNotDisplayScaling": 1,
    "dataset": "ds003037",
    "modality": "bold",
    "session_id": "t1",
    "subject_id": "050",
    "task_id": "rest"
  },
  "dummy_trs": 0,
  "dvars_nstd": 27.004531956220713,
  "dvars_std": 1.0177744944147153,
  "dvars_vstd": 0.9177051667892973,
  "efc": 0.40084772591621914,
  "fber": 151622.453125,
  "fd_mean": 0.31082491197134565,
  "fd_num": 154,
  "fd_perc": 51.333333333333336,
  "fwhm_avg": 1.920202215726927,
  "fwhm_x": 1.91507,
  "fwhm_y": 2.074596666666667,
  "fwhm_z": 1.7709399805141137,
  "gcor": 0.0272009,
  "gsr_x": -0.012402522377669811,
  "gsr_y": 0.013154175132513046,
  "provenance": {
    "md5sum": "b71691d09817c44e0f38c56e30f642a5",
    "settings": {
      "fd_thres": 0.2,
      "testing": false
    },
    "software": "mriqc",
    "version": "22.0.6",
    "webapi_port": null,
    "webapi_url": "https://mriqc.nimh.nih.gov/api/v1"
  },
  "size_t": 300,
  "size_x": 80,
  "size_y": 80,
  "size_z": 37,
  "snr": 5.130102801633828,
  "spacing_tr": 2.0000016689300537,
  "spacing_x": 3.0,
  "spacing_y": 3.0,
  "spacing_z": 3.3299999237060547,
  "summary_bg_k": 217.59455371777344,
  "summary_bg_mad": 163.10376532800868,
  "summary_bg_mean": 1189.9813232421875,
  "summary_bg_median": 136.21084594726562,
  "summary_bg_n": 165697.0,
  "summary_bg_p05": 11.615641403198245,
  "summary_bg_p95": 5763.207617187484,
  "summary_bg_stdv": 3725.247314453125,
  "summary_fg_k": 2.3602773615714776,
  "summary_fg_mad": 9188.137678442667,
  "summary_fg_mean": 57176.484375,
  "summary_fg_median": 55930.0625,
  "summary_fg_n": 31065.0,
  "summary_fg_p05": 42070.69453125,
  "summary_fg_p95": 76443.3359375,
  "summary_fg_stdv": 10902.15234375,
  "tsnr": 37.165382385253906
}