{
  "bids_meta": {
    "AcquisitionMatrixPE": 240,
    "AcquisitionNumber": 4,
    "AcquisitionTime": "10:01:11.150000",
    "BodyPartExamined": "BRAIN",
    "CoilString": "MULTI_COIL",
    "ConversionSoftware": "dcm2niix",
    "ConversionSoftwareVersion": "v1.0.20190410  (JP2:OpenJPEG) GCC6.3.0",
    "Dcm2bidsVersion": "2.1.4",
    "DeviceSerialNumber": "42451",
    "EchoTime": 0.0035,
    "EchoTrainLength": 240,
    "FlipAngle": 8,
    "ImageOrientationPatientDICOM": [
      0.0229576,
      0.999703,
      0.00820155,
      0.0463934,
      0.00712954,
      -0.998898
    ],
    "ImageType": [
      "ORIGINAL",
      "PRIMARY",
      "M",
      "FFE",
      "M",
      "FFE"
    ],
    "ImagingFrequency": 127.76,
    "InPlanePhaseEncodingDirectionDICOM": "ROW",
    "InstitutionAddress": "Calzada_Mexico_Xochimilco_No.101_Tlalpan",
    "InstitutionName": "I.N._Psiquiatria",
    "InstitutionalDepartmentName": "Imagenes_Cerebrales",
    "MRAcquisitionType": "3D",
    "MagneticFieldStrength": 3,
    "Manufacturer": "Philips",
    "ManufacturersModelName": "Ingenia",
    "Modality": "MR",
    "PatientPosition": "HFS",
    "PercentPhaseFOV": 100,
    "PhaseEncodingSteps": 240,
    "PhilipsRescaleIntercept": 0,
    "PhilipsRescaleSlope": 7.29524,
    "PhilipsScaleSlope": 0.005653,
    "PixelBandwidth": 310,
    "ProcedureStepDescription": "EDUARDO_TMS",
    "ProtocolName": "WIP_sT1W_3D_TFE_32_channel",
    "ReconMatrixPE": 240,
    "RepetitionTime": 0.007,
    "SAR": 0.0382114,
    "ScanOptions": "OTHER",
    "ScanningSequence": "GR",
    "SequenceVariant": "MP",
    "SeriesDescription": "sT1W_3D_TFE_32_channel",
    "SeriesNumber": 401,
    "SliceThickness": 1,
    "SoftwareVersions": "5.3.1_5.3.1.0",
    "SpacingBetweenSlices": 1,
    "StationName": "PHILIPS-CTMFQSD",
    "UsePhilipsFloatNotDisplayScaling": 1,
    "dataset": "ds003037",
    "modality": "T1w",
    "session_id": "t1",
    "subject_id": "025"
  },
  "cjv": 0.33157797707581665,
  "cnr": 4.031094334163974,
  "efc": 0.7340136292846174,
  "fber": 11391.205773635984,
  "fwhm_avg": 4.757976666666667,
  "fwhm_x": 4.58508,
  "fwhm_y": 5.05027,
  "fwhm_z": 4.63858,
  "icvs_csf": 0.22200407164006053,
  "icvs_gm": 0.39834282372543817,
  "icvs_wm": 0.3796531046345013,
  "inu_med": 0.4264339804649353,
  "inu_range": 0.17185960412025458,
  "provenance": {
    "md5sum": "5269ab41fe08f2dbccc50899352d231a",
    "settings": {
      "testing": false
    },
    "software": "mriqc",
    "version": "22.0.6",
    "warnings": {
      "large_rot_frame": true,
      "small_air_mask": false
    },
    "webapi_port": null,
    "webapi_url": "https://mriqc.nimh.nih.gov/api/v1"
  },
  "qi_1": 3.553118379541144e-05,
  "qi_2": 0.00012191193294342018,
  "rpve_csf": 19.331813382332495,
  "rpve_gm": 10.714999333185618,
  "rpve_wm": 13.153468158545852,
  "size_x": 180,
  "size_y": 240,
  "size_z": 240,
  "snr_csf": 3.0770128655597224,
  "snr_gm": 13.368018353250042,
  "snr_total": 14.89314125760948,
  "snr_wm": 28.23439255401868,
  "snrd_csf": 41.04067391383929,
  "snrd_gm": 100.30562280259643,
  "snrd_total": 92.57341692744694,
  "snrd_wm": 136.37395406590508,
  "spacing_x": 1.0,
  "spacing_y": 1.0,
  "spacing_z": 1.0,
  "summary_bg_k": 16.86485805286024,
  "summary_bg_mad": 0.0,
  "summary_bg_mean": 2.0763593962215747,
  "summary_bg_median": 0.0,
  "summary_bg_n": 381289.0,
  "summary_bg_p05": 0.0,
  "summary_bg_p95": 11.753112841397524,
  "summary_bg_stdv": 4.803970243014637,
  "summary_csf_k": 1.562841404824546,
  "summary_csf_mad": 71.94572797196798,
  "summary_csf_mean": 304.0187815018903,
  "summary_csf_median": 300.9421797282994,
  "summary_csf_n": 68762.0,
  "summary_csf_p05": 117.55876865889879,
  "summary_csf_p95": 471.0618784837425,
  "summary_csf_stdv": 97.80264320641986,
  "summary_gm_k": 0.23795518210712263,
  "summary_gm_mad": 54.09292474564012,
  "summary_gm_mean": 737.0187494343883,
  "summary_gm_median": 735.5189349129796,
  "summary_gm_n": 39334.0,
  "summary_gm_p05": 649.4015457294881,
  "summary_gm_p95": 829.4801449058577,
  "summary_gm_stdv": 55.02009091842965,
  "summary_wm_k": 0.6062152396538663,
  "summary_wm_mad": 33.60318052380674,
  "summary_wm_mean": 1001.0724999182103,
  "summary_wm_median": 1000.0000263378024,
  "summary_wm_n": 273368.0,
  "summary_wm_p05": 945.1762014068663,
  "summary_wm_p95": 1060.8326001651585,
  "summary_wm_stdv": 35.41773372267687,
  "tpm_overlap_csf": 0.16699585257072036,
  "tpm_overlap_gm": 0.45390473624518746,
  "tpm_overlap_wm": 0.5198453018582613,
  "wm2max": 0.8759711139650925
}