{
  "aor": 0.0017664333333333334,
  "aqi": 0.0095990202,
  "bids_meta": {
    "AcquisitionMatrixPE": 70,
    "AcquisitionTime": "08:41:9.080000",
    "CoilString": "MULTI_COIL",
    "ConversionSoftware": "dcm2niix",
    "ConversionSoftwareVersion": "v1.0.20190410  (JP2:OpenJPEG) GCC6.3.0",
    "Dcm2bidsVersion": "2.1.4",
    "DeviceSerialNumber": "42451",
    "EchoTime": 0.03,
    "EchoTrainLength": 35,
    "EffectiveEchoSpacing": 0.000576,
    "FlipAngle": 75,
    "ImageOrientationPatientDICOM": [
      1,
      9.37665e-05,
      9.26274e-05,
      -9.3769e-05,
      1,
      2.68008e-05
    ],
    "ImageType": [
      "ORIGINAL",
      "PRIMARY",
      "M",
      "FFE",
      "M",
      "FFE"
    ],
    "ImagingFrequency": 127.765,
    "InPlanePhaseEncodingDirectionDICOM": "COL",
    "InstitutionAddress": "Calzada_Mexico_Xochimilco_No.101_Tlalpan",
    "InstitutionName": "I.N._Psiquiatria",
    "InstitutionalDepartmentName": "Imagenes_Cerebrales",
    "MagneticFieldStrength": 3,
    "Manufacturer": "Philips",
    "ManufacturersModelName": "Ingenia",
    "Modality": "MR",
    "PartialFourier": 0.5,
    "PatientPosition": "HFS",
    "PercentPhaseFOV": 100,
    "PhaseEncodingAxis": "j",
    "PhaseEncodingDirection": "j-",
    "PhaseEncodingSteps": 70,
    "PhilipsRescaleIntercept": 0,
    "PhilipsRescaleSlope": 0.757753,
    "PhilipsScaleSlope": 0.075926,
    "PixelBandwidth": 2308,
    "ProcedureStepDescription": "EDUARDO_TMS",
    "ProtocolName": "WIP_FE_EPI_32chSHC_AP_SENSE",
    "ReconMatrixPE": 80,
    "RepetitionTime": 2,
    "SAR": 0.126697,
    "ScanOptions": "FS",
    "ScanningSequence": "GR",
    "SequenceVariant": "SK",
    "SeriesDescription": "FE_EPI_32chSHC_AP",
    "SeriesNumber": 401,
    "SliceThickness": 3.3,
    "SliceTiming": [
      0.0,
      1.025641,
      0.051282,
      1.076923,
      0.102564,
      1.128205,
      0.153846,
      1.179487,
      0.205128,
      1.230769,
      0.25641,
      1.282052,
      0.307692,
      1.333334,
      0.358974,
      1.384616,
      0.410256,
      1.435898,
      0.461538,
      1.48718,
      0.51282,
      1.538462,
      0.564102,
      1.589744,
      0.615385,
      1.641026,
      0.666667,
      1.692308,
      0.717949,
      1.74359,
      0.769231,
      1.794873,
      0.820513,
      1.846155,
      0.871795,
      1.897437,
      0.923077,
      1.948719,
      0.974359
    ],
    "SoftwareVersions": "2.6.3_5.1.7.2",
    "SpacingBetweenSlices": 3.3,
    "StationName": "INGENIA",
    "TaskName": "rest",
    "TotalReadoutTime": 0.04033,
    "UsePhilipsFloatNotDisplayScaling": 1,
    "dataset": "ds003037",
    "modality": "bold",
    "session_id": "t0",
    "subject_id": "001",
    "task_id": "rest"
  },
  "dummy_trs": 0,
  "dvars_nstd": 31.903410748695638,
  "dvars_std": 1.4368578213043468,
  "dvars_vstd": 1.0068022437458197,
  "efc": 0.4375930234876796,
  "fber": 143985.5,
  "fd_mean": 0.19273270008238583,
  "fd_num": 118,
  "fd_perc": 39.333333333333336,
  "fwhm_avg": 1.9981282917890557,
  "fwhm_x": 1.9764466666666667,
  "fwhm_y": 2.15752,
  "fwhm_z": 1.860418208700501,
  "gcor": 0.0445273,
  "gsr_x": -0.008888955228030682,
  "gsr_y": 0.02299521490931511,
  "provenance": {
    "md5sum": "0e42fdbe164bf70efddb14ec28fa757b",
    "settings": {
      "fd_thres": 0.2,
      "testing": false
    },
    "software": "mriqc",
    "version": "22.0.6",
    "webapi_port": null,
    "webapi_url": "https://mriqc.nimh.nih.gov/api/v1"
  },
  "size_t": 300,
  "size_x": 80,
  "size_y": 80,
  "size_z": 39,
  "snr": 6.0876421638444835,
  "spacing_tr": 1.9999991655349731,
  "spacing_x": 3.0,
  "spacing_y": 3.0,
  "spacing_z": 3.299999952316284,
  "summary_bg_k": 52.3425207415606,
  "summary_bg_mad": 73.36340026586711,
  "summary_bg_mean": 803.521728515625,
  "summary_bg_median": 61.98920822143555,
  "summary_bg_n": 171471.0,
  "summary_bg_p05": 7.398990869522095,
  "summary_bg_p95": 4275.650390625,
  "summary_bg_stdv": 1996.8121337890625,
  "summary_fg_k": 1.3718582567828,
  "summary_fg_mad": 3572.052057573278,
  "summary_fg_mean": 24021.904296875,
  "summary_fg_median": 24011.521484375,
  "summary_fg_n": 35120.0,
  "summary_fg_p05": 17465.390625,
  "summary_fg_p95": 30123.81630859375,
  "summary_fg_stdv": 3944.24951171875,
  "tsnr": 69.34317016601562
}