{
  "aor": 0.003464133333333333,
  "aqi": 0.012718752366666667,
  "bids_meta": {
    "AcquisitionMatrixPE": 70,
    "AcquisitionNumber": 3,
    "AcquisitionTime": "11:12:40.400000",
    "BodyPartExamined": "BRAIN",
    "CoilString": "MULTI_COIL",
    "ConversionSoftware": "dcm2niix",
    "ConversionSoftwareVersion": "v1.0.20190410  (JP2:OpenJPEG) GCC6.3.0",
    "Dcm2bidsVersion": "2.1.4",
    "DeviceSerialNumber": "42451",
    "EchoTime": 0.03,
    "EchoTrainLength": 35,
    "EffectiveEchoSpacing": 0.000698,
    "FlipAngle": 75,
    "ImageOrientationPatientDICOM": [
      1,
      -4.15692e-05,
      0.000585143,
      4.30813e-05,
      0.999997,
      -0.0025844
    ],
    "ImageType": [
      "ORIGINAL",
      "PRIMARY",
      "M",
      "FFE",
      "M",
      "FFE"
    ],
    "ImagingFrequency": 127.759,
    "InPlanePhaseEncodingDirectionDICOM": "COL",
    "InstitutionAddress": "Calzada_Mexico_Xochimilco_No.101_Tlalpan",
    "InstitutionName": "I.N._Psiquiatria",
    "InstitutionalDepartmentName": "Imagenes_Cerebrales",
    "MRAcquisitionType": "2D",
    "MagneticFieldStrength": 3,
    "Manufacturer": "Philips",
    "ManufacturersModelName": "Ingenia",
    "Modality": "MR",
    "PartialFourier": 0.5,
    "PatientPosition": "HFS",
    "PercentPhaseFOV": 100,
    "PhaseEncodingAxis": "j",
    "PhaseEncodingDirection": "j-",
    "PhaseEncodingSteps": 70,
    "PhilipsRescaleIntercept": 0,
    "PhilipsRescaleSlope": 0.792918,
    "PhilipsScaleSlope": 0.0228311,
    "PixelBandwidth": 1819,
    "ProcedureStepDescription": "PROTOCOLO_EDUARDO_TMS",
    "ProtocolName": "WIP_FE_EPI_32chSHC_AP",
    "ReconMatrixPE": 80,
    "RepetitionTime": 2,
    "SAR": 0.119138,
    "ScanOptions": "FS",
    "ScanningSequence": "GR",
    "SequenceVariant": "SK",
    "SeriesDescription": "FE_EPI_32chSHC_AP",
    "SeriesNumber": 301,
    "SliceThickness": 3.33,
    "SliceTiming": [
      0.0,
      1.027027,
      0.054054,
      1.081081,
      0.108108,
      1.135135,
      0.162162,
      1.189189,
      0.216216,
      1.243244,
      0.27027,
      1.297298,
      0.324324,
      1.351352,
      0.378378,
      1.405406,
      0.432432,
      1.45946,
      0.486486,
      1.513514,
      0.540541,
      1.567568,
      0.594595,
      1.621622,
      0.648649,
      1.675676,
      0.702703,
      1.72973,
      0.756757,
      1.783784,
      0.810811,
      1.837838,
      0.864865,
      1.891892,
      0.918919,
      1.945947,
      0.972973
    ],
    "SoftwareVersions": "5.3.1_5.3.1.0",
    "SpacingBetweenSlices": 3.33,
    "StationName": "PHILIPS-CTMFQSD",
    "TaskName": "rest",
    "TotalReadoutTime": 0.04884,
    "UsePhilipsFloatNotDisplayScaling": 1,
    "dataset": "ds003037",
    "modality": "bold",
    "session_id": "t0",
    "subject_id": "053",
    "task_id": "rest"
  },
  "dummy_trs": 0,
  "dvars_nstd": 30.192828009498353,
  "dvars_std": 1.1323496517725737,
  "dvars_vstd": 0.9600004993645487,
  "efc": 0.42278175054650646,
  "fber": 72617.03125,
  "fd_mean": 0.1928503479711539,
  "fd_num": 89,
  "fd_perc": 29.666666666666668,
  "fwhm_avg": 1.9079556889464975,
  "fwhm_x": 1.8744666666666667,
  "fwhm_y": 2.1117066666666666,
  "fwhm_z": 1.7376937335061595,
  "gcor": 0.0256503,
  "gsr_x": -0.01004284992814064,
  "gsr_y": 0.014150441624224186,
  "provenance": {
    "md5sum": "4f6a0fd81f8b63ee51bd33c55fa85159",
    "settings": {
      "fd_thres": 0.2,
      "testing": false
    },
    "software": "mriqc",
    "version": "22.0.6",
    "webapi_port": null,
    "webapi_url": "https://mriqc.nimh.nih.gov/api/v1"
  },
  "size_t": 300,
  "size_x": 80,
  "size_y": 80,
  "size_z": 37,
  "snr": 4.249010473100473,
  "spacing_tr": 2.0000016689300537,
  "spacing_x": 3.0,
  "spacing_y": 3.0,
  "spacing_z": 3.3299999237060547,
  "summary_bg_k": 59.70989668180264,
  "summary_bg_mad": 232.1812060797638,
  "summary_bg_mean": 1331.4542236328125,
  "summary_bg_median": 205.3417510986328,
  "summary_bg_n": 160129.0,
  "summary_bg_p05": 18.526717376708984,
  "summary_bg_p95": 5940.16015625,
  "summary_bg_stdv": 3739.8388671875,
  "summary_fg_k": 3.0808405031988952,
  "summary_fg_mad": 10767.161163885376,
  "summary_fg_mean": 58809.62109375,
  "summary_fg_median": 57312.203125,
  "summary_fg_n": 35688.0,
  "summary_fg_p05": 40009.2724609375,
  "summary_fg_p95": 83066.89375,
  "summary_fg_stdv": 13488.17578125,
  "tsnr": 42.346012115478516
}