{
  "aor": 0.002427633333333334,
  "aqi": 0.014265570766666666,
  "bids_meta": {
    "AcquisitionMatrixPE": 70,
    "AcquisitionTime": "12:08:25.700000",
    "CoilString": "MULTI_COIL",
    "ConversionSoftware": "dcm2niix",
    "ConversionSoftwareVersion": "v1.0.20190410  (JP2:OpenJPEG) GCC6.3.0",
    "Dcm2bidsVersion": "2.1.4",
    "DeviceSerialNumber": "42451",
    "EchoTime": 0.03,
    "EchoTrainLength": 35,
    "EffectiveEchoSpacing": 0.000698,
    "FlipAngle": 75,
    "ImageOrientationPatientDICOM": [
      0.999997,
      -0.000977146,
      -0.00228876,
      0.000637517,
      0.989586,
      -0.143945
    ],
    "ImageType": [
      "ORIGINAL",
      "PRIMARY",
      "M",
      "FFE",
      "M",
      "FFE"
    ],
    "ImagingFrequency": 127.766,
    "InPlanePhaseEncodingDirectionDICOM": "COL",
    "InstitutionAddress": "Calzada_Mexico_Xochimilco_No.101_Tlalpan",
    "InstitutionName": "I.N._Psiquiatria",
    "InstitutionalDepartmentName": "Imagenes_Cerebrales",
    "MagneticFieldStrength": 3,
    "Manufacturer": "Philips",
    "ManufacturersModelName": "Ingenia",
    "Modality": "MR",
    "PartialFourier": 0.5,
    "PatientPosition": "HFS",
    "PercentPhaseFOV": 100,
    "PhaseEncodingAxis": "j",
    "PhaseEncodingDirection": "j-",
    "PhaseEncodingSteps": 70,
    "PhilipsRescaleIntercept": 0,
    "PhilipsRescaleSlope": 0.879365,
    "PhilipsScaleSlope": 0.0504186,
    "PixelBandwidth": 1819,
    "ProcedureStepDescription": "EDUARDO_TMS",
    "ProtocolName": "WIP_FE_EPI_32chSHC_AP_SENSE",
    "ReconMatrixPE": 80,
    "RepetitionTime": 2,
    "SAR": 0.119952,
    "ScanOptions": "FS",
    "ScanningSequence": "GR",
    "SequenceVariant": "SK",
    "SeriesDescription": "FE_EPI_32chSHC_AP",
    "SeriesNumber": 301,
    "SliceThickness": 3.33,
    "SliceTiming": [
      0.0,
      1.027027,
      0.054054,
      1.081081,
      0.108108,
      1.135135,
      0.162162,
      1.189189,
      0.216216,
      1.243244,
      0.27027,
      1.297298,
      0.324324,
      1.351352,
      0.378378,
      1.405406,
      0.432432,
      1.45946,
      0.486486,
      1.513514,
      0.540541,
      1.567568,
      0.594595,
      1.621622,
      0.648649,
      1.675676,
      0.702703,
      1.72973,
      0.756757,
      1.783784,
      0.810811,
      1.837838,
      0.864865,
      1.891892,
      0.918919,
      1.945947,
      0.972973
    ],
    "SoftwareVersions": "2.6.3_5.1.7.2",
    "SpacingBetweenSlices": 3.33,
    "StationName": "INGENIA",
    "TaskName": "rest",
    "TotalReadoutTime": 0.04884,
    "UsePhilipsFloatNotDisplayScaling": 1,
    "dataset": "ds003037",
    "modality": "bold",
    "session_id": "t1",
    "subject_id": "003",
    "task_id": "rest"
  },
  "dummy_trs": 0,
  "dvars_nstd": 28.602133479899674,
  "dvars_std": 1.1877776193979934,
  "dvars_vstd": 0.9544551568227425,
  "efc": 0.4471930120755858,
  "fber": 192134.25,
  "fd_mean": 0.34427983941346435,
  "fd_num": 228,
  "fd_perc": 76.0,
  "fwhm_avg": 1.98304660084309,
  "fwhm_x": 1.9532366666666665,
  "fwhm_y": 2.1291433333333334,
  "fwhm_z": 1.8667598025292704,
  "gcor": 0.0223344,
  "gsr_x": -0.012964303605258465,
  "gsr_y": 0.02353593334555626,
  "provenance": {
    "md5sum": "9f393d9cd837d3c37d62f8dcfbe6a14f",
    "settings": {
      "fd_thres": 0.2,
      "testing": false
    },
    "software": "mriqc",
    "version": "22.0.6",
    "webapi_port": null,
    "webapi_url": "https://mriqc.nimh.nih.gov/api/v1"
  },
  "size_t": 300,
  "size_x": 80,
  "size_y": 80,
  "size_z": 37,
  "snr": 5.271839407046024,
  "spacing_tr": 1.9999995231628418,
  "spacing_x": 3.0,
  "spacing_y": 3.0,
  "spacing_z": 3.3299999237060547,
  "summary_bg_k": 173.03764711735263,
  "summary_bg_mad": 67.30088251563072,
  "summary_bg_mean": 572.045654296875,
  "summary_bg_median": 55.68466567993164,
  "summary_bg_n": 154516.0,
  "summary_bg_p05": 3.666517913341522,
  "summary_bg_p95": 2843.1663818359375,
  "summary_bg_stdv": 1908.27197265625,
  "summary_fg_k": 2.3127766938864296,
  "summary_fg_mad": 4019.0653135750913,
  "summary_fg_mean": 25380.646484375,
  "summary_fg_median": 25166.634765625,
  "summary_fg_n": 39953.0,
  "summary_fg_p05": 18155.506640625,
  "summary_fg_p95": 33271.2640625,
  "summary_fg_stdv": 4773.7265625,
  "tsnr": 50.049503326416016
}