{
  "bids_meta": {
    "AcquisitionMatrixPE": 240,
    "AcquisitionNumber": 4,
    "AcquisitionTime": "13:49:16.770000",
    "BodyPartExamined": "BRAIN",
    "CoilString": "MULTI_COIL",
    "ConversionSoftware": "dcm2niix",
    "ConversionSoftwareVersion": "v1.0.20190410  (JP2:OpenJPEG) GCC6.3.0",
    "Dcm2bidsVersion": "2.1.4",
    "DeviceSerialNumber": "42451",
    "EchoTime": 0.0035,
    "EchoTrainLength": 240,
    "FlipAngle": 8,
    "ImageOrientationPatientDICOM": [
      -0.0392988,
      0.999204,
      0.00684701,
      -0.00250742,
      0.00675367,
      -0.999974
    ],
    "ImageType": [
      "ORIGINAL",
      "PRIMARY",
      "M",
      "FFE",
      "M",
      "FFE"
    ],
    "ImagingFrequency": 127.759,
    "InPlanePhaseEncodingDirectionDICOM": "ROW",
    "InstitutionAddress": "Calzada_Mexico_Xochimilco_No.101_Tlalpan",
    "InstitutionName": "I.N._Psiquiatria",
    "InstitutionalDepartmentName": "Imagenes_Cerebrales",
    "MRAcquisitionType": "3D",
    "MagneticFieldStrength": 3,
    "Manufacturer": "Philips",
    "ManufacturersModelName": "Ingenia",
    "Modality": "MR",
    "PatientPosition": "HFS",
    "PercentPhaseFOV": 100,
    "PhaseEncodingSteps": 240,
    "PhilipsRescaleIntercept": 0,
    "PhilipsRescaleSlope": 15.7372,
    "PhilipsScaleSlope": 0.00554268,
    "PixelBandwidth": 310,
    "ProcedureStepDescription": "EDUARDO_TMS",
    "ProtocolName": "WIP_sT1W_3D_TFE_32_channel",
    "ReconMatrixPE": 240,
    "RepetitionTime": 0.007,
    "SAR": 0.0382114,
    "ScanOptions": "OTHER",
    "ScanningSequence": "GR",
    "SequenceVariant": "MP",
    "SeriesDescription": "sT1W_3D_TFE_32_channel",
    "SeriesNumber": 401,
    "SliceThickness": 1,
    "SoftwareVersions": "5.3.1_5.3.1.0",
    "SpacingBetweenSlices": 1,
    "StationName": "PHILIPS-CTMFQSD",
    "UsePhilipsFloatNotDisplayScaling": 1,
    "dataset": "ds003037",
    "modality": "T1w",
    "session_id": "t5",
    "subject_id": "001"
  },
  "cjv": 0.30599550449926227,
  "cnr": 4.31878736894946,
  "efc": 0.732788575429422,
  "fber": -1.0,
  "fwhm_avg": 4.55236,
  "fwhm_x": 4.48733,
  "fwhm_y": 4.88402,
  "fwhm_z": 4.28573,
  "icvs_csf": 0.18017078526342079,
  "icvs_gm": 0.4691906029796866,
  "icvs_wm": 0.3506386117568926,
  "inu_med": 0.43475770950317383,
  "inu_range": 0.2018497973680496,
  "provenance": {
    "md5sum": "4640dd4f07b8c46a6bb0f86fbf2a1018",
    "settings": {
      "testing": false
    },
    "software": "mriqc",
    "version": "22.0.6",
    "warnings": {
      "large_rot_frame": true,
      "small_air_mask": false
    },
    "webapi_port": null,
    "webapi_url": "https://mriqc.nimh.nih.gov/api/v1"
  },
  "qi_1": 0.0,
  "qi_2": 4.597600375893819e-06,
  "rpve_csf": 24.92142827759266,
  "rpve_gm": 10.594649512484644,
  "rpve_wm": 15.549160852689745,
  "size_x": 180,
  "size_y": 240,
  "size_z": 240,
  "snr_csf": 2.2714493585070685,
  "snr_gm": 15.427795503594442,
  "snr_total": 15.532245663032745,
  "snr_wm": 28.897492126996724,
  "snrd_csf": 34.29921426928337,
  "snrd_gm": 80.27377948055299,
  "snrd_total": 74.22219551239704,
  "snrd_wm": 108.09359278735475,
  "spacing_x": 1.0,
  "spacing_y": 1.0,
  "spacing_z": 1.0,
  "summary_bg_k": 63.17228995596008,
  "summary_bg_mad": 0.0,
  "summary_bg_mean": 2.203605760182333,
  "summary_bg_median": 0.0,
  "summary_bg_n": 398756.0,
  "summary_bg_p05": 0.0,
  "summary_bg_p95": 14.073240542784333,
  "summary_bg_stdv": 6.06082533702994,
  "summary_csf_k": -0.24952921845636666,
  "summary_csf_mad": 134.936996917805,
  "summary_csf_mean": 295.8632239501053,
  "summary_csf_median": 317.31032939627767,
  "summary_csf_n": 29549.0,
  "summary_csf_p05": 57.91275966167451,
  "summary_csf_p95": 506.3966895416377,
  "summary_csf_stdv": 139.69272919938487,
  "summary_gm_k": 0.32509781411423244,
  "summary_gm_mad": 46.51082975332197,
  "summary_gm_mean": 742.7404544796752,
  "summary_gm_median": 742.6321550365537,
  "summary_gm_n": 70023.0,
  "summary_gm_p05": 663.7670148722827,
  "summary_gm_p95": 821.3723108265549,
  "summary_gm_stdv": 48.13564271522442,
  "summary_wm_k": 0.6583278463043647,
  "summary_wm_mad": 32.24256723935467,
  "summary_wm_mean": 1000.5191140524969,
  "summary_wm_median": 999.9999785330147,
  "summary_wm_n": 212037.0,
  "summary_wm_p05": 944.8068788554519,
  "summary_wm_p95": 1058.0927156936377,
  "summary_wm_stdv": 34.604996726240095,
  "tpm_overlap_csf": 0.13507474624919363,
  "tpm_overlap_gm": 0.4718289709073049,
  "tpm_overlap_wm": 0.5006918157988672,
  "wm2max": 0.8707907874143732
}