{
  "bids_meta": {
    "AcquisitionMatrixPE": 240,
    "AcquisitionNumber": 6,
    "AcquisitionTime": "12:09:32.990000",
    "BodyPartExamined": "BRAIN",
    "CoilString": "MULTI_COIL",
    "ConversionSoftware": "dcm2niix",
    "ConversionSoftwareVersion": "v1.0.20190410  (JP2:OpenJPEG) GCC6.3.0",
    "Dcm2bidsVersion": "2.1.4",
    "DeviceSerialNumber": "42451",
    "EchoTime": 0.0035,
    "EchoTrainLength": 240,
    "FlipAngle": 8,
    "ImageOrientationPatientDICOM": [
      -0.0042116,
      0.999942,
      0.00988462,
      -0.00362181,
      0.00986939,
      -0.999945
    ],
    "ImageType": [
      "ORIGINAL",
      "PRIMARY",
      "M",
      "FFE",
      "M",
      "FFE"
    ],
    "ImagingFrequency": 127.76,
    "InPlanePhaseEncodingDirectionDICOM": "ROW",
    "InstitutionAddress": "Calzada_Mexico_Xochimilco_No.101_Tlalpan",
    "InstitutionName": "I.N._Psiquiatria",
    "InstitutionalDepartmentName": "Imagenes_Cerebrales",
    "MRAcquisitionType": "3D",
    "MagneticFieldStrength": 3,
    "Manufacturer": "Philips",
    "ManufacturersModelName": "Ingenia",
    "Modality": "MR",
    "PatientPosition": "HFS",
    "PercentPhaseFOV": 100,
    "PhaseEncodingSteps": 240,
    "PhilipsRescaleIntercept": 0,
    "PhilipsRescaleSlope": 75.7985,
    "PhilipsScaleSlope": 0.00566802,
    "PixelBandwidth": 310,
    "ProcedureStepDescription": "EDUARDO_TMS",
    "ProtocolName": "sT1W_3D_TFE_32_channel",
    "ReconMatrixPE": 240,
    "RepetitionTime": 0.007,
    "SAR": 0.0382114,
    "ScanOptions": "OTHER",
    "ScanningSequence": "GR",
    "SequenceVariant": "MP",
    "SeriesDescription": "sT1W_3D_TFE_32_channel",
    "SeriesNumber": 601,
    "SliceThickness": 1,
    "SoftwareVersions": "5.3.1_5.3.1.1",
    "SpacingBetweenSlices": 1,
    "StationName": "PHILIPS-CTMFQSD",
    "UsePhilipsFloatNotDisplayScaling": 1,
    "dataset": "ds003037",
    "modality": "T1w",
    "session_id": "t0",
    "subject_id": "018"
  },
  "cjv": 0.33182113910123556,
  "cnr": 3.9785262118772278,
  "efc": 0.743595534752106,
  "fber": -1.0,
  "fwhm_avg": 4.594336666666667,
  "fwhm_x": 4.52129,
  "fwhm_y": 4.93684,
  "fwhm_z": 4.32488,
  "icvs_csf": 0.24113947041293687,
  "icvs_gm": 0.41841744203800574,
  "icvs_wm": 0.3404430875490574,
  "inu_med": 0.4622389078140259,
  "inu_range": 0.1929804861545562,
  "provenance": {
    "md5sum": "cd943cde4c76b0eb910de26e149b51c4",
    "settings": {
      "testing": false
    },
    "software": "mriqc",
    "version": "22.0.6",
    "warnings": {
      "large_rot_frame": true,
      "small_air_mask": false
    },
    "webapi_port": null,
    "webapi_url": "https://mriqc.nimh.nih.gov/api/v1"
  },
  "qi_1": 0.0,
  "qi_2": 0.00012485274785840108,
  "rpve_csf": 21.603097962308475,
  "rpve_gm": 12.435289556613967,
  "rpve_wm": 17.421823674480127,
  "size_x": 180,
  "size_y": 240,
  "size_z": 240,
  "snr_csf": 2.69294495338051,
  "snr_gm": 12.568088112385636,
  "snr_total": 15.001779694004354,
  "snr_wm": 29.744306016246913,
  "snrd_csf": 44.45128470388527,
  "snrd_gm": 116.57971109883476,
  "snrd_total": 106.76727132853655,
  "snrd_wm": 159.27081818288963,
  "spacing_x": 1.0,
  "spacing_y": 1.0,
  "spacing_z": 1.0,
  "summary_bg_k": 25.09021212528271,
  "summary_bg_mad": 0.0,
  "summary_bg_mean": 1.416353252113268,
  "summary_bg_median": 0.0,
  "summary_bg_n": 306476.0,
  "summary_bg_p05": 0.0,
  "summary_bg_p95": 9.783112866804004,
  "summary_bg_stdv": 4.1134491077816495,
  "summary_csf_k": 0.9850278846271765,
  "summary_csf_mad": 80.13626397380253,
  "summary_csf_mean": 286.878930399598,
  "summary_csf_median": 279.0992797911167,
  "summary_csf_n": 63480.0,
  "summary_csf_p05": 96.7088763192296,
  "summary_csf_p95": 466.29585093073547,
  "summary_csf_stdv": 103.64009895842568,
  "summary_gm_k": 0.19259039507352727,
  "summary_gm_mad": 57.04124950877301,
  "summary_gm_mean": 732.1352242212399,
  "summary_gm_median": 731.97689611651,
  "summary_gm_n": 47767.0,
  "summary_gm_p05": 637.1538916790857,
  "summary_gm_p95": 827.1487746536732,
  "summary_gm_stdv": 58.24030095741775,
  "summary_wm_k": 0.47388727153379717,
  "summary_wm_mad": 31.902588501419018,
  "summary_wm_mean": 1000.187751299582,
  "summary_wm_median": 1000.0244299508631,
  "summary_wm_n": 185877.0,
  "summary_wm_p05": 945.1072552297264,
  "summary_wm_p95": 1055.405143685639,
  "summary_wm_stdv": 33.62061092917808,
  "tpm_overlap_csf": 0.14888236384343984,
  "tpm_overlap_gm": 0.4547664775635354,
  "tpm_overlap_wm": 0.4984467699365309,
  "wm2max": 0.87919866157608
}