{
  "bids_meta": {
    "AcquisitionMatrixPE": 240,
    "AcquisitionNumber": 4,
    "AcquisitionTime": "12:35:3.550000",
    "BodyPartExamined": "BRAIN",
    "CoilString": "MULTI_COIL",
    "ConversionSoftware": "dcm2niix",
    "ConversionSoftwareVersion": "v1.0.20190410  (JP2:OpenJPEG) GCC6.3.0",
    "Dcm2bidsVersion": "2.1.4",
    "DeviceSerialNumber": "42451",
    "EchoTime": 0.0035,
    "EchoTrainLength": 240,
    "FlipAngle": 8,
    "ImageOrientationPatientDICOM": [
      -0.0042116,
      0.99999,
      0.00145695,
      -0.00362181,
      0.0014417,
      -0.999992
    ],
    "ImageType": [
      "ORIGINAL",
      "PRIMARY",
      "M",
      "FFE",
      "M",
      "FFE"
    ],
    "ImagingFrequency": 127.76,
    "InPlanePhaseEncodingDirectionDICOM": "ROW",
    "InstitutionAddress": "Calzada_Mexico_Xochimilco_No.101_Tlalpan",
    "InstitutionName": "I.N._Psiquiatria",
    "InstitutionalDepartmentName": "Imagenes_Cerebrales",
    "MRAcquisitionType": "3D",
    "MagneticFieldStrength": 3,
    "Manufacturer": "Philips",
    "ManufacturersModelName": "Ingenia",
    "Modality": "MR",
    "PatientPosition": "HFS",
    "PercentPhaseFOV": 100,
    "PhaseEncodingSteps": 240,
    "PhilipsRescaleIntercept": 0,
    "PhilipsRescaleSlope": 3.45812,
    "PhilipsScaleSlope": 0.00585848,
    "PixelBandwidth": 310,
    "ProtocolName": "sT1W_3D_TFE_32_channel",
    "ReconMatrixPE": 240,
    "RepetitionTime": 0.007,
    "SAR": 0.0382114,
    "ScanOptions": "OTHER",
    "ScanningSequence": "GR",
    "SequenceVariant": "MP",
    "SeriesDescription": "sT1W_3D_TFE_32_channel",
    "SeriesNumber": 401,
    "SliceThickness": 1,
    "SoftwareVersions": "5.3.1_5.3.1.0",
    "SpacingBetweenSlices": 1,
    "StationName": "PHILIPS-CTMFQSD",
    "UsePhilipsFloatNotDisplayScaling": 1,
    "dataset": "ds003037",
    "modality": "T1w",
    "session_id": "t3",
    "subject_id": "008"
  },
  "cjv": 0.33528442359202876,
  "cnr": 4.025822004381362,
  "efc": 0.7171764311235806,
  "fber": -1.0,
  "fwhm_avg": 4.40121,
  "fwhm_x": 4.31086,
  "fwhm_y": 4.76985,
  "fwhm_z": 4.12292,
  "icvs_csf": 0.15500294925235253,
  "icvs_gm": 0.45794804167291925,
  "icvs_wm": 0.3870490090747282,
  "inu_med": 0.4202950745820999,
  "inu_range": 0.177218995988369,
  "provenance": {
    "md5sum": "51506c3ad02db216834c7d00dcae327c",
    "settings": {
      "testing": false
    },
    "software": "mriqc",
    "version": "22.0.6",
    "warnings": {
      "large_rot_frame": true,
      "small_air_mask": false
    },
    "webapi_port": null,
    "webapi_url": "https://mriqc.nimh.nih.gov/api/v1"
  },
  "qi_1": 0.0,
  "qi_2": 0.00011031329571217081,
  "rpve_csf": 29.639006476251826,
  "rpve_gm": 11.565493416292867,
  "rpve_wm": 15.277982042212232,
  "size_x": 180,
  "size_y": 240,
  "size_z": 240,
  "snr_csf": 2.4891253049440003,
  "snr_gm": 14.760255909072887,
  "snr_total": 14.8723230178367,
  "snr_wm": 27.36758783949322,
  "snrd_csf": 32.41894877996281,
  "snrd_gm": 71.24947171658896,
  "snrd_total": 66.34320245134926,
  "snrd_wm": 95.361186857496,
  "spacing_x": 1.0,
  "spacing_y": 1.0,
  "spacing_z": 1.0,
  "summary_bg_k": 11.898505365189559,
  "summary_bg_mad": 0.0,
  "summary_bg_mean": 3.216703517765426,
  "summary_bg_median": 0.0,
  "summary_bg_n": 453524.0,
  "summary_bg_p05": 0.0,
  "summary_bg_p95": 17.627344669774175,
  "summary_bg_stdv": 6.870053128104042,
  "summary_csf_k": 0.3346665383509597,
  "summary_csf_mad": 117.45280810100012,
  "summary_csf_mean": 328.101026632212,
  "summary_csf_median": 339.9595877677202,
  "summary_csf_n": 16640.0,
  "summary_csf_p05": 89.05774571187794,
  "summary_csf_p95": 549.597069565393,
  "summary_csf_stdv": 136.57382848793432,
  "summary_gm_k": 0.15764120520656633,
  "summary_gm_mad": 50.448000895956774,
  "summary_gm_mean": 747.9168301851319,
  "summary_gm_median": 747.1538080349565,
  "summary_gm_n": 66832.0,
  "summary_gm_p05": 666.6922710444778,
  "summary_gm_p95": 831.7343617044389,
  "summary_gm_stdv": 50.61892035109689,
  "summary_wm_k": 0.6797396767654416,
  "summary_wm_mad": 34.3273991058954,
  "summary_wm_mean": 1002.0572141933197,
  "summary_wm_median": 1000.0000306349248,
  "summary_wm_n": 233045.0,
  "summary_wm_p05": 945.9411347173154,
  "summary_wm_p95": 1065.6484579537064,
  "summary_wm_stdv": 36.53949668450929,
  "tpm_overlap_csf": 0.12542984187385872,
  "tpm_overlap_gm": 0.4572650455709861,
  "tpm_overlap_wm": 0.5081863363102467,
  "wm2max": 0.7564298496658662
}