{
  "bids_meta": {
    "AcquisitionMatrixPE": 240,
    "AcquisitionNumber": 5,
    "AcquisitionTime": "10:45:4.300000",
    "BodyPartExamined": "BRAIN",
    "CoilString": "MULTI_COIL",
    "ConversionSoftware": "dcm2niix",
    "ConversionSoftwareVersion": "v1.0.20190410  (JP2:OpenJPEG) GCC6.3.0",
    "Dcm2bidsVersion": "2.1.4",
    "DeviceSerialNumber": "42451",
    "EchoTime": 0.0035,
    "EchoTrainLength": 240,
    "FlipAngle": 8,
    "ImageOrientationPatientDICOM": [
      -0.00200333,
      0.999997,
      0.00140796,
      0.000552852,
      0.00140908,
      -0.999999
    ],
    "ImageType": [
      "ORIGINAL",
      "PRIMARY",
      "M",
      "FFE",
      "M",
      "FFE"
    ],
    "ImagingFrequency": 127.759,
    "InPlanePhaseEncodingDirectionDICOM": "ROW",
    "InstitutionAddress": "Calzada_Mexico_Xochimilco_No.101_Tlalpan",
    "InstitutionName": "I.N._Psiquiatria",
    "InstitutionalDepartmentName": "Imagenes_Cerebrales",
    "MRAcquisitionType": "3D",
    "MagneticFieldStrength": 3,
    "Manufacturer": "Philips",
    "ManufacturersModelName": "Ingenia",
    "Modality": "MR",
    "PatientPosition": "HFS",
    "PercentPhaseFOV": 100,
    "PhaseEncodingSteps": 240,
    "PhilipsRescaleIntercept": 0,
    "PhilipsRescaleSlope": 4.0188,
    "PhilipsScaleSlope": 0.00580155,
    "PixelBandwidth": 310,
    "ProcedureStepDescription": "PROTOCOLO_TMS",
    "ProtocolName": "WIP_sT1W_3D_TFE_32_channel",
    "ReconMatrixPE": 240,
    "RepetitionTime": 0.007,
    "SAR": 0.0382114,
    "ScanOptions": "OTHER",
    "ScanningSequence": "GR",
    "SequenceVariant": "MP",
    "SeriesDescription": "sT1W_3D_TFE_32_channel",
    "SeriesNumber": 501,
    "SliceThickness": 1,
    "SoftwareVersions": "5.3.1_5.3.1.0",
    "SpacingBetweenSlices": 1,
    "StationName": "PHILIPS-CTMFQSD",
    "UsePhilipsFloatNotDisplayScaling": 1,
    "dataset": "ds003037",
    "modality": "T1w",
    "session_id": "t4",
    "subject_id": "032"
  },
  "cjv": 0.40249726831215143,
  "cnr": 3.335026206980239,
  "efc": 0.7385425965420469,
  "fber": -1.0,
  "fwhm_avg": 4.6586,
  "fwhm_x": 4.41172,
  "fwhm_y": 5.10062,
  "fwhm_z": 4.46346,
  "icvs_csf": 0.2524909250057873,
  "icvs_gm": 0.3666999535341002,
  "icvs_wm": 0.38080912146011253,
  "inu_med": 0.4476286321878433,
  "inu_range": 0.18287385851144788,
  "provenance": {
    "md5sum": "e83fe14b40fa717f656c7a17a872a63a",
    "settings": {
      "testing": false
    },
    "software": "mriqc",
    "version": "22.0.6",
    "warnings": {
      "large_rot_frame": true,
      "small_air_mask": false
    },
    "webapi_port": null,
    "webapi_url": "https://mriqc.nimh.nih.gov/api/v1"
  },
  "qi_1": 0.0,
  "qi_2": 1.8380113693305638e-05,
  "rpve_csf": 19.920668252398436,
  "rpve_gm": 12.695517945376825,
  "rpve_wm": 14.815880071908454,
  "size_x": 180,
  "size_y": 240,
  "size_z": 240,
  "snr_csf": 3.085504289609643,
  "snr_gm": 13.467084954372675,
  "snr_total": 13.215346671850243,
  "snr_wm": 23.093450771568417,
  "snrd_csf": 19.02090368880317,
  "snrd_gm": 45.649070331401425,
  "snrd_total": 41.57813190113347,
  "snrd_wm": 60.0644216831958,
  "spacing_x": 1.0,
  "spacing_y": 1.0,
  "spacing_z": 1.0,
  "summary_bg_k": 22.005464663847185,
  "summary_bg_mad": 0.0,
  "summary_bg_mean": 4.449696613583604,
  "summary_bg_median": 0.0,
  "summary_bg_n": 337792.0,
  "summary_bg_p05": 0.0,
  "summary_bg_p95": 28.165794014930725,
  "summary_bg_stdv": 10.90747828988657,
  "summary_csf_k": 0.6311068807484244,
  "summary_csf_mad": 91.51656288130833,
  "summary_csf_mean": 322.6599822865478,
  "summary_csf_median": 316.68228790163994,
  "summary_csf_n": 71101.0,
  "summary_csf_p05": 159.48423624038696,
  "summary_csf_p95": 502.50337049365044,
  "summary_csf_stdv": 102.6347822530128,
  "summary_gm_k": 0.2959530822670917,
  "summary_gm_mad": 54.53709247260189,
  "summary_gm_mean": 758.6178618638331,
  "summary_gm_median": 760.0192014873028,
  "summary_gm_n": 16811.0,
  "summary_gm_p05": 663.1764227151871,
  "summary_gm_p95": 848.6545776203275,
  "summary_gm_stdv": 56.43363793335601,
  "summary_wm_k": 0.3686772400986098,
  "summary_wm_mad": 42.06372390211246,
  "summary_wm_mean": 1000.8524977728889,
  "summary_wm_median": 1000.0228586047888,
  "summary_wm_n": 210443.0,
  "summary_wm_p05": 932.168900296092,
  "summary_wm_p95": 1073.4093835949898,
  "summary_wm_stdv": 43.30320715163781,
  "tpm_overlap_csf": 0.16508446980739075,
  "tpm_overlap_gm": 0.44162425562685764,
  "tpm_overlap_wm": 0.5168053158797224,
  "wm2max": 0.8971797764331864
}