{
  "bids_meta": {
    "AcquisitionMatrixPE": 240,
    "AcquisitionNumber": 5,
    "AcquisitionTime": "10:01:51.580000",
    "BodyPartExamined": "BRAIN",
    "CoilString": "MULTI_COIL",
    "ConversionSoftware": "dcm2niix",
    "ConversionSoftwareVersion": "v1.0.20190410  (JP2:OpenJPEG) GCC6.3.0",
    "Dcm2bidsVersion": "2.1.4",
    "DeviceSerialNumber": "42451",
    "EchoTime": 0.0035,
    "EchoTrainLength": 240,
    "FlipAngle": 8,
    "ImageOrientationPatientDICOM": [
      -0.0042116,
      0.999934,
      -0.0107015,
      -0.00362181,
      -0.0107168,
      -0.999936
    ],
    "ImageType": [
      "ORIGINAL",
      "PRIMARY",
      "M",
      "FFE",
      "M",
      "FFE"
    ],
    "ImagingFrequency": 127.759,
    "InPlanePhaseEncodingDirectionDICOM": "ROW",
    "InstitutionAddress": "Calzada_Mexico_Xochimilco_No.101_Tlalpan",
    "InstitutionName": "I.N._Psiquiatria",
    "InstitutionalDepartmentName": "Imagenes_Cerebrales",
    "MRAcquisitionType": "3D",
    "MagneticFieldStrength": 3,
    "Manufacturer": "Philips",
    "ManufacturersModelName": "Ingenia",
    "Modality": "MR",
    "PatientPosition": "HFS",
    "PercentPhaseFOV": 100,
    "PhaseEncodingSteps": 240,
    "PhilipsRescaleIntercept": 0,
    "PhilipsRescaleSlope": 3.8337,
    "PhilipsScaleSlope": 0.00620081,
    "PixelBandwidth": 310,
    "ProcedureStepDescription": "EDUARDO_TMS",
    "ProtocolName": "WIP_sT1W_3D_TFE_32_channel",
    "ReconMatrixPE": 240,
    "RepetitionTime": 0.007,
    "SAR": 0.0382114,
    "ScanOptions": "OTHER",
    "ScanningSequence": "GR",
    "SequenceVariant": "MP",
    "SeriesDescription": "sT1W_3D_TFE_32_channel",
    "SeriesNumber": 501,
    "SliceThickness": 1,
    "SoftwareVersions": "5.3.1_5.3.1.0",
    "SpacingBetweenSlices": 1,
    "StationName": "PHILIPS-CTMFQSD",
    "UsePhilipsFloatNotDisplayScaling": 1,
    "dataset": "ds003037",
    "modality": "T1w",
    "session_id": "t0",
    "subject_id": "027"
  },
  "cjv": 0.3636571479353363,
  "cnr": 3.7218106169264553,
  "efc": 0.7231407288833573,
  "fber": 33511.28196597353,
  "fwhm_avg": 4.48466,
  "fwhm_x": 4.46462,
  "fwhm_y": 4.66171,
  "fwhm_z": 4.32765,
  "icvs_csf": 0.23291587838975802,
  "icvs_gm": 0.40590049385673804,
  "icvs_wm": 0.36118362775350393,
  "inu_med": 0.397182360291481,
  "inu_range": 0.12627573311328893,
  "provenance": {
    "md5sum": "8bed72f6ad4fe0ba50ce84724e233cbf",
    "settings": {
      "testing": false
    },
    "software": "mriqc",
    "version": "22.0.6",
    "warnings": {
      "large_rot_frame": true,
      "small_air_mask": false
    },
    "webapi_port": null,
    "webapi_url": "https://mriqc.nimh.nih.gov/api/v1"
  },
  "qi_1": 0.0,
  "qi_2": 7.032930393770142e-05,
  "rpve_csf": 22.975036134258847,
  "rpve_gm": 13.045335669355898,
  "rpve_wm": 17.13105056708731,
  "size_x": 180,
  "size_y": 240,
  "size_z": 240,
  "snr_csf": 3.0595633749297306,
  "snr_gm": 13.735419079758087,
  "snr_total": 15.546162229186294,
  "snr_wm": 29.843504232871062,
  "snrd_csf": 38.15178352504838,
  "snrd_gm": 94.04923874813375,
  "snrd_total": 85.38517550732745,
  "snrd_wm": 123.95450424880023,
  "spacing_x": 1.0,
  "spacing_y": 1.0,
  "spacing_z": 1.0,
  "summary_bg_k": 180.36185929619157,
  "summary_bg_mad": 0.0,
  "summary_bg_mean": 2.175695199137072,
  "summary_bg_median": 0.0,
  "summary_bg_n": 392198.0,
  "summary_bg_p05": 0.0,
  "summary_bg_p95": 12.290883846580982,
  "summary_bg_stdv": 5.2854173664829025,
  "summary_csf_k": 1.8032441516460436,
  "summary_csf_mad": 76.09577535101268,
  "summary_csf_mean": 314.8798066829167,
  "summary_csf_median": 307.79559677280486,
  "summary_csf_n": 55480.0,
  "summary_csf_p05": 142.27608488257977,
  "summary_csf_p95": 492.54692774852725,
  "summary_csf_stdv": 100.60024425362799,
  "summary_gm_k": 0.0695190538837207,
  "summary_gm_mad": 55.477363493155146,
  "summary_gm_mean": 757.3407949529377,
  "summary_gm_median": 758.757229462266,
  "summary_gm_n": 35875.0,
  "summary_gm_p05": 665.0961423721164,
  "summary_gm_p95": 845.4079605806619,
  "summary_gm_stdv": 55.24015321040236,
  "summary_wm_k": 0.3714671102874574,
  "summary_wm_mad": 32.26055930623863,
  "summary_wm_mean": 1000.7954861913521,
  "summary_wm_median": 1000.0227271914482,
  "summary_wm_n": 193397.0,
  "summary_wm_p05": 947.3312529232353,
  "summary_wm_p95": 1057.3574242461473,
  "summary_wm_stdv": 33.50880426006963,
  "tpm_overlap_csf": 0.13713879351687513,
  "tpm_overlap_gm": 0.43505381423624245,
  "tpm_overlap_wm": 0.47893972925753175,
  "wm2max": 0.839996168243974
}