{
  "bids_meta": {
    "AcquisitionMatrixPE": 240,
    "AcquisitionNumber": 4,
    "AcquisitionTime": "09:00:46.080000",
    "BodyPartExamined": "BRAIN",
    "CoilString": "MULTI_COIL",
    "ConversionSoftware": "dcm2niix",
    "ConversionSoftwareVersion": "v1.0.20190410  (JP2:OpenJPEG) GCC6.3.0",
    "Dcm2bidsVersion": "2.1.4",
    "DeviceSerialNumber": "42451",
    "EchoTime": 0.0035,
    "EchoTrainLength": 240,
    "FlipAngle": 8,
    "ImageOrientationPatientDICOM": [
      -0.0139866,
      0.999879,
      0.00684701,
      -0.00233562,
      0.00681499,
      -0.999974
    ],
    "ImageType": [
      "ORIGINAL",
      "PRIMARY",
      "M",
      "FFE",
      "M",
      "FFE"
    ],
    "ImagingFrequency": 127.76,
    "InPlanePhaseEncodingDirectionDICOM": "ROW",
    "InstitutionAddress": "Calzada_Mexico_Xochimilco_No.101_Tlalpan",
    "InstitutionName": "I.N._Psiquiatria",
    "InstitutionalDepartmentName": "Imagenes_Cerebrales",
    "MRAcquisitionType": "3D",
    "MagneticFieldStrength": 3,
    "Manufacturer": "Philips",
    "ManufacturersModelName": "Ingenia",
    "Modality": "MR",
    "PatientPosition": "HFS",
    "PercentPhaseFOV": 100,
    "PhaseEncodingSteps": 240,
    "PhilipsRescaleIntercept": 0,
    "PhilipsRescaleSlope": 4.55433,
    "PhilipsScaleSlope": 0.00594469,
    "PixelBandwidth": 310,
    "ProcedureStepDescription": "EDUARDO_TMS",
    "ProtocolName": "WIP_sT1W_3D_TFE_32_channel",
    "ReconMatrixPE": 240,
    "RepetitionTime": 0.007,
    "SAR": 0.0382114,
    "ScanOptions": "OTHER",
    "ScanningSequence": "GR",
    "SequenceVariant": "MP",
    "SeriesDescription": "sT1W_3D_TFE_32_channel",
    "SeriesNumber": 401,
    "SliceThickness": 1,
    "SoftwareVersions": "5.3.1_5.3.1.0",
    "SpacingBetweenSlices": 1,
    "StationName": "PHILIPS-CTMFQSD",
    "UsePhilipsFloatNotDisplayScaling": 1,
    "dataset": "ds003037",
    "modality": "T1w",
    "session_id": "t4",
    "subject_id": "002"
  },
  "cjv": 0.3700042589775314,
  "cnr": 3.592252143317812,
  "efc": 0.7013767032540493,
  "fber": -1.0,
  "fwhm_avg": 4.817426666666666,
  "fwhm_x": 4.7799,
  "fwhm_y": 4.93579,
  "fwhm_z": 4.73659,
  "icvs_csf": 0.23362008020972544,
  "icvs_gm": 0.40155064434834076,
  "icvs_wm": 0.36482927544193383,
  "inu_med": 0.39817970991134644,
  "inu_range": 0.14183743298053741,
  "provenance": {
    "md5sum": "5533e684cf20a529149e85ddb346e038",
    "settings": {
      "testing": false
    },
    "software": "mriqc",
    "version": "22.0.6",
    "warnings": {
      "large_rot_frame": true,
      "small_air_mask": false
    },
    "webapi_port": null,
    "webapi_url": "https://mriqc.nimh.nih.gov/api/v1"
  },
  "qi_1": 0.0,
  "qi_2": 0.00011776485377379766,
  "rpve_csf": 25.338947373598028,
  "rpve_gm": 14.643275614781937,
  "rpve_wm": 19.000857458971048,
  "size_x": 180,
  "size_y": 240,
  "size_z": 240,
  "snr_csf": 3.089924285610382,
  "snr_gm": 15.499674791265731,
  "snr_total": 16.235481487924805,
  "snr_wm": 30.116845386898298,
  "snrd_csf": 16.59745149994401,
  "snrd_gm": 44.43098547022004,
  "snrd_total": 39.34020598352985,
  "snrd_wm": 56.99218098042551,
  "spacing_x": 1.0,
  "spacing_y": 1.0,
  "spacing_z": 1.0,
  "summary_bg_k": 1911.264215310299,
  "summary_bg_mad": 0.0,
  "summary_bg_mean": 4.136187142975874,
  "summary_bg_median": 0.0,
  "summary_bg_n": 419386.0,
  "summary_bg_p05": 0.0,
  "summary_bg_p95": 21.281706292182207,
  "summary_bg_stdv": 11.49547398259451,
  "summary_csf_k": 1.4864241852073947,
  "summary_csf_mad": 79.3971376000144,
  "summary_csf_mean": 306.11860273860356,
  "summary_csf_median": 291.23030241485685,
  "summary_csf_n": 46700.0,
  "summary_csf_p05": 179.04496467486024,
  "summary_csf_p95": 482.1783704227767,
  "summary_csf_stdv": 94.25058913480122,
  "summary_gm_k": 0.14894780066864266,
  "summary_gm_mad": 50.213036113936,
  "summary_gm_mean": 778.1530033071951,
  "summary_gm_median": 779.6166378390044,
  "summary_gm_n": 31440.0,
  "summary_gm_p05": 693.9349510276691,
  "summary_gm_p95": 857.5386686484329,
  "summary_gm_stdv": 50.2981030089938,
  "summary_wm_k": 0.8409041878090879,
  "summary_wm_mad": 31.338632468272113,
  "summary_wm_mean": 1001.2391933430241,
  "summary_wm_median": 1000.0240158718079,
  "summary_wm_n": 182627.0,
  "summary_wm_p05": 949.2938085477799,
  "summary_wm_p95": 1056.951379204169,
  "summary_wm_stdv": 33.20471533902893,
  "tpm_overlap_csf": 0.1539299184218206,
  "tpm_overlap_gm": 0.4632280127362635,
  "tpm_overlap_wm": 0.5223394492652718,
  "wm2max": 0.8002960209113678
}