{
  "aor": 0.007389866666666667,
  "aqi": 0.026274978966666664,
  "bids_meta": {
    "AcquisitionMatrixPE": 70,
    "AcquisitionNumber": 3,
    "AcquisitionTime": "09:20:43.730000",
    "BodyPartExamined": "BRAIN",
    "CoilString": "MULTI_COIL",
    "ConversionSoftware": "dcm2niix",
    "ConversionSoftwareVersion": "v1.0.20190410  (JP2:OpenJPEG) GCC6.3.0",
    "Dcm2bidsVersion": "2.1.4",
    "DeviceSerialNumber": "42451",
    "EchoTime": 0.03,
    "EchoTrainLength": 35,
    "EffectiveEchoSpacing": 0.000698,
    "FlipAngle": 75,
    "ImageOrientationPatientDICOM": [
      0.999998,
      0.00205696,
      0.000573616,
      -0.00205792,
      0.999996,
      0.00167671
    ],
    "ImageType": [
      "ORIGINAL",
      "PRIMARY",
      "M",
      "FFE",
      "M",
      "FFE"
    ],
    "ImagingFrequency": 127.759,
    "InPlanePhaseEncodingDirectionDICOM": "COL",
    "InstitutionAddress": "Calzada_Mexico_Xochimilco_No.101_Tlalpan",
    "InstitutionName": "I.N._Psiquiatria",
    "InstitutionalDepartmentName": "Imagenes_Cerebrales",
    "MRAcquisitionType": "2D",
    "MagneticFieldStrength": 3,
    "Manufacturer": "Philips",
    "ManufacturersModelName": "Ingenia",
    "Modality": "MR",
    "PartialFourier": 0.5,
    "PatientPosition": "HFS",
    "PercentPhaseFOV": 100,
    "PhaseEncodingAxis": "j",
    "PhaseEncodingDirection": "j-",
    "PhaseEncodingSteps": 70,
    "PhilipsRescaleIntercept": 0,
    "PhilipsRescaleSlope": 0.798779,
    "PhilipsScaleSlope": 0.0239654,
    "PixelBandwidth": 1819,
    "ProcedureStepDescription": "PROTOCOLO_EDUARDO_TMS",
    "ProtocolName": "WIP_FE_EPI_32chSHC_AP",
    "ReconMatrixPE": 80,
    "RepetitionTime": 2,
    "SAR": 0.119138,
    "ScanOptions": "FS",
    "ScanningSequence": "GR",
    "SequenceVariant": "SK",
    "SeriesDescription": "FE_EPI_32chSHC_AP",
    "SeriesNumber": 301,
    "SliceThickness": 3.33,
    "SliceTiming": [
      0.0,
      1.027027,
      0.054054,
      1.081081,
      0.108108,
      1.135135,
      0.162162,
      1.189189,
      0.216216,
      1.243244,
      0.27027,
      1.297298,
      0.324324,
      1.351352,
      0.378378,
      1.405406,
      0.432432,
      1.45946,
      0.486486,
      1.513514,
      0.540541,
      1.567568,
      0.594595,
      1.621622,
      0.648649,
      1.675676,
      0.702703,
      1.72973,
      0.756757,
      1.783784,
      0.810811,
      1.837838,
      0.864865,
      1.891892,
      0.918919,
      1.945947,
      0.972973
    ],
    "SoftwareVersions": "5.3.1_5.3.1.0",
    "SpacingBetweenSlices": 3.33,
    "StationName": "PHILIPS-CTMFQSD",
    "TaskName": "rest",
    "TotalReadoutTime": 0.04884,
    "UsePhilipsFloatNotDisplayScaling": 1,
    "dataset": "ds003037",
    "modality": "bold",
    "session_id": "t1",
    "subject_id": "053",
    "task_id": "rest"
  },
  "dummy_trs": 0,
  "dvars_nstd": 36.287189834448135,
  "dvars_std": 1.1392080342474926,
  "dvars_vstd": 0.9388052624749165,
  "efc": 0.4268740584947916,
  "fber": 88571.78125,
  "fd_mean": 0.25172488372225127,
  "fd_num": 120,
  "fd_perc": 40.0,
  "fwhm_avg": 1.940248421879307,
  "fwhm_x": 1.8916466666666667,
  "fwhm_y": 2.1652066666666667,
  "fwhm_z": 1.763891932304587,
  "gcor": 0.0241299,
  "gsr_x": -0.01254609227180481,
  "gsr_y": 0.019128719344735146,
  "provenance": {
    "md5sum": "a3755d82a506bd39300ff91d5363773c",
    "settings": {
      "fd_thres": 0.2,
      "testing": false
    },
    "software": "mriqc",
    "version": "22.0.6",
    "webapi_port": null,
    "webapi_url": "https://mriqc.nimh.nih.gov/api/v1"
  },
  "size_t": 300,
  "size_x": 80,
  "size_y": 80,
  "size_z": 37,
  "snr": 4.366583911141568,
  "spacing_tr": 2.0000016689300537,
  "spacing_x": 3.0,
  "spacing_y": 3.0,
  "spacing_z": 3.3299999237060547,
  "summary_bg_k": 93.6582911109474,
  "summary_bg_mad": 213.8013138032817,
  "summary_bg_mean": 1389.3544921875,
  "summary_bg_median": 178.48899841308594,
  "summary_bg_n": 159837.0,
  "summary_bg_p05": 14.38283176422119,
  "summary_bg_p95": 6374.550292968726,
  "summary_bg_stdv": 4047.658447265625,
  "summary_fg_k": 3.6967137169031288,
  "summary_fg_mad": 9221.852400376378,
  "summary_fg_mean": 56366.70703125,
  "summary_fg_median": 54684.265625,
  "summary_fg_n": 36014.0,
  "summary_fg_p05": 39656.9033203125,
  "summary_fg_p95": 79049.23085937499,
  "summary_fg_stdv": 12523.177734375,
  "tsnr": 33.20996856689453
}