{
  "bids_meta": {
    "AcquisitionMatrixPE": 240,
    "AcquisitionNumber": 4,
    "AcquisitionTime": "10:38:22.670000",
    "BodyPartExamined": "BRAIN",
    "CoilString": "MULTI_COIL",
    "ConversionSoftware": "dcm2niix",
    "ConversionSoftwareVersion": "v1.0.20190410  (JP2:OpenJPEG) GCC6.3.0",
    "Dcm2bidsVersion": "2.1.4",
    "DeviceSerialNumber": "42451",
    "EchoTime": 0.0035,
    "EchoTrainLength": 240,
    "FlipAngle": 8,
    "ImageOrientationPatientDICOM": [
      -0.0042116,
      0.999876,
      -0.015176,
      -0.00362181,
      -0.0151913,
      -0.999878
    ],
    "ImageType": [
      "ORIGINAL",
      "PRIMARY",
      "M",
      "FFE",
      "M",
      "FFE"
    ],
    "ImagingFrequency": 127.759,
    "InPlanePhaseEncodingDirectionDICOM": "ROW",
    "InstitutionAddress": "Calzada_Mexico_Xochimilco_No.101_Tlalpan",
    "InstitutionName": "I.N._Psiquiatria",
    "InstitutionalDepartmentName": "Imagenes_Cerebrales",
    "MRAcquisitionType": "3D",
    "MagneticFieldStrength": 3,
    "Manufacturer": "Philips",
    "ManufacturersModelName": "Ingenia",
    "Modality": "MR",
    "PatientPosition": "HFS",
    "PercentPhaseFOV": 100,
    "PhaseEncodingSteps": 240,
    "PhilipsRescaleIntercept": 0,
    "PhilipsRescaleSlope": 3.44835,
    "PhilipsScaleSlope": 0.00594596,
    "PixelBandwidth": 310,
    "ProcedureStepDescription": "EDUARDO_TMS",
    "ProtocolName": "WIP_sT1W_3D_TFE_32_channel",
    "ReconMatrixPE": 240,
    "RepetitionTime": 0.007,
    "SAR": 0.0382114,
    "ScanOptions": "OTHER",
    "ScanningSequence": "GR",
    "SequenceVariant": "MP",
    "SeriesDescription": "sT1W_3D_TFE_32_channel",
    "SeriesNumber": 401,
    "SliceThickness": 1,
    "SoftwareVersions": "5.3.1_5.3.1.0",
    "SpacingBetweenSlices": 1,
    "StationName": "PHILIPS-CTMFQSD",
    "UsePhilipsFloatNotDisplayScaling": 1,
    "dataset": "ds003037",
    "modality": "T1w",
    "session_id": "t4",
    "subject_id": "027"
  },
  "cjv": 0.36743387948463563,
  "cnr": 3.6563915777702043,
  "efc": 0.706990753165598,
  "fber": 19039.952156318097,
  "fwhm_avg": 4.601233333333333,
  "fwhm_x": 4.54038,
  "fwhm_y": 4.8213,
  "fwhm_z": 4.44202,
  "icvs_csf": 0.2364400097259051,
  "icvs_gm": 0.4031701060493677,
  "icvs_wm": 0.36038988422472723,
  "inu_med": 0.38603444397449493,
  "inu_range": 0.13728904128074643,
  "provenance": {
    "md5sum": "59ae2d0c2f334126d292f5be1357bea3",
    "settings": {
      "testing": false
    },
    "software": "mriqc",
    "version": "22.0.6",
    "warnings": {
      "large_rot_frame": true,
      "small_air_mask": false
    },
    "webapi_port": null,
    "webapi_url": "https://mriqc.nimh.nih.gov/api/v1"
  },
  "qi_1": 0.0,
  "qi_2": 8.277569894907453e-05,
  "rpve_csf": 22.440743984210595,
  "rpve_gm": 12.959004464709794,
  "rpve_wm": 16.900145895798563,
  "size_x": 180,
  "size_y": 240,
  "size_z": 240,
  "snr_csf": 3.051174056305027,
  "snr_gm": 14.21111126950675,
  "snr_total": 15.90262703818972,
  "snr_wm": 30.44559578875738,
  "snrd_csf": 45.29105090693459,
  "snrd_gm": 109.32497647878968,
  "snrd_total": 98.9807464896395,
  "snrd_wm": 142.3262120831942,
  "spacing_x": 1.0,
  "spacing_y": 1.0,
  "spacing_z": 1.0,
  "summary_bg_k": 12.93537837431563,
  "summary_bg_mad": 0.0,
  "summary_bg_mean": 2.259379014443597,
  "summary_bg_median": 0.0,
  "summary_bg_n": 478168.0,
  "summary_bg_p05": 0.0,
  "summary_bg_p95": 11.564521506428719,
  "summary_bg_stdv": 4.603179253972678,
  "summary_csf_k": 1.2971110926685032,
  "summary_csf_mad": 77.75938328637832,
  "summary_csf_mean": 321.78597466401266,
  "summary_csf_median": 318.2281215414405,
  "summary_csf_n": 61529.0,
  "summary_csf_p05": 117.49451960474254,
  "summary_csf_p95": 500.47377257645127,
  "summary_csf_stdv": 104.29609378470502,
  "summary_gm_k": 0.09652750845022284,
  "summary_gm_mad": 53.81598891845027,
  "summary_gm_mean": 766.9412170725307,
  "summary_gm_median": 768.1491421759129,
  "summary_gm_n": 35850.0,
  "summary_gm_p05": 676.4340807002038,
  "summary_gm_p95": 853.2922949541359,
  "summary_gm_stdv": 54.05196076201759,
  "summary_wm_k": 0.46091247018510373,
  "summary_wm_mad": 31.383218800864686,
  "summary_wm_mean": 1001.2707053399824,
  "summary_wm_median": 1000.0254401341081,
  "summary_wm_n": 195119.0,
  "summary_wm_p05": 949.6917518153787,
  "summary_wm_p95": 1057.111892002076,
  "summary_wm_stdv": 32.84622460553564,
  "tpm_overlap_csf": 0.13259985929469065,
  "tpm_overlap_gm": 0.4307968734029472,
  "tpm_overlap_wm": 0.4776366597265868,
  "wm2max": 0.7921189461256496
}