{
  "bids_meta": {
    "AcquisitionMatrixPE": 240,
    "AcquisitionTime": "11:09:37.460000",
    "CoilString": "MULTI_COIL",
    "ConversionSoftware": "dcm2niix",
    "ConversionSoftwareVersion": "v1.0.20190410  (JP2:OpenJPEG) GCC6.3.0",
    "Dcm2bidsVersion": "2.1.4",
    "DeviceSerialNumber": "42451",
    "EchoTime": 0.003501,
    "EchoTrainLength": 240,
    "FlipAngle": 8,
    "ImageOrientationPatientDICOM": [
      -0.0139662,
      0.999879,
      0.00684701,
      -0.00233548,
      0.00681504,
      -0.999974
    ],
    "ImageType": [
      "ORIGINAL",
      "PRIMARY",
      "M",
      "FFE",
      "M",
      "FFE"
    ],
    "ImagingFrequency": 127.766,
    "InPlanePhaseEncodingDirectionDICOM": "ROW",
    "InstitutionAddress": "Calzada_Mexico_Xochimilco_No.101_Tlalpan",
    "InstitutionName": "I.N._Psiquiatria",
    "InstitutionalDepartmentName": "Imagenes_Cerebrales",
    "MRAcquisitionType": "3D",
    "MagneticFieldStrength": 3,
    "Manufacturer": "Philips",
    "ManufacturersModelName": "Ingenia",
    "Modality": "MR",
    "PatientPosition": "HFS",
    "PercentPhaseFOV": 100,
    "PhaseEncodingSteps": 240,
    "PhilipsRescaleIntercept": 0,
    "PhilipsRescaleSlope": 11.2484,
    "PhilipsScaleSlope": 0.00575588,
    "PixelBandwidth": 310,
    "ProcedureStepDescription": "EDUARDO_TMS",
    "ProtocolName": "WIP_sT1W_3D_TFE_32_channel_SENSE",
    "ReconMatrixPE": 240,
    "RepetitionTime": 0.007,
    "SAR": 0.0382114,
    "ScanOptions": "OTHER",
    "ScanningSequence": "GR",
    "SequenceVariant": "MP",
    "SeriesDescription": "sT1W_3D_TFE_32_channel",
    "SeriesNumber": 401,
    "SliceThickness": 1,
    "SoftwareVersions": "2.6.3_5.1.7.2",
    "SpacingBetweenSlices": 1,
    "StationName": "INGENIA",
    "UsePhilipsFloatNotDisplayScaling": 1,
    "dataset": "ds003037",
    "modality": "T1w",
    "session_id": "t1",
    "subject_id": "001"
  },
  "cjv": 0.30268146702621035,
  "cnr": 4.436256197474767,
  "efc": 0.7859469751301139,
  "fber": -1.0,
  "fwhm_avg": 4.612423333333333,
  "fwhm_x": 4.51788,
  "fwhm_y": 4.95935,
  "fwhm_z": 4.36004,
  "icvs_csf": 0.18239852375242424,
  "icvs_gm": 0.4659155656662592,
  "icvs_wm": 0.35168591058131654,
  "inu_med": 0.4533066153526306,
  "inu_range": 0.18487087488174436,
  "provenance": {
    "md5sum": "b5c7dd562691b626e1eba7276d5e35d1",
    "settings": {
      "testing": false
    },
    "software": "mriqc",
    "version": "22.0.6",
    "warnings": {
      "large_rot_frame": true,
      "small_air_mask": true
    },
    "webapi_port": null,
    "webapi_url": "https://mriqc.nimh.nih.gov/api/v1"
  },
  "qi_1": 0.0,
  "qi_2": 0.00016661500416096522,
  "rpve_csf": 24.628436515511414,
  "rpve_gm": 10.724449338513395,
  "rpve_wm": 15.694834814127756,
  "size_x": 180,
  "size_y": 240,
  "size_z": 240,
  "snr_csf": 2.650323697364127,
  "snr_gm": 14.716151787465865,
  "snr_total": 15.100921579301271,
  "snr_wm": 27.936289253073827,
  "snrd_csf": 77.70083586512604,
  "snrd_gm": 174.72301915310203,
  "snrd_total": 164.06816827967546,
  "snrd_wm": 239.78064982079835,
  "spacing_x": 1.0,
  "spacing_y": 1.0,
  "spacing_z": 1.0,
  "summary_bg_k": 71.14732431243509,
  "summary_bg_mad": 0.0,
  "summary_bg_mean": 0.4738030153055171,
  "summary_bg_median": 0.0,
  "summary_bg_n": 139740.0,
  "summary_bg_p05": 0.0,
  "summary_bg_p95": 0.0,
  "summary_bg_stdv": 2.732232205990205,
  "summary_csf_k": 0.3647627916764713,
  "summary_csf_mad": 99.53026740092544,
  "summary_csf_mean": 310.17466135992873,
  "summary_csf_median": 324.0496577247977,
  "summary_csf_n": 24155.0,
  "summary_csf_p05": 67.39074359834194,
  "summary_csf_p95": 493.0152677007019,
  "summary_csf_stdv": 122.26542375324381,
  "summary_gm_k": 0.2896558092645458,
  "summary_gm_mad": 48.00150030275757,
  "summary_gm_mean": 728.9699516409216,
  "summary_gm_median": 728.6785775572062,
  "summary_gm_n": 62946.0,
  "summary_gm_p05": 648.564792573452,
  "summary_gm_p95": 810.499111995101,
  "summary_gm_stdv": 49.5151721681944,
  "summary_wm_k": 0.4054537422275697,
  "summary_wm_mad": 34.12247225994747,
  "summary_wm_mean": 999.6926628248274,
  "summary_wm_median": 1000.0000210851431,
  "summary_wm_n": 211845.0,
  "summary_wm_p05": 941.1688845977187,
  "summary_wm_p95": 1058.9604567736387,
  "summary_wm_stdv": 35.79565101890125,
  "tpm_overlap_csf": 0.14696635436091046,
  "tpm_overlap_gm": 0.4787269932975152,
  "tpm_overlap_wm": 0.5059851986736846,
  "wm2max": 0.8443231441048035
}