{
  "bids_meta": {
    "AcquisitionMatrixPE": 240,
    "AcquisitionNumber": 5,
    "AcquisitionTime": "11:34:19.100000",
    "BodyPartExamined": "BRAIN",
    "CoilString": "MULTI_COIL",
    "ConversionSoftware": "dcm2niix",
    "ConversionSoftwareVersion": "v1.0.20190410  (JP2:OpenJPEG) GCC6.3.0",
    "Dcm2bidsVersion": "2.1.4",
    "DeviceSerialNumber": "42451",
    "EchoTime": 0.0035,
    "EchoTrainLength": 240,
    "FlipAngle": 8,
    "ImageOrientationPatientDICOM": [
      -0.0042116,
      0.99999,
      0.00173351,
      -0.00362181,
      0.00171826,
      -0.999992
    ],
    "ImageType": [
      "ORIGINAL",
      "PRIMARY",
      "M",
      "FFE",
      "M",
      "FFE"
    ],
    "ImagingFrequency": 127.759,
    "InPlanePhaseEncodingDirectionDICOM": "ROW",
    "InstitutionAddress": "Calzada_Mexico_Xochimilco_No.101_Tlalpan",
    "InstitutionName": "I.N._Psiquiatria",
    "InstitutionalDepartmentName": "Imagenes_Cerebrales",
    "MRAcquisitionType": "3D",
    "MagneticFieldStrength": 3,
    "Manufacturer": "Philips",
    "ManufacturersModelName": "Ingenia",
    "Modality": "MR",
    "PatientPosition": "HFS",
    "PercentPhaseFOV": 100,
    "PhaseEncodingSteps": 240,
    "PhilipsRescaleIntercept": 0,
    "PhilipsRescaleSlope": 3.67179,
    "PhilipsScaleSlope": 0.00594401,
    "PixelBandwidth": 310,
    "ProcedureStepDescription": "EDUARDO_TMS",
    "ProtocolName": "sT1W_3D_TFE_32_channel",
    "ReconMatrixPE": 240,
    "RepetitionTime": 0.007,
    "SAR": 0.0382114,
    "ScanOptions": "OTHER",
    "ScanningSequence": "GR",
    "SequenceVariant": "MP",
    "SeriesDescription": "sT1W_3D_TFE_32_channel",
    "SeriesNumber": 501,
    "SliceThickness": 1,
    "SoftwareVersions": "5.3.1_5.3.1.0",
    "SpacingBetweenSlices": 1,
    "StationName": "PHILIPS-CTMFQSD",
    "UsePhilipsFloatNotDisplayScaling": 1,
    "dataset": "ds003037",
    "modality": "T1w",
    "session_id": "t3",
    "subject_id": "007"
  },
  "cjv": 0.35377238493729457,
  "cnr": 3.821470562121682,
  "efc": 0.7097378245988041,
  "fber": -1.0,
  "fwhm_avg": 4.272949999999999,
  "fwhm_x": 4.03482,
  "fwhm_y": 4.69034,
  "fwhm_z": 4.09369,
  "icvs_csf": 0.20881311898393695,
  "icvs_gm": 0.41962164763597587,
  "icvs_wm": 0.3715652333800872,
  "inu_med": 0.4024242013692856,
  "inu_range": 0.15080081820487973,
  "provenance": {
    "md5sum": "9086d7c00ceb5a4805a3b8e6322fda96",
    "settings": {
      "testing": false
    },
    "software": "mriqc",
    "version": "22.0.6",
    "warnings": {
      "large_rot_frame": true,
      "small_air_mask": false
    },
    "webapi_port": null,
    "webapi_url": "https://mriqc.nimh.nih.gov/api/v1"
  },
  "qi_1": 0.02557838201402558,
  "qi_2": 4.0780225659352884e-05,
  "rpve_csf": 25.452763161145285,
  "rpve_gm": 13.169899790318638,
  "rpve_wm": 17.223413060016554,
  "size_x": 180,
  "size_y": 240,
  "size_z": 240,
  "snr_csf": 3.1586337548818193,
  "snr_gm": 14.36749030423687,
  "snr_total": 15.881754027311999,
  "snr_wm": 30.11913802281731,
  "snrd_csf": 38.38343458349438,
  "snrd_gm": 92.27600524727141,
  "snrd_total": 84.00563276285764,
  "snrd_wm": 121.3574584578071,
  "spacing_x": 1.0,
  "spacing_y": 1.0,
  "spacing_z": 1.0,
  "summary_bg_k": 14.021243789102417,
  "summary_bg_mad": 0.0,
  "summary_bg_mean": 2.1865770864118033,
  "summary_bg_median": 0.0,
  "summary_bg_n": 390872.0,
  "summary_bg_p05": 0.0,
  "summary_bg_p95": 14.10888135433197,
  "summary_bg_stdv": 5.398402521671689,
  "summary_csf_k": 1.2695429381181613,
  "summary_csf_mad": 76.40185563856073,
  "summary_csf_mean": 322.16693100644227,
  "summary_csf_median": 316.28410518169403,
  "summary_csf_n": 37917.0,
  "summary_csf_p05": 153.20274233818054,
  "summary_csf_p95": 502.5213390588759,
  "summary_csf_stdv": 100.13187946295629,
  "summary_gm_k": 0.13410461447151034,
  "summary_gm_mad": 52.70445172081685,
  "summary_gm_mean": 760.1772117812055,
  "summary_gm_median": 760.3653520345688,
  "summary_gm_n": 49784.0,
  "summary_gm_p05": 673.2400052249432,
  "summary_gm_p95": 845.9800630807877,
  "summary_gm_stdv": 52.922096987820744,
  "summary_wm_k": 0.369868953643258,
  "summary_wm_mad": 32.071674475142096,
  "summary_wm_mean": 1001.1300113067584,
  "summary_wm_median": 1000.0000149011612,
  "summary_wm_n": 197411.0,
  "summary_wm_p05": 948.5398530960083,
  "summary_wm_p95": 1057.2767853736877,
  "summary_wm_stdv": 33.20139777418007,
  "tpm_overlap_csf": 0.15919496484576368,
  "tpm_overlap_gm": 0.46429913111954585,
  "tpm_overlap_wm": 0.5097538650127426,
  "wm2max": 0.782210607456429
}