{
  "bids_meta": {
    "AcquisitionMatrixPE": 240,
    "AcquisitionNumber": 4,
    "AcquisitionTime": "07:56:12.920000",
    "BodyPartExamined": "BRAIN",
    "CoilString": "MULTI_COIL",
    "ConversionSoftware": "dcm2niix",
    "ConversionSoftwareVersion": "v1.0.20190410  (JP2:OpenJPEG) GCC6.3.0",
    "Dcm2bidsVersion": "2.1.4",
    "DeviceSerialNumber": "42451",
    "EchoTime": 0.0035,
    "EchoTrainLength": 240,
    "FlipAngle": 8,
    "ImageOrientationPatientDICOM": [
      -8.24926e-05,
      1,
      -0.000628329,
      0.000587846,
      -0.00062828,
      -1
    ],
    "ImageType": [
      "ORIGINAL",
      "PRIMARY",
      "M",
      "FFE",
      "M",
      "FFE"
    ],
    "ImagingFrequency": 127.759,
    "InPlanePhaseEncodingDirectionDICOM": "ROW",
    "InstitutionAddress": "Calzada_Mexico_Xochimilco_No.101_Tlalpan",
    "InstitutionName": "I.N._Psiquiatria",
    "InstitutionalDepartmentName": "Imagenes_Cerebrales",
    "MRAcquisitionType": "3D",
    "MagneticFieldStrength": 3,
    "Manufacturer": "Philips",
    "ManufacturersModelName": "Ingenia",
    "Modality": "MR",
    "PatientPosition": "HFS",
    "PercentPhaseFOV": 100,
    "PhaseEncodingSteps": 240,
    "PhilipsRescaleIntercept": 0,
    "PhilipsRescaleSlope": 21.6691,
    "PhilipsScaleSlope": 0.00570855,
    "PixelBandwidth": 310,
    "ProcedureStepDescription": "PROTOCOLO_EDUARDO_TMS",
    "ProtocolName": "WIP_sT1W_3D_TFE_32_channel",
    "ReconMatrixPE": 240,
    "RepetitionTime": 0.007,
    "SAR": 0.0382114,
    "ScanOptions": "OTHER",
    "ScanningSequence": "GR",
    "SequenceVariant": "MP",
    "SeriesDescription": "sT1W_3D_TFE_32_channel",
    "SeriesNumber": 401,
    "SliceThickness": 1,
    "SoftwareVersions": "5.3.1_5.3.1.0",
    "SpacingBetweenSlices": 1,
    "StationName": "PHILIPS-CTMFQSD",
    "UsePhilipsFloatNotDisplayScaling": 1,
    "dataset": "ds003037",
    "modality": "T1w",
    "session_id": "t1",
    "subject_id": "049"
  },
  "cjv": 0.3469082038380715,
  "cnr": 3.8817973276727433,
  "efc": 0.7173683765898312,
  "fber": -1.0,
  "fwhm_avg": 4.246953333333333,
  "fwhm_x": 4.14621,
  "fwhm_y": 4.52675,
  "fwhm_z": 4.0679,
  "icvs_csf": 0.21215953930395942,
  "icvs_gm": 0.4290551672141945,
  "icvs_wm": 0.35878529348184607,
  "inu_med": 0.40552498400211334,
  "inu_range": 0.15770704299211502,
  "provenance": {
    "md5sum": "43efa878adbd7a884ba4488a66cc0ce6",
    "settings": {
      "testing": false
    },
    "software": "mriqc",
    "version": "22.0.6",
    "warnings": {
      "large_rot_frame": true,
      "small_air_mask": false
    },
    "webapi_port": null,
    "webapi_url": "https://mriqc.nimh.nih.gov/api/v1"
  },
  "qi_1": 0.0466875791657103,
  "qi_2": 4.7385707700310966e-05,
  "rpve_csf": 23.165777506767142,
  "rpve_gm": 11.895692338494705,
  "rpve_wm": 16.3215892149088,
  "size_x": 180,
  "size_y": 240,
  "size_z": 240,
  "snr_csf": 3.272001975974569,
  "snr_gm": 15.388427252497339,
  "snr_total": 15.846087682420004,
  "snr_wm": 28.8778338187881,
  "snrd_csf": 49.73472526019191,
  "snrd_gm": 102.80881774104178,
  "snrd_total": 95.69003584354569,
  "snrd_wm": 134.52656452940337,
  "spacing_x": 1.0,
  "spacing_y": 1.0,
  "spacing_z": 1.0,
  "summary_bg_k": 1754.0102471246657,
  "summary_bg_mad": 0.0,
  "summary_bg_mean": 1.2817816895856728,
  "summary_bg_median": 0.0,
  "summary_bg_n": 373513.0,
  "summary_bg_p05": 0.0,
  "summary_bg_p95": 9.418861087411642,
  "summary_bg_stdv": 4.869940846747975,
  "summary_csf_k": 1.4582674723108529,
  "summary_csf_mad": 79.6247348678395,
  "summary_csf_mean": 361.57707688168455,
  "summary_csf_median": 369.7018972635269,
  "summary_csf_n": 36719.0,
  "summary_csf_p05": 126.64192312825472,
  "summary_csf_p95": 540.5660691721365,
  "summary_csf_stdv": 112.98797058788787,
  "summary_gm_k": 0.3236987786058987,
  "summary_gm_mad": 48.393953330043274,
  "summary_gm_mean": 763.0687924766955,
  "summary_gm_median": 764.2269013337791,
  "summary_gm_n": 27434.0,
  "summary_gm_p05": 681.2585667279549,
  "summary_gm_p95": 842.1610170825385,
  "summary_gm_stdv": 49.661538518820855,
  "summary_wm_k": 0.5991054483784994,
  "summary_wm_mad": 33.397674970484736,
  "summary_wm_mean": 1000.7084908512518,
  "summary_wm_median": 1000.0000176671892,
  "summary_wm_n": 181575.0,
  "summary_wm_p05": 945.4819793533534,
  "summary_wm_p95": 1057.4411508012563,
  "summary_wm_stdv": 34.628541401526235,
  "tpm_overlap_csf": 0.14997005978290304,
  "tpm_overlap_gm": 0.4485667862013525,
  "tpm_overlap_wm": 0.49803378091993805,
  "wm2max": 0.8929237178095297
}