{
  "aor": 0.0024705333333333336,
  "aqi": 0.017259728533333334,
  "bids_meta": {
    "AcquisitionMatrixPE": 70,
    "AcquisitionNumber": 3,
    "AcquisitionTime": "09:00:12.400000",
    "BodyPartExamined": "BRAIN",
    "CoilString": "MULTI_COIL",
    "ConversionSoftware": "dcm2niix",
    "ConversionSoftwareVersion": "v1.0.20190410  (JP2:OpenJPEG) GCC6.3.0",
    "Dcm2bidsVersion": "2.1.4",
    "DeviceSerialNumber": "42451",
    "EchoTime": 0.03,
    "EchoTrainLength": 35,
    "EffectiveEchoSpacing": 0.000698,
    "FlipAngle": 75,
    "ImageOrientationPatientDICOM": [
      0.999369,
      0.0354284,
      0.00237765,
      -0.0354803,
      0.998996,
      0.0273604
    ],
    "ImageType": [
      "ORIGINAL",
      "PRIMARY",
      "M",
      "FFE",
      "M",
      "FFE"
    ],
    "ImagingFrequency": 127.766,
    "InPlanePhaseEncodingDirectionDICOM": "COL",
    "InstitutionAddress": "Calzada_Mexico_Xochimilco_No.101_Tlalpan",
    "InstitutionName": "I.N._Psiquiatria",
    "InstitutionalDepartmentName": "Imagenes_Cerebrales",
    "MRAcquisitionType": "2D",
    "MagneticFieldStrength": 3,
    "Manufacturer": "Philips",
    "ManufacturersModelName": "Ingenia",
    "Modality": "MR",
    "PartialFourier": 0.5,
    "PatientPosition": "HFS",
    "PercentPhaseFOV": 100,
    "PhaseEncodingAxis": "j",
    "PhaseEncodingDirection": "j-",
    "PhaseEncodingSteps": 70,
    "PhilipsRescaleIntercept": 0,
    "PhilipsRescaleSlope": 0.867155,
    "PhilipsScaleSlope": 0.017125,
    "PixelBandwidth": 1819,
    "ProcedureStepDescription": "EDUARDO_TMS",
    "ProtocolName": "FE_EPI_32chSHC_AP",
    "ReconMatrixPE": 80,
    "RepetitionTime": 2,
    "SAR": 0.11996,
    "ScanOptions": "FS",
    "ScanningSequence": "GR",
    "SequenceVariant": "SK",
    "SeriesDescription": "FE_EPI_32chSHC_AP",
    "SeriesNumber": 301,
    "SliceThickness": 3.33,
    "SliceTiming": [
      0.0,
      1.027027,
      0.054054,
      1.081081,
      0.108108,
      1.135135,
      0.162162,
      1.189189,
      0.216216,
      1.243244,
      0.27027,
      1.297298,
      0.324324,
      1.351352,
      0.378378,
      1.405406,
      0.432432,
      1.45946,
      0.486486,
      1.513514,
      0.540541,
      1.567568,
      0.594595,
      1.621622,
      0.648649,
      1.675676,
      0.702703,
      1.72973,
      0.756757,
      1.783784,
      0.810811,
      1.837838,
      0.864865,
      1.891892,
      0.918919,
      1.945947,
      0.972973
    ],
    "SoftwareVersions": "5.3.1_5.3.1.0",
    "SpacingBetweenSlices": 3.33,
    "StationName": "PHILIPS-CTMFQSD",
    "TaskName": "rest",
    "TotalReadoutTime": 0.04884,
    "UsePhilipsFloatNotDisplayScaling": 1,
    "dataset": "ds003037",
    "modality": "bold",
    "session_id": "t3",
    "subject_id": "003",
    "task_id": "rest"
  },
  "dummy_trs": 0,
  "dvars_nstd": 18.824123708026775,
  "dvars_std": 0.9611547712040134,
  "dvars_vstd": 0.8746267161538464,
  "efc": 0.44944540312653564,
  "fber": 75371.5703125,
  "fd_mean": 0.16705746712441266,
  "fd_num": 53,
  "fd_perc": 17.666666666666668,
  "fwhm_avg": 2.210414940696221,
  "fwhm_x": 2.1734666666666667,
  "fwhm_y": 2.39267,
  "fwhm_z": 2.0651081554219965,
  "gcor": 0.0100988,
  "gsr_x": -0.012795043177902699,
  "gsr_y": 0.024484075605869293,
  "provenance": {
    "md5sum": "20cc70dbf9b0496f64c7f6ecd7384fed",
    "settings": {
      "fd_thres": 0.2,
      "testing": false
    },
    "software": "mriqc",
    "version": "22.0.6",
    "webapi_port": null,
    "webapi_url": "https://mriqc.nimh.nih.gov/api/v1"
  },
  "size_t": 300,
  "size_x": 80,
  "size_y": 80,
  "size_z": 37,
  "snr": 4.795247465925102,
  "spacing_tr": 1.9999983310699463,
  "spacing_x": 3.0,
  "spacing_y": 3.0,
  "spacing_z": 3.3299999237060547,
  "summary_bg_k": 127.05659733932069,
  "summary_bg_mad": 308.450653798103,
  "summary_bg_mean": 1783.98388671875,
  "summary_bg_median": 266.0224914550781,
  "summary_bg_n": 154230.0,
  "summary_bg_p05": 21.424094486236573,
  "summary_bg_p95": 8943.057617187485,
  "summary_bg_stdv": 5177.2744140625,
  "summary_fg_k": 1.1947988783764796,
  "summary_fg_mad": 14329.286736292566,
  "summary_fg_mean": 76060.296875,
  "summary_fg_median": 76228.25,
  "summary_fg_n": 39734.0,
  "summary_fg_p05": 50516.9623046875,
  "summary_fg_p95": 101747.71796874999,
  "summary_fg_stdv": 15896.4248046875,
  "tsnr": 43.31055450439453
}