{
  "aor": 0.0007684666666666666,
  "aqi": 0.008012181233333334,
  "bids_meta": {
    "AcquisitionMatrixPE": 70,
    "AcquisitionNumber": 3,
    "AcquisitionTime": "08:55:57.730000",
    "BodyPartExamined": "BRAIN",
    "CoilString": "MULTI_COIL",
    "ConversionSoftware": "dcm2niix",
    "ConversionSoftwareVersion": "v1.0.20190410  (JP2:OpenJPEG) GCC6.3.0",
    "Dcm2bidsVersion": "2.1.4",
    "DeviceSerialNumber": "42451",
    "EchoTime": 0.03,
    "EchoTrainLength": 35,
    "EffectiveEchoSpacing": 0.000698,
    "FlipAngle": 75,
    "ImageOrientationPatientDICOM": [
      0.999959,
      0.000117873,
      0.00901246,
      -0.000137645,
      0.999998,
      0.00219331
    ],
    "ImageType": [
      "ORIGINAL",
      "PRIMARY",
      "M",
      "FFE",
      "M",
      "FFE"
    ],
    "ImagingFrequency": 127.759,
    "InPlanePhaseEncodingDirectionDICOM": "COL",
    "InstitutionAddress": "Calzada_Mexico_Xochimilco_No.101_Tlalpan",
    "InstitutionName": "I.N._Psiquiatria",
    "InstitutionalDepartmentName": "Imagenes_Cerebrales",
    "MRAcquisitionType": "2D",
    "MagneticFieldStrength": 3,
    "Manufacturer": "Philips",
    "ManufacturersModelName": "Ingenia",
    "Modality": "MR",
    "PartialFourier": 0.5,
    "PatientPosition": "HFS",
    "PercentPhaseFOV": 100,
    "PhaseEncodingAxis": "j",
    "PhaseEncodingDirection": "j-",
    "PhaseEncodingSteps": 70,
    "PhilipsRescaleIntercept": 0,
    "PhilipsRescaleSlope": 0.863248,
    "PhilipsScaleSlope": 0.0215105,
    "PixelBandwidth": 1819,
    "ProcedureStepDescription": "PROTOCOLO_EDUARDO_TMS",
    "ProtocolName": "WIP_FE_EPI_32chSHC_AP",
    "ReconMatrixPE": 80,
    "RepetitionTime": 2,
    "SAR": 0.119138,
    "ScanOptions": "FS",
    "ScanningSequence": "GR",
    "SequenceVariant": "SK",
    "SeriesDescription": "FE_EPI_32chSHC_AP",
    "SeriesNumber": 301,
    "SliceThickness": 3.33,
    "SliceTiming": [
      0.0,
      1.027027,
      0.054054,
      1.081081,
      0.108108,
      1.135135,
      0.162162,
      1.189189,
      0.216216,
      1.243244,
      0.27027,
      1.297298,
      0.324324,
      1.351352,
      0.378378,
      1.405406,
      0.432432,
      1.45946,
      0.486486,
      1.513514,
      0.540541,
      1.567568,
      0.594595,
      1.621622,
      0.648649,
      1.675676,
      0.702703,
      1.72973,
      0.756757,
      1.783784,
      0.810811,
      1.837838,
      0.864865,
      1.891892,
      0.918919,
      1.945947,
      0.972973
    ],
    "SoftwareVersions": "5.3.1_5.3.1.0",
    "SpacingBetweenSlices": 3.33,
    "StationName": "PHILIPS-CTMFQSD",
    "TaskName": "rest",
    "TotalReadoutTime": 0.04884,
    "UsePhilipsFloatNotDisplayScaling": 1,
    "dataset": "ds003037",
    "modality": "bold",
    "session_id": "t0",
    "subject_id": "054",
    "task_id": "rest"
  },
  "dummy_trs": 0,
  "dvars_nstd": 27.643274001270903,
  "dvars_std": 1.191219047658863,
  "dvars_vstd": 0.976548586254181,
  "efc": 0.3824662737902351,
  "fber": 154531.3125,
  "fd_mean": 0.1373834065975243,
  "fd_num": 44,
  "fd_perc": 14.666666666666666,
  "fwhm_avg": 1.8238023553636877,
  "fwhm_x": 1.8040033333333334,
  "fwhm_y": 1.9623766666666667,
  "fwhm_z": 1.7050270660910636,
  "gcor": 0.0260828,
  "gsr_x": -0.008695930242538452,
  "gsr_y": 0.0012313304468989372,
  "provenance": {
    "md5sum": "ca323141f18c61aad0f9bf8f2a73e286",
    "settings": {
      "fd_thres": 0.2,
      "testing": false
    },
    "software": "mriqc",
    "version": "22.0.6",
    "webapi_port": null,
    "webapi_url": "https://mriqc.nimh.nih.gov/api/v1"
  },
  "size_t": 300,
  "size_x": 80,
  "size_y": 80,
  "size_z": 37,
  "snr": 5.76033982398375,
  "spacing_tr": 2.0000016689300537,
  "spacing_x": 3.0,
  "spacing_y": 3.0,
  "spacing_z": 3.3299999237060547,
  "summary_bg_k": 143.8356919433635,
  "summary_bg_mad": 181.03320825224932,
  "summary_bg_mean": 1160.0338134765625,
  "summary_bg_median": 155.47833251953125,
  "summary_bg_n": 168888.0,
  "summary_bg_p05": 10.231120824813843,
  "summary_bg_p95": 5323.092480468748,
  "summary_bg_stdv": 3624.8583984375,
  "summary_fg_k": 2.342143743933561,
  "summary_fg_mad": 9090.404656027076,
  "summary_fg_mean": 63878.9921875,
  "summary_fg_median": 63323.0703125,
  "summary_fg_n": 28198.0,
  "summary_fg_p05": 46903.8173828125,
  "summary_fg_p95": 81957.31171874997,
  "summary_fg_stdv": 10992.7451171875,
  "tsnr": 68.25928497314453
}