{
  "bids_meta": {
    "AcquisitionMatrixPE": 240,
    "AcquisitionNumber": 5,
    "AcquisitionTime": "11:02:16.840000",
    "CoilString": "MULTI_COIL",
    "ConversionSoftware": "dcm2niix",
    "ConversionSoftwareVersion": "v1.0.20190410  (JP2:OpenJPEG) GCC6.3.0",
    "Dcm2bidsVersion": "2.1.4",
    "DeviceSerialNumber": "42451",
    "EchoTime": 0.003501,
    "EchoTrainLength": 240,
    "FlipAngle": 8,
    "ImageOrientationPatientDICOM": [
      0.00635218,
      0.999977,
      0.00258171,
      -0.00363168,
      0.00260481,
      -0.99999
    ],
    "ImageType": [
      "ORIGINAL",
      "PRIMARY",
      "M",
      "FFE",
      "M",
      "FFE"
    ],
    "ImagingFrequency": 127.766,
    "InPlanePhaseEncodingDirectionDICOM": "ROW",
    "InstitutionAddress": "Calzada_Mexico_Xochimilco_No.101_Tlalpan",
    "InstitutionName": "I.N._Psiquiatria",
    "InstitutionalDepartmentName": "Imagenes_Cerebrales",
    "MRAcquisitionType": "3D",
    "MagneticFieldStrength": 3,
    "Manufacturer": "Philips",
    "ManufacturersModelName": "Ingenia",
    "Modality": "MR",
    "PatientPosition": "HFS",
    "PercentPhaseFOV": 100,
    "PhaseEncodingSteps": 240,
    "PhilipsRescaleIntercept": 0,
    "PhilipsRescaleSlope": 10.4801,
    "PhilipsScaleSlope": 0.00552858,
    "PixelBandwidth": 310,
    "ProcedureStepDescription": "EDUARDO_TMS",
    "ProtocolName": "WIP_sT1W_3D_TFE_32_channel_SENSE",
    "ReconMatrixPE": 240,
    "RepetitionTime": 0.007,
    "SAR": 0.0382114,
    "ScanOptions": "OTHER",
    "ScanningSequence": "GR",
    "SequenceVariant": "MP",
    "SeriesDescription": "sT1W_3D_TFE_32_channel",
    "SeriesNumber": 501,
    "SliceThickness": 1,
    "SoftwareVersions": "5.1.7_5.1.7.2",
    "SpacingBetweenSlices": 1,
    "StationName": "INGENIA",
    "UsePhilipsFloatNotDisplayScaling": 1,
    "dataset": "ds003037",
    "modality": "T1w",
    "session_id": "t0",
    "subject_id": "011"
  },
  "cjv": 0.3720284377291009,
  "cnr": 3.6629944182848564,
  "efc": 0.7695303225246766,
  "fber": 11861.866246281976,
  "fwhm_avg": 4.353886666666667,
  "fwhm_x": 4.115,
  "fwhm_y": 4.87153,
  "fwhm_z": 4.07513,
  "icvs_csf": 0.1927323481624992,
  "icvs_gm": 0.419114546971066,
  "icvs_wm": 0.3881531048664348,
  "inu_med": 0.4064914435148239,
  "inu_range": 0.14556775689125057,
  "provenance": {
    "md5sum": "c579bcdb90ff2d82ffce52755c549369",
    "settings": {
      "testing": false
    },
    "software": "mriqc",
    "version": "22.0.6",
    "warnings": {
      "large_rot_frame": true,
      "small_air_mask": true
    },
    "webapi_port": null,
    "webapi_url": "https://mriqc.nimh.nih.gov/api/v1"
  },
  "qi_1": 0.0,
  "qi_2": 0.0001251844072036803,
  "rpve_csf": 21.75104440105847,
  "rpve_gm": 10.587991161634516,
  "rpve_wm": 13.551674871328496,
  "size_x": 180,
  "size_y": 240,
  "size_z": 240,
  "snr_csf": 2.6677737976481968,
  "snr_gm": 12.227229074008461,
  "snr_total": 13.54803356965123,
  "snr_wm": 25.749097837297025,
  "snrd_csf": 111.86647750762391,
  "snrd_gm": 261.30208597569015,
  "snrd_total": 242.53813116639307,
  "snrd_wm": 354.44583001586517,
  "spacing_x": 1.0,
  "spacing_y": 1.0,
  "spacing_z": 1.0,
  "summary_bg_k": 1543.7172231785871,
  "summary_bg_mad": 0.0,
  "summary_bg_mean": 0.13630453704576098,
  "summary_bg_median": 0.0,
  "summary_bg_n": 80338.0,
  "summary_bg_p05": 0.0,
  "summary_bg_p95": 0.0,
  "summary_bg_stdv": 1.848340002449853,
  "summary_csf_k": 0.7047526277834777,
  "summary_csf_mad": 99.31603820357417,
  "summary_csf_mean": 313.33876031151175,
  "summary_csf_median": 315.60952087305486,
  "summary_csf_n": 26343.0,
  "summary_csf_p05": 92.90117085408423,
  "summary_csf_p95": 508.3083341663702,
  "summary_csf_stdv": 118.30220789618326,
  "summary_gm_k": 0.024190515406470325,
  "summary_gm_mad": 60.41725657384095,
  "summary_gm_mean": 738.9373304487742,
  "summary_gm_median": 737.2130417916924,
  "summary_gm_n": 33474.0,
  "summary_gm_p05": 642.8721016589552,
  "summary_gm_p95": 840.3077326194383,
  "summary_gm_stdv": 60.29183108627491,
  "summary_wm_k": 0.4649781171546912,
  "summary_wm_mad": 37.34696853280237,
  "summary_wm_mean": 1001.8820628096427,
  "summary_wm_median": 1000.0000096466392,
  "summary_wm_n": 251316.0,
  "summary_wm_p05": 941.5718928780407,
  "summary_wm_p95": 1068.4123099832796,
  "summary_wm_stdv": 38.83623521244444,
  "tpm_overlap_csf": 0.16191538893393548,
  "tpm_overlap_gm": 0.45742201765172535,
  "tpm_overlap_wm": 0.5072936095988885,
  "wm2max": 0.8505885844297161
}