{
  "bids_meta": {
    "AcquisitionMatrixPE": 240,
    "AcquisitionNumber": 4,
    "AcquisitionTime": "10:33:20.700000",
    "CoilString": "MULTI_COIL",
    "ConversionSoftware": "dcm2niix",
    "ConversionSoftwareVersion": "v1.0.20190410  (JP2:OpenJPEG) GCC6.3.0",
    "Dcm2bidsVersion": "2.1.4",
    "DeviceSerialNumber": "42451",
    "EchoTime": 0.003501,
    "EchoTrainLength": 240,
    "FlipAngle": 8,
    "ImageOrientationPatientDICOM": [
      0.00836437,
      0.999964,
      -0.0010565,
      0.000634244,
      -0.00106184,
      -0.999999
    ],
    "ImageType": [
      "ORIGINAL",
      "PRIMARY",
      "M",
      "FFE",
      "M",
      "FFE"
    ],
    "ImagingFrequency": 127.766,
    "InPlanePhaseEncodingDirectionDICOM": "ROW",
    "InstitutionAddress": "Calzada_Mexico_Xochimilco_No.101_Tlalpan",
    "InstitutionName": "I.N._Psiquiatria",
    "InstitutionalDepartmentName": "Imagenes_Cerebrales",
    "MRAcquisitionType": "3D",
    "MagneticFieldStrength": 3,
    "Manufacturer": "Philips",
    "ManufacturersModelName": "Ingenia",
    "Modality": "MR",
    "PatientPosition": "HFS",
    "PercentPhaseFOV": 100,
    "PhaseEncodingSteps": 240,
    "PhilipsRescaleIntercept": 0,
    "PhilipsRescaleSlope": 11.5087,
    "PhilipsScaleSlope": 0.00557366,
    "PixelBandwidth": 310,
    "ProcedureStepDescription": "TLP",
    "ProtocolName": "WIP_sT1W_3D_TFE_32_channel_SENSE",
    "ReconMatrixPE": 240,
    "RepetitionTime": 0.007,
    "SAR": 0.0382114,
    "ScanOptions": "OTHER",
    "ScanningSequence": "GR",
    "SequenceVariant": "MP",
    "SeriesDescription": "sT1W_3D_TFE_32_channel",
    "SeriesNumber": 401,
    "SliceThickness": 1,
    "SoftwareVersions": "5.1.7_5.1.7.2",
    "SpacingBetweenSlices": 1,
    "StationName": "INGENIA",
    "UsePhilipsFloatNotDisplayScaling": 1,
    "dataset": "ds003037",
    "modality": "T1w",
    "session_id": "t1",
    "subject_id": "006"
  },
  "cjv": 0.3349920382623003,
  "cnr": 4.051562066140547,
  "efc": 0.7729651221042937,
  "fber": -1.0,
  "fwhm_avg": 4.5248566666666665,
  "fwhm_x": 4.30508,
  "fwhm_y": 4.98715,
  "fwhm_z": 4.28234,
  "icvs_csf": 0.2508147559331218,
  "icvs_gm": 0.40536283348388535,
  "icvs_wm": 0.34382241058299284,
  "inu_med": 0.4403570592403412,
  "inu_range": 0.14289840608835225,
  "provenance": {
    "md5sum": "5df5bfd8b15f73e1fbce31c6c96a9c51",
    "settings": {
      "testing": false
    },
    "software": "mriqc",
    "version": "22.0.6",
    "warnings": {
      "large_rot_frame": true,
      "small_air_mask": true
    },
    "webapi_port": null,
    "webapi_url": "https://mriqc.nimh.nih.gov/api/v1"
  },
  "qi_1": 0.0,
  "qi_2": 8.761214038663481e-05,
  "rpve_csf": 23.604869321396745,
  "rpve_gm": 14.330895038106524,
  "rpve_wm": 19.57432162922949,
  "size_x": 180,
  "size_y": 240,
  "size_z": 240,
  "snr_csf": 2.8960928441493015,
  "snr_gm": 12.54678475940323,
  "snr_total": 14.379749007700132,
  "snr_wm": 27.696369419547867,
  "snrd_csf": 80.6222152460866,
  "snrd_gm": 209.9842242545801,
  "snrd_total": 193.53969019926512,
  "snrd_wm": 290.01263109712863,
  "spacing_x": 1.0,
  "spacing_y": 1.0,
  "spacing_z": 1.0,
  "summary_bg_k": 88.08567933122927,
  "summary_bg_mad": 0.0,
  "summary_bg_mean": 0.3492880067690682,
  "summary_bg_median": 0.0,
  "summary_bg_n": 129586.0,
  "summary_bg_p05": 0.0,
  "summary_bg_p95": 0.0,
  "summary_bg_stdv": 2.2590190953314697,
  "summary_csf_k": 1.1701594337154644,
  "summary_csf_mad": 78.13029971313152,
  "summary_csf_mean": 289.6310447815246,
  "summary_csf_median": 277.9987858235836,
  "summary_csf_n": 49231.0,
  "summary_csf_p05": 150.09126365929842,
  "summary_csf_p95": 465.472461970523,
  "summary_csf_stdv": 95.99000355217227,
  "summary_gm_k": 0.11813082295269828,
  "summary_gm_mad": 57.6263000992502,
  "summary_gm_mean": 725.348042686994,
  "summary_gm_median": 724.06047398597,
  "summary_gm_n": 28571.0,
  "summary_gm_p05": 632.8684480302036,
  "summary_gm_p95": 821.3015475962311,
  "summary_gm_stdv": 57.707836430691096,
  "summary_wm_k": 0.3588176493619546,
  "summary_wm_mad": 34.81516685707259,
  "summary_wm_mean": 1000.1380996807839,
  "summary_wm_median": 1000.0117098297924,
  "summary_wm_n": 163834.0,
  "summary_wm_p05": 940.9837689846754,
  "summary_wm_p95": 1059.1098523885012,
  "summary_wm_stdv": 36.10612794664796,
  "tpm_overlap_csf": 0.15982625922347463,
  "tpm_overlap_gm": 0.4682654687467035,
  "tpm_overlap_wm": 0.5273765739313988,
  "wm2max": 0.8467139545481563
}