{
  "bids_meta": {
    "AcquisitionMatrixPE": 240,
    "AcquisitionNumber": 9,
    "AcquisitionTime": "10:32:37.650000",
    "BodyPartExamined": "BRAIN",
    "CoilString": "MULTI_COIL",
    "ConversionSoftware": "dcm2niix",
    "ConversionSoftwareVersion": "v1.0.20190410  (JP2:OpenJPEG) GCC6.3.0",
    "Dcm2bidsVersion": "2.1.4",
    "DeviceSerialNumber": "42451",
    "EchoTime": 0.0035,
    "EchoTrainLength": 240,
    "FlipAngle": 8,
    "ImageOrientationPatientDICOM": [
      -0.00668641,
      0.999968,
      -0.00441137,
      0.0013204,
      -0.00440263,
      -0.999989
    ],
    "ImageType": [
      "ORIGINAL",
      "PRIMARY",
      "M",
      "FFE",
      "M",
      "FFE"
    ],
    "ImagingFrequency": 127.76,
    "InPlanePhaseEncodingDirectionDICOM": "ROW",
    "InstitutionAddress": "Calzada_Mexico_Xochimilco_No.101_Tlalpan",
    "InstitutionName": "I.N._Psiquiatria",
    "InstitutionalDepartmentName": "Imagenes_Cerebrales",
    "MRAcquisitionType": "3D",
    "MagneticFieldStrength": 3,
    "Manufacturer": "Philips",
    "ManufacturersModelName": "Ingenia",
    "Modality": "MR",
    "PatientPosition": "HFS",
    "PercentPhaseFOV": 100,
    "PhaseEncodingSteps": 240,
    "PhilipsRescaleIntercept": 0,
    "PhilipsRescaleSlope": 4.13236,
    "PhilipsScaleSlope": 0.00590188,
    "PixelBandwidth": 310,
    "ProcedureStepDescription": "EDUARDO_TMS",
    "ProtocolName": "WIP_sT1W_3D_TFE_32_channel",
    "ReconMatrixPE": 240,
    "RepetitionTime": 0.007,
    "SAR": 0.0382114,
    "ScanOptions": "OTHER",
    "ScanningSequence": "GR",
    "SequenceVariant": "MP",
    "SeriesDescription": "sT1W_3D_TFE_32_channel",
    "SeriesNumber": 901,
    "SliceThickness": 1,
    "SoftwareVersions": "5.3.1_5.3.1.0",
    "SpacingBetweenSlices": 1,
    "StationName": "PHILIPS-CTMFQSD",
    "UsePhilipsFloatNotDisplayScaling": 1,
    "dataset": "ds003037",
    "modality": "T1w",
    "session_id": "t1",
    "subject_id": "032"
  },
  "cjv": 0.3539635083211614,
  "cnr": 3.7651718957896354,
  "efc": 0.7413148419074062,
  "fber": -1.0,
  "fwhm_avg": 4.516383333333333,
  "fwhm_x": 4.3412,
  "fwhm_y": 4.96401,
  "fwhm_z": 4.24394,
  "icvs_csf": 0.246406212784333,
  "icvs_gm": 0.38601985062295496,
  "icvs_wm": 0.36757393659271204,
  "inu_med": 0.3983686715364456,
  "inu_range": 0.14322134852409363,
  "provenance": {
    "md5sum": "586bd23d11c597ab2b49fe95d8e372d7",
    "settings": {
      "testing": false
    },
    "software": "mriqc",
    "version": "22.0.6",
    "warnings": {
      "large_rot_frame": true,
      "small_air_mask": false
    },
    "webapi_port": null,
    "webapi_url": "https://mriqc.nimh.nih.gov/api/v1"
  },
  "qi_1": 0.01784082025639106,
  "qi_2": 5.271774758011054e-05,
  "rpve_csf": 19.95645008046846,
  "rpve_gm": 12.231763705805587,
  "rpve_wm": 15.323359712926496,
  "size_x": 180,
  "size_y": 240,
  "size_z": 240,
  "snr_csf": 3.168575878840298,
  "snr_gm": 13.027959229244154,
  "snr_total": 15.14491876670906,
  "snr_wm": 29.238221192042722,
  "snrd_csf": 46.445568773904064,
  "snrd_gm": 116.42314916807031,
  "snrd_total": 106.17826406604475,
  "snrd_wm": 155.66607425615987,
  "spacing_x": 1.0,
  "spacing_y": 1.0,
  "spacing_z": 1.0,
  "summary_bg_k": 48.41447927416725,
  "summary_bg_mad": 0.0,
  "summary_bg_mean": 1.109667239889177,
  "summary_bg_median": 0.0,
  "summary_bg_n": 276848.0,
  "summary_bg_p05": 0.0,
  "summary_bg_p95": 9.107595279812813,
  "summary_bg_stdv": 4.208601117702615,
  "summary_csf_k": 1.0789689469906953,
  "summary_csf_mad": 80.43205907699564,
  "summary_csf_mean": 309.7697806345156,
  "summary_csf_median": 298.366680059582,
  "summary_csf_n": 65852.0,
  "summary_csf_p05": 179.9342526129447,
  "summary_csf_p95": 484.37537345290184,
  "summary_csf_stdv": 94.1635693845157,
  "summary_gm_k": 0.13864926027055402,
  "summary_gm_mad": 56.85358180153376,
  "summary_gm_mean": 748.6221171515102,
  "summary_gm_median": 747.903178201057,
  "summary_gm_n": 24702.0,
  "summary_gm_p05": 655.7468601465225,
  "summary_gm_p95": 844.5191975667141,
  "summary_gm_stdv": 57.406384712532926,
  "summary_wm_k": 0.5969512265862096,
  "summary_wm_mad": 32.379501298662056,
  "summary_wm_mean": 999.7081991422037,
  "summary_wm_median": 1000.00002152659,
  "summary_wm_n": 211514.0,
  "summary_wm_p05": 943.4028222877532,
  "summary_wm_p95": 1054.9940981268883,
  "summary_wm_stdv": 34.20172694658252,
  "tpm_overlap_csf": 0.1565729027368123,
  "tpm_overlap_gm": 0.4462542572044228,
  "tpm_overlap_wm": 0.5165870394485199,
  "wm2max": 0.9116731270254813
}