{
  "aor": 0.002201666666666666,
  "aqi": 0.013375161566666665,
  "bids_meta": {
    "AcquisitionMatrixPE": 70,
    "AcquisitionNumber": 3,
    "AcquisitionTime": "08:43:23.630000",
    "BodyPartExamined": "BRAIN",
    "CoilString": "MULTI_COIL",
    "ConversionSoftware": "dcm2niix",
    "ConversionSoftwareVersion": "v1.0.20190410  (JP2:OpenJPEG) GCC6.3.0",
    "Dcm2bidsVersion": "2.1.4",
    "DeviceSerialNumber": "42451",
    "EchoTime": 0.03,
    "EchoTrainLength": 35,
    "EffectiveEchoSpacing": 0.000698,
    "FlipAngle": 75,
    "ImageOrientationPatientDICOM": [
      0.999993,
      0.00122966,
      -0.00362902,
      -0.00123585,
      0.999998,
      -0.00170488
    ],
    "ImageType": [
      "ORIGINAL",
      "PRIMARY",
      "M",
      "FFE",
      "M",
      "FFE"
    ],
    "ImagingFrequency": 127.759,
    "InPlanePhaseEncodingDirectionDICOM": "COL",
    "InstitutionAddress": "Calzada_Mexico_Xochimilco_No.101_Tlalpan",
    "InstitutionName": "I.N._Psiquiatria",
    "InstitutionalDepartmentName": "Imagenes_Cerebrales",
    "MRAcquisitionType": "2D",
    "MagneticFieldStrength": 3,
    "Manufacturer": "Philips",
    "ManufacturersModelName": "Ingenia",
    "Modality": "MR",
    "PartialFourier": 0.5,
    "PatientPosition": "HFS",
    "PercentPhaseFOV": 100,
    "PhaseEncodingAxis": "j",
    "PhaseEncodingDirection": "j-",
    "PhaseEncodingSteps": 70,
    "PhilipsRescaleIntercept": 0,
    "PhilipsRescaleSlope": 0.778999,
    "PhilipsScaleSlope": 0.0247548,
    "PixelBandwidth": 1819,
    "ProcedureStepDescription": "PROTOCOLO_EDUARDO_MTS",
    "ProtocolName": "WIP_FE_EPI_32chSHC_AP",
    "ReconMatrixPE": 80,
    "RepetitionTime": 2,
    "SAR": 0.119138,
    "ScanOptions": "FS",
    "ScanningSequence": "GR",
    "SequenceVariant": "SK",
    "SeriesDescription": "FE_EPI_32chSHC_AP",
    "SeriesNumber": 301,
    "SliceThickness": 3.33,
    "SliceTiming": [
      0.0,
      1.027027,
      0.054054,
      1.081081,
      0.108108,
      1.135135,
      0.162162,
      1.189189,
      0.216216,
      1.243244,
      0.27027,
      1.297298,
      0.324324,
      1.351352,
      0.378378,
      1.405406,
      0.432432,
      1.45946,
      0.486486,
      1.513514,
      0.540541,
      1.567568,
      0.594595,
      1.621622,
      0.648649,
      1.675676,
      0.702703,
      1.72973,
      0.756757,
      1.783784,
      0.810811,
      1.837838,
      0.864865,
      1.891892,
      0.918919,
      1.945947,
      0.972973
    ],
    "SoftwareVersions": "5.3.1_5.3.1.0",
    "SpacingBetweenSlices": 3.33,
    "StationName": "PHILIPS-CTMFQSD",
    "TaskName": "rest",
    "TotalReadoutTime": 0.04884,
    "UsePhilipsFloatNotDisplayScaling": 1,
    "dataset": "ds003037",
    "modality": "bold",
    "session_id": "t1",
    "subject_id": "048",
    "task_id": "rest"
  },
  "dummy_trs": 0,
  "dvars_nstd": 31.157937135852812,
  "dvars_std": 1.2872324318729107,
  "dvars_vstd": 0.9561146951505011,
  "efc": 0.4307695351067489,
  "fber": 58041.0390625,
  "fd_mean": 0.07554091507358786,
  "fd_num": 13,
  "fd_perc": 4.333333333333333,
  "fwhm_avg": 1.8962545280107548,
  "fwhm_x": 1.9072933333333333,
  "fwhm_y": 2.0142599999999997,
  "fwhm_z": 1.7672102506989316,
  "gcor": 0.0169961,
  "gsr_x": 0.000776688102632761,
  "gsr_y": 0.010126343928277493,
  "provenance": {
    "md5sum": "deb6a66e7d22321c4c35c153da99b709",
    "settings": {
      "fd_thres": 0.2,
      "testing": false
    },
    "software": "mriqc",
    "version": "22.0.6",
    "webapi_port": null,
    "webapi_url": "https://mriqc.nimh.nih.gov/api/v1"
  },
  "size_t": 300,
  "size_x": 80,
  "size_y": 80,
  "size_z": 37,
  "snr": 4.912419045602118,
  "spacing_tr": 2.0000016689300537,
  "spacing_x": 3.0,
  "spacing_y": 3.0,
  "spacing_z": 3.3299999237060547,
  "summary_bg_k": 96.60585512841926,
  "summary_bg_mad": 287.20950562997035,
  "summary_bg_mean": 1487.71630859375,
  "summary_bg_median": 244.15170288085938,
  "summary_bg_n": 159717.0,
  "summary_bg_p05": 19.707652282714847,
  "summary_bg_p95": 6413.120019531229,
  "summary_bg_stdv": 4228.54150390625,
  "summary_fg_k": 2.110037015531028,
  "summary_fg_mad": 9953.600570725175,
  "summary_fg_mean": 60986.81640625,
  "summary_fg_median": 59928.78125,
  "summary_fg_n": 35960.0,
  "summary_fg_p05": 43106.2646484375,
  "summary_fg_p95": 82804.02773437498,
  "summary_fg_stdv": 12199.2744140625,
  "tsnr": 49.365257263183594
}