{
  "bids_meta": {
    "AcquisitionMatrixPE": 240,
    "AcquisitionNumber": 4,
    "AcquisitionTime": "08:14:33.050000",
    "BodyPartExamined": "BRAIN",
    "CoilString": "MULTI_COIL",
    "ConversionSoftware": "dcm2niix",
    "ConversionSoftwareVersion": "v1.0.20190410  (JP2:OpenJPEG) GCC6.3.0",
    "Dcm2bidsVersion": "2.1.4",
    "DeviceSerialNumber": "42451",
    "EchoTime": 0.0035,
    "EchoTrainLength": 240,
    "FlipAngle": 8,
    "ImageOrientationPatientDICOM": [
      0.00418158,
      0.999988,
      -0.00249335,
      -0.00010228,
      -0.00249294,
      -0.999997
    ],
    "ImageType": [
      "ORIGINAL",
      "PRIMARY",
      "M",
      "FFE",
      "M",
      "FFE"
    ],
    "ImagingFrequency": 127.759,
    "InPlanePhaseEncodingDirectionDICOM": "ROW",
    "InstitutionAddress": "Calzada_Mexico_Xochimilco_No.101_Tlalpan",
    "InstitutionName": "I.N._Psiquiatria",
    "InstitutionalDepartmentName": "Imagenes_Cerebrales",
    "MRAcquisitionType": "3D",
    "MagneticFieldStrength": 3,
    "Manufacturer": "Philips",
    "ManufacturersModelName": "Ingenia",
    "Modality": "MR",
    "PatientPosition": "HFS",
    "PercentPhaseFOV": 100,
    "PhaseEncodingSteps": 240,
    "PhilipsRescaleIntercept": 0,
    "PhilipsRescaleSlope": 130.454,
    "PhilipsScaleSlope": 0.00579999,
    "PixelBandwidth": 310,
    "ProcedureStepDescription": "PROTOCOLO_EDUARDO_TMS",
    "ProtocolName": "WIP_sT1W_3D_TFE_32_channel",
    "ReconMatrixPE": 240,
    "RepetitionTime": 0.007,
    "SAR": 0.0382114,
    "ScanOptions": "OTHER",
    "ScanningSequence": "GR",
    "SequenceVariant": "MP",
    "SeriesDescription": "sT1W_3D_TFE_32_channel",
    "SeriesNumber": 401,
    "SliceThickness": 1,
    "SoftwareVersions": "5.3.1_5.3.1.0",
    "SpacingBetweenSlices": 1,
    "StationName": "PHILIPS-CTMFQSD",
    "UsePhilipsFloatNotDisplayScaling": 1,
    "dataset": "ds003037",
    "modality": "T1w",
    "session_id": "t0",
    "subject_id": "038"
  },
  "cjv": 0.36410776968411906,
  "cnr": 3.635300175362638,
  "efc": 0.6997139671859012,
  "fber": -1.0,
  "fwhm_avg": 4.474973333333334,
  "fwhm_x": 4.32335,
  "fwhm_y": 4.84125,
  "fwhm_z": 4.26032,
  "icvs_csf": 0.2191223672481761,
  "icvs_gm": 0.4041780065259532,
  "icvs_wm": 0.37669962622587067,
  "inu_med": 0.3821100890636444,
  "inu_range": 0.15029472261667254,
  "provenance": {
    "md5sum": "06307ba9106c9a94af202dbcd4058cc2",
    "settings": {
      "testing": false
    },
    "software": "mriqc",
    "version": "22.0.6",
    "warnings": {
      "large_rot_frame": true,
      "small_air_mask": false
    },
    "webapi_port": null,
    "webapi_url": "https://mriqc.nimh.nih.gov/api/v1"
  },
  "qi_1": 3.2621403816443275e-05,
  "qi_2": 5.631058161876073e-05,
  "rpve_csf": 23.335743768888165,
  "rpve_gm": 12.65071815305923,
  "rpve_wm": 15.961500778231832,
  "size_x": 180,
  "size_y": 240,
  "size_z": 240,
  "snr_csf": 2.810412469001997,
  "snr_gm": 13.328910382319817,
  "snr_total": 15.576429795169313,
  "snr_wm": 30.589966534186125,
  "snrd_csf": 31.064123485558312,
  "snrd_gm": 69.51467119969388,
  "snrd_total": 64.02628018517825,
  "snrd_wm": 91.50004587028256,
  "spacing_x": 1.0,
  "spacing_y": 1.0,
  "spacing_z": 1.0,
  "summary_bg_k": 3376.763122364629,
  "summary_bg_mad": 0.0,
  "summary_bg_mean": 2.8676361606024523,
  "summary_bg_median": 0.0,
  "summary_bg_n": 436602.0,
  "summary_bg_p05": 0.0,
  "summary_bg_p95": 14.48569935746491,
  "summary_bg_stdv": 7.159956888518605,
  "summary_csf_k": 0.38773553826317864,
  "summary_csf_mad": 97.41754009806529,
  "summary_csf_mean": 332.5618966359056,
  "summary_csf_median": 339.4984387010336,
  "summary_csf_n": 45703.0,
  "summary_csf_p05": 93.47563852574676,
  "summary_csf_p95": 527.92609823104,
  "summary_csf_stdv": 120.79889633430295,
  "summary_gm_k": 0.1678296537005668,
  "summary_gm_mad": 56.01079025038675,
  "summary_gm_mean": 761.0653908837598,
  "summary_gm_median": 759.7227827813476,
  "summary_gm_n": 36712.0,
  "summary_gm_p05": 670.5499763927422,
  "summary_gm_p95": 857.7492486172355,
  "summary_gm_stdv": 56.99733990673485,
  "summary_wm_k": 0.5459521455838114,
  "summary_wm_mad": 31.47600237383697,
  "summary_wm_mean": 1001.3644008662565,
  "summary_wm_median": 999.9999751634896,
  "summary_wm_n": 215799.0,
  "summary_wm_p05": 950.4217999706045,
  "summary_wm_p95": 1057.1315734293312,
  "summary_wm_stdv": 32.69038091533774,
  "tpm_overlap_csf": 0.15587202164511268,
  "tpm_overlap_gm": 0.4664184410294616,
  "tpm_overlap_wm": 0.5249334152597666,
  "wm2max": 0.856054443364219
}