{
  "bids_meta": {
    "AcquisitionMatrixPE": 240,
    "AcquisitionNumber": 4,
    "AcquisitionTime": "10:06:19.110000",
    "CoilString": "MULTI_COIL",
    "ConversionSoftware": "dcm2niix",
    "ConversionSoftwareVersion": "v1.0.20190410  (JP2:OpenJPEG) GCC6.3.0",
    "Dcm2bidsVersion": "2.1.4",
    "DeviceSerialNumber": "42451",
    "EchoTime": 0.003501,
    "EchoTrainLength": 240,
    "FlipAngle": 8,
    "ImageOrientationPatientDICOM": [
      -0.0342653,
      0.999412,
      -0.00152012,
      -0.0200709,
      -0.00220884,
      -0.999796
    ],
    "ImageType": [
      "ORIGINAL",
      "PRIMARY",
      "M",
      "FFE",
      "M",
      "FFE"
    ],
    "ImagingFrequency": 127.766,
    "InPlanePhaseEncodingDirectionDICOM": "ROW",
    "InstitutionAddress": "Calzada_Mexico_Xochimilco_No.101_Tlalpan",
    "InstitutionName": "I.N._Psiquiatria",
    "InstitutionalDepartmentName": "Imagenes_Cerebrales",
    "MRAcquisitionType": "3D",
    "MagneticFieldStrength": 3,
    "Manufacturer": "Philips",
    "ManufacturersModelName": "Ingenia",
    "Modality": "MR",
    "PatientPosition": "HFS",
    "PercentPhaseFOV": 100,
    "PhaseEncodingSteps": 240,
    "PhilipsRescaleIntercept": 0,
    "PhilipsRescaleSlope": 11.0735,
    "PhilipsScaleSlope": 0.0053853,
    "PixelBandwidth": 310,
    "ProcedureStepDescription": "EDUARDO_TMS",
    "ProtocolName": "WIP_sT1W_3D_TFE_32_channel_SENSE",
    "ReconMatrixPE": 240,
    "RepetitionTime": 0.007,
    "SAR": 0.0382114,
    "ScanOptions": "OTHER",
    "ScanningSequence": "GR",
    "SequenceVariant": "MP",
    "SeriesDescription": "sT1W_3D_TFE_32_channel",
    "SeriesNumber": 401,
    "SliceThickness": 1,
    "SoftwareVersions": "5.1.7_5.1.7.2",
    "SpacingBetweenSlices": 1,
    "StationName": "INGENIA",
    "UsePhilipsFloatNotDisplayScaling": 1,
    "dataset": "ds003037",
    "modality": "T1w",
    "session_id": "t0",
    "subject_id": "006"
  },
  "cjv": 0.3293879988895195,
  "cnr": 4.12476249762783,
  "efc": 0.7681935469414908,
  "fber": -1.0,
  "fwhm_avg": 4.632813333333334,
  "fwhm_x": 4.39843,
  "fwhm_y": 5.05517,
  "fwhm_z": 4.44484,
  "icvs_csf": 0.2487997725615655,
  "icvs_gm": 0.40647425225662337,
  "icvs_wm": 0.34472597518181114,
  "inu_med": 0.43977484107017517,
  "inu_range": 0.14788373708724967,
  "provenance": {
    "md5sum": "2fcc3008df2127b0e46cd8d46aeecfc8",
    "settings": {
      "testing": false
    },
    "software": "mriqc",
    "version": "22.0.6",
    "warnings": {
      "large_rot_frame": true,
      "small_air_mask": true
    },
    "webapi_port": null,
    "webapi_url": "https://mriqc.nimh.nih.gov/api/v1"
  },
  "qi_1": 0.0,
  "qi_2": 0.00013052905005795024,
  "rpve_csf": 23.963874277369275,
  "rpve_gm": 14.392446170038461,
  "rpve_wm": 19.56150835082977,
  "size_x": 180,
  "size_y": 240,
  "size_z": 240,
  "snr_csf": 2.7245746680564387,
  "snr_gm": 13.204017443188533,
  "snr_total": 13.98710921351749,
  "snr_wm": 26.032735529307498,
  "snrd_csf": 54.162667469456714,
  "snrd_gm": 140.94279867131593,
  "snrd_total": 129.9610828581726,
  "snrd_wm": 194.7777824337452,
  "spacing_x": 1.0,
  "spacing_y": 1.0,
  "spacing_z": 1.0,
  "summary_bg_k": 58.57034246360868,
  "summary_bg_mad": 0.0,
  "summary_bg_mean": 0.6907603967526331,
  "summary_bg_median": 0.0,
  "summary_bg_n": 129181.0,
  "summary_bg_p05": 0.0,
  "summary_bg_p95": 7.7920926213264465,
  "summary_bg_stdv": 3.3635812030277945,
  "summary_csf_k": 0.8262645953867902,
  "summary_csf_mad": 85.72534881918588,
  "summary_csf_mean": 288.7471125307851,
  "summary_csf_median": 278.08030542358756,
  "summary_csf_n": 53747.0,
  "summary_csf_p05": 129.68964156620206,
  "summary_csf_p95": 475.9308344623073,
  "summary_csf_stdv": 102.06279964864892,
  "summary_gm_k": 0.1281482421015503,
  "summary_gm_mad": 54.25114915701159,
  "summary_gm_mean": 724.7876262816274,
  "summary_gm_median": 723.6241923253983,
  "summary_gm_n": 35038.0,
  "summary_gm_p05": 636.4722927510738,
  "summary_gm_p95": 816.2217020839453,
  "summary_gm_stdv": 54.80255301752337,
  "summary_wm_k": 0.3298109758405663,
  "summary_wm_mad": 36.791009198433144,
  "summary_wm_mean": 999.5744047285754,
  "summary_wm_median": 1000.0221141148359,
  "summary_wm_n": 163888.0,
  "summary_wm_p05": 936.1214204632677,
  "summary_wm_p95": 1062.6388834140262,
  "summary_wm_stdv": 38.41390629320897,
  "tpm_overlap_csf": 0.15628016491251284,
  "tpm_overlap_gm": 0.47354086239698684,
  "tpm_overlap_wm": 0.5269735833130821,
  "wm2max": 0.8746877674465209
}