{
  "bids_meta": {
    "AcquisitionMatrixPE": 240,
    "AcquisitionNumber": 4,
    "AcquisitionTime": "09:51:30.900000",
    "BodyPartExamined": "BRAIN",
    "CoilString": "MULTI_COIL",
    "ConversionSoftware": "dcm2niix",
    "ConversionSoftwareVersion": "v1.0.20190410  (JP2:OpenJPEG) GCC6.3.0",
    "Dcm2bidsVersion": "2.1.4",
    "DeviceSerialNumber": "42451",
    "EchoTime": 0.0035,
    "EchoTrainLength": 240,
    "FlipAngle": 8,
    "ImageOrientationPatientDICOM": [
      -0.00433737,
      0.999968,
      -0.00671301,
      -0.0222442,
      -0.00680789,
      -0.999729
    ],
    "ImageType": [
      "ORIGINAL",
      "PRIMARY",
      "M",
      "FFE",
      "M",
      "FFE"
    ],
    "ImagingFrequency": 127.759,
    "InPlanePhaseEncodingDirectionDICOM": "ROW",
    "InstitutionAddress": "Calzada_Mexico_Xochimilco_No.101_Tlalpan",
    "InstitutionName": "I.N._Psiquiatria",
    "InstitutionalDepartmentName": "Imagenes_Cerebrales",
    "MRAcquisitionType": "3D",
    "MagneticFieldStrength": 3,
    "Manufacturer": "Philips",
    "ManufacturersModelName": "Ingenia",
    "Modality": "MR",
    "PatientPosition": "HFS",
    "PercentPhaseFOV": 100,
    "PhaseEncodingSteps": 240,
    "PhilipsRescaleIntercept": 0,
    "PhilipsRescaleSlope": 3.98388,
    "PhilipsScaleSlope": 0.00558497,
    "PixelBandwidth": 310,
    "ProcedureStepDescription": "PROTOCOLO_EDUARDO",
    "ProtocolName": "WIP_sT1W_3D_TFE_32_channel",
    "ReconMatrixPE": 240,
    "RepetitionTime": 0.007,
    "SAR": 0.0382114,
    "ScanOptions": "OTHER",
    "ScanningSequence": "GR",
    "SequenceVariant": "MP",
    "SeriesDescription": "sT1W_3D_TFE_32_channel",
    "SeriesNumber": 401,
    "SliceThickness": 1,
    "SoftwareVersions": "5.3.1_5.3.1.0",
    "SpacingBetweenSlices": 1,
    "StationName": "PHILIPS-CTMFQSD",
    "UsePhilipsFloatNotDisplayScaling": 1,
    "dataset": "ds003037",
    "modality": "T1w",
    "session_id": "t0",
    "subject_id": "049"
  },
  "cjv": 0.32576969726451055,
  "cnr": 4.0192965626767325,
  "efc": 0.7016584486291775,
  "fber": -1.0,
  "fwhm_avg": 4.32826,
  "fwhm_x": 4.23112,
  "fwhm_y": 4.59644,
  "fwhm_z": 4.15722,
  "icvs_csf": 0.21630935147217462,
  "icvs_gm": 0.43364739630569826,
  "icvs_wm": 0.3500432522221271,
  "inu_med": 0.41387467086315155,
  "inu_range": 0.1626705452799797,
  "provenance": {
    "md5sum": "6f4c08b19480170e00fd8cec5bed1c1b",
    "settings": {
      "testing": false
    },
    "software": "mriqc",
    "version": "22.0.6",
    "warnings": {
      "large_rot_frame": true,
      "small_air_mask": false
    },
    "webapi_port": null,
    "webapi_url": "https://mriqc.nimh.nih.gov/api/v1"
  },
  "qi_1": 0.023935500721504133,
  "qi_2": 7.375452923403967e-05,
  "rpve_csf": 22.891441480503136,
  "rpve_gm": 11.887337097796568,
  "rpve_wm": 16.76499218139171,
  "size_x": 180,
  "size_y": 240,
  "size_z": 240,
  "snr_csf": 3.193576580040656,
  "snr_gm": 15.603750637756448,
  "snr_total": 16.42449602536773,
  "snr_wm": 30.476160858306088,
  "snrd_csf": 28.14072491751812,
  "snrd_gm": 57.5501827618618,
  "snrd_total": 53.76655095652156,
  "snrd_wm": 75.60874519018476,
  "spacing_x": 1.0,
  "spacing_y": 1.0,
  "spacing_z": 1.0,
  "summary_bg_k": 5162.004759199812,
  "summary_bg_mad": 0.0,
  "summary_bg_mean": 1.5617180132569422,
  "summary_bg_median": 0.0,
  "summary_bg_n": 488432.0,
  "summary_bg_p05": 0.0,
  "summary_bg_p95": 9.814866825938225,
  "summary_bg_stdv": 8.665024889768452,
  "summary_csf_k": 1.1542166800462317,
  "summary_csf_mad": 83.30930968346655,
  "summary_csf_mean": 363.89884956218447,
  "summary_csf_median": 372.1974261030555,
  "summary_csf_n": 40465.0,
  "summary_csf_p05": 124.65346028506757,
  "summary_csf_p95": 549.9302443742752,
  "summary_csf_stdv": 116.5441998154631,
  "summary_gm_k": 0.36872930757182454,
  "summary_gm_mad": 47.01665718270142,
  "summary_gm_mean": 760.3373877939007,
  "summary_gm_median": 761.175483521074,
  "summary_gm_n": 35354.0,
  "summary_gm_p05": 679.4574140038342,
  "summary_gm_p95": 838.4036003351212,
  "summary_gm_stdv": 48.78088198541935,
  "summary_wm_k": 0.6908099219907058,
  "summary_wm_mad": 30.792720839128986,
  "summary_wm_mean": 1000.4920725305349,
  "summary_wm_median": 1000.0232912674546,
  "summary_wm_n": 177275.0,
  "summary_wm_p05": 948.0649678334594,
  "summary_wm_p95": 1055.5168273970485,
  "summary_wm_stdv": 32.81320358461668,
  "tpm_overlap_csf": 0.13898568887611545,
  "tpm_overlap_gm": 0.4500003817447058,
  "tpm_overlap_wm": 0.4937320570510655,
  "wm2max": 0.8984286848593757
}