{
  "aor": 0.014616266666666669,
  "aqi": 0.026462632566666665,
  "bids_meta": {
    "AcquisitionMatrixPE": 70,
    "AcquisitionNumber": 5,
    "AcquisitionTime": "11:59:2.760000",
    "BodyPartExamined": "BRAIN",
    "CoilString": "MULTI_COIL",
    "ConversionSoftware": "dcm2niix",
    "ConversionSoftwareVersion": "v1.0.20190410  (JP2:OpenJPEG) GCC6.3.0",
    "Dcm2bidsVersion": "2.1.4",
    "DeviceSerialNumber": "42451",
    "EchoTime": 0.03,
    "EchoTrainLength": 35,
    "EffectiveEchoSpacing": 0.000698,
    "FlipAngle": 75,
    "ImageOrientationPatientDICOM": [
      0.999985,
      0.00424717,
      -0.00358004,
      -0.0042116,
      0.999942,
      0.00988462
    ],
    "ImageType": [
      "ORIGINAL",
      "PRIMARY",
      "M",
      "FFE",
      "M",
      "FFE"
    ],
    "ImagingFrequency": 127.76,
    "InPlanePhaseEncodingDirectionDICOM": "COL",
    "InstitutionAddress": "Calzada_Mexico_Xochimilco_No.101_Tlalpan",
    "InstitutionName": "I.N._Psiquiatria",
    "InstitutionalDepartmentName": "Imagenes_Cerebrales",
    "MRAcquisitionType": "2D",
    "MagneticFieldStrength": 3,
    "Manufacturer": "Philips",
    "ManufacturersModelName": "Ingenia",
    "Modality": "MR",
    "PartialFourier": 0.5,
    "PatientPosition": "HFS",
    "PercentPhaseFOV": 100,
    "PhaseEncodingAxis": "j",
    "PhaseEncodingDirection": "j-",
    "PhaseEncodingSteps": 70,
    "PhilipsRescaleIntercept": 0,
    "PhilipsRescaleSlope": 0.786325,
    "PhilipsScaleSlope": 0.0252975,
    "PixelBandwidth": 1819,
    "ProcedureStepDescription": "EDUARDO_TMS",
    "ProtocolName": "FE_EPI_32chSHC_AP",
    "ReconMatrixPE": 80,
    "RepetitionTime": 2,
    "SAR": 0.119138,
    "ScanOptions": "FS",
    "ScanningSequence": "GR",
    "SequenceVariant": "SK",
    "SeriesDescription": "FE_EPI_32chSHC_AP",
    "SeriesNumber": 501,
    "SliceThickness": 3.33,
    "SliceTiming": [
      0.0,
      1.027027,
      0.054054,
      1.081081,
      0.108108,
      1.135135,
      0.162162,
      1.189189,
      0.216216,
      1.243244,
      0.27027,
      1.297298,
      0.324324,
      1.351352,
      0.378378,
      1.405406,
      0.432432,
      1.45946,
      0.486486,
      1.513514,
      0.540541,
      1.567568,
      0.594595,
      1.621622,
      0.648649,
      1.675676,
      0.702703,
      1.72973,
      0.756757,
      1.783784,
      0.810811,
      1.837838,
      0.864865,
      1.891892,
      0.918919,
      1.945947,
      0.972973
    ],
    "SoftwareVersions": "5.3.1_5.3.1.1",
    "SpacingBetweenSlices": 3.33,
    "StationName": "PHILIPS-CTMFQSD",
    "TaskName": "rest",
    "TotalReadoutTime": 0.04884,
    "UsePhilipsFloatNotDisplayScaling": 1,
    "dataset": "ds003037",
    "modality": "bold",
    "session_id": "t0",
    "subject_id": "018",
    "task_id": "rest"
  },
  "dummy_trs": 0,
  "dvars_nstd": 44.407057497458204,
  "dvars_std": 1.1607693608695655,
  "dvars_vstd": 0.9607371353511699,
  "efc": 0.40407948969459834,
  "fber": 123509.5,
  "fd_mean": 0.4803181848704102,
  "fd_num": 126,
  "fd_perc": 42.0,
  "fwhm_avg": 1.999897341308049,
  "fwhm_x": 1.96253,
  "fwhm_y": 2.206513333333333,
  "fwhm_z": 1.830648690590814,
  "gcor": 0.0485764,
  "gsr_x": -0.003989004995673895,
  "gsr_y": 0.01404919009655714,
  "provenance": {
    "md5sum": "b174957942ebef8aa6b7ad063d5b71c7",
    "settings": {
      "fd_thres": 0.2,
      "testing": false
    },
    "software": "mriqc",
    "version": "22.0.6",
    "webapi_port": null,
    "webapi_url": "https://mriqc.nimh.nih.gov/api/v1"
  },
  "size_t": 300,
  "size_x": 80,
  "size_y": 80,
  "size_z": 37,
  "snr": 4.556991301423847,
  "spacing_tr": 2.0000016689300537,
  "spacing_x": 3.0,
  "spacing_y": 3.0,
  "spacing_z": 3.3299999237060547,
  "summary_bg_k": 64.65793550860158,
  "summary_bg_mad": 171.523419348345,
  "summary_bg_mean": 1363.34912109375,
  "summary_bg_median": 162.02651977539062,
  "summary_bg_n": 165105.0,
  "summary_bg_p05": 23.533501815795898,
  "summary_bg_p95": 6476.194531249996,
  "summary_bg_stdv": 3970.26416015625,
  "summary_fg_k": 3.3798357907363474,
  "summary_fg_mad": 10166.857842178426,
  "summary_fg_mean": 59554.0,
  "summary_fg_median": 57858.359375,
  "summary_fg_n": 31758.0,
  "summary_fg_p05": 42786.9806640625,
  "summary_fg_p95": 82728.2218749999,
  "summary_fg_stdv": 12696.4140625,
  "tsnr": 27.541013717651367
}