{
  "bids_meta": {
    "AcquisitionMatrixPE": 240,
    "AcquisitionNumber": 4,
    "AcquisitionTime": "13:53:10.720000",
    "BodyPartExamined": "BRAIN",
    "CoilString": "MULTI_COIL",
    "ConversionSoftware": "dcm2niix",
    "ConversionSoftwareVersion": "v1.0.20190410  (JP2:OpenJPEG) GCC6.3.0",
    "Dcm2bidsVersion": "2.1.4",
    "DeviceSerialNumber": "42451",
    "EchoTime": 0.0035,
    "EchoTrainLength": 240,
    "FlipAngle": 8,
    "ImageOrientationPatientDICOM": [
      0.0170633,
      0.999852,
      0.0024145,
      -0.0617948,
      0.00346481,
      -0.998083
    ],
    "ImageType": [
      "ORIGINAL",
      "PRIMARY",
      "M",
      "FFE",
      "M",
      "FFE"
    ],
    "ImagingFrequency": 127.76,
    "InPlanePhaseEncodingDirectionDICOM": "ROW",
    "InstitutionAddress": "Calzada_Mexico_Xochimilco_No.101_Tlalpan",
    "InstitutionName": "I.N._Psiquiatria",
    "InstitutionalDepartmentName": "Imagenes_Cerebrales",
    "MRAcquisitionType": "3D",
    "MagneticFieldStrength": 3,
    "Manufacturer": "Philips",
    "ManufacturersModelName": "Ingenia",
    "Modality": "MR",
    "PatientPosition": "HFS",
    "PercentPhaseFOV": 100,
    "PhaseEncodingSteps": 240,
    "PhilipsRescaleIntercept": 0,
    "PhilipsRescaleSlope": 14.36,
    "PhilipsScaleSlope": 0.00588429,
    "PixelBandwidth": 310,
    "ProcedureStepDescription": "EDUARDO_TMS",
    "ProtocolName": "WIP_sT1W_3D_TFE_32_channel",
    "ReconMatrixPE": 240,
    "RepetitionTime": 0.007,
    "SAR": 0.0382114,
    "ScanOptions": "OTHER",
    "ScanningSequence": "GR",
    "SequenceVariant": "MP",
    "SeriesDescription": "sT1W_3D_TFE_32_channel",
    "SeriesNumber": 401,
    "SliceThickness": 1,
    "SoftwareVersions": "5.3.1_5.3.1.0",
    "SpacingBetweenSlices": 1,
    "StationName": "PHILIPS-CTMFQSD",
    "UsePhilipsFloatNotDisplayScaling": 1,
    "dataset": "ds003037",
    "modality": "T1w",
    "session_id": "t1",
    "subject_id": "024"
  },
  "cjv": 0.3757134674011138,
  "cnr": 3.619589275677658,
  "efc": 0.7213072988141923,
  "fber": -1.0,
  "fwhm_avg": 4.330396666666666,
  "fwhm_x": 4.28097,
  "fwhm_y": 4.58552,
  "fwhm_z": 4.1247,
  "icvs_csf": 0.21655784157149938,
  "icvs_gm": 0.42208624262066163,
  "icvs_wm": 0.361355915807839,
  "inu_med": 0.44359156489372253,
  "inu_range": 0.1892223060131073,
  "provenance": {
    "md5sum": "43611d62a60624a32c9bed5af677bd3a",
    "settings": {
      "testing": false
    },
    "software": "mriqc",
    "version": "22.0.6",
    "warnings": {
      "large_rot_frame": true,
      "small_air_mask": false
    },
    "webapi_port": null,
    "webapi_url": "https://mriqc.nimh.nih.gov/api/v1"
  },
  "qi_1": 0.00010276477818357846,
  "qi_2": 0.00010744341203161859,
  "rpve_csf": 24.227487884196194,
  "rpve_gm": 12.72679926245356,
  "rpve_wm": 16.841580108255283,
  "size_x": 180,
  "size_y": 240,
  "size_z": 240,
  "snr_csf": 2.9392905609301088,
  "snr_gm": 16.62792833096164,
  "snr_total": 15.162193505281527,
  "snr_wm": 25.919361623952835,
  "snrd_csf": 36.553180722684566,
  "snrd_gm": 85.36252460404984,
  "snrd_total": 77.15449472414485,
  "snrd_wm": 109.54777884570017,
  "spacing_x": 1.0,
  "spacing_y": 1.0,
  "spacing_z": 1.0,
  "summary_bg_k": 16.953587773655553,
  "summary_bg_mad": 0.0,
  "summary_bg_mean": 2.7450602670614557,
  "summary_bg_median": 0.0,
  "summary_bg_n": 421691.0,
  "summary_bg_p05": 0.0,
  "summary_bg_p95": 15.63390857540071,
  "summary_bg_stdv": 5.980550861265208,
  "summary_csf_k": 1.508693659175095,
  "summary_csf_mad": 85.41924313355368,
  "summary_csf_mean": 334.28119118610414,
  "summary_csf_median": 333.6834229528904,
  "summary_csf_n": 36599.0,
  "summary_csf_p05": 116.48912301287055,
  "summary_csf_p95": 525.8244594195858,
  "summary_csf_stdv": 113.52360624561783,
  "summary_gm_k": 0.2662493051787953,
  "summary_gm_mad": 45.71264183319084,
  "summary_gm_mean": 779.1079072397448,
  "summary_gm_median": 779.2498173518106,
  "summary_gm_n": 27296.0,
  "summary_gm_p05": 702.8882264741696,
  "summary_gm_p95": 855.431363217067,
  "summary_gm_stdv": 46.86305639795199,
  "summary_wm_k": 0.3684973369564095,
  "summary_wm_mad": 37.237451303533554,
  "summary_wm_mean": 1001.1919956535459,
  "summary_wm_median": 1000.0300137884915,
  "summary_wm_n": 179654.0,
  "summary_wm_p05": 939.8949796520174,
  "summary_wm_p95": 1066.586653366685,
  "summary_wm_stdv": 38.582247706647394,
  "tpm_overlap_csf": 0.16316446645033292,
  "tpm_overlap_gm": 0.46397591348181055,
  "tpm_overlap_wm": 0.5244267162939419,
  "wm2max": 0.7586850526033944
}