{
  "bids_meta": {
    "AcquisitionMatrixPE": 240,
    "AcquisitionNumber": 4,
    "AcquisitionTime": "10:13:54.320000",
    "BodyPartExamined": "BRAIN",
    "CoilString": "MULTI_COIL",
    "ConversionSoftware": "dcm2niix",
    "ConversionSoftwareVersion": "v1.0.20190410  (JP2:OpenJPEG) GCC6.3.0",
    "Dcm2bidsVersion": "2.1.4",
    "DeviceSerialNumber": "42451",
    "EchoTime": 0.0035,
    "EchoTrainLength": 240,
    "FlipAngle": 8,
    "ImageOrientationPatientDICOM": [
      -0.0042116,
      0.99999,
      0.00151066,
      -0.00362181,
      0.00149541,
      -0.999992
    ],
    "ImageType": [
      "ORIGINAL",
      "PRIMARY",
      "M",
      "FFE",
      "M",
      "FFE"
    ],
    "ImagingFrequency": 127.76,
    "InPlanePhaseEncodingDirectionDICOM": "ROW",
    "InstitutionAddress": "Calzada_Mexico_Xochimilco_No.101_Tlalpan",
    "InstitutionName": "I.N._Psiquiatria",
    "InstitutionalDepartmentName": "Imagenes_Cerebrales",
    "MRAcquisitionType": "3D",
    "MagneticFieldStrength": 3,
    "Manufacturer": "Philips",
    "ManufacturersModelName": "Ingenia",
    "Modality": "MR",
    "PatientPosition": "HFS",
    "PercentPhaseFOV": 100,
    "PhaseEncodingSteps": 240,
    "PhilipsRescaleIntercept": 0,
    "PhilipsRescaleSlope": 3.78926,
    "PhilipsScaleSlope": 0.00575325,
    "PixelBandwidth": 310,
    "ProcedureStepDescription": "EDUARDO_TDM",
    "ProtocolName": "WIP_sT1W_3D_TFE_32_channel",
    "ReconMatrixPE": 240,
    "RepetitionTime": 0.007,
    "SAR": 0.0382114,
    "ScanOptions": "OTHER",
    "ScanningSequence": "GR",
    "SequenceVariant": "MP",
    "SeriesDescription": "sT1W_3D_TFE_32_channel",
    "SeriesNumber": 401,
    "SliceThickness": 1,
    "SoftwareVersions": "5.3.1_5.3.1.0",
    "SpacingBetweenSlices": 1,
    "StationName": "PHILIPS-CTMFQSD",
    "UsePhilipsFloatNotDisplayScaling": 1,
    "dataset": "ds003037",
    "modality": "T1w",
    "session_id": "t1",
    "subject_id": "026"
  },
  "cjv": 0.3347233934399578,
  "cnr": 3.7326325656825396,
  "efc": 0.6957983111974333,
  "fber": -1.0,
  "fwhm_avg": 4.51772,
  "fwhm_x": 4.43788,
  "fwhm_y": 4.77096,
  "fwhm_z": 4.34432,
  "icvs_csf": 0.20449061698919632,
  "icvs_gm": 0.4166411093152237,
  "icvs_wm": 0.37886827369558,
  "inu_med": 0.36469942331314087,
  "inu_range": 0.13183870911598206,
  "provenance": {
    "md5sum": "ce946d71555af87faee5b2e34e60b723",
    "settings": {
      "testing": false
    },
    "software": "mriqc",
    "version": "22.0.6",
    "warnings": {
      "large_rot_frame": true,
      "small_air_mask": false
    },
    "webapi_port": null,
    "webapi_url": "https://mriqc.nimh.nih.gov/api/v1"
  },
  "qi_1": 5.0157732870474256e-05,
  "qi_2": 9.125804299978786e-06,
  "rpve_csf": 28.37652932870555,
  "rpve_gm": 14.374069413641164,
  "rpve_wm": 18.476176986834815,
  "size_x": 180,
  "size_y": 240,
  "size_z": 240,
  "snr_csf": 2.571137584397324,
  "snr_gm": 14.225080016933006,
  "snr_total": 16.394441629356418,
  "snr_wm": 32.38710728673892,
  "snrd_csf": 9.515890043871988,
  "snrd_gm": 22.96675238809875,
  "snrd_total": 20.94467577121927,
  "snrd_wm": 30.351384881687068,
  "spacing_x": 1.0,
  "spacing_y": 1.0,
  "spacing_z": 1.0,
  "summary_bg_k": 51.116481725437836,
  "summary_bg_mad": 0.0,
  "summary_bg_mean": 6.165821152018388,
  "summary_bg_median": 0.0,
  "summary_bg_n": 453016.0,
  "summary_bg_p05": 0.0,
  "summary_bg_p95": 23.59482078999281,
  "summary_bg_stdv": 21.585058633327066,
  "summary_csf_k": 0.1332154477183356,
  "summary_csf_mad": 113.10425472266532,
  "summary_csf_mean": 314.0012673300379,
  "summary_csf_median": 313.5240913880989,
  "summary_csf_n": 30140.0,
  "summary_csf_p05": 96.81673662951216,
  "summary_csf_p95": 523.1789903732016,
  "summary_csf_stdv": 121.93781154222467,
  "summary_gm_k": 0.20451631908539403,
  "summary_gm_mad": 51.95323565323436,
  "summary_gm_mean": 756.7008709210991,
  "summary_gm_median": 756.6953949043527,
  "summary_gm_n": 36286.0,
  "summary_gm_p05": 669.6329922336154,
  "summary_gm_p95": 844.3680084575899,
  "summary_gm_stdv": 53.19372313609747,
  "summary_wm_k": 0.4698508615167336,
  "summary_wm_mad": 29.48651878416397,
  "summary_wm_mean": 1000.2973058454601,
  "summary_wm_median": 1000.0000339988619,
  "summary_wm_n": 189123.0,
  "summary_wm_p05": 949.8271392155439,
  "summary_wm_p95": 1050.6023364402354,
  "summary_wm_stdv": 30.8764034206489,
  "tpm_overlap_csf": 0.1322837467412517,
  "tpm_overlap_gm": 0.45953307661285325,
  "tpm_overlap_wm": 0.5133556969483887,
  "wm2max": 0.9160869565217391
}