{
  "bids_meta": {
    "AcquisitionMatrixPE": 240,
    "AcquisitionNumber": 4,
    "AcquisitionTime": "10:05:48.810000",
    "BodyPartExamined": "BRAIN",
    "CoilString": "MULTI_COIL",
    "ConversionSoftware": "dcm2niix",
    "ConversionSoftwareVersion": "v1.0.20190410  (JP2:OpenJPEG) GCC6.3.0",
    "Dcm2bidsVersion": "2.1.4",
    "DeviceSerialNumber": "42451",
    "EchoTime": 0.0035,
    "EchoTrainLength": 240,
    "FlipAngle": 8,
    "ImageOrientationPatientDICOM": [
      0.000233783,
      0.999998,
      -0.00189226,
      0.0255782,
      -0.00189762,
      -0.999671
    ],
    "ImageType": [
      "ORIGINAL",
      "PRIMARY",
      "M",
      "FFE",
      "M",
      "FFE"
    ],
    "ImagingFrequency": 127.759,
    "InPlanePhaseEncodingDirectionDICOM": "ROW",
    "InstitutionAddress": "Calzada_Mexico_Xochimilco_No.101_Tlalpan",
    "InstitutionName": "I.N._Psiquiatria",
    "InstitutionalDepartmentName": "Imagenes_Cerebrales",
    "MRAcquisitionType": "3D",
    "MagneticFieldStrength": 3,
    "Manufacturer": "Philips",
    "ManufacturersModelName": "Ingenia",
    "Modality": "MR",
    "PatientPosition": "HFS",
    "PercentPhaseFOV": 100,
    "PhaseEncodingSteps": 240,
    "PhilipsRescaleIntercept": 0,
    "PhilipsRescaleSlope": 3.88083,
    "PhilipsScaleSlope": 0.00624039,
    "PixelBandwidth": 310,
    "ProcedureStepDescription": "PROTOCOLO_EDUARDO_TMS",
    "ProtocolName": "WIP_sT1W_3D_TFE_32_channel",
    "ReconMatrixPE": 240,
    "RepetitionTime": 0.007,
    "SAR": 0.0382114,
    "ScanOptions": "OTHER",
    "ScanningSequence": "GR",
    "SequenceVariant": "MP",
    "SeriesDescription": "sT1W_3D_TFE_32_channel",
    "SeriesNumber": 401,
    "SliceThickness": 1,
    "SoftwareVersions": "5.3.1_5.3.1.0",
    "SpacingBetweenSlices": 1,
    "StationName": "PHILIPS-CTMFQSD",
    "UsePhilipsFloatNotDisplayScaling": 1,
    "dataset": "ds003037",
    "modality": "T1w",
    "session_id": "t14",
    "subject_id": "045"
  },
  "cjv": 0.3260803673193516,
  "cnr": 4.129950533824457,
  "efc": 0.702098183442251,
  "fber": -1.0,
  "fwhm_avg": 4.7866,
  "fwhm_x": 4.5801,
  "fwhm_y": 5.28638,
  "fwhm_z": 4.49332,
  "icvs_csf": 0.2276458528223621,
  "icvs_gm": 0.42760755818208324,
  "icvs_wm": 0.3447465889955546,
  "inu_med": 0.4446946382522583,
  "inu_range": 0.15390099585056305,
  "provenance": {
    "md5sum": "95986a142b251f0079d532d4fc7ee97e",
    "settings": {
      "testing": false
    },
    "software": "mriqc",
    "version": "22.0.6",
    "warnings": {
      "large_rot_frame": true,
      "small_air_mask": false
    },
    "webapi_port": null,
    "webapi_url": "https://mriqc.nimh.nih.gov/api/v1"
  },
  "qi_1": 0.0,
  "qi_2": 4.151976530674416e-05,
  "rpve_csf": 26.29362111363938,
  "rpve_gm": 14.067193735618368,
  "rpve_wm": 19.699300003825115,
  "size_x": 180,
  "size_y": 240,
  "size_z": 240,
  "snr_csf": 2.403186733939257,
  "snr_gm": 13.855938057664419,
  "snr_total": 14.644213875567935,
  "snr_wm": 27.673516835100127,
  "snrd_csf": 26.066132546059514,
  "snrd_gm": 64.94651468717136,
  "snrd_total": 59.85085273794996,
  "snrd_wm": 88.539910980619,
  "spacing_x": 1.0,
  "spacing_y": 1.0,
  "spacing_z": 1.0,
  "summary_bg_k": 15.30908632105454,
  "summary_bg_mad": 0.0,
  "summary_bg_mean": 3.957704158463688,
  "summary_bg_median": 0.0,
  "summary_bg_n": 571793.0,
  "summary_bg_p05": 0.0,
  "summary_bg_p95": 18.578490464016795,
  "summary_bg_stdv": 7.399514706827181,
  "summary_csf_k": -0.16607920820643152,
  "summary_csf_mad": 111.58595550792546,
  "summary_csf_mean": 280.4060767753609,
  "summary_csf_median": 294.40698322467506,
  "summary_csf_n": 45508.0,
  "summary_csf_p05": 60.337482791393995,
  "summary_csf_p95": 470.45218119956553,
  "summary_csf_stdv": 122.50556495519761,
  "summary_gm_k": 0.10289834154368593,
  "summary_gm_mad": 53.06740685753815,
  "summary_gm_mean": 734.0980864894565,
  "summary_gm_median": 733.5460074953735,
  "summary_gm_n": 42912.0,
  "summary_gm_p05": 648.8592580407858,
  "summary_gm_p95": 820.2050475496799,
  "summary_gm_stdv": 52.940295871440576,
  "summary_wm_k": 0.6021354892614408,
  "summary_wm_mad": 33.825959337083845,
  "summary_wm_mean": 1000.2818242420489,
  "summary_wm_median": 1000.0243818573654,
  "summary_wm_n": 153784.0,
  "summary_wm_p05": 941.3669984657317,
  "summary_wm_p95": 1059.8748793154955,
  "summary_wm_stdv": 36.13639482174105,
  "tpm_overlap_csf": 0.14642547314556517,
  "tpm_overlap_gm": 0.4785228288022838,
  "tpm_overlap_wm": 0.5242027014498041,
  "wm2max": 0.7747740949650059
}