{
  "bids_meta": {
    "AcquisitionMatrixPE": 240,
    "AcquisitionNumber": 4,
    "AcquisitionTime": "07:55:28.790000",
    "BodyPartExamined": "BRAIN",
    "CoilString": "MULTI_COIL",
    "ConversionSoftware": "dcm2niix",
    "ConversionSoftwareVersion": "v1.0.20190410  (JP2:OpenJPEG) GCC6.3.0",
    "Dcm2bidsVersion": "2.1.4",
    "DeviceSerialNumber": "42451",
    "EchoTime": 0.0035,
    "EchoTrainLength": 240,
    "FlipAngle": 8,
    "ImageOrientationPatientDICOM": [
      -3.09277e-05,
      0.999999,
      0.00155724,
      0.000567098,
      0.00155726,
      -0.999999
    ],
    "ImageType": [
      "ORIGINAL",
      "PRIMARY",
      "M",
      "FFE",
      "M",
      "FFE"
    ],
    "ImagingFrequency": 127.759,
    "InPlanePhaseEncodingDirectionDICOM": "ROW",
    "InstitutionAddress": "Calzada_Mexico_Xochimilco_No.101_Tlalpan",
    "InstitutionName": "I.N._Psiquiatria",
    "InstitutionalDepartmentName": "Imagenes_Cerebrales",
    "MRAcquisitionType": "3D",
    "MagneticFieldStrength": 3,
    "Manufacturer": "Philips",
    "ManufacturersModelName": "Ingenia",
    "Modality": "MR",
    "PatientPosition": "HFS",
    "PercentPhaseFOV": 100,
    "PhaseEncodingSteps": 240,
    "PhilipsRescaleIntercept": 0,
    "PhilipsRescaleSlope": 9.24493,
    "PhilipsScaleSlope": 0.00556873,
    "PixelBandwidth": 310,
    "ProcedureStepDescription": "PROTOCOLO_EDUARDO_TMS",
    "ProtocolName": "WIP_sT1W_3D_TFE_32_channel",
    "ReconMatrixPE": 240,
    "RepetitionTime": 0.007,
    "SAR": 0.0382114,
    "ScanOptions": "OTHER",
    "ScanningSequence": "GR",
    "SequenceVariant": "MP",
    "SeriesDescription": "sT1W_3D_TFE_32_channel",
    "SeriesNumber": 401,
    "SliceThickness": 1,
    "SoftwareVersions": "5.3.1_5.3.1.0",
    "SpacingBetweenSlices": 1,
    "StationName": "PHILIPS-CTMFQSD",
    "UsePhilipsFloatNotDisplayScaling": 1,
    "dataset": "ds003037",
    "modality": "T1w",
    "session_id": "t2",
    "subject_id": "039"
  },
  "cjv": 0.3964872875273228,
  "cnr": 3.316983311526857,
  "efc": 0.7146394950001618,
  "fber": -1.0,
  "fwhm_avg": 4.358326666666667,
  "fwhm_x": 4.2339,
  "fwhm_y": 4.74111,
  "fwhm_z": 4.09997,
  "icvs_csf": 0.26463393141238617,
  "icvs_gm": 0.37591151127927647,
  "icvs_wm": 0.35945455730833736,
  "inu_med": 0.44249264895915985,
  "inu_range": 0.17057189345359802,
  "provenance": {
    "md5sum": "033ac96104bd3dc5afa680784b115356",
    "settings": {
      "testing": false
    },
    "software": "mriqc",
    "version": "22.0.6",
    "warnings": {
      "large_rot_frame": true,
      "small_air_mask": false
    },
    "webapi_port": null,
    "webapi_url": "https://mriqc.nimh.nih.gov/api/v1"
  },
  "qi_1": 0.0,
  "qi_2": 0.0001418216802445077,
  "rpve_csf": 17.670130182599355,
  "rpve_gm": 11.709732781297788,
  "rpve_wm": 14.978454454565167,
  "size_x": 180,
  "size_y": 240,
  "size_z": 240,
  "snr_csf": 3.2333258668594262,
  "snr_gm": 12.207445448830256,
  "snr_total": 14.632250356621691,
  "snr_wm": 28.455979754175395,
  "snrd_csf": 49.60075471513538,
  "snrd_gm": 116.03614818504283,
  "snrd_total": 105.97339278688196,
  "snrd_wm": 152.28327546046762,
  "spacing_x": 1.0,
  "spacing_y": 1.0,
  "spacing_z": 1.0,
  "summary_bg_k": 13.492363049283632,
  "summary_bg_mad": 0.0,
  "summary_bg_mean": 1.7574459193921015,
  "summary_bg_median": 0.0,
  "summary_bg_n": 465952.0,
  "summary_bg_p05": 0.0,
  "summary_bg_p95": 10.325121283531189,
  "summary_bg_stdv": 4.302193596631653,
  "summary_csf_k": 1.3769523454440664,
  "summary_csf_mad": 78.35584426648221,
  "summary_csf_mean": 328.440066453166,
  "summary_csf_median": 325.72155863046646,
  "summary_csf_n": 74343.0,
  "summary_csf_p05": 149.85833007097244,
  "summary_csf_p95": 502.22590518593745,
  "summary_csf_stdv": 100.73818147880412,
  "summary_gm_k": 0.21722536765671308,
  "summary_gm_mad": 61.0897904412919,
  "summary_gm_mean": 759.78401557023,
  "summary_gm_median": 761.9939507246017,
  "summary_gm_n": 20481.0,
  "summary_gm_p05": 652.7397603988647,
  "summary_gm_p95": 858.9300312399864,
  "summary_gm_stdv": 62.41890256498556,
  "summary_wm_k": 0.4934765930662821,
  "summary_wm_mad": 33.28610376608854,
  "summary_wm_mean": 1001.5359615181205,
  "summary_wm_median": 1000.0240141749382,
  "summary_wm_n": 225202.0,
  "summary_wm_p05": 946.6935621500015,
  "summary_wm_p95": 1062.1428252458572,
  "summary_wm_stdv": 35.142764456861535,
  "tpm_overlap_csf": 0.1650901583999641,
  "tpm_overlap_gm": 0.4358792542614765,
  "tpm_overlap_wm": 0.5009521750499587,
  "wm2max": 0.7947294023859723
}