{
  "aor": 0.021998066666666663,
  "aqi": 0.01866807023333333,
  "bids_meta": {
    "AcquisitionMatrixPE": 70,
    "AcquisitionNumber": 3,
    "AcquisitionTime": "09:16:18.850000",
    "BodyPartExamined": "BRAIN",
    "CoilString": "MULTI_COIL",
    "ConversionSoftware": "dcm2niix",
    "ConversionSoftwareVersion": "v1.0.20190410  (JP2:OpenJPEG) GCC6.3.0",
    "Dcm2bidsVersion": "2.1.4",
    "DeviceSerialNumber": "42451",
    "EchoTime": 0.03,
    "EchoTrainLength": 35,
    "EffectiveEchoSpacing": 0.000698,
    "FlipAngle": 75,
    "ImageOrientationPatientDICOM": [
      0.999985,
      0.00419883,
      -0.0036366,
      -0.0042116,
      0.999985,
      -0.00351012
    ],
    "ImageType": [
      "ORIGINAL",
      "PRIMARY",
      "M",
      "FFE",
      "M",
      "FFE"
    ],
    "ImagingFrequency": 127.759,
    "InPlanePhaseEncodingDirectionDICOM": "COL",
    "InstitutionAddress": "Calzada_Mexico_Xochimilco_No.101_Tlalpan",
    "InstitutionName": "I.N._Psiquiatria",
    "InstitutionalDepartmentName": "Imagenes_Cerebrales",
    "MRAcquisitionType": "2D",
    "MagneticFieldStrength": 3,
    "Manufacturer": "Philips",
    "ManufacturersModelName": "Ingenia",
    "Modality": "MR",
    "PartialFourier": 0.5,
    "PatientPosition": "HFS",
    "PercentPhaseFOV": 100,
    "PhaseEncodingAxis": "j",
    "PhaseEncodingDirection": "j-",
    "PhaseEncodingSteps": 70,
    "PhilipsRescaleIntercept": 0,
    "PhilipsRescaleSlope": 0.753846,
    "PhilipsScaleSlope": 0.0259393,
    "PixelBandwidth": 1819,
    "ProcedureStepDescription": "EDUARDO_TMS",
    "ProtocolName": "WIP_FE_EPI_32chSHC_AP",
    "ReconMatrixPE": 80,
    "RepetitionTime": 2,
    "SAR": 0.119138,
    "ScanOptions": "FS",
    "ScanningSequence": "GR",
    "SequenceVariant": "SK",
    "SeriesDescription": "FE_EPI_32chSHC_AP",
    "SeriesNumber": 301,
    "SliceThickness": 3.33,
    "SliceTiming": [
      0.0,
      1.027027,
      0.054054,
      1.081081,
      0.108108,
      1.135135,
      0.162162,
      1.189189,
      0.216216,
      1.243244,
      0.27027,
      1.297298,
      0.324324,
      1.351352,
      0.378378,
      1.405406,
      0.432432,
      1.45946,
      0.486486,
      1.513514,
      0.540541,
      1.567568,
      0.594595,
      1.621622,
      0.648649,
      1.675676,
      0.702703,
      1.72973,
      0.756757,
      1.783784,
      0.810811,
      1.837838,
      0.864865,
      1.891892,
      0.918919,
      1.945947,
      0.972973
    ],
    "SoftwareVersions": "5.3.1_5.3.1.0",
    "SpacingBetweenSlices": 3.33,
    "StationName": "PHILIPS-CTMFQSD",
    "TaskName": "rest",
    "TotalReadoutTime": 0.04884,
    "UsePhilipsFloatNotDisplayScaling": 1,
    "dataset": "ds003037",
    "modality": "bold",
    "session_id": "t3",
    "subject_id": "027",
    "task_id": "rest"
  },
  "dummy_trs": 0,
  "dvars_nstd": 28.14332722812708,
  "dvars_std": 1.221584686588629,
  "dvars_vstd": 1.140320399531773,
  "efc": 0.40684915592993665,
  "fber": 117792.53125,
  "fd_mean": 0.1735700247551399,
  "fd_num": 54,
  "fd_perc": 18.0,
  "fwhm_avg": 1.776156979730236,
  "fwhm_x": 1.7711333333333332,
  "fwhm_y": 1.8861033333333335,
  "fwhm_z": 1.671234272524041,
  "gcor": 0.151253,
  "gsr_x": -0.0029232921078801155,
  "gsr_y": 0.002577697392553091,
  "provenance": {
    "md5sum": "a8af3efd8382f15fa6587d1d554d9308",
    "settings": {
      "fd_thres": 0.2,
      "testing": false
    },
    "software": "mriqc",
    "version": "22.0.6",
    "webapi_port": null,
    "webapi_url": "https://mriqc.nimh.nih.gov/api/v1"
  },
  "size_t": 300,
  "size_x": 80,
  "size_y": 80,
  "size_z": 37,
  "snr": 5.141468994082107,
  "spacing_tr": 2.0000016689300537,
  "spacing_x": 3.0,
  "spacing_y": 3.0,
  "spacing_z": 3.3299999237060547,
  "summary_bg_k": 59.283355772132204,
  "summary_bg_mad": 197.77026162331063,
  "summary_bg_mean": 1269.73974609375,
  "summary_bg_median": 166.00424194335938,
  "summary_bg_n": 165016.0,
  "summary_bg_p05": 13.476991415023804,
  "summary_bg_p95": 5876.267578125,
  "summary_bg_stdv": 3274.86767578125,
  "summary_fg_k": 2.3142843339991366,
  "summary_fg_mad": 9146.610337787219,
  "summary_fg_mean": 58069.9609375,
  "summary_fg_median": 56666.375,
  "summary_fg_n": 32032.0,
  "summary_fg_p05": 43124.476953125,
  "summary_fg_p95": 78224.72148437498,
  "summary_fg_stdv": 11021.2646484375,
  "tsnr": 34.8803825378418
}