{
  "aor": 0.027978133333333332,
  "aqi": 0.020857720366666666,
  "bids_meta": {
    "AcquisitionMatrixPE": 70,
    "AcquisitionTime": "10:49:48.460000",
    "CoilString": "MULTI_COIL",
    "ConversionSoftware": "dcm2niix",
    "ConversionSoftwareVersion": "v1.0.20190410  (JP2:OpenJPEG) GCC6.3.0",
    "Dcm2bidsVersion": "2.1.4",
    "DeviceSerialNumber": "42451",
    "EchoTime": 0.03,
    "EchoTrainLength": 35,
    "EffectiveEchoSpacing": 0.000698,
    "FlipAngle": 75,
    "ImageOrientationPatientDICOM": [
      0.998671,
      0.0430088,
      -0.0283928,
      -0.0429744,
      0.999075,
      0.00182202
    ],
    "ImageType": [
      "ORIGINAL",
      "PRIMARY",
      "M",
      "FFE",
      "M",
      "FFE"
    ],
    "ImagingFrequency": 127.766,
    "InPlanePhaseEncodingDirectionDICOM": "COL",
    "InstitutionAddress": "Calzada_Mexico_Xochimilco_No.101_Tlalpan",
    "InstitutionName": "I.N._Psiquiatria",
    "InstitutionalDepartmentName": "Imagenes_Cerebrales",
    "MagneticFieldStrength": 3,
    "Manufacturer": "Philips",
    "ManufacturersModelName": "Ingenia",
    "Modality": "MR",
    "PartialFourier": 0.5,
    "PatientPosition": "HFS",
    "PercentPhaseFOV": 100,
    "PhaseEncodingAxis": "j",
    "PhaseEncodingDirection": "j-",
    "PhaseEncodingSteps": 70,
    "PhilipsRescaleIntercept": 0,
    "PhilipsRescaleSlope": 0.828816,
    "PhilipsScaleSlope": 0.0613992,
    "PixelBandwidth": 1819,
    "ProcedureStepDescription": "EDUARDOTMS",
    "ProtocolName": "WIP_FE_EPI_32chSHC_AP_SENSE",
    "ReconMatrixPE": 80,
    "RepetitionTime": 2,
    "SAR": 0.119205,
    "ScanOptions": "FS",
    "ScanningSequence": "GR",
    "SequenceVariant": "SK",
    "SeriesDescription": "FE_EPI_32chSHC_AP",
    "SeriesNumber": 301,
    "SliceThickness": 3.33,
    "SliceTiming": [
      0.0,
      1.027027,
      0.054054,
      1.081081,
      0.108108,
      1.135135,
      0.162162,
      1.189189,
      0.216216,
      1.243244,
      0.27027,
      1.297298,
      0.324324,
      1.351352,
      0.378378,
      1.405406,
      0.432432,
      1.45946,
      0.486486,
      1.513514,
      0.540541,
      1.567568,
      0.594595,
      1.621622,
      0.648649,
      1.675676,
      0.702703,
      1.72973,
      0.756757,
      1.783784,
      0.810811,
      1.837838,
      0.864865,
      1.891892,
      0.918919,
      1.945947,
      0.972973
    ],
    "SoftwareVersions": "2.6.3_5.1.7.2",
    "SpacingBetweenSlices": 3.33,
    "StationName": "INGENIA",
    "TaskName": "rest",
    "TotalReadoutTime": 0.04884,
    "UsePhilipsFloatNotDisplayScaling": 1,
    "dataset": "ds003037",
    "modality": "bold",
    "session_id": "t0",
    "subject_id": "009",
    "task_id": "rest"
  },
  "dummy_trs": 0,
  "dvars_nstd": 37.174224234782635,
  "dvars_std": 1.318392159431438,
  "dvars_vstd": 1.0898353397324407,
  "efc": 0.3885507337888752,
  "fber": 191961.875,
  "fd_mean": 0.5137981517759937,
  "fd_num": 83,
  "fd_perc": 27.666666666666668,
  "fwhm_avg": 2.1318867519182154,
  "fwhm_x": 2.0892666666666666,
  "fwhm_y": 2.3185166666666666,
  "fwhm_z": 1.9878769224213133,
  "gcor": 0.0830504,
  "gsr_x": -0.016104552894830704,
  "gsr_y": 0.010359672829508781,
  "provenance": {
    "md5sum": "22d4f85d115099c3a6903b7e2203ff31",
    "settings": {
      "fd_thres": 0.2,
      "testing": false
    },
    "software": "mriqc",
    "version": "22.0.6",
    "webapi_port": null,
    "webapi_url": "https://mriqc.nimh.nih.gov/api/v1"
  },
  "size_t": 300,
  "size_x": 80,
  "size_y": 80,
  "size_z": 37,
  "snr": 5.317471338546682,
  "spacing_tr": 2.0000016689300537,
  "spacing_x": 3.0,
  "spacing_y": 3.0,
  "spacing_z": 3.3299999237060547,
  "summary_bg_k": 95.67086675761263,
  "summary_bg_mad": 65.12045085469384,
  "summary_bg_mean": 472.3984680175781,
  "summary_bg_median": 53.89979934692383,
  "summary_bg_n": 167944.0,
  "summary_bg_p05": 4.184597873687744,
  "summary_bg_p95": 2258.9937011718757,
  "summary_bg_stdv": 1366.9476318359375,
  "summary_fg_k": 0.9058349222117132,
  "summary_fg_mad": 4260.509401424695,
  "summary_fg_mean": 24807.5234375,
  "summary_fg_median": 24698.82421875,
  "summary_fg_n": 28779.0,
  "summary_fg_p05": 17281.18359375,
  "summary_fg_p95": 32486.4416015625,
  "summary_fg_stdv": 4644.76318359375,
  "tsnr": 30.21292495727539
}