{
  "bids_meta": {
    "AcquisitionMatrixPE": 240,
    "AcquisitionNumber": 4,
    "AcquisitionTime": "09:06:32.800000",
    "BodyPartExamined": "BRAIN",
    "CoilString": "MULTI_COIL",
    "ConversionSoftware": "dcm2niix",
    "ConversionSoftwareVersion": "v1.0.20190410  (JP2:OpenJPEG) GCC6.3.0",
    "Dcm2bidsVersion": "2.1.4",
    "DeviceSerialNumber": "42451",
    "EchoTime": 0.0035,
    "EchoTrainLength": 240,
    "FlipAngle": 8,
    "ImageOrientationPatientDICOM": [
      -0.000111684,
      0.999998,
      0.00219479,
      -0.00282015,
      0.00219446,
      -0.999994
    ],
    "ImageType": [
      "ORIGINAL",
      "PRIMARY",
      "M",
      "FFE",
      "M",
      "FFE"
    ],
    "ImagingFrequency": 127.759,
    "InPlanePhaseEncodingDirectionDICOM": "ROW",
    "InstitutionAddress": "Calzada_Mexico_Xochimilco_No.101_Tlalpan",
    "InstitutionName": "I.N._Psiquiatria",
    "InstitutionalDepartmentName": "Imagenes_Cerebrales",
    "MRAcquisitionType": "3D",
    "MagneticFieldStrength": 3,
    "Manufacturer": "Philips",
    "ManufacturersModelName": "Ingenia",
    "Modality": "MR",
    "PatientPosition": "HFS",
    "PercentPhaseFOV": 100,
    "PhaseEncodingSteps": 240,
    "PhilipsRescaleIntercept": 0,
    "PhilipsRescaleSlope": 3.71209,
    "PhilipsScaleSlope": 0.00593501,
    "PixelBandwidth": 310,
    "ProcedureStepDescription": "PROTOCOLO_EDUARDO_TMS",
    "ProtocolName": "WIP_sT1W_3D_TFE_32_channel",
    "ReconMatrixPE": 240,
    "RepetitionTime": 0.007,
    "SAR": 0.0382114,
    "ScanOptions": "OTHER",
    "ScanningSequence": "GR",
    "SequenceVariant": "MP",
    "SeriesDescription": "sT1W_3D_TFE_32_channel",
    "SeriesNumber": 401,
    "SliceThickness": 1,
    "SoftwareVersions": "5.3.1_5.3.1.0",
    "SpacingBetweenSlices": 1,
    "StationName": "PHILIPS-CTMFQSD",
    "UsePhilipsFloatNotDisplayScaling": 1,
    "dataset": "ds003037",
    "modality": "T1w",
    "session_id": "t0",
    "subject_id": "054"
  },
  "cjv": 0.3724829184519216,
  "cnr": 3.5763157045198057,
  "efc": 0.6814302822616503,
  "fber": -1.0,
  "fwhm_avg": 4.771026666666667,
  "fwhm_x": 4.71474,
  "fwhm_y": 5.04727,
  "fwhm_z": 4.55107,
  "icvs_csf": 0.23124674080706475,
  "icvs_gm": 0.39715193793598413,
  "icvs_wm": 0.3716013212569511,
  "inu_med": 0.4039880782365799,
  "inu_range": 0.15872454196214675,
  "provenance": {
    "md5sum": "a993f8b88a51a3a0e0ddf162f9e44aea",
    "settings": {
      "testing": false
    },
    "software": "mriqc",
    "version": "22.0.6",
    "warnings": {
      "large_rot_frame": true,
      "small_air_mask": false
    },
    "webapi_port": null,
    "webapi_url": "https://mriqc.nimh.nih.gov/api/v1"
  },
  "qi_1": 0.03463628662219191,
  "qi_2": 3.526168827062537e-05,
  "rpve_csf": 25.975970173692893,
  "rpve_gm": 14.829094972002355,
  "rpve_wm": 18.423498210782515,
  "size_x": 180,
  "size_y": 240,
  "size_z": 240,
  "snr_csf": 2.732624032483577,
  "snr_gm": 14.865414791044026,
  "snr_total": 15.097743051309394,
  "snr_wm": 27.695190330400575,
  "snrd_csf": 30.519674002947617,
  "snrd_gm": 73.5786549209866,
  "snrd_total": 66.4532529006768,
  "snrd_wm": 95.26142977809619,
  "spacing_x": 1.0,
  "spacing_y": 1.0,
  "spacing_z": 1.0,
  "summary_bg_k": 3092.1674486059933,
  "summary_bg_mad": 0.0,
  "summary_bg_mean": 2.2272373971620425,
  "summary_bg_median": 0.0,
  "summary_bg_n": 492866.0,
  "summary_bg_p05": 0.0,
  "summary_bg_p95": 13.4584657587111,
  "summary_bg_stdv": 6.877556847300125,
  "summary_csf_k": 0.3607299942563582,
  "summary_csf_mad": 100.46846594941017,
  "summary_csf_mean": 325.5121275056916,
  "summary_csf_median": 320.39250592142344,
  "summary_csf_n": 45222.0,
  "summary_csf_p05": 111.2956603176892,
  "summary_csf_p95": 527.0609761817379,
  "summary_csf_stdv": 117.24589978444953,
  "summary_gm_k": 0.13690465340295033,
  "summary_gm_mad": 50.784790825307965,
  "summary_gm_mean": 770.705396789543,
  "summary_gm_median": 772.421410208568,
  "summary_gm_n": 30607.0,
  "summary_gm_p05": 683.1611743463203,
  "summary_gm_p95": 853.773109502904,
  "summary_gm_stdv": 51.96012372238254,
  "summary_wm_k": 0.5594772994857831,
  "summary_wm_mad": 34.00111816753536,
  "summary_wm_mean": 1001.7010910095037,
  "summary_wm_median": 1000.045026736334,
  "summary_wm_n": 184404.0,
  "summary_wm_p05": 945.3784492649138,
  "summary_wm_p95": 1064.276567330584,
  "summary_wm_stdv": 36.10888039555772,
  "tpm_overlap_csf": 0.1371632512360363,
  "tpm_overlap_gm": 0.4405229736471762,
  "tpm_overlap_wm": 0.4971731335085507,
  "wm2max": 0.9010077660847172
}