{
  "bids_meta": {
    "AcquisitionMatrixPE": 240,
    "AcquisitionNumber": 6,
    "AcquisitionTime": "08:39:20.560000",
    "BodyPartExamined": "BRAIN",
    "CoilString": "MULTI_COIL",
    "ConversionSoftware": "dcm2niix",
    "ConversionSoftwareVersion": "v1.0.20190410  (JP2:OpenJPEG) GCC6.3.0",
    "Dcm2bidsVersion": "2.1.4",
    "DeviceSerialNumber": "42451",
    "EchoTime": 0.0035,
    "EchoTrainLength": 240,
    "FlipAngle": 8,
    "ImageOrientationPatientDICOM": [
      -0.00426116,
      0.999973,
      0.00590414,
      0.00474753,
      0.00592436,
      -0.999971
    ],
    "ImageType": [
      "ORIGINAL",
      "PRIMARY",
      "M",
      "FFE",
      "M",
      "FFE"
    ],
    "ImagingFrequency": 127.759,
    "InPlanePhaseEncodingDirectionDICOM": "ROW",
    "InstitutionAddress": "Calzada_Mexico_Xochimilco_No.101_Tlalpan",
    "InstitutionName": "I.N._Psiquiatria",
    "InstitutionalDepartmentName": "Imagenes_Cerebrales",
    "MRAcquisitionType": "3D",
    "MagneticFieldStrength": 3,
    "Manufacturer": "Philips",
    "ManufacturersModelName": "Ingenia",
    "Modality": "MR",
    "PatientPosition": "HFS",
    "PercentPhaseFOV": 100,
    "PhaseEncodingSteps": 240,
    "PhilipsRescaleIntercept": 0,
    "PhilipsRescaleSlope": 196.703,
    "PhilipsScaleSlope": 0.00559813,
    "PixelBandwidth": 310,
    "ProcedureStepDescription": "EDUARDO_TMS",
    "ProtocolName": "WIP_sT1W_3D_TFE_32_channel",
    "ReconMatrixPE": 240,
    "RepetitionTime": 0.007,
    "SAR": 0.0382114,
    "ScanOptions": "OTHER",
    "ScanningSequence": "GR",
    "SequenceVariant": "MP",
    "SeriesDescription": "sT1W_3D_TFE_32_channel",
    "SeriesNumber": 601,
    "SliceThickness": 1,
    "SoftwareVersions": "5.3.1_5.3.1.0",
    "SpacingBetweenSlices": 1,
    "StationName": "PHILIPS-CTMFQSD",
    "UsePhilipsFloatNotDisplayScaling": 1,
    "dataset": "ds003037",
    "modality": "T1w",
    "session_id": "t1",
    "subject_id": "034"
  },
  "cjv": 0.33609157328630834,
  "cnr": 4.022240516685852,
  "efc": 0.7363320785597104,
  "fber": -1.0,
  "fwhm_avg": 4.426726666666666,
  "fwhm_x": 4.31997,
  "fwhm_y": 4.64234,
  "fwhm_z": 4.31787,
  "icvs_csf": 0.24833510845638923,
  "icvs_gm": 0.4063461652818128,
  "icvs_wm": 0.345318726261798,
  "inu_med": 0.4373748302459717,
  "inu_range": 0.175711315870285,
  "provenance": {
    "md5sum": "30c8ea78e7a5fc502ec1507e2c248029",
    "settings": {
      "testing": false
    },
    "software": "mriqc",
    "version": "22.0.6",
    "warnings": {
      "large_rot_frame": true,
      "small_air_mask": false
    },
    "webapi_port": null,
    "webapi_url": "https://mriqc.nimh.nih.gov/api/v1"
  },
  "qi_1": 0.0,
  "qi_2": 5.2475461455338433e-05,
  "rpve_csf": 20.2083115740868,
  "rpve_gm": 12.143126830340435,
  "rpve_wm": 16.61761971176197,
  "size_x": 180,
  "size_y": 240,
  "size_z": 240,
  "snr_csf": 3.675674581869334,
  "snr_gm": 14.529405518411645,
  "snr_total": 15.813108674837203,
  "snr_wm": 29.234245924230635,
  "snrd_csf": 46.2292375903547,
  "snrd_gm": 109.40357119891816,
  "snrd_total": 100.48705210063615,
  "snrd_wm": 145.82834751263556,
  "spacing_x": 1.0,
  "spacing_y": 1.0,
  "spacing_z": 1.0,
  "summary_bg_k": 18.083000916514646,
  "summary_bg_mad": 0.0,
  "summary_bg_mean": 1.6621486565019714,
  "summary_bg_median": 0.0,
  "summary_bg_n": 333434.0,
  "summary_bg_p05": 0.0,
  "summary_bg_p95": 11.17689747735858,
  "summary_bg_stdv": 4.492572650254504,
  "summary_csf_k": 2.1022353980938764,
  "summary_csf_mad": 70.77304299367965,
  "summary_csf_mean": 324.75868190958323,
  "summary_csf_median": 317.01521765626967,
  "summary_csf_n": 64058.0,
  "summary_csf_p05": 206.42794129438698,
  "summary_csf_p95": 478.6124754566699,
  "summary_csf_stdv": 86.24613962601174,
  "summary_gm_k": 0.10037243328583667,
  "summary_gm_mad": 51.57416696754479,
  "summary_gm_mean": 750.3438959231974,
  "summary_gm_median": 750.2307791300118,
  "summary_gm_n": 35832.0,
  "summary_gm_p05": 666.5025229174644,
  "summary_gm_p95": 833.7620856072754,
  "summary_gm_stdv": 51.63461845567633,
  "summary_wm_k": 0.44626757981858445,
  "summary_wm_mad": 32.37529094140993,
  "summary_wm_mean": 1000.7425835587533,
  "summary_wm_median": 1000.0122809037566,
  "summary_wm_n": 187635.0,
  "summary_wm_p05": 945.6295352485031,
  "summary_wm_p95": 1058.1198384275658,
  "summary_wm_stdv": 34.20678674973382,
  "tpm_overlap_csf": 0.15975966338471304,
  "tpm_overlap_gm": 0.4467295342257473,
  "tpm_overlap_wm": 0.5000423003520219,
  "wm2max": 0.8869963969865706
}