{
  "aor": 0.0022770333333333335,
  "aqi": 0.012898402133333332,
  "bids_meta": {
    "AcquisitionMatrixPE": 70,
    "AcquisitionNumber": 3,
    "AcquisitionTime": "08:15:16.170000",
    "BodyPartExamined": "BRAIN",
    "CoilString": "MULTI_COIL",
    "ConversionSoftware": "dcm2niix",
    "ConversionSoftwareVersion": "v1.0.20190410  (JP2:OpenJPEG) GCC6.3.0",
    "Dcm2bidsVersion": "2.1.4",
    "DeviceSerialNumber": "42451",
    "EchoTime": 0.03,
    "EchoTrainLength": 35,
    "EffectiveEchoSpacing": 0.000698,
    "FlipAngle": 75,
    "ImageOrientationPatientDICOM": [
      0.999997,
      0.00216027,
      0.000691007,
      -0.0021618,
      0.999995,
      0.00222197
    ],
    "ImageType": [
      "ORIGINAL",
      "PRIMARY",
      "M",
      "FFE",
      "M",
      "FFE"
    ],
    "ImagingFrequency": 127.759,
    "InPlanePhaseEncodingDirectionDICOM": "COL",
    "InstitutionAddress": "Calzada_Mexico_Xochimilco_No.101_Tlalpan",
    "InstitutionName": "I.N._Psiquiatria",
    "InstitutionalDepartmentName": "Imagenes_Cerebrales",
    "MRAcquisitionType": "2D",
    "MagneticFieldStrength": 3,
    "Manufacturer": "Philips",
    "ManufacturersModelName": "Ingenia",
    "Modality": "MR",
    "PartialFourier": 0.5,
    "PatientPosition": "HFS",
    "PercentPhaseFOV": 100,
    "PhaseEncodingAxis": "j",
    "PhaseEncodingDirection": "j-",
    "PhaseEncodingSteps": 70,
    "PhilipsRescaleIntercept": 0,
    "PhilipsRescaleSlope": 0.819048,
    "PhilipsScaleSlope": 0.0225329,
    "PixelBandwidth": 1819,
    "ProcedureStepDescription": "PROTOCOLO_EDUARDO_TMS",
    "ProtocolName": "WIP_FE_EPI_32chSHC_AP",
    "ReconMatrixPE": 80,
    "RepetitionTime": 2,
    "SAR": 0.119138,
    "ScanOptions": "FS",
    "ScanningSequence": "GR",
    "SequenceVariant": "SK",
    "SeriesDescription": "FE_EPI_32chSHC_AP",
    "SeriesNumber": 301,
    "SliceThickness": 3.33,
    "SliceTiming": [
      0.0,
      1.027027,
      0.054054,
      1.081081,
      0.108108,
      1.135135,
      0.162162,
      1.189189,
      0.216216,
      1.243244,
      0.27027,
      1.297298,
      0.324324,
      1.351352,
      0.378378,
      1.405406,
      0.432432,
      1.45946,
      0.486486,
      1.513514,
      0.540541,
      1.567568,
      0.594595,
      1.621622,
      0.648649,
      1.675676,
      0.702703,
      1.72973,
      0.756757,
      1.783784,
      0.810811,
      1.837838,
      0.864865,
      1.891892,
      0.918919,
      1.945947,
      0.972973
    ],
    "SoftwareVersions": "5.3.1_5.3.1.0",
    "SpacingBetweenSlices": 3.33,
    "StationName": "PHILIPS-CTMFQSD",
    "TaskName": "rest",
    "TotalReadoutTime": 0.04884,
    "UsePhilipsFloatNotDisplayScaling": 1,
    "dataset": "ds003037",
    "modality": "bold",
    "session_id": "t1",
    "subject_id": "054",
    "task_id": "rest"
  },
  "dummy_trs": 0,
  "dvars_nstd": 28.76054835886288,
  "dvars_std": 1.23176099535117,
  "dvars_vstd": 0.9466531488628772,
  "efc": 0.3813585451388482,
  "fber": 115920.7421875,
  "fd_mean": 0.17965302590638438,
  "fd_num": 90,
  "fd_perc": 30.0,
  "fwhm_avg": 1.9886229669938305,
  "fwhm_x": 1.99847,
  "fwhm_y": 2.1288733333333334,
  "fwhm_z": 1.8385255676481587,
  "gcor": 0.0796133,
  "gsr_x": -0.008738263510167599,
  "gsr_y": 0.0002010031748795882,
  "provenance": {
    "md5sum": "7849dd1f5d3a8a84ed4315506ba45e39",
    "settings": {
      "fd_thres": 0.2,
      "testing": false
    },
    "software": "mriqc",
    "version": "22.0.6",
    "webapi_port": null,
    "webapi_url": "https://mriqc.nimh.nih.gov/api/v1"
  },
  "size_t": 300,
  "size_x": 80,
  "size_y": 80,
  "size_z": 37,
  "snr": 5.359531028565644,
  "spacing_tr": 2.0000016689300537,
  "spacing_x": 3.0,
  "spacing_y": 3.0,
  "spacing_z": 3.3299999237060547,
  "summary_bg_k": 61.454476864494566,
  "summary_bg_mad": 207.81345454574645,
  "summary_bg_mean": 1098.7724609375,
  "summary_bg_median": 177.32579040527344,
  "summary_bg_n": 168919.0,
  "summary_bg_p05": 14.399793148040771,
  "summary_bg_p95": 4894.886669921877,
  "summary_bg_stdv": 3121.265869140625,
  "summary_fg_k": 1.3679214039131304,
  "summary_fg_mad": 10297.929144558186,
  "summary_fg_mean": 62998.98828125,
  "summary_fg_median": 62653.734375,
  "summary_fg_n": 28229.0,
  "summary_fg_p05": 44171.63203125,
  "summary_fg_p95": 82134.84999999998,
  "summary_fg_stdv": 11689.9453125,
  "tsnr": 46.38230895996094
}