{
  "bids_meta": {
    "AcquisitionMatrixPE": 240,
    "AcquisitionNumber": 4,
    "AcquisitionTime": "09:10:8.090000",
    "BodyPartExamined": "BRAIN",
    "CoilString": "MULTI_COIL",
    "ConversionSoftware": "dcm2niix",
    "ConversionSoftwareVersion": "v1.0.20190410  (JP2:OpenJPEG) GCC6.3.0",
    "Dcm2bidsVersion": "2.1.4",
    "DeviceSerialNumber": "42451",
    "EchoTime": 0.003501,
    "EchoTrainLength": 240,
    "FlipAngle": 8,
    "ImageOrientationPatientDICOM": [
      -0.00949942,
      0.999923,
      0.00796666,
      -0.0430976,
      0.00755021,
      -0.999042
    ],
    "ImageType": [
      "ORIGINAL",
      "PRIMARY",
      "M",
      "FFE",
      "M",
      "FFE"
    ],
    "ImagingFrequency": 127.766,
    "InPlanePhaseEncodingDirectionDICOM": "ROW",
    "InstitutionAddress": "Calzada_Mexico_Xochimilco_No.101_Tlalpan",
    "InstitutionName": "I.N._Psiquiatria",
    "InstitutionalDepartmentName": "Imagenes_Cerebrales",
    "MRAcquisitionType": "3D",
    "MagneticFieldStrength": 3,
    "Manufacturer": "Philips",
    "ManufacturersModelName": "Ingenia",
    "Modality": "MR",
    "PatientPosition": "HFS",
    "PercentPhaseFOV": 100,
    "PhaseEncodingSteps": 240,
    "PhilipsRescaleIntercept": 0,
    "PhilipsRescaleSlope": 3.49548,
    "PhilipsScaleSlope": 0.00555616,
    "PixelBandwidth": 310,
    "ProcedureStepDescription": "EDUARDO_TMS",
    "ProtocolName": "sT1W_3D_TFE_32_channel",
    "ReconMatrixPE": 240,
    "RepetitionTime": 0.007,
    "SAR": 0.0382114,
    "ScanOptions": "OTHER",
    "ScanningSequence": "GR",
    "SequenceVariant": "MP",
    "SeriesDescription": "sT1W_3D_TFE_32_channel",
    "SeriesNumber": 401,
    "SliceThickness": 1,
    "SoftwareVersions": "5.3.1_5.3.1.0",
    "SpacingBetweenSlices": 1,
    "StationName": "PHILIPS-CTMFQSD",
    "UsePhilipsFloatNotDisplayScaling": 1,
    "dataset": "ds003037",
    "modality": "T1w",
    "session_id": "t3",
    "subject_id": "004"
  },
  "cjv": 0.3766061873566923,
  "cnr": 3.5749367918216564,
  "efc": 0.7328653256946301,
  "fber": -1.0,
  "fwhm_avg": 4.45353,
  "fwhm_x": 4.30378,
  "fwhm_y": 4.8032,
  "fwhm_z": 4.25361,
  "icvs_csf": 0.2670705863479801,
  "icvs_gm": 0.3904131200712231,
  "icvs_wm": 0.3425162935807968,
  "inu_med": 0.502955973148346,
  "inu_range": 0.22854286879301067,
  "provenance": {
    "md5sum": "283dd31ce122c669b4d442fdbc2d2fff",
    "settings": {
      "testing": false
    },
    "software": "mriqc",
    "version": "22.0.6",
    "warnings": {
      "large_rot_frame": true,
      "small_air_mask": false
    },
    "webapi_port": null,
    "webapi_url": "https://mriqc.nimh.nih.gov/api/v1"
  },
  "qi_1": 0.0002788686596299711,
  "qi_2": 4.687652905907136e-05,
  "rpve_csf": 17.88481142223589,
  "rpve_gm": 11.59955315207255,
  "rpve_wm": 15.25282253400831,
  "size_x": 180,
  "size_y": 240,
  "size_z": 240,
  "snr_csf": 3.823532728472286,
  "snr_gm": 14.01874035312248,
  "snr_total": 14.942837908341366,
  "snr_wm": 26.986240643429326,
  "snrd_csf": 38.237673475941264,
  "snrd_gm": 93.6059889261587,
  "snrd_total": 84.8045484231946,
  "snrd_wm": 122.56998286748383,
  "spacing_x": 1.0,
  "spacing_y": 1.0,
  "spacing_z": 1.0,
  "summary_bg_k": 20.798075148207108,
  "summary_bg_mad": 0.0,
  "summary_bg_mean": 2.0033889478941056,
  "summary_bg_median": 0.0,
  "summary_bg_n": 441978.0,
  "summary_bg_p05": 0.0,
  "summary_bg_p95": 12.675544813275337,
  "summary_bg_stdv": 5.345147803748132,
  "summary_csf_k": 2.8991280747508448,
  "summary_csf_mad": 56.461160207725584,
  "summary_csf_mean": 318.9156532706306,
  "summary_csf_median": 311.97475273907185,
  "summary_csf_n": 101848.0,
  "summary_csf_p05": 210.32888880856336,
  "summary_csf_p95": 465.8402317389846,
  "summary_csf_stdv": 81.59292552717844,
  "summary_gm_k": 0.1753087938237159,
  "summary_gm_mad": 53.85335002217814,
  "summary_gm_mean": 763.2793119827971,
  "summary_gm_median": 763.715534850955,
  "summary_gm_n": 27014.0,
  "summary_gm_p05": 674.5679256245494,
  "summary_gm_p95": 851.2996407523751,
  "summary_gm_stdv": 54.47717697398552,
  "summary_wm_k": 0.6616424287101541,
  "summary_wm_mad": 35.14334678618697,
  "summary_wm_mean": 1001.0042263145294,
  "summary_wm_median": 1000.0278945416212,
  "summary_wm_n": 193920.0,
  "summary_wm_p05": 942.4016291350126,
  "summary_wm_p95": 1063.0147427767515,
  "summary_wm_stdv": 37.056859060027115,
  "tpm_overlap_csf": 0.1561676657025149,
  "tpm_overlap_gm": 0.42651709234741886,
  "tpm_overlap_wm": 0.4718624224003706,
  "wm2max": 0.7313228658349837
}