{
  "bids_meta": {
    "AcquisitionMatrixPE": 240,
    "AcquisitionNumber": 4,
    "AcquisitionTime": "10:08:14.420000",
    "BodyPartExamined": "BRAIN",
    "CoilString": "MULTI_COIL",
    "ConversionSoftware": "dcm2niix",
    "ConversionSoftwareVersion": "v1.0.20190410  (JP2:OpenJPEG) GCC6.3.0",
    "Dcm2bidsVersion": "2.1.4",
    "DeviceSerialNumber": "42451",
    "EchoTime": 0.0035,
    "EchoTrainLength": 240,
    "FlipAngle": 8,
    "ImageOrientationPatientDICOM": [
      -4.18515e-05,
      0.999998,
      0.00199558,
      0.000498349,
      0.0019956,
      -0.999998
    ],
    "ImageType": [
      "ORIGINAL",
      "PRIMARY",
      "M",
      "FFE",
      "M",
      "FFE"
    ],
    "ImagingFrequency": 127.759,
    "InPlanePhaseEncodingDirectionDICOM": "ROW",
    "InstitutionAddress": "Calzada_Mexico_Xochimilco_No.101_Tlalpan",
    "InstitutionName": "I.N._Psiquiatria",
    "InstitutionalDepartmentName": "Imagenes_Cerebrales",
    "MRAcquisitionType": "3D",
    "MagneticFieldStrength": 3,
    "Manufacturer": "Philips",
    "ManufacturersModelName": "Ingenia",
    "Modality": "MR",
    "PatientPosition": "HFS",
    "PercentPhaseFOV": 100,
    "PhaseEncodingSteps": 240,
    "PhilipsRescaleIntercept": 0,
    "PhilipsRescaleSlope": 18.8078,
    "PhilipsScaleSlope": 0.00617201,
    "PixelBandwidth": 310,
    "ProcedureStepDescription": "PROTOCOLO_EDUARDO_TMS",
    "ProtocolName": "WIP_sT1W_3D_TFE_32_channel",
    "ReconMatrixPE": 240,
    "RepetitionTime": 0.007,
    "SAR": 0.0382114,
    "ScanOptions": "OTHER",
    "ScanningSequence": "GR",
    "SequenceVariant": "MP",
    "SeriesDescription": "sT1W_3D_TFE_32_channel",
    "SeriesNumber": 401,
    "SliceThickness": 1,
    "SoftwareVersions": "5.3.1_5.3.1.0",
    "SpacingBetweenSlices": 1,
    "StationName": "PHILIPS-CTMFQSD",
    "UsePhilipsFloatNotDisplayScaling": 1,
    "dataset": "ds003037",
    "modality": "T1w",
    "session_id": "t0",
    "subject_id": "045"
  },
  "cjv": 0.31571711208047437,
  "cnr": 4.206279018128058,
  "efc": 0.6979610568092817,
  "fber": -1.0,
  "fwhm_avg": 4.510656666666667,
  "fwhm_x": 4.23648,
  "fwhm_y": 5.09009,
  "fwhm_z": 4.2054,
  "icvs_csf": 0.22101684686949963,
  "icvs_gm": 0.43995442932665296,
  "icvs_wm": 0.3390287238038474,
  "inu_med": 0.43362942337989807,
  "inu_range": 0.13856232911348343,
  "provenance": {
    "md5sum": "47ec7a1ce70b7677461dabae46780ab5",
    "settings": {
      "testing": false
    },
    "software": "mriqc",
    "version": "22.0.6",
    "warnings": {
      "large_rot_frame": true,
      "small_air_mask": false
    },
    "webapi_port": null,
    "webapi_url": "https://mriqc.nimh.nih.gov/api/v1"
  },
  "qi_1": 0.0,
  "qi_2": 2.021675418420957e-05,
  "rpve_csf": 26.76293436894817,
  "rpve_gm": 13.851200605540425,
  "rpve_wm": 20.116259503987038,
  "size_x": 180,
  "size_y": 240,
  "size_z": 240,
  "snr_csf": 2.382014999914342,
  "snr_gm": 14.10652346305908,
  "snr_total": 15.66585389451293,
  "snr_wm": 30.509023220565364,
  "snrd_csf": 18.211378914071872,
  "snrd_gm": 44.939234350881605,
  "snrd_total": 41.382749899196114,
  "snrd_wm": 60.997636432634856,
  "spacing_x": 1.0,
  "spacing_y": 1.0,
  "spacing_z": 1.0,
  "summary_bg_k": 3484.4517373473054,
  "summary_bg_mad": 0.0,
  "summary_bg_mean": 3.188372772517855,
  "summary_bg_median": 0.0,
  "summary_bg_n": 537254.0,
  "summary_bg_p05": 0.0,
  "summary_bg_p95": 16.308728635311127,
  "summary_bg_stdv": 10.740357549440919,
  "summary_csf_k": -0.16639900340150815,
  "summary_csf_mad": 105.81983240838262,
  "summary_csf_mean": 282.2876373162065,
  "summary_csf_median": 298.5587749443948,
  "summary_csf_n": 40477.0,
  "summary_csf_p05": 55.776800114661455,
  "summary_csf_p95": 473.22336226478205,
  "summary_csf_stdv": 125.33719851769521,
  "summary_gm_k": 0.23599389517351366,
  "summary_gm_mad": 51.55685624148034,
  "summary_gm_mean": 737.6112983505095,
  "summary_gm_median": 736.7373342812061,
  "summary_gm_n": 44871.0,
  "summary_gm_p05": 654.3403273969889,
  "summary_gm_p95": 823.5907960832119,
  "summary_gm_stdv": 52.22612975198703,
  "summary_wm_k": 0.33199774451992337,
  "summary_wm_mad": 31.55968432505068,
  "summary_wm_mean": 1000.3517024820962,
  "summary_wm_median": 1000.0000380948186,
  "summary_wm_n": 154129.0,
  "summary_wm_p05": 947.1626018621027,
  "summary_wm_p95": 1054.6153153851628,
  "summary_wm_stdv": 32.77708325252185,
  "tpm_overlap_csf": 0.15116034609977103,
  "tpm_overlap_gm": 0.4779867688795554,
  "tpm_overlap_wm": 0.5199860380746136,
  "wm2max": 0.7819897161660279
}