{
  "aor": 0.006705699999999999,
  "aqi": 0.0139701583,
  "bids_meta": {
    "AcquisitionMatrixPE": 70,
    "AcquisitionNumber": 3,
    "AcquisitionTime": "10:11:13.950000",
    "BodyPartExamined": "BRAIN",
    "CoilString": "MULTI_COIL",
    "ConversionSoftware": "dcm2niix",
    "ConversionSoftwareVersion": "v1.0.20190410  (JP2:OpenJPEG) GCC6.3.0",
    "Dcm2bidsVersion": "2.1.4",
    "DeviceSerialNumber": "42451",
    "EchoTime": 0.03,
    "EchoTrainLength": 35,
    "EffectiveEchoSpacing": 0.000698,
    "FlipAngle": 75,
    "ImageOrientationPatientDICOM": [
      0.999991,
      -0.00197925,
      -0.00365764,
      0.00197077,
      0.999995,
      -0.00232113
    ],
    "ImageType": [
      "ORIGINAL",
      "PRIMARY",
      "M",
      "FFE",
      "M",
      "FFE"
    ],
    "ImagingFrequency": 127.759,
    "InPlanePhaseEncodingDirectionDICOM": "COL",
    "InstitutionAddress": "Calzada_Mexico_Xochimilco_No.101_Tlalpan",
    "InstitutionName": "I.N._Psiquiatria",
    "InstitutionalDepartmentName": "Imagenes_Cerebrales",
    "MRAcquisitionType": "2D",
    "MagneticFieldStrength": 3,
    "Manufacturer": "Philips",
    "ManufacturersModelName": "Ingenia",
    "Modality": "MR",
    "PartialFourier": 0.5,
    "PatientPosition": "HFS",
    "PercentPhaseFOV": 100,
    "PhaseEncodingAxis": "j",
    "PhaseEncodingDirection": "j-",
    "PhaseEncodingSteps": 70,
    "PhilipsRescaleIntercept": 0,
    "PhilipsRescaleSlope": 0.756288,
    "PhilipsScaleSlope": 0.0255408,
    "PixelBandwidth": 1819,
    "ProcedureStepDescription": "PROTOCOLO_EDUARDO_TMS",
    "ProtocolName": "WIP_FE_EPI_32chSHC_AP",
    "ReconMatrixPE": 80,
    "RepetitionTime": 2,
    "SAR": 0.119138,
    "ScanOptions": "FS",
    "ScanningSequence": "GR",
    "SequenceVariant": "SK",
    "SeriesDescription": "FE_EPI_32chSHC_AP",
    "SeriesNumber": 301,
    "SliceThickness": 3.33,
    "SliceTiming": [
      0.0,
      1.027027,
      0.054054,
      1.081081,
      0.108108,
      1.135135,
      0.162162,
      1.189189,
      0.216216,
      1.243244,
      0.27027,
      1.297298,
      0.324324,
      1.351352,
      0.378378,
      1.405406,
      0.432432,
      1.45946,
      0.486486,
      1.513514,
      0.540541,
      1.567568,
      0.594595,
      1.621622,
      0.648649,
      1.675676,
      0.702703,
      1.72973,
      0.756757,
      1.783784,
      0.810811,
      1.837838,
      0.864865,
      1.891892,
      0.918919,
      1.945947,
      0.972973
    ],
    "SoftwareVersions": "5.3.1_5.3.1.0",
    "SpacingBetweenSlices": 3.33,
    "StationName": "PHILIPS-CTMFQSD",
    "TaskName": "rest",
    "TotalReadoutTime": 0.04884,
    "UsePhilipsFloatNotDisplayScaling": 1,
    "dataset": "ds003037",
    "modality": "bold",
    "session_id": "t14",
    "subject_id": "047",
    "task_id": "rest"
  },
  "dummy_trs": 0,
  "dvars_nstd": 24.55438125896323,
  "dvars_std": 1.2046438497993313,
  "dvars_vstd": 1.0552449054180606,
  "efc": 0.42386276202989337,
  "fber": 91268.3984375,
  "fd_mean": 0.1998987880475493,
  "fd_num": 138,
  "fd_perc": 46.0,
  "fwhm_avg": 2.0321734678494647,
  "fwhm_x": 1.9553633333333333,
  "fwhm_y": 2.25613,
  "fwhm_z": 1.8850270702150607,
  "gcor": 0.0270105,
  "gsr_x": -0.013875004835426807,
  "gsr_y": 0.022476661950349808,
  "provenance": {
    "md5sum": "db623c276c23aa284b8f992ca967ac9b",
    "settings": {
      "fd_thres": 0.2,
      "testing": false
    },
    "software": "mriqc",
    "version": "22.0.6",
    "webapi_port": null,
    "webapi_url": "https://mriqc.nimh.nih.gov/api/v1"
  },
  "size_t": 300,
  "size_x": 80,
  "size_y": 80,
  "size_z": 37,
  "snr": 5.534804822845482,
  "spacing_tr": 2.0000016689300537,
  "spacing_x": 3.0,
  "spacing_y": 3.0,
  "spacing_z": 3.3299999237060547,
  "summary_bg_k": 109.25216735158342,
  "summary_bg_mad": 255.74739524873692,
  "summary_bg_mean": 1612.724609375,
  "summary_bg_median": 199.44985961914062,
  "summary_bg_n": 162313.0,
  "summary_bg_p05": 11.3130916595459,
  "summary_bg_p95": 7341.043945312499,
  "summary_bg_stdv": 4567.6630859375,
  "summary_fg_k": 1.7476747082687778,
  "summary_fg_mad": 9275.307160051405,
  "summary_fg_mean": 61473.47265625,
  "summary_fg_median": 61642.40625,
  "summary_fg_n": 33400.0,
  "summary_fg_p05": 42419.3509765625,
  "summary_fg_p95": 78794.5828125,
  "summary_fg_stdv": 11137.0654296875,
  "tsnr": 46.7159538269043
}