{
  "bids_meta": {
    "AcquisitionMatrixPE": 240,
    "AcquisitionNumber": 4,
    "AcquisitionTime": "07:39:27.720000",
    "CoilString": "MULTI_COIL",
    "ConversionSoftware": "dcm2niix",
    "ConversionSoftwareVersion": "v1.0.20190410  (JP2:OpenJPEG) GCC6.3.0",
    "Dcm2bidsVersion": "2.1.4",
    "DeviceSerialNumber": "42451",
    "EchoTime": 0.003501,
    "EchoTrainLength": 240,
    "FlipAngle": 8,
    "ImageOrientationPatientDICOM": [
      -0.0042116,
      0.999989,
      0.00196931,
      -0.00362181,
      0.00195406,
      -0.999992
    ],
    "ImageType": [
      "ORIGINAL",
      "PRIMARY",
      "M",
      "FFE",
      "M",
      "FFE"
    ],
    "ImagingFrequency": 127.766,
    "InPlanePhaseEncodingDirectionDICOM": "ROW",
    "InstitutionAddress": "Calzada_Mexico_Xochimilco_No.101_Tlalpan",
    "InstitutionName": "I.N._Psiquiatria",
    "InstitutionalDepartmentName": "Imagenes_Cerebrales",
    "MRAcquisitionType": "3D",
    "MagneticFieldStrength": 3,
    "Manufacturer": "Philips",
    "ManufacturersModelName": "Ingenia",
    "Modality": "MR",
    "PatientPosition": "HFS",
    "PercentPhaseFOV": 100,
    "PhaseEncodingSteps": 240,
    "PhilipsRescaleIntercept": 0,
    "PhilipsRescaleSlope": 12.4032,
    "PhilipsScaleSlope": 0.00518862,
    "PixelBandwidth": 310,
    "ProcedureStepDescription": "EDUARDO_TMS",
    "ProtocolName": "WIP_sT1W_3D_TFE_32_channel_SENSE",
    "ReconMatrixPE": 240,
    "RepetitionTime": 0.007,
    "SAR": 0.0382114,
    "ScanOptions": "OTHER",
    "ScanningSequence": "GR",
    "SequenceVariant": "MP",
    "SeriesDescription": "sT1W_3D_TFE_32_channel",
    "SeriesNumber": 401,
    "SliceThickness": 1,
    "SoftwareVersions": "5.1.7_5.1.7.2",
    "SpacingBetweenSlices": 1,
    "StationName": "INGENIA",
    "UsePhilipsFloatNotDisplayScaling": 1,
    "dataset": "ds003037",
    "modality": "T1w",
    "session_id": "t14",
    "subject_id": "013"
  },
  "cjv": 0.36185690492966427,
  "cnr": 3.6926313113140994,
  "efc": 0.783349376351428,
  "fber": -1.0,
  "fwhm_avg": 4.45444,
  "fwhm_x": 4.36689,
  "fwhm_y": 4.75567,
  "fwhm_z": 4.24076,
  "icvs_csf": 0.22275359206868042,
  "icvs_gm": 0.4119038475636,
  "icvs_wm": 0.36534256036771956,
  "inu_med": 0.40688320994377136,
  "inu_range": 0.14822738468647,
  "provenance": {
    "md5sum": "106459600e38172d65d5c36503699969",
    "settings": {
      "testing": false
    },
    "software": "mriqc",
    "version": "22.0.6",
    "warnings": {
      "large_rot_frame": true,
      "small_air_mask": true
    },
    "webapi_port": null,
    "webapi_url": "https://mriqc.nimh.nih.gov/api/v1"
  },
  "qi_1": 0.0,
  "qi_2": 0.0002589833273982481,
  "rpve_csf": 22.182917789031354,
  "rpve_gm": 12.130516949112302,
  "rpve_wm": 15.990419946894873,
  "size_x": 180,
  "size_y": 240,
  "size_z": 240,
  "snr_csf": 2.865608484362071,
  "snr_gm": 13.820949407546575,
  "snr_total": 15.131778366197272,
  "snr_wm": 28.708777206683166,
  "snrd_csf": 95.53114275076146,
  "snrd_gm": 227.66767664901096,
  "snrd_total": 207.64048810981998,
  "snrd_wm": 299.7226449296874,
  "spacing_x": 1.0,
  "spacing_y": 1.0,
  "spacing_z": 1.0,
  "summary_bg_k": 77.65174184775836,
  "summary_bg_mad": 0.0,
  "summary_bg_mean": 0.34251983394413843,
  "summary_bg_median": 0.0,
  "summary_bg_n": 53255.0,
  "summary_bg_p05": 0.0,
  "summary_bg_p95": 0.0,
  "summary_bg_stdv": 2.1858341222922437,
  "summary_csf_k": 0.8946720293637789,
  "summary_csf_mad": 96.95603591832906,
  "summary_csf_mean": 328.85765084859617,
  "summary_csf_median": 318.73550540953875,
  "summary_csf_n": 42356.0,
  "summary_csf_p05": 160.85717095434666,
  "summary_csf_p95": 530.6081378813833,
  "summary_csf_stdv": 111.22654910770554,
  "summary_gm_k": 0.23543636873504514,
  "summary_gm_mad": 53.47645766399364,
  "summary_gm_mean": 759.4526665141505,
  "summary_gm_median": 759.6033072844148,
  "summary_gm_n": 31497.0,
  "summary_gm_p05": 668.9173638775944,
  "summary_gm_p95": 848.4696203336118,
  "summary_gm_stdv": 54.9594117195871,
  "summary_wm_k": 0.3370574584535415,
  "summary_wm_mad": 33.516934733066435,
  "summary_wm_mean": 1000.0351701196948,
  "summary_wm_median": 1000.0115769952536,
  "summary_wm_n": 203666.0,
  "summary_wm_p05": 943.252041220665,
  "summary_wm_p95": 1057.5966430399567,
  "summary_wm_stdv": 34.83287061530339,
  "tpm_overlap_csf": 0.15982247543518457,
  "tpm_overlap_gm": 0.4601527347109468,
  "tpm_overlap_wm": 0.5207951865909581,
  "wm2max": 0.9009695002704614
}