{
  "bids_meta": {
    "AcquisitionMatrixPE": 240,
    "AcquisitionNumber": 4,
    "AcquisitionTime": "08:25:33.040000",
    "BodyPartExamined": "BRAIN",
    "CoilString": "MULTI_COIL",
    "ConversionSoftware": "dcm2niix",
    "ConversionSoftwareVersion": "v1.0.20190410  (JP2:OpenJPEG) GCC6.3.0",
    "Dcm2bidsVersion": "2.1.4",
    "DeviceSerialNumber": "42451",
    "EchoTime": 0.0035,
    "EchoTrainLength": 240,
    "FlipAngle": 8,
    "ImageOrientationPatientDICOM": [
      -0.0021618,
      0.999995,
      0.00222197,
      0.000686203,
      0.00222346,
      -0.999997
    ],
    "ImageType": [
      "ORIGINAL",
      "PRIMARY",
      "M",
      "FFE",
      "M",
      "FFE"
    ],
    "ImagingFrequency": 127.759,
    "InPlanePhaseEncodingDirectionDICOM": "ROW",
    "InstitutionAddress": "Calzada_Mexico_Xochimilco_No.101_Tlalpan",
    "InstitutionName": "I.N._Psiquiatria",
    "InstitutionalDepartmentName": "Imagenes_Cerebrales",
    "MRAcquisitionType": "3D",
    "MagneticFieldStrength": 3,
    "Manufacturer": "Philips",
    "ManufacturersModelName": "Ingenia",
    "Modality": "MR",
    "PatientPosition": "HFS",
    "PercentPhaseFOV": 100,
    "PhaseEncodingSteps": 240,
    "PhilipsRescaleIntercept": 0,
    "PhilipsRescaleSlope": 3.74823,
    "PhilipsScaleSlope": 0.0060744,
    "PixelBandwidth": 310,
    "ProcedureStepDescription": "PROTOCOLO_EDUARDO_TMS",
    "ProtocolName": "WIP_sT1W_3D_TFE_32_channel",
    "ReconMatrixPE": 240,
    "RepetitionTime": 0.007,
    "SAR": 0.0382114,
    "ScanOptions": "OTHER",
    "ScanningSequence": "GR",
    "SequenceVariant": "MP",
    "SeriesDescription": "sT1W_3D_TFE_32_channel",
    "SeriesNumber": 401,
    "SliceThickness": 1,
    "SoftwareVersions": "5.3.1_5.3.1.0",
    "SpacingBetweenSlices": 1,
    "StationName": "PHILIPS-CTMFQSD",
    "UsePhilipsFloatNotDisplayScaling": 1,
    "dataset": "ds003037",
    "modality": "T1w",
    "session_id": "t1",
    "subject_id": "054"
  },
  "cjv": 0.3444274927420534,
  "cnr": 3.868480235864119,
  "efc": 0.69368682611495,
  "fber": -1.0,
  "fwhm_avg": 4.762646666666667,
  "fwhm_x": 4.70624,
  "fwhm_y": 5.03957,
  "fwhm_z": 4.54213,
  "icvs_csf": 0.2236407105733679,
  "icvs_gm": 0.4053479193922596,
  "icvs_wm": 0.37101137003437246,
  "inu_med": 0.3841537833213806,
  "inu_range": 0.14097625017166138,
  "provenance": {
    "md5sum": "bf820e54f074aa51175d91a2457e7d81",
    "settings": {
      "testing": false
    },
    "software": "mriqc",
    "version": "22.0.6",
    "warnings": {
      "large_rot_frame": true,
      "small_air_mask": false
    },
    "webapi_port": null,
    "webapi_url": "https://mriqc.nimh.nih.gov/api/v1"
  },
  "qi_1": 0.0,
  "qi_2": 5.430980065132817e-05,
  "rpve_csf": 26.71067348064724,
  "rpve_gm": 14.641362075690875,
  "rpve_wm": 18.521430780072485,
  "size_x": 180,
  "size_y": 240,
  "size_z": 240,
  "snr_csf": 2.7201215129033396,
  "snr_gm": 14.774820001685342,
  "snr_total": 16.500822880250162,
  "snr_wm": 32.007527126161804,
  "snrd_csf": 27.077076353045083,
  "snrd_gm": 66.5284265926135,
  "snrd_total": 60.2132622384367,
  "snrd_wm": 87.03428376965151,
  "spacing_x": 1.0,
  "spacing_y": 1.0,
  "spacing_z": 1.0,
  "summary_bg_k": 22.07240392943188,
  "summary_bg_mad": 0.0,
  "summary_bg_mean": 4.124539161832297,
  "summary_bg_median": 0.0,
  "summary_bg_n": 518938.0,
  "summary_bg_p05": 0.0,
  "summary_bg_p95": 18.403146179392934,
  "summary_bg_stdv": 7.527337256522858,
  "summary_csf_k": 0.3352892809528525,
  "summary_csf_mad": 97.64133216980144,
  "summary_csf_mean": 315.3350937672113,
  "summary_csf_median": 311.1081686653197,
  "summary_csf_n": 42432.0,
  "summary_csf_p05": 105.74739417163656,
  "summary_csf_p95": 512.8556963911278,
  "summary_csf_stdv": 114.37154597921635,
  "summary_gm_k": 0.17093848014799917,
  "summary_gm_mad": 51.211748690870365,
  "summary_gm_mean": 763.9763869822946,
  "summary_gm_median": 764.3933448186144,
  "summary_gm_n": 35838.0,
  "summary_gm_p05": 678.7734252288938,
  "summary_gm_p95": 848.5142806529068,
  "summary_gm_stdv": 51.735498645144375,
  "summary_wm_k": 0.35561741513239653,
  "summary_wm_mad": 29.937664408989775,
  "summary_wm_mean": 999.9328350829144,
  "summary_wm_median": 1000.0000104010105,
  "summary_wm_n": 187502.0,
  "summary_wm_p05": 949.2090943548828,
  "summary_wm_p95": 1051.8513718452305,
  "summary_wm_stdv": 31.242568031500404,
  "tpm_overlap_csf": 0.13191687055803242,
  "tpm_overlap_gm": 0.43862550823893115,
  "tpm_overlap_wm": 0.4978073239493733,
  "wm2max": 0.9112945348168272
}