{
  "bids_meta": {
    "AcquisitionMatrixPE": 240,
    "AcquisitionNumber": 4,
    "AcquisitionTime": "12:55:7.280000",
    "BodyPartExamined": "BRAIN",
    "CoilString": "MULTI_COIL",
    "ConversionSoftware": "dcm2niix",
    "ConversionSoftwareVersion": "v1.0.20190410  (JP2:OpenJPEG) GCC6.3.0",
    "Dcm2bidsVersion": "2.1.4",
    "DeviceSerialNumber": "42451",
    "EchoTime": 0.0035,
    "EchoTrainLength": 240,
    "FlipAngle": 8,
    "ImageOrientationPatientDICOM": [
      -0.0042116,
      0.999988,
      -0.00261787,
      -0.00362181,
      -0.00263313,
      -0.99999
    ],
    "ImageType": [
      "ORIGINAL",
      "PRIMARY",
      "M",
      "FFE",
      "M",
      "FFE"
    ],
    "ImagingFrequency": 127.759,
    "InPlanePhaseEncodingDirectionDICOM": "ROW",
    "InstitutionAddress": "Calzada_Mexico_Xochimilco_No.101_Tlalpan",
    "InstitutionName": "I.N._Psiquiatria",
    "InstitutionalDepartmentName": "Imagenes_Cerebrales",
    "MRAcquisitionType": "3D",
    "MagneticFieldStrength": 3,
    "Manufacturer": "Philips",
    "ManufacturersModelName": "Ingenia",
    "Modality": "MR",
    "PatientPosition": "HFS",
    "PercentPhaseFOV": 100,
    "PhaseEncodingSteps": 240,
    "PhilipsRescaleIntercept": 0,
    "PhilipsRescaleSlope": 3.7177,
    "PhilipsScaleSlope": 0.0061525,
    "PixelBandwidth": 310,
    "ProcedureStepDescription": "EDUARDO_TMS",
    "ProtocolName": "WIP_sT1W_3D_TFE_32_channel",
    "ReconMatrixPE": 240,
    "RepetitionTime": 0.007,
    "SAR": 0.0382114,
    "ScanOptions": "OTHER",
    "ScanningSequence": "GR",
    "SequenceVariant": "MP",
    "SeriesDescription": "sT1W_3D_TFE_32_channel",
    "SeriesNumber": 401,
    "SliceThickness": 1,
    "SoftwareVersions": "5.3.1_5.3.1.0",
    "SpacingBetweenSlices": 1,
    "StationName": "PHILIPS-CTMFQSD",
    "UsePhilipsFloatNotDisplayScaling": 1,
    "dataset": "ds003037",
    "modality": "T1w",
    "session_id": "t1",
    "subject_id": "030"
  },
  "cjv": 0.34324837354507126,
  "cnr": 3.955439088784609,
  "efc": 0.725805563638914,
  "fber": -1.0,
  "fwhm_avg": 4.462753333333334,
  "fwhm_x": 4.29594,
  "fwhm_y": 4.8783,
  "fwhm_z": 4.21402,
  "icvs_csf": 0.20185422053355384,
  "icvs_gm": 0.4375237890131612,
  "icvs_wm": 0.36062199045328497,
  "inu_med": 0.4137316197156906,
  "inu_range": 0.15650355368852614,
  "provenance": {
    "md5sum": "ef5091b4d0bcea990daad1d0031b8354",
    "settings": {
      "testing": false
    },
    "software": "mriqc",
    "version": "22.0.6",
    "warnings": {
      "large_rot_frame": true,
      "small_air_mask": false
    },
    "webapi_port": null,
    "webapi_url": "https://mriqc.nimh.nih.gov/api/v1"
  },
  "qi_1": 0.0,
  "qi_2": 0.00013623554038262245,
  "rpve_csf": 24.971164240458773,
  "rpve_gm": 12.181541682396135,
  "rpve_wm": 16.645824304481977,
  "size_x": 180,
  "size_y": 240,
  "size_z": 240,
  "snr_csf": 2.8036301485685207,
  "snr_gm": 14.943912495708446,
  "snr_total": 15.630088274906187,
  "snr_wm": 29.1427221804416,
  "snrd_csf": 39.24897775554744,
  "snrd_gm": 92.83159555720646,
  "snrd_total": 84.90066043911962,
  "snrd_wm": 122.62140800460494,
  "spacing_x": 1.0,
  "spacing_y": 1.0,
  "spacing_z": 1.0,
  "summary_bg_k": 12.208352751727642,
  "summary_bg_mad": 0.0,
  "summary_bg_mean": 2.356626424501478,
  "summary_bg_median": 0.0,
  "summary_bg_n": 386500.0,
  "summary_bg_p05": 0.0,
  "summary_bg_p95": 14.204333405941725,
  "summary_bg_stdv": 5.342757101210383,
  "summary_csf_k": 0.9775635693949694,
  "summary_csf_mad": 86.45039905390449,
  "summary_csf_mean": 325.7694791983887,
  "summary_csf_median": 320.08258832618594,
  "summary_csf_n": 37097.0,
  "summary_csf_p05": 104.38070572912693,
  "summary_csf_p95": 528.455930430442,
  "summary_csf_stdv": 114.1656556697297,
  "summary_gm_k": 0.12215055364772276,
  "summary_gm_mad": 50.60151343940144,
  "summary_gm_mean": 756.5043585673952,
  "summary_gm_median": 757.0586314238608,
  "summary_gm_n": 47686.0,
  "summary_gm_p05": 673.5304344119504,
  "summary_gm_p95": 838.1800521537662,
  "summary_gm_stdv": 50.65947044622933,
  "summary_wm_k": 0.40630326034398534,
  "summary_wm_mad": 32.78771534083664,
  "summary_wm_mean": 1000.5823045139127,
  "summary_wm_median": 999.999997522682,
  "summary_wm_n": 191891.0,
  "summary_wm_p05": 945.3717730753124,
  "summary_wm_p95": 1057.9865144565701,
  "summary_wm_stdv": 34.313794905010724,
  "tpm_overlap_csf": 0.15038679629096682,
  "tpm_overlap_gm": 0.4737920943341426,
  "tpm_overlap_wm": 0.5183016860908454,
  "wm2max": 0.80111201897208
}