{
  "aor": 0.0012504,
  "aqi": 0.008384624266666666,
  "bids_meta": {
    "AcquisitionMatrixPE": 70,
    "AcquisitionNumber": 3,
    "AcquisitionTime": "08:10:38.080000",
    "CoilString": "MULTI_COIL",
    "ConversionSoftware": "dcm2niix",
    "ConversionSoftwareVersion": "v1.0.20190410  (JP2:OpenJPEG) GCC6.3.0",
    "Dcm2bidsVersion": "2.1.4",
    "DeviceSerialNumber": "42451",
    "EchoTime": 0.03,
    "EchoTrainLength": 35,
    "EffectiveEchoSpacing": 0.000698,
    "FlipAngle": 75,
    "ImageOrientationPatientDICOM": [
      0.999954,
      0.00394767,
      0.00878191,
      -0.00381651,
      0.999882,
      -0.0149024
    ],
    "ImageType": [
      "ORIGINAL",
      "PRIMARY",
      "M",
      "FFE",
      "M",
      "FFE"
    ],
    "ImagingFrequency": 127.766,
    "InPlanePhaseEncodingDirectionDICOM": "COL",
    "InstitutionAddress": "Calzada_Mexico_Xochimilco_No.101_Tlalpan",
    "InstitutionName": "I.N._Psiquiatria",
    "InstitutionalDepartmentName": "Imagenes_Cerebrales",
    "MRAcquisitionType": "2D",
    "MagneticFieldStrength": 3,
    "Manufacturer": "Philips",
    "ManufacturersModelName": "Ingenia",
    "Modality": "MR",
    "PartialFourier": 0.5,
    "PatientPosition": "HFS",
    "PercentPhaseFOV": 100,
    "PhaseEncodingAxis": "j",
    "PhaseEncodingDirection": "j-",
    "PhaseEncodingSteps": 70,
    "PhilipsRescaleIntercept": 0,
    "PhilipsRescaleSlope": 0.812698,
    "PhilipsScaleSlope": 0.0780153,
    "PixelBandwidth": 1819,
    "ProcedureStepDescription": "EDUARDOTMS",
    "ProtocolName": "WIP_FE_EPI_32chSHC_AP_SENSE",
    "ReconMatrixPE": 80,
    "RepetitionTime": 2,
    "SAR": 0.119138,
    "ScanOptions": "FS",
    "ScanningSequence": "GR",
    "SequenceVariant": "SK",
    "SeriesDescription": "FE_EPI_32chSHC_AP",
    "SeriesNumber": 301,
    "SliceThickness": 3.33,
    "SliceTiming": [
      0.0,
      1.027027,
      0.054054,
      1.081081,
      0.108108,
      1.135135,
      0.162162,
      1.189189,
      0.216216,
      1.243244,
      0.27027,
      1.297298,
      0.324324,
      1.351352,
      0.378378,
      1.405406,
      0.432432,
      1.45946,
      0.486486,
      1.513514,
      0.540541,
      1.567568,
      0.594595,
      1.621622,
      0.648649,
      1.675676,
      0.702703,
      1.72973,
      0.756757,
      1.783784,
      0.810811,
      1.837838,
      0.864865,
      1.891892,
      0.918919,
      1.945947,
      0.972973
    ],
    "SoftwareVersions": "5.1.7_5.1.7.2",
    "SpacingBetweenSlices": 3.33,
    "StationName": "INGENIA",
    "TaskName": "rest",
    "TotalReadoutTime": 0.04884,
    "UsePhilipsFloatNotDisplayScaling": 1,
    "dataset": "ds003037",
    "modality": "bold",
    "session_id": "t0",
    "subject_id": "008",
    "task_id": "rest"
  },
  "dummy_trs": 0,
  "dvars_nstd": 28.492533061806007,
  "dvars_std": 1.4555719396655515,
  "dvars_vstd": 0.9360805593979934,
  "efc": 0.4229942310889769,
  "fber": 166306.75,
  "fd_mean": 0.11985205113304191,
  "fd_num": 21,
  "fd_perc": 7.0,
  "fwhm_avg": 2.071240405120986,
  "fwhm_x": 2.02928,
  "fwhm_y": 2.2556033333333336,
  "fwhm_z": 1.928837882029625,
  "gcor": 0.0402355,
  "gsr_x": -0.015471233054995537,
  "gsr_y": 0.011104167439043522,
  "provenance": {
    "md5sum": "4bbc9c050ba01602f2aaf55cb21e69a4",
    "settings": {
      "fd_thres": 0.2,
      "testing": false
    },
    "software": "mriqc",
    "version": "22.0.6",
    "webapi_port": null,
    "webapi_url": "https://mriqc.nimh.nih.gov/api/v1"
  },
  "size_t": 300,
  "size_x": 80,
  "size_y": 80,
  "size_z": 37,
  "snr": 5.562670601331533,
  "spacing_tr": 2.0000016689300537,
  "spacing_x": 3.0,
  "spacing_y": 3.0,
  "spacing_z": 3.3299999237060547,
  "summary_bg_k": 44.34686477935391,
  "summary_bg_mad": 63.249134550980834,
  "summary_bg_mean": 640.81396484375,
  "summary_bg_median": 53.74263000488281,
  "summary_bg_n": 163618.0,
  "summary_bg_p05": 6.107539582252503,
  "summary_bg_p95": 3240.695092773437,
  "summary_bg_stdv": 1671.5611572265625,
  "summary_fg_k": 0.9902409998570789,
  "summary_fg_mad": 3580.837634000907,
  "summary_fg_mean": 22415.095703125,
  "summary_fg_median": 22481.201171875,
  "summary_fg_n": 31897.0,
  "summary_fg_p05": 15369.111523437501,
  "summary_fg_p95": 28773.810937499995,
  "summary_fg_stdv": 4041.376953125,
  "tsnr": 63.26081848144531
}