{
  "aor": 0.0033222666666666667,
  "aqi": 0.011790062600000002,
  "bids_meta": {
    "AcquisitionMatrixPE": 70,
    "AcquisitionNumber": 6,
    "AcquisitionTime": "08:11:21.670000",
    "BodyPartExamined": "BRAIN",
    "CoilString": "MULTI_COIL",
    "ConversionSoftware": "dcm2niix",
    "ConversionSoftwareVersion": "v1.0.20190410  (JP2:OpenJPEG) GCC6.3.0",
    "Dcm2bidsVersion": "2.1.4",
    "DeviceSerialNumber": "42451",
    "EchoTime": 0.03,
    "EchoTrainLength": 35,
    "EffectiveEchoSpacing": 0.000698,
    "FlipAngle": 75,
    "ImageOrientationPatientDICOM": [
      0.999985,
      0.00413941,
      -0.0037041,
      -0.0042116,
      0.999797,
      -0.019698
    ],
    "ImageType": [
      "ORIGINAL",
      "PRIMARY",
      "M",
      "FFE",
      "M",
      "FFE"
    ],
    "ImagingFrequency": 127.76,
    "InPlanePhaseEncodingDirectionDICOM": "COL",
    "InstitutionAddress": "Calzada_Mexico_Xochimilco_No.101_Tlalpan",
    "InstitutionName": "I.N._Psiquiatria",
    "InstitutionalDepartmentName": "Imagenes_Cerebrales",
    "MRAcquisitionType": "2D",
    "MagneticFieldStrength": 3,
    "Manufacturer": "Philips",
    "ManufacturersModelName": "Ingenia",
    "Modality": "MR",
    "PartialFourier": 0.5,
    "PatientPosition": "HFS",
    "PercentPhaseFOV": 100,
    "PhaseEncodingAxis": "j",
    "PhaseEncodingDirection": "j-",
    "PhaseEncodingSteps": 70,
    "PhilipsRescaleIntercept": 0,
    "PhilipsRescaleSlope": 0.770208,
    "PhilipsScaleSlope": 0.0230721,
    "PixelBandwidth": 1819,
    "ProcedureStepDescription": "EDUARDO_TMS",
    "ProtocolName": "WIP_FE_EPI_32chSHC_AP",
    "ReconMatrixPE": 80,
    "RepetitionTime": 2,
    "SAR": 0.119138,
    "ScanOptions": "FS",
    "ScanningSequence": "GR",
    "SequenceVariant": "SK",
    "SeriesDescription": "FE_EPI_32chSHC_AP",
    "SeriesNumber": 601,
    "SliceThickness": 3.33,
    "SliceTiming": [
      0.0,
      1.027027,
      0.054054,
      1.081081,
      0.108108,
      1.135135,
      0.162162,
      1.189189,
      0.216216,
      1.243244,
      0.27027,
      1.297298,
      0.324324,
      1.351352,
      0.378378,
      1.405406,
      0.432432,
      1.45946,
      0.486486,
      1.513514,
      0.540541,
      1.567568,
      0.594595,
      1.621622,
      0.648649,
      1.675676,
      0.702703,
      1.72973,
      0.756757,
      1.783784,
      0.810811,
      1.837838,
      0.864865,
      1.891892,
      0.918919,
      1.945947,
      0.972973
    ],
    "SoftwareVersions": "5.3.1_5.3.1.1",
    "SpacingBetweenSlices": 3.33,
    "StationName": "PHILIPS-CTMFQSD",
    "TaskName": "rest",
    "TotalReadoutTime": 0.04884,
    "UsePhilipsFloatNotDisplayScaling": 1,
    "dataset": "ds003037",
    "modality": "bold",
    "session_id": "t0",
    "subject_id": "019",
    "task_id": "rest"
  },
  "dummy_trs": 0,
  "dvars_nstd": 25.44536505712374,
  "dvars_std": 1.1689627347826088,
  "dvars_vstd": 0.9792541108026758,
  "efc": 0.4060787365922978,
  "fber": 94872.5234375,
  "fd_mean": 0.1732662886745545,
  "fd_num": 74,
  "fd_perc": 24.666666666666668,
  "fwhm_avg": 1.9528726567680552,
  "fwhm_x": 1.9610533333333333,
  "fwhm_y": 2.04797,
  "fwhm_z": 1.8495946369708325,
  "gcor": 0.100207,
  "gsr_x": -0.00014263753837440163,
  "gsr_y": 0.0070180343464016914,
  "provenance": {
    "md5sum": "7263abe27ee3125f94d670d1d25e77b6",
    "settings": {
      "fd_thres": 0.2,
      "testing": false
    },
    "software": "mriqc",
    "version": "22.0.6",
    "webapi_port": null,
    "webapi_url": "https://mriqc.nimh.nih.gov/api/v1"
  },
  "size_t": 300,
  "size_x": 80,
  "size_y": 80,
  "size_z": 37,
  "snr": 5.676051207538702,
  "spacing_tr": 2.0000016689300537,
  "spacing_x": 3.0,
  "spacing_y": 3.0,
  "spacing_z": 3.3299999237060547,
  "summary_bg_k": 124.78128639928447,
  "summary_bg_mad": 271.78233287992606,
  "summary_bg_mean": 1571.43505859375,
  "summary_bg_median": 219.8164520263672,
  "summary_bg_n": 165622.0,
  "summary_bg_p05": 13.258979749679566,
  "summary_bg_p95": 7395.183081054683,
  "summary_bg_stdv": 4340.3408203125,
  "summary_fg_k": 2.5642605631707065,
  "summary_fg_mad": 9810.18486745188,
  "summary_fg_mean": 68327.390625,
  "summary_fg_median": 67791.4140625,
  "summary_fg_n": 31016.0,
  "summary_fg_p05": 50268.884765625,
  "summary_fg_p95": 88038.892578125,
  "summary_fg_stdv": 11943.21875,
  "tsnr": 51.08639907836914
}