{
  "bids_meta": {
    "AcquisitionMatrixPE": 240,
    "AcquisitionNumber": 4,
    "AcquisitionTime": "09:50:6.300000",
    "BodyPartExamined": "BRAIN",
    "CoilString": "MULTI_COIL",
    "ConversionSoftware": "dcm2niix",
    "ConversionSoftwareVersion": "v1.0.20190410  (JP2:OpenJPEG) GCC6.3.0",
    "Dcm2bidsVersion": "2.1.4",
    "DeviceSerialNumber": "42451",
    "EchoTime": 0.0035,
    "EchoTrainLength": 240,
    "FlipAngle": 8,
    "ImageOrientationPatientDICOM": [
      -0.00420245,
      0.99999,
      0.00170259,
      0.000597461,
      0.00170512,
      -0.999998
    ],
    "ImageType": [
      "ORIGINAL",
      "PRIMARY",
      "M",
      "FFE",
      "M",
      "FFE"
    ],
    "ImagingFrequency": 127.759,
    "InPlanePhaseEncodingDirectionDICOM": "ROW",
    "InstitutionAddress": "Calzada_Mexico_Xochimilco_No.101_Tlalpan",
    "InstitutionName": "I.N._Psiquiatria",
    "InstitutionalDepartmentName": "Imagenes_Cerebrales",
    "MRAcquisitionType": "3D",
    "MagneticFieldStrength": 3,
    "Manufacturer": "Philips",
    "ManufacturersModelName": "Ingenia",
    "Modality": "MR",
    "PatientPosition": "HFS",
    "PercentPhaseFOV": 100,
    "PhaseEncodingSteps": 240,
    "PhilipsRescaleIntercept": 0,
    "PhilipsRescaleSlope": 3.45324,
    "PhilipsScaleSlope": 0.00598526,
    "PixelBandwidth": 310,
    "ProcedureStepDescription": "PROTOCOLO_EDUARDO_TMS",
    "ProtocolName": "WIP_sT1W_3D_TFE_32_channel",
    "ReconMatrixPE": 240,
    "RepetitionTime": 0.007,
    "SAR": 0.0382114,
    "ScanOptions": "OTHER",
    "ScanningSequence": "GR",
    "SequenceVariant": "MP",
    "SeriesDescription": "sT1W_3D_TFE_32_channel",
    "SeriesNumber": 401,
    "SliceThickness": 1,
    "SoftwareVersions": "5.3.1_5.3.1.0",
    "SpacingBetweenSlices": 1,
    "StationName": "PHILIPS-CTMFQSD",
    "UsePhilipsFloatNotDisplayScaling": 1,
    "dataset": "ds003037",
    "modality": "T1w",
    "session_id": "t0",
    "subject_id": "040"
  },
  "cjv": 0.3858962430741029,
  "cnr": 3.4839183204239665,
  "efc": 0.7237639594525868,
  "fber": -1.0,
  "fwhm_avg": 4.4392000000000005,
  "fwhm_x": 4.21891,
  "fwhm_y": 4.87112,
  "fwhm_z": 4.22757,
  "icvs_csf": 0.22658881351107582,
  "icvs_gm": 0.4013535654771608,
  "icvs_wm": 0.3720576210117634,
  "inu_med": 0.39268746972084045,
  "inu_range": 0.15913602709770203,
  "provenance": {
    "md5sum": "fdbf0e5f7d2c64efadbc045543e7420d",
    "settings": {
      "testing": false
    },
    "software": "mriqc",
    "version": "22.0.6",
    "warnings": {
      "large_rot_frame": true,
      "small_air_mask": false
    },
    "webapi_port": null,
    "webapi_url": "https://mriqc.nimh.nih.gov/api/v1"
  },
  "qi_1": 0.0,
  "qi_2": 3.308079985259659e-05,
  "rpve_csf": 21.170048756403137,
  "rpve_gm": 12.037260391480377,
  "rpve_wm": 15.424100787344937,
  "size_x": 180,
  "size_y": 240,
  "size_z": 240,
  "snr_csf": 3.248644322204683,
  "snr_gm": 14.433148629713536,
  "snr_total": 15.238586547696661,
  "snr_wm": 28.033966691171763,
  "snrd_csf": 31.441566735381013,
  "snrd_gm": 72.81513801439328,
  "snrd_total": 66.10068666412937,
  "snrd_wm": 94.04535524261381,
  "spacing_x": 1.0,
  "spacing_y": 1.0,
  "spacing_z": 1.0,
  "summary_bg_k": 3335.1537128430846,
  "summary_bg_mad": 0.0,
  "summary_bg_mean": 2.6210479845238344,
  "summary_bg_median": 0.0,
  "summary_bg_n": 443675.0,
  "summary_bg_p05": 0.0,
  "summary_bg_p95": 14.95893994923652,
  "summary_bg_stdv": 6.966175102836307,
  "summary_csf_k": 1.4417099043892039,
  "summary_csf_mad": 83.93135547349063,
  "summary_csf_mean": 344.6480075815045,
  "summary_csf_median": 334.3234468214214,
  "summary_csf_n": 43742.0,
  "summary_csf_p05": 199.51077426038682,
  "summary_csf_p95": 531.0885454695672,
  "summary_csf_stdv": 102.9105042298096,
  "summary_gm_k": 0.12869536467468068,
  "summary_gm_mad": 53.067708884032434,
  "summary_gm_mean": 772.9889371926496,
  "summary_gm_median": 774.2555619645864,
  "summary_gm_n": 26186.0,
  "summary_gm_p05": 683.4548214334063,
  "summary_gm_p95": 858.7974101342261,
  "summary_gm_stdv": 53.643234606500506,
  "summary_wm_k": 0.4246132798898161,
  "summary_wm_mad": 34.0462288516805,
  "summary_wm_mean": 1001.7923677088096,
  "summary_wm_median": 1000.000018665567,
  "summary_wm_n": 219732.0,
  "summary_wm_p05": 946.3844621647149,
  "summary_wm_p95": 1063.4251253083348,
  "summary_wm_stdv": 35.670932843000145,
  "tpm_overlap_csf": 0.14996530648136547,
  "tpm_overlap_gm": 0.4441853688471707,
  "tpm_overlap_wm": 0.5110188437240055,
  "wm2max": 0.7919466989014361
}