{
  "bids_meta": {
    "AcquisitionMatrixPE": 240,
    "AcquisitionNumber": 4,
    "AcquisitionTime": "10:16:35.000000",
    "BodyPartExamined": "BRAIN",
    "CoilString": "MULTI_COIL",
    "ConversionSoftware": "dcm2niix",
    "ConversionSoftwareVersion": "v1.0.20190410  (JP2:OpenJPEG) GCC6.3.0",
    "Dcm2bidsVersion": "2.1.4",
    "DeviceSerialNumber": "42451",
    "EchoTime": 0.003501,
    "EchoTrainLength": 240,
    "FlipAngle": 8,
    "ImageOrientationPatientDICOM": [
      0.0659665,
      0.993076,
      -0.0971997,
      0.0422036,
      -0.100102,
      -0.994082
    ],
    "ImageType": [
      "ORIGINAL",
      "PRIMARY",
      "M",
      "FFE",
      "M",
      "FFE"
    ],
    "ImagingFrequency": 127.766,
    "InPlanePhaseEncodingDirectionDICOM": "ROW",
    "InstitutionAddress": "Calzada_Mexico_Xochimilco_No.101_Tlalpan",
    "InstitutionName": "I.N._Psiquiatria",
    "InstitutionalDepartmentName": "Imagenes_Cerebrales",
    "MRAcquisitionType": "3D",
    "MagneticFieldStrength": 3,
    "Manufacturer": "Philips",
    "ManufacturersModelName": "Ingenia",
    "Modality": "MR",
    "PatientPosition": "HFS",
    "PercentPhaseFOV": 100,
    "PhaseEncodingSteps": 240,
    "PhilipsRescaleIntercept": 0,
    "PhilipsRescaleSlope": 3.82491,
    "PhilipsScaleSlope": 0.00567426,
    "PixelBandwidth": 310,
    "ProcedureStepDescription": "EDUARDO_TMS",
    "ProtocolName": "sT1W_3D_TFE_32_channel",
    "ReconMatrixPE": 240,
    "RepetitionTime": 0.007,
    "SAR": 0.0382114,
    "ScanOptions": "OTHER",
    "ScanningSequence": "GR",
    "SequenceVariant": "MP",
    "SeriesDescription": "sT1W_3D_TFE_32_channel",
    "SeriesNumber": 401,
    "SliceThickness": 1,
    "SoftwareVersions": "5.3.1_5.3.1.0",
    "SpacingBetweenSlices": 1,
    "StationName": "PHILIPS-CTMFQSD",
    "UsePhilipsFloatNotDisplayScaling": 1,
    "dataset": "ds003037",
    "modality": "T1w",
    "session_id": "t0",
    "subject_id": "017"
  },
  "cjv": 0.37035031116376266,
  "cnr": 3.633826962063002,
  "efc": 0.719475225632824,
  "fber": -1.0,
  "fwhm_avg": 4.45662,
  "fwhm_x": 4.23663,
  "fwhm_y": 4.84149,
  "fwhm_z": 4.29174,
  "icvs_csf": 0.23149672251683517,
  "icvs_gm": 0.4152543043113542,
  "icvs_wm": 0.35324897317181064,
  "inu_med": 0.40557265281677246,
  "inu_range": 0.14390545338392258,
  "provenance": {
    "md5sum": "72f5915b7050a1509a540ad4cd124405",
    "settings": {
      "testing": false
    },
    "software": "mriqc",
    "version": "22.0.6",
    "warnings": {
      "large_rot_frame": true,
      "small_air_mask": false
    },
    "webapi_port": null,
    "webapi_url": "https://mriqc.nimh.nih.gov/api/v1"
  },
  "qi_1": 0.0,
  "qi_2": 0.00012207345525768682,
  "rpve_csf": 20.84187518476073,
  "rpve_gm": 11.707103259207154,
  "rpve_wm": 15.89762124308236,
  "size_x": 180,
  "size_y": 240,
  "size_z": 240,
  "snr_csf": 2.9088684733827104,
  "snr_gm": 14.327807691817378,
  "snr_total": 15.726318057913991,
  "snr_wm": 29.942278008541884,
  "snrd_csf": 40.72902713798222,
  "snrd_gm": 99.49679037442897,
  "snrd_total": 89.84453717314773,
  "snrd_wm": 129.307794007032,
  "spacing_x": 1.0,
  "spacing_y": 1.0,
  "spacing_z": 1.0,
  "summary_bg_k": 9.757312204104304,
  "summary_bg_mad": 0.0,
  "summary_bg_mean": 2.472128275353807,
  "summary_bg_median": 0.0,
  "summary_bg_n": 471728.0,
  "summary_bg_p05": 0.0,
  "summary_bg_p95": 13.493007950484753,
  "summary_bg_stdv": 5.066606215429981,
  "summary_csf_k": 1.1332284290102494,
  "summary_csf_mad": 81.81879059741266,
  "summary_csf_mean": 315.54481538144984,
  "summary_csf_median": 314.9846994392574,
  "summary_csf_n": 51801.0,
  "summary_csf_p05": 95.19807339459658,
  "summary_csf_p95": 495.13269659131765,
  "summary_csf_stdv": 108.28322489402049,
  "summary_gm_k": 0.11414612693642523,
  "summary_gm_mad": 53.71521277799681,
  "summary_gm_mean": 767.8640411051383,
  "summary_gm_median": 769.4749620482326,
  "summary_gm_n": 42007.0,
  "summary_gm_p05": 678.6025882612914,
  "summary_gm_p95": 852.790784496814,
  "summary_gm_stdv": 53.70436424432422,
  "summary_wm_k": 0.5213382298984808,
  "summary_wm_mad": 31.66844052311023,
  "summary_wm_mean": 1001.0484190159648,
  "summary_wm_median": 1000.0233124271035,
  "summary_wm_n": 204165.0,
  "summary_wm_p05": 948.6191541105509,
  "summary_wm_p95": 1058.3093716844915,
  "summary_wm_stdv": 33.39828930457945,
  "tpm_overlap_csf": 0.16059575786461477,
  "tpm_overlap_gm": 0.474724308925509,
  "tpm_overlap_wm": 0.5248774624105753,
  "wm2max": 0.8282035258641016
}