{
  "bids_meta": {
    "AcquisitionMatrixPE": 240,
    "AcquisitionNumber": 4,
    "AcquisitionTime": "08:42:7.020000",
    "BodyPartExamined": "BRAIN",
    "CoilString": "MULTI_COIL",
    "ConversionSoftware": "dcm2niix",
    "ConversionSoftwareVersion": "v1.0.20190410  (JP2:OpenJPEG) GCC6.3.0",
    "Dcm2bidsVersion": "2.1.4",
    "DeviceSerialNumber": "42451",
    "EchoTime": 0.0035,
    "EchoTrainLength": 240,
    "FlipAngle": 8,
    "ImageOrientationPatientDICOM": [
      -0.0605036,
      0.99811,
      -0.0107627,
      -0.00300924,
      -0.0109648,
      -0.999935
    ],
    "ImageType": [
      "ORIGINAL",
      "PRIMARY",
      "M",
      "FFE",
      "M",
      "FFE"
    ],
    "ImagingFrequency": 127.759,
    "InPlanePhaseEncodingDirectionDICOM": "ROW",
    "InstitutionAddress": "Calzada_Mexico_Xochimilco_No.101_Tlalpan",
    "InstitutionName": "I.N._Psiquiatria",
    "InstitutionalDepartmentName": "Imagenes_Cerebrales",
    "MRAcquisitionType": "3D",
    "MagneticFieldStrength": 3,
    "Manufacturer": "Philips",
    "ManufacturersModelName": "Ingenia",
    "Modality": "MR",
    "PatientPosition": "HFS",
    "PercentPhaseFOV": 100,
    "PhaseEncodingSteps": 240,
    "PhilipsRescaleIntercept": 0,
    "PhilipsRescaleSlope": 3.82735,
    "PhilipsScaleSlope": 0.00573726,
    "PixelBandwidth": 310,
    "ProcedureStepDescription": "EDUARDO_TMS",
    "ProtocolName": "WIP_sT1W_3D_TFE_32_channel",
    "ReconMatrixPE": 240,
    "RepetitionTime": 0.007,
    "SAR": 0.0382114,
    "ScanOptions": "OTHER",
    "ScanningSequence": "GR",
    "SequenceVariant": "MP",
    "SeriesDescription": "sT1W_3D_TFE_32_channel",
    "SeriesNumber": 401,
    "SliceThickness": 1,
    "SoftwareVersions": "5.3.1_5.3.1.0",
    "SpacingBetweenSlices": 1,
    "StationName": "PHILIPS-CTMFQSD",
    "UsePhilipsFloatNotDisplayScaling": 1,
    "dataset": "ds003037",
    "modality": "T1w",
    "session_id": "t0",
    "subject_id": "036"
  },
  "cjv": 0.3624731323180962,
  "cnr": 3.675991661417945,
  "efc": 0.7469825273417141,
  "fber": -1.0,
  "fwhm_avg": 4.467289999999999,
  "fwhm_x": 4.3179,
  "fwhm_y": 4.85013,
  "fwhm_z": 4.23384,
  "icvs_csf": 0.27708495304801956,
  "icvs_gm": 0.39412739352189197,
  "icvs_wm": 0.3287876534300885,
  "inu_med": 0.4770089387893677,
  "inu_range": 0.19852985590696337,
  "provenance": {
    "md5sum": "375fa034e20606c3ceacd4defb39b5ca",
    "settings": {
      "testing": false
    },
    "software": "mriqc",
    "version": "22.0.6",
    "warnings": {
      "large_rot_frame": true,
      "small_air_mask": false
    },
    "webapi_port": null,
    "webapi_url": "https://mriqc.nimh.nih.gov/api/v1"
  },
  "qi_1": 0.0,
  "qi_2": 0.00010935894004071594,
  "rpve_csf": 17.827752729389065,
  "rpve_gm": 11.842784036786128,
  "rpve_wm": 16.3527235292529,
  "size_x": 180,
  "size_y": 240,
  "size_z": 240,
  "snr_csf": 4.064012799411991,
  "snr_gm": 13.90823800907387,
  "snr_total": 15.368859458839758,
  "snr_wm": 28.134327568033413,
  "snrd_csf": 45.82835063468794,
  "snrd_gm": 109.71029394364689,
  "snrd_total": 99.97526899784009,
  "snrd_wm": 144.3871624151854,
  "spacing_x": 1.0,
  "spacing_y": 1.0,
  "spacing_z": 1.0,
  "summary_bg_k": 27.52505626219862,
  "summary_bg_mad": 0.0,
  "summary_bg_mean": 1.6563446327417592,
  "summary_bg_median": 0.0,
  "summary_bg_n": 297002.0,
  "summary_bg_p05": 0.0,
  "summary_bg_p95": 10.367170348763466,
  "summary_bg_stdv": 4.5374896072337885,
  "summary_csf_k": 2.5054912829310743,
  "summary_csf_mad": 60.71303954687373,
  "summary_csf_mean": 326.4858836429195,
  "summary_csf_median": 317.40819884464145,
  "summary_csf_n": 103197.0,
  "summary_csf_p05": 226.20589747093618,
  "summary_csf_p95": 468.76888593658805,
  "summary_csf_stdv": 78.10178673938084,
  "summary_gm_k": 0.23460194406128076,
  "summary_gm_mad": 53.753668628350226,
  "summary_gm_mean": 760.6001302621328,
  "summary_gm_median": 759.8559911735356,
  "summary_gm_n": 27934.0,
  "summary_gm_p05": 672.2534017264843,
  "summary_gm_p95": 850.3095524664968,
  "summary_gm_stdv": 54.63254149373869,
  "summary_wm_k": 0.570393700459285,
  "summary_wm_mad": 33.30251114385479,
  "summary_wm_mean": 1001.1199668474318,
  "summary_wm_median": 1000.0287709198892,
  "summary_wm_n": 180271.0,
  "summary_wm_p05": 944.5644095540047,
  "summary_wm_p95": 1061.3390644546598,
  "summary_wm_stdv": 35.544691616177815,
  "tpm_overlap_csf": 0.16844155035606398,
  "tpm_overlap_gm": 0.4365643424561874,
  "tpm_overlap_wm": 0.47456156875404915,
  "wm2max": 0.7939730572058593
}