{
  "aor": 0.0014643666666666667,
  "aqi": 0.012252800300000002,
  "bids_meta": {
    "AcquisitionMatrixPE": 70,
    "AcquisitionNumber": 3,
    "AcquisitionTime": "11:52:4.260000",
    "BodyPartExamined": "BRAIN",
    "CoilString": "MULTI_COIL",
    "ConversionSoftware": "dcm2niix",
    "ConversionSoftwareVersion": "v1.0.20190410  (JP2:OpenJPEG) GCC6.3.0",
    "Dcm2bidsVersion": "2.1.4",
    "DeviceSerialNumber": "42451",
    "EchoTime": 0.03,
    "EchoTrainLength": 35,
    "EffectiveEchoSpacing": 0.000698,
    "FlipAngle": 75,
    "ImageOrientationPatientDICOM": [
      0.999992,
      -0.00156175,
      -0.00364723,
      0.001582,
      0.999983,
      0.00555543
    ],
    "ImageType": [
      "ORIGINAL",
      "PRIMARY",
      "M",
      "FFE",
      "M",
      "FFE"
    ],
    "ImagingFrequency": 127.759,
    "InPlanePhaseEncodingDirectionDICOM": "COL",
    "InstitutionAddress": "Calzada_Mexico_Xochimilco_No.101_Tlalpan",
    "InstitutionName": "I.N._Psiquiatria",
    "InstitutionalDepartmentName": "Imagenes_Cerebrales",
    "MRAcquisitionType": "2D",
    "MagneticFieldStrength": 3,
    "Manufacturer": "Philips",
    "ManufacturersModelName": "Ingenia",
    "Modality": "MR",
    "PartialFourier": 0.5,
    "PatientPosition": "HFS",
    "PercentPhaseFOV": 100,
    "PhaseEncodingAxis": "j",
    "PhaseEncodingDirection": "j-",
    "PhaseEncodingSteps": 70,
    "PhilipsRescaleIntercept": 0,
    "PhilipsRescaleSlope": 0.805861,
    "PhilipsScaleSlope": 0.027486,
    "PixelBandwidth": 1819,
    "ProcedureStepDescription": "PROTOCOLO_EDUARDO_TMS",
    "ProtocolName": "WIP_FE_EPI_32chSHC_AP",
    "ReconMatrixPE": 80,
    "RepetitionTime": 2,
    "SAR": 0.119138,
    "ScanOptions": "FS",
    "ScanningSequence": "GR",
    "SequenceVariant": "SK",
    "SeriesDescription": "FE_EPI_32chSHC_AP",
    "SeriesNumber": 301,
    "SliceThickness": 3.33,
    "SliceTiming": [
      0.0,
      1.027027,
      0.054054,
      1.081081,
      0.108108,
      1.135135,
      0.162162,
      1.189189,
      0.216216,
      1.243244,
      0.27027,
      1.297298,
      0.324324,
      1.351352,
      0.378378,
      1.405406,
      0.432432,
      1.45946,
      0.486486,
      1.513514,
      0.540541,
      1.567568,
      0.594595,
      1.621622,
      0.648649,
      1.675676,
      0.702703,
      1.72973,
      0.756757,
      1.783784,
      0.810811,
      1.837838,
      0.864865,
      1.891892,
      0.918919,
      1.945947,
      0.972973
    ],
    "SoftwareVersions": "5.3.1_5.3.1.0",
    "SpacingBetweenSlices": 3.33,
    "StationName": "PHILIPS-CTMFQSD",
    "TaskName": "rest",
    "TotalReadoutTime": 0.04884,
    "UsePhilipsFloatNotDisplayScaling": 1,
    "dataset": "ds003037",
    "modality": "bold",
    "session_id": "t0",
    "subject_id": "052",
    "task_id": "rest"
  },
  "dummy_trs": 0,
  "dvars_nstd": 27.955423852675604,
  "dvars_std": 1.3209347665217384,
  "dvars_vstd": 0.9601421167224078,
  "efc": 0.41064283161799714,
  "fber": 101817.515625,
  "fd_mean": 0.09190143882157423,
  "fd_num": 17,
  "fd_perc": 5.666666666666667,
  "fwhm_avg": 1.983883727838209,
  "fwhm_x": 1.9254033333333334,
  "fwhm_y": 2.1767733333333332,
  "fwhm_z": 1.8494745168479603,
  "gcor": 0.0544791,
  "gsr_x": -0.01805976592004299,
  "gsr_y": 0.021166523918509483,
  "provenance": {
    "md5sum": "1102f27fd9ba5039f7a95d8a1b8d15a7",
    "settings": {
      "fd_thres": 0.2,
      "testing": false
    },
    "software": "mriqc",
    "version": "22.0.6",
    "webapi_port": null,
    "webapi_url": "https://mriqc.nimh.nih.gov/api/v1"
  },
  "size_t": 300,
  "size_x": 80,
  "size_y": 80,
  "size_z": 37,
  "snr": 5.28941779519847,
  "spacing_tr": 2.0000016689300537,
  "spacing_x": 3.0,
  "spacing_y": 3.0,
  "spacing_z": 3.3299999237060547,
  "summary_bg_k": 84.61298095470036,
  "summary_bg_mad": 202.5816577186856,
  "summary_bg_mean": 1461.6014404296875,
  "summary_bg_median": 186.79437255859375,
  "summary_bg_n": 164919.0,
  "summary_bg_p05": 19.347539710998536,
  "summary_bg_p95": 7994.714404296878,
  "summary_bg_stdv": 4020.757080078125,
  "summary_fg_k": 2.5944146960437555,
  "summary_fg_mad": 9426.179310029098,
  "summary_fg_mean": 61715.1484375,
  "summary_fg_median": 61353.875,
  "summary_fg_n": 31706.0,
  "summary_fg_p05": 43288.0859375,
  "summary_fg_p95": 80139.70703125,
  "summary_fg_stdv": 11599.1796875,
  "tsnr": 53.201194763183594
}