{
  "bids_meta": {
    "AcquisitionMatrixPE": 240,
    "AcquisitionNumber": 4,
    "AcquisitionTime": "12:13:7.300000",
    "BodyPartExamined": "BRAIN",
    "CoilString": "MULTI_COIL",
    "ConversionSoftware": "dcm2niix",
    "ConversionSoftwareVersion": "v1.0.20190410  (JP2:OpenJPEG) GCC6.3.0",
    "Dcm2bidsVersion": "2.1.4",
    "DeviceSerialNumber": "42451",
    "EchoTime": 0.003501,
    "EchoTrainLength": 240,
    "FlipAngle": 8,
    "ImageOrientationPatientDICOM": [
      -0.0372558,
      0.999304,
      0.00172197,
      0.0175575,
      0.00237748,
      -0.999843
    ],
    "ImageType": [
      "ORIGINAL",
      "PRIMARY",
      "M",
      "FFE",
      "M",
      "FFE"
    ],
    "ImagingFrequency": 127.766,
    "InPlanePhaseEncodingDirectionDICOM": "ROW",
    "InstitutionAddress": "Calzada_Mexico_Xochimilco_No.101_Tlalpan",
    "InstitutionName": "I.N._Psiquiatria",
    "InstitutionalDepartmentName": "Imagenes_Cerebrales",
    "MRAcquisitionType": "3D",
    "MagneticFieldStrength": 3,
    "Manufacturer": "Philips",
    "ManufacturersModelName": "Ingenia",
    "Modality": "MR",
    "PatientPosition": "HFS",
    "PercentPhaseFOV": 100,
    "PhaseEncodingSteps": 240,
    "PhilipsRescaleIntercept": 0,
    "PhilipsRescaleSlope": 9.61709,
    "PhilipsScaleSlope": 0.00594273,
    "PixelBandwidth": 310,
    "ProcedureStepDescription": "EDUARDO_TMS",
    "ProtocolName": "sT1W_3D_TFE_32_channel",
    "ReconMatrixPE": 240,
    "RepetitionTime": 0.007,
    "SAR": 0.0382114,
    "ScanOptions": "OTHER",
    "ScanningSequence": "GR",
    "SequenceVariant": "MP",
    "SeriesDescription": "sT1W_3D_TFE_32_channel",
    "SeriesNumber": 401,
    "SliceThickness": 1,
    "SoftwareVersions": "5.3.1_5.3.1.0",
    "SpacingBetweenSlices": 1,
    "StationName": "PHILIPS-CTMFQSD",
    "UsePhilipsFloatNotDisplayScaling": 1,
    "dataset": "ds003037",
    "modality": "T1w",
    "session_id": "t0",
    "subject_id": "016"
  },
  "cjv": 0.3557287593138369,
  "cnr": 3.7130737356772388,
  "efc": 0.7402255864753564,
  "fber": -1.0,
  "fwhm_avg": 4.2519366666666665,
  "fwhm_x": 4.18793,
  "fwhm_y": 4.51177,
  "fwhm_z": 4.05611,
  "icvs_csf": 0.22957815550514343,
  "icvs_gm": 0.43650509034243595,
  "icvs_wm": 0.3339167541524206,
  "inu_med": 0.49451738595962524,
  "inu_range": 0.21323330998420714,
  "provenance": {
    "md5sum": "f69e7c3e26b050c052af72be8eec2387",
    "settings": {
      "testing": false
    },
    "software": "mriqc",
    "version": "22.0.6",
    "warnings": {
      "large_rot_frame": true,
      "small_air_mask": false
    },
    "webapi_port": null,
    "webapi_url": "https://mriqc.nimh.nih.gov/api/v1"
  },
  "qi_1": 0.0,
  "qi_2": 0.00013130514388483942,
  "rpve_csf": 21.42522505645925,
  "rpve_gm": 11.621899510472966,
  "rpve_wm": 17.008992719549784,
  "size_x": 180,
  "size_y": 240,
  "size_z": 240,
  "snr_csf": 2.9629270166976056,
  "snr_gm": 15.66511261445631,
  "snr_total": 15.143291773871463,
  "snr_wm": 26.801835690460475,
  "snrd_csf": 40.000041826364466,
  "snrd_gm": 90.43257332722763,
  "snrd_total": 82.62872610631739,
  "snrd_wm": 117.45356316536008,
  "spacing_x": 1.0,
  "spacing_y": 1.0,
  "spacing_z": 1.0,
  "summary_bg_k": 14.914554390885584,
  "summary_bg_mad": 0.0,
  "summary_bg_mean": 2.4119701964508966,
  "summary_bg_median": 0.0,
  "summary_bg_n": 410305.0,
  "summary_bg_p05": 0.0,
  "summary_bg_p95": 14.463522396981716,
  "summary_bg_stdv": 5.577981234724648,
  "summary_csf_k": 1.3592144346827917,
  "summary_csf_mad": 86.05002460525505,
  "summary_csf_mean": 348.52221916044726,
  "summary_csf_median": 340.56950994580984,
  "summary_csf_n": 44883.0,
  "summary_csf_p05": 139.76008807197212,
  "summary_csf_p95": 550.0092758260668,
  "summary_csf_stdv": 114.94232359940946,
  "summary_gm_k": 0.3614305407579552,
  "summary_gm_mad": 47.254723159996026,
  "summary_gm_mean": 768.4893942435964,
  "summary_gm_median": 769.9636244103312,
  "summary_gm_n": 30009.0,
  "summary_gm_p05": 686.2609645202756,
  "summary_gm_p95": 846.463715532422,
  "summary_gm_stdv": 49.15067094471488,
  "summary_wm_k": 1.0742239004234797,
  "summary_wm_mad": 34.58526366164572,
  "summary_wm_mean": 1001.8461273905007,
  "summary_wm_median": 1000.0265155285597,
  "summary_wm_n": 174123.0,
  "summary_wm_p05": 944.5343589559197,
  "summary_wm_p95": 1065.231789894402,
  "summary_wm_stdv": 37.311759368441,
  "tpm_overlap_csf": 0.1519952420117,
  "tpm_overlap_gm": 0.46377914134106557,
  "tpm_overlap_wm": 0.5012958233480411,
  "wm2max": 0.7533537105228966
}