{
  "aor": 0.005645600000000001,
  "aqi": 0.013275649100000002,
  "bids_meta": {
    "AcquisitionMatrixPE": 70,
    "AcquisitionNumber": 3,
    "AcquisitionTime": "13:42:18.250000",
    "BodyPartExamined": "BRAIN",
    "CoilString": "MULTI_COIL",
    "ConversionSoftware": "dcm2niix",
    "ConversionSoftwareVersion": "v1.0.20190410  (JP2:OpenJPEG) GCC6.3.0",
    "Dcm2bidsVersion": "2.1.4",
    "DeviceSerialNumber": "42451",
    "EchoTime": 0.03,
    "EchoTrainLength": 35,
    "EffectiveEchoSpacing": 0.000698,
    "FlipAngle": 75,
    "ImageOrientationPatientDICOM": [
      0.999985,
      0.00404751,
      -0.0038043,
      -0.0042116,
      0.999016,
      -0.0441615
    ],
    "ImageType": [
      "ORIGINAL",
      "PRIMARY",
      "M",
      "FFE",
      "M",
      "FFE"
    ],
    "ImagingFrequency": 127.76,
    "InPlanePhaseEncodingDirectionDICOM": "COL",
    "InstitutionAddress": "Calzada_Mexico_Xochimilco_No.101_Tlalpan",
    "InstitutionName": "I.N._Psiquiatria",
    "InstitutionalDepartmentName": "Imagenes_Cerebrales",
    "MRAcquisitionType": "2D",
    "MagneticFieldStrength": 3,
    "Manufacturer": "Philips",
    "ManufacturersModelName": "Ingenia",
    "Modality": "MR",
    "PartialFourier": 0.5,
    "PatientPosition": "HFS",
    "PercentPhaseFOV": 100,
    "PhaseEncodingAxis": "j",
    "PhaseEncodingDirection": "j-",
    "PhaseEncodingSteps": 70,
    "PhilipsRescaleIntercept": 0,
    "PhilipsRescaleSlope": 0.866178,
    "PhilipsScaleSlope": 0.0284973,
    "PixelBandwidth": 1819,
    "ProcedureStepDescription": "EDUARDO_TMS",
    "ProtocolName": "WIP_FE_EPI_32chSHC_AP",
    "ReconMatrixPE": 80,
    "RepetitionTime": 2,
    "SAR": 0.119138,
    "ScanOptions": "FS",
    "ScanningSequence": "GR",
    "SequenceVariant": "SK",
    "SeriesDescription": "FE_EPI_32chSHC_AP",
    "SeriesNumber": 301,
    "SliceThickness": 3.33,
    "SliceTiming": [
      0.0,
      1.027027,
      0.054054,
      1.081081,
      0.108108,
      1.135135,
      0.162162,
      1.189189,
      0.216216,
      1.243244,
      0.27027,
      1.297298,
      0.324324,
      1.351352,
      0.378378,
      1.405406,
      0.432432,
      1.45946,
      0.486486,
      1.513514,
      0.540541,
      1.567568,
      0.594595,
      1.621622,
      0.648649,
      1.675676,
      0.702703,
      1.72973,
      0.756757,
      1.783784,
      0.810811,
      1.837838,
      0.864865,
      1.891892,
      0.918919,
      1.945947,
      0.972973
    ],
    "SoftwareVersions": "5.3.1_5.3.1.0",
    "SpacingBetweenSlices": 3.33,
    "StationName": "PHILIPS-CTMFQSD",
    "TaskName": "rest",
    "TotalReadoutTime": 0.04884,
    "UsePhilipsFloatNotDisplayScaling": 1,
    "dataset": "ds003037",
    "modality": "bold",
    "session_id": "t1",
    "subject_id": "024",
    "task_id": "rest"
  },
  "dummy_trs": 0,
  "dvars_nstd": 33.826452953578574,
  "dvars_std": 1.2253427419732439,
  "dvars_vstd": 1.0302383793979932,
  "efc": 0.4046258334821067,
  "fber": 95182.75,
  "fd_mean": 0.1890904908581344,
  "fd_num": 121,
  "fd_perc": 40.333333333333336,
  "fwhm_avg": 1.868528671626155,
  "fwhm_x": 1.8845333333333334,
  "fwhm_y": 2.023076666666667,
  "fwhm_z": 1.6979760148784653,
  "gcor": 0.0399452,
  "gsr_x": -0.005361828021705151,
  "gsr_y": 0.004579511005431414,
  "provenance": {
    "md5sum": "57e564e9b3cf573b4608a132d840a596",
    "settings": {
      "fd_thres": 0.2,
      "testing": false
    },
    "software": "mriqc",
    "version": "22.0.6",
    "webapi_port": null,
    "webapi_url": "https://mriqc.nimh.nih.gov/api/v1"
  },
  "size_t": 300,
  "size_x": 80,
  "size_y": 80,
  "size_z": 37,
  "snr": 5.929757301054616,
  "spacing_tr": 2.0000016689300537,
  "spacing_x": 3.0,
  "spacing_y": 3.0,
  "spacing_z": 3.3299999237060547,
  "summary_bg_k": 63.11739353583084,
  "summary_bg_mad": 211.26687978472253,
  "summary_bg_mean": 1334.504150390625,
  "summary_bg_median": 177.95530700683594,
  "summary_bg_n": 166937.0,
  "summary_bg_p05": 13.680862045288086,
  "summary_bg_p95": 6527.473339843742,
  "summary_bg_stdv": 3443.52978515625,
  "summary_fg_k": 2.944714965756826,
  "summary_fg_mad": 7403.663748853525,
  "summary_fg_mean": 56366.66796875,
  "summary_fg_median": 56009.84765625,
  "summary_fg_n": 30013.0,
  "summary_fg_p05": 42170.27890625,
  "summary_fg_p95": 72049.4703125,
  "summary_fg_stdv": 9445.3974609375,
  "tsnr": 51.2737922668457
}