{
  "bids_meta": {
    "AcquisitionMatrixPE": 240,
    "AcquisitionNumber": 4,
    "AcquisitionTime": "09:26:38.580000",
    "BodyPartExamined": "BRAIN",
    "CoilString": "MULTI_COIL",
    "ConversionSoftware": "dcm2niix",
    "ConversionSoftwareVersion": "v1.0.20190410  (JP2:OpenJPEG) GCC6.3.0",
    "Dcm2bidsVersion": "2.1.4",
    "DeviceSerialNumber": "42451",
    "EchoTime": 0.0035,
    "EchoTrainLength": 240,
    "FlipAngle": 8,
    "ImageOrientationPatientDICOM": [
      -0.00419405,
      0.999985,
      -0.00353106,
      0.00136187,
      -0.00352538,
      -0.999993
    ],
    "ImageType": [
      "ORIGINAL",
      "PRIMARY",
      "M",
      "FFE",
      "M",
      "FFE"
    ],
    "ImagingFrequency": 127.759,
    "InPlanePhaseEncodingDirectionDICOM": "ROW",
    "InstitutionAddress": "Calzada_Mexico_Xochimilco_No.101_Tlalpan",
    "InstitutionName": "I.N._Psiquiatria",
    "InstitutionalDepartmentName": "Imagenes_Cerebrales",
    "MRAcquisitionType": "3D",
    "MagneticFieldStrength": 3,
    "Manufacturer": "Philips",
    "ManufacturersModelName": "Ingenia",
    "Modality": "MR",
    "PatientPosition": "HFS",
    "PercentPhaseFOV": 100,
    "PhaseEncodingSteps": 240,
    "PhilipsRescaleIntercept": 0,
    "PhilipsRescaleSlope": 5.91355,
    "PhilipsScaleSlope": 0.00579304,
    "PixelBandwidth": 310,
    "ProcedureStepDescription": "EDUARDO_TMS",
    "ProtocolName": "WIP_sT1W_3D_TFE_32_channel",
    "ReconMatrixPE": 240,
    "RepetitionTime": 0.007,
    "SAR": 0.0382114,
    "ScanOptions": "OTHER",
    "ScanningSequence": "GR",
    "SequenceVariant": "MP",
    "SeriesDescription": "sT1W_3D_TFE_32_channel",
    "SeriesNumber": 401,
    "SliceThickness": 1,
    "SoftwareVersions": "5.3.1_5.3.1.0",
    "SpacingBetweenSlices": 1,
    "StationName": "PHILIPS-CTMFQSD",
    "UsePhilipsFloatNotDisplayScaling": 1,
    "dataset": "ds003037",
    "modality": "T1w",
    "session_id": "t3",
    "subject_id": "027"
  },
  "cjv": 0.3661781497440307,
  "cnr": 3.6706485919332303,
  "efc": 0.7257828642722799,
  "fber": -1.0,
  "fwhm_avg": 4.57967,
  "fwhm_x": 4.53948,
  "fwhm_y": 4.75383,
  "fwhm_z": 4.4457,
  "icvs_csf": 0.24395593254728187,
  "icvs_gm": 0.39690385276425694,
  "icvs_wm": 0.3591402146884612,
  "inu_med": 0.3938380181789398,
  "inu_range": 0.13680250793695448,
  "provenance": {
    "md5sum": "14827a4b3754cd6d2e16168420161eb0",
    "settings": {
      "testing": false
    },
    "software": "mriqc",
    "version": "22.0.6",
    "warnings": {
      "large_rot_frame": true,
      "small_air_mask": false
    },
    "webapi_port": null,
    "webapi_url": "https://mriqc.nimh.nih.gov/api/v1"
  },
  "qi_1": 0.0,
  "qi_2": 0.00010837134915056604,
  "rpve_csf": 22.025119159373123,
  "rpve_gm": 13.089854182262574,
  "rpve_wm": 16.995911488766087,
  "size_x": 180,
  "size_y": 240,
  "size_z": 240,
  "snr_csf": 2.9643026994590587,
  "snr_gm": 13.495183696641702,
  "snr_total": 15.54734397636682,
  "snr_wm": 30.1825455329997,
  "snrd_csf": 41.80344487874626,
  "snrd_gm": 105.20847467494077,
  "snrd_total": 95.17083569567224,
  "snrd_wm": 138.50058753332968,
  "spacing_x": 1.0,
  "spacing_y": 1.0,
  "spacing_z": 1.0,
  "summary_bg_k": 14.317088250470295,
  "summary_bg_mad": 0.0,
  "summary_bg_mean": 2.211204501847419,
  "summary_bg_median": 0.0,
  "summary_bg_n": 430585.0,
  "summary_bg_p05": 0.0,
  "summary_bg_p95": 11.919059216976166,
  "summary_bg_stdv": 4.730206669429888,
  "summary_csf_k": 1.310554467592155,
  "summary_csf_mad": 79.35252895814459,
  "summary_csf_mean": 306.05605774209727,
  "summary_csf_median": 301.82864785194397,
  "summary_csf_n": 64931.0,
  "summary_csf_p05": 116.22215726971626,
  "summary_csf_p95": 480.6711856275797,
  "summary_csf_stdv": 101.82034502481442,
  "summary_gm_k": 0.10681420173129874,
  "summary_gm_mad": 56.07085979303273,
  "summary_gm_mean": 758.4884170432945,
  "summary_gm_median": 759.6247569024563,
  "summary_gm_n": 31932.0,
  "summary_gm_p05": 664.6348401010036,
  "summary_gm_p95": 848.4058862030506,
  "summary_gm_stdv": 56.28770081773023,
  "summary_wm_k": 0.4526221179021448,
  "summary_wm_mad": 31.949303572902412,
  "summary_wm_mean": 999.6074774193735,
  "summary_wm_median": 1000.0000043809414,
  "summary_wm_n": 190253.0,
  "summary_wm_p05": 944.7780513167381,
  "summary_wm_p95": 1052.548100054264,
  "summary_wm_stdv": 33.13164475158962,
  "tpm_overlap_csf": 0.1373516862227082,
  "tpm_overlap_gm": 0.42930982275363344,
  "tpm_overlap_wm": 0.47757455474759,
  "wm2max": 0.834313254236554
}