{
  "bids_meta": {
    "AcquisitionMatrixPE": 240,
    "AcquisitionNumber": 4,
    "AcquisitionTime": "08:27:49.710000",
    "BodyPartExamined": "BRAIN",
    "CoilString": "MULTI_COIL",
    "ConversionSoftware": "dcm2niix",
    "ConversionSoftwareVersion": "v1.0.20190410  (JP2:OpenJPEG) GCC6.3.0",
    "Dcm2bidsVersion": "2.1.4",
    "DeviceSerialNumber": "42451",
    "EchoTime": 0.0035,
    "EchoTrainLength": 240,
    "FlipAngle": 8,
    "ImageOrientationPatientDICOM": [
      2.71369e-05,
      0.999999,
      0.00154897,
      0.000495699,
      0.00154896,
      -0.999999
    ],
    "ImageType": [
      "ORIGINAL",
      "PRIMARY",
      "M",
      "FFE",
      "M",
      "FFE"
    ],
    "ImagingFrequency": 127.759,
    "InPlanePhaseEncodingDirectionDICOM": "ROW",
    "InstitutionAddress": "Calzada_Mexico_Xochimilco_No.101_Tlalpan",
    "InstitutionName": "I.N._Psiquiatria",
    "InstitutionalDepartmentName": "Imagenes_Cerebrales",
    "MRAcquisitionType": "3D",
    "MagneticFieldStrength": 3,
    "Manufacturer": "Philips",
    "ManufacturersModelName": "Ingenia",
    "Modality": "MR",
    "PatientPosition": "HFS",
    "PercentPhaseFOV": 100,
    "PhaseEncodingSteps": 240,
    "PhilipsRescaleIntercept": 0,
    "PhilipsRescaleSlope": 3.61026,
    "PhilipsScaleSlope": 0.00552945,
    "PixelBandwidth": 310,
    "ProcedureStepDescription": "PROTOCOLO_TMS",
    "ProtocolName": "WIP_sT1W_3D_TFE_32_channel",
    "ReconMatrixPE": 240,
    "RepetitionTime": 0.007,
    "SAR": 0.0382114,
    "ScanOptions": "OTHER",
    "ScanningSequence": "GR",
    "SequenceVariant": "MP",
    "SeriesDescription": "sT1W_3D_TFE_32_channel",
    "SeriesNumber": 401,
    "SliceThickness": 1,
    "SoftwareVersions": "5.3.1_5.3.1.0",
    "SpacingBetweenSlices": 1,
    "StationName": "PHILIPS-CTMFQSD",
    "UsePhilipsFloatNotDisplayScaling": 1,
    "dataset": "ds003037",
    "modality": "T1w",
    "session_id": "t3",
    "subject_id": "041"
  },
  "cjv": 0.3451003000107321,
  "cnr": 3.8267141929761683,
  "efc": 0.7233349714467144,
  "fber": -1.0,
  "fwhm_avg": 4.440746666666667,
  "fwhm_x": 4.23419,
  "fwhm_y": 4.86915,
  "fwhm_z": 4.2189,
  "icvs_csf": 0.20541007337577313,
  "icvs_gm": 0.4080701385573707,
  "icvs_wm": 0.3865197880668562,
  "inu_med": 0.41453081369400024,
  "inu_range": 0.15813540667295456,
  "provenance": {
    "md5sum": "f6a5f0611c56ce3ae1f02f950c4c3766",
    "settings": {
      "testing": false
    },
    "software": "mriqc",
    "version": "22.0.6",
    "warnings": {
      "large_rot_frame": true,
      "small_air_mask": false
    },
    "webapi_port": null,
    "webapi_url": "https://mriqc.nimh.nih.gov/api/v1"
  },
  "qi_1": 0.0,
  "qi_2": 4.8781810567474516e-05,
  "rpve_csf": 22.098916218937084,
  "rpve_gm": 11.409874215030962,
  "rpve_wm": 14.016606020960246,
  "size_x": 180,
  "size_y": 240,
  "size_z": 240,
  "snr_csf": 2.9039717230026585,
  "snr_gm": 14.511600280602092,
  "snr_total": 15.031735739794678,
  "snr_wm": 27.679635215779285,
  "snrd_csf": 17.088114548940126,
  "snrd_gm": 40.692191393479156,
  "snrd_total": 37.26094498853862,
  "snrd_wm": 54.002529023196566,
  "spacing_x": 1.0,
  "spacing_y": 1.0,
  "spacing_z": 1.0,
  "summary_bg_k": 2070.3318020493093,
  "summary_bg_mad": 0.0,
  "summary_bg_mean": 2.7736907173870913,
  "summary_bg_median": 0.0,
  "summary_bg_n": 555388.0,
  "summary_bg_p05": 0.0,
  "summary_bg_p95": 14.603545377030969,
  "summary_bg_stdv": 12.13189540805161,
  "summary_csf_k": 1.7943475862818694,
  "summary_csf_mad": 79.62011396990174,
  "summary_csf_mean": 325.14195018446173,
  "summary_csf_median": 316.4397802175954,
  "summary_csf_n": 43162.0,
  "summary_csf_p05": 134.987554224208,
  "summary_csf_p95": 520.394164826721,
  "summary_csf_stdv": 108.96666519439772,
  "summary_gm_k": 0.2637369274425092,
  "summary_gm_mad": 50.645094958391034,
  "summary_gm_mean": 754.7288442580086,
  "summary_gm_median": 753.542941454798,
  "summary_gm_n": 33037.0,
  "summary_gm_p05": 671.7376898732036,
  "summary_gm_p95": 841.3673934787512,
  "summary_gm_stdv": 51.92615027064638,
  "summary_wm_k": 0.5035085297007611,
  "summary_wm_mad": 34.41607196428952,
  "summary_wm_mean": 1000.7193961589194,
  "summary_wm_median": 1000.0253899488598,
  "summary_wm_n": 246528.0,
  "summary_wm_p05": 942.6779021900147,
  "summary_wm_p95": 1060.9031260684133,
  "summary_wm_stdv": 36.128487746761934,
  "tpm_overlap_csf": 0.15445684459762637,
  "tpm_overlap_gm": 0.45276286927911397,
  "tpm_overlap_wm": 0.5119081957291646,
  "wm2max": 0.8161298261396646
}