{
  "bids_meta": {
    "AcquisitionMatrixPE": 240,
    "AcquisitionNumber": 4,
    "AcquisitionTime": "13:52:15.060000",
    "BodyPartExamined": "BRAIN",
    "CoilString": "MULTI_COIL",
    "ConversionSoftware": "dcm2niix",
    "ConversionSoftwareVersion": "v1.0.20190410  (JP2:OpenJPEG) GCC6.3.0",
    "Dcm2bidsVersion": "2.1.4",
    "DeviceSerialNumber": "42451",
    "EchoTime": 0.0035,
    "EchoTrainLength": 240,
    "FlipAngle": 8,
    "ImageOrientationPatientDICOM": [
      -0.0042116,
      0.99949,
      -0.0316631,
      -0.00362181,
      -0.0316784,
      -0.999492
    ],
    "ImageType": [
      "ORIGINAL",
      "PRIMARY",
      "M",
      "FFE",
      "M",
      "FFE"
    ],
    "ImagingFrequency": 127.759,
    "InPlanePhaseEncodingDirectionDICOM": "ROW",
    "InstitutionAddress": "Calzada_Mexico_Xochimilco_No.101_Tlalpan",
    "InstitutionName": "I.N._Psiquiatria",
    "InstitutionalDepartmentName": "Imagenes_Cerebrales",
    "MRAcquisitionType": "3D",
    "MagneticFieldStrength": 3,
    "Manufacturer": "Philips",
    "ManufacturersModelName": "Ingenia",
    "Modality": "MR",
    "PatientPosition": "HFS",
    "PercentPhaseFOV": 100,
    "PhaseEncodingSteps": 240,
    "PhilipsRescaleIntercept": 0,
    "PhilipsRescaleSlope": 13.1932,
    "PhilipsScaleSlope": 0.00606148,
    "PixelBandwidth": 310,
    "ProcedureStepDescription": "EDUARDO_TMS",
    "ProtocolName": "WIP_sT1W_3D_TFE_32_channel",
    "ReconMatrixPE": 240,
    "RepetitionTime": 0.007,
    "SAR": 0.0382114,
    "ScanOptions": "OTHER",
    "ScanningSequence": "GR",
    "SequenceVariant": "MP",
    "SeriesDescription": "sT1W_3D_TFE_32_channel",
    "SeriesNumber": 401,
    "SliceThickness": 1,
    "SoftwareVersions": "5.3.1_5.3.1.0",
    "SpacingBetweenSlices": 1,
    "StationName": "PHILIPS-CTMFQSD",
    "UsePhilipsFloatNotDisplayScaling": 1,
    "dataset": "ds003037",
    "modality": "T1w",
    "session_id": "t0",
    "subject_id": "033"
  },
  "cjv": 0.36656418127980006,
  "cnr": 3.670361706156324,
  "efc": 0.7356597829947311,
  "fber": -1.0,
  "fwhm_avg": 4.393086666666666,
  "fwhm_x": 4.28683,
  "fwhm_y": 4.74099,
  "fwhm_z": 4.15144,
  "icvs_csf": 0.24560344926898858,
  "icvs_gm": 0.4106080399241228,
  "icvs_wm": 0.3437885108068886,
  "inu_med": 0.47210922837257385,
  "inu_range": 0.1877126693725586,
  "provenance": {
    "md5sum": "066b5678ab58824d6f5f8def6fcaf84f",
    "settings": {
      "testing": false
    },
    "software": "mriqc",
    "version": "22.0.6",
    "warnings": {
      "large_rot_frame": true,
      "small_air_mask": false
    },
    "webapi_port": null,
    "webapi_url": "https://mriqc.nimh.nih.gov/api/v1"
  },
  "qi_1": 0.0,
  "qi_2": 4.7049939620225515e-05,
  "rpve_csf": 19.760273670101945,
  "rpve_gm": 11.727220346219976,
  "rpve_wm": 16.182850386991184,
  "size_x": 180,
  "size_y": 240,
  "size_z": 240,
  "snr_csf": 3.409767979303426,
  "snr_gm": 13.362985575756765,
  "snr_total": 14.709802317526679,
  "snr_wm": 27.356653397519842,
  "snrd_csf": 38.40602904996302,
  "snrd_gm": 90.9068670235824,
  "snrd_total": 83.36069894162483,
  "snrd_wm": 120.76920075132907,
  "spacing_x": 1.0,
  "spacing_y": 1.0,
  "spacing_z": 1.0,
  "summary_bg_k": 411.87091182479134,
  "summary_bg_mad": 0.0,
  "summary_bg_mean": 1.8063280707297105,
  "summary_bg_median": 0.0,
  "summary_bg_n": 412474.0,
  "summary_bg_p05": 0.0,
  "summary_bg_p95": 11.173593990504742,
  "summary_bg_stdv": 5.424830218556596,
  "summary_csf_k": 1.7856513529393299,
  "summary_csf_mad": 73.58636834830739,
  "summary_csf_mean": 327.3673011963051,
  "summary_csf_median": 318.0195558741689,
  "summary_csf_n": 56331.0,
  "summary_csf_p05": 196.32029091194272,
  "summary_csf_p95": 499.987768728286,
  "summary_csf_stdv": 93.26638499048501,
  "summary_gm_k": 0.09225616366494815,
  "summary_gm_mad": 56.16851120970557,
  "summary_gm_mean": 752.6584488835107,
  "summary_gm_median": 752.7506017126143,
  "summary_gm_n": 30340.0,
  "summary_gm_p05": 659.2420454397798,
  "summary_gm_p95": 843.9376421224325,
  "summary_gm_stdv": 56.3300912129618,
  "summary_wm_k": 0.4956787072227482,
  "summary_wm_mad": 34.47321985184253,
  "summary_wm_mean": 1001.2503340332897,
  "summary_wm_median": 1000.0244372114539,
  "summary_wm_n": 196033.0,
  "summary_wm_p05": 943.2273719161749,
  "summary_wm_p95": 1063.1784706413746,
  "summary_wm_stdv": 36.55497885737595,
  "tpm_overlap_csf": 0.16402199395173497,
  "tpm_overlap_gm": 0.4607712925742059,
  "tpm_overlap_wm": 0.5126276297994664,
  "wm2max": 0.756515291657878
}