{
  "bids_meta": {
    "AcquisitionMatrixPE": 240,
    "AcquisitionNumber": 4,
    "AcquisitionTime": "09:14:4.150000",
    "BodyPartExamined": "BRAIN",
    "CoilString": "MULTI_COIL",
    "ConversionSoftware": "dcm2niix",
    "ConversionSoftwareVersion": "v1.0.20190410  (JP2:OpenJPEG) GCC6.3.0",
    "Dcm2bidsVersion": "2.1.4",
    "DeviceSerialNumber": "42451",
    "EchoTime": 0.0035,
    "EchoTrainLength": 240,
    "FlipAngle": 8,
    "ImageOrientationPatientDICOM": [
      -3.72637e-05,
      0.999997,
      -0.0024739,
      0.000490735,
      -0.00247388,
      -0.999997
    ],
    "ImageType": [
      "ORIGINAL",
      "PRIMARY",
      "M",
      "FFE",
      "M",
      "FFE"
    ],
    "ImagingFrequency": 127.759,
    "InPlanePhaseEncodingDirectionDICOM": "ROW",
    "InstitutionAddress": "Calzada_Mexico_Xochimilco_No.101_Tlalpan",
    "InstitutionName": "I.N._Psiquiatria",
    "InstitutionalDepartmentName": "Imagenes_Cerebrales",
    "MRAcquisitionType": "3D",
    "MagneticFieldStrength": 3,
    "Manufacturer": "Philips",
    "ManufacturersModelName": "Ingenia",
    "Modality": "MR",
    "PatientPosition": "HFS",
    "PercentPhaseFOV": 100,
    "PhaseEncodingSteps": 240,
    "PhilipsRescaleIntercept": 0,
    "PhilipsRescaleSlope": 3.29841,
    "PhilipsScaleSlope": 0.00565683,
    "PixelBandwidth": 310,
    "ProcedureStepDescription": "PROTOCOLO_EDUARDO_TMS",
    "ProtocolName": "WIP_sT1W_3D_TFE_32_channel",
    "ReconMatrixPE": 240,
    "RepetitionTime": 0.007,
    "SAR": 0.0382114,
    "ScanOptions": "OTHER",
    "ScanningSequence": "GR",
    "SequenceVariant": "MP",
    "SeriesDescription": "sT1W_3D_TFE_32_channel",
    "SeriesNumber": 401,
    "SliceThickness": 1,
    "SoftwareVersions": "5.3.1_5.3.1.0",
    "SpacingBetweenSlices": 1,
    "StationName": "PHILIPS-CTMFQSD",
    "UsePhilipsFloatNotDisplayScaling": 1,
    "dataset": "ds003037",
    "modality": "T1w",
    "session_id": "t0",
    "subject_id": "050"
  },
  "cjv": 0.3609218648406675,
  "cnr": 3.636376201193643,
  "efc": 0.7064192190040188,
  "fber": -1.0,
  "fwhm_avg": 4.183879999999999,
  "fwhm_x": 4.10316,
  "fwhm_y": 4.36837,
  "fwhm_z": 4.08011,
  "icvs_csf": 0.21477439175604673,
  "icvs_gm": 0.4173468504561876,
  "icvs_wm": 0.36787875778776574,
  "inu_med": 0.3845183253288269,
  "inu_range": 0.1365969598293304,
  "provenance": {
    "md5sum": "91cceb6fd74da9abc55485fb5e161dc2",
    "settings": {
      "testing": false
    },
    "software": "mriqc",
    "version": "22.0.6",
    "warnings": {
      "large_rot_frame": true,
      "small_air_mask": false
    },
    "webapi_port": null,
    "webapi_url": "https://mriqc.nimh.nih.gov/api/v1"
  },
  "qi_1": 0.013180366101036112,
  "qi_2": 5.4828830419671874e-05,
  "rpve_csf": 23.110614066196508,
  "rpve_gm": 12.36332912543409,
  "rpve_wm": 16.339354236691012,
  "size_x": 180,
  "size_y": 240,
  "size_z": 240,
  "snr_csf": 2.954704312233859,
  "snr_gm": 14.53269242528747,
  "snr_total": 15.93145191176342,
  "snr_wm": 30.30695899776893,
  "snrd_csf": 20.36669530848572,
  "snrd_gm": 44.88519128933194,
  "snrd_total": 41.194365202142926,
  "snrd_wm": 58.33120900861111,
  "spacing_x": 1.0,
  "spacing_y": 1.0,
  "spacing_z": 1.0,
  "summary_bg_k": 4097.641585845619,
  "summary_bg_mad": 0.0,
  "summary_bg_mean": 1.7139646964732431,
  "summary_bg_median": 0.0,
  "summary_bg_n": 451999.0,
  "summary_bg_p05": 0.0,
  "summary_bg_p95": 10.387182235717773,
  "summary_bg_stdv": 11.231610399635272,
  "summary_csf_k": 1.853119382516451,
  "summary_csf_mad": 95.13386710842164,
  "summary_csf_mean": 355.1789105862531,
  "summary_csf_median": 349.16513085365295,
  "summary_csf_n": 30853.0,
  "summary_csf_p05": 148.9002573490143,
  "summary_csf_p95": 559.5886685848235,
  "summary_csf_stdv": 118.17069844657013,
  "summary_gm_k": 0.22955071832013996,
  "summary_gm_mad": 52.01370071366962,
  "summary_gm_mean": 769.422178389046,
  "summary_gm_median": 769.508427977562,
  "summary_gm_n": 35571.0,
  "summary_gm_p05": 682.4768248200417,
  "summary_gm_p95": 855.9297841787338,
  "summary_gm_stdv": 52.9494183781622,
  "summary_wm_k": 0.6210696196015064,
  "summary_wm_mad": 31.185120339061726,
  "summary_wm_mean": 1000.9567460100619,
  "summary_wm_median": 1000.0259697437286,
  "summary_wm_n": 207724.0,
  "summary_wm_p05": 948.6873215436935,
  "summary_wm_p95": 1056.6101449728012,
  "summary_wm_stdv": 32.99649967229731,
  "tpm_overlap_csf": 0.16248034863614652,
  "tpm_overlap_gm": 0.4700080343462348,
  "tpm_overlap_wm": 0.5291444087981024,
  "wm2max": 0.751575948008353
}