{
  "aor": 0.0014669,
  "aqi": 0.022746581333333335,
  "bids_meta": {
    "AcquisitionMatrixPE": 70,
    "AcquisitionNumber": 3,
    "AcquisitionTime": "09:55:18.940000",
    "BodyPartExamined": "BRAIN",
    "CoilString": "MULTI_COIL",
    "ConversionSoftware": "dcm2niix",
    "ConversionSoftwareVersion": "v1.0.20190410  (JP2:OpenJPEG) GCC6.3.0",
    "Dcm2bidsVersion": "2.1.4",
    "DeviceSerialNumber": "42451",
    "EchoTime": 0.03,
    "EchoTrainLength": 35,
    "EffectiveEchoSpacing": 0.000698,
    "FlipAngle": 75,
    "ImageOrientationPatientDICOM": [
      0.999673,
      -0.000185306,
      0.0255786,
      0.000233783,
      0.999998,
      -0.00189226
    ],
    "ImageType": [
      "ORIGINAL",
      "PRIMARY",
      "M",
      "FFE",
      "M",
      "FFE"
    ],
    "ImagingFrequency": 127.759,
    "InPlanePhaseEncodingDirectionDICOM": "COL",
    "InstitutionAddress": "Calzada_Mexico_Xochimilco_No.101_Tlalpan",
    "InstitutionName": "I.N._Psiquiatria",
    "InstitutionalDepartmentName": "Imagenes_Cerebrales",
    "MRAcquisitionType": "2D",
    "MagneticFieldStrength": 3,
    "Manufacturer": "Philips",
    "ManufacturersModelName": "Ingenia",
    "Modality": "MR",
    "PartialFourier": 0.5,
    "PatientPosition": "HFS",
    "PercentPhaseFOV": 100,
    "PhaseEncodingAxis": "j",
    "PhaseEncodingDirection": "j-",
    "PhaseEncodingSteps": 70,
    "PhilipsRescaleIntercept": 0,
    "PhilipsRescaleSlope": 0.817094,
    "PhilipsScaleSlope": 0.0290739,
    "PixelBandwidth": 1819,
    "ProcedureStepDescription": "PROTOCOLO_EDUARDO_TMS",
    "ProtocolName": "WIP_FE_EPI_32chSHC_AP",
    "ReconMatrixPE": 80,
    "RepetitionTime": 2,
    "SAR": 0.119138,
    "ScanOptions": "FS",
    "ScanningSequence": "GR",
    "SequenceVariant": "SK",
    "SeriesDescription": "FE_EPI_32chSHC_AP",
    "SeriesNumber": 301,
    "SliceThickness": 3.33,
    "SliceTiming": [
      0.0,
      1.027027,
      0.054054,
      1.081081,
      0.108108,
      1.135135,
      0.162162,
      1.189189,
      0.216216,
      1.243244,
      0.27027,
      1.297298,
      0.324324,
      1.351352,
      0.378378,
      1.405406,
      0.432432,
      1.45946,
      0.486486,
      1.513514,
      0.540541,
      1.567568,
      0.594595,
      1.621622,
      0.648649,
      1.675676,
      0.702703,
      1.72973,
      0.756757,
      1.783784,
      0.810811,
      1.837838,
      0.864865,
      1.891892,
      0.918919,
      1.945947,
      0.972973
    ],
    "SoftwareVersions": "5.3.1_5.3.1.0",
    "SpacingBetweenSlices": 3.33,
    "StationName": "PHILIPS-CTMFQSD",
    "TaskName": "rest",
    "TotalReadoutTime": 0.04884,
    "UsePhilipsFloatNotDisplayScaling": 1,
    "dataset": "ds003037",
    "modality": "bold",
    "session_id": "t14",
    "subject_id": "045",
    "task_id": "rest"
  },
  "dummy_trs": 0,
  "dvars_nstd": 25.852497381739113,
  "dvars_std": 1.124704919598663,
  "dvars_vstd": 0.9265510482274246,
  "efc": 0.37722970886223534,
  "fber": 125928.765625,
  "fd_mean": 0.1460017815916797,
  "fd_num": 63,
  "fd_perc": 21.0,
  "fwhm_avg": 1.977480267247806,
  "fwhm_x": 1.9223201527722797,
  "fwhm_y": 2.2273066666666668,
  "fwhm_z": 1.782813982304471,
  "gcor": 0.0152699,
  "gsr_x": -0.025525646284222603,
  "gsr_y": 0.014960826374590397,
  "provenance": {
    "md5sum": "e7546ef03efd4cbd271455112479a3db",
    "settings": {
      "fd_thres": 0.2,
      "testing": false
    },
    "software": "mriqc",
    "version": "22.0.6",
    "webapi_port": null,
    "webapi_url": "https://mriqc.nimh.nih.gov/api/v1"
  },
  "size_t": 300,
  "size_x": 80,
  "size_y": 80,
  "size_z": 37,
  "snr": 5.191812851922665,
  "spacing_tr": 2.0000016689300537,
  "spacing_x": 2.999999761581421,
  "spacing_y": 3.0,
  "spacing_z": 3.3299996852874756,
  "summary_bg_k": 88.550908404893,
  "summary_bg_mad": 171.3461703801139,
  "summary_bg_mean": 1182.2197265625,
  "summary_bg_median": 144.52720642089844,
  "summary_bg_n": 171848.0,
  "summary_bg_p05": 15.566496896743775,
  "summary_bg_p95": 4983.697021484374,
  "summary_bg_stdv": 3449.6376953125,
  "summary_fg_k": 2.3547253476696017,
  "summary_fg_mad": 8520.619195220184,
  "summary_fg_mean": 53429.30078125,
  "summary_fg_median": 52646.38671875,
  "summary_fg_n": 25960.0,
  "summary_fg_p05": 38437.8138671875,
  "summary_fg_p95": 70559.78945312499,
  "summary_fg_stdv": 10140.0751953125,
  "tsnr": 35.542076110839844
}