{
  "aor": 0.004807633333333333,
  "aqi": 0.009411622966666667,
  "bids_meta": {
    "AcquisitionMatrixPE": 70,
    "AcquisitionNumber": 3,
    "AcquisitionTime": "10:45:2.190000",
    "CoilString": "MULTI_COIL",
    "ConversionSoftware": "dcm2niix",
    "ConversionSoftwareVersion": "v1.0.20190410  (JP2:OpenJPEG) GCC6.3.0",
    "Dcm2bidsVersion": "2.1.4",
    "DeviceSerialNumber": "42451",
    "EchoTime": 0.03,
    "EchoTrainLength": 35,
    "EffectiveEchoSpacing": 0.000698,
    "FlipAngle": 75,
    "ImageOrientationPatientDICOM": [
      0.999971,
      -0.00490438,
      -0.00586234,
      0.00438534,
      0.996329,
      -0.0854886
    ],
    "ImageType": [
      "ORIGINAL",
      "PRIMARY",
      "M",
      "FFE",
      "M",
      "FFE"
    ],
    "ImagingFrequency": 127.766,
    "InPlanePhaseEncodingDirectionDICOM": "COL",
    "InstitutionAddress": "Calzada_Mexico_Xochimilco_No.101_Tlalpan",
    "InstitutionName": "I.N._Psiquiatria",
    "InstitutionalDepartmentName": "Imagenes_Cerebrales",
    "MRAcquisitionType": "2D",
    "MagneticFieldStrength": 3,
    "Manufacturer": "Philips",
    "ManufacturersModelName": "Ingenia",
    "Modality": "MR",
    "PartialFourier": 0.5,
    "PatientPosition": "HFS",
    "PercentPhaseFOV": 100,
    "PhaseEncodingAxis": "j",
    "PhaseEncodingDirection": "j-",
    "PhaseEncodingSteps": 70,
    "PhilipsRescaleIntercept": 0,
    "PhilipsRescaleSlope": 0.774847,
    "PhilipsScaleSlope": 0.0674831,
    "PixelBandwidth": 1819,
    "ProcedureStepDescription": "EDUARDO_TMS",
    "ProtocolName": "WIP_FE_EPI_32chSHC_AP_SENSE",
    "ReconMatrixPE": 80,
    "RepetitionTime": 2,
    "SAR": 0.119881,
    "ScanOptions": "FS",
    "ScanningSequence": "GR",
    "SequenceVariant": "SK",
    "SeriesDescription": "FE_EPI_32chSHC_AP",
    "SeriesNumber": 301,
    "SliceThickness": 3.33,
    "SliceTiming": [
      0.0,
      1.027027,
      0.054054,
      1.081081,
      0.108108,
      1.135135,
      0.162162,
      1.189189,
      0.216216,
      1.243244,
      0.27027,
      1.297298,
      0.324324,
      1.351352,
      0.378378,
      1.405406,
      0.432432,
      1.45946,
      0.486486,
      1.513514,
      0.540541,
      1.567568,
      0.594595,
      1.621622,
      0.648649,
      1.675676,
      0.702703,
      1.72973,
      0.756757,
      1.783784,
      0.810811,
      1.837838,
      0.864865,
      1.891892,
      0.918919,
      1.945947,
      0.972973
    ],
    "SoftwareVersions": "5.1.7_5.1.7.2",
    "SpacingBetweenSlices": 3.33,
    "StationName": "INGENIA",
    "TaskName": "rest",
    "TotalReadoutTime": 0.04884,
    "UsePhilipsFloatNotDisplayScaling": 1,
    "dataset": "ds003037",
    "modality": "bold",
    "session_id": "t2",
    "subject_id": "003",
    "task_id": "rest"
  },
  "dummy_trs": 0,
  "dvars_nstd": 24.642735350501678,
  "dvars_std": 1.3574420484280931,
  "dvars_vstd": 1.0498661466220736,
  "efc": 0.4501120349830212,
  "fber": 155055.625,
  "fd_mean": 0.1947003510553747,
  "fd_num": 130,
  "fd_perc": 43.333333333333336,
  "fwhm_avg": 1.8570042075914515,
  "fwhm_x": 1.8104966666666666,
  "fwhm_y": 2.0062666666666664,
  "fwhm_z": 1.7542492894410207,
  "gcor": 0.0486672,
  "gsr_x": -0.012522992677986622,
  "gsr_y": 0.024179309606552124,
  "provenance": {
    "md5sum": "e4fc2681043d5aba82f21495b8e018cc",
    "settings": {
      "fd_thres": 0.2,
      "testing": false
    },
    "software": "mriqc",
    "version": "22.0.6",
    "webapi_port": null,
    "webapi_url": "https://mriqc.nimh.nih.gov/api/v1"
  },
  "size_t": 300,
  "size_x": 80,
  "size_y": 80,
  "size_z": 37,
  "snr": 5.7219654155911694,
  "spacing_tr": 1.9999995231628418,
  "spacing_x": 3.0,
  "spacing_y": 3.0,
  "spacing_z": 3.3299999237060547,
  "summary_bg_k": 167.45647830700497,
  "summary_bg_mad": 62.45239435892765,
  "summary_bg_mean": 501.6102600097656,
  "summary_bg_median": 52.37331008911133,
  "summary_bg_n": 154501.0,
  "summary_bg_p05": 3.928510904312134,
  "summary_bg_p95": 2448.047119140625,
  "summary_bg_stdv": 1632.6868896484375,
  "summary_fg_k": 3.344340386636052,
  "summary_fg_mad": 2932.9694215885393,
  "summary_fg_mean": 21285.015625,
  "summary_fg_median": 21076.44140625,
  "summary_fg_n": 39991.0,
  "summary_fg_p05": 15918.84130859375,
  "summary_fg_p95": 27271.3095703125,
  "summary_fg_stdv": 3683.380859375,
  "tsnr": 63.55987548828125
}