{
  "aor": 0.008221933333333336,
  "aqi": 0.021648102933333333,
  "bids_meta": {
    "AcquisitionMatrixPE": 70,
    "AcquisitionNumber": 3,
    "AcquisitionTime": "13:58:17.990000",
    "BodyPartExamined": "BRAIN",
    "CoilString": "MULTI_COIL",
    "ConversionSoftware": "dcm2niix",
    "ConversionSoftwareVersion": "v1.0.20190410  (JP2:OpenJPEG) GCC6.3.0",
    "Dcm2bidsVersion": "2.1.4",
    "DeviceSerialNumber": "42451",
    "EchoTime": 0.03,
    "EchoTrainLength": 35,
    "EffectiveEchoSpacing": 0.000698,
    "FlipAngle": 75,
    "ImageOrientationPatientDICOM": [
      0.999957,
      0.00922048,
      0.00138013,
      -0.00921869,
      0.999957,
      -0.00129461
    ],
    "ImageType": [
      "ORIGINAL",
      "PRIMARY",
      "M",
      "FFE",
      "M",
      "FFE"
    ],
    "ImagingFrequency": 127.76,
    "InPlanePhaseEncodingDirectionDICOM": "COL",
    "InstitutionAddress": "Calzada_Mexico_Xochimilco_No.101_Tlalpan",
    "InstitutionName": "I.N._Psiquiatria",
    "InstitutionalDepartmentName": "Imagenes_Cerebrales",
    "MRAcquisitionType": "2D",
    "MagneticFieldStrength": 3,
    "Manufacturer": "Philips",
    "ManufacturersModelName": "Ingenia",
    "Modality": "MR",
    "PartialFourier": 0.5,
    "PatientPosition": "HFS",
    "PercentPhaseFOV": 100,
    "PhaseEncodingAxis": "j",
    "PhaseEncodingDirection": "j-",
    "PhaseEncodingSteps": 70,
    "PhilipsRescaleIntercept": 0,
    "PhilipsRescaleSlope": 0.761661,
    "PhilipsScaleSlope": 0.0262713,
    "PixelBandwidth": 1819,
    "ProcedureStepDescription": "EDUARDO_TMS",
    "ProtocolName": "FE_EPI_32chSHC_AP",
    "ReconMatrixPE": 80,
    "RepetitionTime": 2,
    "SAR": 0.119138,
    "ScanOptions": "FS",
    "ScanningSequence": "GR",
    "SequenceVariant": "SK",
    "SeriesDescription": "FE_EPI_32chSHC_AP",
    "SeriesNumber": 301,
    "SliceThickness": 3.33,
    "SliceTiming": [
      0.0,
      1.027027,
      0.054054,
      1.081081,
      0.108108,
      1.135135,
      0.162162,
      1.189189,
      0.216216,
      1.243244,
      0.27027,
      1.297298,
      0.324324,
      1.351352,
      0.378378,
      1.405406,
      0.432432,
      1.45946,
      0.486486,
      1.513514,
      0.540541,
      1.567568,
      0.594595,
      1.621622,
      0.648649,
      1.675676,
      0.702703,
      1.72973,
      0.756757,
      1.783784,
      0.810811,
      1.837838,
      0.864865,
      1.891892,
      0.918919,
      1.945947,
      0.972973
    ],
    "SoftwareVersions": "5.3.1_5.3.1.1",
    "SpacingBetweenSlices": 3.33,
    "StationName": "PHILIPS-CTMFQSD",
    "TaskName": "rest",
    "TotalReadoutTime": 0.04884,
    "UsePhilipsFloatNotDisplayScaling": 1,
    "dataset": "ds003037",
    "modality": "bold",
    "session_id": "t0",
    "subject_id": "022",
    "task_id": "rest"
  },
  "dummy_trs": 0,
  "dvars_nstd": 28.39393763374579,
  "dvars_std": 1.1514280040133777,
  "dvars_vstd": 0.9699423218729104,
  "efc": 0.4356994404615287,
  "fber": 96150.734375,
  "fd_mean": 0.1822162403923872,
  "fd_num": 49,
  "fd_perc": 16.333333333333332,
  "fwhm_avg": 1.9125038973274908,
  "fwhm_x": 1.8634033333333333,
  "fwhm_y": 2.1137900000000003,
  "fwhm_z": 1.7603183586491389,
  "gcor": 0.0327038,
  "gsr_x": -0.004707922227680683,
  "gsr_y": 0.019919514656066895,
  "provenance": {
    "md5sum": "3718ca01ef221d189a192c8ef9403746",
    "settings": {
      "fd_thres": 0.2,
      "testing": false
    },
    "software": "mriqc",
    "version": "22.0.6",
    "webapi_port": null,
    "webapi_url": "https://mriqc.nimh.nih.gov/api/v1"
  },
  "size_t": 300,
  "size_x": 80,
  "size_y": 80,
  "size_z": 37,
  "snr": 5.425246063873075,
  "spacing_tr": 2.0000016689300537,
  "spacing_x": 3.0,
  "spacing_y": 3.0,
  "spacing_z": 3.3299999237060547,
  "summary_bg_k": 133.7339989501843,
  "summary_bg_mad": 175.1268699464717,
  "summary_bg_mean": 1238.607177734375,
  "summary_bg_median": 175.018310546875,
  "summary_bg_n": 157616.0,
  "summary_bg_p05": 22.85388708114624,
  "summary_bg_p95": 6290.287109375,
  "summary_bg_stdv": 3910.448974609375,
  "summary_fg_k": 2.830105122757417,
  "summary_fg_mad": 8246.592607052953,
  "summary_fg_mean": 56624.6796875,
  "summary_fg_median": 55647.83984375,
  "summary_fg_n": 38357.0,
  "summary_fg_p05": 42525.8953125,
  "summary_fg_p95": 74737.74843749995,
  "summary_fg_stdv": 10257.0673828125,
  "tsnr": 39.70263671875
}