{
  "bids_meta": {
    "AcquisitionMatrixPE": 240,
    "AcquisitionNumber": 4,
    "AcquisitionTime": "10:05:56.890000",
    "BodyPartExamined": "BRAIN",
    "CoilString": "MULTI_COIL",
    "ConversionSoftware": "dcm2niix",
    "ConversionSoftwareVersion": "v1.0.20190410  (JP2:OpenJPEG) GCC6.3.0",
    "Dcm2bidsVersion": "2.1.4",
    "DeviceSerialNumber": "42451",
    "EchoTime": 0.0035,
    "EchoTrainLength": 240,
    "FlipAngle": 8,
    "ImageOrientationPatientDICOM": [
      -0.00419343,
      0.999989,
      -0.00217815,
      0.00478685,
      -0.00215807,
      -0.999986
    ],
    "ImageType": [
      "ORIGINAL",
      "PRIMARY",
      "M",
      "FFE",
      "M",
      "FFE"
    ],
    "ImagingFrequency": 127.759,
    "InPlanePhaseEncodingDirectionDICOM": "ROW",
    "InstitutionAddress": "Calzada_Mexico_Xochimilco_No.101_Tlalpan",
    "InstitutionName": "I.N._Psiquiatria",
    "InstitutionalDepartmentName": "Imagenes_Cerebrales",
    "MRAcquisitionType": "3D",
    "MagneticFieldStrength": 3,
    "Manufacturer": "Philips",
    "ManufacturersModelName": "Ingenia",
    "Modality": "MR",
    "PatientPosition": "HFS",
    "PercentPhaseFOV": 100,
    "PhaseEncodingSteps": 240,
    "PhilipsRescaleIntercept": 0,
    "PhilipsRescaleSlope": 4.31819,
    "PhilipsScaleSlope": 0.00596771,
    "PixelBandwidth": 310,
    "ProcedureStepDescription": "EDUARDO_TMS",
    "ProtocolName": "WIP_sT1W_3D_TFE_32_channel",
    "ReconMatrixPE": 240,
    "RepetitionTime": 0.007,
    "SAR": 0.0382114,
    "ScanOptions": "OTHER",
    "ScanningSequence": "GR",
    "SequenceVariant": "MP",
    "SeriesDescription": "sT1W_3D_TFE_32_channel",
    "SeriesNumber": 401,
    "SliceThickness": 1,
    "SoftwareVersions": "5.3.1_5.3.1.0",
    "SpacingBetweenSlices": 1,
    "StationName": "PHILIPS-CTMFQSD",
    "UsePhilipsFloatNotDisplayScaling": 1,
    "dataset": "ds003037",
    "modality": "T1w",
    "session_id": "t5",
    "subject_id": "008"
  },
  "cjv": 0.3415362416308759,
  "cnr": 3.89552912943303,
  "efc": 0.7176743994959636,
  "fber": -1.0,
  "fwhm_avg": 4.4211133333333335,
  "fwhm_x": 4.34351,
  "fwhm_y": 4.77793,
  "fwhm_z": 4.1419,
  "icvs_csf": 0.18097258846901557,
  "icvs_gm": 0.44042403445488415,
  "icvs_wm": 0.37860337707610026,
  "inu_med": 0.4008925259113312,
  "inu_range": 0.16486247777938845,
  "provenance": {
    "md5sum": "04285d0979b7e4588562928df419f813",
    "settings": {
      "testing": false
    },
    "software": "mriqc",
    "version": "22.0.6",
    "warnings": {
      "large_rot_frame": true,
      "small_air_mask": false
    },
    "webapi_port": null,
    "webapi_url": "https://mriqc.nimh.nih.gov/api/v1"
  },
  "qi_1": 0.0,
  "qi_2": 7.368515796150981e-05,
  "rpve_csf": 26.136612853710457,
  "rpve_gm": 11.763228394188376,
  "rpve_wm": 15.549608288038963,
  "size_x": 180,
  "size_y": 240,
  "size_z": 240,
  "snr_csf": 2.3513387690701277,
  "snr_gm": 14.106348447978025,
  "snr_total": 14.863072148736194,
  "snr_wm": 28.13152922916043,
  "snrd_csf": 36.3552944623695,
  "snrd_gm": 80.58023108032167,
  "snrd_total": 74.80247208507565,
  "snrd_wm": 107.4718907125358,
  "spacing_x": 1.0,
  "spacing_y": 1.0,
  "spacing_z": 1.0,
  "summary_bg_k": 19.797618535742153,
  "summary_bg_mad": 0.0,
  "summary_bg_mean": 3.065003358727722,
  "summary_bg_median": 0.0,
  "summary_bg_n": 519346.0,
  "summary_bg_p05": 0.0,
  "summary_bg_p95": 15.998963139951229,
  "summary_bg_stdv": 6.096044257079435,
  "summary_csf_k": -0.024951991390501416,
  "summary_csf_mad": 138.4761651195817,
  "summary_csf_mean": 328.38726835071725,
  "summary_csf_median": 338.2860180288553,
  "summary_csf_n": 26338.0,
  "summary_csf_p05": 84.08790537826717,
  "summary_csf_p95": 564.8204453863202,
  "summary_csf_stdv": 143.8668049043021,
  "summary_gm_k": 0.2686058920577228,
  "summary_gm_mad": 51.74595176317518,
  "summary_gm_mean": 749.9988918816938,
  "summary_gm_median": 749.7990569770336,
  "summary_gm_n": 55330.0,
  "summary_gm_p05": 662.8925336193294,
  "summary_gm_p95": 837.5470168888569,
  "summary_gm_stdv": 53.15282576569515,
  "summary_wm_k": 0.6564113480186204,
  "summary_wm_mad": 33.71560155743286,
  "summary_wm_mean": 1001.6916751642251,
  "summary_wm_median": 1000.025952115655,
  "summary_wm_n": 228471.0,
  "summary_wm_p05": 946.7652223110199,
  "summary_wm_p95": 1062.8030830100179,
  "summary_wm_stdv": 35.54814796766578,
  "tpm_overlap_csf": 0.1320892662547539,
  "tpm_overlap_gm": 0.46545557382317176,
  "tpm_overlap_wm": 0.5146677433614625,
  "wm2max": 0.7743554734559474
}